{
  "aor": 0.0062679844961240315,
  "aqi": 0.009044084031007753,
  "bids_meta": {
    "AcquisitionDateTime": "2016-06-03T12:33:20.370000",
    "AcquisitionMatrixPE": 64,
    "AcquisitionNumber": 1,
    "AcquisitionTime": "12:33:20.370000",
    "BaseResolution": 64,
    "ConversionSoftware": "dcm2niix",
    "ConversionSoftwareVersion": "v1.0.20180622 (JP2:OpenJPEG) GCC6.1.0",
    "DeviceSerialNumber": "35437",
    "DwellTime": 3.4e-06,
    "EchoTime": 0.03,
    "EffectiveEchoSpacing": 6.009615385e-05,
    "FlipAngle": 90,
    "ImageOrientationPatientDICOM": [
      1,
      0,
      0,
      0,
      0.866025,
      -0.5
    ],
    "ImageType": [
      "ORIGINAL",
      "PRIMARY",
      "M",
      "ND",
      "MOSAIC"
    ],
    "InPlanePhaseEncodingDirectionDICOM": "COL",
    "InstitutionAddress": "Queen_Square_12_London_Southeast_GB_WC1N_3BG",
    "InstitutionName": "Functional_Imaging_Laboratory",
    "InstitutionalDepartmentName": "Department",
    "MRAcquisitionType": "2D",
    "MagneticFieldStrength": 3,
    "Manufacturer": "Siemens",
    "ManufacturersModelName": "TrioTim",
    "Modality": "MR",
    "PartialFourier": 1,
    "PatientID": "MQ03651",
    "PatientName": "MQ03651",
    "PatientPosition": "HFS",
    "PatientSex": "",
    "PercentPhaseFOV": 100,
    "PhaseEncodingDirection": "j-",
    "PhaseEncodingSteps": 74,
    "PhaseOversampling": 0.13,
    "PhaseResolution": 1,
    "PixelBandwidth": 2298,
    "ProcedureStepDescription": "FIL_Johan_Carlin",
    "ProtocolName": "al_mepi2d_3mm_v1a_standard",
    "PulseSequenceDetails": "%CustomerSeq%_al_mepi2d_3mm_v1a",
    "ReceiveCoilName": "32Ch_Head",
    "ReconMatrixPE": 64,
    "RepetitionTime": 2.8,
    "SAR": 0.16347,
    "ScanOptions": "FS",
    "ScanningSequence": "RM",
    "SequenceName": "alepi2d2d1",
    "SequenceVariant": "SP_OSP",
    "SeriesDescription": "al_mepi2d_3mm_v1a_standard",
    "SeriesInstanceUID": "1.3.12.2.1107.5.2.32.35437.2016060312321171878302096.0.0.0",
    "SeriesNumber": 9,
    "ShimSetting": [
      36,
      -4038,
      359,
      552,
      3,
      -287,
      162,
      145
    ],
    "SliceThickness": 2.5,
    "SliceTiming": [
      0,
      0.07,
      0.14,
      0.21,
      0.28,
      0.35,
      0.42,
      0.4925,
      0.5625,
      0.6325,
      0.7025,
      0.7725,
      0.8425,
      0.9125,
      0.9825,
      1.0525,
      1.125,
      1.195,
      1.265,
      1.335,
      1.405,
      1.475,
      1.545,
      1.615,
      1.685,
      1.7575,
      1.8275,
      1.8975,
      1.9675,
      2.0375,
      2.1075,
      2.1775,
      2.2475,
      2.3175,
      2.39,
      2.46,
      2.53,
      2.6,
      2.67,
      2.74
    ],
    "SoftwareVersions": "syngo_MR_B17",
    "SpacingBetweenSlices": 3,
    "StationName": "MRC35437",
    "StudyID": "1",
    "StudyInstanceUID": "1.3.12.2.1107.5.2.32.35437.30000016060307564301900000007",
    "TaskName": "exemplarLocaliser",
    "TxRefAmp": 306.034,
    "dataset": "ds004009",
    "modality": "bold",
    "subject_id": "19",
    "task_id": "exemplarLocaliser"
  },
  "dummy_trs": 4,
  "dvars_nstd": 26.769031428054475,
  "dvars_std": 1.1178672963035023,
  "dvars_vstd": 0.9832464253696498,
  "efc": 0.6080940359745778,
  "fber": 318.93963623046875,
  "fd_mean": 0.2004706185020917,
  "fd_num": 63,
  "fd_perc": 24.41860465116279,
  "fwhm_avg": 2.475236666666667,
  "fwhm_x": 2.35349,
  "fwhm_y": 2.3909333333333334,
  "fwhm_z": 2.681286666666667,
  "gcor": 0.019828,
  "gsr_x": -0.007622836157679558,
  "gsr_y": 0.03754265606403351,
  "provenance": {
    "md5sum": "7ced73e66b7fea8d697a761e723a3ebe",
    "settings": {
      "fd_thres": 0.2,
      "testing": false
    },
    "software": "mriqc",
    "version": "23.0.1",
    "webapi_port": null,
    "webapi_url": "https://mriqc.nimh.nih.gov/api/v1"
  },
  "size_t": 258,
  "size_x": 64,
  "size_y": 64,
  "size_z": 40,
  "snr": 3.362915453197194,
  "spacing_tr": 2.799999952316284,
  "spacing_x": 3.0,
  "spacing_y": 3.0,
  "spacing_z": 3.0,
  "summary_bg_k": 23.820659684521626,
  "summary_bg_mad": 9.52773154435467,
  "summary_bg_mean": 51.98042678833008,
  "summary_bg_median": 31.457365036010742,
  "summary_bg_n": 85172.0,
  "summary_bg_p05": 24.26744270324707,
  "summary_bg_p95": 148.34495544433594,
  "summary_bg_stdv": 54.008174896240234,
  "summary_fg_k": 0.6462599191542933,
  "summary_fg_mad": 161.4772260883965,
  "summary_fg_mean": 597.3943481445312,
  "summary_fg_median": 572.56005859375,
  "summary_fg_n": 41048.0,
  "summary_fg_p05": 364.7765640258789,
  "summary_fg_p95": 914.8186157226563,
  "summary_fg_stdv": 170.25497436523438,
  "tsnr": 40.943614597432315
}