{
  "aor": 0.002149538461538462,
  "aqi": 0.010523202653846153,
  "bids_meta": {
    "AcquisitionDateTime": "2016-06-03T12:19:52.812500",
    "AcquisitionMatrixPE": 64,
    "AcquisitionNumber": 1,
    "AcquisitionTime": "12:19:52.812500",
    "BaseResolution": 64,
    "ConversionSoftware": "dcm2niix",
    "ConversionSoftwareVersion": "v1.0.20180622 (JP2:OpenJPEG) GCC6.1.0",
    "DeviceSerialNumber": "35437",
    "DwellTime": 3.4e-06,
    "EchoTime": 0.03,
    "EffectiveEchoSpacing": 6.009615385e-05,
    "FlipAngle": 90,
    "ImageOrientationPatientDICOM": [
      1,
      0,
      0,
      0,
      0.866025,
      -0.5
    ],
    "ImageType": [
      "ORIGINAL",
      "PRIMARY",
      "M",
      "ND",
      "MOSAIC"
    ],
    "InPlanePhaseEncodingDirectionDICOM": "COL",
    "InstitutionAddress": "Queen_Square_12_London_Southeast_GB_WC1N_3BG",
    "InstitutionName": "Functional_Imaging_Laboratory",
    "InstitutionalDepartmentName": "Department",
    "MRAcquisitionType": "2D",
    "MagneticFieldStrength": 3,
    "Manufacturer": "Siemens",
    "ManufacturersModelName": "TrioTim",
    "Modality": "MR",
    "PartialFourier": 1,
    "PatientID": "MQ03651",
    "PatientName": "MQ03651",
    "PatientPosition": "HFS",
    "PatientSex": "",
    "PercentPhaseFOV": 100,
    "PhaseEncodingDirection": "j-",
    "PhaseEncodingSteps": 74,
    "PhaseOversampling": 0.13,
    "PhaseResolution": 1,
    "PixelBandwidth": 2298,
    "ProcedureStepDescription": "FIL_Johan_Carlin",
    "ProtocolName": "al_mepi2d_3mm_v1a_standard",
    "PulseSequenceDetails": "%CustomerSeq%_al_mepi2d_3mm_v1a",
    "ReceiveCoilName": "32Ch_Head",
    "ReconMatrixPE": 64,
    "RepetitionTime": 2.8,
    "SAR": 0.16347,
    "ScanOptions": "FS",
    "ScanningSequence": "RM",
    "SequenceName": "alepi2d2d1",
    "SequenceVariant": "SP_OSP",
    "SeriesDescription": "al_mepi2d_3mm_v1a_standard",
    "SeriesInstanceUID": "1.3.12.2.1107.5.2.32.35437.2016060312174316190670126.0.0.0",
    "SeriesNumber": 8,
    "ShimSetting": [
      36,
      -4038,
      359,
      552,
      3,
      -287,
      162,
      145
    ],
    "SliceThickness": 2.5,
    "SliceTiming": [
      0,
      0.07,
      0.14,
      0.2125,
      0.2825,
      0.3525,
      0.4225,
      0.4925,
      0.5625,
      0.6325,
      0.7025,
      0.7725,
      0.845,
      0.915,
      0.985,
      1.055,
      1.125,
      1.195,
      1.265,
      1.335,
      1.405,
      1.4775,
      1.5475,
      1.6175,
      1.6875,
      1.7575,
      1.8275,
      1.8975,
      1.9675,
      2.0375,
      2.11,
      2.18,
      2.25,
      2.32,
      2.39,
      2.46,
      2.53,
      2.6,
      2.67,
      2.7425
    ],
    "SoftwareVersions": "syngo_MR_B17",
    "SpacingBetweenSlices": 3,
    "StationName": "MRC35437",
    "StudyID": "1",
    "StudyInstanceUID": "1.3.12.2.1107.5.2.32.35437.30000016060307564301900000007",
    "TaskName": "motionLocaliser",
    "TxRefAmp": 306.034,
    "dataset": "ds004009",
    "modality": "bold",
    "subject_id": "19",
    "task_id": "motionLocaliser"
  },
  "dummy_trs": 2,
  "dvars_nstd": 22.90082655324326,
  "dvars_std": 1.0276300005791512,
  "dvars_vstd": 0.8760099088803087,
  "efc": 0.6094078881644851,
  "fber": 306.9380187988281,
  "fd_mean": 0.09566778411111528,
  "fd_num": 15,
  "fd_perc": 5.769230769230769,
  "fwhm_avg": 2.4952533333333333,
  "fwhm_x": 2.379773333333333,
  "fwhm_y": 2.4363533333333334,
  "fwhm_z": 2.6696333333333335,
  "gcor": 0.00726481,
  "gsr_x": -0.009444420225918293,
  "gsr_y": 0.03769276663661003,
  "provenance": {
    "md5sum": "26809e350df087f9f1a63d057169fb0d",
    "settings": {
      "fd_thres": 0.2,
      "testing": false
    },
    "software": "mriqc",
    "version": "23.0.1",
    "webapi_port": null,
    "webapi_url": "https://mriqc.nimh.nih.gov/api/v1"
  },
  "size_t": 260,
  "size_x": 64,
  "size_y": 64,
  "size_z": 40,
  "snr": 3.276011828769225,
  "spacing_tr": 2.799999952316284,
  "spacing_x": 3.0,
  "spacing_y": 3.0,
  "spacing_z": 3.0,
  "summary_bg_k": 25.237149655348226,
  "summary_bg_mad": 11.917841127821132,
  "summary_bg_mean": 54.19599914550781,
  "summary_bg_median": 32.77692413330078,
  "summary_bg_n": 84663.0,
  "summary_bg_p05": 22.71538543701172,
  "summary_bg_p95": 157.14230346679688,
  "summary_bg_stdv": 57.45522689819336,
  "summary_fg_k": 0.49399539497217093,
  "summary_fg_mad": 169.05655937804445,
  "summary_fg_mean": 609.3766479492188,
  "summary_fg_median": 582.0038452148438,
  "summary_fg_n": 41471.0,
  "summary_fg_p05": 368.84808349609375,
  "summary_fg_p95": 942.8230590820312,
  "summary_fg_stdv": 177.65406799316406,
  "tsnr": 40.63308520428836
}