{
  "aor": 0.001185923076923077,
  "aqi": 0.003333955038461538,
  "bids_meta": {
    "AcquisitionDateTime": "2016-06-03T11:38:36.005000",
    "AcquisitionMatrixPE": 64,
    "AcquisitionNumber": 1,
    "AcquisitionTime": "11:38:36.005000",
    "BaseResolution": 64,
    "ConversionSoftware": "dcm2niix",
    "ConversionSoftwareVersion": "v1.0.20180622 (JP2:OpenJPEG) GCC6.1.0",
    "DeviceSerialNumber": "35437",
    "DwellTime": 3.4e-06,
    "EchoTime": 0.03,
    "EffectiveEchoSpacing": 6.009615385e-05,
    "FlipAngle": 90,
    "ImageOrientationPatientDICOM": [
      1,
      0,
      0,
      0,
      0.866025,
      -0.5
    ],
    "ImageType": [
      "ORIGINAL",
      "PRIMARY",
      "M",
      "ND",
      "MOSAIC"
    ],
    "InPlanePhaseEncodingDirectionDICOM": "COL",
    "InstitutionAddress": "Queen_Square_12_London_Southeast_GB_WC1N_3BG",
    "InstitutionName": "Functional_Imaging_Laboratory",
    "InstitutionalDepartmentName": "Department",
    "MRAcquisitionType": "2D",
    "MagneticFieldStrength": 3,
    "Manufacturer": "Siemens",
    "ManufacturersModelName": "TrioTim",
    "Modality": "MR",
    "PartialFourier": 1,
    "PatientID": "MQ03651",
    "PatientName": "MQ03651",
    "PatientPosition": "HFS",
    "PatientSex": "",
    "PercentPhaseFOV": 100,
    "PhaseEncodingDirection": "j-",
    "PhaseEncodingSteps": 74,
    "PhaseOversampling": 0.13,
    "PhaseResolution": 1,
    "PixelBandwidth": 2298,
    "ProcedureStepDescription": "FIL_Johan_Carlin",
    "ProtocolName": "al_mepi2d_3mm_v1a_standard",
    "PulseSequenceDetails": "%CustomerSeq%_al_mepi2d_3mm_v1a",
    "ReceiveCoilName": "32Ch_Head",
    "ReconMatrixPE": 64,
    "RepetitionTime": 2.8,
    "SAR": 0.16347,
    "ScanOptions": "FS",
    "ScanningSequence": "RM",
    "SequenceName": "alepi2d2d1",
    "SequenceVariant": "SP_OSP",
    "SeriesDescription": "al_mepi2d_3mm_v1a_standard",
    "SeriesInstanceUID": "1.3.12.2.1107.5.2.32.35437.2016060311334144195774216.0.0.0",
    "SeriesNumber": 5,
    "ShimSetting": [
      36,
      -4038,
      359,
      552,
      3,
      -287,
      162,
      145
    ],
    "SliceThickness": 2.5,
    "SliceTiming": [
      0,
      0.07,
      0.14,
      0.2125,
      0.2825,
      0.3525,
      0.4225,
      0.4925,
      0.5625,
      0.6325,
      0.7025,
      0.775,
      0.845,
      0.915,
      0.985,
      1.055,
      1.125,
      1.195,
      1.265,
      1.335,
      1.4075,
      1.4775,
      1.5475,
      1.6175,
      1.6875,
      1.7575,
      1.8275,
      1.8975,
      1.9675,
      2.04,
      2.11,
      2.18,
      2.25,
      2.32,
      2.39,
      2.46,
      2.53,
      2.6,
      2.6725,
      2.7425
    ],
    "SoftwareVersions": "syngo_MR_B17",
    "SpacingBetweenSlices": 3,
    "StationName": "MRC35437",
    "StudyID": "1",
    "StudyInstanceUID": "1.3.12.2.1107.5.2.32.35437.30000016060307564301900000007",
    "TaskName": "memsamp",
    "TxRefAmp": 306.034,
    "dataset": "ds004009",
    "modality": "bold",
    "run_id": 1,
    "subject_id": "19",
    "task_id": "memsamp"
  },
  "dummy_trs": 2,
  "dvars_nstd": 20.355931977953652,
  "dvars_std": 1.1657759272200772,
  "dvars_vstd": 0.9676842270270274,
  "efc": 0.6059453245071577,
  "fber": 313.1642761230469,
  "fd_mean": 0.05523360861975603,
  "fd_num": 0,
  "fd_perc": 0.0,
  "fwhm_avg": 2.51418,
  "fwhm_x": 2.4069566666666664,
  "fwhm_y": 2.4410633333333336,
  "fwhm_z": 2.6945200000000002,
  "gcor": 0.0164445,
  "gsr_x": -0.013958466239273548,
  "gsr_y": 0.03911464288830757,
  "provenance": {
    "md5sum": "2076bfe0882f35508685db8e86d50766",
    "settings": {
      "fd_thres": 0.2,
      "testing": false
    },
    "software": "mriqc",
    "version": "23.0.1",
    "webapi_port": null,
    "webapi_url": "https://mriqc.nimh.nih.gov/api/v1"
  },
  "size_t": 260,
  "size_x": 64,
  "size_y": 64,
  "size_z": 40,
  "snr": 3.2306943093655063,
  "spacing_tr": 2.799999952316284,
  "spacing_x": 3.0,
  "spacing_y": 3.0,
  "spacing_z": 3.0,
  "summary_bg_k": 53.346509742803725,
  "summary_bg_mad": 10.965554927315617,
  "summary_bg_mean": 54.9499397277832,
  "summary_bg_median": 32.63846206665039,
  "summary_bg_n": 85668.0,
  "summary_bg_p05": 24.28076934814453,
  "summary_bg_p95": 159.57922668457022,
  "summary_bg_stdv": 61.83915710449219,
  "summary_fg_k": 0.4969018953892239,
  "summary_fg_mad": 173.16509318396822,
  "summary_fg_mean": 617.846923828125,
  "summary_fg_median": 590.1500244140625,
  "summary_fg_n": 40786.0,
  "summary_fg_p05": 369.3105697631836,
  "summary_fg_p95": 961.0288391113281,
  "summary_fg_stdv": 182.66748046875,
  "tsnr": 71.0273521207273
}