{
  "aor": 0.0012492692307692307,
  "aqi": 0.0060803306538461535,
  "bids_meta": {
    "AcquisitionDateTime": "2016-06-03T12:05:24.162500",
    "AcquisitionMatrixPE": 64,
    "AcquisitionNumber": 1,
    "AcquisitionTime": "12:05:24.162500",
    "BaseResolution": 64,
    "ConversionSoftware": "dcm2niix",
    "ConversionSoftwareVersion": "v1.0.20180622 (JP2:OpenJPEG) GCC6.1.0",
    "DeviceSerialNumber": "35437",
    "DwellTime": 3.4e-06,
    "EchoTime": 0.03,
    "EffectiveEchoSpacing": 6.009615385e-05,
    "FlipAngle": 90,
    "ImageOrientationPatientDICOM": [
      1,
      0,
      0,
      0,
      0.866025,
      -0.5
    ],
    "ImageType": [
      "ORIGINAL",
      "PRIMARY",
      "M",
      "ND",
      "MOSAIC"
    ],
    "InPlanePhaseEncodingDirectionDICOM": "COL",
    "InstitutionAddress": "Queen_Square_12_London_Southeast_GB_WC1N_3BG",
    "InstitutionName": "Functional_Imaging_Laboratory",
    "InstitutionalDepartmentName": "Department",
    "MRAcquisitionType": "2D",
    "MagneticFieldStrength": 3,
    "Manufacturer": "Siemens",
    "ManufacturersModelName": "TrioTim",
    "Modality": "MR",
    "PartialFourier": 1,
    "PatientID": "MQ03651",
    "PatientName": "MQ03651",
    "PatientPosition": "HFS",
    "PatientSex": "",
    "PercentPhaseFOV": 100,
    "PhaseEncodingDirection": "j-",
    "PhaseEncodingSteps": 74,
    "PhaseOversampling": 0.13,
    "PhaseResolution": 1,
    "PixelBandwidth": 2298,
    "ProcedureStepDescription": "FIL_Johan_Carlin",
    "ProtocolName": "al_mepi2d_3mm_v1a_standard",
    "PulseSequenceDetails": "%CustomerSeq%_al_mepi2d_3mm_v1a",
    "ReceiveCoilName": "32Ch_Head",
    "ReconMatrixPE": 64,
    "RepetitionTime": 2.8,
    "SAR": 0.16347,
    "ScanOptions": "FS",
    "ScanningSequence": "RM",
    "SequenceName": "alepi2d2d1",
    "SequenceVariant": "SP_OSP",
    "SeriesDescription": "al_mepi2d_3mm_v1a_standard",
    "SeriesInstanceUID": "1.3.12.2.1107.5.2.32.35437.2016060312041390754438156.0.0.0",
    "SeriesNumber": 7,
    "ShimSetting": [
      36,
      -4038,
      359,
      552,
      3,
      -287,
      162,
      145
    ],
    "SliceThickness": 2.5,
    "SliceTiming": [
      0,
      0.07,
      0.14,
      0.21,
      0.2825,
      0.3525,
      0.4225,
      0.4925,
      0.5625,
      0.6325,
      0.7025,
      0.7725,
      0.8425,
      0.915,
      0.985,
      1.055,
      1.125,
      1.195,
      1.265,
      1.335,
      1.405,
      1.4775,
      1.5475,
      1.6175,
      1.6875,
      1.7575,
      1.8275,
      1.8975,
      1.9675,
      2.0375,
      2.11,
      2.18,
      2.25,
      2.32,
      2.39,
      2.46,
      2.53,
      2.6,
      2.67,
      2.7425
    ],
    "SoftwareVersions": "syngo_MR_B17",
    "SpacingBetweenSlices": 3,
    "StationName": "MRC35437",
    "StudyID": "1",
    "StudyInstanceUID": "1.3.12.2.1107.5.2.32.35437.30000016060307564301900000007",
    "TaskName": "memsamp",
    "TxRefAmp": 306.034,
    "dataset": "ds004009",
    "modality": "bold",
    "run_id": 3,
    "subject_id": "19",
    "task_id": "memsamp"
  },
  "dummy_trs": 2,
  "dvars_nstd": 22.784752650540536,
  "dvars_std": 1.1100043415057914,
  "dvars_vstd": 0.931937337915058,
  "efc": 0.6071629762327508,
  "fber": 310.53094482421875,
  "fd_mean": 0.10840224194477505,
  "fd_num": 26,
  "fd_perc": 10.0,
  "fwhm_avg": 2.5193966666666667,
  "fwhm_x": 2.4039733333333335,
  "fwhm_y": 2.4364833333333333,
  "fwhm_z": 2.7177333333333333,
  "gcor": 0.00862543,
  "gsr_x": -0.012473085895180702,
  "gsr_y": 0.03798357769846916,
  "provenance": {
    "md5sum": "67e4073c2d67fb913832980ddfde3331",
    "settings": {
      "fd_thres": 0.2,
      "testing": false
    },
    "software": "mriqc",
    "version": "23.0.1",
    "webapi_port": null,
    "webapi_url": "https://mriqc.nimh.nih.gov/api/v1"
  },
  "size_t": 260,
  "size_x": 64,
  "size_y": 64,
  "size_z": 40,
  "snr": 3.2336881773668615,
  "spacing_tr": 2.799999952316284,
  "spacing_x": 3.0,
  "spacing_y": 3.0,
  "spacing_z": 3.0,
  "summary_bg_k": 42.568761859986026,
  "summary_bg_mad": 11.2791821021657,
  "summary_bg_mean": 55.660099029541016,
  "summary_bg_median": 32.907691955566406,
  "summary_bg_n": 85532.0,
  "summary_bg_p05": 24.230770111083984,
  "summary_bg_p95": 162.9551879882812,
  "summary_bg_stdv": 61.60928726196289,
  "summary_fg_k": 0.5133376954213009,
  "summary_fg_mad": 172.97119389785354,
  "summary_fg_mean": 619.0497436523438,
  "summary_fg_median": 590.8846435546875,
  "summary_fg_n": 40894.0,
  "summary_fg_p05": 370.6090423583984,
  "summary_fg_p95": 961.2052032470704,
  "summary_fg_stdv": 182.7255401611328,
  "tsnr": 52.04920747829601
}