{
  "aor": 0.0015401538461538463,
  "aqi": 0.007404113576923077,
  "bids_meta": {
    "AcquisitionDateTime": "2016-08-15T15:00:53.280000",
    "AcquisitionMatrixPE": 64,
    "AcquisitionNumber": 1,
    "AcquisitionTime": "15:00:53.280000",
    "BaseResolution": 64,
    "ConversionSoftware": "dcm2niix",
    "ConversionSoftwareVersion": "v1.0.20180622 (JP2:OpenJPEG) GCC6.1.0",
    "DeviceSerialNumber": "35437",
    "DwellTime": 3.4e-06,
    "EchoTime": 0.03,
    "EffectiveEchoSpacing": 6.009615385e-05,
    "FlipAngle": 90,
    "ImageOrientationPatientDICOM": [
      1,
      0,
      0,
      0,
      0.866025,
      -0.5
    ],
    "ImageType": [
      "ORIGINAL",
      "PRIMARY",
      "M",
      "ND",
      "MOSAIC"
    ],
    "InPlanePhaseEncodingDirectionDICOM": "COL",
    "InstitutionAddress": "Queen_Square_12_London_Southeast_GB_WC1N_3BG",
    "InstitutionName": "FIL",
    "InstitutionalDepartmentName": "Department",
    "MRAcquisitionType": "2D",
    "MagneticFieldStrength": 3,
    "Manufacturer": "Siemens",
    "ManufacturersModelName": "TrioTim",
    "Modality": "MR",
    "PartialFourier": 1,
    "PatientID": "MQ03740",
    "PatientName": "MQ03740",
    "PatientPosition": "HFS",
    "PatientSex": "",
    "PercentPhaseFOV": 100,
    "PhaseEncodingDirection": "j-",
    "PhaseEncodingSteps": 74,
    "PhaseOversampling": 0.13,
    "PhaseResolution": 1,
    "PixelBandwidth": 2298,
    "ProcedureStepDescription": "FIL_Johan_Carlin",
    "ProtocolName": "al_mepi2d_3mm_v1a_standard",
    "PulseSequenceDetails": "%CustomerSeq%_al_mepi2d_3mm_v1a",
    "ReceiveCoilName": "32Ch_Head",
    "ReconMatrixPE": 64,
    "RepetitionTime": 2.8,
    "SAR": 0.168653,
    "ScanOptions": "FS",
    "ScanningSequence": "RM",
    "SequenceName": "alepi2d2d1",
    "SequenceVariant": "SP_OSP",
    "SeriesDescription": "al_mepi2d_3mm_v1a_standard",
    "SeriesInstanceUID": "1.3.12.2.1107.5.2.32.35437.2016081514594611630226853.0.0.0",
    "SeriesNumber": 8,
    "ShimSetting": [
      -13,
      -3972,
      406,
      389,
      -40,
      -10,
      144,
      85
    ],
    "SliceThickness": 2.5,
    "SliceTiming": [
      0,
      0.07,
      0.14,
      0.2125,
      0.2825,
      0.3525,
      0.4225,
      0.4925,
      0.5625,
      0.6325,
      0.7025,
      0.7725,
      0.845,
      0.915,
      0.985,
      1.055,
      1.125,
      1.195,
      1.265,
      1.335,
      1.405,
      1.4775,
      1.5475,
      1.6175,
      1.6875,
      1.7575,
      1.8275,
      1.8975,
      1.9675,
      2.0375,
      2.11,
      2.18,
      2.25,
      2.32,
      2.39,
      2.46,
      2.53,
      2.6,
      2.6725,
      2.7425
    ],
    "SoftwareVersions": "syngo_MR_B17",
    "SpacingBetweenSlices": 3,
    "StationName": "MRC35437",
    "StudyID": "1",
    "StudyInstanceUID": "1.3.12.2.1107.5.2.32.35437.30000016081511553850500000004",
    "TaskName": "exemplarLocaliser",
    "TxRefAmp": 286.523,
    "dataset": "ds004009",
    "modality": "bold",
    "subject_id": "15",
    "task_id": "exemplarLocaliser"
  },
  "dummy_trs": 2,
  "dvars_nstd": 25.1603816710811,
  "dvars_std": 1.1074336072972981,
  "dvars_vstd": 0.9250304286872583,
  "efc": 0.6457101757544431,
  "fber": 157.6052703857422,
  "fd_mean": 0.05558011727770953,
  "fd_num": 4,
  "fd_perc": 1.5384615384615385,
  "fwhm_avg": 2.5534555555555554,
  "fwhm_x": 2.4007133333333335,
  "fwhm_y": 2.56174,
  "fwhm_z": 2.6979133333333336,
  "gcor": 0.0171443,
  "gsr_x": -0.005352105014026165,
  "gsr_y": 0.06138347461819649,
  "provenance": {
    "md5sum": "3bf0a361f23ed519ad699bfa02e82f36",
    "settings": {
      "fd_thres": 0.2,
      "testing": false
    },
    "software": "mriqc",
    "version": "23.0.1",
    "webapi_port": null,
    "webapi_url": "https://mriqc.nimh.nih.gov/api/v1"
  },
  "size_t": 260,
  "size_x": 64,
  "size_y": 64,
  "size_z": 40,
  "snr": 2.7168675379094234,
  "spacing_tr": 2.799999952316284,
  "spacing_x": 3.0,
  "spacing_y": 3.0,
  "spacing_z": 3.0,
  "summary_bg_k": 34.51998108331074,
  "summary_bg_mad": 20.585363747588794,
  "summary_bg_mean": 75.0804443359375,
  "summary_bg_median": 42.05769348144531,
  "summary_bg_n": 78874.0,
  "summary_bg_p05": 26.646154403686523,
  "summary_bg_p95": 241.7119224548338,
  "summary_bg_stdv": 88.98252868652344,
  "summary_fg_k": 1.251779836414638,
  "summary_fg_mad": 183.1327743131897,
  "summary_fg_mean": 593.9328002929688,
  "summary_fg_median": 555.425048828125,
  "summary_fg_n": 44352.0,
  "summary_fg_p05": 328.40979919433596,
  "summary_fg_p95": 983.752307128906,
  "summary_fg_stdv": 204.4335174560547,
  "tsnr": 47.7424051706912
}