{
  "aor": 0.0008205769230769231,
  "aqi": 0.00602118,
  "bids_meta": {
    "AcquisitionDateTime": "2016-08-15T14:33:44.812500",
    "AcquisitionMatrixPE": 64,
    "AcquisitionNumber": 1,
    "AcquisitionTime": "14:33:44.812500",
    "BaseResolution": 64,
    "ConversionSoftware": "dcm2niix",
    "ConversionSoftwareVersion": "v1.0.20180622 (JP2:OpenJPEG) GCC6.1.0",
    "DeviceSerialNumber": "35437",
    "DwellTime": 3.4e-06,
    "EchoTime": 0.03,
    "EffectiveEchoSpacing": 6.009615385e-05,
    "FlipAngle": 90,
    "ImageOrientationPatientDICOM": [
      1,
      0,
      0,
      0,
      0.866025,
      -0.5
    ],
    "ImageType": [
      "ORIGINAL",
      "PRIMARY",
      "M",
      "ND",
      "MOSAIC"
    ],
    "InPlanePhaseEncodingDirectionDICOM": "COL",
    "InstitutionAddress": "Queen_Square_12_London_Southeast_GB_WC1N_3BG",
    "InstitutionName": "FIL",
    "InstitutionalDepartmentName": "Department",
    "MRAcquisitionType": "2D",
    "MagneticFieldStrength": 3,
    "Manufacturer": "Siemens",
    "ManufacturersModelName": "TrioTim",
    "Modality": "MR",
    "PartialFourier": 1,
    "PatientID": "MQ03740",
    "PatientName": "MQ03740",
    "PatientPosition": "HFS",
    "PatientSex": "",
    "PercentPhaseFOV": 100,
    "PhaseEncodingDirection": "j-",
    "PhaseEncodingSteps": 74,
    "PhaseOversampling": 0.13,
    "PhaseResolution": 1,
    "PixelBandwidth": 2298,
    "ProcedureStepDescription": "FIL_Johan_Carlin",
    "ProtocolName": "al_mepi2d_3mm_v1a_standard",
    "PulseSequenceDetails": "%CustomerSeq%_al_mepi2d_3mm_v1a",
    "ReceiveCoilName": "32Ch_Head",
    "ReconMatrixPE": 64,
    "RepetitionTime": 2.8,
    "SAR": 0.168653,
    "ScanOptions": "FS",
    "ScanningSequence": "RM",
    "SequenceName": "alepi2d2d1",
    "SequenceVariant": "SP_OSP",
    "SeriesDescription": "al_mepi2d_3mm_v1a_standard",
    "SeriesInstanceUID": "1.3.12.2.1107.5.2.32.35437.2016081514320176518562913.0.0.0",
    "SeriesNumber": 6,
    "ShimSetting": [
      -13,
      -3972,
      406,
      389,
      -40,
      -10,
      144,
      85
    ],
    "SliceThickness": 2.5,
    "SliceTiming": [
      0,
      0.0725,
      0.1425,
      0.2125,
      0.2825,
      0.3525,
      0.4225,
      0.4925,
      0.5625,
      0.6325,
      0.705,
      0.775,
      0.845,
      0.915,
      0.985,
      1.055,
      1.125,
      1.195,
      1.265,
      1.3375,
      1.4075,
      1.4775,
      1.5475,
      1.6175,
      1.6875,
      1.7575,
      1.8275,
      1.8975,
      1.97,
      2.04,
      2.11,
      2.18,
      2.25,
      2.32,
      2.39,
      2.46,
      2.53,
      2.6025,
      2.6725,
      2.7425
    ],
    "SoftwareVersions": "syngo_MR_B17",
    "SpacingBetweenSlices": 3,
    "StationName": "MRC35437",
    "StudyID": "1",
    "StudyInstanceUID": "1.3.12.2.1107.5.2.32.35437.30000016081511553850500000004",
    "TaskName": "memsamp",
    "TxRefAmp": 286.523,
    "dataset": "ds004009",
    "modality": "bold",
    "run_id": 2,
    "subject_id": "15",
    "task_id": "memsamp"
  },
  "dummy_trs": 2,
  "dvars_nstd": 27.704165513976832,
  "dvars_std": 1.1724990456370659,
  "dvars_vstd": 0.9341863874517375,
  "efc": 0.6453640047886003,
  "fber": 160.63096618652344,
  "fd_mean": 0.04939936050763586,
  "fd_num": 3,
  "fd_perc": 1.1538461538461537,
  "fwhm_avg": 2.5431866666666667,
  "fwhm_x": 2.396733333333333,
  "fwhm_y": 2.546813333333333,
  "fwhm_z": 2.6860133333333334,
  "gcor": 0.0167191,
  "gsr_x": -0.0039600650779902935,
  "gsr_y": 0.061179861426353455,
  "provenance": {
    "md5sum": "c76d8e3f275de9140c47e59c7506fb68",
    "settings": {
      "fd_thres": 0.2,
      "testing": false
    },
    "software": "mriqc",
    "version": "23.0.1",
    "webapi_port": null,
    "webapi_url": "https://mriqc.nimh.nih.gov/api/v1"
  },
  "size_t": 260,
  "size_x": 64,
  "size_y": 64,
  "size_z": 40,
  "snr": 2.6920776495376475,
  "spacing_tr": 2.799999952316284,
  "spacing_x": 3.0,
  "spacing_y": 3.0,
  "spacing_z": 3.0,
  "summary_bg_k": 32.71218922989141,
  "summary_bg_mad": 20.09496268151247,
  "summary_bg_mean": 73.9033203125,
  "summary_bg_median": 41.346153259277344,
  "summary_bg_n": 78411.0,
  "summary_bg_p05": 26.600000381469727,
  "summary_bg_p95": 237.0999984741211,
  "summary_bg_stdv": 87.38363647460938,
  "summary_fg_k": 1.2633461646089907,
  "summary_fg_mad": 183.08427121326793,
  "summary_fg_mean": 590.5828247070312,
  "summary_fg_median": 551.8384399414062,
  "summary_fg_n": 44593.0,
  "summary_fg_p05": 325.1576843261719,
  "summary_fg_p95": 983.0622924804687,
  "summary_fg_stdv": 204.98377990722656,
  "tsnr": 51.91415657312609
}