{
  "bids_meta": {
    "AcquisitionDateTime": "2016-09-21T12:34:28.145000",
    "AcquisitionMatrixPE": 240,
    "AcquisitionNumber": 1,
    "AcquisitionTime": "12:34:28.145000",
    "BaseResolution": 256,
    "ConversionSoftware": "dcm2niix",
    "ConversionSoftwareVersion": "v1.0.20180622 (JP2:OpenJPEG) GCC6.1.0",
    "DeviceSerialNumber": "35437",
    "DwellTime": 4e-06,
    "EchoTime": 0.0022,
    "FlipAngle": 13,
    "ImageOrientationPatientDICOM": [
      0,
      0.866025,
      -0.5,
      0,
      -0.5,
      -0.866025
    ],
    "ImageType": [
      "ORIGINAL",
      "PRIMARY",
      "M",
      "ND"
    ],
    "InPlanePhaseEncodingDirectionDICOM": "ROW",
    "InstitutionAddress": "Queen_Square_12_London_Southeast_GB_WC1N_3BG",
    "InstitutionName": "WTCN",
    "InstitutionalDepartmentName": "Department",
    "MRAcquisitionType": "3D",
    "MagneticFieldStrength": 3,
    "Manufacturer": "Siemens",
    "ManufacturersModelName": "TrioTim",
    "Modality": "MR",
    "PartialFourier": 0.75,
    "PatientID": "MQ03786",
    "PatientName": "MQ03786",
    "PatientPosition": "HFS",
    "PatientSex": "",
    "PercentPhaseFOV": 93.75,
    "PhaseEncodingSteps": 180,
    "PhaseResolution": 1,
    "PixelBandwidth": 488,
    "ProcedureStepDescription": "FIL_Johan_Carlin",
    "ProtocolName": "BasicT1_NoVBM_nw_mtflash3d_v3h",
    "PulseSequenceDetails": "%CustomerSeq%_nw_mtflash3d_v3h",
    "ReceiveCoilName": "32Ch_Head",
    "ReconMatrixPE": 256,
    "RepetitionTime": 2,
    "SAR": 0.226059,
    "ScanOptions": "PFP",
    "ScanningSequence": "RM",
    "SequenceName": "fl3d_3h3d1",
    "SequenceVariant": "SP",
    "SeriesDescription": "BasicT1_NoVBM_nw_mtflash3d_v3h",
    "SeriesInstanceUID": "1.3.12.2.1107.5.2.32.35437.2016092112342647125605374.0.0.0",
    "SeriesNumber": 10,
    "ShimSetting": [
      107,
      -3908,
      268,
      275,
      55,
      47,
      -43,
      127
    ],
    "SliceThickness": 1,
    "SoftwareVersions": "syngo_MR_B17",
    "StationName": "MRC35437",
    "StudyID": "1",
    "StudyInstanceUID": "1.3.12.2.1107.5.2.32.35437.30000016092109005445600000004",
    "TxRefAmp": 308.027,
    "dataset": "ds004009",
    "modality": "T1w",
    "subject_id": "28"
  },
  "cjv": 0.47843893791554454,
  "cnr": 2.93726387513408,
  "efc": 0.5318065723988095,
  "fber": -1.0,
  "fwhm_avg": 5.723186666666667,
  "fwhm_x": 6.03788,
  "fwhm_y": 5.62471,
  "fwhm_z": 5.50697,
  "icvs_csf": 0.121767465313487,
  "icvs_gm": 0.4034926037327423,
  "icvs_wm": 0.47473993095377065,
  "inu_med": 0.7505627274513245,
  "inu_range": 0.8406480178236961,
  "provenance": {
    "md5sum": "d9210579650cec29edf74349737dcb50",
    "settings": {
      "testing": false
    },
    "software": "mriqc",
    "version": "23.0.1",
    "warnings": {
      "large_rot_frame": true,
      "small_air_mask": false
    },
    "webapi_port": null,
    "webapi_url": "https://mriqc.nimh.nih.gov/api/v1"
  },
  "qi_1": 0.0,
  "qi_2": 0.009942901093020307,
  "rpve_csf": 42.6577759816798,
  "rpve_gm": 13.701958834795812,
  "rpve_wm": 13.577907104981943,
  "size_x": 176,
  "size_y": 240,
  "size_z": 256,
  "snr_csf": 2.2714661546059207,
  "snr_gm": 16.50782620243647,
  "snr_total": 13.108400762969197,
  "snr_wm": 20.545909931865197,
  "snrd_csf": 27.289917261574605,
  "snrd_gm": 60.33685913315547,
  "snrd_total": 54.44285437994866,
  "snrd_wm": 75.7017867451159,
  "spacing_x": 1.0,
  "spacing_y": 1.0,
  "spacing_z": 1.0,
  "summary_bg_k": 4.188000445727478,
  "summary_bg_mad": 0.0,
  "summary_bg_mean": 5.918158998443364,
  "summary_bg_median": 0.0,
  "summary_bg_n": 2614298.0,
  "summary_bg_p05": 0.0,
  "summary_bg_p95": 22.479355037212372,
  "summary_bg_stdv": 8.654614424476149,
  "summary_csf_k": 7.847556795443722,
  "summary_csf_mad": 120.69098143548206,
  "summary_csf_mean": 362.3841482544785,
  "summary_csf_median": 360.51074489951134,
  "summary_csf_n": 10708.0,
  "summary_csf_p05": 98.06045182049274,
  "summary_csf_p95": 595.147296309471,
  "summary_csf_stdv": 158.70538509453579,
  "summary_gm_k": 0.09503988910546735,
  "summary_gm_mad": 47.68691877632384,
  "summary_gm_mean": 797.6824735887413,
  "summary_gm_median": 797.0740923285484,
  "summary_gm_n": 29409.0,
  "summary_gm_p05": 718.4218364953995,
  "summary_gm_p95": 878.1017176508902,
  "summary_gm_stdv": 48.28379769120006,
  "summary_wm_k": -0.018205805712295575,
  "summary_wm_mad": 49.425110744399035,
  "summary_wm_mean": 1003.4609090604478,
  "summary_wm_median": 1000.0509443879128,
  "summary_wm_n": 201353.0,
  "summary_wm_p05": 929.9622523784637,
  "summary_wm_p95": 1089.0508398413658,
  "summary_wm_stdv": 48.673846248404814,
  "tpm_overlap_csf": 0.12512285740145554,
  "tpm_overlap_gm": 0.43013459142620947,
  "tpm_overlap_wm": 0.453443346107781,
  "wm2max": 0.3822056846739787
}