{
  "aor": 0.005934903474903474,
  "aqi": 0.01526742633204633,
  "bids_meta": {
    "AcquisitionDateTime": "2016-07-13T10:00:26.040000",
    "AcquisitionMatrixPE": 64,
    "AcquisitionNumber": 1,
    "AcquisitionTime": "10:00:26.040000",
    "BaseResolution": 64,
    "ConversionSoftware": "dcm2niix",
    "ConversionSoftwareVersion": "v1.0.20180622 (JP2:OpenJPEG) GCC6.1.0",
    "DeviceSerialNumber": "35437",
    "DwellTime": 3.4e-06,
    "EchoTime": 0.03,
    "EffectiveEchoSpacing": 6.009615385e-05,
    "FlipAngle": 90,
    "ImageOrientationPatientDICOM": [
      1,
      0,
      0,
      0,
      0.866025,
      -0.5
    ],
    "ImageType": [
      "ORIGINAL",
      "PRIMARY",
      "M",
      "ND",
      "MOSAIC"
    ],
    "InPlanePhaseEncodingDirectionDICOM": "COL",
    "InstitutionAddress": "Queen_Square_12_London_Southeast_GB_WC1N_3BG",
    "InstitutionName": "FIL",
    "InstitutionalDepartmentName": "Department",
    "MRAcquisitionType": "2D",
    "MagneticFieldStrength": 3,
    "Manufacturer": "Siemens",
    "ManufacturersModelName": "TrioTim",
    "Modality": "MR",
    "PartialFourier": 1,
    "PatientID": "MQ03702",
    "PatientName": "MQ03702",
    "PatientPosition": "HFS",
    "PatientSex": "",
    "PercentPhaseFOV": 100,
    "PhaseEncodingDirection": "j-",
    "PhaseEncodingSteps": 74,
    "PhaseOversampling": 0.13,
    "PhaseResolution": 1,
    "PixelBandwidth": 2298,
    "ProcedureStepDescription": "FIL_Johan_Carlin",
    "ProtocolName": "al_mepi2d_3mm_v1a_standard",
    "PulseSequenceDetails": "%CustomerSeq%_al_mepi2d_3mm_v1a",
    "ReceiveCoilName": "32Ch_Head",
    "ReconMatrixPE": 64,
    "RepetitionTime": 2.8,
    "SAR": 0.196513,
    "ScanOptions": "FS",
    "ScanningSequence": "RM",
    "SequenceName": "alepi2d2d1",
    "SequenceVariant": "SP_OSP",
    "SeriesDescription": "al_mepi2d_3mm_v1a_standard",
    "SeriesInstanceUID": "1.3.12.2.1107.5.2.32.35437.2016071309593448210394859.0.0.0",
    "SeriesNumber": 7,
    "ShimSetting": [
      -7,
      -4033,
      367,
      606,
      -53,
      49,
      462,
      139
    ],
    "SliceThickness": 2.5,
    "SliceTiming": [
      0,
      0.07,
      0.14,
      0.21,
      0.28,
      0.35,
      0.4225,
      0.4925,
      0.5625,
      0.6325,
      0.7025,
      0.7725,
      0.8425,
      0.9125,
      0.9825,
      1.055,
      1.125,
      1.195,
      1.265,
      1.335,
      1.405,
      1.475,
      1.545,
      1.615,
      1.6875,
      1.7575,
      1.8275,
      1.8975,
      1.9675,
      2.0375,
      2.1075,
      2.1775,
      2.2475,
      2.32,
      2.39,
      2.46,
      2.53,
      2.6,
      2.67,
      2.74
    ],
    "SoftwareVersions": "syngo_MR_B17",
    "SpacingBetweenSlices": 3,
    "StationName": "MRC35437",
    "StudyID": "1",
    "StudyInstanceUID": "1.3.12.2.1107.5.2.32.35437.30000016071307430286400000004",
    "TaskName": "memsamp",
    "TxRefAmp": 305.963,
    "dataset": "ds004009",
    "modality": "bold",
    "run_id": 3,
    "subject_id": "04",
    "task_id": "memsamp"
  },
  "dummy_trs": 3,
  "dvars_nstd": 33.5075588150775,
  "dvars_std": 0.9807282732558135,
  "dvars_vstd": 0.9156539490697678,
  "efc": 0.6455366632720717,
  "fber": 168.73394775390625,
  "fd_mean": 0.19243767374486234,
  "fd_num": 56,
  "fd_perc": 21.62162162162162,
  "fwhm_avg": 2.5921266666666667,
  "fwhm_x": 2.4617666666666667,
  "fwhm_y": 2.505313333333333,
  "fwhm_z": 2.8093,
  "gcor": 0.0184875,
  "gsr_x": -0.008098221383988857,
  "gsr_y": 0.082222580909729,
  "provenance": {
    "md5sum": "21aa491598f0ae8ee6c9c446e0109313",
    "settings": {
      "fd_thres": 0.2,
      "testing": false
    },
    "software": "mriqc",
    "version": "23.0.1",
    "webapi_port": null,
    "webapi_url": "https://mriqc.nimh.nih.gov/api/v1"
  },
  "size_t": 259,
  "size_x": 64,
  "size_y": 64,
  "size_z": 40,
  "snr": 2.258164652520547,
  "spacing_tr": 2.799999952316284,
  "spacing_x": 3.0,
  "spacing_y": 3.0,
  "spacing_z": 3.0,
  "summary_bg_k": 36.37681466576915,
  "summary_bg_mad": 19.004785380354697,
  "summary_bg_mean": 77.63453674316406,
  "summary_bg_median": 40.030887603759766,
  "summary_bg_n": 74487.0,
  "summary_bg_p05": 24.239381790161133,
  "summary_bg_p95": 278.998059082031,
  "summary_bg_stdv": 97.07991027832031,
  "summary_fg_k": 3.4900106054003484,
  "summary_fg_mad": 195.82085948564728,
  "summary_fg_mean": 601.2688598632812,
  "summary_fg_median": 546.5868530273438,
  "summary_fg_n": 47888.0,
  "summary_fg_p05": 317.7567443847656,
  "summary_fg_p95": 1063.7631347656252,
  "summary_fg_stdv": 242.046630859375,
  "tsnr": 29.07143068034202
}