{
  "aor": 0.0031925384615384615,
  "aqi": 0.011036128846153846,
  "bids_meta": {
    "AcquisitionDateTime": "2016-07-13T09:33:43.230000",
    "AcquisitionMatrixPE": 64,
    "AcquisitionNumber": 1,
    "AcquisitionTime": "09:33:43.230000",
    "BaseResolution": 64,
    "ConversionSoftware": "dcm2niix",
    "ConversionSoftwareVersion": "v1.0.20180622 (JP2:OpenJPEG) GCC6.1.0",
    "DeviceSerialNumber": "35437",
    "DwellTime": 3.4e-06,
    "EchoTime": 0.03,
    "EffectiveEchoSpacing": 6.009615385e-05,
    "FlipAngle": 90,
    "ImageOrientationPatientDICOM": [
      1,
      0,
      0,
      0,
      0.866025,
      -0.5
    ],
    "ImageType": [
      "ORIGINAL",
      "PRIMARY",
      "M",
      "ND",
      "MOSAIC"
    ],
    "InPlanePhaseEncodingDirectionDICOM": "COL",
    "InstitutionAddress": "Queen_Square_12_London_Southeast_GB_WC1N_3BG",
    "InstitutionName": "FIL",
    "InstitutionalDepartmentName": "Department",
    "MRAcquisitionType": "2D",
    "MagneticFieldStrength": 3,
    "Manufacturer": "Siemens",
    "ManufacturersModelName": "TrioTim",
    "Modality": "MR",
    "PartialFourier": 1,
    "PatientID": "MQ03702",
    "PatientName": "MQ03702",
    "PatientPosition": "HFS",
    "PatientSex": "",
    "PercentPhaseFOV": 100,
    "PhaseEncodingDirection": "j-",
    "PhaseEncodingSteps": 74,
    "PhaseOversampling": 0.13,
    "PhaseResolution": 1,
    "PixelBandwidth": 2298,
    "ProcedureStepDescription": "FIL_Johan_Carlin",
    "ProtocolName": "al_mepi2d_3mm_v1a_standard",
    "PulseSequenceDetails": "%CustomerSeq%_al_mepi2d_3mm_v1a",
    "ReceiveCoilName": "32Ch_Head",
    "ReconMatrixPE": 64,
    "RepetitionTime": 2.8,
    "SAR": 0.196513,
    "ScanOptions": "FS",
    "ScanningSequence": "RM",
    "SequenceName": "alepi2d2d1",
    "SequenceVariant": "SP_OSP",
    "SeriesDescription": "al_mepi2d_3mm_v1a_standard",
    "SeriesInstanceUID": "1.3.12.2.1107.5.2.32.35437.2016071309295947757930919.0.0.0",
    "SeriesNumber": 5,
    "ShimSetting": [
      -7,
      -4033,
      367,
      606,
      -53,
      49,
      462,
      139
    ],
    "SliceThickness": 2.5,
    "SliceTiming": [
      0,
      0.07,
      0.14,
      0.21,
      0.28,
      0.3525,
      0.4225,
      0.4925,
      0.5625,
      0.6325,
      0.7025,
      0.7725,
      0.8425,
      0.9125,
      0.985,
      1.055,
      1.125,
      1.195,
      1.265,
      1.335,
      1.405,
      1.475,
      1.545,
      1.6175,
      1.6875,
      1.7575,
      1.8275,
      1.8975,
      1.9675,
      2.0375,
      2.1075,
      2.1775,
      2.25,
      2.32,
      2.39,
      2.46,
      2.53,
      2.6,
      2.67,
      2.74
    ],
    "SoftwareVersions": "syngo_MR_B17",
    "SpacingBetweenSlices": 3,
    "StationName": "MRC35437",
    "StudyID": "1",
    "StudyInstanceUID": "1.3.12.2.1107.5.2.32.35437.30000016071307430286400000004",
    "TaskName": "memsamp",
    "TxRefAmp": 305.963,
    "dataset": "ds004009",
    "modality": "bold",
    "run_id": 1,
    "subject_id": "04",
    "task_id": "memsamp"
  },
  "dummy_trs": 2,
  "dvars_nstd": 26.477479507644777,
  "dvars_std": 0.9779589265637065,
  "dvars_vstd": 0.9037694421621627,
  "efc": 0.6447419921780845,
  "fber": 179.0550079345703,
  "fd_mean": 0.08527751130015661,
  "fd_num": 21,
  "fd_perc": 8.076923076923077,
  "fwhm_avg": 2.558246666666667,
  "fwhm_x": 2.41487,
  "fwhm_y": 2.48144,
  "fwhm_z": 2.77843,
  "gcor": 0.0143565,
  "gsr_x": -0.008704892359673977,
  "gsr_y": 0.08231039345264435,
  "provenance": {
    "md5sum": "95d3cda7f5d63b06e9b31341fdcfb551",
    "settings": {
      "fd_thres": 0.2,
      "testing": false
    },
    "software": "mriqc",
    "version": "23.0.1",
    "webapi_port": null,
    "webapi_url": "https://mriqc.nimh.nih.gov/api/v1"
  },
  "size_t": 260,
  "size_x": 64,
  "size_y": 64,
  "size_z": 40,
  "snr": 2.278745464438934,
  "spacing_tr": 2.799999952316284,
  "spacing_x": 3.0,
  "spacing_y": 3.0,
  "spacing_z": 3.0,
  "summary_bg_k": 33.12255337276656,
  "summary_bg_mad": 16.56522819863539,
  "summary_bg_mean": 75.36093139648438,
  "summary_bg_median": 38.623077392578125,
  "summary_bg_n": 74375.0,
  "summary_bg_p05": 26.115385055541992,
  "summary_bg_p95": 270.93153381347685,
  "summary_bg_stdv": 93.64517974853516,
  "summary_fg_k": 3.425427483022082,
  "summary_fg_mad": 194.85102371435616,
  "summary_fg_mean": 600.735107421875,
  "summary_fg_median": 546.9635009765625,
  "summary_fg_n": 48084.0,
  "summary_fg_p05": 318.2242370605469,
  "summary_fg_p95": 1059.8174926757813,
  "summary_fg_stdv": 240.02584838867188,
  "tsnr": 37.506252638529986
}