{
  "aor": 0.002936923076923077,
  "aqi": 0.005440050038461539,
  "bids_meta": {
    "AcquisitionDateTime": "2016-08-09T11:42:12.395000",
    "AcquisitionMatrixPE": 64,
    "AcquisitionNumber": 1,
    "AcquisitionTime": "11:42:12.395000",
    "BaseResolution": 64,
    "ConversionSoftware": "dcm2niix",
    "ConversionSoftwareVersion": "v1.0.20180622 (JP2:OpenJPEG) GCC6.1.0",
    "DeviceSerialNumber": "35437",
    "DwellTime": 3.4e-06,
    "EchoTime": 0.03,
    "EffectiveEchoSpacing": 6.009615385e-05,
    "FlipAngle": 90,
    "ImageOrientationPatientDICOM": [
      1,
      0,
      0,
      0,
      0.866025,
      -0.5
    ],
    "ImageType": [
      "ORIGINAL",
      "PRIMARY",
      "M",
      "ND",
      "MOSAIC"
    ],
    "InPlanePhaseEncodingDirectionDICOM": "COL",
    "InstitutionAddress": "Queen_Square_12_London_Southeast_GB_WC1N_3BG",
    "InstitutionName": "FIL",
    "InstitutionalDepartmentName": "Department",
    "MRAcquisitionType": "2D",
    "MagneticFieldStrength": 3,
    "Manufacturer": "Siemens",
    "ManufacturersModelName": "TrioTim",
    "Modality": "MR",
    "PartialFourier": 1,
    "PatientID": "MQ03734",
    "PatientName": "MQ03734",
    "PatientPosition": "HFS",
    "PatientSex": "",
    "PercentPhaseFOV": 100,
    "PhaseEncodingDirection": "j-",
    "PhaseEncodingSteps": 74,
    "PhaseOversampling": 0.13,
    "PhaseResolution": 1,
    "PixelBandwidth": 2298,
    "ProcedureStepDescription": "FIL_Johan_Carlin",
    "ProtocolName": "al_mepi2d_3mm_v1a_standard",
    "PulseSequenceDetails": "%CustomerSeq%_al_mepi2d_3mm_v1a",
    "ReceiveCoilName": "32Ch_Head",
    "ReconMatrixPE": 64,
    "RepetitionTime": 2.8,
    "SAR": 0.181064,
    "ScanOptions": "FS",
    "ScanningSequence": "RM",
    "SequenceName": "alepi2d2d1",
    "SequenceVariant": "SP_OSP",
    "SeriesDescription": "al_mepi2d_3mm_v1a_standard",
    "SeriesInstanceUID": "1.3.12.2.1107.5.2.32.35437.2016080911411227860674841.0.0.0",
    "SeriesNumber": 13,
    "ShimSetting": [
      45,
      -3899,
      248,
      599,
      -56,
      44,
      -217,
      184
    ],
    "SliceThickness": 2.5,
    "SliceTiming": [
      0,
      0.07,
      0.14,
      0.21,
      0.28,
      0.35,
      0.42,
      0.49,
      0.56,
      0.6325,
      0.7025,
      0.7725,
      0.8425,
      0.9125,
      0.9825,
      1.0525,
      1.1225,
      1.1925,
      1.265,
      1.335,
      1.405,
      1.475,
      1.545,
      1.615,
      1.685,
      1.755,
      1.8275,
      1.8975,
      1.9675,
      2.0375,
      2.1075,
      2.1775,
      2.2475,
      2.3175,
      2.3875,
      2.46,
      2.53,
      2.6,
      2.67,
      2.74
    ],
    "SoftwareVersions": "syngo_MR_B17",
    "SpacingBetweenSlices": 3,
    "StationName": "MRC35437",
    "StudyID": "1",
    "StudyInstanceUID": "1.3.12.2.1107.5.2.32.35437.30000016080907501372400000004",
    "TaskName": "exemplarLocaliser",
    "TxRefAmp": 309.149,
    "dataset": "ds004009",
    "modality": "bold",
    "subject_id": "33",
    "task_id": "exemplarLocaliser"
  },
  "dummy_trs": 2,
  "dvars_nstd": 22.952336675945933,
  "dvars_std": 1.052741616023166,
  "dvars_vstd": 0.9541147051737449,
  "efc": 0.6130571259342885,
  "fber": 262.5704650878906,
  "fd_mean": 0.14579423238167627,
  "fd_num": 41,
  "fd_perc": 15.76923076923077,
  "fwhm_avg": 2.4850666666666665,
  "fwhm_x": 2.354903333333333,
  "fwhm_y": 2.4698866666666666,
  "fwhm_z": 2.63041,
  "gcor": 0.0244204,
  "gsr_x": -0.0065520284697413445,
  "gsr_y": 0.07349695265293121,
  "provenance": {
    "md5sum": "a32f7509013df839323b943e887c1014",
    "settings": {
      "fd_thres": 0.2,
      "testing": false
    },
    "software": "mriqc",
    "version": "23.0.1",
    "webapi_port": null,
    "webapi_url": "https://mriqc.nimh.nih.gov/api/v1"
  },
  "size_t": 260,
  "size_x": 64,
  "size_y": 64,
  "size_z": 40,
  "snr": 3.0792520321742747,
  "spacing_tr": 2.799999952316284,
  "spacing_x": 3.0,
  "spacing_y": 3.0,
  "spacing_z": 3.0,
  "summary_bg_k": 66.0062664427579,
  "summary_bg_mad": 10.486561365033872,
  "summary_bg_mean": 57.3067512512207,
  "summary_bg_median": 32.10769271850586,
  "summary_bg_n": 85568.0,
  "summary_bg_p05": 24.21923065185547,
  "summary_bg_p95": 170.5382751464843,
  "summary_bg_stdv": 79.04127502441406,
  "summary_fg_k": 1.1555319822535806,
  "summary_fg_mad": 155.59337476084752,
  "summary_fg_mean": 568.1558227539062,
  "summary_fg_median": 537.5999755859375,
  "summary_fg_n": 40291.0,
  "summary_fg_p05": 335.81732177734375,
  "summary_fg_p95": 902.4019165039062,
  "summary_fg_stdv": 174.58567810058594,
  "tsnr": 53.047507935902104
}