{
  "aor": 0.003383346153846154,
  "aqi": 0.006200791461538462,
  "bids_meta": {
    "AcquisitionDateTime": "2016-08-09T10:31:57.437500",
    "AcquisitionMatrixPE": 64,
    "AcquisitionNumber": 1,
    "AcquisitionTime": "10:31:57.437500",
    "BaseResolution": 64,
    "ConversionSoftware": "dcm2niix",
    "ConversionSoftwareVersion": "v1.0.20180622 (JP2:OpenJPEG) GCC6.1.0",
    "DeviceSerialNumber": "35437",
    "DwellTime": 3.4e-06,
    "EchoTime": 0.03,
    "EffectiveEchoSpacing": 6.009615385e-05,
    "FlipAngle": 90,
    "ImageOrientationPatientDICOM": [
      1,
      0,
      0,
      0,
      0.866025,
      -0.5
    ],
    "ImageType": [
      "ORIGINAL",
      "PRIMARY",
      "M",
      "ND",
      "MOSAIC"
    ],
    "InPlanePhaseEncodingDirectionDICOM": "COL",
    "InstitutionAddress": "Queen_Square_12_London_Southeast_GB_WC1N_3BG",
    "InstitutionName": "FIL",
    "InstitutionalDepartmentName": "Department",
    "MRAcquisitionType": "2D",
    "MagneticFieldStrength": 3,
    "Manufacturer": "Siemens",
    "ManufacturersModelName": "TrioTim",
    "Modality": "MR",
    "PartialFourier": 1,
    "PatientID": "MQ03734",
    "PatientName": "MQ03734",
    "PatientPosition": "HFS",
    "PatientSex": "",
    "PercentPhaseFOV": 100,
    "PhaseEncodingDirection": "j-",
    "PhaseEncodingSteps": 74,
    "PhaseOversampling": 0.13,
    "PhaseResolution": 1,
    "PixelBandwidth": 2298,
    "ProcedureStepDescription": "FIL_Johan_Carlin",
    "ProtocolName": "al_mepi2d_3mm_v1a_standard",
    "PulseSequenceDetails": "%CustomerSeq%_al_mepi2d_3mm_v1a",
    "ReceiveCoilName": "32Ch_Head",
    "ReconMatrixPE": 64,
    "RepetitionTime": 2.8,
    "SAR": 0.176473,
    "ScanOptions": "FS",
    "ScanningSequence": "RM",
    "SequenceName": "alepi2d2d1",
    "SequenceVariant": "SP_OSP",
    "SeriesDescription": "al_mepi2d_3mm_v1a_standard",
    "SeriesInstanceUID": "1.3.12.2.1107.5.2.32.35437.2016080910274127528345520.0.0.0",
    "SeriesNumber": 5,
    "ShimSetting": [
      20,
      -3886,
      261,
      562,
      -52,
      114,
      -203,
      137
    ],
    "SliceThickness": 2.5,
    "SliceTiming": [
      0,
      0.07,
      0.14,
      0.21,
      0.28,
      0.35,
      0.4225,
      0.4925,
      0.5625,
      0.6325,
      0.7025,
      0.7725,
      0.8425,
      0.9125,
      0.985,
      1.055,
      1.125,
      1.195,
      1.265,
      1.335,
      1.405,
      1.475,
      1.545,
      1.6175,
      1.6875,
      1.7575,
      1.8275,
      1.8975,
      1.9675,
      2.0375,
      2.1075,
      2.1775,
      2.25,
      2.32,
      2.39,
      2.46,
      2.53,
      2.6,
      2.67,
      2.74
    ],
    "SoftwareVersions": "syngo_MR_B17",
    "SpacingBetweenSlices": 3,
    "StationName": "MRC35437",
    "StudyID": "1",
    "StudyInstanceUID": "1.3.12.2.1107.5.2.32.35437.30000016080907501372400000004",
    "TaskName": "memsamp",
    "TxRefAmp": 310.143,
    "dataset": "ds004009",
    "modality": "bold",
    "run_id": 1,
    "subject_id": "33",
    "task_id": "memsamp"
  },
  "dummy_trs": 2,
  "dvars_nstd": 29.224084316409275,
  "dvars_std": 1.1736896693050194,
  "dvars_vstd": 1.0030048355598464,
  "efc": 0.6110693179066586,
  "fber": 277.17041015625,
  "fd_mean": 0.24536172537986314,
  "fd_num": 156,
  "fd_perc": 60.0,
  "fwhm_avg": 2.4510222222222224,
  "fwhm_x": 2.3425566666666664,
  "fwhm_y": 2.438946666666667,
  "fwhm_z": 2.571563333333333,
  "gcor": 0.01613,
  "gsr_x": -0.005834945943206549,
  "gsr_y": 0.07440578192472458,
  "provenance": {
    "md5sum": "66ad4b18ac37aa015a387671f561cb1a",
    "settings": {
      "fd_thres": 0.2,
      "testing": false
    },
    "software": "mriqc",
    "version": "23.0.1",
    "webapi_port": null,
    "webapi_url": "https://mriqc.nimh.nih.gov/api/v1"
  },
  "size_t": 260,
  "size_x": 64,
  "size_y": 64,
  "size_z": 40,
  "snr": 3.105110193232338,
  "spacing_tr": 2.799999952316284,
  "spacing_x": 3.0,
  "spacing_y": 3.0,
  "spacing_z": 3.0,
  "summary_bg_k": 69.76380780175688,
  "summary_bg_mad": 10.726059560094402,
  "summary_bg_mean": 57.57990646362305,
  "summary_bg_median": 32.24615478515625,
  "summary_bg_n": 85627.0,
  "summary_bg_p05": 24.24346179962158,
  "summary_bg_p95": 169.52269744873038,
  "summary_bg_stdv": 79.6783447265625,
  "summary_fg_k": 0.8289581275130757,
  "summary_fg_mad": 162.89811354170305,
  "summary_fg_mean": 581.7275390625,
  "summary_fg_median": 552.6384887695312,
  "summary_fg_n": 40267.0,
  "summary_fg_p05": 339.2942291259766,
  "summary_fg_p95": 920.7069335937499,
  "summary_fg_stdv": 177.97488403320312,
  "tsnr": 49.568070918205194
}