{
  "aor": 0.001563,
  "aqi": 0.007691236999999999,
  "bids_meta": {
    "AcquisitionDateTime": "2016-08-09T11:28:52.345000",
    "AcquisitionMatrixPE": 64,
    "AcquisitionNumber": 1,
    "AcquisitionTime": "11:28:52.345000",
    "BaseResolution": 64,
    "ConversionSoftware": "dcm2niix",
    "ConversionSoftwareVersion": "v1.0.20180622 (JP2:OpenJPEG) GCC6.1.0",
    "DeviceSerialNumber": "35437",
    "DwellTime": 3.4e-06,
    "EchoTime": 0.03,
    "EffectiveEchoSpacing": 6.009615385e-05,
    "FlipAngle": 90,
    "ImageOrientationPatientDICOM": [
      1,
      0,
      0,
      0,
      0.866025,
      -0.5
    ],
    "ImageType": [
      "ORIGINAL",
      "PRIMARY",
      "M",
      "ND",
      "MOSAIC"
    ],
    "InPlanePhaseEncodingDirectionDICOM": "COL",
    "InstitutionAddress": "Queen_Square_12_London_Southeast_GB_WC1N_3BG",
    "InstitutionName": "FIL",
    "InstitutionalDepartmentName": "Department",
    "MRAcquisitionType": "2D",
    "MagneticFieldStrength": 3,
    "Manufacturer": "Siemens",
    "ManufacturersModelName": "TrioTim",
    "Modality": "MR",
    "PartialFourier": 1,
    "PatientID": "MQ03734",
    "PatientName": "MQ03734",
    "PatientPosition": "HFS",
    "PatientSex": "",
    "PercentPhaseFOV": 100,
    "PhaseEncodingDirection": "j-",
    "PhaseEncodingSteps": 74,
    "PhaseOversampling": 0.13,
    "PhaseResolution": 1,
    "PixelBandwidth": 2298,
    "ProcedureStepDescription": "FIL_Johan_Carlin",
    "ProtocolName": "al_mepi2d_3mm_v1a_standard",
    "PulseSequenceDetails": "%CustomerSeq%_al_mepi2d_3mm_v1a",
    "ReceiveCoilName": "32Ch_Head",
    "ReconMatrixPE": 64,
    "RepetitionTime": 2.8,
    "SAR": 0.181064,
    "ScanOptions": "FS",
    "ScanningSequence": "RM",
    "SequenceName": "alepi2d2d1",
    "SequenceVariant": "SP_OSP",
    "SeriesDescription": "al_mepi2d_3mm_v1a_standard",
    "SeriesInstanceUID": "1.3.12.2.1107.5.2.32.35437.201608091127497614342871.0.0.0",
    "SeriesNumber": 12,
    "ShimSetting": [
      45,
      -3899,
      248,
      599,
      -56,
      44,
      -217,
      184
    ],
    "SliceThickness": 2.5,
    "SliceTiming": [
      0,
      0.07,
      0.14,
      0.2125,
      0.2825,
      0.3525,
      0.4225,
      0.4925,
      0.5625,
      0.6325,
      0.7025,
      0.7725,
      0.845,
      0.915,
      0.985,
      1.055,
      1.125,
      1.195,
      1.265,
      1.335,
      1.405,
      1.4775,
      1.5475,
      1.6175,
      1.6875,
      1.7575,
      1.8275,
      1.8975,
      1.9675,
      2.0375,
      2.11,
      2.18,
      2.25,
      2.32,
      2.39,
      2.46,
      2.53,
      2.6,
      2.67,
      2.7425
    ],
    "SoftwareVersions": "syngo_MR_B17",
    "SpacingBetweenSlices": 3,
    "StationName": "MRC35437",
    "StudyID": "1",
    "StudyInstanceUID": "1.3.12.2.1107.5.2.32.35437.30000016080907501372400000004",
    "TaskName": "motionLocaliser",
    "TxRefAmp": 309.149,
    "dataset": "ds004009",
    "modality": "bold",
    "subject_id": "33",
    "task_id": "motionLocaliser"
  },
  "dummy_trs": 2,
  "dvars_nstd": 22.64737882598455,
  "dvars_std": 1.0083501002316613,
  "dvars_vstd": 0.9211915540540538,
  "efc": 0.6133846093947919,
  "fber": 259.7444763183594,
  "fd_mean": 0.16423710396953456,
  "fd_num": 57,
  "fd_perc": 21.923076923076923,
  "fwhm_avg": 2.5066966666666666,
  "fwhm_x": 2.3660200000000002,
  "fwhm_y": 2.5039366666666667,
  "fwhm_z": 2.6501333333333332,
  "gcor": 0.0117174,
  "gsr_x": -0.007943667471408844,
  "gsr_y": 0.07334856688976288,
  "provenance": {
    "md5sum": "b364e1004b5d7dc0027c0ec601352d30",
    "settings": {
      "fd_thres": 0.2,
      "testing": false
    },
    "software": "mriqc",
    "version": "23.0.1",
    "webapi_port": null,
    "webapi_url": "https://mriqc.nimh.nih.gov/api/v1"
  },
  "size_t": 260,
  "size_x": 64,
  "size_y": 64,
  "size_z": 40,
  "snr": 3.0701375637709045,
  "spacing_tr": 2.799999952316284,
  "spacing_x": 3.0,
  "spacing_y": 3.0,
  "spacing_z": 3.0,
  "summary_bg_k": 64.30173885882985,
  "summary_bg_mad": 11.119516638792014,
  "summary_bg_mean": 57.719505310058594,
  "summary_bg_median": 32.31153869628906,
  "summary_bg_n": 85568.0,
  "summary_bg_p05": 23.615385055541992,
  "summary_bg_p95": 173.0242248535156,
  "summary_bg_stdv": 79.5295181274414,
  "summary_fg_k": 1.1603149542049573,
  "summary_fg_mad": 154.86922166919769,
  "summary_fg_mean": 567.7271728515625,
  "summary_fg_median": 535.97119140625,
  "summary_fg_n": 40480.0,
  "summary_fg_p05": 335.4875030517578,
  "summary_fg_p95": 903.3430541992187,
  "summary_fg_stdv": 174.57347106933594,
  "tsnr": 44.511781288310885
}