{
  "aor": 0.0023136538461538464,
  "aqi": 0.005941047538461538,
  "bids_meta": {
    "AcquisitionDateTime": "2016-08-09T10:45:46.592500",
    "AcquisitionMatrixPE": 64,
    "AcquisitionNumber": 1,
    "AcquisitionTime": "10:45:46.592500",
    "BaseResolution": 64,
    "ConversionSoftware": "dcm2niix",
    "ConversionSoftwareVersion": "v1.0.20180622 (JP2:OpenJPEG) GCC6.1.0",
    "DeviceSerialNumber": "35437",
    "DwellTime": 3.4e-06,
    "EchoTime": 0.03,
    "EffectiveEchoSpacing": 6.009615385e-05,
    "FlipAngle": 90,
    "ImageOrientationPatientDICOM": [
      1,
      0,
      0,
      0,
      0.866025,
      -0.5
    ],
    "ImageType": [
      "ORIGINAL",
      "PRIMARY",
      "M",
      "ND",
      "MOSAIC"
    ],
    "InPlanePhaseEncodingDirectionDICOM": "COL",
    "InstitutionAddress": "Queen_Square_12_London_Southeast_GB_WC1N_3BG",
    "InstitutionName": "FIL",
    "InstitutionalDepartmentName": "Department",
    "MRAcquisitionType": "2D",
    "MagneticFieldStrength": 3,
    "Manufacturer": "Siemens",
    "ManufacturersModelName": "TrioTim",
    "Modality": "MR",
    "PartialFourier": 1,
    "PatientID": "MQ03734",
    "PatientName": "MQ03734",
    "PatientPosition": "HFS",
    "PatientSex": "",
    "PercentPhaseFOV": 100,
    "PhaseEncodingDirection": "j-",
    "PhaseEncodingSteps": 74,
    "PhaseOversampling": 0.13,
    "PhaseResolution": 1,
    "PixelBandwidth": 2298,
    "ProcedureStepDescription": "FIL_Johan_Carlin",
    "ProtocolName": "al_mepi2d_3mm_v1a_standard",
    "PulseSequenceDetails": "%CustomerSeq%_al_mepi2d_3mm_v1a",
    "ReceiveCoilName": "32Ch_Head",
    "ReconMatrixPE": 64,
    "RepetitionTime": 2.8,
    "SAR": 0.176473,
    "ScanOptions": "FS",
    "ScanningSequence": "RM",
    "SequenceName": "alepi2d2d1",
    "SequenceVariant": "SP_OSP",
    "SeriesDescription": "al_mepi2d_3mm_v1a_standard",
    "SeriesInstanceUID": "1.3.12.2.1107.5.2.32.35437.2016080910441675557277490.0.0.0",
    "SeriesNumber": 6,
    "ShimSetting": [
      20,
      -3886,
      261,
      562,
      -52,
      114,
      -203,
      137
    ],
    "SliceThickness": 2.5,
    "SliceTiming": [
      0,
      0.07,
      0.14,
      0.21,
      0.28,
      0.3525,
      0.4225,
      0.4925,
      0.5625,
      0.6325,
      0.7025,
      0.7725,
      0.8425,
      0.9125,
      0.985,
      1.055,
      1.125,
      1.195,
      1.265,
      1.335,
      1.405,
      1.475,
      1.545,
      1.6175,
      1.6875,
      1.7575,
      1.8275,
      1.8975,
      1.9675,
      2.0375,
      2.1075,
      2.1775,
      2.25,
      2.32,
      2.39,
      2.46,
      2.53,
      2.6,
      2.67,
      2.74
    ],
    "SoftwareVersions": "syngo_MR_B17",
    "SpacingBetweenSlices": 3,
    "StationName": "MRC35437",
    "StudyID": "1",
    "StudyInstanceUID": "1.3.12.2.1107.5.2.32.35437.30000016080907501372400000004",
    "TaskName": "memsamp",
    "TxRefAmp": 310.143,
    "dataset": "ds004009",
    "modality": "bold",
    "run_id": 2,
    "subject_id": "33",
    "task_id": "memsamp"
  },
  "dummy_trs": 2,
  "dvars_nstd": 25.703205535984548,
  "dvars_std": 1.1164782322007718,
  "dvars_vstd": 0.960033108571428,
  "efc": 0.6108661666389372,
  "fber": 280.0696105957031,
  "fd_mean": 0.1851300566466964,
  "fd_num": 91,
  "fd_perc": 35.0,
  "fwhm_avg": 2.4486255555555556,
  "fwhm_x": 2.3366000000000002,
  "fwhm_y": 2.42233,
  "fwhm_z": 2.5869466666666665,
  "gcor": 0.0298677,
  "gsr_x": -0.005385144148021936,
  "gsr_y": 0.07315368950366974,
  "provenance": {
    "md5sum": "f770f5e808bde179fae8d14625f256ec",
    "settings": {
      "fd_thres": 0.2,
      "testing": false
    },
    "software": "mriqc",
    "version": "23.0.1",
    "webapi_port": null,
    "webapi_url": "https://mriqc.nimh.nih.gov/api/v1"
  },
  "size_t": 260,
  "size_x": 64,
  "size_y": 64,
  "size_z": 40,
  "snr": 3.107420844778457,
  "spacing_tr": 2.799999952316284,
  "spacing_x": 3.0,
  "spacing_y": 3.0,
  "spacing_z": 3.0,
  "summary_bg_k": 69.68944816271743,
  "summary_bg_mad": 10.914235299436589,
  "summary_bg_mean": 57.49183654785156,
  "summary_bg_median": 32.2423095703125,
  "summary_bg_n": 85730.0,
  "summary_bg_p05": 23.850000381469727,
  "summary_bg_p95": 170.81269226074227,
  "summary_bg_stdv": 78.7691421508789,
  "summary_fg_k": 0.8823715968911006,
  "summary_fg_mad": 163.01204153200447,
  "summary_fg_mean": 584.3311157226562,
  "summary_fg_median": 554.8884887695312,
  "summary_fg_n": 40213.0,
  "summary_fg_p05": 342.94615478515624,
  "summary_fg_p95": 925.4584594726567,
  "summary_fg_stdv": 178.5666046142578,
  "tsnr": 50.39429200440645
}