{
  "aor": 0.0035188803088803096,
  "aqi": 0.004677331196911196,
  "bids_meta": {
    "AcquisitionDateTime": "2016-06-09T15:34:5.152500",
    "AcquisitionMatrixPE": 64,
    "AcquisitionNumber": 1,
    "AcquisitionTime": "15:34:5.152500",
    "BaseResolution": 64,
    "ConversionSoftware": "dcm2niix",
    "ConversionSoftwareVersion": "v1.0.20180622 (JP2:OpenJPEG) GCC6.1.0",
    "DeviceSerialNumber": "35437",
    "DwellTime": 3.4e-06,
    "EchoTime": 0.03,
    "EffectiveEchoSpacing": 6.009615385e-05,
    "FlipAngle": 90,
    "ImageOrientationPatientDICOM": [
      1,
      0,
      0,
      0,
      0.866025,
      -0.5
    ],
    "ImageType": [
      "ORIGINAL",
      "PRIMARY",
      "M",
      "ND",
      "MOSAIC"
    ],
    "InPlanePhaseEncodingDirectionDICOM": "COL",
    "InstitutionAddress": "Queen_Square_12_London_Southeast_GB_WC1N_3BG",
    "InstitutionName": "Functional_Imaging_Laboratory",
    "InstitutionalDepartmentName": "Department",
    "MRAcquisitionType": "2D",
    "MagneticFieldStrength": 3,
    "Manufacturer": "Siemens",
    "ManufacturersModelName": "TrioTim",
    "Modality": "MR",
    "PartialFourier": 1,
    "PatientID": "MQ03657",
    "PatientName": "MQ03657",
    "PatientPosition": "HFS",
    "PatientSex": "",
    "PercentPhaseFOV": 100,
    "PhaseEncodingDirection": "j-",
    "PhaseEncodingSteps": 74,
    "PhaseOversampling": 0.13,
    "PhaseResolution": 1,
    "PixelBandwidth": 2298,
    "ProcedureStepDescription": "FIL_Johan_Carlin",
    "ProtocolName": "al_mepi2d_3mm_v1a_standard",
    "PulseSequenceDetails": "%CustomerSeq%_al_mepi2d_3mm_v1a",
    "ReceiveCoilName": "32Ch_Head",
    "ReconMatrixPE": 64,
    "RepetitionTime": 2.8,
    "SAR": 0.194718,
    "ScanOptions": "FS",
    "ScanningSequence": "RM",
    "SequenceName": "alepi2d2d1",
    "SequenceVariant": "SP_OSP",
    "SeriesDescription": "al_mepi2d_3mm_v1a_standard",
    "SeriesInstanceUID": "1.3.12.2.1107.5.2.32.35437.2016060915334265201394296.0.0.0",
    "SeriesNumber": 7,
    "ShimSetting": [
      49,
      -4197,
      414,
      714,
      -21,
      -381,
      386,
      109
    ],
    "SliceThickness": 2.5,
    "SliceTiming": [
      0,
      0.07,
      0.14,
      0.21,
      0.2825,
      0.3525,
      0.4225,
      0.4925,
      0.5625,
      0.6325,
      0.7025,
      0.7725,
      0.8425,
      0.915,
      0.985,
      1.055,
      1.125,
      1.195,
      1.265,
      1.335,
      1.405,
      1.475,
      1.5475,
      1.6175,
      1.6875,
      1.7575,
      1.8275,
      1.8975,
      1.9675,
      2.0375,
      2.1075,
      2.18,
      2.25,
      2.32,
      2.39,
      2.46,
      2.53,
      2.6,
      2.67,
      2.7425
    ],
    "SoftwareVersions": "syngo_MR_B17",
    "SpacingBetweenSlices": 3,
    "StationName": "MRC35437",
    "StudyID": "1",
    "StudyInstanceUID": "1.3.12.2.1107.5.2.32.35437.30000016060907584712000000007",
    "TaskName": "memsamp",
    "TxRefAmp": 306.617,
    "dataset": "ds004009",
    "modality": "bold",
    "run_id": 2,
    "subject_id": "16",
    "task_id": "memsamp"
  },
  "dummy_trs": 3,
  "dvars_nstd": 25.87787012344961,
  "dvars_std": 1.259213894302326,
  "dvars_vstd": 0.9789199486434111,
  "efc": 0.5915188717965512,
  "fber": 325.5668029785156,
  "fd_mean": 0.09376990069472547,
  "fd_num": 21,
  "fd_perc": 8.108108108108109,
  "fwhm_avg": 2.4593877777777777,
  "fwhm_x": 2.3851133333333334,
  "fwhm_y": 2.37379,
  "fwhm_z": 2.61926,
  "gcor": 0.0155472,
  "gsr_x": -0.005442102439701557,
  "gsr_y": 0.02533731795847416,
  "provenance": {
    "md5sum": "3714ae216582a118498f7e607e71ca49",
    "settings": {
      "fd_thres": 0.2,
      "testing": false
    },
    "software": "mriqc",
    "version": "23.0.1",
    "webapi_port": null,
    "webapi_url": "https://mriqc.nimh.nih.gov/api/v1"
  },
  "size_t": 259,
  "size_x": 64,
  "size_y": 64,
  "size_z": 40,
  "snr": 3.0403304033460765,
  "spacing_tr": 2.799999952316284,
  "spacing_x": 3.0,
  "spacing_y": 3.0,
  "spacing_z": 3.0,
  "summary_bg_k": 21.223430579623518,
  "summary_bg_mad": 11.87226766942911,
  "summary_bg_mean": 55.69710922241211,
  "summary_bg_median": 33.36293411254883,
  "summary_bg_n": 88431.0,
  "summary_bg_p05": 24.359073638916016,
  "summary_bg_p95": 164.33783721923828,
  "summary_bg_stdv": 58.902687072753906,
  "summary_fg_k": 1.4754103050560383,
  "summary_fg_mad": 184.2462416989415,
  "summary_fg_mean": 647.8043823242188,
  "summary_fg_median": 611.45556640625,
  "summary_fg_n": 38712.0,
  "summary_fg_p05": 386.7490234375,
  "summary_fg_p95": 1026.0009887695312,
  "summary_fg_stdv": 201.11224365234375,
  "tsnr": 57.47085559205152
}