{
  "aor": 0.0014559615384615384,
  "aqi": 0.005424267346153846,
  "bids_meta": {
    "AcquisitionDateTime": "2016-06-09T15:47:50.135000",
    "AcquisitionMatrixPE": 64,
    "AcquisitionNumber": 1,
    "AcquisitionTime": "15:47:50.135000",
    "BaseResolution": 64,
    "ConversionSoftware": "dcm2niix",
    "ConversionSoftwareVersion": "v1.0.20180622 (JP2:OpenJPEG) GCC6.1.0",
    "DeviceSerialNumber": "35437",
    "DwellTime": 3.4e-06,
    "EchoTime": 0.03,
    "EffectiveEchoSpacing": 6.009615385e-05,
    "FlipAngle": 90,
    "ImageOrientationPatientDICOM": [
      1,
      0,
      0,
      0,
      0.866025,
      -0.5
    ],
    "ImageType": [
      "ORIGINAL",
      "PRIMARY",
      "M",
      "ND",
      "MOSAIC"
    ],
    "InPlanePhaseEncodingDirectionDICOM": "COL",
    "InstitutionAddress": "Queen_Square_12_London_Southeast_GB_WC1N_3BG",
    "InstitutionName": "Functional_Imaging_Laboratory",
    "InstitutionalDepartmentName": "Department",
    "MRAcquisitionType": "2D",
    "MagneticFieldStrength": 3,
    "Manufacturer": "Siemens",
    "ManufacturersModelName": "TrioTim",
    "Modality": "MR",
    "PartialFourier": 1,
    "PatientID": "MQ03657",
    "PatientName": "MQ03657",
    "PatientPosition": "HFS",
    "PatientSex": "",
    "PercentPhaseFOV": 100,
    "PhaseEncodingDirection": "j-",
    "PhaseEncodingSteps": 74,
    "PhaseOversampling": 0.13,
    "PhaseResolution": 1,
    "PixelBandwidth": 2298,
    "ProcedureStepDescription": "FIL_Johan_Carlin",
    "ProtocolName": "al_mepi2d_3mm_v1a_standard",
    "PulseSequenceDetails": "%CustomerSeq%_al_mepi2d_3mm_v1a",
    "ReceiveCoilName": "32Ch_Head",
    "ReconMatrixPE": 64,
    "RepetitionTime": 2.8,
    "SAR": 0.194718,
    "ScanOptions": "FS",
    "ScanningSequence": "RM",
    "SequenceName": "alepi2d2d1",
    "SequenceVariant": "SP_OSP",
    "SeriesDescription": "al_mepi2d_3mm_v1a_standard",
    "SeriesInstanceUID": "1.3.12.2.1107.5.2.32.35437.2016060915462184863326266.0.0.0",
    "SeriesNumber": 8,
    "ShimSetting": [
      49,
      -4197,
      414,
      714,
      -21,
      -381,
      386,
      109
    ],
    "SliceThickness": 2.5,
    "SliceTiming": [
      0,
      0.07,
      0.14,
      0.21,
      0.28,
      0.3525,
      0.4225,
      0.4925,
      0.5625,
      0.6325,
      0.7025,
      0.7725,
      0.8425,
      0.9125,
      0.985,
      1.055,
      1.125,
      1.195,
      1.265,
      1.335,
      1.405,
      1.475,
      1.545,
      1.6175,
      1.6875,
      1.7575,
      1.8275,
      1.8975,
      1.9675,
      2.0375,
      2.1075,
      2.1775,
      2.25,
      2.32,
      2.39,
      2.46,
      2.53,
      2.6,
      2.67,
      2.74
    ],
    "SoftwareVersions": "syngo_MR_B17",
    "SpacingBetweenSlices": 3,
    "StationName": "MRC35437",
    "StudyID": "1",
    "StudyInstanceUID": "1.3.12.2.1107.5.2.32.35437.30000016060907584712000000007",
    "TaskName": "memsamp",
    "TxRefAmp": 306.617,
    "dataset": "ds004009",
    "modality": "bold",
    "run_id": 3,
    "subject_id": "16",
    "task_id": "memsamp"
  },
  "dummy_trs": 2,
  "dvars_nstd": 28.733089999266422,
  "dvars_std": 1.209480955598456,
  "dvars_vstd": 0.9476989683783772,
  "efc": 0.5936836585373815,
  "fber": 322.082763671875,
  "fd_mean": 0.13728500472074065,
  "fd_num": 42,
  "fd_perc": 16.153846153846153,
  "fwhm_avg": 2.4282933333333334,
  "fwhm_x": 2.3681233333333336,
  "fwhm_y": 2.3307333333333333,
  "fwhm_z": 2.5860233333333333,
  "gcor": 0.0233628,
  "gsr_x": -0.004860599059611559,
  "gsr_y": 0.02579112909734249,
  "provenance": {
    "md5sum": "ebc04cc829b9076a1836e8c237105d4c",
    "settings": {
      "fd_thres": 0.2,
      "testing": false
    },
    "software": "mriqc",
    "version": "23.0.1",
    "webapi_port": null,
    "webapi_url": "https://mriqc.nimh.nih.gov/api/v1"
  },
  "size_t": 260,
  "size_x": 64,
  "size_y": 64,
  "size_z": 40,
  "snr": 3.0440331647200165,
  "spacing_tr": 2.799999952316284,
  "spacing_x": 3.0,
  "spacing_y": 3.0,
  "spacing_z": 3.0,
  "summary_bg_k": 20.75304903521715,
  "summary_bg_mad": 11.79809061637121,
  "summary_bg_mean": 56.41395568847656,
  "summary_bg_median": 33.42307662963867,
  "summary_bg_n": 88089.0,
  "summary_bg_p05": 24.55384635925293,
  "summary_bg_p95": 167.56461486816397,
  "summary_bg_stdv": 60.51006317138672,
  "summary_fg_k": 1.5033377765794658,
  "summary_fg_mad": 183.24679279434923,
  "summary_fg_mean": 644.6949462890625,
  "summary_fg_median": 608.7307739257812,
  "summary_fg_n": 39050.0,
  "summary_fg_p05": 383.50653686523435,
  "summary_fg_p95": 1021.0776733398437,
  "summary_fg_stdv": 199.97251892089844,
  "tsnr": 51.55757979257032
}