{
  "aor": 0.006296602316602317,
  "aqi": 0.0085077438996139,
  "bids_meta": {
    "AcquisitionDateTime": "2016-06-09T16:01:52.750000",
    "AcquisitionMatrixPE": 64,
    "AcquisitionNumber": 1,
    "AcquisitionTime": "16:01:52.750000",
    "BaseResolution": 64,
    "ConversionSoftware": "dcm2niix",
    "ConversionSoftwareVersion": "v1.0.20180622 (JP2:OpenJPEG) GCC6.1.0",
    "DeviceSerialNumber": "35437",
    "DwellTime": 3.4e-06,
    "EchoTime": 0.03,
    "EffectiveEchoSpacing": 6.009615385e-05,
    "FlipAngle": 90,
    "ImageOrientationPatientDICOM": [
      1,
      0,
      0,
      0,
      0.866025,
      -0.5
    ],
    "ImageType": [
      "ORIGINAL",
      "PRIMARY",
      "M",
      "ND",
      "MOSAIC"
    ],
    "InPlanePhaseEncodingDirectionDICOM": "COL",
    "InstitutionAddress": "Queen_Square_12_London_Southeast_GB_WC1N_3BG",
    "InstitutionName": "Functional_Imaging_Laboratory",
    "InstitutionalDepartmentName": "Department",
    "MRAcquisitionType": "2D",
    "MagneticFieldStrength": 3,
    "Manufacturer": "Siemens",
    "ManufacturersModelName": "TrioTim",
    "Modality": "MR",
    "PartialFourier": 1,
    "PatientID": "MQ03657",
    "PatientName": "MQ03657",
    "PatientPosition": "HFS",
    "PatientSex": "",
    "PercentPhaseFOV": 100,
    "PhaseEncodingDirection": "j-",
    "PhaseEncodingSteps": 74,
    "PhaseOversampling": 0.13,
    "PhaseResolution": 1,
    "PixelBandwidth": 2298,
    "ProcedureStepDescription": "FIL_Johan_Carlin",
    "ProtocolName": "al_mepi2d_3mm_v1a_standard",
    "PulseSequenceDetails": "%CustomerSeq%_al_mepi2d_3mm_v1a",
    "ReceiveCoilName": "32Ch_Head",
    "ReconMatrixPE": 64,
    "RepetitionTime": 2.8,
    "SAR": 0.194718,
    "ScanOptions": "FS",
    "ScanningSequence": "RM",
    "SequenceName": "alepi2d2d1",
    "SequenceVariant": "SP_OSP",
    "SeriesDescription": "al_mepi2d_3mm_v1a_standard",
    "SeriesInstanceUID": "1.3.12.2.1107.5.2.32.35437.2016060916000679098158236.0.0.0",
    "SeriesNumber": 9,
    "ShimSetting": [
      49,
      -4197,
      414,
      714,
      -21,
      -381,
      386,
      109
    ],
    "SliceThickness": 2.5,
    "SliceTiming": [
      0,
      0.0725,
      0.1425,
      0.2125,
      0.2825,
      0.3525,
      0.4225,
      0.4925,
      0.5625,
      0.6325,
      0.705,
      0.775,
      0.845,
      0.915,
      0.985,
      1.055,
      1.125,
      1.195,
      1.265,
      1.3375,
      1.4075,
      1.4775,
      1.5475,
      1.6175,
      1.6875,
      1.7575,
      1.8275,
      1.9,
      1.97,
      2.04,
      2.11,
      2.18,
      2.25,
      2.32,
      2.39,
      2.46,
      2.5325,
      2.6025,
      2.6725,
      2.7425
    ],
    "SoftwareVersions": "syngo_MR_B17",
    "SpacingBetweenSlices": 3,
    "StationName": "MRC35437",
    "StudyID": "1",
    "StudyInstanceUID": "1.3.12.2.1107.5.2.32.35437.30000016060907584712000000007",
    "TaskName": "exemplarLocaliser",
    "TxRefAmp": 306.617,
    "dataset": "ds004009",
    "modality": "bold",
    "subject_id": "16",
    "task_id": "exemplarLocaliser"
  },
  "dummy_trs": 3,
  "dvars_nstd": 35.28281726372092,
  "dvars_std": 1.1891456277906978,
  "dvars_vstd": 0.9911677128294577,
  "efc": 0.59550473583861,
  "fber": 314.1788635253906,
  "fd_mean": 0.2586457045245581,
  "fd_num": 124,
  "fd_perc": 47.87644787644788,
  "fwhm_avg": 2.4093433333333336,
  "fwhm_x": 2.3342433333333332,
  "fwhm_y": 2.31618,
  "fwhm_z": 2.5776066666666666,
  "gcor": 0.0180181,
  "gsr_x": -0.003520573489367962,
  "gsr_y": 0.026477836072444916,
  "provenance": {
    "md5sum": "e8d0956346e8dc797ae6316d7c11dcad",
    "settings": {
      "fd_thres": 0.2,
      "testing": false
    },
    "software": "mriqc",
    "version": "23.0.1",
    "webapi_port": null,
    "webapi_url": "https://mriqc.nimh.nih.gov/api/v1"
  },
  "size_t": 259,
  "size_x": 64,
  "size_y": 64,
  "size_z": 40,
  "snr": 3.0725962458300065,
  "spacing_tr": 2.799999952316284,
  "spacing_x": 3.0,
  "spacing_y": 3.0,
  "spacing_z": 3.0,
  "summary_bg_k": 19.726309233456266,
  "summary_bg_mad": 12.513389743127446,
  "summary_bg_mean": 56.16823959350586,
  "summary_bg_median": 33.621620178222656,
  "summary_bg_n": 87737.0,
  "summary_bg_p05": 23.555984497070312,
  "summary_bg_p95": 165.59150085449218,
  "summary_bg_stdv": 59.35735321044922,
  "summary_fg_k": 1.4048864493224,
  "summary_fg_mad": 180.7400150442856,
  "summary_fg_mean": 640.2366333007812,
  "summary_fg_median": 605.2355346679688,
  "summary_fg_n": 39153.0,
  "summary_fg_p05": 382.9961242675781,
  "summary_fg_p95": 1011.0185302734377,
  "summary_fg_stdv": 196.9760284423828,
  "tsnr": 39.58614346990362
}