{
  "aor": 0.0052415384615384615,
  "aqi": 0.010246122576923079,
  "bids_meta": {
    "AcquisitionDateTime": "2016-06-09T16:15:38.570000",
    "AcquisitionMatrixPE": 64,
    "AcquisitionNumber": 1,
    "AcquisitionTime": "16:15:38.570000",
    "BaseResolution": 64,
    "ConversionSoftware": "dcm2niix",
    "ConversionSoftwareVersion": "v1.0.20180622 (JP2:OpenJPEG) GCC6.1.0",
    "DeviceSerialNumber": "35437",
    "DwellTime": 3.4e-06,
    "EchoTime": 0.03,
    "EffectiveEchoSpacing": 6.009615385e-05,
    "FlipAngle": 90,
    "ImageOrientationPatientDICOM": [
      1,
      0,
      0,
      0,
      0.866025,
      -0.5
    ],
    "ImageType": [
      "ORIGINAL",
      "PRIMARY",
      "M",
      "ND",
      "MOSAIC"
    ],
    "InPlanePhaseEncodingDirectionDICOM": "COL",
    "InstitutionAddress": "Queen_Square_12_London_Southeast_GB_WC1N_3BG",
    "InstitutionName": "Functional_Imaging_Laboratory",
    "InstitutionalDepartmentName": "Department",
    "MRAcquisitionType": "2D",
    "MagneticFieldStrength": 3,
    "Manufacturer": "Siemens",
    "ManufacturersModelName": "TrioTim",
    "Modality": "MR",
    "PartialFourier": 1,
    "PatientID": "MQ03657",
    "PatientName": "MQ03657",
    "PatientPosition": "HFS",
    "PatientSex": "",
    "PercentPhaseFOV": 100,
    "PhaseEncodingDirection": "j-",
    "PhaseEncodingSteps": 74,
    "PhaseOversampling": 0.13,
    "PhaseResolution": 1,
    "PixelBandwidth": 2298,
    "ProcedureStepDescription": "FIL_Johan_Carlin",
    "ProtocolName": "al_mepi2d_3mm_v1a_standard",
    "PulseSequenceDetails": "%CustomerSeq%_al_mepi2d_3mm_v1a",
    "ReceiveCoilName": "32Ch_Head",
    "ReconMatrixPE": 64,
    "RepetitionTime": 2.8,
    "SAR": 0.194718,
    "ScanOptions": "FS",
    "ScanningSequence": "RM",
    "SequenceName": "alepi2d2d1",
    "SequenceVariant": "SP_OSP",
    "SeriesDescription": "al_mepi2d_3mm_v1a_standard",
    "SeriesInstanceUID": "1.3.12.2.1107.5.2.32.35437.2016060916140926864790206.0.0.0",
    "SeriesNumber": 10,
    "ShimSetting": [
      49,
      -4197,
      414,
      714,
      -21,
      -381,
      386,
      109
    ],
    "SliceThickness": 2.5,
    "SliceTiming": [
      0,
      0.07,
      0.14,
      0.21,
      0.2825,
      0.3525,
      0.4225,
      0.4925,
      0.5625,
      0.6325,
      0.7025,
      0.7725,
      0.8425,
      0.915,
      0.985,
      1.055,
      1.125,
      1.195,
      1.265,
      1.335,
      1.405,
      1.475,
      1.5475,
      1.6175,
      1.6875,
      1.7575,
      1.8275,
      1.8975,
      1.9675,
      2.0375,
      2.1075,
      2.18,
      2.25,
      2.32,
      2.39,
      2.46,
      2.53,
      2.6,
      2.67,
      2.74
    ],
    "SoftwareVersions": "syngo_MR_B17",
    "SpacingBetweenSlices": 3,
    "StationName": "MRC35437",
    "StudyID": "1",
    "StudyInstanceUID": "1.3.12.2.1107.5.2.32.35437.30000016060907584712000000007",
    "TaskName": "motionLocaliser",
    "TxRefAmp": 306.617,
    "dataset": "ds004009",
    "modality": "bold",
    "subject_id": "16",
    "task_id": "motionLocaliser"
  },
  "dummy_trs": 2,
  "dvars_nstd": 40.48093107988417,
  "dvars_std": 1.1665191869498075,
  "dvars_vstd": 0.9764853968725871,
  "efc": 0.5954328994605582,
  "fber": 309.8664855957031,
  "fd_mean": 0.3860676587155935,
  "fd_num": 169,
  "fd_perc": 65.0,
  "fwhm_avg": 2.4313177777777777,
  "fwhm_x": 2.37145,
  "fwhm_y": 2.3538033333333335,
  "fwhm_z": 2.5687,
  "gcor": 0.0196923,
  "gsr_x": -0.003217252902686596,
  "gsr_y": 0.027279742062091827,
  "provenance": {
    "md5sum": "5d3d7c30dde69d23fda29fb20113c027",
    "settings": {
      "fd_thres": 0.2,
      "testing": false
    },
    "software": "mriqc",
    "version": "23.0.1",
    "webapi_port": null,
    "webapi_url": "https://mriqc.nimh.nih.gov/api/v1"
  },
  "size_t": 260,
  "size_x": 64,
  "size_y": 64,
  "size_z": 40,
  "snr": 3.075495114030113,
  "spacing_tr": 2.799999952316284,
  "spacing_x": 3.0,
  "spacing_y": 3.0,
  "spacing_z": 3.0,
  "summary_bg_k": 19.60412878004821,
  "summary_bg_mad": 12.938558211897542,
  "summary_bg_mean": 57.108795166015625,
  "summary_bg_median": 34.07307815551758,
  "summary_bg_n": 87877.0,
  "summary_bg_p05": 23.753847122192383,
  "summary_bg_p95": 170.19615173339844,
  "summary_bg_stdv": 60.54431915283203,
  "summary_fg_k": 1.4183027296929858,
  "summary_fg_mad": 180.73490231080504,
  "summary_fg_mean": 640.691650390625,
  "summary_fg_median": 605.7922973632812,
  "summary_fg_n": 39081.0,
  "summary_fg_p05": 383.8115539550781,
  "summary_fg_p95": 1012.8345947265625,
  "summary_fg_stdv": 196.9713897705078,
  "tsnr": 33.388128933962435
}