{
  "aor": 0.0014788846153846154,
  "aqi": 0.004010977653846154,
  "bids_meta": {
    "AcquisitionDateTime": "2016-06-09T15:17:14.495000",
    "AcquisitionMatrixPE": 64,
    "AcquisitionNumber": 1,
    "AcquisitionTime": "15:17:14.495000",
    "BaseResolution": 64,
    "ConversionSoftware": "dcm2niix",
    "ConversionSoftwareVersion": "v1.0.20180622 (JP2:OpenJPEG) GCC6.1.0",
    "DeviceSerialNumber": "35437",
    "DwellTime": 3.4e-06,
    "EchoTime": 0.03,
    "EffectiveEchoSpacing": 6.009615385e-05,
    "FlipAngle": 90,
    "ImageOrientationPatientDICOM": [
      1,
      0,
      0,
      0,
      0.866025,
      -0.5
    ],
    "ImageType": [
      "ORIGINAL",
      "PRIMARY",
      "M",
      "ND",
      "MOSAIC"
    ],
    "InPlanePhaseEncodingDirectionDICOM": "COL",
    "InstitutionAddress": "Queen_Square_12_London_Southeast_GB_WC1N_3BG",
    "InstitutionName": "Functional_Imaging_Laboratory",
    "InstitutionalDepartmentName": "Department",
    "MRAcquisitionType": "2D",
    "MagneticFieldStrength": 3,
    "Manufacturer": "Siemens",
    "ManufacturersModelName": "TrioTim",
    "Modality": "MR",
    "PartialFourier": 1,
    "PatientID": "MQ03657",
    "PatientName": "MQ03657",
    "PatientPosition": "HFS",
    "PatientSex": "",
    "PercentPhaseFOV": 100,
    "PhaseEncodingDirection": "j-",
    "PhaseEncodingSteps": 74,
    "PhaseOversampling": 0.13,
    "PhaseResolution": 1,
    "PixelBandwidth": 2298,
    "ProcedureStepDescription": "FIL_Johan_Carlin",
    "ProtocolName": "al_mepi2d_3mm_v1a_standard",
    "PulseSequenceDetails": "%CustomerSeq%_al_mepi2d_3mm_v1a",
    "ReceiveCoilName": "32Ch_Head",
    "ReconMatrixPE": 64,
    "RepetitionTime": 2.8,
    "SAR": 0.194718,
    "ScanOptions": "FS",
    "ScanningSequence": "RM",
    "SequenceName": "alepi2d2d1",
    "SequenceVariant": "SP_OSP",
    "SeriesDescription": "al_mepi2d_3mm_v1a_standard",
    "SeriesInstanceUID": "1.3.12.2.1107.5.2.32.35437.2016060915111044072961661.0.0.0",
    "SeriesNumber": 5,
    "ShimSetting": [
      49,
      -4197,
      414,
      714,
      -21,
      -381,
      386,
      109
    ],
    "SliceThickness": 2.5,
    "SliceTiming": [
      0,
      0.07,
      0.14,
      0.21,
      0.28,
      0.35,
      0.42,
      0.49,
      0.56,
      0.6325,
      0.7025,
      0.7725,
      0.8425,
      0.9125,
      0.9825,
      1.0525,
      1.1225,
      1.1925,
      1.265,
      1.335,
      1.405,
      1.475,
      1.545,
      1.615,
      1.685,
      1.755,
      1.825,
      1.8975,
      1.9675,
      2.0375,
      2.1075,
      2.1775,
      2.2475,
      2.3175,
      2.3875,
      2.4575,
      2.53,
      2.6,
      2.67,
      2.74
    ],
    "SoftwareVersions": "syngo_MR_B17",
    "SpacingBetweenSlices": 3,
    "StationName": "MRC35437",
    "StudyID": "1",
    "StudyInstanceUID": "1.3.12.2.1107.5.2.32.35437.30000016060907584712000000007",
    "TaskName": "memsamp",
    "TxRefAmp": 306.617,
    "dataset": "ds004009",
    "modality": "bold",
    "run_id": 1,
    "subject_id": "16",
    "task_id": "memsamp"
  },
  "dummy_trs": 2,
  "dvars_nstd": 25.793448687876435,
  "dvars_std": 1.267775777374517,
  "dvars_vstd": 0.9427018110810804,
  "efc": 0.5912866845662327,
  "fber": 329.2813415527344,
  "fd_mean": 0.062467740346522554,
  "fd_num": 7,
  "fd_perc": 2.6923076923076925,
  "fwhm_avg": 2.4539644444444444,
  "fwhm_x": 2.3732366666666667,
  "fwhm_y": 2.3670133333333334,
  "fwhm_z": 2.6216433333333335,
  "gcor": 0.0187637,
  "gsr_x": -0.007494620978832245,
  "gsr_y": 0.0274745374917984,
  "provenance": {
    "md5sum": "7cc425f6836f1052841cbf49e40f0a52",
    "settings": {
      "fd_thres": 0.2,
      "testing": false
    },
    "software": "mriqc",
    "version": "23.0.1",
    "webapi_port": null,
    "webapi_url": "https://mriqc.nimh.nih.gov/api/v1"
  },
  "size_t": 260,
  "size_x": 64,
  "size_y": 64,
  "size_z": 40,
  "snr": 3.0615890994305475,
  "spacing_tr": 2.799999952316284,
  "spacing_x": 3.0,
  "spacing_y": 3.0,
  "spacing_z": 3.0,
  "summary_bg_k": 18.13474663220313,
  "summary_bg_mad": 11.615615801086998,
  "summary_bg_mean": 54.97446823120117,
  "summary_bg_median": 33.023075103759766,
  "summary_bg_n": 88463.0,
  "summary_bg_p05": 24.28076934814453,
  "summary_bg_p95": 162.71268615722641,
  "summary_bg_stdv": 56.9655876159668,
  "summary_fg_k": 1.3600840601265585,
  "summary_fg_mad": 183.35513297416526,
  "summary_fg_mean": 645.1697387695312,
  "summary_fg_median": 609.7557373046875,
  "summary_fg_n": 38760.0,
  "summary_fg_p05": 384.9992309570313,
  "summary_fg_p95": 1019.8315216064449,
  "summary_fg_stdv": 199.16058349609375,
  "tsnr": 60.35684007802047
}