{
  "aor": 0.005175576923076923,
  "aqi": 0.00871110496153846,
  "bids_meta": {
    "AcquisitionDateTime": "2016-06-09T16:29:33.627500",
    "AcquisitionMatrixPE": 64,
    "AcquisitionNumber": 1,
    "AcquisitionTime": "16:29:33.627500",
    "BaseResolution": 64,
    "ConversionSoftware": "dcm2niix",
    "ConversionSoftwareVersion": "v1.0.20180622 (JP2:OpenJPEG) GCC6.1.0",
    "DeviceSerialNumber": "35437",
    "DwellTime": 3.4e-06,
    "EchoTime": 0.03,
    "EffectiveEchoSpacing": 6.009615385e-05,
    "FlipAngle": 90,
    "ImageOrientationPatientDICOM": [
      1,
      0,
      0,
      0,
      0.866025,
      -0.5
    ],
    "ImageType": [
      "ORIGINAL",
      "PRIMARY",
      "M",
      "ND",
      "MOSAIC"
    ],
    "InPlanePhaseEncodingDirectionDICOM": "COL",
    "InstitutionAddress": "Queen_Square_12_London_Southeast_GB_WC1N_3BG",
    "InstitutionName": "Functional_Imaging_Laboratory",
    "InstitutionalDepartmentName": "Department",
    "MRAcquisitionType": "2D",
    "MagneticFieldStrength": 3,
    "Manufacturer": "Siemens",
    "ManufacturersModelName": "TrioTim",
    "Modality": "MR",
    "PartialFourier": 1,
    "PatientID": "MQ03657",
    "PatientName": "MQ03657",
    "PatientPosition": "HFS",
    "PatientSex": "",
    "PercentPhaseFOV": 100,
    "PhaseEncodingDirection": "j-",
    "PhaseEncodingSteps": 74,
    "PhaseOversampling": 0.13,
    "PhaseResolution": 1,
    "PixelBandwidth": 2298,
    "ProcedureStepDescription": "FIL_Johan_Carlin",
    "ProtocolName": "al_mepi2d_3mm_v1a_standard",
    "PulseSequenceDetails": "%CustomerSeq%_al_mepi2d_3mm_v1a",
    "ReceiveCoilName": "32Ch_Head",
    "ReconMatrixPE": 64,
    "RepetitionTime": 2.8,
    "SAR": 0.194718,
    "ScanOptions": "FS",
    "ScanningSequence": "RM",
    "SequenceName": "alepi2d2d1",
    "SequenceVariant": "SP_OSP",
    "SeriesDescription": "al_mepi2d_3mm_v1a_standard",
    "SeriesInstanceUID": "1.3.12.2.1107.5.2.32.35437.2016060916283465148122182.0.0.0",
    "SeriesNumber": 11,
    "ShimSetting": [
      49,
      -4197,
      414,
      714,
      -21,
      -381,
      386,
      109
    ],
    "SliceThickness": 2.5,
    "SliceTiming": [
      0,
      0.07,
      0.14,
      0.21,
      0.28,
      0.35,
      0.42,
      0.4925,
      0.5625,
      0.6325,
      0.7025,
      0.7725,
      0.8425,
      0.9125,
      0.9825,
      1.0525,
      1.125,
      1.195,
      1.265,
      1.335,
      1.405,
      1.475,
      1.545,
      1.615,
      1.685,
      1.7575,
      1.8275,
      1.8975,
      1.9675,
      2.0375,
      2.1075,
      2.1775,
      2.2475,
      2.3175,
      2.39,
      2.46,
      2.53,
      2.6,
      2.67,
      2.74
    ],
    "SoftwareVersions": "syngo_MR_B17",
    "SpacingBetweenSlices": 3,
    "StationName": "MRC35437",
    "StudyID": "1",
    "StudyInstanceUID": "1.3.12.2.1107.5.2.32.35437.30000016060907584712000000007",
    "TaskName": "memsamp",
    "TxRefAmp": 306.617,
    "dataset": "ds004009",
    "modality": "bold",
    "run_id": 4,
    "subject_id": "16",
    "task_id": "memsamp"
  },
  "dummy_trs": 2,
  "dvars_nstd": 32.122816387992266,
  "dvars_std": 1.1276117925096525,
  "dvars_vstd": 0.9242486187258684,
  "efc": 0.596057624773462,
  "fber": 304.9593811035156,
  "fd_mean": 0.23395511365882374,
  "fd_num": 105,
  "fd_perc": 40.38461538461539,
  "fwhm_avg": 2.44737,
  "fwhm_x": 2.384046666666667,
  "fwhm_y": 2.3614666666666664,
  "fwhm_z": 2.5965966666666667,
  "gcor": 0.0124714,
  "gsr_x": -0.003013314912095666,
  "gsr_y": 0.027093570679426193,
  "provenance": {
    "md5sum": "e957f4aa562ca6d1cf5b5321a2c84993",
    "settings": {
      "fd_thres": 0.2,
      "testing": false
    },
    "software": "mriqc",
    "version": "23.0.1",
    "webapi_port": null,
    "webapi_url": "https://mriqc.nimh.nih.gov/api/v1"
  },
  "size_t": 260,
  "size_x": 64,
  "size_y": 64,
  "size_z": 40,
  "snr": 3.060042573405451,
  "spacing_tr": 2.799999952316284,
  "spacing_x": 3.0,
  "spacing_y": 3.0,
  "spacing_z": 3.0,
  "summary_bg_k": 20.069848113458153,
  "summary_bg_mad": 13.255033020937299,
  "summary_bg_mean": 57.92177963256836,
  "summary_bg_median": 34.42499923706055,
  "summary_bg_n": 87974.0,
  "summary_bg_p05": 23.80769157409668,
  "summary_bg_p95": 172.25288391113264,
  "summary_bg_stdv": 61.789817810058594,
  "summary_fg_k": 1.454368821226245,
  "summary_fg_mad": 182.86756823092134,
  "summary_fg_mean": 642.61962890625,
  "summary_fg_median": 608.4749755859375,
  "summary_fg_n": 38954.0,
  "summary_fg_p05": 382.15960693359375,
  "summary_fg_p95": 1015.6975128173829,
  "summary_fg_stdv": 198.84271240234375,
  "tsnr": 37.827628393191844
}