{
  "aor": 0.0019176923076923073,
  "aqi": 0.004161010346153847,
  "bids_meta": {
    "AcquisitionDateTime": "2016-09-21T11:54:51.865000",
    "AcquisitionMatrixPE": 64,
    "AcquisitionNumber": 1,
    "AcquisitionTime": "11:54:51.865000",
    "BaseResolution": 64,
    "ConversionSoftware": "dcm2niix",
    "ConversionSoftwareVersion": "v1.0.20180622 (JP2:OpenJPEG) GCC6.1.0",
    "DeviceSerialNumber": "35437",
    "DwellTime": 3.4e-06,
    "EchoTime": 0.03,
    "EffectiveEchoSpacing": 6.009615385e-05,
    "FlipAngle": 90,
    "ImageOrientationPatientDICOM": [
      1,
      0,
      0,
      0,
      0.866025,
      -0.5
    ],
    "ImageType": [
      "ORIGINAL",
      "PRIMARY",
      "M",
      "ND",
      "MOSAIC"
    ],
    "InPlanePhaseEncodingDirectionDICOM": "COL",
    "InstitutionAddress": "Queen_Square_12_London_Southeast_GB_WC1N_3BG",
    "InstitutionName": "WTCN",
    "InstitutionalDepartmentName": "Department",
    "MRAcquisitionType": "2D",
    "MagneticFieldStrength": 3,
    "Manufacturer": "Siemens",
    "ManufacturersModelName": "TrioTim",
    "Modality": "MR",
    "PartialFourier": 1,
    "PatientID": "MQ03786",
    "PatientName": "MQ03786",
    "PatientPosition": "HFS",
    "PatientSex": "",
    "PercentPhaseFOV": 100,
    "PhaseEncodingDirection": "j-",
    "PhaseEncodingSteps": 74,
    "PhaseOversampling": 0.13,
    "PhaseResolution": 1,
    "PixelBandwidth": 2298,
    "ProcedureStepDescription": "FIL_Johan_Carlin",
    "ProtocolName": "al_mepi2d_3mm_v1a_standard",
    "PulseSequenceDetails": "%CustomerSeq%_al_mepi2d_3mm_v1a",
    "ReceiveCoilName": "32Ch_Head",
    "ReconMatrixPE": 64,
    "RepetitionTime": 2.8,
    "SAR": 0.181301,
    "ScanOptions": "FS",
    "ScanningSequence": "RM",
    "SequenceName": "alepi2d2d1",
    "SequenceVariant": "SP_OSP",
    "SeriesDescription": "al_mepi2d_3mm_v1a_standard",
    "SeriesInstanceUID": "1.3.12.2.1107.5.2.32.35437.2016092111540017684409459.0.0.0",
    "SeriesNumber": 7,
    "ShimSetting": [
      110,
      -3864,
      309,
      343,
      42,
      279,
      -168,
      145
    ],
    "SliceThickness": 2.5,
    "SliceTiming": [
      0,
      0.07,
      0.14,
      0.21,
      0.28,
      0.35,
      0.42,
      0.49,
      0.56,
      0.6325,
      0.7025,
      0.7725,
      0.8425,
      0.9125,
      0.9825,
      1.0525,
      1.1225,
      1.1925,
      1.265,
      1.335,
      1.405,
      1.475,
      1.545,
      1.615,
      1.685,
      1.755,
      1.825,
      1.8975,
      1.9675,
      2.0375,
      2.1075,
      2.1775,
      2.2475,
      2.3175,
      2.3875,
      2.4575,
      2.53,
      2.6,
      2.67,
      2.74
    ],
    "SoftwareVersions": "syngo_MR_B17",
    "SpacingBetweenSlices": 3,
    "StationName": "MRC35437",
    "StudyID": "1",
    "StudyInstanceUID": "1.3.12.2.1107.5.2.32.35437.30000016092109005445600000004",
    "TaskName": "memsamp",
    "TxRefAmp": 308.027,
    "dataset": "ds004009",
    "modality": "bold",
    "run_id": 3,
    "subject_id": "28",
    "task_id": "memsamp"
  },
  "dummy_trs": 2,
  "dvars_nstd": 20.411632180694983,
  "dvars_std": 1.1047405071814673,
  "dvars_vstd": 0.970634265945946,
  "efc": 0.5833448966788416,
  "fber": 334.75738525390625,
  "fd_mean": 0.060672380997441114,
  "fd_num": 7,
  "fd_perc": 2.6923076923076925,
  "fwhm_avg": 2.585277777777778,
  "fwhm_x": 2.5060933333333333,
  "fwhm_y": 2.5582,
  "fwhm_z": 2.69154,
  "gcor": 0.0356258,
  "gsr_x": -0.00040555058512836695,
  "gsr_y": 0.060625817626714706,
  "provenance": {
    "md5sum": "dbff1dc3d32c80de8d992cb16e27d247",
    "settings": {
      "fd_thres": 0.2,
      "testing": false
    },
    "software": "mriqc",
    "version": "23.0.1",
    "webapi_port": null,
    "webapi_url": "https://mriqc.nimh.nih.gov/api/v1"
  },
  "size_t": 260,
  "size_x": 64,
  "size_y": 64,
  "size_z": 40,
  "snr": 2.928630302186701,
  "spacing_tr": 2.799999952316284,
  "spacing_x": 3.0,
  "spacing_y": 3.0,
  "spacing_z": 3.0,
  "summary_bg_k": 47.29881573949726,
  "summary_bg_mad": 7.903409330765018,
  "summary_bg_mean": 53.84727478027344,
  "summary_bg_median": 29.38846206665039,
  "summary_bg_n": 90587.0,
  "summary_bg_p05": 23.60769271850586,
  "summary_bg_p95": 166.32691955566395,
  "summary_bg_stdv": 75.01110076904297,
  "summary_fg_k": 1.7808620209166337,
  "summary_fg_mad": 162.45045526686496,
  "summary_fg_mean": 579.2217407226562,
  "summary_fg_median": 544.6384887695312,
  "summary_fg_n": 36536.0,
  "summary_fg_p05": 347.3461608886719,
  "summary_fg_p95": 940.3346099853516,
  "summary_fg_stdv": 185.96783447265625,
  "tsnr": 62.98779528494924
}