{
  "aor": 0.0014318846153846155,
  "aqi": 0.004096268730769231,
  "bids_meta": {
    "AcquisitionDateTime": "2016-09-21T11:28:24.487500",
    "AcquisitionMatrixPE": 64,
    "AcquisitionNumber": 1,
    "AcquisitionTime": "11:28:24.487500",
    "BaseResolution": 64,
    "ConversionSoftware": "dcm2niix",
    "ConversionSoftwareVersion": "v1.0.20180622 (JP2:OpenJPEG) GCC6.1.0",
    "DeviceSerialNumber": "35437",
    "DwellTime": 3.4e-06,
    "EchoTime": 0.03,
    "EffectiveEchoSpacing": 6.009615385e-05,
    "FlipAngle": 90,
    "ImageOrientationPatientDICOM": [
      1,
      0,
      0,
      0,
      0.866025,
      -0.5
    ],
    "ImageType": [
      "ORIGINAL",
      "PRIMARY",
      "M",
      "ND",
      "MOSAIC"
    ],
    "InPlanePhaseEncodingDirectionDICOM": "COL",
    "InstitutionAddress": "Queen_Square_12_London_Southeast_GB_WC1N_3BG",
    "InstitutionName": "WTCN",
    "InstitutionalDepartmentName": "Department",
    "MRAcquisitionType": "2D",
    "MagneticFieldStrength": 3,
    "Manufacturer": "Siemens",
    "ManufacturersModelName": "TrioTim",
    "Modality": "MR",
    "PartialFourier": 1,
    "PatientID": "MQ03786",
    "PatientName": "MQ03786",
    "PatientPosition": "HFS",
    "PatientSex": "",
    "PercentPhaseFOV": 100,
    "PhaseEncodingDirection": "j-",
    "PhaseEncodingSteps": 74,
    "PhaseOversampling": 0.13,
    "PhaseResolution": 1,
    "PixelBandwidth": 2298,
    "ProcedureStepDescription": "FIL_Johan_Carlin",
    "ProtocolName": "al_mepi2d_3mm_v1a_standard",
    "PulseSequenceDetails": "%CustomerSeq%_al_mepi2d_3mm_v1a",
    "ReceiveCoilName": "32Ch_Head",
    "ReconMatrixPE": 64,
    "RepetitionTime": 2.8,
    "SAR": 0.181301,
    "ScanOptions": "FS",
    "ScanningSequence": "RM",
    "SequenceName": "alepi2d2d1",
    "SequenceVariant": "SP_OSP",
    "SeriesDescription": "al_mepi2d_3mm_v1a_standard",
    "SeriesInstanceUID": "1.3.12.2.1107.5.2.32.35437.2016092111241155914645519.0.0.0",
    "SeriesNumber": 5,
    "ShimSetting": [
      110,
      -3864,
      309,
      343,
      42,
      279,
      -168,
      145
    ],
    "SliceThickness": 2.5,
    "SliceTiming": [
      0,
      0.07,
      0.14,
      0.21,
      0.28,
      0.35,
      0.42,
      0.49,
      0.56,
      0.6325,
      0.7025,
      0.7725,
      0.8425,
      0.9125,
      0.9825,
      1.0525,
      1.1225,
      1.1925,
      1.265,
      1.335,
      1.405,
      1.475,
      1.545,
      1.615,
      1.685,
      1.755,
      1.825,
      1.8975,
      1.9675,
      2.0375,
      2.1075,
      2.1775,
      2.2475,
      2.3175,
      2.3875,
      2.4575,
      2.53,
      2.6,
      2.67,
      2.74
    ],
    "SoftwareVersions": "syngo_MR_B17",
    "SpacingBetweenSlices": 3,
    "StationName": "MRC35437",
    "StudyID": "1",
    "StudyInstanceUID": "1.3.12.2.1107.5.2.32.35437.30000016092109005445600000004",
    "TaskName": "memsamp",
    "TxRefAmp": 308.027,
    "dataset": "ds004009",
    "modality": "bold",
    "run_id": 1,
    "subject_id": "28",
    "task_id": "memsamp"
  },
  "dummy_trs": 2,
  "dvars_nstd": 22.563497550617786,
  "dvars_std": 1.2124003605791507,
  "dvars_vstd": 0.9672158840540538,
  "efc": 0.5831470703454373,
  "fber": 336.56072998046875,
  "fd_mean": 0.04557959704616563,
  "fd_num": 3,
  "fd_perc": 1.1538461538461537,
  "fwhm_avg": 2.5511622222222226,
  "fwhm_x": 2.4636133333333334,
  "fwhm_y": 2.5332266666666667,
  "fwhm_z": 2.6566466666666666,
  "gcor": 0.0327564,
  "gsr_x": 0.0006334164645522833,
  "gsr_y": 0.05050015076994896,
  "provenance": {
    "md5sum": "dd68113f382754b7e4c2d4844f04ed32",
    "settings": {
      "fd_thres": 0.2,
      "testing": false
    },
    "software": "mriqc",
    "version": "23.0.1",
    "webapi_port": null,
    "webapi_url": "https://mriqc.nimh.nih.gov/api/v1"
  },
  "size_t": 260,
  "size_x": 64,
  "size_y": 64,
  "size_z": 40,
  "snr": 2.948474848163451,
  "spacing_tr": 2.799999952316284,
  "spacing_x": 3.0,
  "spacing_y": 3.0,
  "spacing_z": 3.0,
  "summary_bg_k": 49.92527972268628,
  "summary_bg_mad": 7.655359749617527,
  "summary_bg_mean": 49.90312576293945,
  "summary_bg_median": 29.140384674072266,
  "summary_bg_n": 89328.0,
  "summary_bg_p05": 23.369230270385742,
  "summary_bg_p95": 147.64614868164062,
  "summary_bg_stdv": 61.68534469604492,
  "summary_fg_k": 1.5126588080283065,
  "summary_fg_mad": 163.46264075972962,
  "summary_fg_mean": 580.1932373046875,
  "summary_fg_median": 545.9000244140625,
  "summary_fg_n": 36759.0,
  "summary_fg_p05": 347.0223022460938,
  "summary_fg_p95": 937.3445922851562,
  "summary_fg_stdv": 185.14405822753906,
  "tsnr": 64.07797074643895
}