{
  "aor": 0.0018413461538461537,
  "aqi": 0.0036823322307692305,
  "bids_meta": {
    "AcquisitionDateTime": "2016-09-21T12:21:43.717500",
    "AcquisitionMatrixPE": 64,
    "AcquisitionNumber": 1,
    "AcquisitionTime": "12:21:43.717500",
    "BaseResolution": 64,
    "ConversionSoftware": "dcm2niix",
    "ConversionSoftwareVersion": "v1.0.20180622 (JP2:OpenJPEG) GCC6.1.0",
    "DeviceSerialNumber": "35437",
    "DwellTime": 3.4e-06,
    "EchoTime": 0.03,
    "EffectiveEchoSpacing": 6.009615385e-05,
    "FlipAngle": 90,
    "ImageOrientationPatientDICOM": [
      1,
      0,
      0,
      0,
      0.866025,
      -0.5
    ],
    "ImageType": [
      "ORIGINAL",
      "PRIMARY",
      "M",
      "ND",
      "MOSAIC"
    ],
    "InPlanePhaseEncodingDirectionDICOM": "COL",
    "InstitutionAddress": "Queen_Square_12_London_Southeast_GB_WC1N_3BG",
    "InstitutionName": "WTCN",
    "InstitutionalDepartmentName": "Department",
    "MRAcquisitionType": "2D",
    "MagneticFieldStrength": 3,
    "Manufacturer": "Siemens",
    "ManufacturersModelName": "TrioTim",
    "Modality": "MR",
    "PartialFourier": 1,
    "PatientID": "MQ03786",
    "PatientName": "MQ03786",
    "PatientPosition": "HFS",
    "PatientSex": "",
    "PercentPhaseFOV": 100,
    "PhaseEncodingDirection": "j-",
    "PhaseEncodingSteps": 74,
    "PhaseOversampling": 0.13,
    "PhaseResolution": 1,
    "PixelBandwidth": 2298,
    "ProcedureStepDescription": "FIL_Johan_Carlin",
    "ProtocolName": "al_mepi2d_3mm_v1a_standard",
    "PulseSequenceDetails": "%CustomerSeq%_al_mepi2d_3mm_v1a",
    "ReceiveCoilName": "32Ch_Head",
    "ReconMatrixPE": 64,
    "RepetitionTime": 2.8,
    "SAR": 0.181301,
    "ScanOptions": "FS",
    "ScanningSequence": "RM",
    "SequenceName": "alepi2d2d1",
    "SequenceVariant": "SP_OSP",
    "SeriesDescription": "al_mepi2d_3mm_v1a_standard",
    "SeriesInstanceUID": "1.3.12.2.1107.5.2.32.35437.2016092112204322649073399.0.0.0",
    "SeriesNumber": 9,
    "ShimSetting": [
      110,
      -3864,
      309,
      343,
      42,
      279,
      -168,
      145
    ],
    "SliceThickness": 2.5,
    "SliceTiming": [
      0,
      0.07,
      0.14,
      0.21,
      0.28,
      0.35,
      0.4225,
      0.4925,
      0.5625,
      0.6325,
      0.7025,
      0.7725,
      0.8425,
      0.9125,
      0.9825,
      1.055,
      1.125,
      1.195,
      1.265,
      1.335,
      1.405,
      1.475,
      1.545,
      1.615,
      1.6875,
      1.7575,
      1.8275,
      1.8975,
      1.9675,
      2.0375,
      2.1075,
      2.1775,
      2.2475,
      2.32,
      2.39,
      2.46,
      2.53,
      2.6,
      2.67,
      2.74
    ],
    "SoftwareVersions": "syngo_MR_B17",
    "SpacingBetweenSlices": 3,
    "StationName": "MRC35437",
    "StudyID": "1",
    "StudyInstanceUID": "1.3.12.2.1107.5.2.32.35437.30000016092109005445600000004",
    "TaskName": "exemplarLocaliser",
    "TxRefAmp": 308.027,
    "dataset": "ds004009",
    "modality": "bold",
    "subject_id": "28",
    "task_id": "exemplarLocaliser"
  },
  "dummy_trs": 2,
  "dvars_nstd": 23.122561837915054,
  "dvars_std": 1.2539562524324328,
  "dvars_vstd": 0.9923564565250966,
  "efc": 0.5829663742252608,
  "fber": 335.7802734375,
  "fd_mean": 0.04814187104683638,
  "fd_num": 3,
  "fd_perc": 1.1538461538461537,
  "fwhm_avg": 2.589414444444444,
  "fwhm_x": 2.4797466666666668,
  "fwhm_y": 2.5933766666666664,
  "fwhm_z": 2.6951199999999997,
  "gcor": 0.0440948,
  "gsr_x": 0.003954669460654259,
  "gsr_y": 0.05195770412683487,
  "provenance": {
    "md5sum": "9bc5bdd13bac760d40c02d0511623f7a",
    "settings": {
      "fd_thres": 0.2,
      "testing": false
    },
    "software": "mriqc",
    "version": "23.0.1",
    "webapi_port": null,
    "webapi_url": "https://mriqc.nimh.nih.gov/api/v1"
  },
  "size_t": 260,
  "size_x": 64,
  "size_y": 64,
  "size_z": 40,
  "snr": 2.930419891891086,
  "spacing_tr": 2.799999952316284,
  "spacing_x": 3.0,
  "spacing_y": 3.0,
  "spacing_z": 3.0,
  "summary_bg_k": 47.89167383324935,
  "summary_bg_mad": 7.256198919022625,
  "summary_bg_mean": 50.18921661376953,
  "summary_bg_median": 28.957693099975586,
  "summary_bg_n": 89794.0,
  "summary_bg_p05": 23.546154022216797,
  "summary_bg_p95": 147.5863456726065,
  "summary_bg_stdv": 63.53874206542969,
  "summary_fg_k": 1.7494321256744927,
  "summary_fg_mad": 159.5964640944133,
  "summary_fg_mean": 575.3585205078125,
  "summary_fg_median": 540.0692138671875,
  "summary_fg_n": 36512.0,
  "summary_fg_p05": 346.7326965332031,
  "summary_fg_p95": 934.4296325683594,
  "summary_fg_stdv": 184.29502868652344,
  "tsnr": 67.566845593974
}