{
  "aor": 0.0012919615384615387,
  "aqi": 0.004163168461538461,
  "bids_meta": {
    "AcquisitionDateTime": "2016-09-21T11:41:40.970000",
    "AcquisitionMatrixPE": 64,
    "AcquisitionNumber": 1,
    "AcquisitionTime": "11:41:40.970000",
    "BaseResolution": 64,
    "ConversionSoftware": "dcm2niix",
    "ConversionSoftwareVersion": "v1.0.20180622 (JP2:OpenJPEG) GCC6.1.0",
    "DeviceSerialNumber": "35437",
    "DwellTime": 3.4e-06,
    "EchoTime": 0.03,
    "EffectiveEchoSpacing": 6.009615385e-05,
    "FlipAngle": 90,
    "ImageOrientationPatientDICOM": [
      1,
      0,
      0,
      0,
      0.866025,
      -0.5
    ],
    "ImageType": [
      "ORIGINAL",
      "PRIMARY",
      "M",
      "ND",
      "MOSAIC"
    ],
    "InPlanePhaseEncodingDirectionDICOM": "COL",
    "InstitutionAddress": "Queen_Square_12_London_Southeast_GB_WC1N_3BG",
    "InstitutionName": "WTCN",
    "InstitutionalDepartmentName": "Department",
    "MRAcquisitionType": "2D",
    "MagneticFieldStrength": 3,
    "Manufacturer": "Siemens",
    "ManufacturersModelName": "TrioTim",
    "Modality": "MR",
    "PartialFourier": 1,
    "PatientID": "MQ03786",
    "PatientName": "MQ03786",
    "PatientPosition": "HFS",
    "PatientSex": "",
    "PercentPhaseFOV": 100,
    "PhaseEncodingDirection": "j-",
    "PhaseEncodingSteps": 74,
    "PhaseOversampling": 0.13,
    "PhaseResolution": 1,
    "PixelBandwidth": 2298,
    "ProcedureStepDescription": "FIL_Johan_Carlin",
    "ProtocolName": "al_mepi2d_3mm_v1a_standard",
    "PulseSequenceDetails": "%CustomerSeq%_al_mepi2d_3mm_v1a",
    "ReceiveCoilName": "32Ch_Head",
    "ReconMatrixPE": 64,
    "RepetitionTime": 2.8,
    "SAR": 0.181301,
    "ScanOptions": "FS",
    "ScanningSequence": "RM",
    "SequenceName": "alepi2d2d1",
    "SequenceVariant": "SP_OSP",
    "SeriesDescription": "al_mepi2d_3mm_v1a_standard",
    "SeriesInstanceUID": "1.3.12.2.1107.5.2.32.35437.2016092111404333352477489.0.0.0",
    "SeriesNumber": 6,
    "ShimSetting": [
      110,
      -3864,
      309,
      343,
      42,
      279,
      -168,
      145
    ],
    "SliceThickness": 2.5,
    "SliceTiming": [
      0,
      0.07,
      0.14,
      0.21,
      0.28,
      0.3525,
      0.4225,
      0.4925,
      0.5625,
      0.6325,
      0.7025,
      0.7725,
      0.8425,
      0.9125,
      0.985,
      1.055,
      1.125,
      1.195,
      1.265,
      1.335,
      1.405,
      1.475,
      1.545,
      1.6175,
      1.6875,
      1.7575,
      1.8275,
      1.8975,
      1.9675,
      2.0375,
      2.1075,
      2.18,
      2.25,
      2.32,
      2.39,
      2.46,
      2.53,
      2.6,
      2.67,
      2.74
    ],
    "SoftwareVersions": "syngo_MR_B17",
    "SpacingBetweenSlices": 3,
    "StationName": "MRC35437",
    "StudyID": "1",
    "StudyInstanceUID": "1.3.12.2.1107.5.2.32.35437.30000016092109005445600000004",
    "TaskName": "memsamp",
    "TxRefAmp": 308.027,
    "dataset": "ds004009",
    "modality": "bold",
    "run_id": 2,
    "subject_id": "28",
    "task_id": "memsamp"
  },
  "dummy_trs": 2,
  "dvars_nstd": 22.65674834474904,
  "dvars_std": 1.217020087992278,
  "dvars_vstd": 0.9663658657142853,
  "efc": 0.5831427501157083,
  "fber": 339.14508056640625,
  "fd_mean": 0.045873988597000634,
  "fd_num": 5,
  "fd_perc": 1.9230769230769231,
  "fwhm_avg": 2.5505866666666663,
  "fwhm_x": 2.4667133333333333,
  "fwhm_y": 2.52852,
  "fwhm_z": 2.6565266666666667,
  "gcor": 0.0328378,
  "gsr_x": 0.0015642461366951466,
  "gsr_y": 0.04986540228128433,
  "provenance": {
    "md5sum": "29e4cedbd05e9add6e10dd25172a0906",
    "settings": {
      "fd_thres": 0.2,
      "testing": false
    },
    "software": "mriqc",
    "version": "23.0.1",
    "webapi_port": null,
    "webapi_url": "https://mriqc.nimh.nih.gov/api/v1"
  },
  "size_t": 260,
  "size_x": 64,
  "size_y": 64,
  "size_z": 40,
  "snr": 2.9475396065585815,
  "spacing_tr": 2.799999952316284,
  "spacing_x": 3.0,
  "spacing_y": 3.0,
  "spacing_z": 3.0,
  "summary_bg_k": 48.58398412705011,
  "summary_bg_mad": 7.612591507825461,
  "summary_bg_mean": 50.143646240234375,
  "summary_bg_median": 29.134614944458008,
  "summary_bg_n": 89457.0,
  "summary_bg_p05": 23.503847122192383,
  "summary_bg_p95": 149.7069213867187,
  "summary_bg_stdv": 62.18961715698242,
  "summary_fg_k": 1.57855382354471,
  "summary_fg_mad": 163.3000965559338,
  "summary_fg_mean": 581.9584350585938,
  "summary_fg_median": 547.3172607421875,
  "summary_fg_n": 36640.0,
  "summary_fg_p05": 349.1223083496094,
  "summary_fg_p95": 940.2040496826172,
  "summary_fg_stdv": 185.68360900878906,
  "tsnr": 64.04297230928205
}