{
  "aor": 0.003218429118773946,
  "aqi": 0.004618696475095786,
  "bids_meta": {
    "AcquisitionDateTime": "2016-09-21T12:08:23.985000",
    "AcquisitionMatrixPE": 64,
    "AcquisitionNumber": 1,
    "AcquisitionTime": "12:08:23.985000",
    "BaseResolution": 64,
    "ConversionSoftware": "dcm2niix",
    "ConversionSoftwareVersion": "v1.0.20180622 (JP2:OpenJPEG) GCC6.1.0",
    "DeviceSerialNumber": "35437",
    "DwellTime": 3.4e-06,
    "EchoTime": 0.03,
    "EffectiveEchoSpacing": 6.009615385e-05,
    "FlipAngle": 90,
    "ImageOrientationPatientDICOM": [
      1,
      0,
      0,
      0,
      0.866025,
      -0.5
    ],
    "ImageType": [
      "ORIGINAL",
      "PRIMARY",
      "M",
      "ND",
      "MOSAIC"
    ],
    "InPlanePhaseEncodingDirectionDICOM": "COL",
    "InstitutionAddress": "Queen_Square_12_London_Southeast_GB_WC1N_3BG",
    "InstitutionName": "WTCN",
    "InstitutionalDepartmentName": "Department",
    "MRAcquisitionType": "2D",
    "MagneticFieldStrength": 3,
    "Manufacturer": "Siemens",
    "ManufacturersModelName": "TrioTim",
    "Modality": "MR",
    "PartialFourier": 1,
    "PatientID": "MQ03786",
    "PatientName": "MQ03786",
    "PatientPosition": "HFS",
    "PatientSex": "",
    "PercentPhaseFOV": 100,
    "PhaseEncodingDirection": "j-",
    "PhaseEncodingSteps": 74,
    "PhaseOversampling": 0.13,
    "PhaseResolution": 1,
    "PixelBandwidth": 2298,
    "ProcedureStepDescription": "FIL_Johan_Carlin",
    "ProtocolName": "al_mepi2d_3mm_v1a_standard",
    "PulseSequenceDetails": "%CustomerSeq%_al_mepi2d_3mm_v1a",
    "ReceiveCoilName": "32Ch_Head",
    "ReconMatrixPE": 64,
    "RepetitionTime": 2.8,
    "SAR": 0.181301,
    "ScanOptions": "FS",
    "ScanningSequence": "RM",
    "SequenceName": "alepi2d2d1",
    "SequenceVariant": "SP_OSP",
    "SeriesDescription": "al_mepi2d_3mm_v1a_standard",
    "SeriesInstanceUID": "1.3.12.2.1107.5.2.32.35437.2016092112071627766941429.0.0.0",
    "SeriesNumber": 8,
    "ShimSetting": [
      110,
      -3864,
      309,
      343,
      42,
      279,
      -168,
      145
    ],
    "SliceThickness": 2.5,
    "SliceTiming": [
      0,
      0.07,
      0.14,
      0.21,
      0.28,
      0.3525,
      0.4225,
      0.4925,
      0.5625,
      0.6325,
      0.7025,
      0.7725,
      0.8425,
      0.9125,
      0.985,
      1.055,
      1.125,
      1.195,
      1.265,
      1.335,
      1.405,
      1.475,
      1.545,
      1.6175,
      1.6875,
      1.7575,
      1.8275,
      1.8975,
      1.9675,
      2.0375,
      2.1075,
      2.1775,
      2.25,
      2.32,
      2.39,
      2.46,
      2.53,
      2.6,
      2.67,
      2.74
    ],
    "SoftwareVersions": "syngo_MR_B17",
    "SpacingBetweenSlices": 3,
    "StationName": "MRC35437",
    "StudyID": "1",
    "StudyInstanceUID": "1.3.12.2.1107.5.2.32.35437.30000016092109005445600000004",
    "TaskName": "motionLocaliser",
    "TxRefAmp": 308.027,
    "dataset": "ds004009",
    "modality": "bold",
    "subject_id": "28",
    "task_id": "motionLocaliser"
  },
  "dummy_trs": 1,
  "dvars_nstd": 21.494267980615355,
  "dvars_std": 1.1883340367307693,
  "dvars_vstd": 0.9917982941153844,
  "efc": 0.5829024750134553,
  "fber": 335.5947570800781,
  "fd_mean": 0.05419278175084664,
  "fd_num": 8,
  "fd_perc": 3.0651340996168583,
  "fwhm_avg": 2.559944444444444,
  "fwhm_x": 2.4753866666666666,
  "fwhm_y": 2.5534166666666667,
  "fwhm_z": 2.65103,
  "gcor": 0.0303437,
  "gsr_x": 0.003100384259596467,
  "gsr_y": 0.051079172641038895,
  "provenance": {
    "md5sum": "e10439c57a4dce23f4f5ba3d97a3e4ff",
    "settings": {
      "fd_thres": 0.2,
      "testing": false
    },
    "software": "mriqc",
    "version": "23.0.1",
    "webapi_port": null,
    "webapi_url": "https://mriqc.nimh.nih.gov/api/v1"
  },
  "size_t": 261,
  "size_x": 64,
  "size_y": 64,
  "size_z": 40,
  "snr": 2.9310143368436257,
  "spacing_tr": 2.799999952316284,
  "spacing_x": 3.0,
  "spacing_y": 3.0,
  "spacing_z": 3.0,
  "summary_bg_k": 47.42833636268854,
  "summary_bg_mad": 7.702714746777665,
  "summary_bg_mean": 50.370086669921875,
  "summary_bg_median": 29.20689582824707,
  "summary_bg_n": 89630.0,
  "summary_bg_p05": 23.32950210571289,
  "summary_bg_p95": 148.8624435424805,
  "summary_bg_stdv": 63.013004302978516,
  "summary_fg_k": 1.748397400837998,
  "summary_fg_mad": 161.66612575460317,
  "summary_fg_mean": 578.12451171875,
  "summary_fg_median": 543.6398315429688,
  "summary_fg_n": 36609.0,
  "summary_fg_p05": 346.7248962402344,
  "summary_fg_p95": 938.1294921875,
  "summary_fg_stdv": 185.47586059570312,
  "tsnr": 59.30603812262416
}