{
  "aor": 0.0024881538461538465,
  "aqi": 0.007239864153846154,
  "bids_meta": {
    "AcquisitionDateTime": "2016-06-20T14:58:57.225000",
    "AcquisitionMatrixPE": 64,
    "AcquisitionNumber": 1,
    "AcquisitionTime": "14:58:57.225000",
    "BaseResolution": 64,
    "ConversionSoftware": "dcm2niix",
    "ConversionSoftwareVersion": "v1.0.20180622 (JP2:OpenJPEG) GCC6.1.0",
    "DeviceSerialNumber": "35437",
    "DwellTime": 3.4e-06,
    "EchoTime": 0.03,
    "EffectiveEchoSpacing": 6.009615385e-05,
    "FlipAngle": 90,
    "ImageOrientationPatientDICOM": [
      1,
      0,
      0,
      0,
      0.866025,
      -0.5
    ],
    "ImageType": [
      "ORIGINAL",
      "PRIMARY",
      "M",
      "ND",
      "MOSAIC"
    ],
    "InPlanePhaseEncodingDirectionDICOM": "COL",
    "InstitutionAddress": "Queen_Square_12_London_Southeast_GB_WC1N_3BG",
    "InstitutionName": "FIL",
    "InstitutionalDepartmentName": "Department",
    "MRAcquisitionType": "2D",
    "MagneticFieldStrength": 3,
    "Manufacturer": "Siemens",
    "ManufacturersModelName": "TrioTim",
    "Modality": "MR",
    "PartialFourier": 1,
    "PatientID": "MQ03669",
    "PatientName": "MQ03669",
    "PatientPosition": "HFS",
    "PatientSex": "",
    "PercentPhaseFOV": 100,
    "PhaseEncodingDirection": "j-",
    "PhaseEncodingSteps": 74,
    "PhaseOversampling": 0.13,
    "PhaseResolution": 1,
    "PixelBandwidth": 2298,
    "ProcedureStepDescription": "FIL_Johan_Carlin",
    "ProtocolName": "al_mepi2d_3mm_v1a_standard",
    "PulseSequenceDetails": "%CustomerSeq%_al_mepi2d_3mm_v1a",
    "ReceiveCoilName": "32Ch_Head",
    "ReconMatrixPE": 64,
    "RepetitionTime": 2.8,
    "SAR": 0.181764,
    "ScanOptions": "FS",
    "ScanningSequence": "RM",
    "SequenceName": "alepi2d2d1",
    "SequenceVariant": "SP_OSP",
    "SeriesDescription": "al_mepi2d_3mm_v1a_standard",
    "SeriesInstanceUID": "1.3.12.2.1107.5.2.32.35437.2016062014572261657389497.0.0.0",
    "SeriesNumber": 7,
    "ShimSetting": [
      3,
      -3901,
      408,
      767,
      -73,
      -25,
      -302,
      227
    ],
    "SliceThickness": 2.5,
    "SliceTiming": [
      0,
      0.07,
      0.14,
      0.2125,
      0.2825,
      0.3525,
      0.4225,
      0.4925,
      0.5625,
      0.6325,
      0.7025,
      0.7725,
      0.845,
      0.915,
      0.985,
      1.055,
      1.125,
      1.195,
      1.265,
      1.335,
      1.405,
      1.4775,
      1.5475,
      1.6175,
      1.6875,
      1.7575,
      1.8275,
      1.8975,
      1.9675,
      2.0375,
      2.11,
      2.18,
      2.25,
      2.32,
      2.39,
      2.46,
      2.53,
      2.6,
      2.67,
      2.7425
    ],
    "SoftwareVersions": "syngo_MR_B17",
    "SpacingBetweenSlices": 3,
    "StationName": "MRC35437",
    "StudyID": "1",
    "StudyInstanceUID": "1.3.12.2.1107.5.2.32.35437.30000016062008032175500000010",
    "TaskName": "memsamp",
    "TxRefAmp": 288.395,
    "dataset": "ds004009",
    "modality": "bold",
    "run_id": 3,
    "subject_id": "02",
    "task_id": "memsamp"
  },
  "dummy_trs": 2,
  "dvars_nstd": 28.47588204069497,
  "dvars_std": 1.1890750104247105,
  "dvars_vstd": 0.9614700401544405,
  "efc": 0.561208039547492,
  "fber": 415.0581359863281,
  "fd_mean": 0.14861145886248922,
  "fd_num": 51,
  "fd_perc": 19.615384615384617,
  "fwhm_avg": 2.502502222222222,
  "fwhm_x": 2.3778833333333336,
  "fwhm_y": 2.4244066666666666,
  "fwhm_z": 2.705216666666667,
  "gcor": 0.0327786,
  "gsr_x": -0.00846326444298029,
  "gsr_y": 0.03313230723142624,
  "provenance": {
    "md5sum": "e68922a8b36305a56b14b359330c0cb9",
    "settings": {
      "fd_thres": 0.2,
      "testing": false
    },
    "software": "mriqc",
    "version": "23.0.1",
    "webapi_port": null,
    "webapi_url": "https://mriqc.nimh.nih.gov/api/v1"
  },
  "size_t": 260,
  "size_x": 64,
  "size_y": 64,
  "size_z": 40,
  "snr": 3.094265874910863,
  "spacing_tr": 2.799999952316284,
  "spacing_x": 3.0,
  "spacing_y": 3.0,
  "spacing_z": 3.0,
  "summary_bg_k": 97.14354354287997,
  "summary_bg_mad": 5.844872390438276,
  "summary_bg_mean": 44.290809631347656,
  "summary_bg_median": 27.603845596313477,
  "summary_bg_n": 93315.0,
  "summary_bg_p05": 22.753847122192383,
  "summary_bg_p95": 111.44769210815438,
  "summary_bg_stdv": 60.27364730834961,
  "summary_fg_k": 1.4102548956638046,
  "summary_fg_mad": 165.37285752801233,
  "summary_fg_mean": 600.5364990234375,
  "summary_fg_median": 567.2769165039062,
  "summary_fg_n": 35331.0,
  "summary_fg_p05": 367.35577392578125,
  "summary_fg_p95": 952.8096008300781,
  "summary_fg_stdv": 183.32907104492188,
  "tsnr": 49.80654326546937
}