{
  "aor": 0.011418269230769228,
  "aqi": 0.009088884538461538,
  "bids_meta": {
    "AcquisitionDateTime": "2016-06-20T14:45:3.120000",
    "AcquisitionMatrixPE": 64,
    "AcquisitionNumber": 1,
    "AcquisitionTime": "14:45:3.120000",
    "BaseResolution": 64,
    "ConversionSoftware": "dcm2niix",
    "ConversionSoftwareVersion": "v1.0.20180622 (JP2:OpenJPEG) GCC6.1.0",
    "DeviceSerialNumber": "35437",
    "DwellTime": 3.4e-06,
    "EchoTime": 0.03,
    "EffectiveEchoSpacing": 6.009615385e-05,
    "FlipAngle": 90,
    "ImageOrientationPatientDICOM": [
      1,
      0,
      0,
      0,
      0.866025,
      -0.5
    ],
    "ImageType": [
      "ORIGINAL",
      "PRIMARY",
      "M",
      "ND",
      "MOSAIC"
    ],
    "InPlanePhaseEncodingDirectionDICOM": "COL",
    "InstitutionAddress": "Queen_Square_12_London_Southeast_GB_WC1N_3BG",
    "InstitutionName": "FIL",
    "InstitutionalDepartmentName": "Department",
    "MRAcquisitionType": "2D",
    "MagneticFieldStrength": 3,
    "Manufacturer": "Siemens",
    "ManufacturersModelName": "TrioTim",
    "Modality": "MR",
    "PartialFourier": 1,
    "PatientID": "MQ03669",
    "PatientName": "MQ03669",
    "PatientPosition": "HFS",
    "PatientSex": "",
    "PercentPhaseFOV": 100,
    "PhaseEncodingDirection": "j-",
    "PhaseEncodingSteps": 74,
    "PhaseOversampling": 0.13,
    "PhaseResolution": 1,
    "PixelBandwidth": 2298,
    "ProcedureStepDescription": "FIL_Johan_Carlin",
    "ProtocolName": "al_mepi2d_3mm_v1a_standard",
    "PulseSequenceDetails": "%CustomerSeq%_al_mepi2d_3mm_v1a",
    "ReceiveCoilName": "32Ch_Head",
    "ReconMatrixPE": 64,
    "RepetitionTime": 2.8,
    "SAR": 0.181764,
    "ScanOptions": "FS",
    "ScanningSequence": "RM",
    "SequenceName": "alepi2d2d1",
    "SequenceVariant": "SP_OSP",
    "SeriesDescription": "al_mepi2d_3mm_v1a_standard",
    "SeriesInstanceUID": "1.3.12.2.1107.5.2.32.35437.2016062014433051070557527.0.0.0",
    "SeriesNumber": 6,
    "ShimSetting": [
      3,
      -3901,
      408,
      767,
      -73,
      -25,
      -302,
      227
    ],
    "SliceThickness": 2.5,
    "SliceTiming": [
      0,
      0.07,
      0.14,
      0.21,
      0.28,
      0.35,
      0.42,
      0.49,
      0.5625,
      0.6325,
      0.7025,
      0.7725,
      0.8425,
      0.9125,
      0.9825,
      1.0525,
      1.1225,
      1.195,
      1.265,
      1.335,
      1.405,
      1.475,
      1.545,
      1.615,
      1.685,
      1.755,
      1.8275,
      1.8975,
      1.9675,
      2.0375,
      2.1075,
      2.1775,
      2.2475,
      2.3175,
      2.3875,
      2.46,
      2.53,
      2.6,
      2.67,
      2.74
    ],
    "SoftwareVersions": "syngo_MR_B17",
    "SpacingBetweenSlices": 3,
    "StationName": "MRC35437",
    "StudyID": "1",
    "StudyInstanceUID": "1.3.12.2.1107.5.2.32.35437.30000016062008032175500000010",
    "TaskName": "memsamp",
    "TxRefAmp": 288.395,
    "dataset": "ds004009",
    "modality": "bold",
    "run_id": 2,
    "subject_id": "02",
    "task_id": "memsamp"
  },
  "dummy_trs": 2,
  "dvars_nstd": 29.36326258142856,
  "dvars_std": 1.1891349472586865,
  "dvars_vstd": 0.9843598315057912,
  "efc": 0.5604316038417794,
  "fber": 416.2702331542969,
  "fd_mean": 0.15312430199706914,
  "fd_num": 37,
  "fd_perc": 14.23076923076923,
  "fwhm_avg": 2.480325555555556,
  "fwhm_x": 2.3687833333333335,
  "fwhm_y": 2.4298033333333335,
  "fwhm_z": 2.6423900000000002,
  "gcor": 0.0307517,
  "gsr_x": -0.006716602947562933,
  "gsr_y": 0.03456001356244087,
  "provenance": {
    "md5sum": "a01271e33a530fa9d53182f9979c7ce8",
    "settings": {
      "fd_thres": 0.2,
      "testing": false
    },
    "software": "mriqc",
    "version": "23.0.1",
    "webapi_port": null,
    "webapi_url": "https://mriqc.nimh.nih.gov/api/v1"
  },
  "size_t": 260,
  "size_x": 64,
  "size_y": 64,
  "size_z": 40,
  "snr": 3.081411547045954,
  "spacing_tr": 2.799999952316284,
  "spacing_x": 3.0,
  "spacing_y": 3.0,
  "spacing_z": 3.0,
  "summary_bg_k": 114.1642171547503,
  "summary_bg_mad": 5.890493922098643,
  "summary_bg_mean": 42.88512420654297,
  "summary_bg_median": 27.44230842590332,
  "summary_bg_n": 92936.0,
  "summary_bg_p05": 22.311538696289062,
  "summary_bg_p95": 105.44326972961426,
  "summary_bg_stdv": 56.94908142089844,
  "summary_fg_k": 1.5296319448515856,
  "summary_fg_mad": 164.36922342123464,
  "summary_fg_mean": 599.87451171875,
  "summary_fg_median": 565.8230590820312,
  "summary_fg_n": 35429.0,
  "summary_fg_p05": 367.3576965332031,
  "summary_fg_p95": 952.8069091796873,
  "summary_fg_stdv": 183.62203979492188,
  "tsnr": 40.63912689010613
}