{
  "aor": 0.002047644787644788,
  "aqi": 0.005211706563706564,
  "bids_meta": {
    "AcquisitionDateTime": "2016-06-20T15:26:8.235000",
    "AcquisitionMatrixPE": 64,
    "AcquisitionNumber": 1,
    "AcquisitionTime": "15:26:8.235000",
    "BaseResolution": 64,
    "ConversionSoftware": "dcm2niix",
    "ConversionSoftwareVersion": "v1.0.20180622 (JP2:OpenJPEG) GCC6.1.0",
    "DeviceSerialNumber": "35437",
    "DwellTime": 3.4e-06,
    "EchoTime": 0.03,
    "EffectiveEchoSpacing": 6.009615385e-05,
    "FlipAngle": 90,
    "ImageOrientationPatientDICOM": [
      1,
      0,
      0,
      0,
      0.866025,
      -0.5
    ],
    "ImageType": [
      "ORIGINAL",
      "PRIMARY",
      "M",
      "ND",
      "MOSAIC"
    ],
    "InPlanePhaseEncodingDirectionDICOM": "COL",
    "InstitutionAddress": "Queen_Square_12_London_Southeast_GB_WC1N_3BG",
    "InstitutionName": "FIL",
    "InstitutionalDepartmentName": "Department",
    "MRAcquisitionType": "2D",
    "MagneticFieldStrength": 3,
    "Manufacturer": "Siemens",
    "ManufacturersModelName": "TrioTim",
    "Modality": "MR",
    "PartialFourier": 1,
    "PatientID": "MQ03669",
    "PatientName": "MQ03669",
    "PatientPosition": "HFS",
    "PatientSex": "",
    "PercentPhaseFOV": 100,
    "PhaseEncodingDirection": "j-",
    "PhaseEncodingSteps": 74,
    "PhaseOversampling": 0.13,
    "PhaseResolution": 1,
    "PixelBandwidth": 2298,
    "ProcedureStepDescription": "FIL_Johan_Carlin",
    "ProtocolName": "al_mepi2d_3mm_v1a_standard",
    "PulseSequenceDetails": "%CustomerSeq%_al_mepi2d_3mm_v1a",
    "ReceiveCoilName": "32Ch_Head",
    "ReconMatrixPE": 64,
    "RepetitionTime": 2.8,
    "SAR": 0.181764,
    "ScanOptions": "FS",
    "ScanningSequence": "RM",
    "SequenceName": "alepi2d2d1",
    "SequenceVariant": "SP_OSP",
    "SeriesDescription": "al_mepi2d_3mm_v1a_standard",
    "SeriesInstanceUID": "1.3.12.2.1107.5.2.32.35437.2016062015251518327353437.0.0.0",
    "SeriesNumber": 9,
    "ShimSetting": [
      3,
      -3901,
      408,
      767,
      -73,
      -25,
      -302,
      227
    ],
    "SliceThickness": 2.5,
    "SliceTiming": [
      0,
      0.07,
      0.14,
      0.21,
      0.28,
      0.35,
      0.42,
      0.4925,
      0.5625,
      0.6325,
      0.7025,
      0.7725,
      0.8425,
      0.9125,
      0.9825,
      1.0525,
      1.125,
      1.195,
      1.265,
      1.335,
      1.405,
      1.475,
      1.545,
      1.615,
      1.685,
      1.7575,
      1.8275,
      1.8975,
      1.9675,
      2.0375,
      2.1075,
      2.1775,
      2.2475,
      2.3175,
      2.39,
      2.46,
      2.53,
      2.6,
      2.67,
      2.74
    ],
    "SoftwareVersions": "syngo_MR_B17",
    "SpacingBetweenSlices": 3,
    "StationName": "MRC35437",
    "StudyID": "1",
    "StudyInstanceUID": "1.3.12.2.1107.5.2.32.35437.30000016062008032175500000010",
    "TaskName": "motionLocaliser",
    "TxRefAmp": 288.395,
    "dataset": "ds004009",
    "modality": "bold",
    "subject_id": "02",
    "task_id": "motionLocaliser"
  },
  "dummy_trs": 3,
  "dvars_nstd": 26.154296261666662,
  "dvars_std": 1.2138152667829463,
  "dvars_vstd": 0.9749235576744189,
  "efc": 0.5613911971939095,
  "fber": 404.8077392578125,
  "fd_mean": 0.104519425253447,
  "fd_num": 24,
  "fd_perc": 9.266409266409266,
  "fwhm_avg": 2.50497,
  "fwhm_x": 2.3745433333333335,
  "fwhm_y": 2.4507600000000003,
  "fwhm_z": 2.6896066666666667,
  "gcor": 0.0289045,
  "gsr_x": -0.006801811512559652,
  "gsr_y": 0.0335017591714859,
  "provenance": {
    "md5sum": "218a5b367a0678cece84d4e2ab013fe2",
    "settings": {
      "fd_thres": 0.2,
      "testing": false
    },
    "software": "mriqc",
    "version": "23.0.1",
    "webapi_port": null,
    "webapi_url": "https://mriqc.nimh.nih.gov/api/v1"
  },
  "size_t": 259,
  "size_x": 64,
  "size_y": 64,
  "size_z": 40,
  "snr": 3.0430917935424264,
  "spacing_tr": 2.799999952316284,
  "spacing_x": 3.0,
  "spacing_y": 3.0,
  "spacing_z": 3.0,
  "summary_bg_k": 99.33775576774524,
  "summary_bg_mad": 6.80623312730393,
  "summary_bg_mean": 44.27116012573242,
  "summary_bg_median": 27.957529067993164,
  "summary_bg_n": 93018.0,
  "summary_bg_p05": 21.359073638916016,
  "summary_bg_p95": 110.92953224182118,
  "summary_bg_stdv": 60.22919464111328,
  "summary_fg_k": 1.4724937900394615,
  "summary_fg_mad": 166.83566487131662,
  "summary_fg_mean": 602.6708984375,
  "summary_fg_median": 568.2818603515625,
  "summary_fg_n": 35474.0,
  "summary_fg_p05": 364.88320007324216,
  "summary_fg_p95": 961.4986114501952,
  "summary_fg_stdv": 186.7422637939453,
  "tsnr": 58.28519061859697
}