{
  "aor": 0.0008079615384615384,
  "aqi": 0.005847507769230769,
  "bids_meta": {
    "AcquisitionDateTime": "2016-06-03T11:51:55.170000",
    "AcquisitionMatrixPE": 64,
    "AcquisitionNumber": 1,
    "AcquisitionTime": "11:51:55.170000",
    "BaseResolution": 64,
    "ConversionSoftware": "dcm2niix",
    "ConversionSoftwareVersion": "v1.0.20180622 (JP2:OpenJPEG) GCC6.1.0",
    "DeviceSerialNumber": "35437",
    "DwellTime": 3.4e-06,
    "EchoTime": 0.03,
    "EffectiveEchoSpacing": 6.009615385e-05,
    "FlipAngle": 90,
    "ImageOrientationPatientDICOM": [
      1,
      0,
      0,
      0,
      0.866025,
      -0.5
    ],
    "ImageType": [
      "ORIGINAL",
      "PRIMARY",
      "M",
      "ND",
      "MOSAIC"
    ],
    "InPlanePhaseEncodingDirectionDICOM": "COL",
    "InstitutionAddress": "Queen_Square_12_London_Southeast_GB_WC1N_3BG",
    "InstitutionName": "Functional_Imaging_Laboratory",
    "InstitutionalDepartmentName": "Department",
    "MRAcquisitionType": "2D",
    "MagneticFieldStrength": 3,
    "Manufacturer": "Siemens",
    "ManufacturersModelName": "TrioTim",
    "Modality": "MR",
    "PartialFourier": 1,
    "PatientID": "MQ03651",
    "PatientName": "MQ03651",
    "PatientPosition": "HFS",
    "PatientSex": "",
    "PercentPhaseFOV": 100,
    "PhaseEncodingDirection": "j-",
    "PhaseEncodingSteps": 74,
    "PhaseOversampling": 0.13,
    "PhaseResolution": 1,
    "PixelBandwidth": 2298,
    "ProcedureStepDescription": "FIL_Johan_Carlin",
    "ProtocolName": "al_mepi2d_3mm_v1a_standard",
    "PulseSequenceDetails": "%CustomerSeq%_al_mepi2d_3mm_v1a",
    "ReceiveCoilName": "32Ch_Head",
    "ReconMatrixPE": 64,
    "RepetitionTime": 2.8,
    "SAR": 0.16347,
    "ScanOptions": "FS",
    "ScanningSequence": "RM",
    "SequenceName": "alepi2d2d1",
    "SequenceVariant": "SP_OSP",
    "SeriesDescription": "al_mepi2d_3mm_v1a_standard",
    "SeriesInstanceUID": "1.3.12.2.1107.5.2.32.35437.2016060311505372530106186.0.0.0",
    "SeriesNumber": 6,
    "ShimSetting": [
      36,
      -4038,
      359,
      552,
      3,
      -287,
      162,
      145
    ],
    "SliceThickness": 2.5,
    "SliceTiming": [
      0,
      0.07,
      0.14,
      0.21,
      0.2825,
      0.3525,
      0.4225,
      0.4925,
      0.5625,
      0.6325,
      0.7025,
      0.7725,
      0.8425,
      0.915,
      0.985,
      1.055,
      1.125,
      1.195,
      1.265,
      1.335,
      1.405,
      1.475,
      1.5475,
      1.6175,
      1.6875,
      1.7575,
      1.8275,
      1.8975,
      1.9675,
      2.0375,
      2.1075,
      2.18,
      2.25,
      2.32,
      2.39,
      2.46,
      2.53,
      2.6,
      2.67,
      2.74
    ],
    "SoftwareVersions": "syngo_MR_B17",
    "SpacingBetweenSlices": 3,
    "StationName": "MRC35437",
    "StudyID": "1",
    "StudyInstanceUID": "1.3.12.2.1107.5.2.32.35437.30000016060307564301900000007",
    "TaskName": "memsamp",
    "TxRefAmp": 306.034,
    "dataset": "ds004009",
    "modality": "bold",
    "run_id": 2,
    "subject_id": "19",
    "task_id": "memsamp"
  },
  "dummy_trs": 2,
  "dvars_nstd": 21.109101092741327,
  "dvars_std": 1.0922942099613913,
  "dvars_vstd": 0.9167644821621614,
  "efc": 0.6062410090674466,
  "fber": 310.73309326171875,
  "fd_mean": 0.07762893241091558,
  "fd_num": 1,
  "fd_perc": 0.38461538461538464,
  "fwhm_avg": 2.5235511111111113,
  "fwhm_x": 2.423766666666667,
  "fwhm_y": 2.4388566666666667,
  "fwhm_z": 2.7080300000000004,
  "gcor": 0.0152124,
  "gsr_x": -0.014406704343855381,
  "gsr_y": 0.03953014686703682,
  "provenance": {
    "md5sum": "b04d21984b550ea375b9c2edc53e6f44",
    "settings": {
      "fd_thres": 0.2,
      "testing": false
    },
    "software": "mriqc",
    "version": "23.0.1",
    "webapi_port": null,
    "webapi_url": "https://mriqc.nimh.nih.gov/api/v1"
  },
  "size_t": 260,
  "size_x": 64,
  "size_y": 64,
  "size_z": 40,
  "snr": 3.2320409110516657,
  "spacing_tr": 2.799999952316284,
  "spacing_x": 3.0,
  "spacing_y": 3.0,
  "spacing_z": 3.0,
  "summary_bg_k": 55.6344594676395,
  "summary_bg_mad": 12.020480383579187,
  "summary_bg_mean": 56.242889404296875,
  "summary_bg_median": 33.17692184448242,
  "summary_bg_n": 85876.0,
  "summary_bg_p05": 23.484615325927734,
  "summary_bg_p95": 165.58941650390625,
  "summary_bg_stdv": 64.36767578125,
  "summary_fg_k": 0.522870830400588,
  "summary_fg_mad": 175.12953659894526,
  "summary_fg_mean": 622.2037353515625,
  "summary_fg_median": 593.8980712890625,
  "summary_fg_n": 40684.0,
  "summary_fg_p05": 372.5626815795899,
  "summary_fg_p95": 968.3061401367187,
  "summary_fg_stdv": 183.75100708007812,
  "tsnr": 56.77100610919297
}