{
  "aor": 0.006745730769230769,
  "aqi": 0.011698808461538462,
  "bids_meta": {
    "AcquisitionDateTime": "2016-05-31T10:37:10.880000",
    "AcquisitionMatrixPE": 64,
    "AcquisitionNumber": 1,
    "AcquisitionTime": "10:37:10.880000",
    "BaseResolution": 64,
    "ConversionSoftware": "dcm2niix",
    "ConversionSoftwareVersion": "v1.0.20180622 (JP2:OpenJPEG) GCC6.1.0",
    "DeviceSerialNumber": "35437",
    "DwellTime": 3.4e-06,
    "EchoTime": 0.03,
    "EffectiveEchoSpacing": 6.009615385e-05,
    "FlipAngle": 90,
    "ImageOrientationPatientDICOM": [
      1,
      0,
      0,
      0,
      0.866025,
      -0.5
    ],
    "ImageType": [
      "ORIGINAL",
      "PRIMARY",
      "M",
      "ND",
      "MOSAIC"
    ],
    "InPlanePhaseEncodingDirectionDICOM": "COL",
    "InstitutionAddress": "Queen_Square_12_London_Southeast_GB_WC1N_3BG",
    "InstitutionName": "Functional_Imaging_Laboratory",
    "InstitutionalDepartmentName": "Department",
    "MRAcquisitionType": "2D",
    "MagneticFieldStrength": 3,
    "Manufacturer": "Siemens",
    "ManufacturersModelName": "TrioTim",
    "Modality": "MR",
    "PartialFourier": 1,
    "PatientID": "MQ03643",
    "PatientName": "MQ03643",
    "PatientPosition": "HFS",
    "PatientSex": "",
    "PercentPhaseFOV": 100,
    "PhaseEncodingDirection": "j-",
    "PhaseEncodingSteps": 74,
    "PhaseOversampling": 0.13,
    "PhaseResolution": 1,
    "PixelBandwidth": 2298,
    "ProcedureStepDescription": "FIL_Johan_Carlin",
    "ProtocolName": "al_mepi2d_3mm_v1a_standard",
    "PulseSequenceDetails": "%CustomerSeq%_al_mepi2d_3mm_v1a",
    "ReceiveCoilName": "32Ch_Head",
    "ReconMatrixPE": 64,
    "RepetitionTime": 2.8,
    "SAR": 0.162891,
    "ScanOptions": "FS",
    "ScanningSequence": "RM",
    "SequenceName": "alepi2d2d1",
    "SequenceVariant": "SP_OSP",
    "SeriesDescription": "al_mepi2d_3mm_v1a_standard",
    "SeriesInstanceUID": "1.3.12.2.1107.5.2.32.35437.2016053110353033179626717.0.0.0",
    "SeriesNumber": 8,
    "ShimSetting": [
      39,
      -3890,
      344,
      553,
      -4,
      205,
      102,
      129
    ],
    "SliceThickness": 2.5,
    "SliceTiming": [
      0,
      0.0725,
      0.1425,
      0.2125,
      0.2825,
      0.3525,
      0.4225,
      0.4925,
      0.5625,
      0.6325,
      0.705,
      0.775,
      0.845,
      0.915,
      0.985,
      1.055,
      1.125,
      1.195,
      1.265,
      1.3375,
      1.4075,
      1.4775,
      1.5475,
      1.6175,
      1.6875,
      1.7575,
      1.8275,
      1.9,
      1.97,
      2.04,
      2.11,
      2.18,
      2.25,
      2.32,
      2.39,
      2.46,
      2.5325,
      2.6025,
      2.6725,
      2.7425
    ],
    "SoftwareVersions": "syngo_MR_B17",
    "SpacingBetweenSlices": 3,
    "StationName": "MRC35437",
    "StudyID": "1",
    "StudyInstanceUID": "1.3.12.2.1107.5.2.32.35437.30000016053108190656400000004",
    "TaskName": "motionLocaliser",
    "TxRefAmp": 308.053,
    "dataset": "ds004009",
    "modality": "bold",
    "subject_id": "09",
    "task_id": "motionLocaliser"
  },
  "dummy_trs": 2,
  "dvars_nstd": 45.80294293127414,
  "dvars_std": 1.1619996377992272,
  "dvars_vstd": 0.9848309881081077,
  "efc": 0.6063050589849404,
  "fber": 275.4508056640625,
  "fd_mean": 0.32918679704791926,
  "fd_num": 150,
  "fd_perc": 57.69230769230769,
  "fwhm_avg": 2.434254444444445,
  "fwhm_x": 2.3225466666666668,
  "fwhm_y": 2.391786666666667,
  "fwhm_z": 2.5884300000000002,
  "gcor": 0.0285001,
  "gsr_x": -0.019895559176802635,
  "gsr_y": 0.0732225552201271,
  "provenance": {
    "md5sum": "f71b89a862cbfebe3b832285b73479df",
    "settings": {
      "fd_thres": 0.2,
      "testing": false
    },
    "software": "mriqc",
    "version": "23.0.1",
    "webapi_port": null,
    "webapi_url": "https://mriqc.nimh.nih.gov/api/v1"
  },
  "size_t": 260,
  "size_x": 64,
  "size_y": 64,
  "size_z": 40,
  "snr": 2.615798051402409,
  "spacing_tr": 2.799999952316284,
  "spacing_x": 3.0,
  "spacing_y": 3.0,
  "spacing_z": 3.0,
  "summary_bg_k": 37.106978769387936,
  "summary_bg_mad": 10.549285668868162,
  "summary_bg_mean": 63.09532165527344,
  "summary_bg_median": 33.18077087402344,
  "summary_bg_n": 85160.0,
  "summary_bg_p05": 25.384614944458008,
  "summary_bg_p95": 208.49538650512713,
  "summary_bg_stdv": 77.24986267089844,
  "summary_fg_k": 2.0519684720286406,
  "summary_fg_mad": 187.06161589771474,
  "summary_fg_mean": 610.6845092773438,
  "summary_fg_median": 566.2730712890625,
  "summary_fg_n": 40470.0,
  "summary_fg_p05": 342.48692626953124,
  "summary_fg_p95": 1033.8840332031248,
  "summary_fg_stdv": 216.47927856445312,
  "tsnr": 32.54835780017311
}