{
  "aor": 0.002865862068965518,
  "aqi": 0.010443434137931034,
  "bids_meta": {
    "AcquisitionDateTime": "2016-05-31T11:05:25.647500",
    "AcquisitionMatrixPE": 64,
    "AcquisitionNumber": 1,
    "AcquisitionTime": "11:05:25.647500",
    "BaseResolution": 64,
    "ConversionSoftware": "dcm2niix",
    "ConversionSoftwareVersion": "v1.0.20180622 (JP2:OpenJPEG) GCC6.1.0",
    "DeviceSerialNumber": "35437",
    "DwellTime": 3.4e-06,
    "EchoTime": 0.03,
    "EffectiveEchoSpacing": 6.009615385e-05,
    "FlipAngle": 90,
    "ImageOrientationPatientDICOM": [
      1,
      0,
      0,
      0,
      0.866025,
      -0.5
    ],
    "ImageType": [
      "ORIGINAL",
      "PRIMARY",
      "M",
      "ND",
      "MOSAIC"
    ],
    "InPlanePhaseEncodingDirectionDICOM": "COL",
    "InstitutionAddress": "Queen_Square_12_London_Southeast_GB_WC1N_3BG",
    "InstitutionName": "Functional_Imaging_Laboratory",
    "InstitutionalDepartmentName": "Department",
    "MRAcquisitionType": "2D",
    "MagneticFieldStrength": 3,
    "Manufacturer": "Siemens",
    "ManufacturersModelName": "TrioTim",
    "Modality": "MR",
    "PartialFourier": 1,
    "PatientID": "MQ03643",
    "PatientName": "MQ03643",
    "PatientPosition": "HFS",
    "PatientSex": "",
    "PercentPhaseFOV": 100,
    "PhaseEncodingDirection": "j-",
    "PhaseEncodingSteps": 74,
    "PhaseOversampling": 0.13,
    "PhaseResolution": 1,
    "PixelBandwidth": 2298,
    "ProcedureStepDescription": "FIL_Johan_Carlin",
    "ProtocolName": "al_mepi2d_3mm_v1a_standard",
    "PulseSequenceDetails": "%CustomerSeq%_al_mepi2d_3mm_v1a",
    "ReceiveCoilName": "32Ch_Head",
    "ReconMatrixPE": 64,
    "RepetitionTime": 2.8,
    "SAR": 0.162891,
    "ScanOptions": "FS",
    "ScanningSequence": "RM",
    "SequenceName": "alepi2d2d1",
    "SequenceVariant": "SP_OSP",
    "SeriesDescription": "al_mepi2d_3mm_v1a_standard",
    "SeriesInstanceUID": "1.3.12.2.1107.5.2.32.35437.2016053111040194344490657.0.0.0",
    "SeriesNumber": 10,
    "ShimSetting": [
      39,
      -3890,
      344,
      553,
      -4,
      205,
      102,
      129
    ],
    "SliceThickness": 2.5,
    "SliceTiming": [
      0,
      0.07,
      0.14,
      0.21,
      0.28,
      0.35,
      0.42,
      0.49,
      0.56,
      0.6325,
      0.7025,
      0.7725,
      0.8425,
      0.9125,
      0.9825,
      1.0525,
      1.1225,
      1.1925,
      1.265,
      1.335,
      1.405,
      1.475,
      1.545,
      1.615,
      1.685,
      1.755,
      1.825,
      1.8975,
      1.9675,
      2.0375,
      2.1075,
      2.1775,
      2.2475,
      2.3175,
      2.3875,
      2.4575,
      2.53,
      2.6,
      2.67,
      2.74
    ],
    "SoftwareVersions": "syngo_MR_B17",
    "SpacingBetweenSlices": 3,
    "StationName": "MRC35437",
    "StudyID": "1",
    "StudyInstanceUID": "1.3.12.2.1107.5.2.32.35437.30000016053108190656400000004",
    "TaskName": "memsamp",
    "TxRefAmp": 308.053,
    "dataset": "ds004009",
    "modality": "bold",
    "run_id": 4,
    "subject_id": "09",
    "task_id": "memsamp"
  },
  "dummy_trs": 1,
  "dvars_nstd": 36.34671456992307,
  "dvars_std": 1.0845769007307684,
  "dvars_vstd": 0.9379146841538458,
  "efc": 0.606818764440855,
  "fber": 275.68865966796875,
  "fd_mean": 0.24195395611642653,
  "fd_num": 103,
  "fd_perc": 39.46360153256705,
  "fwhm_avg": 2.447833333333333,
  "fwhm_x": 2.3289,
  "fwhm_y": 2.42463,
  "fwhm_z": 2.58997,
  "gcor": 0.0315807,
  "gsr_x": -0.015227638185024261,
  "gsr_y": 0.07288205623626709,
  "provenance": {
    "md5sum": "c3eeaf0ff56b4f7823bd9fee59406fa9",
    "settings": {
      "fd_thres": 0.2,
      "testing": false
    },
    "software": "mriqc",
    "version": "23.0.1",
    "webapi_port": null,
    "webapi_url": "https://mriqc.nimh.nih.gov/api/v1"
  },
  "size_t": 261,
  "size_x": 64,
  "size_y": 64,
  "size_z": 40,
  "snr": 2.6465817143992942,
  "spacing_tr": 2.799999952316284,
  "spacing_x": 3.0,
  "spacing_y": 3.0,
  "spacing_z": 3.0,
  "summary_bg_k": 25.21646854206592,
  "summary_bg_mad": 10.480461715632558,
  "summary_bg_mean": 63.2286376953125,
  "summary_bg_median": 33.264366149902344,
  "summary_bg_n": 85351.0,
  "summary_bg_p05": 25.44444465637207,
  "summary_bg_p95": 210.1072769165039,
  "summary_bg_stdv": 75.17353820800781,
  "summary_fg_k": 1.7612937622589575,
  "summary_fg_mad": 186.17163830866428,
  "summary_fg_mean": 613.959716796875,
  "summary_fg_median": 569.0957641601562,
  "summary_fg_n": 40443.0,
  "summary_fg_p05": 348.6072631835938,
  "summary_fg_p95": 1032.2126342773438,
  "summary_fg_stdv": 215.02783203125,
  "tsnr": 36.53616024646908
}