{
  "aor": 0.002418576923076923,
  "aqi": 0.011581448153846152,
  "bids_meta": {
    "AcquisitionDateTime": "2016-05-31T10:23:11.205000",
    "AcquisitionMatrixPE": 64,
    "AcquisitionNumber": 1,
    "AcquisitionTime": "10:23:11.205000",
    "BaseResolution": 64,
    "ConversionSoftware": "dcm2niix",
    "ConversionSoftwareVersion": "v1.0.20180622 (JP2:OpenJPEG) GCC6.1.0",
    "DeviceSerialNumber": "35437",
    "DwellTime": 3.4e-06,
    "EchoTime": 0.03,
    "EffectiveEchoSpacing": 6.009615385e-05,
    "FlipAngle": 90,
    "ImageOrientationPatientDICOM": [
      1,
      0,
      0,
      0,
      0.866025,
      -0.5
    ],
    "ImageType": [
      "ORIGINAL",
      "PRIMARY",
      "M",
      "ND",
      "MOSAIC"
    ],
    "InPlanePhaseEncodingDirectionDICOM": "COL",
    "InstitutionAddress": "Queen_Square_12_London_Southeast_GB_WC1N_3BG",
    "InstitutionName": "Functional_Imaging_Laboratory",
    "InstitutionalDepartmentName": "Department",
    "MRAcquisitionType": "2D",
    "MagneticFieldStrength": 3,
    "Manufacturer": "Siemens",
    "ManufacturersModelName": "TrioTim",
    "Modality": "MR",
    "PartialFourier": 1,
    "PatientID": "MQ03643",
    "PatientName": "MQ03643",
    "PatientPosition": "HFS",
    "PatientSex": "",
    "PercentPhaseFOV": 100,
    "PhaseEncodingDirection": "j-",
    "PhaseEncodingSteps": 74,
    "PhaseOversampling": 0.13,
    "PhaseResolution": 1,
    "PixelBandwidth": 2298,
    "ProcedureStepDescription": "FIL_Johan_Carlin",
    "ProtocolName": "al_mepi2d_3mm_v1a_standard",
    "PulseSequenceDetails": "%CustomerSeq%_al_mepi2d_3mm_v1a",
    "ReceiveCoilName": "32Ch_Head",
    "ReconMatrixPE": 64,
    "RepetitionTime": 2.8,
    "SAR": 0.162891,
    "ScanOptions": "FS",
    "ScanningSequence": "RM",
    "SequenceName": "alepi2d2d1",
    "SequenceVariant": "SP_OSP",
    "SeriesDescription": "al_mepi2d_3mm_v1a_standard",
    "SeriesInstanceUID": "1.3.12.2.1107.5.2.32.35437.2016053110205439788694747.0.0.0",
    "SeriesNumber": 7,
    "ShimSetting": [
      39,
      -3890,
      344,
      553,
      -4,
      205,
      102,
      129
    ],
    "SliceThickness": 2.5,
    "SliceTiming": [
      0,
      0.07,
      0.14,
      0.21,
      0.28,
      0.35,
      0.4225,
      0.4925,
      0.5625,
      0.6325,
      0.7025,
      0.7725,
      0.8425,
      0.9125,
      0.9825,
      1.055,
      1.125,
      1.195,
      1.265,
      1.335,
      1.405,
      1.475,
      1.545,
      1.615,
      1.6875,
      1.7575,
      1.8275,
      1.8975,
      1.9675,
      2.0375,
      2.1075,
      2.1775,
      2.2475,
      2.32,
      2.39,
      2.46,
      2.53,
      2.6,
      2.67,
      2.74
    ],
    "SoftwareVersions": "syngo_MR_B17",
    "SpacingBetweenSlices": 3,
    "StationName": "MRC35437",
    "StudyID": "1",
    "StudyInstanceUID": "1.3.12.2.1107.5.2.32.35437.30000016053108190656400000004",
    "TaskName": "memsamp",
    "TxRefAmp": 308.053,
    "dataset": "ds004009",
    "modality": "bold",
    "run_id": 3,
    "subject_id": "09",
    "task_id": "memsamp"
  },
  "dummy_trs": 2,
  "dvars_nstd": 33.964215002509675,
  "dvars_std": 1.0364712689575295,
  "dvars_vstd": 0.9040804189961394,
  "efc": 0.6042661114937742,
  "fber": 279.5451354980469,
  "fd_mean": 0.2128307394239901,
  "fd_num": 79,
  "fd_perc": 30.384615384615383,
  "fwhm_avg": 2.457987777777778,
  "fwhm_x": 2.34863,
  "fwhm_y": 2.3997366666666666,
  "fwhm_z": 2.6255966666666666,
  "gcor": 0.0250665,
  "gsr_x": -0.01775985397398472,
  "gsr_y": 0.07355442643165588,
  "provenance": {
    "md5sum": "4d444bd5758f632c56ebc4a6af443759",
    "settings": {
      "fd_thres": 0.2,
      "testing": false
    },
    "software": "mriqc",
    "version": "23.0.1",
    "webapi_port": null,
    "webapi_url": "https://mriqc.nimh.nih.gov/api/v1"
  },
  "size_t": 260,
  "size_x": 64,
  "size_y": 64,
  "size_z": 40,
  "snr": 2.6361846188409146,
  "spacing_tr": 2.799999952316284,
  "spacing_x": 3.0,
  "spacing_y": 3.0,
  "spacing_z": 3.0,
  "summary_bg_k": 29.0321827615115,
  "summary_bg_mad": 10.760273587960192,
  "summary_bg_mean": 60.940391540527344,
  "summary_bg_median": 32.82307815551758,
  "summary_bg_n": 85560.0,
  "summary_bg_p05": 24.28076934814453,
  "summary_bg_p95": 199.18096313476565,
  "summary_bg_stdv": 71.17346954345703,
  "summary_fg_k": 1.9429498050253553,
  "summary_fg_mad": 184.6409854445272,
  "summary_fg_mean": 607.1205444335938,
  "summary_fg_median": 563.1923217773438,
  "summary_fg_n": 40387.0,
  "summary_fg_p05": 341.9153747558594,
  "summary_fg_p95": 1019.781146240234,
  "summary_fg_stdv": 213.63653564453125,
  "tsnr": 34.00002228375524
}