{
  "aor": 0.004838807692307693,
  "aqi": 0.014767488346153847,
  "bids_meta": {
    "AcquisitionDateTime": "2016-09-14T11:49:45.820000",
    "AcquisitionMatrixPE": 64,
    "AcquisitionNumber": 1,
    "AcquisitionTime": "11:49:45.820000",
    "BaseResolution": 64,
    "ConversionSoftware": "dcm2niix",
    "ConversionSoftwareVersion": "v1.0.20180622 (JP2:OpenJPEG) GCC6.1.0",
    "DeviceSerialNumber": "35437",
    "DwellTime": 3.4e-06,
    "EchoTime": 0.03,
    "EffectiveEchoSpacing": 6.009615385e-05,
    "FlipAngle": 90,
    "ImageOrientationPatientDICOM": [
      1,
      0,
      0,
      0,
      0.866025,
      -0.5
    ],
    "ImageType": [
      "ORIGINAL",
      "PRIMARY",
      "M",
      "ND",
      "MOSAIC"
    ],
    "InPlanePhaseEncodingDirectionDICOM": "COL",
    "InstitutionAddress": "Queen_Square_12_London_Southeast_GB_WC1N_3BG",
    "InstitutionName": "WTCN",
    "InstitutionalDepartmentName": "Department",
    "MRAcquisitionType": "2D",
    "MagneticFieldStrength": 3,
    "Manufacturer": "Siemens",
    "ManufacturersModelName": "TrioTim",
    "Modality": "MR",
    "PartialFourier": 1,
    "PatientID": "MQ03775",
    "PatientName": "MQ03775",
    "PatientPosition": "HFS",
    "PatientSex": "",
    "PercentPhaseFOV": 100,
    "PhaseEncodingDirection": "j-",
    "PhaseEncodingSteps": 74,
    "PhaseOversampling": 0.13,
    "PhaseResolution": 1,
    "PixelBandwidth": 2298,
    "ProcedureStepDescription": "FIL_Johan_Carlin",
    "ProtocolName": "al_mepi2d_3mm_v1a_standard",
    "PulseSequenceDetails": "%CustomerSeq%_al_mepi2d_3mm_v1a",
    "ReceiveCoilName": "32Ch_Head",
    "ReconMatrixPE": 64,
    "RepetitionTime": 2.8,
    "SAR": 0.165906,
    "ScanOptions": "FS",
    "ScanningSequence": "RM",
    "SequenceName": "alepi2d2d1",
    "SequenceVariant": "SP_OSP",
    "SeriesDescription": "al_mepi2d_3mm_v1a_standard",
    "SeriesInstanceUID": "1.3.12.2.1107.5.2.32.35437.201609141148046688709459.0.0.0",
    "SeriesNumber": 7,
    "ShimSetting": [
      39,
      -4057,
      392,
      878,
      27,
      -461,
      -304,
      98
    ],
    "SliceThickness": 2.5,
    "SliceTiming": [
      0,
      0.07,
      0.14,
      0.21,
      0.28,
      0.3525,
      0.4225,
      0.4925,
      0.5625,
      0.6325,
      0.7025,
      0.7725,
      0.8425,
      0.915,
      0.985,
      1.055,
      1.125,
      1.195,
      1.265,
      1.335,
      1.405,
      1.475,
      1.5475,
      1.6175,
      1.6875,
      1.7575,
      1.8275,
      1.8975,
      1.9675,
      2.0375,
      2.1075,
      2.18,
      2.25,
      2.32,
      2.39,
      2.46,
      2.53,
      2.6,
      2.67,
      2.74
    ],
    "SoftwareVersions": "syngo_MR_B17",
    "SpacingBetweenSlices": 3,
    "StationName": "MRC35437",
    "StudyID": "1",
    "StudyInstanceUID": "1.3.12.2.1107.5.2.32.35437.30000016091409230943000000004",
    "TaskName": "memsamp",
    "TxRefAmp": 289.232,
    "dataset": "ds004009",
    "modality": "bold",
    "run_id": 3,
    "subject_id": "17",
    "task_id": "memsamp"
  },
  "dummy_trs": 2,
  "dvars_nstd": 44.765450856949805,
  "dvars_std": 1.1216019065250962,
  "dvars_vstd": 0.9617075407335905,
  "efc": 0.5977166432246239,
  "fber": 278.0932312011719,
  "fd_mean": 0.41437132649342406,
  "fd_num": 179,
  "fd_perc": 68.84615384615384,
  "fwhm_avg": 2.405732222222222,
  "fwhm_x": 2.262166666666667,
  "fwhm_y": 2.367363333333333,
  "fwhm_z": 2.587666666666667,
  "gcor": 0.0221316,
  "gsr_x": -0.0014934506034478545,
  "gsr_y": 0.052071712911129,
  "provenance": {
    "md5sum": "f9809f604e187e5c8b487f04b2b8bb5e",
    "settings": {
      "fd_thres": 0.2,
      "testing": false
    },
    "software": "mriqc",
    "version": "23.0.1",
    "webapi_port": null,
    "webapi_url": "https://mriqc.nimh.nih.gov/api/v1"
  },
  "size_t": 260,
  "size_x": 64,
  "size_y": 64,
  "size_z": 40,
  "snr": 3.10661116262551,
  "spacing_tr": 2.799999952316284,
  "spacing_x": 3.0,
  "spacing_y": 3.0,
  "spacing_z": 3.0,
  "summary_bg_k": 61.28198987923845,
  "summary_bg_mad": 12.077506591194819,
  "summary_bg_mean": 58.51469039916992,
  "summary_bg_median": 33.734615325927734,
  "summary_bg_n": 88436.0,
  "summary_bg_p05": 24.788461685180664,
  "summary_bg_p95": 159.30096435546875,
  "summary_bg_stdv": 80.7953872680664,
  "summary_fg_k": 0.7043154415110009,
  "summary_fg_mad": 172.68037890275332,
  "summary_fg_mean": 598.52880859375,
  "summary_fg_median": 566.826904296875,
  "summary_fg_n": 38250.0,
  "summary_fg_p05": 354.6419189453125,
  "summary_fg_p95": 941.7198150634763,
  "summary_fg_stdv": 182.4558868408203,
  "tsnr": 29.356968745589256
}