{
  "bids_meta": {
    "AcquisitionDateTime": "2016-07-05T11:35:51.302500",
    "AcquisitionMatrixPE": 240,
    "AcquisitionNumber": 1,
    "AcquisitionTime": "11:35:51.302500",
    "BaseResolution": 256,
    "ConversionSoftware": "dcm2niix",
    "ConversionSoftwareVersion": "v1.0.20180622 (JP2:OpenJPEG) GCC6.1.0",
    "DeviceSerialNumber": "35437",
    "DwellTime": 4e-06,
    "EchoTime": 0.0022,
    "FlipAngle": 13,
    "ImageOrientationPatientDICOM": [
      0,
      0.866025,
      -0.5,
      0,
      -0.5,
      -0.866025
    ],
    "ImageType": [
      "ORIGINAL",
      "PRIMARY",
      "M",
      "ND"
    ],
    "InPlanePhaseEncodingDirectionDICOM": "ROW",
    "InstitutionAddress": "Queen_Square_12_London_Southeast_GB_WC1N_3BG",
    "InstitutionName": "FIL",
    "InstitutionalDepartmentName": "Department",
    "MRAcquisitionType": "3D",
    "MagneticFieldStrength": 3,
    "Manufacturer": "Siemens",
    "ManufacturersModelName": "TrioTim",
    "Modality": "MR",
    "PartialFourier": 0.75,
    "PatientID": "MQ03692",
    "PatientName": "MQ03692",
    "PatientPosition": "HFS",
    "PatientSex": "",
    "PercentPhaseFOV": 93.75,
    "PhaseEncodingSteps": 180,
    "PhaseResolution": 1,
    "PixelBandwidth": 488,
    "ProcedureStepDescription": "FIL_Johan_Carlin",
    "ProtocolName": "BasicT1_NoVBM_nw_mtflash3d_v3h",
    "PulseSequenceDetails": "%CustomerSeq%_nw_mtflash3d_v3h",
    "ReceiveCoilName": "32Ch_Head",
    "ReconMatrixPE": 256,
    "RepetitionTime": 2,
    "SAR": 0.190628,
    "ScanOptions": "PFP",
    "ScanningSequence": "RM",
    "SequenceName": "fl3d_3h3d1",
    "SequenceVariant": "SP",
    "SeriesDescription": "BasicT1_NoVBM_nw_mtflash3d_v3h",
    "SeriesInstanceUID": "1.3.12.2.1107.5.2.32.35437.2016070511354942609607222.0.0.0",
    "SeriesNumber": 13,
    "ShimSetting": [
      50,
      -3939,
      318,
      391,
      -17,
      -76,
      38,
      36
    ],
    "SliceThickness": 1,
    "SoftwareVersions": "syngo_MR_B17",
    "StationName": "MRC35437",
    "StudyID": "1",
    "StudyInstanceUID": "1.3.12.2.1107.5.2.32.35437.30000016070508283022400000004",
    "TxRefAmp": 302.226,
    "dataset": "ds004009",
    "modality": "T1w",
    "subject_id": "10"
  },
  "cjv": 0.5438153806723304,
  "cnr": 2.5253516311983324,
  "efc": 0.5803972887829022,
  "fber": 3891.700466584975,
  "fwhm_avg": 5.5386999999999995,
  "fwhm_x": 5.52139,
  "fwhm_y": 5.79421,
  "fwhm_z": 5.3005,
  "icvs_csf": 0.1821015581111671,
  "icvs_gm": 0.3786332152780447,
  "icvs_wm": 0.4392652266107882,
  "inu_med": 0.9225580394268036,
  "inu_range": 1.1677514389157295,
  "provenance": {
    "md5sum": "f18af8cc1878b45ab4c21f4f84bf9322",
    "settings": {
      "testing": false
    },
    "software": "mriqc",
    "version": "23.0.1",
    "warnings": {
      "large_rot_frame": true,
      "small_air_mask": false
    },
    "webapi_port": null,
    "webapi_url": "https://mriqc.nimh.nih.gov/api/v1"
  },
  "qi_1": 0.0,
  "qi_2": 0.0041768016935887385,
  "rpve_csf": 23.421157789120098,
  "rpve_gm": 10.838344091335129,
  "rpve_wm": 11.151388639617341,
  "size_x": 176,
  "size_y": 240,
  "size_z": 256,
  "snr_csf": 3.171674310158066,
  "snr_gm": 13.935248703640596,
  "snr_total": 11.407568209185484,
  "snr_wm": 17.11578161375779,
  "snrd_csf": 11.274768922688693,
  "snrd_gm": 28.706716775986,
  "snrd_total": 25.44732923441586,
  "snrd_wm": 36.360502004572886,
  "spacing_x": 1.0,
  "spacing_y": 1.0,
  "spacing_z": 1.0,
  "summary_bg_k": 853.0181721838991,
  "summary_bg_mad": 0.0,
  "summary_bg_mean": 10.664539676883555,
  "summary_bg_median": 0.0,
  "summary_bg_n": 2538696.0,
  "summary_bg_p05": 0.0,
  "summary_bg_p95": 38.46950635313988,
  "summary_bg_stdv": 18.019047885232062,
  "summary_csf_k": 7.968713473650025,
  "summary_csf_mad": 68.91299548879515,
  "summary_csf_mean": 324.8011294312255,
  "summary_csf_median": 310.1042792201042,
  "summary_csf_n": 65409.0,
  "summary_csf_p05": 197.45838180184364,
  "summary_csf_p95": 506.3194812834263,
  "summary_csf_stdv": 97.77230521944179,
  "summary_gm_k": 0.10349993519627043,
  "summary_gm_mad": 55.908611496110176,
  "summary_gm_mean": 789.9544070564232,
  "summary_gm_median": 789.5572650432587,
  "summary_gm_n": 21651.0,
  "summary_gm_p05": 697.1475711464882,
  "summary_gm_p95": 884.2806545644999,
  "summary_gm_stdv": 56.6576921508247,
  "summary_wm_k": 0.061717216072807446,
  "summary_wm_mad": 58.570926329258285,
  "summary_wm_mean": 1004.5908856309029,
  "summary_wm_median": 1000.0690340995789,
  "summary_wm_n": 216385.0,
  "summary_wm_p05": 916.7069260776043,
  "summary_wm_p95": 1108.087540268898,
  "summary_wm_stdv": 58.42950943223758,
  "tpm_overlap_csf": 0.15279996248047428,
  "tpm_overlap_gm": 0.40590409783129444,
  "tpm_overlap_wm": 0.42449677110973943,
  "wm2max": 0.2884864423325962
}