{
  "bids_meta": {
    "AcquisitionDateTime": "2016-06-02T10:47:51.595000",
    "AcquisitionMatrixPE": 240,
    "AcquisitionNumber": 1,
    "AcquisitionTime": "10:47:51.595000",
    "BaseResolution": 256,
    "ConversionSoftware": "dcm2niix",
    "ConversionSoftwareVersion": "v1.0.20180622 (JP2:OpenJPEG) GCC6.1.0",
    "DeviceSerialNumber": "35437",
    "DwellTime": 4e-06,
    "EchoTime": 0.0022,
    "FlipAngle": 13,
    "ImageOrientationPatientDICOM": [
      0,
      0.866025,
      -0.5,
      0,
      -0.5,
      -0.866025
    ],
    "ImageType": [
      "ORIGINAL",
      "PRIMARY",
      "M",
      "ND"
    ],
    "InPlanePhaseEncodingDirectionDICOM": "ROW",
    "InstitutionAddress": "Queen_Square_12_London_Southeast_GB_WC1N_3BG",
    "InstitutionName": "Functional_Imaging_Laboratory",
    "InstitutionalDepartmentName": "Department",
    "MRAcquisitionType": "3D",
    "MagneticFieldStrength": 3,
    "Manufacturer": "Siemens",
    "ManufacturersModelName": "TrioTim",
    "Modality": "MR",
    "PartialFourier": 0.75,
    "PatientID": "MQ03647",
    "PatientName": "MQ03647",
    "PatientPosition": "HFS",
    "PatientSex": "",
    "PercentPhaseFOV": 93.75,
    "PhaseEncodingSteps": 180,
    "PhaseResolution": 1,
    "PixelBandwidth": 488,
    "ProcedureStepDescription": "FIL_Johan_Carlin",
    "ProtocolName": "BasicT1_NoVBM_nw_mtflash3d_v3h",
    "PulseSequenceDetails": "%CustomerSeq%_nw_mtflash3d_v3h",
    "ReceiveCoilName": "32Ch_Head",
    "ReconMatrixPE": 256,
    "RepetitionTime": 2,
    "SAR": 0.226947,
    "ScanOptions": "PFP",
    "ScanningSequence": "RM",
    "SequenceName": "fl3d_3h3d1",
    "SequenceVariant": "SP",
    "SeriesDescription": "BasicT1_NoVBM_nw_mtflash3d_v3h",
    "SeriesInstanceUID": "1.3.12.2.1107.5.2.32.35437.2016060210473514969290792.0.0.0",
    "SeriesNumber": 10,
    "ShimSetting": [
      7,
      -3934,
      296,
      334,
      -95,
      -89,
      -147,
      152
    ],
    "SliceThickness": 1,
    "SoftwareVersions": "syngo_MR_B17",
    "StationName": "MRC35437",
    "StudyID": "1",
    "StudyInstanceUID": "1.3.12.2.1107.5.2.32.35437.30000016060207470165200000013",
    "TxRefAmp": 308.372,
    "dataset": "ds004009",
    "modality": "T1w",
    "subject_id": "31"
  },
  "cjv": 0.5272156278043864,
  "cnr": 2.6414578808880576,
  "efc": 0.5597936906304997,
  "fber": -1.0,
  "fwhm_avg": 5.247073333333334,
  "fwhm_x": 5.42492,
  "fwhm_y": 5.25276,
  "fwhm_z": 5.06354,
  "icvs_csf": 0.16127894947648586,
  "icvs_gm": 0.38112796123042025,
  "icvs_wm": 0.4575930892930939,
  "inu_med": 0.8338764607906342,
  "inu_range": 0.9035921633243562,
  "provenance": {
    "md5sum": "5c959211a77daa07ca3a5ef34eca1723",
    "settings": {
      "testing": false
    },
    "software": "mriqc",
    "version": "23.0.1",
    "warnings": {
      "large_rot_frame": true,
      "small_air_mask": false
    },
    "webapi_port": null,
    "webapi_url": "https://mriqc.nimh.nih.gov/api/v1"
  },
  "qi_1": 0.0,
  "qi_2": 0.007837299338266247,
  "rpve_csf": 29.403659663842564,
  "rpve_gm": 12.419531875275633,
  "rpve_wm": 12.345881112702795,
  "size_x": 176,
  "size_y": 240,
  "size_z": 256,
  "snr_csf": 2.703894749448465,
  "snr_gm": 14.483666259552342,
  "snr_total": 11.976401715576188,
  "snr_wm": 18.741644137727757,
  "snrd_csf": 20.164495897118137,
  "snrd_gm": 47.20341467562138,
  "snrd_total": 42.23218186202329,
  "snrd_wm": 59.328635013330356,
  "spacing_x": 1.0,
  "spacing_y": 1.0,
  "spacing_z": 1.0,
  "summary_bg_k": 3.6393486422302086,
  "summary_bg_mad": 0.0,
  "summary_bg_mean": 7.749019668317644,
  "summary_bg_median": 0.0,
  "summary_bg_n": 2852634.0,
  "summary_bg_p05": 0.0,
  "summary_bg_p95": 30.691154822707176,
  "summary_bg_stdv": 11.043166144290508,
  "summary_csf_k": 3.1714255926263526,
  "summary_csf_mad": 110.17403996305671,
  "summary_csf_mean": 354.3450283520953,
  "summary_csf_median": 339.898498095572,
  "summary_csf_n": 23409.0,
  "summary_csf_p05": 177.06621368974447,
  "summary_csf_p95": 575.3504047393797,
  "summary_csf_stdv": 125.70431526273417,
  "summary_gm_k": 0.047780145707122745,
  "summary_gm_mad": 55.26616476195609,
  "summary_gm_mean": 796.7770392258483,
  "summary_gm_median": 795.6742303445935,
  "summary_gm_n": 22070.0,
  "summary_gm_p05": 708.2527716271579,
  "summary_gm_p95": 888.9288209481165,
  "summary_gm_stdv": 54.93472369030425,
  "summary_wm_k": 0.14695079195039673,
  "summary_wm_mad": 52.48942066532621,
  "summary_wm_mean": 1005.3342462762204,
  "summary_wm_median": 1000.0604050792754,
  "summary_wm_n": 226300.0,
  "summary_wm_p05": 926.4137166365981,
  "summary_wm_p95": 1101.4982967078686,
  "summary_wm_stdv": 53.360216859188824,
  "tpm_overlap_csf": 0.17278850044322558,
  "tpm_overlap_gm": 0.4344726159609371,
  "tpm_overlap_wm": 0.4783127280212206,
  "wm2max": 0.34933526108937923
}