{
  "aor": 0.0008408461538461539,
  "aqi": 0.005952718615384616,
  "bids_meta": {
    "AcquisitionDateTime": "2016-07-13T11:51:39.730000",
    "AcquisitionMatrixPE": 64,
    "AcquisitionNumber": 1,
    "AcquisitionTime": "11:51:39.730000",
    "BaseResolution": 64,
    "ConversionSoftware": "dcm2niix",
    "ConversionSoftwareVersion": "v1.0.20180622 (JP2:OpenJPEG) GCC6.1.0",
    "DeviceSerialNumber": "35437",
    "DwellTime": 3.4e-06,
    "EchoTime": 0.03,
    "EffectiveEchoSpacing": 6.009615385e-05,
    "FlipAngle": 90,
    "ImageOrientationPatientDICOM": [
      1,
      0,
      0,
      0,
      0.866025,
      -0.5
    ],
    "ImageType": [
      "ORIGINAL",
      "PRIMARY",
      "M",
      "ND",
      "MOSAIC"
    ],
    "InPlanePhaseEncodingDirectionDICOM": "COL",
    "InstitutionAddress": "Queen_Square_12_London_Southeast_GB_WC1N_3BG",
    "InstitutionName": "FIL",
    "InstitutionalDepartmentName": "Department",
    "MRAcquisitionType": "2D",
    "MagneticFieldStrength": 3,
    "Manufacturer": "Siemens",
    "ManufacturersModelName": "TrioTim",
    "Modality": "MR",
    "PartialFourier": 1,
    "PatientID": "MQ03703",
    "PatientName": "MQ03703",
    "PatientPosition": "HFS",
    "PatientSex": "",
    "PercentPhaseFOV": 100,
    "PhaseEncodingDirection": "j-",
    "PhaseEncodingSteps": 74,
    "PhaseOversampling": 0.13,
    "PhaseResolution": 1,
    "PixelBandwidth": 2298,
    "ProcedureStepDescription": "FIL_Johan_Carlin",
    "ProtocolName": "al_mepi2d_3mm_v1a_standard",
    "PulseSequenceDetails": "%CustomerSeq%_al_mepi2d_3mm_v1a",
    "ReceiveCoilName": "32Ch_Head",
    "ReconMatrixPE": 64,
    "RepetitionTime": 2.8,
    "SAR": 0.15503,
    "ScanOptions": "FS",
    "ScanningSequence": "RM",
    "SequenceName": "alepi2d2d1",
    "SequenceVariant": "SP_OSP",
    "SeriesDescription": "al_mepi2d_3mm_v1a_standard",
    "SeriesInstanceUID": "1.3.12.2.1107.5.2.32.35437.201607131150506808256682.0.0.0",
    "SeriesNumber": 7,
    "ShimSetting": [
      45,
      -3820,
      326,
      326,
      -71,
      246,
      -112,
      39
    ],
    "SliceThickness": 2.5,
    "SliceTiming": [
      0,
      0.07,
      0.14,
      0.21,
      0.28,
      0.35,
      0.42,
      0.4925,
      0.5625,
      0.6325,
      0.7025,
      0.7725,
      0.8425,
      0.9125,
      0.9825,
      1.0525,
      1.125,
      1.195,
      1.265,
      1.335,
      1.405,
      1.475,
      1.545,
      1.615,
      1.685,
      1.7575,
      1.8275,
      1.8975,
      1.9675,
      2.0375,
      2.1075,
      2.1775,
      2.2475,
      2.3175,
      2.39,
      2.46,
      2.53,
      2.6,
      2.67,
      2.74
    ],
    "SoftwareVersions": "syngo_MR_B17",
    "SpacingBetweenSlices": 3,
    "StationName": "MRC35437",
    "StudyID": "1",
    "StudyInstanceUID": "1.3.12.2.1107.5.2.32.35437.30000016071307430286400000007",
    "TaskName": "memsamp",
    "TxRefAmp": 296.221,
    "dataset": "ds004009",
    "modality": "bold",
    "run_id": 3,
    "subject_id": "26",
    "task_id": "memsamp"
  },
  "dummy_trs": 2,
  "dvars_nstd": 23.150907582972966,
  "dvars_std": 1.0562138184555985,
  "dvars_vstd": 0.922330451467182,
  "efc": 0.6318837828591016,
  "fber": 217.20401000976562,
  "fd_mean": 0.09926841621326134,
  "fd_num": 4,
  "fd_perc": 1.5384615384615385,
  "fwhm_avg": 2.4954244444444442,
  "fwhm_x": 2.34368,
  "fwhm_y": 2.4987733333333333,
  "fwhm_z": 2.6438200000000003,
  "gcor": 0.00737395,
  "gsr_x": -0.002358425874263048,
  "gsr_y": 0.06747648119926453,
  "provenance": {
    "md5sum": "09d9c971af5e0e9d19e32cac17b39108",
    "settings": {
      "fd_thres": 0.2,
      "testing": false
    },
    "software": "mriqc",
    "version": "23.0.1",
    "webapi_port": null,
    "webapi_url": "https://mriqc.nimh.nih.gov/api/v1"
  },
  "size_t": 260,
  "size_x": 64,
  "size_y": 64,
  "size_z": 40,
  "snr": 2.820343608652101,
  "spacing_tr": 2.799999952316284,
  "spacing_x": 3.0,
  "spacing_y": 3.0,
  "spacing_z": 3.0,
  "summary_bg_k": 31.442535956709015,
  "summary_bg_mad": 17.471898523159165,
  "summary_bg_mean": 75.42609405517578,
  "summary_bg_median": 38.757694244384766,
  "summary_bg_n": 81155.0,
  "summary_bg_p05": 25.653846740722656,
  "summary_bg_p95": 253.9330780029297,
  "summary_bg_stdv": 99.73686218261719,
  "summary_fg_k": 1.2631160519767572,
  "summary_fg_mad": 191.59204070664313,
  "summary_fg_mean": 622.4510498046875,
  "summary_fg_median": 585.8846435546875,
  "summary_fg_n": 43065.0,
  "summary_fg_p05": 351.8923034667969,
  "summary_fg_p95": 1019.7861450195312,
  "summary_fg_stdv": 207.7327880859375,
  "tsnr": 51.13632191601209
}