{
  "aor": 0.004952123552123552,
  "aqi": 0.010642842393822394,
  "bids_meta": {
    "AcquisitionDateTime": "2016-07-13T12:32:4.527500",
    "AcquisitionMatrixPE": 64,
    "AcquisitionNumber": 1,
    "AcquisitionTime": "12:32:4.527500",
    "BaseResolution": 64,
    "ConversionSoftware": "dcm2niix",
    "ConversionSoftwareVersion": "v1.0.20180622 (JP2:OpenJPEG) GCC6.1.0",
    "DeviceSerialNumber": "35437",
    "DwellTime": 3.4e-06,
    "EchoTime": 0.03,
    "EffectiveEchoSpacing": 6.009615385e-05,
    "FlipAngle": 90,
    "ImageOrientationPatientDICOM": [
      1,
      0,
      0,
      0,
      0.866025,
      -0.5
    ],
    "ImageType": [
      "ORIGINAL",
      "PRIMARY",
      "M",
      "ND",
      "MOSAIC"
    ],
    "InPlanePhaseEncodingDirectionDICOM": "COL",
    "InstitutionAddress": "Queen_Square_12_London_Southeast_GB_WC1N_3BG",
    "InstitutionName": "FIL",
    "InstitutionalDepartmentName": "Department",
    "MRAcquisitionType": "2D",
    "MagneticFieldStrength": 3,
    "Manufacturer": "Siemens",
    "ManufacturersModelName": "TrioTim",
    "Modality": "MR",
    "PartialFourier": 1,
    "PatientID": "MQ03703",
    "PatientName": "MQ03703",
    "PatientPosition": "HFS",
    "PatientSex": "",
    "PercentPhaseFOV": 100,
    "PhaseEncodingDirection": "j-",
    "PhaseEncodingSteps": 74,
    "PhaseOversampling": 0.13,
    "PhaseResolution": 1,
    "PixelBandwidth": 2298,
    "ProcedureStepDescription": "FIL_Johan_Carlin",
    "ProtocolName": "al_mepi2d_3mm_v1a_standard",
    "PulseSequenceDetails": "%CustomerSeq%_al_mepi2d_3mm_v1a",
    "ReceiveCoilName": "32Ch_Head",
    "ReconMatrixPE": 64,
    "RepetitionTime": 2.8,
    "SAR": 0.15503,
    "ScanOptions": "FS",
    "ScanningSequence": "RM",
    "SequenceName": "alepi2d2d1",
    "SequenceVariant": "SP_OSP",
    "SeriesDescription": "al_mepi2d_3mm_v1a_standard",
    "SeriesInstanceUID": "1.3.12.2.1107.5.2.32.35437.2016071312304463903152592.0.0.0",
    "SeriesNumber": 10,
    "ShimSetting": [
      45,
      -3820,
      326,
      326,
      -71,
      246,
      -112,
      39
    ],
    "SliceThickness": 2.5,
    "SliceTiming": [
      0,
      0.07,
      0.1425,
      0.2125,
      0.2825,
      0.3525,
      0.4225,
      0.4925,
      0.5625,
      0.6325,
      0.7025,
      0.775,
      0.845,
      0.915,
      0.985,
      1.055,
      1.125,
      1.195,
      1.265,
      1.3375,
      1.4075,
      1.4775,
      1.5475,
      1.6175,
      1.6875,
      1.7575,
      1.8275,
      1.8975,
      1.97,
      2.04,
      2.11,
      2.18,
      2.25,
      2.32,
      2.39,
      2.46,
      2.53,
      2.6025,
      2.6725,
      2.7425
    ],
    "SoftwareVersions": "syngo_MR_B17",
    "SpacingBetweenSlices": 3,
    "StationName": "MRC35437",
    "StudyID": "1",
    "StudyInstanceUID": "1.3.12.2.1107.5.2.32.35437.30000016071307430286400000007",
    "TaskName": "memsamp",
    "TxRefAmp": 296.221,
    "dataset": "ds004009",
    "modality": "bold",
    "run_id": 4,
    "subject_id": "26",
    "task_id": "memsamp"
  },
  "dummy_trs": 3,
  "dvars_nstd": 22.50749699271318,
  "dvars_std": 1.0206858646511623,
  "dvars_vstd": 0.9370361752713176,
  "efc": 0.6241037524104007,
  "fber": 219.24591064453125,
  "fd_mean": 0.12786617669780995,
  "fd_num": 26,
  "fd_perc": 10.038610038610038,
  "fwhm_avg": 2.5476411111111115,
  "fwhm_x": 2.401213333333333,
  "fwhm_y": 2.51748,
  "fwhm_z": 2.72423,
  "gcor": 0.00873617,
  "gsr_x": 0.002899486804381013,
  "gsr_y": 0.05706273019313812,
  "provenance": {
    "md5sum": "83ac2730eca6ed16099677b682b22033",
    "settings": {
      "fd_thres": 0.2,
      "testing": false
    },
    "software": "mriqc",
    "version": "23.0.1",
    "webapi_port": null,
    "webapi_url": "https://mriqc.nimh.nih.gov/api/v1"
  },
  "size_t": 259,
  "size_x": 64,
  "size_y": 64,
  "size_z": 40,
  "snr": 2.773829013972583,
  "spacing_tr": 2.799999952316284,
  "spacing_x": 3.0,
  "spacing_y": 3.0,
  "spacing_z": 3.0,
  "summary_bg_k": 34.89408956671072,
  "summary_bg_mad": 18.970441271880443,
  "summary_bg_mean": 74.45596313476562,
  "summary_bg_median": 40.13127517700195,
  "summary_bg_n": 82658.0,
  "summary_bg_p05": 24.941505908966064,
  "summary_bg_p95": 244.8409202575681,
  "summary_bg_stdv": 93.42315673828125,
  "summary_fg_k": 1.4356210159479472,
  "summary_fg_mad": 200.36313859698194,
  "summary_fg_mean": 643.9512329101562,
  "summary_fg_median": 605.3011474609375,
  "summary_fg_n": 42145.0,
  "summary_fg_p05": 361.90191650390625,
  "summary_fg_p95": 1058.0709716796873,
  "summary_fg_stdv": 218.21603393554688,
  "tsnr": 33.84402330010198
}