{
  "aor": 0.005364961538461538,
  "aqi": 0.014891781307692307,
  "bids_meta": {
    "AcquisitionDateTime": "2016-07-13T12:05:11.195000",
    "AcquisitionMatrixPE": 64,
    "AcquisitionNumber": 1,
    "AcquisitionTime": "12:05:11.195000",
    "BaseResolution": 64,
    "ConversionSoftware": "dcm2niix",
    "ConversionSoftwareVersion": "v1.0.20180622 (JP2:OpenJPEG) GCC6.1.0",
    "DeviceSerialNumber": "35437",
    "DwellTime": 3.4e-06,
    "EchoTime": 0.03,
    "EffectiveEchoSpacing": 6.009615385e-05,
    "FlipAngle": 90,
    "ImageOrientationPatientDICOM": [
      1,
      0,
      0,
      0,
      0.866025,
      -0.5
    ],
    "ImageType": [
      "ORIGINAL",
      "PRIMARY",
      "M",
      "ND",
      "MOSAIC"
    ],
    "InPlanePhaseEncodingDirectionDICOM": "COL",
    "InstitutionAddress": "Queen_Square_12_London_Southeast_GB_WC1N_3BG",
    "InstitutionName": "FIL",
    "InstitutionalDepartmentName": "Department",
    "MRAcquisitionType": "2D",
    "MagneticFieldStrength": 3,
    "Manufacturer": "Siemens",
    "ManufacturersModelName": "TrioTim",
    "Modality": "MR",
    "PartialFourier": 1,
    "PatientID": "MQ03703",
    "PatientName": "MQ03703",
    "PatientPosition": "HFS",
    "PatientSex": "",
    "PercentPhaseFOV": 100,
    "PhaseEncodingDirection": "j-",
    "PhaseEncodingSteps": 74,
    "PhaseOversampling": 0.13,
    "PhaseResolution": 1,
    "PixelBandwidth": 2298,
    "ProcedureStepDescription": "FIL_Johan_Carlin",
    "ProtocolName": "al_mepi2d_3mm_v1a_standard",
    "PulseSequenceDetails": "%CustomerSeq%_al_mepi2d_3mm_v1a",
    "ReceiveCoilName": "32Ch_Head",
    "ReconMatrixPE": 64,
    "RepetitionTime": 2.8,
    "SAR": 0.15503,
    "ScanOptions": "FS",
    "ScanningSequence": "RM",
    "SequenceName": "alepi2d2d1",
    "SequenceVariant": "SP_OSP",
    "SeriesDescription": "al_mepi2d_3mm_v1a_standard",
    "SeriesInstanceUID": "1.3.12.2.1107.5.2.32.35437.2016071312035932560888652.0.0.0",
    "SeriesNumber": 8,
    "ShimSetting": [
      45,
      -3820,
      326,
      326,
      -71,
      246,
      -112,
      39
    ],
    "SliceThickness": 2.5,
    "SliceTiming": [
      0,
      0.07,
      0.14,
      0.21,
      0.2825,
      0.3525,
      0.4225,
      0.4925,
      0.5625,
      0.6325,
      0.7025,
      0.7725,
      0.8425,
      0.915,
      0.985,
      1.055,
      1.125,
      1.195,
      1.265,
      1.335,
      1.405,
      1.475,
      1.5475,
      1.6175,
      1.6875,
      1.7575,
      1.8275,
      1.8975,
      1.9675,
      2.0375,
      2.1075,
      2.18,
      2.25,
      2.32,
      2.39,
      2.46,
      2.53,
      2.6,
      2.67,
      2.74
    ],
    "SoftwareVersions": "syngo_MR_B17",
    "SpacingBetweenSlices": 3,
    "StationName": "MRC35437",
    "StudyID": "1",
    "StudyInstanceUID": "1.3.12.2.1107.5.2.32.35437.30000016071307430286400000007",
    "TaskName": "motionLocaliser",
    "TxRefAmp": 296.221,
    "dataset": "ds004009",
    "modality": "bold",
    "subject_id": "26",
    "task_id": "motionLocaliser"
  },
  "dummy_trs": 2,
  "dvars_nstd": 27.112587442972988,
  "dvars_std": 0.885617691158301,
  "dvars_vstd": 0.8604314667953669,
  "efc": 0.6326599673886673,
  "fber": 205.96414184570312,
  "fd_mean": 0.23194798739085992,
  "fd_num": 56,
  "fd_perc": 21.53846153846154,
  "fwhm_avg": 2.545467777777778,
  "fwhm_x": 2.3599433333333333,
  "fwhm_y": 2.55363,
  "fwhm_z": 2.72283,
  "gcor": 0.015985,
  "gsr_x": -0.0013112201122567058,
  "gsr_y": 0.06774701178073883,
  "provenance": {
    "md5sum": "b18dea0ea65416f6190e1a3018368d47",
    "settings": {
      "fd_thres": 0.2,
      "testing": false
    },
    "software": "mriqc",
    "version": "23.0.1",
    "webapi_port": null,
    "webapi_url": "https://mriqc.nimh.nih.gov/api/v1"
  },
  "size_t": 260,
  "size_x": 64,
  "size_y": 64,
  "size_z": 40,
  "snr": 2.8315566830856365,
  "spacing_tr": 2.799999952316284,
  "spacing_x": 3.0,
  "spacing_y": 3.0,
  "spacing_z": 3.0,
  "summary_bg_k": 32.914026511361314,
  "summary_bg_mad": 19.553239159717805,
  "summary_bg_mean": 74.96411895751953,
  "summary_bg_median": 39.94230651855469,
  "summary_bg_n": 80955.0,
  "summary_bg_p05": 23.7269229888916,
  "summary_bg_p95": 247.4226959228516,
  "summary_bg_stdv": 97.03351593017578,
  "summary_fg_k": 1.193290920429769,
  "summary_fg_mad": 189.3739287938008,
  "summary_fg_mean": 618.2975463867188,
  "summary_fg_median": 581.765380859375,
  "summary_fg_n": 43217.0,
  "summary_fg_p05": 351.546142578125,
  "summary_fg_p95": 1010.9584716796872,
  "summary_fg_stdv": 205.45541381835938,
  "tsnr": 27.44726982107386
}