{
  "bids_meta": {
    "AcquisitionDateTime": "2016-06-03T12:46:38.722500",
    "AcquisitionMatrixPE": 240,
    "AcquisitionNumber": 1,
    "AcquisitionTime": "12:46:38.722500",
    "BaseResolution": 256,
    "ConversionSoftware": "dcm2niix",
    "ConversionSoftwareVersion": "v1.0.20180622 (JP2:OpenJPEG) GCC6.1.0",
    "DeviceSerialNumber": "35437",
    "DwellTime": 4e-06,
    "EchoTime": 0.0022,
    "FlipAngle": 13,
    "ImageOrientationPatientDICOM": [
      0,
      0.866025,
      -0.5,
      0,
      -0.5,
      -0.866025
    ],
    "ImageType": [
      "ORIGINAL",
      "PRIMARY",
      "M",
      "ND"
    ],
    "InPlanePhaseEncodingDirectionDICOM": "ROW",
    "InstitutionAddress": "Queen_Square_12_London_Southeast_GB_WC1N_3BG",
    "InstitutionName": "Functional_Imaging_Laboratory",
    "InstitutionalDepartmentName": "Department",
    "MRAcquisitionType": "3D",
    "MagneticFieldStrength": 3,
    "Manufacturer": "Siemens",
    "ManufacturersModelName": "TrioTim",
    "Modality": "MR",
    "PartialFourier": 0.75,
    "PatientID": "MQ03651",
    "PatientName": "MQ03651",
    "PatientPosition": "HFS",
    "PatientSex": "",
    "PercentPhaseFOV": 93.75,
    "PhaseEncodingSteps": 180,
    "PhaseResolution": 1,
    "PixelBandwidth": 488,
    "ProcedureStepDescription": "FIL_Johan_Carlin",
    "ProtocolName": "BasicT1_NoVBM_nw_mtflash3d_v3h",
    "PulseSequenceDetails": "%CustomerSeq%_nw_mtflash3d_v3h",
    "ReceiveCoilName": "32Ch_Head",
    "ReconMatrixPE": 256,
    "RepetitionTime": 2,
    "SAR": 0.203826,
    "ScanOptions": "PFP",
    "ScanningSequence": "RM",
    "SequenceName": "fl3d_3h3d1",
    "SequenceVariant": "SP",
    "SeriesDescription": "BasicT1_NoVBM_nw_mtflash3d_v3h",
    "SeriesInstanceUID": "1.3.12.2.1107.5.2.32.35437.2016060312463585529834071.0.0.0",
    "SeriesNumber": 10,
    "ShimSetting": [
      40,
      -4055,
      314,
      450,
      23,
      -333,
      99,
      118
    ],
    "SliceThickness": 1,
    "SoftwareVersions": "syngo_MR_B17",
    "StationName": "MRC35437",
    "StudyID": "1",
    "StudyInstanceUID": "1.3.12.2.1107.5.2.32.35437.30000016060307564301900000007",
    "TxRefAmp": 306.034,
    "dataset": "ds004009",
    "modality": "T1w",
    "subject_id": "19"
  },
  "cjv": 0.476716890229904,
  "cnr": 2.936562070853183,
  "efc": 0.5680454674597517,
  "fber": 18960.30644132653,
  "fwhm_avg": 5.16763,
  "fwhm_x": 5.41937,
  "fwhm_y": 5.04963,
  "fwhm_z": 5.03389,
  "icvs_csf": 0.12387337060886001,
  "icvs_gm": 0.4036601008883772,
  "icvs_wm": 0.4724665285027628,
  "inu_med": 0.817324697971344,
  "inu_range": 0.8347805380821224,
  "provenance": {
    "md5sum": "f030dcf4607c28065f1b65ab07e94636",
    "settings": {
      "testing": false
    },
    "software": "mriqc",
    "version": "23.0.1",
    "warnings": {
      "large_rot_frame": true,
      "small_air_mask": false
    },
    "webapi_port": null,
    "webapi_url": "https://mriqc.nimh.nih.gov/api/v1"
  },
  "qi_1": 0.0,
  "qi_2": 0.008824750355479097,
  "rpve_csf": 37.96346331520781,
  "rpve_gm": 12.145731176076158,
  "rpve_wm": 11.901876828341477,
  "size_x": 176,
  "size_y": 240,
  "size_z": 256,
  "snr_csf": 1.9447199610597738,
  "snr_gm": 16.61181696757956,
  "snr_total": 13.0792901032841,
  "snr_wm": 20.68133338121296,
  "snrd_csf": 24.63905173812799,
  "snrd_gm": 60.93628151464613,
  "snrd_total": 53.971256188280364,
  "snrd_wm": 76.33843531206696,
  "spacing_x": 1.0,
  "spacing_y": 1.0,
  "spacing_z": 1.0,
  "summary_bg_k": 2.948901676936871,
  "summary_bg_mad": 0.0,
  "summary_bg_mean": 6.540715915141606,
  "summary_bg_median": 0.0,
  "summary_bg_n": 2172422.0,
  "summary_bg_p05": 0.0,
  "summary_bg_p95": 22.79661476612091,
  "summary_bg_stdv": 8.582493256418603,
  "summary_csf_k": 19.799828150706134,
  "summary_csf_mad": 93.28675406047624,
  "summary_csf_mean": 344.5665944840374,
  "summary_csf_median": 322.77934089303017,
  "summary_csf_n": 16437.0,
  "summary_csf_p05": 114.89263573288918,
  "summary_csf_p95": 598.9637828171251,
  "summary_csf_stdv": 165.97223689015587,
  "summary_gm_k": 0.12334737211298252,
  "summary_gm_mad": 47.624893655760054,
  "summary_gm_mean": 799.4269516179976,
  "summary_gm_median": 798.2844872772694,
  "summary_gm_n": 38126.0,
  "summary_gm_p05": 722.5836074352264,
  "summary_gm_p95": 880.2458010986447,
  "summary_gm_stdv": 48.054587871779354,
  "summary_wm_k": -0.02216302056930619,
  "summary_wm_mad": 48.563735645389734,
  "summary_wm_mean": 1002.8390310868375,
  "summary_wm_median": 1000.0575548410416,
  "summary_wm_n": 216324.0,
  "summary_wm_p05": 928.8469173014164,
  "summary_wm_p95": 1087.2718764841557,
  "summary_wm_stdv": 48.35545295478886,
  "tpm_overlap_csf": 0.14026034168933035,
  "tpm_overlap_gm": 0.4416350583240815,
  "tpm_overlap_wm": 0.4669159757025988,
  "wm2max": 0.3418070203053675
}