{
  "bids_meta": {
    "AcquisitionDateTime": "2016-09-16T11:47:7.187500",
    "AcquisitionMatrixPE": 240,
    "AcquisitionNumber": 1,
    "AcquisitionTime": "11:47:7.187500",
    "BaseResolution": 256,
    "ConversionSoftware": "dcm2niix",
    "ConversionSoftwareVersion": "v1.0.20180622 (JP2:OpenJPEG) GCC6.1.0",
    "DeviceSerialNumber": "35437",
    "DwellTime": 4e-06,
    "EchoTime": 0.0022,
    "FlipAngle": 13,
    "ImageOrientationPatientDICOM": [
      0,
      0.866025,
      -0.5,
      0,
      -0.5,
      -0.866025
    ],
    "ImageType": [
      "ORIGINAL",
      "PRIMARY",
      "M",
      "ND"
    ],
    "InPlanePhaseEncodingDirectionDICOM": "ROW",
    "InstitutionAddress": "Queen_Square_12_London_Southeast_GB_WC1N_3BG",
    "InstitutionName": "WTCN",
    "InstitutionalDepartmentName": "Department",
    "MRAcquisitionType": "3D",
    "MagneticFieldStrength": 3,
    "Manufacturer": "Siemens",
    "ManufacturersModelName": "TrioTim",
    "Modality": "MR",
    "PartialFourier": 0.75,
    "PatientID": "MQ03779",
    "PatientName": "MQ03779",
    "PatientPosition": "HFS",
    "PatientSex": "",
    "PercentPhaseFOV": 93.75,
    "PhaseEncodingSteps": 180,
    "PhaseResolution": 1,
    "PixelBandwidth": 488,
    "ProcedureStepDescription": "FIL_Johan_Carlin",
    "ProtocolName": "BasicT1_NoVBM_nw_mtflash3d_v3h",
    "PulseSequenceDetails": "%CustomerSeq%_nw_mtflash3d_v3h",
    "ReceiveCoilName": "32Ch_Head",
    "ReconMatrixPE": 256,
    "RepetitionTime": 2,
    "SAR": 0.220364,
    "ScanOptions": "PFP",
    "ScanningSequence": "RM",
    "SequenceName": "fl3d_3h3d1",
    "SequenceVariant": "SP",
    "SeriesDescription": "BasicT1_NoVBM_nw_mtflash3d_v3h",
    "SeriesInstanceUID": "1.3.12.2.1107.5.2.32.35437.2016091611470550062605508.0.0.0",
    "SeriesNumber": 10,
    "ShimSetting": [
      34,
      -4044,
      290,
      398,
      -206,
      -84,
      199,
      -15
    ],
    "SliceThickness": 1,
    "SoftwareVersions": "syngo_MR_B17",
    "StationName": "MRC35437",
    "StudyID": "1",
    "StudyInstanceUID": "1.3.12.2.1107.5.2.32.35437.30000016091608313110500000004",
    "TxRefAmp": 292.389,
    "dataset": "ds004009",
    "modality": "T1w",
    "subject_id": "05"
  },
  "cjv": 0.5072282597081719,
  "cnr": 2.7844803396595315,
  "efc": 0.5332680125499728,
  "fber": -1.0,
  "fwhm_avg": 4.784393333333333,
  "fwhm_x": 5.03505,
  "fwhm_y": 4.79988,
  "fwhm_z": 4.51825,
  "icvs_csf": 0.16476949275135777,
  "icvs_gm": 0.37712766071878695,
  "icvs_wm": 0.4581028465298553,
  "inu_med": 0.902982771396637,
  "inu_range": 0.9073032736778259,
  "provenance": {
    "md5sum": "e182ae917c2211de6731aae93650f302",
    "settings": {
      "testing": false
    },
    "software": "mriqc",
    "version": "23.0.1",
    "warnings": {
      "large_rot_frame": true,
      "small_air_mask": false
    },
    "webapi_port": null,
    "webapi_url": "https://mriqc.nimh.nih.gov/api/v1"
  },
  "qi_1": 0.0,
  "qi_2": 0.00649795102264193,
  "rpve_csf": 33.47116918990043,
  "rpve_gm": 14.28097246772725,
  "rpve_wm": 14.014702535271695,
  "size_x": 176,
  "size_y": 240,
  "size_z": 256,
  "snr_csf": 2.9713156764348123,
  "snr_gm": 14.47867639456807,
  "snr_total": 12.172397285679816,
  "snr_wm": 19.067199786036564,
  "snrd_csf": 22.05044834058545,
  "snrd_gm": 50.18510851566012,
  "snrd_total": 45.31671087538865,
  "snrd_wm": 63.714575769920366,
  "spacing_x": 1.0,
  "spacing_y": 1.0,
  "spacing_z": 1.0,
  "summary_bg_k": 9.248400717667744,
  "summary_bg_mad": 0.0,
  "summary_bg_mean": 6.438571123611269,
  "summary_bg_median": 0.0,
  "summary_bg_n": 2415974.0,
  "summary_bg_p05": 0.0,
  "summary_bg_p95": 27.89712541922927,
  "summary_bg_stdv": 10.282363001017936,
  "summary_csf_k": 1.59888707277758,
  "summary_csf_mad": 105.24008430106093,
  "summary_csf_mean": 353.71256968201794,
  "summary_csf_median": 346.0816925652325,
  "summary_csf_n": 23263.0,
  "summary_csf_p05": 172.16943932808937,
  "summary_csf_p95": 545.2950046695769,
  "summary_csf_stdv": 116.47172219769963,
  "summary_gm_k": -0.0029318865965102248,
  "summary_gm_mad": 54.68357321525715,
  "summary_gm_mean": 787.9565675801424,
  "summary_gm_median": 787.6550638973713,
  "summary_gm_n": 18072.0,
  "summary_gm_p05": 699.0347920531407,
  "summary_gm_p95": 878.4538531279192,
  "summary_gm_stdv": 54.399535564771604,
  "summary_wm_k": -0.10220687262197314,
  "summary_wm_mad": 53.02377648928134,
  "summary_wm_mean": 1004.0642891740998,
  "summary_wm_median": 999.9999946914613,
  "summary_wm_n": 176707.0,
  "summary_wm_p05": 924.2360011450946,
  "summary_wm_p95": 1096.3993890359998,
  "summary_wm_stdv": 52.44593733564954,
  "tpm_overlap_csf": 0.14626549719799192,
  "tpm_overlap_gm": 0.42843075416009807,
  "tpm_overlap_wm": 0.4575275789387355,
  "wm2max": 0.31949480649833084
}