{
  "bids_meta": {
    "AcquisitionDateTime": "2016-09-26T12:37:46.167500",
    "AcquisitionMatrixPE": 240,
    "AcquisitionNumber": 1,
    "AcquisitionTime": "12:37:46.167500",
    "BaseResolution": 256,
    "ConversionSoftware": "dcm2niix",
    "ConversionSoftwareVersion": "v1.0.20180622 (JP2:OpenJPEG) GCC6.1.0",
    "DeviceSerialNumber": "35437",
    "DwellTime": 4e-06,
    "EchoTime": 0.0022,
    "FlipAngle": 13,
    "ImageOrientationPatientDICOM": [
      0,
      0.866025,
      -0.5,
      0,
      -0.5,
      -0.866025
    ],
    "ImageType": [
      "ORIGINAL",
      "PRIMARY",
      "M",
      "ND"
    ],
    "InPlanePhaseEncodingDirectionDICOM": "ROW",
    "InstitutionAddress": "Queen_Square_12_London_Southeast_GB_WC1N_3BG",
    "InstitutionName": "WTCN",
    "InstitutionalDepartmentName": "Department",
    "MRAcquisitionType": "3D",
    "MagneticFieldStrength": 3,
    "Manufacturer": "Siemens",
    "ManufacturersModelName": "TrioTim",
    "Modality": "MR",
    "PartialFourier": 0.75,
    "PatientID": "MQ03792",
    "PatientName": "MQ03792",
    "PatientPosition": "HFS",
    "PatientSex": "",
    "PercentPhaseFOV": 93.75,
    "PhaseEncodingSteps": 180,
    "PhaseResolution": 1,
    "PixelBandwidth": 488,
    "ProcedureStepDescription": "FIL_Johan_Carlin",
    "ProtocolName": "BasicT1_NoVBM_nw_mtflash3d_v3h",
    "PulseSequenceDetails": "%CustomerSeq%_nw_mtflash3d_v3h",
    "ReceiveCoilName": "32Ch_Head",
    "ReconMatrixPE": 256,
    "RepetitionTime": 2,
    "SAR": 0.217455,
    "ScanOptions": "PFP",
    "ScanningSequence": "RM",
    "SequenceName": "fl3d_3h3d1",
    "SequenceVariant": "SP",
    "SeriesDescription": "BasicT1_NoVBM_nw_mtflash3d_v3h",
    "SeriesInstanceUID": "1.3.12.2.1107.5.2.32.35437.2016092612374450530205444.0.0.0",
    "SeriesNumber": 10,
    "ShimSetting": [
      -16,
      -4002,
      279,
      572,
      -110,
      198,
      29,
      89
    ],
    "SliceThickness": 1,
    "SoftwareVersions": "syngo_MR_B17",
    "StationName": "MRC35437",
    "StudyID": "1",
    "StudyInstanceUID": "1.3.12.2.1107.5.2.32.35437.30000016092609264936900000004",
    "TxRefAmp": 328.568,
    "dataset": "ds004009",
    "modality": "T1w",
    "subject_id": "03"
  },
  "cjv": 0.5262494716688118,
  "cnr": 2.6204200226371457,
  "efc": 0.5426441912118468,
  "fber": -1.0,
  "fwhm_avg": 5.490436666666667,
  "fwhm_x": 5.60457,
  "fwhm_y": 5.57031,
  "fwhm_z": 5.29643,
  "icvs_csf": 0.22636145524097617,
  "icvs_gm": 0.3445479380398656,
  "icvs_wm": 0.4290906067191582,
  "inu_med": 0.8561742901802063,
  "inu_range": 0.9621832892298697,
  "provenance": {
    "md5sum": "eb59617679d413cd572ef342e0b31e1f",
    "settings": {
      "testing": false
    },
    "software": "mriqc",
    "version": "23.0.1",
    "warnings": {
      "large_rot_frame": true,
      "small_air_mask": false
    },
    "webapi_port": null,
    "webapi_url": "https://mriqc.nimh.nih.gov/api/v1"
  },
  "qi_1": 0.0,
  "qi_2": 0.00835457747052792,
  "rpve_csf": 20.98889659416114,
  "rpve_gm": 12.312201027545107,
  "rpve_wm": 12.071017750771809,
  "size_x": 176,
  "size_y": 240,
  "size_z": 256,
  "snr_csf": 3.7838918319345147,
  "snr_gm": 15.784841667319727,
  "snr_total": 13.291942971324879,
  "snr_wm": 20.307095414720393,
  "snrd_csf": 28.168381870212166,
  "snrd_gm": 59.70726529302739,
  "snrd_total": 53.803833267731214,
  "snrd_wm": 73.53585263995406,
  "spacing_x": 1.0,
  "spacing_y": 1.0,
  "spacing_z": 1.0,
  "summary_bg_k": 6.571465471016943,
  "summary_bg_mad": 0.0,
  "summary_bg_mean": 5.748579085180298,
  "summary_bg_median": 0.0,
  "summary_bg_n": 2503567.0,
  "summary_bg_p05": 0.0,
  "summary_bg_p95": 24.68626707792282,
  "summary_bg_stdv": 8.9095997747513,
  "summary_csf_k": 1.4370196002042048,
  "summary_csf_mad": 102.9863938008517,
  "summary_csf_mean": 380.0651687050857,
  "summary_csf_median": 383.079017996788,
  "summary_csf_n": 80292.0,
  "summary_csf_p05": 228.12703132629395,
  "summary_csf_p95": 545.2719168961045,
  "summary_csf_stdv": 101.23879050127567,
  "summary_gm_k": 0.08262754418519291,
  "summary_gm_mad": 50.48866464537089,
  "summary_gm_mean": 811.0773093786765,
  "summary_gm_median": 811.9955438375473,
  "summary_gm_n": 19761.0,
  "summary_gm_p05": 723.4431347250938,
  "summary_gm_p95": 894.0081542730331,
  "summary_gm_stdv": 51.44017376192604,
  "summary_wm_k": 0.12414263618370125,
  "summary_wm_mad": 48.479600135260974,
  "summary_wm_mean": 1003.2529770608077,
  "summary_wm_median": 1000.0589436292648,
  "summary_wm_n": 213076.0,
  "summary_wm_p05": 928.0033239722252,
  "summary_wm_p95": 1090.1431974768639,
  "summary_wm_stdv": 49.246658691656236,
  "tpm_overlap_csf": 0.17832555216638915,
  "tpm_overlap_gm": 0.40606079011118346,
  "tpm_overlap_wm": 0.4705644630407779,
  "wm2max": 0.33770179405619744
}