{
  "bids_meta": {
    "AcquisitionDateTime": "2016-08-09T11:55:15.250000",
    "AcquisitionMatrixPE": 240,
    "AcquisitionNumber": 1,
    "AcquisitionTime": "11:55:15.250000",
    "BaseResolution": 256,
    "ConversionSoftware": "dcm2niix",
    "ConversionSoftwareVersion": "v1.0.20180622 (JP2:OpenJPEG) GCC6.1.0",
    "DeviceSerialNumber": "35437",
    "DwellTime": 4e-06,
    "EchoTime": 0.0022,
    "FlipAngle": 13,
    "ImageOrientationPatientDICOM": [
      0,
      0.866025,
      -0.5,
      0,
      -0.5,
      -0.866025
    ],
    "ImageType": [
      "ORIGINAL",
      "PRIMARY",
      "M",
      "ND"
    ],
    "InPlanePhaseEncodingDirectionDICOM": "ROW",
    "InstitutionAddress": "Queen_Square_12_London_Southeast_GB_WC1N_3BG",
    "InstitutionName": "FIL",
    "InstitutionalDepartmentName": "Department",
    "MRAcquisitionType": "3D",
    "MagneticFieldStrength": 3,
    "Manufacturer": "Siemens",
    "ManufacturersModelName": "TrioTim",
    "Modality": "MR",
    "PartialFourier": 0.75,
    "PatientID": "MQ03734",
    "PatientName": "MQ03734",
    "PatientPosition": "HFS",
    "PatientSex": "",
    "PercentPhaseFOV": 93.75,
    "PhaseEncodingSteps": 180,
    "PhaseResolution": 1,
    "PixelBandwidth": 488,
    "ProcedureStepDescription": "FIL_Johan_Carlin",
    "ProtocolName": "BasicT1_NoVBM_nw_mtflash3d_v3h",
    "PulseSequenceDetails": "%CustomerSeq%_nw_mtflash3d_v3h",
    "ReceiveCoilName": "32Ch_Head",
    "ReconMatrixPE": 256,
    "RepetitionTime": 2,
    "SAR": 0.225764,
    "ScanOptions": "PFP",
    "ScanningSequence": "RM",
    "SequenceName": "fl3d_3h3d1",
    "SequenceVariant": "SP",
    "SeriesDescription": "BasicT1_NoVBM_nw_mtflash3d_v3h",
    "SeriesInstanceUID": "1.3.12.2.1107.5.2.32.35437.2016080911551137938406816.0.0.0",
    "SeriesNumber": 14,
    "ShimSetting": [
      43,
      -3916,
      201,
      456,
      -52,
      -125,
      -171,
      186
    ],
    "SliceThickness": 1,
    "SoftwareVersions": "syngo_MR_B17",
    "StationName": "MRC35437",
    "StudyID": "1",
    "StudyInstanceUID": "1.3.12.2.1107.5.2.32.35437.30000016080907501372400000004",
    "TxRefAmp": 309.149,
    "dataset": "ds004009",
    "modality": "T1w",
    "subject_id": "33"
  },
  "cjv": 0.4748203183449313,
  "cnr": 2.92579204724193,
  "efc": 0.5304334215250894,
  "fber": -1.0,
  "fwhm_avg": 5.026356666666666,
  "fwhm_x": 5.19451,
  "fwhm_y": 4.97077,
  "fwhm_z": 4.91379,
  "icvs_csf": 0.12715042127098491,
  "icvs_gm": 0.38563980349218835,
  "icvs_wm": 0.48720977523682674,
  "inu_med": 0.7742421627044678,
  "inu_range": 0.8184586882591247,
  "provenance": {
    "md5sum": "15e781d95eb7752757579b271238d2a9",
    "settings": {
      "testing": false
    },
    "software": "mriqc",
    "version": "23.0.1",
    "warnings": {
      "large_rot_frame": true,
      "small_air_mask": false
    },
    "webapi_port": null,
    "webapi_url": "https://mriqc.nimh.nih.gov/api/v1"
  },
  "qi_1": 0.0,
  "qi_2": 0.009500825123722,
  "rpve_csf": 37.717803581254664,
  "rpve_gm": 12.880754018142081,
  "rpve_wm": 12.170759271176074,
  "size_x": 176,
  "size_y": 240,
  "size_z": 256,
  "snr_csf": 2.518484901706174,
  "snr_gm": 14.784846557896499,
  "snr_total": 12.866617122960408,
  "snr_wm": 21.29651990927855,
  "snrd_csf": 24.19331867777269,
  "snrd_gm": 63.71213884496337,
  "snrd_total": 56.168974846570364,
  "snrd_wm": 80.60146701697504,
  "spacing_x": 1.0,
  "spacing_y": 1.0,
  "spacing_z": 1.0,
  "summary_bg_k": 4.9933832098643975,
  "summary_bg_mad": 0.0,
  "summary_bg_mean": 5.49269669208005,
  "summary_bg_median": 0.0,
  "summary_bg_n": 2702496.0,
  "summary_bg_p05": 0.0,
  "summary_bg_p95": 22.19939460977912,
  "summary_bg_stdv": 8.12855891556383,
  "summary_csf_k": 8.35535156286633,
  "summary_csf_mad": 76.57107682939727,
  "summary_csf_mean": 314.48856017841746,
  "summary_csf_median": 300.17690397799015,
  "summary_csf_n": 17289.0,
  "summary_csf_p05": 131.67836278304458,
  "summary_csf_p95": 528.1401474438607,
  "summary_csf_stdv": 119.18603224352597,
  "summary_gm_k": 0.08759288596011183,
  "summary_gm_mad": 53.30362254422131,
  "summary_gm_mean": 790.606499067685,
  "summary_gm_median": 790.5038923770189,
  "summary_gm_n": 26002.0,
  "summary_gm_p05": 702.7335352823138,
  "summary_gm_p95": 878.2171816192567,
  "summary_gm_stdv": 53.466141045612304,
  "summary_wm_k": 0.12928400617487545,
  "summary_wm_mad": 46.196472871658464,
  "summary_wm_mean": 1003.1193121355923,
  "summary_wm_median": 1000.057046636939,
  "summary_wm_n": 235305.0,
  "summary_wm_p05": 931.3473522663116,
  "summary_wm_p95": 1086.058300305158,
  "summary_wm_stdv": 46.95860759748035,
  "tpm_overlap_csf": 0.14651876426844312,
  "tpm_overlap_gm": 0.427937673745195,
  "tpm_overlap_wm": 0.4653926527984617,
  "wm2max": 0.35032389217040755
}