{
  "aor": 0.007298084291187741,
  "aqi": 0.01281355681992337,
  "bids_meta": {
    "AcquisitionDateTime": "2016-05-31T10:51:10.515000",
    "AcquisitionMatrixPE": 64,
    "AcquisitionNumber": 1,
    "AcquisitionTime": "10:51:10.515000",
    "BaseResolution": 64,
    "ConversionSoftware": "dcm2niix",
    "ConversionSoftwareVersion": "v1.0.20180622 (JP2:OpenJPEG) GCC6.1.0",
    "DeviceSerialNumber": "35437",
    "DwellTime": 3.4e-06,
    "EchoTime": 0.03,
    "EffectiveEchoSpacing": 6.009615385e-05,
    "FlipAngle": 90,
    "ImageOrientationPatientDICOM": [
      1,
      0,
      0,
      0,
      0.866025,
      -0.5
    ],
    "ImageType": [
      "ORIGINAL",
      "PRIMARY",
      "M",
      "ND",
      "MOSAIC"
    ],
    "InPlanePhaseEncodingDirectionDICOM": "COL",
    "InstitutionAddress": "Queen_Square_12_London_Southeast_GB_WC1N_3BG",
    "InstitutionName": "Functional_Imaging_Laboratory",
    "InstitutionalDepartmentName": "Department",
    "MRAcquisitionType": "2D",
    "MagneticFieldStrength": 3,
    "Manufacturer": "Siemens",
    "ManufacturersModelName": "TrioTim",
    "Modality": "MR",
    "PartialFourier": 1,
    "PatientID": "MQ03643",
    "PatientName": "MQ03643",
    "PatientPosition": "HFS",
    "PatientSex": "",
    "PercentPhaseFOV": 100,
    "PhaseEncodingDirection": "j-",
    "PhaseEncodingSteps": 74,
    "PhaseOversampling": 0.13,
    "PhaseResolution": 1,
    "PixelBandwidth": 2298,
    "ProcedureStepDescription": "FIL_Johan_Carlin",
    "ProtocolName": "al_mepi2d_3mm_v1a_standard",
    "PulseSequenceDetails": "%CustomerSeq%_al_mepi2d_3mm_v1a",
    "ReceiveCoilName": "32Ch_Head",
    "ReconMatrixPE": 64,
    "RepetitionTime": 2.8,
    "SAR": 0.162891,
    "ScanOptions": "FS",
    "ScanningSequence": "RM",
    "SequenceName": "alepi2d2d1",
    "SequenceVariant": "SP_OSP",
    "SeriesDescription": "al_mepi2d_3mm_v1a_standard",
    "SeriesInstanceUID": "1.3.12.2.1107.5.2.32.35437.2016053110493581526858687.0.0.0",
    "SeriesNumber": 9,
    "ShimSetting": [
      39,
      -3890,
      344,
      553,
      -4,
      205,
      102,
      129
    ],
    "SliceThickness": 2.5,
    "SliceTiming": [
      0,
      0.07,
      0.14,
      0.21,
      0.28,
      0.35,
      0.42,
      0.49,
      0.56,
      0.6325,
      0.7025,
      0.7725,
      0.8425,
      0.9125,
      0.9825,
      1.0525,
      1.1225,
      1.1925,
      1.265,
      1.335,
      1.405,
      1.475,
      1.545,
      1.615,
      1.685,
      1.755,
      1.825,
      1.8975,
      1.9675,
      2.0375,
      2.1075,
      2.1775,
      2.2475,
      2.3175,
      2.3875,
      2.4575,
      2.53,
      2.6,
      2.67,
      2.74
    ],
    "SoftwareVersions": "syngo_MR_B17",
    "SpacingBetweenSlices": 3,
    "StationName": "MRC35437",
    "StudyID": "1",
    "StudyInstanceUID": "1.3.12.2.1107.5.2.32.35437.30000016053108190656400000004",
    "TaskName": "exemplarLocaliser",
    "TxRefAmp": 308.053,
    "dataset": "ds004009",
    "modality": "bold",
    "subject_id": "09",
    "task_id": "exemplarLocaliser"
  },
  "dummy_trs": 1,
  "dvars_nstd": 47.76719928892305,
  "dvars_std": 1.1871733950769228,
  "dvars_vstd": 1.0062261548846156,
  "efc": 0.6075482804423016,
  "fber": 279.6023864746094,
  "fd_mean": 0.40412951089913624,
  "fd_num": 179,
  "fd_perc": 68.5823754789272,
  "fwhm_avg": 2.405077777777777,
  "fwhm_x": 2.3057166666666666,
  "fwhm_y": 2.3835966666666666,
  "fwhm_z": 2.5259199999999997,
  "gcor": 0.0274527,
  "gsr_x": -0.017397478222846985,
  "gsr_y": 0.06934987753629684,
  "provenance": {
    "md5sum": "d2f29afafcf744b084c124ad55afb52c",
    "settings": {
      "fd_thres": 0.2,
      "testing": false
    },
    "software": "mriqc",
    "version": "23.0.1",
    "webapi_port": null,
    "webapi_url": "https://mriqc.nimh.nih.gov/api/v1"
  },
  "size_t": 261,
  "size_x": 64,
  "size_y": 64,
  "size_z": 40,
  "snr": 2.6348892562333273,
  "spacing_tr": 2.799999952316284,
  "spacing_x": 3.0,
  "spacing_y": 3.0,
  "spacing_z": 3.0,
  "summary_bg_k": 34.68338881980295,
  "summary_bg_mad": 10.855373824105866,
  "summary_bg_mean": 63.52827835083008,
  "summary_bg_median": 33.145591735839844,
  "summary_bg_n": 84997.0,
  "summary_bg_p05": 24.76628303527832,
  "summary_bg_p95": 211.72490234374993,
  "summary_bg_stdv": 77.8797836303711,
  "summary_fg_k": 2.142604266959525,
  "summary_fg_mad": 185.07534156323,
  "summary_fg_mean": 611.7054443359375,
  "summary_fg_median": 567.2183837890625,
  "summary_fg_n": 40699.0,
  "summary_fg_p05": 348.38084716796874,
  "summary_fg_p95": 1029.7144897460937,
  "summary_fg_stdv": 215.26954650878906,
  "tsnr": 30.421792758628726
}