{
  "aor": 0.005979692307692308,
  "aqi": 0.010285716807692307,
  "bids_meta": {
    "AcquisitionDateTime": "2016-05-31T09:54:40.037500",
    "AcquisitionMatrixPE": 64,
    "AcquisitionNumber": 1,
    "AcquisitionTime": "09:54:40.037500",
    "BaseResolution": 64,
    "ConversionSoftware": "dcm2niix",
    "ConversionSoftwareVersion": "v1.0.20180622 (JP2:OpenJPEG) GCC6.1.0",
    "DeviceSerialNumber": "35437",
    "DwellTime": 3.4e-06,
    "EchoTime": 0.03,
    "EffectiveEchoSpacing": 6.009615385e-05,
    "FlipAngle": 90,
    "ImageOrientationPatientDICOM": [
      1,
      0,
      0,
      0,
      0.866025,
      -0.5
    ],
    "ImageType": [
      "ORIGINAL",
      "PRIMARY",
      "M",
      "ND",
      "MOSAIC"
    ],
    "InPlanePhaseEncodingDirectionDICOM": "COL",
    "InstitutionAddress": "Queen_Square_12_London_Southeast_GB_WC1N_3BG",
    "InstitutionName": "Functional_Imaging_Laboratory",
    "InstitutionalDepartmentName": "Department",
    "MRAcquisitionType": "2D",
    "MagneticFieldStrength": 3,
    "Manufacturer": "Siemens",
    "ManufacturersModelName": "TrioTim",
    "Modality": "MR",
    "PartialFourier": 1,
    "PatientID": "MQ03643",
    "PatientName": "MQ03643",
    "PatientPosition": "HFS",
    "PatientSex": "",
    "PercentPhaseFOV": 100,
    "PhaseEncodingDirection": "j-",
    "PhaseEncodingSteps": 74,
    "PhaseOversampling": 0.13,
    "PhaseResolution": 1,
    "PixelBandwidth": 2298,
    "ProcedureStepDescription": "FIL_Johan_Carlin",
    "ProtocolName": "al_mepi2d_3mm_v1a_standard",
    "PulseSequenceDetails": "%CustomerSeq%_al_mepi2d_3mm_v1a",
    "ReceiveCoilName": "32Ch_Head",
    "ReconMatrixPE": 64,
    "RepetitionTime": 2.8,
    "SAR": 0.162891,
    "ScanOptions": "FS",
    "ScanningSequence": "RM",
    "SequenceName": "alepi2d2d1",
    "SequenceVariant": "SP_OSP",
    "SeriesDescription": "al_mepi2d_3mm_v1a_standard",
    "SeriesInstanceUID": "1.3.12.2.1107.5.2.32.35437.2016053109491873782530807.0.0.0",
    "SeriesNumber": 5,
    "ShimSetting": [
      39,
      -3890,
      344,
      553,
      -4,
      205,
      102,
      129
    ],
    "SliceThickness": 2.5,
    "SliceTiming": [
      0,
      0.07,
      0.14,
      0.21,
      0.28,
      0.35,
      0.4225,
      0.4925,
      0.5625,
      0.6325,
      0.7025,
      0.7725,
      0.8425,
      0.9125,
      0.9825,
      1.055,
      1.125,
      1.195,
      1.265,
      1.335,
      1.405,
      1.475,
      1.545,
      1.615,
      1.6875,
      1.7575,
      1.8275,
      1.8975,
      1.9675,
      2.0375,
      2.1075,
      2.1775,
      2.2475,
      2.32,
      2.39,
      2.46,
      2.53,
      2.6,
      2.67,
      2.74
    ],
    "SoftwareVersions": "syngo_MR_B17",
    "SpacingBetweenSlices": 3,
    "StationName": "MRC35437",
    "StudyID": "1",
    "StudyInstanceUID": "1.3.12.2.1107.5.2.32.35437.30000016053108190656400000004",
    "TaskName": "memsamp",
    "TxRefAmp": 308.053,
    "dataset": "ds004009",
    "modality": "bold",
    "run_id": 1,
    "subject_id": "09",
    "task_id": "memsamp"
  },
  "dummy_trs": 2,
  "dvars_nstd": 41.874027745559886,
  "dvars_std": 1.1440747196525092,
  "dvars_vstd": 0.9686222522393829,
  "efc": 0.6033642384202327,
  "fber": 282.4012145996094,
  "fd_mean": 0.29511340564126726,
  "fd_num": 116,
  "fd_perc": 44.61538461538461,
  "fwhm_avg": 2.4444055555555555,
  "fwhm_x": 2.33403,
  "fwhm_y": 2.408,
  "fwhm_z": 2.5911866666666667,
  "gcor": 0.0286367,
  "gsr_x": -0.022779852151870728,
  "gsr_y": 0.07212108373641968,
  "provenance": {
    "md5sum": "c2cc08c7ca17d1ef050b3087a48a40e6",
    "settings": {
      "fd_thres": 0.2,
      "testing": false
    },
    "software": "mriqc",
    "version": "23.0.1",
    "webapi_port": null,
    "webapi_url": "https://mriqc.nimh.nih.gov/api/v1"
  },
  "size_t": 260,
  "size_x": 64,
  "size_y": 64,
  "size_z": 40,
  "snr": 2.5966058766080224,
  "spacing_tr": 2.799999952316284,
  "spacing_x": 3.0,
  "spacing_y": 3.0,
  "spacing_z": 3.0,
  "summary_bg_k": 40.171421982002556,
  "summary_bg_mad": 11.05678950711841,
  "summary_bg_mean": 60.99996566772461,
  "summary_bg_median": 32.83076858520508,
  "summary_bg_n": 85003.0,
  "summary_bg_p05": 23.876922607421875,
  "summary_bg_p95": 197.17807769775374,
  "summary_bg_stdv": 74.54925537109375,
  "summary_fg_k": 2.1876256841087063,
  "summary_fg_mad": 188.35319191484916,
  "summary_fg_mean": 615.2117919921875,
  "summary_fg_median": 568.7884521484375,
  "summary_fg_n": 40637.0,
  "summary_fg_p05": 345.2884521484375,
  "summary_fg_p95": 1038.3276855468748,
  "summary_fg_stdv": 219.0480499267578,
  "tsnr": 35.449465005425736
}