{
  "aor": 0.0049522307692307695,
  "aqi": 0.014952593153846155,
  "bids_meta": {
    "AcquisitionDateTime": "2016-05-31T10:08:34.535000",
    "AcquisitionMatrixPE": 64,
    "AcquisitionNumber": 1,
    "AcquisitionTime": "10:08:34.535000",
    "BaseResolution": 64,
    "ConversionSoftware": "dcm2niix",
    "ConversionSoftwareVersion": "v1.0.20180622 (JP2:OpenJPEG) GCC6.1.0",
    "DeviceSerialNumber": "35437",
    "DwellTime": 3.4e-06,
    "EchoTime": 0.03,
    "EffectiveEchoSpacing": 6.009615385e-05,
    "FlipAngle": 90,
    "ImageOrientationPatientDICOM": [
      1,
      0,
      0,
      0,
      0.866025,
      -0.5
    ],
    "ImageType": [
      "ORIGINAL",
      "PRIMARY",
      "M",
      "ND",
      "MOSAIC"
    ],
    "InPlanePhaseEncodingDirectionDICOM": "COL",
    "InstitutionAddress": "Queen_Square_12_London_Southeast_GB_WC1N_3BG",
    "InstitutionName": "Functional_Imaging_Laboratory",
    "InstitutionalDepartmentName": "Department",
    "MRAcquisitionType": "2D",
    "MagneticFieldStrength": 3,
    "Manufacturer": "Siemens",
    "ManufacturersModelName": "TrioTim",
    "Modality": "MR",
    "PartialFourier": 1,
    "PatientID": "MQ03643",
    "PatientName": "MQ03643",
    "PatientPosition": "HFS",
    "PatientSex": "",
    "PercentPhaseFOV": 100,
    "PhaseEncodingDirection": "j-",
    "PhaseEncodingSteps": 74,
    "PhaseOversampling": 0.13,
    "PhaseResolution": 1,
    "PixelBandwidth": 2298,
    "ProcedureStepDescription": "FIL_Johan_Carlin",
    "ProtocolName": "al_mepi2d_3mm_v1a_standard",
    "PulseSequenceDetails": "%CustomerSeq%_al_mepi2d_3mm_v1a",
    "ReceiveCoilName": "32Ch_Head",
    "ReconMatrixPE": 64,
    "RepetitionTime": 2.8,
    "SAR": 0.162891,
    "ScanOptions": "FS",
    "ScanningSequence": "RM",
    "SequenceName": "alepi2d2d1",
    "SequenceVariant": "SP_OSP",
    "SeriesDescription": "al_mepi2d_3mm_v1a_standard",
    "SeriesInstanceUID": "1.3.12.2.1107.5.2.32.35437.2016053110073179540662777.0.0.0",
    "SeriesNumber": 6,
    "ShimSetting": [
      39,
      -3890,
      344,
      553,
      -4,
      205,
      102,
      129
    ],
    "SliceThickness": 2.5,
    "SliceTiming": [
      0,
      0.07,
      0.14,
      0.21,
      0.28,
      0.35,
      0.42,
      0.4925,
      0.5625,
      0.6325,
      0.7025,
      0.7725,
      0.8425,
      0.9125,
      0.9825,
      1.0525,
      1.125,
      1.195,
      1.265,
      1.335,
      1.405,
      1.475,
      1.545,
      1.615,
      1.685,
      1.7575,
      1.8275,
      1.8975,
      1.9675,
      2.0375,
      2.1075,
      2.1775,
      2.2475,
      2.3175,
      2.39,
      2.46,
      2.53,
      2.6,
      2.67,
      2.74
    ],
    "SoftwareVersions": "syngo_MR_B17",
    "SpacingBetweenSlices": 3,
    "StationName": "MRC35437",
    "StudyID": "1",
    "StudyInstanceUID": "1.3.12.2.1107.5.2.32.35437.30000016053108190656400000004",
    "TaskName": "memsamp",
    "TxRefAmp": 308.053,
    "dataset": "ds004009",
    "modality": "bold",
    "run_id": 2,
    "subject_id": "09",
    "task_id": "memsamp"
  },
  "dummy_trs": 2,
  "dvars_nstd": 50.691133020424736,
  "dvars_std": 1.1564463030888033,
  "dvars_vstd": 0.9740019509266411,
  "efc": 0.6053644043142966,
  "fber": 281.7524108886719,
  "fd_mean": 0.4301902000247051,
  "fd_num": 200,
  "fd_perc": 76.92307692307692,
  "fwhm_avg": 2.4548166666666664,
  "fwhm_x": 2.32033,
  "fwhm_y": 2.4678166666666668,
  "fwhm_z": 2.576303333333333,
  "gcor": 0.0227731,
  "gsr_x": -0.019087621942162514,
  "gsr_y": 0.06915649026632309,
  "provenance": {
    "md5sum": "3d7082077666825496a2ad88f3bf4cbf",
    "settings": {
      "fd_thres": 0.2,
      "testing": false
    },
    "software": "mriqc",
    "version": "23.0.1",
    "webapi_port": null,
    "webapi_url": "https://mriqc.nimh.nih.gov/api/v1"
  },
  "size_t": 260,
  "size_x": 64,
  "size_y": 64,
  "size_z": 40,
  "snr": 2.625261916595938,
  "spacing_tr": 2.799999952316284,
  "spacing_x": 3.0,
  "spacing_y": 3.0,
  "spacing_z": 3.0,
  "summary_bg_k": 39.704977247564784,
  "summary_bg_mad": 11.31339613003149,
  "summary_bg_mean": 61.95206069946289,
  "summary_bg_median": 33.10384750366211,
  "summary_bg_n": 84629.0,
  "summary_bg_p05": 24.149999618530273,
  "summary_bg_p95": 201.35385131835938,
  "summary_bg_stdv": 75.8387222290039,
  "summary_fg_k": 2.037151342049887,
  "summary_fg_mad": 185.08004708784927,
  "summary_fg_mean": 609.7980346679688,
  "summary_fg_median": 564.5384521484375,
  "summary_fg_n": 40825.0,
  "summary_fg_p05": 346.8269348144531,
  "summary_fg_p95": 1030.22841796875,
  "summary_fg_stdv": 215.03817749023438,
  "tsnr": 28.06112246098928
}