{
  "bids_meta": {
    "AcquisitionDateTime": "2016-06-14T11:54:57.150000",
    "AcquisitionMatrixPE": 240,
    "AcquisitionNumber": 1,
    "AcquisitionTime": "11:54:57.150000",
    "BaseResolution": 256,
    "ConversionSoftware": "dcm2niix",
    "ConversionSoftwareVersion": "v1.0.20180622 (JP2:OpenJPEG) GCC6.1.0",
    "DeviceSerialNumber": "35437",
    "DwellTime": 4e-06,
    "EchoTime": 0.0022,
    "FlipAngle": 13,
    "ImageOrientationPatientDICOM": [
      0,
      0.866025,
      -0.5,
      0,
      -0.5,
      -0.866025
    ],
    "ImageType": [
      "ORIGINAL",
      "PRIMARY",
      "M",
      "ND"
    ],
    "InPlanePhaseEncodingDirectionDICOM": "ROW",
    "InstitutionAddress": "Queen_Square_12_London_Southeast_GB_WC1N_3BG",
    "InstitutionName": "Functional_Imaging_Laboratory",
    "InstitutionalDepartmentName": "Department",
    "MRAcquisitionType": "3D",
    "MagneticFieldStrength": 3,
    "Manufacturer": "Siemens",
    "ManufacturersModelName": "TrioTim",
    "Modality": "MR",
    "PartialFourier": 0.75,
    "PatientID": "MQ03661",
    "PatientName": "MQ03661",
    "PatientPosition": "HFS",
    "PatientSex": "",
    "PercentPhaseFOV": 93.75,
    "PhaseEncodingSteps": 180,
    "PhaseResolution": 1,
    "PixelBandwidth": 488,
    "ProcedureStepDescription": "FIL_Johan_Carlin",
    "ProtocolName": "BasicT1_NoVBM_nw_mtflash3d_v3h",
    "PulseSequenceDetails": "%CustomerSeq%_nw_mtflash3d_v3h",
    "ReceiveCoilName": "32Ch_Head",
    "ReconMatrixPE": 256,
    "RepetitionTime": 2,
    "SAR": 0.190517,
    "ScanOptions": "PFP",
    "ScanningSequence": "RM",
    "SequenceName": "fl3d_3h3d1",
    "SequenceVariant": "SP",
    "SeriesDescription": "BasicT1_NoVBM_nw_mtflash3d_v3h",
    "SeriesInstanceUID": "1.3.12.2.1107.5.2.32.35437.2016061411545634939437345.0.0.0",
    "SeriesNumber": 11,
    "ShimSetting": [
      69,
      -3953,
      327,
      561,
      11,
      106,
      177,
      81
    ],
    "SliceThickness": 1,
    "SoftwareVersions": "syngo_MR_B17",
    "StationName": "MRC35437",
    "StudyID": "1",
    "StudyInstanceUID": "1.3.12.2.1107.5.2.32.35437.30000016061408254015600000004",
    "TxRefAmp": 292.487,
    "dataset": "ds004009",
    "modality": "T1w",
    "subject_id": "12"
  },
  "cjv": 0.4844546690930016,
  "cnr": 2.9054376197465803,
  "efc": 0.5367667631422978,
  "fber": -1.0,
  "fwhm_avg": 5.204236666666667,
  "fwhm_x": 5.40985,
  "fwhm_y": 5.22321,
  "fwhm_z": 4.97965,
  "icvs_csf": 0.15150789219192898,
  "icvs_gm": 0.39728574259978167,
  "icvs_wm": 0.45120636520828933,
  "inu_med": 0.834798276424408,
  "inu_range": 0.9034412652254105,
  "provenance": {
    "md5sum": "56c2899fda17eafb93bc007bb68b1a5b",
    "settings": {
      "testing": false
    },
    "software": "mriqc",
    "version": "23.0.1",
    "warnings": {
      "large_rot_frame": true,
      "small_air_mask": false
    },
    "webapi_port": null,
    "webapi_url": "https://mriqc.nimh.nih.gov/api/v1"
  },
  "qi_1": 0.0,
  "qi_2": 0.009918156941081386,
  "rpve_csf": 33.103884591827,
  "rpve_gm": 13.058663722431493,
  "rpve_wm": 13.501875690148088,
  "size_x": 176,
  "size_y": 240,
  "size_z": 256,
  "snr_csf": 2.897066839349255,
  "snr_gm": 16.21616253162989,
  "snr_total": 13.076238151737002,
  "snr_wm": 20.115485084231864,
  "snrd_csf": 27.095023041206176,
  "snrd_gm": 63.08244388385321,
  "snrd_total": 56.48728981147446,
  "snrd_wm": 79.28440250936401,
  "spacing_x": 1.0,
  "spacing_y": 1.0,
  "spacing_z": 1.0,
  "summary_bg_k": 4.975718105185192,
  "summary_bg_mad": 0.0,
  "summary_bg_mean": 4.991925056190735,
  "summary_bg_median": 0.0,
  "summary_bg_n": 2465074.0,
  "summary_bg_p05": 0.0,
  "summary_bg_p95": 23.003471542149782,
  "summary_bg_stdv": 8.263630436132459,
  "summary_csf_k": 3.3485687001410698,
  "summary_csf_mad": 97.9484509620068,
  "summary_csf_mean": 358.40382290973105,
  "summary_csf_median": 341.7658629119396,
  "summary_csf_n": 21660.0,
  "summary_csf_p05": 200.38441867902876,
  "summary_csf_p95": 573.9087131917477,
  "summary_csf_stdv": 117.96689287487395,
  "summary_gm_k": 0.021235846348102605,
  "summary_gm_mad": 48.72142563103107,
  "summary_gm_mean": 795.5283961550838,
  "summary_gm_median": 795.6969010792673,
  "summary_gm_n": 26814.0,
  "summary_gm_p05": 714.7197209335864,
  "summary_gm_p95": 875.4557032847777,
  "summary_gm_stdv": 49.067223028157834,
  "summary_wm_k": -0.08339876220706,
  "summary_wm_mad": 50.28418833995093,
  "summary_wm_mean": 1003.9138445228375,
  "summary_wm_median": 1000.0619744025171,
  "summary_wm_n": 195644.0,
  "summary_wm_p05": 928.6334050856531,
  "summary_wm_p95": 1091.579828839749,
  "summary_wm_stdv": 49.71589869152432,
  "tpm_overlap_csf": 0.16450389893389572,
  "tpm_overlap_gm": 0.4538657738941469,
  "tpm_overlap_wm": 0.4737733309208256,
  "wm2max": 0.31332877673630466
}