{
  "aor": 0.0017402692307692308,
  "aqi": 0.004285015576923077,
  "bids_meta": {
    "AcquisitionDateTime": "2016-06-17T15:58:23.892500",
    "AcquisitionMatrixPE": 64,
    "AcquisitionNumber": 1,
    "AcquisitionTime": "15:58:23.892500",
    "BaseResolution": 64,
    "ConversionSoftware": "dcm2niix",
    "ConversionSoftwareVersion": "v1.0.20180622 (JP2:OpenJPEG) GCC6.1.0",
    "DeviceSerialNumber": "35437",
    "DwellTime": 3.4e-06,
    "EchoTime": 0.03,
    "EffectiveEchoSpacing": 6.009615385e-05,
    "FlipAngle": 90,
    "ImageOrientationPatientDICOM": [
      1,
      0,
      0,
      0,
      0.866025,
      -0.5
    ],
    "ImageType": [
      "ORIGINAL",
      "PRIMARY",
      "M",
      "ND",
      "MOSAIC"
    ],
    "InPlanePhaseEncodingDirectionDICOM": "COL",
    "InstitutionAddress": "Queen_Square_12_London_Southeast_GB_WC1N_3BG",
    "InstitutionName": "FIL",
    "InstitutionalDepartmentName": "Department",
    "MRAcquisitionType": "2D",
    "MagneticFieldStrength": 3,
    "Manufacturer": "Siemens",
    "ManufacturersModelName": "TrioTim",
    "Modality": "MR",
    "PartialFourier": 1,
    "PatientID": "MQ03665",
    "PatientName": "MQ03665",
    "PatientPosition": "HFS",
    "PatientSex": "",
    "PercentPhaseFOV": 100,
    "PhaseEncodingDirection": "j-",
    "PhaseEncodingSteps": 74,
    "PhaseOversampling": 0.13,
    "PhaseResolution": 1,
    "PixelBandwidth": 2298,
    "ProcedureStepDescription": "FIL_Johan_Carlin",
    "ProtocolName": "al_mepi2d_3mm_v1a_standard",
    "PulseSequenceDetails": "%CustomerSeq%_al_mepi2d_3mm_v1a",
    "ReceiveCoilName": "32Ch_Head",
    "ReconMatrixPE": 64,
    "RepetitionTime": 2.8,
    "SAR": 0.183405,
    "ScanOptions": "FS",
    "ScanningSequence": "RM",
    "SequenceName": "alepi2d2d1",
    "SequenceVariant": "SP_OSP",
    "SeriesDescription": "al_mepi2d_3mm_v1a_standard",
    "SeriesInstanceUID": "1.3.12.2.1107.5.2.32.35437.2016061715561985083761909.0.0.0",
    "SeriesNumber": 10,
    "ShimSetting": [
      40,
      -3876,
      385,
      536,
      94,
      452,
      -30,
      18
    ],
    "SliceThickness": 2.5,
    "SliceTiming": [
      0,
      0.07,
      0.1425,
      0.2125,
      0.2825,
      0.3525,
      0.4225,
      0.4925,
      0.5625,
      0.6325,
      0.7025,
      0.775,
      0.845,
      0.915,
      0.985,
      1.055,
      1.125,
      1.195,
      1.265,
      1.335,
      1.4075,
      1.4775,
      1.5475,
      1.6175,
      1.6875,
      1.7575,
      1.8275,
      1.8975,
      1.9675,
      2.04,
      2.11,
      2.18,
      2.25,
      2.32,
      2.39,
      2.46,
      2.53,
      2.6,
      2.6725,
      2.7425
    ],
    "SoftwareVersions": "syngo_MR_B17",
    "SpacingBetweenSlices": 3,
    "StationName": "MRC35437",
    "StudyID": "1",
    "StudyInstanceUID": "1.3.12.2.1107.5.2.32.35437.30000016061709460729600000007",
    "TaskName": "exemplarLocaliser",
    "TxRefAmp": 302.411,
    "dataset": "ds004009",
    "modality": "bold",
    "subject_id": "13",
    "task_id": "exemplarLocaliser"
  },
  "dummy_trs": 2,
  "dvars_nstd": 27.703897933011593,
  "dvars_std": 1.188103933320464,
  "dvars_vstd": 0.9834897827413129,
  "efc": 0.6017198384208281,
  "fber": 318.1266784667969,
  "fd_mean": 0.18417928824949378,
  "fd_num": 101,
  "fd_perc": 38.84615384615385,
  "fwhm_avg": 2.488113333333333,
  "fwhm_x": 2.4004166666666666,
  "fwhm_y": 2.4604266666666668,
  "fwhm_z": 2.6034966666666666,
  "gcor": 0.0282348,
  "gsr_x": -0.014433888718485832,
  "gsr_y": 0.063841812312603,
  "provenance": {
    "md5sum": "0884795108e5f0910069d3757f747d62",
    "settings": {
      "fd_thres": 0.2,
      "testing": false
    },
    "software": "mriqc",
    "version": "23.0.1",
    "webapi_port": null,
    "webapi_url": "https://mriqc.nimh.nih.gov/api/v1"
  },
  "size_t": 260,
  "size_x": 64,
  "size_y": 64,
  "size_z": 40,
  "snr": 2.776979810861635,
  "spacing_tr": 2.799999952316284,
  "spacing_x": 3.0,
  "spacing_y": 3.0,
  "spacing_z": 3.0,
  "summary_bg_k": 54.59240429583351,
  "summary_bg_mad": 9.10660123012564,
  "summary_bg_mean": 57.3751220703125,
  "summary_bg_median": 31.730770111083984,
  "summary_bg_n": 84479.0,
  "summary_bg_p05": 24.89230728149414,
  "summary_bg_p95": 183.95153503417956,
  "summary_bg_stdv": 75.11151885986328,
  "summary_fg_k": 1.431752635831157,
  "summary_fg_mad": 191.60351042290262,
  "summary_fg_mean": 621.2604370117188,
  "summary_fg_median": 582.12890625,
  "summary_fg_n": 40522.0,
  "summary_fg_p05": 358.02268829345707,
  "summary_fg_p95": 1024.5530639648437,
  "summary_fg_stdv": 209.62403869628906,
  "tsnr": 58.354623484192416
}