{
  "aor": 0.0016913846153846154,
  "aqi": 0.004191745076923076,
  "bids_meta": {
    "AcquisitionDateTime": "2016-06-17T15:28:57.265000",
    "AcquisitionMatrixPE": 64,
    "AcquisitionNumber": 1,
    "AcquisitionTime": "15:28:57.265000",
    "BaseResolution": 64,
    "ConversionSoftware": "dcm2niix",
    "ConversionSoftwareVersion": "v1.0.20180622 (JP2:OpenJPEG) GCC6.1.0",
    "DeviceSerialNumber": "35437",
    "DwellTime": 3.4e-06,
    "EchoTime": 0.03,
    "EffectiveEchoSpacing": 6.009615385e-05,
    "FlipAngle": 90,
    "ImageOrientationPatientDICOM": [
      1,
      0,
      0,
      0,
      0.866025,
      -0.5
    ],
    "ImageType": [
      "ORIGINAL",
      "PRIMARY",
      "M",
      "ND",
      "MOSAIC"
    ],
    "InPlanePhaseEncodingDirectionDICOM": "COL",
    "InstitutionAddress": "Queen_Square_12_London_Southeast_GB_WC1N_3BG",
    "InstitutionName": "FIL",
    "InstitutionalDepartmentName": "Department",
    "MRAcquisitionType": "2D",
    "MagneticFieldStrength": 3,
    "Manufacturer": "Siemens",
    "ManufacturersModelName": "TrioTim",
    "Modality": "MR",
    "PartialFourier": 1,
    "PatientID": "MQ03665",
    "PatientName": "MQ03665",
    "PatientPosition": "HFS",
    "PatientSex": "",
    "PercentPhaseFOV": 100,
    "PhaseEncodingDirection": "j-",
    "PhaseEncodingSteps": 74,
    "PhaseOversampling": 0.13,
    "PhaseResolution": 1,
    "PixelBandwidth": 2298,
    "ProcedureStepDescription": "FIL_Johan_Carlin",
    "ProtocolName": "al_mepi2d_3mm_v1a_standard",
    "PulseSequenceDetails": "%CustomerSeq%_al_mepi2d_3mm_v1a",
    "ReceiveCoilName": "32Ch_Head",
    "ReconMatrixPE": 64,
    "RepetitionTime": 2.8,
    "SAR": 0.183405,
    "ScanOptions": "FS",
    "ScanningSequence": "RM",
    "SequenceName": "alepi2d2d1",
    "SequenceVariant": "SP_OSP",
    "SeriesDescription": "al_mepi2d_3mm_v1a_standard",
    "SeriesInstanceUID": "1.3.12.2.1107.5.2.32.35437.2016061715271464763397969.0.0.0",
    "SeriesNumber": 8,
    "ShimSetting": [
      40,
      -3876,
      385,
      536,
      94,
      452,
      -30,
      18
    ],
    "SliceThickness": 2.5,
    "SliceTiming": [
      0,
      0.07,
      0.1425,
      0.2125,
      0.2825,
      0.3525,
      0.4225,
      0.4925,
      0.5625,
      0.6325,
      0.7025,
      0.775,
      0.845,
      0.915,
      0.985,
      1.055,
      1.125,
      1.195,
      1.265,
      1.335,
      1.4075,
      1.4775,
      1.5475,
      1.6175,
      1.6875,
      1.7575,
      1.8275,
      1.8975,
      1.9675,
      2.04,
      2.11,
      2.18,
      2.25,
      2.32,
      2.39,
      2.46,
      2.53,
      2.6,
      2.6725,
      2.7425
    ],
    "SoftwareVersions": "syngo_MR_B17",
    "SpacingBetweenSlices": 3,
    "StationName": "MRC35437",
    "StudyID": "1",
    "StudyInstanceUID": "1.3.12.2.1107.5.2.32.35437.30000016061709460729600000007",
    "TaskName": "memsamp",
    "TxRefAmp": 302.411,
    "dataset": "ds004009",
    "modality": "bold",
    "run_id": 3,
    "subject_id": "13",
    "task_id": "memsamp"
  },
  "dummy_trs": 2,
  "dvars_nstd": 24.701689315135138,
  "dvars_std": 1.0973463447490346,
  "dvars_vstd": 0.9490564708494207,
  "efc": 0.6006319945280223,
  "fber": 320.2811584472656,
  "fd_mean": 0.15741765919090536,
  "fd_num": 79,
  "fd_perc": 30.384615384615383,
  "fwhm_avg": 2.474441111111111,
  "fwhm_x": 2.3781866666666667,
  "fwhm_y": 2.4704866666666665,
  "fwhm_z": 2.57465,
  "gcor": 0.117917,
  "gsr_x": -0.012705144472420216,
  "gsr_y": 0.060671109706163406,
  "provenance": {
    "md5sum": "387038f0c52377ff11b4962401c69e25",
    "settings": {
      "fd_thres": 0.2,
      "testing": false
    },
    "software": "mriqc",
    "version": "23.0.1",
    "webapi_port": null,
    "webapi_url": "https://mriqc.nimh.nih.gov/api/v1"
  },
  "size_t": 260,
  "size_x": 64,
  "size_y": 64,
  "size_z": 40,
  "snr": 2.8055562358637967,
  "spacing_tr": 2.799999952316284,
  "spacing_x": 3.0,
  "spacing_y": 3.0,
  "spacing_z": 3.0,
  "summary_bg_k": 63.094993427759235,
  "summary_bg_mad": 8.747352523615188,
  "summary_bg_mean": 55.8474235534668,
  "summary_bg_median": 31.311538696289062,
  "summary_bg_n": 84606.0,
  "summary_bg_p05": 24.796154022216797,
  "summary_bg_p95": 178.77885055541992,
  "summary_bg_stdv": 72.94207763671875,
  "summary_fg_k": 1.2401848561081827,
  "summary_fg_mad": 188.68963692512773,
  "summary_fg_mean": 614.2694702148438,
  "summary_fg_median": 576.8115234375,
  "summary_fg_n": 40483.0,
  "summary_fg_p05": 354.9084533691406,
  "summary_fg_p95": 1007.8084472656251,
  "summary_fg_stdv": 205.59359741210938,
  "tsnr": 53.80930437706411
}