{
  "aor": 0.002317461538461538,
  "aqi": 0.005775542923076923,
  "bids_meta": {
    "AcquisitionDateTime": "2016-06-17T15:43:57.957500",
    "AcquisitionMatrixPE": 64,
    "AcquisitionNumber": 1,
    "AcquisitionTime": "15:43:57.957500",
    "BaseResolution": 64,
    "ConversionSoftware": "dcm2niix",
    "ConversionSoftwareVersion": "v1.0.20180622 (JP2:OpenJPEG) GCC6.1.0",
    "DeviceSerialNumber": "35437",
    "DwellTime": 3.4e-06,
    "EchoTime": 0.03,
    "EffectiveEchoSpacing": 6.009615385e-05,
    "FlipAngle": 90,
    "ImageOrientationPatientDICOM": [
      1,
      0,
      0,
      0,
      0.866025,
      -0.5
    ],
    "ImageType": [
      "ORIGINAL",
      "PRIMARY",
      "M",
      "ND",
      "MOSAIC"
    ],
    "InPlanePhaseEncodingDirectionDICOM": "COL",
    "InstitutionAddress": "Queen_Square_12_London_Southeast_GB_WC1N_3BG",
    "InstitutionName": "FIL",
    "InstitutionalDepartmentName": "Department",
    "MRAcquisitionType": "2D",
    "MagneticFieldStrength": 3,
    "Manufacturer": "Siemens",
    "ManufacturersModelName": "TrioTim",
    "Modality": "MR",
    "PartialFourier": 1,
    "PatientID": "MQ03665",
    "PatientName": "MQ03665",
    "PatientPosition": "HFS",
    "PatientSex": "",
    "PercentPhaseFOV": 100,
    "PhaseEncodingDirection": "j-",
    "PhaseEncodingSteps": 74,
    "PhaseOversampling": 0.13,
    "PhaseResolution": 1,
    "PixelBandwidth": 2298,
    "ProcedureStepDescription": "FIL_Johan_Carlin",
    "ProtocolName": "al_mepi2d_3mm_v1a_standard",
    "PulseSequenceDetails": "%CustomerSeq%_al_mepi2d_3mm_v1a",
    "ReceiveCoilName": "32Ch_Head",
    "ReconMatrixPE": 64,
    "RepetitionTime": 2.8,
    "SAR": 0.183405,
    "ScanOptions": "FS",
    "ScanningSequence": "RM",
    "SequenceName": "alepi2d2d1",
    "SequenceVariant": "SP_OSP",
    "SeriesDescription": "al_mepi2d_3mm_v1a_standard",
    "SeriesInstanceUID": "1.3.12.2.1107.5.2.32.35437.2016061715411692803829939.0.0.0",
    "SeriesNumber": 9,
    "ShimSetting": [
      40,
      -3876,
      385,
      536,
      94,
      452,
      -30,
      18
    ],
    "SliceThickness": 2.5,
    "SliceTiming": [
      0,
      0.07,
      0.14,
      0.2125,
      0.2825,
      0.3525,
      0.4225,
      0.4925,
      0.5625,
      0.6325,
      0.7025,
      0.775,
      0.845,
      0.915,
      0.985,
      1.055,
      1.125,
      1.195,
      1.265,
      1.335,
      1.4075,
      1.4775,
      1.5475,
      1.6175,
      1.6875,
      1.7575,
      1.8275,
      1.8975,
      1.9675,
      2.04,
      2.11,
      2.18,
      2.25,
      2.32,
      2.39,
      2.46,
      2.53,
      2.6,
      2.6725,
      2.7425
    ],
    "SoftwareVersions": "syngo_MR_B17",
    "SpacingBetweenSlices": 3,
    "StationName": "MRC35437",
    "StudyID": "1",
    "StudyInstanceUID": "1.3.12.2.1107.5.2.32.35437.30000016061709460729600000007",
    "TaskName": "motionLocaliser",
    "TxRefAmp": 302.411,
    "dataset": "ds004009",
    "modality": "bold",
    "subject_id": "13",
    "task_id": "motionLocaliser"
  },
  "dummy_trs": 2,
  "dvars_nstd": 26.230311242857137,
  "dvars_std": 1.1415196327027022,
  "dvars_vstd": 0.9640751849034749,
  "efc": 0.6008226372236214,
  "fber": 321.65716552734375,
  "fd_mean": 0.19373098276121112,
  "fd_num": 110,
  "fd_perc": 42.30769230769231,
  "fwhm_avg": 2.5024511111111107,
  "fwhm_x": 2.40881,
  "fwhm_y": 2.4710433333333333,
  "fwhm_z": 2.6275,
  "gcor": 0.0283811,
  "gsr_x": -0.013869085349142551,
  "gsr_y": 0.061782918870449066,
  "provenance": {
    "md5sum": "7c2c6c6b1280dceeca5a8cd52a223ea0",
    "settings": {
      "fd_thres": 0.2,
      "testing": false
    },
    "software": "mriqc",
    "version": "23.0.1",
    "webapi_port": null,
    "webapi_url": "https://mriqc.nimh.nih.gov/api/v1"
  },
  "size_t": 260,
  "size_x": 64,
  "size_y": 64,
  "size_z": 40,
  "snr": 2.7844005422173557,
  "spacing_tr": 2.799999952316284,
  "spacing_x": 3.0,
  "spacing_y": 3.0,
  "spacing_z": 3.0,
  "summary_bg_k": 55.982967137549004,
  "summary_bg_mad": 9.440185880937607,
  "summary_bg_mean": 57.37016677856445,
  "summary_bg_median": 31.73653793334961,
  "summary_bg_n": 84592.0,
  "summary_bg_p05": 24.41538429260254,
  "summary_bg_p95": 184.3376930236816,
  "summary_bg_stdv": 76.09776306152344,
  "summary_fg_k": 1.3945817234518723,
  "summary_fg_mad": 191.76895033415647,
  "summary_fg_mean": 623.1334228515625,
  "summary_fg_median": 583.826904296875,
  "summary_fg_n": 40531.0,
  "summary_fg_p05": 358.8999938964844,
  "summary_fg_p95": 1026.1461791992188,
  "summary_fg_stdv": 209.67518615722656,
  "tsnr": 52.60150853369851
}