{
  "aor": 0.0030471647509578543,
  "aqi": 0.010236686475095786,
  "bids_meta": {
    "AcquisitionDateTime": "2016-06-17T15:00:12.690000",
    "AcquisitionMatrixPE": 64,
    "AcquisitionNumber": 1,
    "AcquisitionTime": "15:00:12.690000",
    "BaseResolution": 64,
    "ConversionSoftware": "dcm2niix",
    "ConversionSoftwareVersion": "v1.0.20180622 (JP2:OpenJPEG) GCC6.1.0",
    "DeviceSerialNumber": "35437",
    "DwellTime": 3.4e-06,
    "EchoTime": 0.03,
    "EffectiveEchoSpacing": 6.009615385e-05,
    "FlipAngle": 90,
    "ImageOrientationPatientDICOM": [
      1,
      0,
      0,
      0,
      0.866025,
      -0.5
    ],
    "ImageType": [
      "ORIGINAL",
      "PRIMARY",
      "M",
      "ND",
      "MOSAIC"
    ],
    "InPlanePhaseEncodingDirectionDICOM": "COL",
    "InstitutionAddress": "Queen_Square_12_London_Southeast_GB_WC1N_3BG",
    "InstitutionName": "FIL",
    "InstitutionalDepartmentName": "Department",
    "MRAcquisitionType": "2D",
    "MagneticFieldStrength": 3,
    "Manufacturer": "Siemens",
    "ManufacturersModelName": "TrioTim",
    "Modality": "MR",
    "PartialFourier": 1,
    "PatientID": "MQ03665",
    "PatientName": "MQ03665",
    "PatientPosition": "HFS",
    "PatientSex": "",
    "PercentPhaseFOV": 100,
    "PhaseEncodingDirection": "j-",
    "PhaseEncodingSteps": 74,
    "PhaseOversampling": 0.13,
    "PhaseResolution": 1,
    "PixelBandwidth": 2298,
    "ProcedureStepDescription": "FIL_Johan_Carlin",
    "ProtocolName": "al_mepi2d_3mm_v1a_standard",
    "PulseSequenceDetails": "%CustomerSeq%_al_mepi2d_3mm_v1a",
    "ReceiveCoilName": "32Ch_Head",
    "ReconMatrixPE": 64,
    "RepetitionTime": 2.8,
    "SAR": 0.183405,
    "ScanOptions": "FS",
    "ScanningSequence": "RM",
    "SequenceName": "alepi2d2d1",
    "SequenceVariant": "SP_OSP",
    "SeriesDescription": "al_mepi2d_3mm_v1a_standard",
    "SeriesInstanceUID": "1.3.12.2.1107.5.2.32.35437.2016061714521061216734029.0.0.0",
    "SeriesNumber": 6,
    "ShimSetting": [
      40,
      -3876,
      385,
      536,
      94,
      452,
      -30,
      18
    ],
    "SliceThickness": 2.5,
    "SliceTiming": [
      0,
      0.07,
      0.14,
      0.21,
      0.28,
      0.35,
      0.4225,
      0.4925,
      0.5625,
      0.6325,
      0.7025,
      0.7725,
      0.8425,
      0.9125,
      0.9825,
      1.055,
      1.125,
      1.195,
      1.265,
      1.335,
      1.405,
      1.475,
      1.545,
      1.6175,
      1.6875,
      1.7575,
      1.8275,
      1.8975,
      1.9675,
      2.0375,
      2.1075,
      2.1775,
      2.25,
      2.32,
      2.39,
      2.46,
      2.53,
      2.6,
      2.67,
      2.74
    ],
    "SoftwareVersions": "syngo_MR_B17",
    "SpacingBetweenSlices": 3,
    "StationName": "MRC35437",
    "StudyID": "1",
    "StudyInstanceUID": "1.3.12.2.1107.5.2.32.35437.30000016061709460729600000007",
    "TaskName": "memsamp",
    "TxRefAmp": 302.411,
    "dataset": "ds004009",
    "modality": "bold",
    "run_id": 1,
    "subject_id": "13",
    "task_id": "memsamp"
  },
  "dummy_trs": 1,
  "dvars_nstd": 40.524902728576926,
  "dvars_std": 1.1255841653076928,
  "dvars_vstd": 0.9519773053846148,
  "efc": 0.5988339751970916,
  "fber": 321.43988037109375,
  "fd_mean": 0.392271827700424,
  "fd_num": 197,
  "fd_perc": 75.47892720306514,
  "fwhm_avg": 2.4450366666666667,
  "fwhm_x": 2.3337933333333334,
  "fwhm_y": 2.44496,
  "fwhm_z": 2.5563566666666664,
  "gcor": 0.0215051,
  "gsr_x": -0.01038399152457714,
  "gsr_y": 0.05505306273698807,
  "provenance": {
    "md5sum": "7c74060a8d736397a26cffd0550ec66c",
    "settings": {
      "fd_thres": 0.2,
      "testing": false
    },
    "software": "mriqc",
    "version": "23.0.1",
    "webapi_port": null,
    "webapi_url": "https://mriqc.nimh.nih.gov/api/v1"
  },
  "size_t": 261,
  "size_x": 64,
  "size_y": 64,
  "size_z": 40,
  "snr": 2.8374170496604196,
  "spacing_tr": 2.799999952316284,
  "spacing_x": 3.0,
  "spacing_y": 3.0,
  "spacing_z": 3.0,
  "summary_bg_k": 72.79542383041047,
  "summary_bg_mad": 8.566147408183173,
  "summary_bg_mean": 53.28591537475586,
  "summary_bg_median": 30.89655113220215,
  "summary_bg_n": 84723.0,
  "summary_bg_p05": 24.283523559570312,
  "summary_bg_p95": 165.30765228271468,
  "summary_bg_stdv": 66.77033996582031,
  "summary_fg_k": 1.222975425306199,
  "summary_fg_mad": 184.68903609015868,
  "summary_fg_mean": 606.9885864257812,
  "summary_fg_median": 570.7547607421875,
  "summary_fg_n": 40291.0,
  "summary_fg_p05": 353.3007507324219,
  "summary_fg_p95": 991.5670166015625,
  "summary_fg_stdv": 201.1504364013672,
  "tsnr": 37.043030000291765
}