{
  "bids_meta": {
    "AcquisitionDateTime": "2016-09-19T15:31:23.185000",
    "AcquisitionMatrixPE": 240,
    "AcquisitionNumber": 1,
    "AcquisitionTime": "15:31:23.185000",
    "BaseResolution": 256,
    "ConversionSoftware": "dcm2niix",
    "ConversionSoftwareVersion": "v1.0.20180622 (JP2:OpenJPEG) GCC6.1.0",
    "DeviceSerialNumber": "35437",
    "DwellTime": 4e-06,
    "EchoTime": 0.0022,
    "FlipAngle": 13,
    "ImageOrientationPatientDICOM": [
      0,
      0.866025,
      -0.5,
      0,
      -0.5,
      -0.866025
    ],
    "ImageType": [
      "ORIGINAL",
      "PRIMARY",
      "M",
      "ND"
    ],
    "InPlanePhaseEncodingDirectionDICOM": "ROW",
    "InstitutionAddress": "Queen_Square_12_London_Southeast_GB_WC1N_3BG",
    "InstitutionName": "WTCN",
    "InstitutionalDepartmentName": "Department",
    "MRAcquisitionType": "3D",
    "MagneticFieldStrength": 3,
    "Manufacturer": "Siemens",
    "ManufacturersModelName": "TrioTim",
    "Modality": "MR",
    "PartialFourier": 0.75,
    "PatientID": "MQ03784",
    "PatientName": "MQ03784",
    "PatientPosition": "HFS",
    "PatientSex": "",
    "PercentPhaseFOV": 93.75,
    "PhaseEncodingSteps": 180,
    "PhaseResolution": 1,
    "PixelBandwidth": 488,
    "ProcedureStepDescription": "FIL_Johan_Carlin",
    "ProtocolName": "BasicT1_NoVBM_nw_mtflash3d_v3h",
    "PulseSequenceDetails": "%CustomerSeq%_nw_mtflash3d_v3h",
    "ReceiveCoilName": "32Ch_Head",
    "ReconMatrixPE": 256,
    "RepetitionTime": 2,
    "SAR": 0.199582,
    "ScanOptions": "PFP",
    "ScanningSequence": "RM",
    "SequenceName": "fl3d_3h3d1",
    "SequenceVariant": "SP",
    "SeriesDescription": "BasicT1_NoVBM_nw_mtflash3d_v3h",
    "SeriesInstanceUID": "1.3.12.2.1107.5.2.32.35437.2016091915312178423768868.0.0.0",
    "SeriesNumber": 10,
    "ShimSetting": [
      47,
      -3886,
      272,
      432,
      -180,
      -18,
      16,
      49
    ],
    "SliceThickness": 1,
    "SoftwareVersions": "syngo_MR_B17",
    "StationName": "MRC35437",
    "StudyID": "1",
    "StudyInstanceUID": "1.3.12.2.1107.5.2.32.35437.30000016091907534114000000010",
    "TxRefAmp": 313.68,
    "dataset": "ds004009",
    "modality": "T1w",
    "subject_id": "29"
  },
  "cjv": 0.5416772440472283,
  "cnr": 2.5405928624269922,
  "efc": 0.5649334167382387,
  "fber": -1.0,
  "fwhm_avg": 5.407050000000001,
  "fwhm_x": 5.56216,
  "fwhm_y": 5.53279,
  "fwhm_z": 5.1262,
  "icvs_csf": 0.20543516406195328,
  "icvs_gm": 0.360168774030551,
  "icvs_wm": 0.4343960619074958,
  "inu_med": 0.911068469285965,
  "inu_range": 1.0881333634257313,
  "provenance": {
    "md5sum": "364bb74c1395cb3872fc67a9d605e22e",
    "settings": {
      "testing": false
    },
    "software": "mriqc",
    "version": "23.0.1",
    "warnings": {
      "large_rot_frame": true,
      "small_air_mask": false
    },
    "webapi_port": null,
    "webapi_url": "https://mriqc.nimh.nih.gov/api/v1"
  },
  "qi_1": 0.0,
  "qi_2": 0.008493747207584067,
  "rpve_csf": 24.550337118685878,
  "rpve_gm": 12.876237779422507,
  "rpve_wm": 12.853114072416604,
  "size_x": 176,
  "size_y": 240,
  "size_z": 256,
  "snr_csf": 3.3846008852775165,
  "snr_gm": 13.854276756659173,
  "snr_total": 11.828175198763645,
  "snr_wm": 18.245647954354247,
  "snrd_csf": 21.336323586917576,
  "snrd_gm": 50.74869085184573,
  "snrd_total": 45.2660626456975,
  "snrd_wm": 63.713173498329205,
  "spacing_x": 1.0,
  "spacing_y": 1.0,
  "spacing_z": 1.0,
  "summary_bg_k": 3.508203351283891,
  "summary_bg_mad": 0.0,
  "summary_bg_mean": 6.73762014915006,
  "summary_bg_median": 0.0,
  "summary_bg_n": 2546722.0,
  "summary_bg_p05": 0.0,
  "summary_bg_p95": 27.67426275461912,
  "summary_bg_stdv": 10.283217695629547,
  "summary_csf_k": 1.4004253886975873,
  "summary_csf_mad": 95.0118975715784,
  "summary_csf_mean": 347.5819364199086,
  "summary_csf_median": 334.90134309232235,
  "summary_csf_n": 65060.0,
  "summary_csf_p05": 213.268987365067,
  "summary_csf_p95": 521.1680696681142,
  "summary_csf_stdv": 98.94778753702289,
  "summary_gm_k": 0.08264681463314005,
  "summary_gm_mad": 56.78976146556688,
  "summary_gm_mean": 797.0143405631252,
  "summary_gm_median": 796.5666932836175,
  "summary_gm_n": 16163.0,
  "summary_gm_p05": 702.6696913987398,
  "summary_gm_p95": 891.4411525726318,
  "summary_gm_stdv": 57.494307730460754,
  "summary_wm_k": 0.2742973096903678,
  "summary_wm_mad": 53.438531522622746,
  "summary_wm_mean": 1005.046851211212,
  "summary_wm_median": 1000.0611066073179,
  "summary_wm_n": 197766.0,
  "summary_wm_p05": 923.3307003825903,
  "summary_wm_p95": 1102.8774073049426,
  "summary_wm_stdv": 54.81080094886539,
  "tpm_overlap_csf": 0.15451277142744146,
  "tpm_overlap_gm": 0.4083843520999017,
  "tpm_overlap_wm": 0.4468541056297633,
  "wm2max": 0.34256694240933616
}