{
  "aor": 0.007303769230769231,
  "aqi": 0.006615964576923076,
  "bids_meta": {
    "AcquisitionDateTime": "2016-08-01T15:36:59.572500",
    "AcquisitionMatrixPE": 64,
    "AcquisitionNumber": 1,
    "AcquisitionTime": "15:36:59.572500",
    "BaseResolution": 64,
    "ConversionSoftware": "dcm2niix",
    "ConversionSoftwareVersion": "v1.0.20180622 (JP2:OpenJPEG) GCC6.1.0",
    "DeviceSerialNumber": "35437",
    "DwellTime": 3.4e-06,
    "EchoTime": 0.03,
    "EffectiveEchoSpacing": 6.009615385e-05,
    "FlipAngle": 90,
    "ImageOrientationPatientDICOM": [
      1,
      0,
      0,
      0,
      0.866025,
      -0.5
    ],
    "ImageType": [
      "ORIGINAL",
      "PRIMARY",
      "M",
      "ND",
      "MOSAIC"
    ],
    "InPlanePhaseEncodingDirectionDICOM": "COL",
    "InstitutionAddress": "Queen_Square_12_London_Southeast_GB_WC1N_3BG",
    "InstitutionName": "FIL",
    "InstitutionalDepartmentName": "Department",
    "MRAcquisitionType": "2D",
    "MagneticFieldStrength": 3,
    "Manufacturer": "Siemens",
    "ManufacturersModelName": "TrioTim",
    "Modality": "MR",
    "PartialFourier": 1,
    "PatientID": "MQ03722",
    "PatientName": "MQ03722",
    "PatientPosition": "HFS",
    "PatientSex": "",
    "PercentPhaseFOV": 100,
    "PhaseEncodingDirection": "j-",
    "PhaseEncodingSteps": 74,
    "PhaseOversampling": 0.13,
    "PhaseResolution": 1,
    "PixelBandwidth": 2298,
    "ProcedureStepDescription": "FIL_Johan_Carlin",
    "ProtocolName": "al_mepi2d_3mm_v1a_standard",
    "PulseSequenceDetails": "%CustomerSeq%_al_mepi2d_3mm_v1a",
    "ReceiveCoilName": "32Ch_Head",
    "ReconMatrixPE": 64,
    "RepetitionTime": 2.8,
    "SAR": 0.185448,
    "ScanOptions": "FS",
    "ScanningSequence": "RM",
    "SequenceName": "alepi2d2d1",
    "SequenceVariant": "SP_OSP",
    "SeriesDescription": "al_mepi2d_3mm_v1a_standard",
    "SeriesInstanceUID": "1.3.12.2.1107.5.2.32.35437.2016080115310718071430937.0.0.0",
    "SeriesNumber": 5,
    "ShimSetting": [
      42,
      -3922,
      416,
      579,
      13,
      -12,
      -216,
      5
    ],
    "SliceThickness": 2.5,
    "SliceTiming": [
      0,
      0.07,
      0.14,
      0.21,
      0.28,
      0.35,
      0.42,
      0.4925,
      0.5625,
      0.6325,
      0.7025,
      0.7725,
      0.8425,
      0.9125,
      0.9825,
      1.0525,
      1.125,
      1.195,
      1.265,
      1.335,
      1.405,
      1.475,
      1.545,
      1.615,
      1.685,
      1.7575,
      1.8275,
      1.8975,
      1.9675,
      2.0375,
      2.1075,
      2.1775,
      2.2475,
      2.3175,
      2.39,
      2.46,
      2.53,
      2.6,
      2.67,
      2.74
    ],
    "SoftwareVersions": "syngo_MR_B17",
    "SpacingBetweenSlices": 3,
    "StationName": "MRC35437",
    "StudyID": "1",
    "StudyInstanceUID": "1.3.12.2.1107.5.2.32.35437.30000016080113065825600000004",
    "TaskName": "memsamp",
    "TxRefAmp": 287.606,
    "dataset": "ds004009",
    "modality": "bold",
    "run_id": 1,
    "subject_id": "23",
    "task_id": "memsamp"
  },
  "dummy_trs": 2,
  "dvars_nstd": 27.848280483397673,
  "dvars_std": 1.1283489304247107,
  "dvars_vstd": 0.9954022322779922,
  "efc": 0.5758624094939174,
  "fber": 350.85626220703125,
  "fd_mean": 0.14971196457285796,
  "fd_num": 39,
  "fd_perc": 15.0,
  "fwhm_avg": 2.490792222222222,
  "fwhm_x": 2.3428566666666666,
  "fwhm_y": 2.5034566666666667,
  "fwhm_z": 2.626063333333333,
  "gcor": 0.0428925,
  "gsr_x": -0.00586700951680541,
  "gsr_y": 0.03952992707490921,
  "provenance": {
    "md5sum": "30945683cff2dc9eb1fd54ce220f6e4e",
    "settings": {
      "fd_thres": 0.2,
      "testing": false
    },
    "software": "mriqc",
    "version": "23.0.1",
    "webapi_port": null,
    "webapi_url": "https://mriqc.nimh.nih.gov/api/v1"
  },
  "size_t": 260,
  "size_x": 64,
  "size_y": 64,
  "size_z": 40,
  "snr": 3.3141096003846555,
  "spacing_tr": 2.799999952316284,
  "spacing_x": 3.0,
  "spacing_y": 3.0,
  "spacing_z": 3.0,
  "summary_bg_k": 74.89108882624133,
  "summary_bg_mad": 6.637495955409419,
  "summary_bg_mean": 48.617191314697266,
  "summary_bg_median": 28.30769157409668,
  "summary_bg_n": 93214.0,
  "summary_bg_p05": 23.450000762939453,
  "summary_bg_p95": 133.01288146972652,
  "summary_bg_stdv": 64.8659439086914,
  "summary_fg_k": 0.8572312332231733,
  "summary_fg_mad": 146.9031304521881,
  "summary_fg_mean": 567.2269897460938,
  "summary_fg_median": 540.642333984375,
  "summary_fg_n": 34101.0,
  "summary_fg_p05": 350.1000061035156,
  "summary_fg_p95": 878.6500244140625,
  "summary_fg_stdv": 163.13111877441406,
  "tsnr": 49.76067562960088
}