{
  "aor": 0.003775346153846154,
  "aqi": 0.014801968038461538,
  "bids_meta": {
    "AcquisitionDateTime": "2016-09-14T12:16:55.830000",
    "AcquisitionMatrixPE": 64,
    "AcquisitionNumber": 1,
    "AcquisitionTime": "12:16:55.830000",
    "BaseResolution": 64,
    "ConversionSoftware": "dcm2niix",
    "ConversionSoftwareVersion": "v1.0.20180622 (JP2:OpenJPEG) GCC6.1.0",
    "DeviceSerialNumber": "35437",
    "DwellTime": 3.4e-06,
    "EchoTime": 0.03,
    "EffectiveEchoSpacing": 6.009615385e-05,
    "FlipAngle": 90,
    "ImageOrientationPatientDICOM": [
      1,
      0,
      0,
      0,
      0.866025,
      -0.5
    ],
    "ImageType": [
      "ORIGINAL",
      "PRIMARY",
      "M",
      "ND",
      "MOSAIC"
    ],
    "InPlanePhaseEncodingDirectionDICOM": "COL",
    "InstitutionAddress": "Queen_Square_12_London_Southeast_GB_WC1N_3BG",
    "InstitutionName": "WTCN",
    "InstitutionalDepartmentName": "Department",
    "MRAcquisitionType": "2D",
    "MagneticFieldStrength": 3,
    "Manufacturer": "Siemens",
    "ManufacturersModelName": "TrioTim",
    "Modality": "MR",
    "PartialFourier": 1,
    "PatientID": "MQ03775",
    "PatientName": "MQ03775",
    "PatientPosition": "HFS",
    "PatientSex": "",
    "PercentPhaseFOV": 100,
    "PhaseEncodingDirection": "j-",
    "PhaseEncodingSteps": 74,
    "PhaseOversampling": 0.13,
    "PhaseResolution": 1,
    "PixelBandwidth": 2298,
    "ProcedureStepDescription": "FIL_Johan_Carlin",
    "ProtocolName": "al_mepi2d_3mm_v1a_standard",
    "PulseSequenceDetails": "%CustomerSeq%_al_mepi2d_3mm_v1a",
    "ReceiveCoilName": "32Ch_Head",
    "ReconMatrixPE": 64,
    "RepetitionTime": 2.8,
    "SAR": 0.165906,
    "ScanOptions": "FS",
    "ScanningSequence": "RM",
    "SequenceName": "alepi2d2d1",
    "SequenceVariant": "SP_OSP",
    "SeriesDescription": "al_mepi2d_3mm_v1a_standard",
    "SeriesInstanceUID": "1.3.12.2.1107.5.2.32.35437.2016091412154985819273399.0.0.0",
    "SeriesNumber": 9,
    "ShimSetting": [
      39,
      -4057,
      392,
      878,
      27,
      -461,
      -304,
      98
    ],
    "SliceThickness": 2.5,
    "SliceTiming": [
      0,
      0.0725,
      0.1425,
      0.2125,
      0.2825,
      0.3525,
      0.4225,
      0.4925,
      0.5625,
      0.6325,
      0.705,
      0.775,
      0.845,
      0.915,
      0.985,
      1.055,
      1.125,
      1.195,
      1.265,
      1.3375,
      1.4075,
      1.4775,
      1.5475,
      1.6175,
      1.6875,
      1.7575,
      1.8275,
      1.8975,
      1.97,
      2.04,
      2.11,
      2.18,
      2.25,
      2.32,
      2.39,
      2.46,
      2.53,
      2.6025,
      2.6725,
      2.7425
    ],
    "SoftwareVersions": "syngo_MR_B17",
    "SpacingBetweenSlices": 3,
    "StationName": "MRC35437",
    "StudyID": "1",
    "StudyInstanceUID": "1.3.12.2.1107.5.2.32.35437.30000016091409230943000000004",
    "TaskName": "motionLocaliser",
    "TxRefAmp": 289.232,
    "dataset": "ds004009",
    "modality": "bold",
    "subject_id": "17",
    "task_id": "motionLocaliser"
  },
  "dummy_trs": 2,
  "dvars_nstd": 41.24796966783783,
  "dvars_std": 1.0529285629343634,
  "dvars_vstd": 0.9146685312355208,
  "efc": 0.5974044815090896,
  "fber": 274.5448303222656,
  "fd_mean": 0.3725694119276845,
  "fd_num": 150,
  "fd_perc": 57.69230769230769,
  "fwhm_avg": 2.3899666666666666,
  "fwhm_x": 2.2664966666666664,
  "fwhm_y": 2.3349066666666665,
  "fwhm_z": 2.568496666666667,
  "gcor": 0.0211526,
  "gsr_x": 0.0010946727124974132,
  "gsr_y": 0.043953895568847656,
  "provenance": {
    "md5sum": "4f31b468cb496f1c3de7c61a868f3c36",
    "settings": {
      "fd_thres": 0.2,
      "testing": false
    },
    "software": "mriqc",
    "version": "23.0.1",
    "webapi_port": null,
    "webapi_url": "https://mriqc.nimh.nih.gov/api/v1"
  },
  "size_t": 260,
  "size_x": 64,
  "size_y": 64,
  "size_z": 40,
  "snr": 3.105945969723931,
  "spacing_tr": 2.799999952316284,
  "spacing_x": 3.0,
  "spacing_y": 3.0,
  "spacing_z": 3.0,
  "summary_bg_k": 62.115553154191815,
  "summary_bg_mad": 12.391133766044902,
  "summary_bg_mean": 58.31886672973633,
  "summary_bg_median": 34.02692413330078,
  "summary_bg_n": 88368.0,
  "summary_bg_p05": 24.580768585205078,
  "summary_bg_p95": 159.04212036132805,
  "summary_bg_stdv": 79.26953887939453,
  "summary_fg_k": 0.6681876385422552,
  "summary_fg_mad": 173.51006695761922,
  "summary_fg_mean": 599.18505859375,
  "summary_fg_median": 567.1846313476562,
  "summary_fg_n": 38275.0,
  "summary_fg_p05": 355.6757568359375,
  "summary_fg_p95": 940.0730773925778,
  "summary_fg_stdv": 182.61013793945312,
  "tsnr": 29.849622449837625
}