{
  "aor": 0.004884247104247104,
  "aqi": 0.01174671694980695,
  "bids_meta": {
    "AcquisitionDateTime": "2016-09-14T12:03:29.927500",
    "AcquisitionMatrixPE": 64,
    "AcquisitionNumber": 1,
    "AcquisitionTime": "12:03:29.927500",
    "BaseResolution": 64,
    "ConversionSoftware": "dcm2niix",
    "ConversionSoftwareVersion": "v1.0.20180622 (JP2:OpenJPEG) GCC6.1.0",
    "DeviceSerialNumber": "35437",
    "DwellTime": 3.4e-06,
    "EchoTime": 0.03,
    "EffectiveEchoSpacing": 6.009615385e-05,
    "FlipAngle": 90,
    "ImageOrientationPatientDICOM": [
      1,
      0,
      0,
      0,
      0.866025,
      -0.5
    ],
    "ImageType": [
      "ORIGINAL",
      "PRIMARY",
      "M",
      "ND",
      "MOSAIC"
    ],
    "InPlanePhaseEncodingDirectionDICOM": "COL",
    "InstitutionAddress": "Queen_Square_12_London_Southeast_GB_WC1N_3BG",
    "InstitutionName": "WTCN",
    "InstitutionalDepartmentName": "Department",
    "MRAcquisitionType": "2D",
    "MagneticFieldStrength": 3,
    "Manufacturer": "Siemens",
    "ManufacturersModelName": "TrioTim",
    "Modality": "MR",
    "PartialFourier": 1,
    "PatientID": "MQ03775",
    "PatientName": "MQ03775",
    "PatientPosition": "HFS",
    "PatientSex": "",
    "PercentPhaseFOV": 100,
    "PhaseEncodingDirection": "j-",
    "PhaseEncodingSteps": 74,
    "PhaseOversampling": 0.13,
    "PhaseResolution": 1,
    "PixelBandwidth": 2298,
    "ProcedureStepDescription": "FIL_Johan_Carlin",
    "ProtocolName": "al_mepi2d_3mm_v1a_standard",
    "PulseSequenceDetails": "%CustomerSeq%_al_mepi2d_3mm_v1a",
    "ReceiveCoilName": "32Ch_Head",
    "ReconMatrixPE": 64,
    "RepetitionTime": 2.8,
    "SAR": 0.165906,
    "ScanOptions": "FS",
    "ScanningSequence": "RM",
    "SequenceName": "alepi2d2d1",
    "SequenceVariant": "SP_OSP",
    "SeriesDescription": "al_mepi2d_3mm_v1a_standard",
    "SeriesInstanceUID": "1.3.12.2.1107.5.2.32.35437.2016091412020489006941429.0.0.0",
    "SeriesNumber": 8,
    "ShimSetting": [
      39,
      -4057,
      392,
      878,
      27,
      -461,
      -304,
      98
    ],
    "SliceThickness": 2.5,
    "SliceTiming": [
      0,
      0.07,
      0.14,
      0.21,
      0.28,
      0.3525,
      0.4225,
      0.4925,
      0.5625,
      0.6325,
      0.7025,
      0.7725,
      0.8425,
      0.9125,
      0.985,
      1.055,
      1.125,
      1.195,
      1.265,
      1.335,
      1.405,
      1.475,
      1.545,
      1.6175,
      1.6875,
      1.7575,
      1.8275,
      1.8975,
      1.9675,
      2.0375,
      2.1075,
      2.1775,
      2.25,
      2.32,
      2.39,
      2.46,
      2.53,
      2.6,
      2.67,
      2.74
    ],
    "SoftwareVersions": "syngo_MR_B17",
    "SpacingBetweenSlices": 3,
    "StationName": "MRC35437",
    "StudyID": "1",
    "StudyInstanceUID": "1.3.12.2.1107.5.2.32.35437.30000016091409230943000000004",
    "TaskName": "exemplarLocaliser",
    "TxRefAmp": 289.232,
    "dataset": "ds004009",
    "modality": "bold",
    "subject_id": "17",
    "task_id": "exemplarLocaliser"
  },
  "dummy_trs": 3,
  "dvars_nstd": 37.19183675620155,
  "dvars_std": 1.0935693441085261,
  "dvars_vstd": 0.9531171855038761,
  "efc": 0.5978561464566868,
  "fber": 278.8334045410156,
  "fd_mean": 0.3042682693571979,
  "fd_num": 128,
  "fd_perc": 49.42084942084942,
  "fwhm_avg": 2.38745,
  "fwhm_x": 2.2589433333333333,
  "fwhm_y": 2.336246666666667,
  "fwhm_z": 2.56716,
  "gcor": 0.0173162,
  "gsr_x": 0.0009450768702663481,
  "gsr_y": 0.04985895752906799,
  "provenance": {
    "md5sum": "e405426989427a6f121127d3ab786f26",
    "settings": {
      "fd_thres": 0.2,
      "testing": false
    },
    "software": "mriqc",
    "version": "23.0.1",
    "webapi_port": null,
    "webapi_url": "https://mriqc.nimh.nih.gov/api/v1"
  },
  "size_t": 259,
  "size_x": 64,
  "size_y": 64,
  "size_z": 40,
  "snr": 3.109650069706771,
  "spacing_tr": 2.799999952316284,
  "spacing_x": 3.0,
  "spacing_y": 3.0,
  "spacing_z": 3.0,
  "summary_bg_k": 56.96007952171681,
  "summary_bg_mad": 11.7692268604884,
  "summary_bg_mean": 58.60934829711914,
  "summary_bg_median": 33.45173645019531,
  "summary_bg_n": 88498.0,
  "summary_bg_p05": 24.532817840576172,
  "summary_bg_p95": 160.8974891662597,
  "summary_bg_stdv": 80.999755859375,
  "summary_fg_k": 0.6230625698528436,
  "summary_fg_mad": 172.40549029867216,
  "summary_fg_mean": 596.200927734375,
  "summary_fg_median": 564.7664184570312,
  "summary_fg_n": 38166.0,
  "summary_fg_p05": 353.33204650878906,
  "summary_fg_p95": 936.7509460449219,
  "summary_fg_stdv": 181.61497497558594,
  "tsnr": 34.33342468831688
}