{
  "aor": 0.004752307692307692,
  "aqi": 0.0093294195,
  "bids_meta": {
    "AcquisitionDateTime": "2016-09-14T11:35:44.725000",
    "AcquisitionMatrixPE": 64,
    "AcquisitionNumber": 1,
    "AcquisitionTime": "11:35:44.725000",
    "BaseResolution": 64,
    "ConversionSoftware": "dcm2niix",
    "ConversionSoftwareVersion": "v1.0.20180622 (JP2:OpenJPEG) GCC6.1.0",
    "DeviceSerialNumber": "35437",
    "DwellTime": 3.4e-06,
    "EchoTime": 0.03,
    "EffectiveEchoSpacing": 6.009615385e-05,
    "FlipAngle": 90,
    "ImageOrientationPatientDICOM": [
      1,
      0,
      0,
      0,
      0.866025,
      -0.5
    ],
    "ImageType": [
      "ORIGINAL",
      "PRIMARY",
      "M",
      "ND",
      "MOSAIC"
    ],
    "InPlanePhaseEncodingDirectionDICOM": "COL",
    "InstitutionAddress": "Queen_Square_12_London_Southeast_GB_WC1N_3BG",
    "InstitutionName": "WTCN",
    "InstitutionalDepartmentName": "Department",
    "MRAcquisitionType": "2D",
    "MagneticFieldStrength": 3,
    "Manufacturer": "Siemens",
    "ManufacturersModelName": "TrioTim",
    "Modality": "MR",
    "PartialFourier": 1,
    "PatientID": "MQ03775",
    "PatientName": "MQ03775",
    "PatientPosition": "HFS",
    "PatientSex": "",
    "PercentPhaseFOV": 100,
    "PhaseEncodingDirection": "j-",
    "PhaseEncodingSteps": 74,
    "PhaseOversampling": 0.13,
    "PhaseResolution": 1,
    "PixelBandwidth": 2298,
    "ProcedureStepDescription": "FIL_Johan_Carlin",
    "ProtocolName": "al_mepi2d_3mm_v1a_standard",
    "PulseSequenceDetails": "%CustomerSeq%_al_mepi2d_3mm_v1a",
    "ReceiveCoilName": "32Ch_Head",
    "ReconMatrixPE": 64,
    "RepetitionTime": 2.8,
    "SAR": 0.165906,
    "ScanOptions": "FS",
    "ScanningSequence": "RM",
    "SequenceName": "alepi2d2d1",
    "SequenceVariant": "SP_OSP",
    "SeriesDescription": "al_mepi2d_3mm_v1a_standard",
    "SeriesInstanceUID": "1.3.12.2.1107.5.2.32.35437.2016091411341837430577489.0.0.0",
    "SeriesNumber": 6,
    "ShimSetting": [
      39,
      -4057,
      392,
      878,
      27,
      -461,
      -304,
      98
    ],
    "SliceThickness": 2.5,
    "SliceTiming": [
      0,
      0.07,
      0.14,
      0.2125,
      0.2825,
      0.3525,
      0.4225,
      0.4925,
      0.5625,
      0.6325,
      0.7025,
      0.7725,
      0.845,
      0.915,
      0.985,
      1.055,
      1.125,
      1.195,
      1.265,
      1.335,
      1.405,
      1.4775,
      1.5475,
      1.6175,
      1.6875,
      1.7575,
      1.8275,
      1.8975,
      1.9675,
      2.0375,
      2.11,
      2.18,
      2.25,
      2.32,
      2.39,
      2.46,
      2.53,
      2.6,
      2.6725,
      2.7425
    ],
    "SoftwareVersions": "syngo_MR_B17",
    "SpacingBetweenSlices": 3,
    "StationName": "MRC35437",
    "StudyID": "1",
    "StudyInstanceUID": "1.3.12.2.1107.5.2.32.35437.30000016091409230943000000004",
    "TaskName": "memsamp",
    "TxRefAmp": 289.232,
    "dataset": "ds004009",
    "modality": "bold",
    "run_id": 2,
    "subject_id": "17",
    "task_id": "memsamp"
  },
  "dummy_trs": 2,
  "dvars_nstd": 35.045169093513515,
  "dvars_std": 1.1543127452895756,
  "dvars_vstd": 0.9847789850579153,
  "efc": 0.5961090154131453,
  "fber": 289.7897033691406,
  "fd_mean": 0.26778547437303174,
  "fd_num": 116,
  "fd_perc": 44.61538461538461,
  "fwhm_avg": 2.3391055555555553,
  "fwhm_x": 2.2217,
  "fwhm_y": 2.28845,
  "fwhm_z": 2.5071666666666665,
  "gcor": 0.0237715,
  "gsr_x": 0.00023447468993254006,
  "gsr_y": 0.04205838590860367,
  "provenance": {
    "md5sum": "b5a16f7f37fb95b18cfec9d87c04f786",
    "settings": {
      "fd_thres": 0.2,
      "testing": false
    },
    "software": "mriqc",
    "version": "23.0.1",
    "webapi_port": null,
    "webapi_url": "https://mriqc.nimh.nih.gov/api/v1"
  },
  "size_t": 260,
  "size_x": 64,
  "size_y": 64,
  "size_z": 40,
  "snr": 3.1171567756186156,
  "spacing_tr": 2.799999952316284,
  "spacing_x": 3.0,
  "spacing_y": 3.0,
  "spacing_z": 3.0,
  "summary_bg_k": 58.964756845334634,
  "summary_bg_mad": 11.467360669347203,
  "summary_bg_mean": 57.6141471862793,
  "summary_bg_median": 32.976924896240234,
  "summary_bg_n": 88481.0,
  "summary_bg_p05": 24.38846206665039,
  "summary_bg_p95": 157.82691955566406,
  "summary_bg_stdv": 79.60958099365234,
  "summary_fg_k": 0.6667447852696968,
  "summary_fg_mad": 172.53502796198947,
  "summary_fg_mean": 599.1849975585938,
  "summary_fg_median": 568.0672607421875,
  "summary_fg_n": 38190.0,
  "summary_fg_p05": 355.91096649169924,
  "summary_fg_p95": 942.5713287353516,
  "summary_fg_stdv": 182.2365264892578,
  "tsnr": 38.209281305316836
}