{
  "aor": 0.004261653846153846,
  "aqi": 0.007683944999999999,
  "bids_meta": {
    "AcquisitionDateTime": "2016-09-14T11:22:0.625000",
    "AcquisitionMatrixPE": 64,
    "AcquisitionNumber": 1,
    "AcquisitionTime": "11:22:0.625000",
    "BaseResolution": 64,
    "ConversionSoftware": "dcm2niix",
    "ConversionSoftwareVersion": "v1.0.20180622 (JP2:OpenJPEG) GCC6.1.0",
    "DeviceSerialNumber": "35437",
    "DwellTime": 3.4e-06,
    "EchoTime": 0.03,
    "EffectiveEchoSpacing": 6.009615385e-05,
    "FlipAngle": 90,
    "ImageOrientationPatientDICOM": [
      1,
      0,
      0,
      0,
      0.866025,
      -0.5
    ],
    "ImageType": [
      "ORIGINAL",
      "PRIMARY",
      "M",
      "ND",
      "MOSAIC"
    ],
    "InPlanePhaseEncodingDirectionDICOM": "COL",
    "InstitutionAddress": "Queen_Square_12_London_Southeast_GB_WC1N_3BG",
    "InstitutionName": "WTCN",
    "InstitutionalDepartmentName": "Department",
    "MRAcquisitionType": "2D",
    "MagneticFieldStrength": 3,
    "Manufacturer": "Siemens",
    "ManufacturersModelName": "TrioTim",
    "Modality": "MR",
    "PartialFourier": 1,
    "PatientID": "MQ03775",
    "PatientName": "MQ03775",
    "PatientPosition": "HFS",
    "PatientSex": "",
    "PercentPhaseFOV": 100,
    "PhaseEncodingDirection": "j-",
    "PhaseEncodingSteps": 74,
    "PhaseOversampling": 0.13,
    "PhaseResolution": 1,
    "PixelBandwidth": 2298,
    "ProcedureStepDescription": "FIL_Johan_Carlin",
    "ProtocolName": "al_mepi2d_3mm_v1a_standard",
    "PulseSequenceDetails": "%CustomerSeq%_al_mepi2d_3mm_v1a",
    "ReceiveCoilName": "32Ch_Head",
    "ReconMatrixPE": 64,
    "RepetitionTime": 2.8,
    "SAR": 0.165906,
    "ScanOptions": "FS",
    "ScanningSequence": "RM",
    "SequenceName": "alepi2d2d1",
    "SequenceVariant": "SP_OSP",
    "SeriesDescription": "al_mepi2d_3mm_v1a_standard",
    "SeriesInstanceUID": "1.3.12.2.1107.5.2.32.35437.2016091411144331188245519.0.0.0",
    "SeriesNumber": 5,
    "ShimSetting": [
      39,
      -4057,
      392,
      878,
      27,
      -461,
      -304,
      98
    ],
    "SliceThickness": 2.5,
    "SliceTiming": [
      0,
      0.07,
      0.14,
      0.2125,
      0.2825,
      0.3525,
      0.4225,
      0.4925,
      0.5625,
      0.6325,
      0.7025,
      0.7725,
      0.845,
      0.915,
      0.985,
      1.055,
      1.125,
      1.195,
      1.265,
      1.335,
      1.405,
      1.4775,
      1.5475,
      1.6175,
      1.6875,
      1.7575,
      1.8275,
      1.8975,
      1.9675,
      2.0375,
      2.11,
      2.18,
      2.25,
      2.32,
      2.39,
      2.46,
      2.53,
      2.6,
      2.67,
      2.7425
    ],
    "SoftwareVersions": "syngo_MR_B17",
    "SpacingBetweenSlices": 3,
    "StationName": "MRC35437",
    "StudyID": "1",
    "StudyInstanceUID": "1.3.12.2.1107.5.2.32.35437.30000016091409230943000000004",
    "TaskName": "memsamp",
    "TxRefAmp": 289.232,
    "dataset": "ds004009",
    "modality": "bold",
    "run_id": 1,
    "subject_id": "17",
    "task_id": "memsamp"
  },
  "dummy_trs": 2,
  "dvars_nstd": 27.648365558417,
  "dvars_std": 1.1157059905019306,
  "dvars_vstd": 0.9660314509266408,
  "efc": 0.5946179333338906,
  "fber": 292.84918212890625,
  "fd_mean": 0.1414657715254646,
  "fd_num": 38,
  "fd_perc": 14.615384615384615,
  "fwhm_avg": 2.343532222222222,
  "fwhm_x": 2.2196833333333332,
  "fwhm_y": 2.2874733333333332,
  "fwhm_z": 2.52344,
  "gcor": 0.0138669,
  "gsr_x": 5.81735948799178e-05,
  "gsr_y": 0.04038526490330696,
  "provenance": {
    "md5sum": "72c29a04ab92d050e72ce63e26f249fc",
    "settings": {
      "fd_thres": 0.2,
      "testing": false
    },
    "software": "mriqc",
    "version": "23.0.1",
    "webapi_port": null,
    "webapi_url": "https://mriqc.nimh.nih.gov/api/v1"
  },
  "size_t": 260,
  "size_x": 64,
  "size_y": 64,
  "size_z": 40,
  "snr": 3.139387008009554,
  "spacing_tr": 2.799999952316284,
  "spacing_x": 3.0,
  "spacing_y": 3.0,
  "spacing_z": 3.0,
  "summary_bg_k": 54.135618254623225,
  "summary_bg_mad": 12.653438485176645,
  "summary_bg_mean": 57.07501220703125,
  "summary_bg_median": 33.06922912597656,
  "summary_bg_n": 88651.0,
  "summary_bg_p05": 22.146154403686523,
  "summary_bg_p95": 159.17884063720703,
  "summary_bg_stdv": 77.87757110595703,
  "summary_fg_k": 0.6121083353182195,
  "summary_fg_mad": 171.94765180230198,
  "summary_fg_mean": 598.81494140625,
  "summary_fg_median": 568.7269287109375,
  "summary_fg_n": 38186.0,
  "summary_fg_p05": 356.0884704589844,
  "summary_fg_p95": 942.1702117919922,
  "summary_fg_stdv": 181.15621948242188,
  "tsnr": 43.938253154512495
}