{
  "bids_meta": {
    "AcquisitionDateTime": "2016-06-01T11:30:26.537500",
    "AcquisitionMatrixPE": 240,
    "AcquisitionNumber": 1,
    "AcquisitionTime": "11:30:26.537500",
    "BaseResolution": 256,
    "ConversionSoftware": "dcm2niix",
    "ConversionSoftwareVersion": "v1.0.20180622 (JP2:OpenJPEG) GCC6.1.0",
    "DeviceSerialNumber": "35437",
    "DwellTime": 4e-06,
    "EchoTime": 0.0022,
    "FlipAngle": 13,
    "ImageOrientationPatientDICOM": [
      0,
      0.866025,
      -0.5,
      0,
      -0.5,
      -0.866025
    ],
    "ImageType": [
      "ORIGINAL",
      "PRIMARY",
      "M",
      "ND"
    ],
    "InPlanePhaseEncodingDirectionDICOM": "ROW",
    "InstitutionAddress": "Queen_Square_12_London_Southeast_GB_WC1N_3BG",
    "InstitutionName": "Functional_Imaging_Laboratory",
    "InstitutionalDepartmentName": "Department",
    "MRAcquisitionType": "3D",
    "MagneticFieldStrength": 3,
    "Manufacturer": "Siemens",
    "ManufacturersModelName": "TrioTim",
    "Modality": "MR",
    "PartialFourier": 0.75,
    "PatientID": "MQ03644",
    "PatientName": "MQ03644",
    "PatientPosition": "HFS",
    "PatientSex": "",
    "PercentPhaseFOV": 93.75,
    "PhaseEncodingSteps": 180,
    "PhaseResolution": 1,
    "PixelBandwidth": 488,
    "ProcedureStepDescription": "FIL_Johan_Carlin",
    "ProtocolName": "BasicT1_NoVBM_nw_mtflash3d_v3h",
    "PulseSequenceDetails": "%CustomerSeq%_nw_mtflash3d_v3h",
    "ReceiveCoilName": "32Ch_Head",
    "ReconMatrixPE": 256,
    "RepetitionTime": 2,
    "SAR": 0.207582,
    "ScanOptions": "PFP",
    "ScanningSequence": "RM",
    "SequenceName": "fl3d_3h3d1",
    "SequenceVariant": "SP",
    "SeriesDescription": "BasicT1_NoVBM_nw_mtflash3d_v3h",
    "SeriesInstanceUID": "1.3.12.2.1107.5.2.32.35437.2016060111302393882030961.0.0.0",
    "SeriesNumber": 5,
    "ShimSetting": [
      -2,
      -4050,
      287,
      548,
      -108,
      -586,
      134,
      115
    ],
    "SliceThickness": 1,
    "SoftwareVersions": "syngo_MR_B17",
    "StationName": "MRC35437",
    "StudyID": "1",
    "StudyInstanceUID": "1.3.12.2.1107.5.2.32.35437.30000016060107443729800000004",
    "TxRefAmp": 307.53,
    "dataset": "ds004009",
    "modality": "T1w",
    "subject_id": "21"
  },
  "cjv": 0.4966717431993766,
  "cnr": 2.8554688284274024,
  "efc": 0.537024659131811,
  "fber": -1.0,
  "fwhm_avg": 4.985376666666666,
  "fwhm_x": 5.16335,
  "fwhm_y": 4.81995,
  "fwhm_z": 4.97283,
  "icvs_csf": 0.13387326825791418,
  "icvs_gm": 0.39986412524550624,
  "icvs_wm": 0.4662626064965796,
  "inu_med": 0.8506106436252594,
  "inu_range": 0.8412102848291398,
  "provenance": {
    "md5sum": "65439e4b41bfa5d914bef422e2b0c612",
    "settings": {
      "testing": false
    },
    "software": "mriqc",
    "version": "23.0.1",
    "warnings": {
      "large_rot_frame": true,
      "small_air_mask": false
    },
    "webapi_port": null,
    "webapi_url": "https://mriqc.nimh.nih.gov/api/v1"
  },
  "qi_1": 5.196081560665366e-06,
  "qi_2": 0.009760671852646018,
  "rpve_csf": 37.89691796258733,
  "rpve_gm": 13.288815307206296,
  "rpve_wm": 13.325494227069433,
  "size_x": 176,
  "size_y": 240,
  "size_z": 256,
  "snr_csf": 2.343823113849065,
  "snr_gm": 16.020634942090943,
  "snr_total": 12.758828810223568,
  "snr_wm": 19.912028374730696,
  "snrd_csf": 28.029156050110355,
  "snrd_gm": 61.03300605154827,
  "snrd_total": 55.222707710425254,
  "snrd_wm": 76.60596102961713,
  "spacing_x": 1.0,
  "spacing_y": 1.0,
  "spacing_z": 1.0,
  "summary_bg_k": 39.157096525774534,
  "summary_bg_mad": 0.0,
  "summary_bg_mean": 5.555167154939834,
  "summary_bg_median": 0.0,
  "summary_bg_n": 2485017.0,
  "summary_bg_p05": 0.0,
  "summary_bg_p95": 20.27332219108939,
  "summary_bg_stdv": 8.552511689823865,
  "summary_csf_k": 7.664227455629337,
  "summary_csf_mad": 120.94075226774135,
  "summary_csf_mean": 372.9612118338559,
  "summary_csf_median": 365.9080533068627,
  "summary_csf_n": 11932.0,
  "summary_csf_p05": 103.37982526216658,
  "summary_csf_p95": 609.9756991112604,
  "summary_csf_stdv": 156.10935730064918,
  "summary_gm_k": 0.0055155963384136975,
  "summary_gm_mad": 50.23499574984064,
  "summary_gm_mean": 797.2336822569289,
  "summary_gm_median": 796.7585036046803,
  "summary_gm_n": 29356.0,
  "summary_gm_p05": 715.8911014385521,
  "summary_gm_p95": 879.0518149221316,
  "summary_gm_stdv": 49.73241920464458,
  "summary_wm_k": -0.04232684623668481,
  "summary_wm_mad": 50.737345707339045,
  "summary_wm_mean": 1003.8850192397988,
  "summary_wm_median": 1000.0564420111477,
  "summary_wm_n": 191700.0,
  "summary_wm_p05": 928.3374470733106,
  "summary_wm_p95": 1092.6134756356478,
  "summary_wm_stdv": 50.22360428571919,
  "tpm_overlap_csf": 0.15705251116185212,
  "tpm_overlap_gm": 0.4424701990926056,
  "tpm_overlap_wm": 0.47267166173232944,
  "wm2max": 0.3286077452635876
}