{
  "bids_meta": {
    "AcquisitionDateTime": "2016-08-01T16:44:30.000000",
    "AcquisitionMatrixPE": 240,
    "AcquisitionNumber": 1,
    "AcquisitionTime": "16:44:30.000000",
    "BaseResolution": 256,
    "ConversionSoftware": "dcm2niix",
    "ConversionSoftwareVersion": "v1.0.20180622 (JP2:OpenJPEG) GCC6.1.0",
    "DeviceSerialNumber": "35437",
    "DwellTime": 4e-06,
    "EchoTime": 0.0022,
    "FlipAngle": 13,
    "ImageOrientationPatientDICOM": [
      0,
      0.866025,
      -0.5,
      0,
      -0.5,
      -0.866025
    ],
    "ImageType": [
      "ORIGINAL",
      "PRIMARY",
      "M",
      "ND"
    ],
    "InPlanePhaseEncodingDirectionDICOM": "ROW",
    "InstitutionAddress": "Queen_Square_12_London_Southeast_GB_WC1N_3BG",
    "InstitutionName": "FIL",
    "InstitutionalDepartmentName": "Department",
    "MRAcquisitionType": "3D",
    "MagneticFieldStrength": 3,
    "Manufacturer": "Siemens",
    "ManufacturersModelName": "TrioTim",
    "Modality": "MR",
    "PartialFourier": 0.75,
    "PatientID": "MQ03722",
    "PatientName": "MQ03722",
    "PatientPosition": "HFS",
    "PatientSex": "",
    "PercentPhaseFOV": 93.75,
    "PhaseEncodingSteps": 180,
    "PhaseResolution": 1,
    "PixelBandwidth": 488,
    "ProcedureStepDescription": "FIL_Johan_Carlin",
    "ProtocolName": "BasicT1_NoVBM_nw_mtflash3d_v3h",
    "PulseSequenceDetails": "%CustomerSeq%_nw_mtflash3d_v3h",
    "ReceiveCoilName": "32Ch_Head",
    "ReconMatrixPE": 256,
    "RepetitionTime": 2,
    "SAR": 0.23123,
    "ScanOptions": "PFP",
    "ScanningSequence": "RM",
    "SequenceName": "fl3d_3h3d1",
    "SequenceVariant": "SP",
    "SeriesDescription": "BasicT1_NoVBM_nw_mtflash3d_v3h",
    "SeriesInstanceUID": "1.3.12.2.1107.5.2.32.35437.2016080116441286508290792.0.0.0",
    "SeriesNumber": 10,
    "ShimSetting": [
      44,
      -3973,
      359,
      419,
      1,
      -337,
      -44,
      26
    ],
    "SliceThickness": 1,
    "SoftwareVersions": "syngo_MR_B17",
    "StationName": "MRC35437",
    "StudyID": "1",
    "StudyInstanceUID": "1.3.12.2.1107.5.2.32.35437.30000016080113065825600000004",
    "TxRefAmp": 287.606,
    "dataset": "ds004009",
    "modality": "T1w",
    "subject_id": "23"
  },
  "cjv": 0.4891950229875759,
  "cnr": 2.899355710931381,
  "efc": 0.5349093378597981,
  "fber": -1.0,
  "fwhm_avg": 5.435773333333333,
  "fwhm_x": 5.67432,
  "fwhm_y": 5.46375,
  "fwhm_z": 5.16925,
  "icvs_csf": 0.10929568603183454,
  "icvs_gm": 0.4188597774512732,
  "icvs_wm": 0.4718445365168923,
  "inu_med": 0.8056337833404541,
  "inu_range": 0.8699717819690704,
  "provenance": {
    "md5sum": "be990fafdba9691e206d0216f9b1da95",
    "settings": {
      "testing": false
    },
    "software": "mriqc",
    "version": "23.0.1",
    "warnings": {
      "large_rot_frame": true,
      "small_air_mask": false
    },
    "webapi_port": null,
    "webapi_url": "https://mriqc.nimh.nih.gov/api/v1"
  },
  "qi_1": 0.0,
  "qi_2": 0.008990660356325142,
  "rpve_csf": 49.58926944211776,
  "rpve_gm": 13.93466059708587,
  "rpve_wm": 13.866094035945702,
  "size_x": 176,
  "size_y": 240,
  "size_z": 256,
  "snr_csf": 2.437683930793359,
  "snr_gm": 16.588239581884963,
  "snr_total": 12.747618886600954,
  "snr_wm": 19.21693314712454,
  "snrd_csf": 21.23903960156386,
  "snrd_gm": 53.98093917037697,
  "snrd_total": 47.757962480121456,
  "snrd_wm": 68.05390866842356,
  "spacing_x": 1.0,
  "spacing_y": 1.0,
  "spacing_z": 1.0,
  "summary_bg_k": 3.8138216549818074,
  "summary_bg_mad": 0.0,
  "summary_bg_mean": 5.852952158195799,
  "summary_bg_median": 0.0,
  "summary_bg_n": 2479432.0,
  "summary_bg_p05": 0.0,
  "summary_bg_p95": 27.991113781929016,
  "summary_bg_stdv": 9.626726947860854,
  "summary_csf_k": 2.2526067057029016,
  "summary_csf_mad": 99.09109030222633,
  "summary_csf_mean": 324.4889793484088,
  "summary_csf_median": 312.0913978815079,
  "summary_csf_n": 8160.0,
  "summary_csf_p05": 111.51697813868523,
  "summary_csf_p95": 558.806725025177,
  "summary_csf_stdv": 128.0199906583472,
  "summary_gm_k": 0.1721153233000945,
  "summary_gm_mad": 47.05179976364024,
  "summary_gm_mean": 794.1132185908348,
  "summary_gm_median": 793.2085009813309,
  "summary_gm_n": 37049.0,
  "summary_gm_p05": 716.8771780014038,
  "summary_gm_p95": 873.8178309202194,
  "summary_gm_stdv": 47.81687605466018,
  "summary_wm_k": -0.225081781198881,
  "summary_wm_mad": 54.10956972818627,
  "summary_wm_mean": 1003.0188995620658,
  "summary_wm_median": 999.999994635582,
  "summary_wm_n": 173985.0,
  "summary_wm_p05": 923.0720356702805,
  "summary_wm_p95": 1093.4941229820251,
  "summary_wm_stdv": 52.03728988202982,
  "tpm_overlap_csf": 0.11873207663148823,
  "tpm_overlap_gm": 0.44376412347244243,
  "tpm_overlap_wm": 0.4535785812151033,
  "wm2max": 0.31825068174931825
}