{
  "aor": 0.001349923076923077,
  "aqi": 0.008363000576923078,
  "bids_meta": {
    "AcquisitionDateTime": "2016-06-03T14:36:0.110000",
    "AcquisitionMatrixPE": 64,
    "AcquisitionNumber": 1,
    "AcquisitionTime": "14:36:0.110000",
    "BaseResolution": 64,
    "ConversionSoftware": "dcm2niix",
    "ConversionSoftwareVersion": "v1.0.20180622 (JP2:OpenJPEG) GCC6.1.0",
    "DeviceSerialNumber": "35437",
    "DwellTime": 3.4e-06,
    "EchoTime": 0.03,
    "EffectiveEchoSpacing": 6.009615385e-05,
    "FlipAngle": 90,
    "ImageOrientationPatientDICOM": [
      1,
      0,
      0,
      0,
      0.866025,
      -0.5
    ],
    "ImageType": [
      "ORIGINAL",
      "PRIMARY",
      "M",
      "ND",
      "MOSAIC"
    ],
    "InPlanePhaseEncodingDirectionDICOM": "COL",
    "InstitutionAddress": "Queen_Square_12_London_Southeast_GB_WC1N_3BG",
    "InstitutionName": "Functional_Imaging_Laboratory",
    "InstitutionalDepartmentName": "Department",
    "MRAcquisitionType": "2D",
    "MagneticFieldStrength": 3,
    "Manufacturer": "Siemens",
    "ManufacturersModelName": "TrioTim",
    "Modality": "MR",
    "PartialFourier": 1,
    "PatientID": "MQ03652",
    "PatientName": "MQ03652",
    "PatientPosition": "HFS",
    "PatientSex": "",
    "PercentPhaseFOV": 100,
    "PhaseEncodingDirection": "j-",
    "PhaseEncodingSteps": 74,
    "PhaseOversampling": 0.13,
    "PhaseResolution": 1,
    "PixelBandwidth": 2298,
    "ProcedureStepDescription": "FIL_Johan_Carlin",
    "ProtocolName": "al_mepi2d_3mm_v1a_standard",
    "PulseSequenceDetails": "%CustomerSeq%_al_mepi2d_3mm_v1a",
    "ReceiveCoilName": "32Ch_Head",
    "ReconMatrixPE": 64,
    "RepetitionTime": 2.8,
    "SAR": 0.20135,
    "ScanOptions": "FS",
    "ScanningSequence": "RM",
    "SequenceName": "alepi2d2d1",
    "SequenceVariant": "SP_OSP",
    "SeriesDescription": "al_mepi2d_3mm_v1a_standard",
    "SeriesInstanceUID": "1.3.12.2.1107.5.2.32.35437.2016060314344726878368010.0.0.0",
    "SeriesNumber": 6,
    "ShimSetting": [
      7,
      -3979,
      390,
      699,
      15,
      -83,
      42,
      154
    ],
    "SliceThickness": 2.5,
    "SliceTiming": [
      0,
      0.07,
      0.14,
      0.2125,
      0.2825,
      0.3525,
      0.4225,
      0.4925,
      0.5625,
      0.6325,
      0.7025,
      0.7725,
      0.845,
      0.915,
      0.985,
      1.055,
      1.125,
      1.195,
      1.265,
      1.335,
      1.405,
      1.4775,
      1.5475,
      1.6175,
      1.6875,
      1.7575,
      1.8275,
      1.8975,
      1.9675,
      2.0375,
      2.11,
      2.18,
      2.25,
      2.32,
      2.39,
      2.46,
      2.53,
      2.6,
      2.67,
      2.7425
    ],
    "SoftwareVersions": "syngo_MR_B17",
    "SpacingBetweenSlices": 3,
    "StationName": "MRC35437",
    "StudyID": "1",
    "StudyInstanceUID": "1.3.12.2.1107.5.2.32.35437.30000016060307564301900000010",
    "TaskName": "memsamp",
    "TxRefAmp": 310.854,
    "dataset": "ds004009",
    "modality": "bold",
    "run_id": 2,
    "subject_id": "20",
    "task_id": "memsamp"
  },
  "dummy_trs": 2,
  "dvars_nstd": 23.036596993938232,
  "dvars_std": 0.9864013136679538,
  "dvars_vstd": 0.870799363783783,
  "efc": 0.6568134675693262,
  "fber": 199.4626007080078,
  "fd_mean": 0.07659159032883721,
  "fd_num": 13,
  "fd_perc": 5.0,
  "fwhm_avg": 2.523711111111111,
  "fwhm_x": 2.30431,
  "fwhm_y": 2.4624333333333333,
  "fwhm_z": 2.8043899999999997,
  "gcor": 0.0114377,
  "gsr_x": 0.014048543758690357,
  "gsr_y": 0.04693182185292244,
  "provenance": {
    "md5sum": "c01ac5f82bbed4a165c07c6f8069d2a7",
    "settings": {
      "fd_thres": 0.2,
      "testing": false
    },
    "software": "mriqc",
    "version": "23.0.1",
    "webapi_port": null,
    "webapi_url": "https://mriqc.nimh.nih.gov/api/v1"
  },
  "size_t": 260,
  "size_x": 64,
  "size_y": 64,
  "size_z": 40,
  "snr": 2.835760838147158,
  "spacing_tr": 2.799999952316284,
  "spacing_x": 3.0,
  "spacing_y": 3.0,
  "spacing_z": 3.0,
  "summary_bg_k": 25.564406550276516,
  "summary_bg_mad": 19.21110170889922,
  "summary_bg_mean": 75.55460357666016,
  "summary_bg_median": 40.7038459777832,
  "summary_bg_n": 73622.0,
  "summary_bg_p05": 25.7269229888916,
  "summary_bg_p95": 256.0515258789061,
  "summary_bg_stdv": 89.14897155761719,
  "summary_fg_k": 1.0413283794378394,
  "summary_fg_mad": 191.74037784572306,
  "summary_fg_mean": 628.2081909179688,
  "summary_fg_median": 589.765380859375,
  "summary_fg_n": 49436.0,
  "summary_fg_p05": 357.19039154052734,
  "summary_fg_p95": 1021.7634582519531,
  "summary_fg_stdv": 207.97219848632812,
  "tsnr": 39.947967279469594
}