{
  "aor": 0.0016620384615384615,
  "aqi": 0.006810349461538461,
  "bids_meta": {
    "AcquisitionDateTime": "2016-06-03T15:18:10.885000",
    "AcquisitionMatrixPE": 64,
    "AcquisitionNumber": 1,
    "AcquisitionTime": "15:18:10.885000",
    "BaseResolution": 64,
    "ConversionSoftware": "dcm2niix",
    "ConversionSoftwareVersion": "v1.0.20180622 (JP2:OpenJPEG) GCC6.1.0",
    "DeviceSerialNumber": "35437",
    "DwellTime": 3.4e-06,
    "EchoTime": 0.03,
    "EffectiveEchoSpacing": 6.009615385e-05,
    "FlipAngle": 90,
    "ImageOrientationPatientDICOM": [
      1,
      0,
      0,
      0,
      0.866025,
      -0.5
    ],
    "ImageType": [
      "ORIGINAL",
      "PRIMARY",
      "M",
      "ND",
      "MOSAIC"
    ],
    "InPlanePhaseEncodingDirectionDICOM": "COL",
    "InstitutionAddress": "Queen_Square_12_London_Southeast_GB_WC1N_3BG",
    "InstitutionName": "Functional_Imaging_Laboratory",
    "InstitutionalDepartmentName": "Department",
    "MRAcquisitionType": "2D",
    "MagneticFieldStrength": 3,
    "Manufacturer": "Siemens",
    "ManufacturersModelName": "TrioTim",
    "Modality": "MR",
    "PartialFourier": 1,
    "PatientID": "MQ03652",
    "PatientName": "MQ03652",
    "PatientPosition": "HFS",
    "PatientSex": "",
    "PercentPhaseFOV": 100,
    "PhaseEncodingDirection": "j-",
    "PhaseEncodingSteps": 74,
    "PhaseOversampling": 0.13,
    "PhaseResolution": 1,
    "PixelBandwidth": 2298,
    "ProcedureStepDescription": "FIL_Johan_Carlin",
    "ProtocolName": "al_mepi2d_3mm_v1a_standard",
    "PulseSequenceDetails": "%CustomerSeq%_al_mepi2d_3mm_v1a",
    "ReceiveCoilName": "32Ch_Head",
    "ReconMatrixPE": 64,
    "RepetitionTime": 2.8,
    "SAR": 0.20135,
    "ScanOptions": "FS",
    "ScanningSequence": "RM",
    "SequenceName": "alepi2d2d1",
    "SequenceVariant": "SP_OSP",
    "SeriesDescription": "al_mepi2d_3mm_v1a_standard",
    "SeriesInstanceUID": "1.3.12.2.1107.5.2.32.35437.201606031516235090163920.0.0.0",
    "SeriesNumber": 9,
    "ShimSetting": [
      7,
      -3979,
      390,
      699,
      15,
      -83,
      42,
      154
    ],
    "SliceThickness": 2.5,
    "SliceTiming": [
      0,
      0.07,
      0.14,
      0.2125,
      0.2825,
      0.3525,
      0.4225,
      0.4925,
      0.5625,
      0.6325,
      0.7025,
      0.7725,
      0.845,
      0.915,
      0.985,
      1.055,
      1.125,
      1.195,
      1.265,
      1.335,
      1.405,
      1.4775,
      1.5475,
      1.6175,
      1.6875,
      1.7575,
      1.8275,
      1.8975,
      1.9675,
      2.0375,
      2.11,
      2.18,
      2.25,
      2.32,
      2.39,
      2.46,
      2.53,
      2.6,
      2.67,
      2.7425
    ],
    "SoftwareVersions": "syngo_MR_B17",
    "SpacingBetweenSlices": 3,
    "StationName": "MRC35437",
    "StudyID": "1",
    "StudyInstanceUID": "1.3.12.2.1107.5.2.32.35437.30000016060307564301900000010",
    "TaskName": "exemplarLocaliser",
    "TxRefAmp": 310.854,
    "dataset": "ds004009",
    "modality": "bold",
    "subject_id": "20",
    "task_id": "exemplarLocaliser"
  },
  "dummy_trs": 2,
  "dvars_nstd": 25.88093599274133,
  "dvars_std": 1.052535554710424,
  "dvars_vstd": 0.9170397422007721,
  "efc": 0.6592290285753556,
  "fber": 196.07257080078125,
  "fd_mean": 0.1105159656312647,
  "fd_num": 32,
  "fd_perc": 12.307692307692308,
  "fwhm_avg": 2.5170566666666665,
  "fwhm_x": 2.2803633333333333,
  "fwhm_y": 2.4642033333333333,
  "fwhm_z": 2.8066033333333333,
  "gcor": 0.0212059,
  "gsr_x": 0.012906333431601524,
  "gsr_y": 0.04865078628063202,
  "provenance": {
    "md5sum": "97c0b146be243129b01b4fa91f63662c",
    "settings": {
      "fd_thres": 0.2,
      "testing": false
    },
    "software": "mriqc",
    "version": "23.0.1",
    "webapi_port": null,
    "webapi_url": "https://mriqc.nimh.nih.gov/api/v1"
  },
  "size_t": 260,
  "size_x": 64,
  "size_y": 64,
  "size_z": 40,
  "snr": 2.8705299693843442,
  "spacing_tr": 2.799999952316284,
  "spacing_x": 3.0,
  "spacing_y": 3.0,
  "spacing_z": 3.0,
  "summary_bg_k": 18.380664680182804,
  "summary_bg_mad": 18.669386670622497,
  "summary_bg_mean": 75.50942993164062,
  "summary_bg_median": 40.60384750366211,
  "summary_bg_n": 73447.0,
  "summary_bg_p05": 26.49615478515625,
  "summary_bg_p95": 258.29768066406245,
  "summary_bg_stdv": 86.99706268310547,
  "summary_fg_k": 0.9388177469435193,
  "summary_fg_mad": 188.86070989229597,
  "summary_fg_mean": 621.6827392578125,
  "summary_fg_median": 584.892333984375,
  "summary_fg_n": 49490.0,
  "summary_fg_p05": 355.753076171875,
  "summary_fg_p95": 1006.3638519287107,
  "summary_fg_stdv": 203.75555419921875,
  "tsnr": 44.50470663700253
}