{
  "aor": 0.0030676923076923077,
  "aqi": 0.008430261961538461,
  "bids_meta": {
    "AcquisitionDateTime": "2016-06-03T14:22:29.095000",
    "AcquisitionMatrixPE": 64,
    "AcquisitionNumber": 1,
    "AcquisitionTime": "14:22:29.095000",
    "BaseResolution": 64,
    "ConversionSoftware": "dcm2niix",
    "ConversionSoftwareVersion": "v1.0.20180622 (JP2:OpenJPEG) GCC6.1.0",
    "DeviceSerialNumber": "35437",
    "DwellTime": 3.4e-06,
    "EchoTime": 0.03,
    "EffectiveEchoSpacing": 6.009615385e-05,
    "FlipAngle": 90,
    "ImageOrientationPatientDICOM": [
      1,
      0,
      0,
      0,
      0.866025,
      -0.5
    ],
    "ImageType": [
      "ORIGINAL",
      "PRIMARY",
      "M",
      "ND",
      "MOSAIC"
    ],
    "InPlanePhaseEncodingDirectionDICOM": "COL",
    "InstitutionAddress": "Queen_Square_12_London_Southeast_GB_WC1N_3BG",
    "InstitutionName": "Functional_Imaging_Laboratory",
    "InstitutionalDepartmentName": "Department",
    "MRAcquisitionType": "2D",
    "MagneticFieldStrength": 3,
    "Manufacturer": "Siemens",
    "ManufacturersModelName": "TrioTim",
    "Modality": "MR",
    "PartialFourier": 1,
    "PatientID": "MQ03652",
    "PatientName": "MQ03652",
    "PatientPosition": "HFS",
    "PatientSex": "",
    "PercentPhaseFOV": 100,
    "PhaseEncodingDirection": "j-",
    "PhaseEncodingSteps": 74,
    "PhaseOversampling": 0.13,
    "PhaseResolution": 1,
    "PixelBandwidth": 2298,
    "ProcedureStepDescription": "FIL_Johan_Carlin",
    "ProtocolName": "al_mepi2d_3mm_v1a_standard",
    "PulseSequenceDetails": "%CustomerSeq%_al_mepi2d_3mm_v1a",
    "ReceiveCoilName": "32Ch_Head",
    "ReconMatrixPE": 64,
    "RepetitionTime": 2.8,
    "SAR": 0.20135,
    "ScanOptions": "FS",
    "ScanningSequence": "RM",
    "SequenceName": "alepi2d2d1",
    "SequenceVariant": "SP_OSP",
    "SeriesDescription": "al_mepi2d_3mm_v1a_standard",
    "SeriesInstanceUID": "1.3.12.2.1107.5.2.32.35437.2016060314165919230536040.0.0.0",
    "SeriesNumber": 5,
    "ShimSetting": [
      7,
      -3979,
      390,
      699,
      15,
      -83,
      42,
      154
    ],
    "SliceThickness": 2.5,
    "SliceTiming": [
      0,
      0.07,
      0.14,
      0.21,
      0.28,
      0.3525,
      0.4225,
      0.4925,
      0.5625,
      0.6325,
      0.7025,
      0.7725,
      0.8425,
      0.9125,
      0.985,
      1.055,
      1.125,
      1.195,
      1.265,
      1.335,
      1.405,
      1.475,
      1.545,
      1.6175,
      1.6875,
      1.7575,
      1.8275,
      1.8975,
      1.9675,
      2.0375,
      2.1075,
      2.1775,
      2.25,
      2.32,
      2.39,
      2.46,
      2.53,
      2.6,
      2.67,
      2.74
    ],
    "SoftwareVersions": "syngo_MR_B17",
    "SpacingBetweenSlices": 3,
    "StationName": "MRC35437",
    "StudyID": "1",
    "StudyInstanceUID": "1.3.12.2.1107.5.2.32.35437.30000016060307564301900000010",
    "TaskName": "memsamp",
    "TxRefAmp": 310.854,
    "dataset": "ds004009",
    "modality": "bold",
    "run_id": 1,
    "subject_id": "20",
    "task_id": "memsamp"
  },
  "dummy_trs": 2,
  "dvars_nstd": 25.76493374440156,
  "dvars_std": 1.0478057403861003,
  "dvars_vstd": 0.9114949050579152,
  "efc": 0.6554818321082089,
  "fber": 197.51480102539062,
  "fd_mean": 0.0994507329796419,
  "fd_num": 28,
  "fd_perc": 10.76923076923077,
  "fwhm_avg": 2.548246666666667,
  "fwhm_x": 2.3280333333333334,
  "fwhm_y": 2.48084,
  "fwhm_z": 2.8358666666666665,
  "gcor": 0.0220878,
  "gsr_x": 0.008518924936652184,
  "gsr_y": 0.049569230526685715,
  "provenance": {
    "md5sum": "a9377419ce25f6f39e719d0c44095997",
    "settings": {
      "fd_thres": 0.2,
      "testing": false
    },
    "software": "mriqc",
    "version": "23.0.1",
    "webapi_port": null,
    "webapi_url": "https://mriqc.nimh.nih.gov/api/v1"
  },
  "size_t": 260,
  "size_x": 64,
  "size_y": 64,
  "size_z": 40,
  "snr": 2.8169223757577244,
  "spacing_tr": 2.799999952316284,
  "spacing_x": 3.0,
  "spacing_y": 3.0,
  "spacing_z": 3.0,
  "summary_bg_k": 29.882939530000307,
  "summary_bg_mad": 19.085650273391323,
  "summary_bg_mean": 75.91490173339844,
  "summary_bg_median": 40.846153259277344,
  "summary_bg_n": 73980.0,
  "summary_bg_p05": 26.311538696289062,
  "summary_bg_p95": 253.68307876586928,
  "summary_bg_stdv": 91.11540985107422,
  "summary_fg_k": 1.0017782546282366,
  "summary_fg_mad": 192.41903665848167,
  "summary_fg_mean": 627.9937133789062,
  "summary_fg_median": 589.09228515625,
  "summary_fg_n": 49319.0,
  "summary_fg_p05": 355.6153869628906,
  "summary_fg_p95": 1025.2996582031249,
  "summary_fg_stdv": 209.12408447265625,
  "tsnr": 41.900190491229296
}