{
  "aor": 0.002874076923076923,
  "aqi": 0.0105449345,
  "bids_meta": {
    "AcquisitionDateTime": "2016-06-03T14:49:52.045000",
    "AcquisitionMatrixPE": 64,
    "AcquisitionNumber": 1,
    "AcquisitionTime": "14:49:52.045000",
    "BaseResolution": 64,
    "ConversionSoftware": "dcm2niix",
    "ConversionSoftwareVersion": "v1.0.20180622 (JP2:OpenJPEG) GCC6.1.0",
    "DeviceSerialNumber": "35437",
    "DwellTime": 3.4e-06,
    "EchoTime": 0.03,
    "EffectiveEchoSpacing": 6.009615385e-05,
    "FlipAngle": 90,
    "ImageOrientationPatientDICOM": [
      1,
      0,
      0,
      0,
      0.866025,
      -0.5
    ],
    "ImageType": [
      "ORIGINAL",
      "PRIMARY",
      "M",
      "ND",
      "MOSAIC"
    ],
    "InPlanePhaseEncodingDirectionDICOM": "COL",
    "InstitutionAddress": "Queen_Square_12_London_Southeast_GB_WC1N_3BG",
    "InstitutionName": "Functional_Imaging_Laboratory",
    "InstitutionalDepartmentName": "Department",
    "MRAcquisitionType": "2D",
    "MagneticFieldStrength": 3,
    "Manufacturer": "Siemens",
    "ManufacturersModelName": "TrioTim",
    "Modality": "MR",
    "PartialFourier": 1,
    "PatientID": "MQ03652",
    "PatientName": "MQ03652",
    "PatientPosition": "HFS",
    "PatientSex": "",
    "PercentPhaseFOV": 100,
    "PhaseEncodingDirection": "j-",
    "PhaseEncodingSteps": 74,
    "PhaseOversampling": 0.13,
    "PhaseResolution": 1,
    "PixelBandwidth": 2298,
    "ProcedureStepDescription": "FIL_Johan_Carlin",
    "ProtocolName": "al_mepi2d_3mm_v1a_standard",
    "PulseSequenceDetails": "%CustomerSeq%_al_mepi2d_3mm_v1a",
    "ReceiveCoilName": "32Ch_Head",
    "ReconMatrixPE": 64,
    "RepetitionTime": 2.8,
    "SAR": 0.20135,
    "ScanOptions": "FS",
    "ScanningSequence": "RM",
    "SequenceName": "alepi2d2d1",
    "SequenceVariant": "SP_OSP",
    "SeriesDescription": "al_mepi2d_3mm_v1a_standard",
    "SeriesInstanceUID": "1.3.12.2.1107.5.2.32.35437.2016060314481936333199980.0.0.0",
    "SeriesNumber": 7,
    "ShimSetting": [
      7,
      -3979,
      390,
      699,
      15,
      -83,
      42,
      154
    ],
    "SliceThickness": 2.5,
    "SliceTiming": [
      0,
      0.07,
      0.14,
      0.21,
      0.28,
      0.35,
      0.4225,
      0.4925,
      0.5625,
      0.6325,
      0.7025,
      0.7725,
      0.8425,
      0.9125,
      0.985,
      1.055,
      1.125,
      1.195,
      1.265,
      1.335,
      1.405,
      1.475,
      1.545,
      1.6175,
      1.6875,
      1.7575,
      1.8275,
      1.8975,
      1.9675,
      2.0375,
      2.1075,
      2.1775,
      2.25,
      2.32,
      2.39,
      2.46,
      2.53,
      2.6,
      2.67,
      2.74
    ],
    "SoftwareVersions": "syngo_MR_B17",
    "SpacingBetweenSlices": 3,
    "StationName": "MRC35437",
    "StudyID": "1",
    "StudyInstanceUID": "1.3.12.2.1107.5.2.32.35437.30000016060307564301900000010",
    "TaskName": "memsamp",
    "TxRefAmp": 310.854,
    "dataset": "ds004009",
    "modality": "bold",
    "run_id": 3,
    "subject_id": "20",
    "task_id": "memsamp"
  },
  "dummy_trs": 2,
  "dvars_nstd": 26.281923349536676,
  "dvars_std": 0.9725271117374517,
  "dvars_vstd": 0.8711240241698844,
  "efc": 0.6586757377586684,
  "fber": 196.60171508789062,
  "fd_mean": 0.11707198685471905,
  "fd_num": 31,
  "fd_perc": 11.923076923076923,
  "fwhm_avg": 2.54602,
  "fwhm_x": 2.2990166666666667,
  "fwhm_y": 2.50174,
  "fwhm_z": 2.8373033333333333,
  "gcor": 0.0156593,
  "gsr_x": 0.01247059740126133,
  "gsr_y": 0.046054113656282425,
  "provenance": {
    "md5sum": "89ba9d8da0c8a293c62d26b70779be02",
    "settings": {
      "fd_thres": 0.2,
      "testing": false
    },
    "software": "mriqc",
    "version": "23.0.1",
    "webapi_port": null,
    "webapi_url": "https://mriqc.nimh.nih.gov/api/v1"
  },
  "size_t": 260,
  "size_x": 64,
  "size_y": 64,
  "size_z": 40,
  "snr": 2.8734449922875025,
  "spacing_tr": 2.799999952316284,
  "spacing_x": 3.0,
  "spacing_y": 3.0,
  "spacing_z": 3.0,
  "summary_bg_k": 16.795456190724543,
  "summary_bg_mad": 18.1732846804882,
  "summary_bg_mean": 74.99796295166016,
  "summary_bg_median": 40.43077087402344,
  "summary_bg_n": 73631.0,
  "summary_bg_p05": 26.846153259277344,
  "summary_bg_p95": 255.5519256591797,
  "summary_bg_stdv": 86.05006408691406,
  "summary_fg_k": 0.8903224688281455,
  "summary_fg_mad": 190.16083729551738,
  "summary_fg_mean": 625.3143310546875,
  "summary_fg_median": 588.2269287109375,
  "summary_fg_n": 49364.0,
  "summary_fg_p05": 357.32366638183595,
  "summary_fg_p95": 1015.5805572509765,
  "summary_fg_stdv": 204.70932006835938,
  "tsnr": 38.71594317094423
}