{
  "aor": 0.0045083846153846155,
  "aqi": 0.00646445873076923,
  "bids_meta": {
    "AcquisitionDateTime": "2016-06-03T15:04:3.792500",
    "AcquisitionMatrixPE": 64,
    "AcquisitionNumber": 1,
    "AcquisitionTime": "15:04:3.792500",
    "BaseResolution": 64,
    "ConversionSoftware": "dcm2niix",
    "ConversionSoftwareVersion": "v1.0.20180622 (JP2:OpenJPEG) GCC6.1.0",
    "DeviceSerialNumber": "35437",
    "DwellTime": 3.4e-06,
    "EchoTime": 0.03,
    "EffectiveEchoSpacing": 6.009615385e-05,
    "FlipAngle": 90,
    "ImageOrientationPatientDICOM": [
      1,
      0,
      0,
      0,
      0.866025,
      -0.5
    ],
    "ImageType": [
      "ORIGINAL",
      "PRIMARY",
      "M",
      "ND",
      "MOSAIC"
    ],
    "InPlanePhaseEncodingDirectionDICOM": "COL",
    "InstitutionAddress": "Queen_Square_12_London_Southeast_GB_WC1N_3BG",
    "InstitutionName": "Functional_Imaging_Laboratory",
    "InstitutionalDepartmentName": "Department",
    "MRAcquisitionType": "2D",
    "MagneticFieldStrength": 3,
    "Manufacturer": "Siemens",
    "ManufacturersModelName": "TrioTim",
    "Modality": "MR",
    "PartialFourier": 1,
    "PatientID": "MQ03652",
    "PatientName": "MQ03652",
    "PatientPosition": "HFS",
    "PatientSex": "",
    "PercentPhaseFOV": 100,
    "PhaseEncodingDirection": "j-",
    "PhaseEncodingSteps": 74,
    "PhaseOversampling": 0.13,
    "PhaseResolution": 1,
    "PixelBandwidth": 2298,
    "ProcedureStepDescription": "FIL_Johan_Carlin",
    "ProtocolName": "al_mepi2d_3mm_v1a_standard",
    "PulseSequenceDetails": "%CustomerSeq%_al_mepi2d_3mm_v1a",
    "ReceiveCoilName": "32Ch_Head",
    "ReconMatrixPE": 64,
    "RepetitionTime": 2.8,
    "SAR": 0.20135,
    "ScanOptions": "FS",
    "ScanningSequence": "RM",
    "SequenceName": "alepi2d2d1",
    "SequenceVariant": "SP_OSP",
    "SeriesDescription": "al_mepi2d_3mm_v1a_standard",
    "SeriesInstanceUID": "1.3.12.2.1107.5.2.32.35437.2016060315021131074131950.0.0.0",
    "SeriesNumber": 8,
    "ShimSetting": [
      7,
      -3979,
      390,
      699,
      15,
      -83,
      42,
      154
    ],
    "SliceThickness": 2.5,
    "SliceTiming": [
      0,
      0.07,
      0.1425,
      0.2125,
      0.2825,
      0.3525,
      0.4225,
      0.4925,
      0.5625,
      0.6325,
      0.7025,
      0.775,
      0.845,
      0.915,
      0.985,
      1.055,
      1.125,
      1.195,
      1.265,
      1.335,
      1.4075,
      1.4775,
      1.5475,
      1.6175,
      1.6875,
      1.7575,
      1.8275,
      1.8975,
      1.9675,
      2.04,
      2.11,
      2.18,
      2.25,
      2.32,
      2.39,
      2.46,
      2.53,
      2.6,
      2.6725,
      2.7425
    ],
    "SoftwareVersions": "syngo_MR_B17",
    "SpacingBetweenSlices": 3,
    "StationName": "MRC35437",
    "StudyID": "1",
    "StudyInstanceUID": "1.3.12.2.1107.5.2.32.35437.30000016060307564301900000010",
    "TaskName": "motionLocaliser",
    "TxRefAmp": 310.854,
    "dataset": "ds004009",
    "modality": "bold",
    "subject_id": "20",
    "task_id": "motionLocaliser"
  },
  "dummy_trs": 2,
  "dvars_nstd": 26.173247053706575,
  "dvars_std": 1.141716420694981,
  "dvars_vstd": 0.9849266979922786,
  "efc": 0.6586145512492507,
  "fber": 198.4121856689453,
  "fd_mean": 0.1159916556235672,
  "fd_num": 32,
  "fd_perc": 12.307692307692308,
  "fwhm_avg": 2.4770966666666667,
  "fwhm_x": 2.26931,
  "fwhm_y": 2.4189833333333333,
  "fwhm_z": 2.7429966666666665,
  "gcor": 0.0200487,
  "gsr_x": 0.014102070592343807,
  "gsr_y": 0.04772306978702545,
  "provenance": {
    "md5sum": "aee047c8acc5dc1c139e2b00aabe1ee6",
    "settings": {
      "fd_thres": 0.2,
      "testing": false
    },
    "software": "mriqc",
    "version": "23.0.1",
    "webapi_port": null,
    "webapi_url": "https://mriqc.nimh.nih.gov/api/v1"
  },
  "size_t": 260,
  "size_x": 64,
  "size_y": 64,
  "size_z": 40,
  "snr": 2.8594964627221784,
  "spacing_tr": 2.799999952316284,
  "spacing_x": 3.0,
  "spacing_y": 3.0,
  "spacing_z": 3.0,
  "summary_bg_k": 26.132125073898592,
  "summary_bg_mad": 19.074248425275375,
  "summary_bg_mean": 75.54208374023438,
  "summary_bg_median": 40.5461540222168,
  "summary_bg_n": 73236.0,
  "summary_bg_p05": 25.634614944458008,
  "summary_bg_p95": 257.0173034667969,
  "summary_bg_stdv": 88.67887878417969,
  "summary_fg_k": 1.0579035350153978,
  "summary_fg_mad": 189.23131520149335,
  "summary_fg_mean": 623.5606079101562,
  "summary_fg_median": 586.1500244140625,
  "summary_fg_n": 49557.0,
  "summary_fg_p05": 356.3177001953125,
  "summary_fg_p95": 1011.7815307617186,
  "summary_fg_stdv": 204.98158264160156,
  "tsnr": 45.9516390459612
}