{
  "aor": 0.005834150943396227,
  "aqi": 0.007922351433962263,
  "bids_meta": {
    "AcquisitionDateTime": "2016-05-19T10:50:49.922500",
    "AcquisitionMatrixPE": 64,
    "AcquisitionNumber": 1,
    "AcquisitionTime": "10:50:49.922500",
    "BaseResolution": 64,
    "ConversionSoftware": "dcm2niix",
    "ConversionSoftwareVersion": "v1.0.20180622 (JP2:OpenJPEG) GCC6.1.0",
    "DeviceSerialNumber": "35437",
    "DwellTime": 3.4e-06,
    "EchoTime": 0.03,
    "EffectiveEchoSpacing": 6.009615385e-05,
    "FlipAngle": 90,
    "ImageOrientationPatientDICOM": [
      1,
      0,
      0,
      0,
      0.866025,
      -0.5
    ],
    "ImageType": [
      "ORIGINAL",
      "PRIMARY",
      "M",
      "ND",
      "MOSAIC"
    ],
    "InPlanePhaseEncodingDirectionDICOM": "COL",
    "InstitutionAddress": "Queen_Square_12_London_Southeast_GB_WC1N_3BG",
    "InstitutionName": "WTCN",
    "InstitutionalDepartmentName": "Department",
    "MRAcquisitionType": "2D",
    "MagneticFieldStrength": 3,
    "Manufacturer": "Siemens",
    "ManufacturersModelName": "TrioTim",
    "Modality": "MR",
    "PartialFourier": 1,
    "PatientID": "MQ03623",
    "PatientName": "MQ03623",
    "PatientPosition": "HFS",
    "PatientSex": "",
    "PercentPhaseFOV": 100,
    "PhaseEncodingDirection": "j-",
    "PhaseEncodingSteps": 74,
    "PhaseOversampling": 0.13,
    "PhaseResolution": 1,
    "PixelBandwidth": 2298,
    "ProcedureStepDescription": "FIL_Johan_Carlin",
    "ProtocolName": "al_mepi2d_3mm_v1a_standard",
    "PulseSequenceDetails": "%CustomerSeq%_al_mepi2d_3mm_v1a",
    "ReceiveCoilName": "32Ch_Head",
    "ReconMatrixPE": 64,
    "RepetitionTime": 2.8,
    "SAR": 0.16706,
    "ScanOptions": "FS",
    "ScanningSequence": "RM",
    "SequenceName": "alepi2d2d1",
    "SequenceVariant": "SP_OSP",
    "SeriesDescription": "al_mepi2d_3mm_v1a_standard",
    "SeriesInstanceUID": "1.3.12.2.1107.5.2.32.35437.2016051910490035398705228.0.0.0",
    "SeriesNumber": 6,
    "ShimSetting": [
      19,
      -3954,
      339,
      411,
      95,
      231,
      317,
      167
    ],
    "SliceThickness": 2.5,
    "SliceTiming": [
      0,
      0.07,
      0.14,
      0.21,
      0.2825,
      0.3525,
      0.4225,
      0.4925,
      0.5625,
      0.6325,
      0.7025,
      0.7725,
      0.8425,
      0.915,
      0.985,
      1.055,
      1.125,
      1.195,
      1.265,
      1.335,
      1.405,
      1.475,
      1.5475,
      1.6175,
      1.6875,
      1.7575,
      1.8275,
      1.8975,
      1.9675,
      2.0375,
      2.1075,
      2.18,
      2.25,
      2.32,
      2.39,
      2.46,
      2.53,
      2.6,
      2.67,
      2.74
    ],
    "SoftwareVersions": "syngo_MR_B17",
    "SpacingBetweenSlices": 3,
    "StationName": "MRC35437",
    "StudyID": "1",
    "StudyInstanceUID": "1.3.12.2.1107.5.2.32.35437.30000016051908360315300000007",
    "TaskName": "memsamp",
    "TxRefAmp": 289.878,
    "dataset": "ds004009",
    "modality": "bold",
    "run_id": 1,
    "subject_id": "06",
    "task_id": "memsamp"
  },
  "dummy_trs": 2,
  "dvars_nstd": 26.351048563333325,
  "dvars_std": 1.1100064302272732,
  "dvars_vstd": 0.9591335587499996,
  "efc": 0.6262399553056984,
  "fber": 245.51072692871094,
  "fd_mean": 0.10723991947351345,
  "fd_num": 20,
  "fd_perc": 7.547169811320755,
  "fwhm_avg": 2.52602,
  "fwhm_x": 2.4118,
  "fwhm_y": 2.49584,
  "fwhm_z": 2.67042,
  "gcor": 0.00950264,
  "gsr_x": -0.013124348595738411,
  "gsr_y": 0.05603314936161041,
  "provenance": {
    "md5sum": "f7a6d67c29ecddd0f593b0e32174b7ed",
    "settings": {
      "fd_thres": 0.2,
      "testing": false
    },
    "software": "mriqc",
    "version": "23.0.1",
    "webapi_port": null,
    "webapi_url": "https://mriqc.nimh.nih.gov/api/v1"
  },
  "size_t": 265,
  "size_x": 64,
  "size_y": 64,
  "size_z": 40,
  "snr": 2.7372751373226967,
  "spacing_tr": 2.799999952316284,
  "spacing_x": 3.0,
  "spacing_y": 3.0,
  "spacing_z": 3.0,
  "summary_bg_k": 57.578706757856736,
  "summary_bg_mad": 13.718267034719494,
  "summary_bg_mean": 62.31140899658203,
  "summary_bg_median": 35.23396301269531,
  "summary_bg_n": 79632.0,
  "summary_bg_p05": 25.113208770751953,
  "summary_bg_p95": 189.2281211853027,
  "summary_bg_stdv": 75.14031982421875,
  "summary_fg_k": 1.1145379418406591,
  "summary_fg_mad": 191.26125137499352,
  "summary_fg_mean": 611.2677001953125,
  "summary_fg_median": 571.6679077148438,
  "summary_fg_n": 44969.0,
  "summary_fg_p05": 342.2415222167969,
  "summary_fg_p95": 1009.1305541992186,
  "summary_fg_stdv": 208.84329223632812,
  "tsnr": 40.45468707103282
}