{
  "aor": 0.0008776153846153848,
  "aqi": 0.008819998461538461,
  "bids_meta": {
    "AcquisitionDateTime": "2016-05-19T11:18:48.465000",
    "AcquisitionMatrixPE": 64,
    "AcquisitionNumber": 1,
    "AcquisitionTime": "11:18:48.465000",
    "BaseResolution": 64,
    "ConversionSoftware": "dcm2niix",
    "ConversionSoftwareVersion": "v1.0.20180622 (JP2:OpenJPEG) GCC6.1.0",
    "DeviceSerialNumber": "35437",
    "DwellTime": 3.4e-06,
    "EchoTime": 0.03,
    "EffectiveEchoSpacing": 6.009615385e-05,
    "FlipAngle": 90,
    "ImageOrientationPatientDICOM": [
      1,
      0,
      0,
      0,
      0.866025,
      -0.5
    ],
    "ImageType": [
      "ORIGINAL",
      "PRIMARY",
      "M",
      "ND",
      "MOSAIC"
    ],
    "InPlanePhaseEncodingDirectionDICOM": "COL",
    "InstitutionAddress": "Queen_Square_12_London_Southeast_GB_WC1N_3BG",
    "InstitutionName": "WTCN",
    "InstitutionalDepartmentName": "Department",
    "MRAcquisitionType": "2D",
    "MagneticFieldStrength": 3,
    "Manufacturer": "Siemens",
    "ManufacturersModelName": "TrioTim",
    "Modality": "MR",
    "PartialFourier": 1,
    "PatientID": "MQ03623",
    "PatientName": "MQ03623",
    "PatientPosition": "HFS",
    "PatientSex": "",
    "PercentPhaseFOV": 100,
    "PhaseEncodingDirection": "j-",
    "PhaseEncodingSteps": 74,
    "PhaseOversampling": 0.13,
    "PhaseResolution": 1,
    "PixelBandwidth": 2298,
    "ProcedureStepDescription": "FIL_Johan_Carlin",
    "ProtocolName": "al_mepi2d_3mm_v1a_standard",
    "PulseSequenceDetails": "%CustomerSeq%_al_mepi2d_3mm_v1a",
    "ReceiveCoilName": "32Ch_Head",
    "ReconMatrixPE": 64,
    "RepetitionTime": 2.8,
    "SAR": 0.16706,
    "ScanOptions": "FS",
    "ScanningSequence": "RM",
    "SequenceName": "alepi2d2d1",
    "SequenceVariant": "SP_OSP",
    "SeriesDescription": "al_mepi2d_3mm_v1a_standard",
    "SeriesInstanceUID": "1.3.12.2.1107.5.2.32.35437.2016051911182992945370351.0.0.0",
    "SeriesNumber": 8,
    "ShimSetting": [
      19,
      -3954,
      339,
      411,
      95,
      231,
      317,
      167
    ],
    "SliceThickness": 2.5,
    "SliceTiming": [
      0,
      0.07,
      0.14,
      0.21,
      0.2825,
      0.3525,
      0.4225,
      0.4925,
      0.5625,
      0.6325,
      0.7025,
      0.7725,
      0.845,
      0.915,
      0.985,
      1.055,
      1.125,
      1.195,
      1.265,
      1.335,
      1.405,
      1.4775,
      1.5475,
      1.6175,
      1.6875,
      1.7575,
      1.8275,
      1.8975,
      1.9675,
      2.0375,
      2.11,
      2.18,
      2.25,
      2.32,
      2.39,
      2.46,
      2.53,
      2.6,
      2.67,
      2.7425
    ],
    "SoftwareVersions": "syngo_MR_B17",
    "SpacingBetweenSlices": 3,
    "StationName": "MRC35437",
    "StudyID": "1",
    "StudyInstanceUID": "1.3.12.2.1107.5.2.32.35437.30000016051908360315300000007",
    "TaskName": "memsamp",
    "TxRefAmp": 289.878,
    "dataset": "ds004009",
    "modality": "bold",
    "run_id": 3,
    "subject_id": "06",
    "task_id": "memsamp"
  },
  "dummy_trs": 3,
  "dvars_nstd": 25.80928649335907,
  "dvars_std": 1.023036580579151,
  "dvars_vstd": 0.8869425393436297,
  "efc": 0.6272573191716464,
  "fber": 240.1753692626953,
  "fd_mean": 0.1341835075309466,
  "fd_num": 49,
  "fd_perc": 18.846153846153847,
  "fwhm_avg": 2.5117588888888887,
  "fwhm_x": 2.403166666666667,
  "fwhm_y": 2.4728499999999998,
  "fwhm_z": 2.65926,
  "gcor": 0.00620757,
  "gsr_x": -0.012434929609298706,
  "gsr_y": 0.05356433615088463,
  "provenance": {
    "md5sum": "4a713c4096c2d565dc4fbe67132c9175",
    "settings": {
      "fd_thres": 0.2,
      "testing": false
    },
    "software": "mriqc",
    "version": "23.0.1",
    "webapi_port": null,
    "webapi_url": "https://mriqc.nimh.nih.gov/api/v1"
  },
  "size_t": 260,
  "size_x": 64,
  "size_y": 64,
  "size_z": 40,
  "snr": 2.7416551637047424,
  "spacing_tr": 2.799999952316284,
  "spacing_x": 3.0,
  "spacing_y": 3.0,
  "spacing_z": 3.0,
  "summary_bg_k": 49.95203493193752,
  "summary_bg_mad": 14.905857744582176,
  "summary_bg_mean": 63.6707649230957,
  "summary_bg_median": 35.96154022216797,
  "summary_bg_n": 79654.0,
  "summary_bg_p05": 24.515384674072266,
  "summary_bg_p95": 194.6092346191405,
  "summary_bg_stdv": 75.83052062988281,
  "summary_fg_k": 1.1889083623182106,
  "summary_fg_mad": 191.17582800498198,
  "summary_fg_mean": 613.25732421875,
  "summary_fg_median": 573.34228515625,
  "summary_fg_n": 45027.0,
  "summary_fg_p05": 344.50884399414065,
  "summary_fg_p95": 1012.2450012207031,
  "summary_fg_stdv": 209.120361328125,
  "tsnr": 38.491291193291545
}