{
  "aor": 0.0018236781609195405,
  "aqi": 0.0075435536015325665,
  "bids_meta": {
    "AcquisitionDateTime": "2016-05-19T11:47:27.577500",
    "AcquisitionMatrixPE": 64,
    "AcquisitionNumber": 1,
    "AcquisitionTime": "11:47:27.577500",
    "BaseResolution": 64,
    "ConversionSoftware": "dcm2niix",
    "ConversionSoftwareVersion": "v1.0.20180622 (JP2:OpenJPEG) GCC6.1.0",
    "DeviceSerialNumber": "35437",
    "DwellTime": 3.4e-06,
    "EchoTime": 0.03,
    "EffectiveEchoSpacing": 6.009615385e-05,
    "FlipAngle": 90,
    "ImageOrientationPatientDICOM": [
      1,
      0,
      0,
      0,
      0.866025,
      -0.5
    ],
    "ImageType": [
      "ORIGINAL",
      "PRIMARY",
      "M",
      "ND",
      "MOSAIC"
    ],
    "InPlanePhaseEncodingDirectionDICOM": "COL",
    "InstitutionAddress": "Queen_Square_12_London_Southeast_GB_WC1N_3BG",
    "InstitutionName": "WTCN",
    "InstitutionalDepartmentName": "Department",
    "MRAcquisitionType": "2D",
    "MagneticFieldStrength": 3,
    "Manufacturer": "Siemens",
    "ManufacturersModelName": "TrioTim",
    "Modality": "MR",
    "PartialFourier": 1,
    "PatientID": "MQ03623",
    "PatientName": "MQ03623",
    "PatientPosition": "HFS",
    "PatientSex": "",
    "PercentPhaseFOV": 100,
    "PhaseEncodingDirection": "j-",
    "PhaseEncodingSteps": 74,
    "PhaseOversampling": 0.13,
    "PhaseResolution": 1,
    "PixelBandwidth": 2298,
    "ProcedureStepDescription": "FIL_Johan_Carlin",
    "ProtocolName": "al_mepi2d_3mm_v1a_standard",
    "PulseSequenceDetails": "%CustomerSeq%_al_mepi2d_3mm_v1a",
    "ReceiveCoilName": "32Ch_Head",
    "ReconMatrixPE": 64,
    "RepetitionTime": 2.8,
    "SAR": 0.16706,
    "ScanOptions": "FS",
    "ScanningSequence": "RM",
    "SequenceName": "alepi2d2d1",
    "SequenceVariant": "SP_OSP",
    "SeriesDescription": "al_mepi2d_3mm_v1a_standard",
    "SeriesInstanceUID": "1.3.12.2.1107.5.2.32.35437.2016051911471769733434513.0.0.0",
    "SeriesNumber": 10,
    "ShimSetting": [
      19,
      -3954,
      339,
      411,
      95,
      231,
      317,
      167
    ],
    "SliceThickness": 2.5,
    "SliceTiming": [
      0,
      0.07,
      0.14,
      0.21,
      0.28,
      0.35,
      0.42,
      0.49,
      0.5625,
      0.6325,
      0.7025,
      0.7725,
      0.8425,
      0.9125,
      0.9825,
      1.0525,
      1.1225,
      1.195,
      1.265,
      1.335,
      1.405,
      1.475,
      1.545,
      1.615,
      1.685,
      1.755,
      1.8275,
      1.8975,
      1.9675,
      2.0375,
      2.1075,
      2.1775,
      2.2475,
      2.3175,
      2.3875,
      2.46,
      2.53,
      2.6,
      2.67,
      2.74
    ],
    "SoftwareVersions": "syngo_MR_B17",
    "SpacingBetweenSlices": 3,
    "StationName": "MRC35437",
    "StudyID": "1",
    "StudyInstanceUID": "1.3.12.2.1107.5.2.32.35437.30000016051908360315300000007",
    "TaskName": "exemplarLocaliser",
    "TxRefAmp": 289.878,
    "dataset": "ds004009",
    "modality": "bold",
    "subject_id": "06",
    "task_id": "exemplarLocaliser"
  },
  "dummy_trs": 2,
  "dvars_nstd": 26.473385275384608,
  "dvars_std": 1.076845929153846,
  "dvars_vstd": 0.9214179833846154,
  "efc": 0.6281368878033313,
  "fber": 238.72845458984375,
  "fd_mean": 0.12147605296713432,
  "fd_num": 37,
  "fd_perc": 14.17624521072797,
  "fwhm_avg": 2.5009355555555555,
  "fwhm_x": 2.3930866666666666,
  "fwhm_y": 2.46621,
  "fwhm_z": 2.64351,
  "gcor": 0.00879855,
  "gsr_x": -0.013273769989609718,
  "gsr_y": 0.0543268658220768,
  "provenance": {
    "md5sum": "327ff805c7b0cb3431fdad764af0f3e0",
    "settings": {
      "fd_thres": 0.2,
      "testing": false
    },
    "software": "mriqc",
    "version": "23.0.1",
    "webapi_port": null,
    "webapi_url": "https://mriqc.nimh.nih.gov/api/v1"
  },
  "size_t": 261,
  "size_x": 64,
  "size_y": 64,
  "size_z": 40,
  "snr": 2.746954007738557,
  "spacing_tr": 2.799999952316284,
  "spacing_x": 3.0,
  "spacing_y": 3.0,
  "spacing_z": 3.0,
  "summary_bg_k": 51.408753609973104,
  "summary_bg_mad": 14.644243018243166,
  "summary_bg_mean": 63.93678665161133,
  "summary_bg_median": 36.0,
  "summary_bg_n": 79571.0,
  "summary_bg_p05": 25.145593643188477,
  "summary_bg_p95": 195.49041748046875,
  "summary_bg_stdv": 75.8569564819336,
  "summary_fg_k": 1.1779931771581236,
  "summary_fg_mad": 190.88648348632526,
  "summary_fg_mean": 615.1142578125,
  "summary_fg_median": 574.7471313476562,
  "summary_fg_n": 44909.0,
  "summary_fg_p05": 345.9195251464844,
  "summary_fg_p95": 1014.9241088867187,
  "summary_fg_stdv": 209.22837829589844,
  "tsnr": 40.94353606598452
}