{
  "bids_meta": {
    "AcquisitionDateTime": "2016-06-17T16:11:10.152500",
    "AcquisitionMatrixPE": 240,
    "AcquisitionNumber": 1,
    "AcquisitionTime": "16:11:10.152500",
    "BaseResolution": 256,
    "ConversionSoftware": "dcm2niix",
    "ConversionSoftwareVersion": "v1.0.20180622 (JP2:OpenJPEG) GCC6.1.0",
    "DeviceSerialNumber": "35437",
    "DwellTime": 4e-06,
    "EchoTime": 0.0022,
    "FlipAngle": 13,
    "ImageOrientationPatientDICOM": [
      0,
      0.866025,
      -0.5,
      0,
      -0.5,
      -0.866025
    ],
    "ImageType": [
      "ORIGINAL",
      "PRIMARY",
      "M",
      "ND"
    ],
    "InPlanePhaseEncodingDirectionDICOM": "ROW",
    "InstitutionAddress": "Queen_Square_12_London_Southeast_GB_WC1N_3BG",
    "InstitutionName": "FIL",
    "InstitutionalDepartmentName": "Department",
    "MRAcquisitionType": "3D",
    "MagneticFieldStrength": 3,
    "Manufacturer": "Siemens",
    "ManufacturersModelName": "TrioTim",
    "Modality": "MR",
    "PartialFourier": 0.75,
    "PatientID": "MQ03665",
    "PatientName": "MQ03665",
    "PatientPosition": "HFS",
    "PatientSex": "",
    "PercentPhaseFOV": 93.75,
    "PhaseEncodingSteps": 180,
    "PhaseResolution": 1,
    "PixelBandwidth": 488,
    "ProcedureStepDescription": "FIL_Johan_Carlin",
    "ProtocolName": "BasicT1_NoVBM_nw_mtflash3d_v3h",
    "PulseSequenceDetails": "%CustomerSeq%_nw_mtflash3d_v3h",
    "ReceiveCoilName": "32Ch_Head",
    "ReconMatrixPE": 256,
    "RepetitionTime": 2,
    "SAR": 0.228683,
    "ScanOptions": "PFP",
    "ScanningSequence": "RM",
    "SequenceName": "fl3d_3h3d1",
    "SequenceVariant": "SP",
    "SeriesDescription": "BasicT1_NoVBM_nw_mtflash3d_v3h",
    "SeriesInstanceUID": "1.3.12.2.1107.5.2.32.35437.2016061716110852649093884.0.0.0",
    "SeriesNumber": 11,
    "ShimSetting": [
      45,
      -3921,
      332,
      388,
      93,
      178,
      9,
      23
    ],
    "SliceThickness": 1,
    "SoftwareVersions": "syngo_MR_B17",
    "StationName": "MRC35437",
    "StudyID": "1",
    "StudyInstanceUID": "1.3.12.2.1107.5.2.32.35437.30000016061709460729600000007",
    "TxRefAmp": 302.411,
    "dataset": "ds004009",
    "modality": "T1w",
    "subject_id": "13"
  },
  "cjv": 0.4919021314111609,
  "cnr": 2.859397437076385,
  "efc": 0.56134965913381,
  "fber": 28957.901312811227,
  "fwhm_avg": 5.268103333333333,
  "fwhm_x": 5.39661,
  "fwhm_y": 5.32671,
  "fwhm_z": 5.08099,
  "icvs_csf": 0.1663736065659476,
  "icvs_gm": 0.374300895618393,
  "icvs_wm": 0.4593254978156594,
  "inu_med": 0.838822603225708,
  "inu_range": 0.9759236156940445,
  "provenance": {
    "md5sum": "f7e21e4d77f7ea93809e69bf6b3b0012",
    "settings": {
      "testing": false
    },
    "software": "mriqc",
    "version": "23.0.1",
    "warnings": {
      "large_rot_frame": true,
      "small_air_mask": false
    },
    "webapi_port": null,
    "webapi_url": "https://mriqc.nimh.nih.gov/api/v1"
  },
  "qi_1": 0.0,
  "qi_2": 0.00858379674075854,
  "rpve_csf": 30.182843223918127,
  "rpve_gm": 13.097822104520295,
  "rpve_wm": 12.798374479325409,
  "size_x": 176,
  "size_y": 240,
  "size_z": 256,
  "snr_csf": 3.179579268128227,
  "snr_gm": 15.60432073359157,
  "snr_total": 12.998730288882884,
  "snr_wm": 20.21229086492886,
  "snrd_csf": 27.022433090792877,
  "snrd_gm": 60.82877442909479,
  "snrd_total": 54.77527505527465,
  "snrd_wm": 76.47461764593628,
  "spacing_x": 1.0,
  "spacing_y": 1.0,
  "spacing_z": 1.0,
  "summary_bg_k": 4.591388948346232,
  "summary_bg_mad": 0.0,
  "summary_bg_mean": 6.341167307817202,
  "summary_bg_median": 0.0,
  "summary_bg_n": 2396675.0,
  "summary_bg_p05": 0.0,
  "summary_bg_p95": 23.63203814998269,
  "summary_bg_stdv": 8.56716984452866,
  "summary_csf_k": 2.7011163477529534,
  "summary_csf_mad": 104.01338361245558,
  "summary_csf_mean": 356.32238828037697,
  "summary_csf_median": 353.37034226953983,
  "summary_csf_n": 31299.0,
  "summary_csf_p05": 192.06978657469153,
  "summary_csf_p95": 525.2022223480044,
  "summary_csf_stdv": 111.13567782144638,
  "summary_gm_k": 0.024570410028915912,
  "summary_gm_mad": 50.87014767481814,
  "summary_gm_mean": 795.7497085401563,
  "summary_gm_median": 795.4533467665315,
  "summary_gm_n": 21503.0,
  "summary_gm_p05": 711.1340231750161,
  "summary_gm_p95": 879.1911213207989,
  "summary_gm_stdv": 50.97529484285627,
  "summary_wm_k": 0.017826521591111977,
  "summary_wm_mad": 49.77279472035365,
  "summary_wm_mean": 1003.3992833866158,
  "summary_wm_median": 1000.0528716892004,
  "summary_wm_n": 211859.0,
  "summary_wm_p05": 928.2579996362329,
  "summary_wm_p95": 1090.4573129341006,
  "summary_wm_stdv": 49.47734614469818,
  "tpm_overlap_csf": 0.16851795305219514,
  "tpm_overlap_gm": 0.43035116713134786,
  "tpm_overlap_wm": 0.47173594187344703,
  "wm2max": 0.3964823738369701
}