{
  "aor": 0.007006076923076924,
  "aqi": 0.01588926203846154,
  "bids_meta": {
    "AcquisitionDateTime": "2016-06-03T10:05:42.137500",
    "AcquisitionMatrixPE": 64,
    "AcquisitionNumber": 1,
    "AcquisitionTime": "10:05:42.137500",
    "BaseResolution": 64,
    "ConversionSoftware": "dcm2niix",
    "ConversionSoftwareVersion": "v1.0.20180622 (JP2:OpenJPEG) GCC6.1.0",
    "DeviceSerialNumber": "35437",
    "DwellTime": 3.4e-06,
    "EchoTime": 0.03,
    "EffectiveEchoSpacing": 6.009615385e-05,
    "FlipAngle": 90,
    "ImageOrientationPatientDICOM": [
      1,
      0,
      0,
      0,
      0.898794,
      -0.438371
    ],
    "ImageType": [
      "ORIGINAL",
      "PRIMARY",
      "M",
      "ND",
      "MOSAIC"
    ],
    "InPlanePhaseEncodingDirectionDICOM": "COL",
    "InstitutionAddress": "Queen_Square_12_London_Southeast_GB_WC1N_3BG",
    "InstitutionName": "Functional_Imaging_Laboratory",
    "InstitutionalDepartmentName": "Department",
    "MRAcquisitionType": "2D",
    "MagneticFieldStrength": 3,
    "Manufacturer": "Siemens",
    "ManufacturersModelName": "TrioTim",
    "Modality": "MR",
    "PartialFourier": 1,
    "PatientID": "MQ03650",
    "PatientName": "MQ03650",
    "PatientPosition": "HFS",
    "PatientSex": "",
    "PercentPhaseFOV": 100,
    "PhaseEncodingDirection": "j-",
    "PhaseEncodingSteps": 74,
    "PhaseOversampling": 0.13,
    "PhaseResolution": 1,
    "PixelBandwidth": 2298,
    "ProcedureStepDescription": "FIL_Johan_Carlin",
    "ProtocolName": "al_mepi2d_3mm_v1a_standard",
    "PulseSequenceDetails": "%CustomerSeq%_al_mepi2d_3mm_v1a",
    "ReceiveCoilName": "32Ch_Head",
    "ReconMatrixPE": 64,
    "RepetitionTime": 2.8,
    "SAR": 0.129423,
    "ScanOptions": "FS",
    "ScanningSequence": "RM",
    "SequenceName": "alepi2d2d1",
    "SequenceVariant": "SP_OSP",
    "SeriesDescription": "al_mepi2d_3mm_v1a_standard",
    "SeriesInstanceUID": "1.3.12.2.1107.5.2.32.35437.2016060310035241252708303.0.0.0",
    "SeriesNumber": 8,
    "ShimSetting": [
      16,
      -3940,
      261,
      763,
      -76,
      -104,
      108,
      123
    ],
    "SliceThickness": 2.5,
    "SliceTiming": [
      0,
      0.07,
      0.14,
      0.21,
      0.28,
      0.35,
      0.42,
      0.49,
      0.56,
      0.6325,
      0.7025,
      0.7725,
      0.8425,
      0.9125,
      0.9825,
      1.0525,
      1.1225,
      1.1925,
      1.265,
      1.335,
      1.405,
      1.475,
      1.545,
      1.615,
      1.685,
      1.755,
      1.8275,
      1.8975,
      1.9675,
      2.0375,
      2.1075,
      2.1775,
      2.2475,
      2.3175,
      2.3875,
      2.46,
      2.53,
      2.6,
      2.67,
      2.74
    ],
    "SoftwareVersions": "syngo_MR_B17",
    "SpacingBetweenSlices": 3,
    "StationName": "MRC35437",
    "StudyID": "1",
    "StudyInstanceUID": "1.3.12.2.1107.5.2.32.35437.30000016060307564301900000004",
    "TaskName": "exemplarLocaliser",
    "TxRefAmp": 322.673,
    "dataset": "ds004009",
    "modality": "bold",
    "subject_id": "24",
    "task_id": "exemplarLocaliser"
  },
  "dummy_trs": 2,
  "dvars_nstd": 49.44490899644788,
  "dvars_std": 1.116265378108108,
  "dvars_vstd": 0.9490632384169888,
  "efc": 0.6422211381312183,
  "fber": 174.64651489257812,
  "fd_mean": 0.36572057697380667,
  "fd_num": 117,
  "fd_perc": 45.0,
  "fwhm_avg": 2.748647777777778,
  "fwhm_x": 2.5391766666666666,
  "fwhm_y": 2.7101,
  "fwhm_z": 2.9966666666666666,
  "gcor": 0.0210849,
  "gsr_x": -0.012794936075806618,
  "gsr_y": 0.07317888736724854,
  "provenance": {
    "md5sum": "a97f4afe0e297b3f5a99b6f8272ee303",
    "settings": {
      "fd_thres": 0.2,
      "testing": false
    },
    "software": "mriqc",
    "version": "23.0.1",
    "webapi_port": null,
    "webapi_url": "https://mriqc.nimh.nih.gov/api/v1"
  },
  "size_t": 260,
  "size_x": 64,
  "size_y": 64,
  "size_z": 40,
  "snr": 2.379026878062292,
  "spacing_tr": 2.799999952316284,
  "spacing_x": 3.0,
  "spacing_y": 3.0,
  "spacing_z": 3.0,
  "summary_bg_k": 21.666776909103188,
  "summary_bg_mad": 18.281627688143544,
  "summary_bg_mean": 77.32073974609375,
  "summary_bg_median": 39.41923141479492,
  "summary_bg_n": 77790.0,
  "summary_bg_p05": 25.02865343093872,
  "summary_bg_p95": 265.9136444091797,
  "summary_bg_stdv": 96.87146759033203,
  "summary_fg_k": 2.626655124895011,
  "summary_fg_mad": 195.15321793485782,
  "summary_fg_mean": 593.7933349609375,
  "summary_fg_median": 545.267333984375,
  "summary_fg_n": 46018.0,
  "summary_fg_p05": 315.30904998779295,
  "summary_fg_p95": 1037.6505920410157,
  "summary_fg_stdv": 229.1951446533203,
  "tsnr": 26.18558849208057
}