{
  "aor": 0.005190115384615384,
  "aqi": 0.0088384405,
  "bids_meta": {
    "AcquisitionDateTime": "2016-06-03T09:51:32.672500",
    "AcquisitionMatrixPE": 64,
    "AcquisitionNumber": 1,
    "AcquisitionTime": "09:51:32.672500",
    "BaseResolution": 64,
    "ConversionSoftware": "dcm2niix",
    "ConversionSoftwareVersion": "v1.0.20180622 (JP2:OpenJPEG) GCC6.1.0",
    "DeviceSerialNumber": "35437",
    "DwellTime": 3.4e-06,
    "EchoTime": 0.03,
    "EffectiveEchoSpacing": 6.009615385e-05,
    "FlipAngle": 90,
    "ImageOrientationPatientDICOM": [
      1,
      0,
      0,
      0,
      0.898794,
      -0.438371
    ],
    "ImageType": [
      "ORIGINAL",
      "PRIMARY",
      "M",
      "ND",
      "MOSAIC"
    ],
    "InPlanePhaseEncodingDirectionDICOM": "COL",
    "InstitutionAddress": "Queen_Square_12_London_Southeast_GB_WC1N_3BG",
    "InstitutionName": "Functional_Imaging_Laboratory",
    "InstitutionalDepartmentName": "Department",
    "MRAcquisitionType": "2D",
    "MagneticFieldStrength": 3,
    "Manufacturer": "Siemens",
    "ManufacturersModelName": "TrioTim",
    "Modality": "MR",
    "PartialFourier": 1,
    "PatientID": "MQ03650",
    "PatientName": "MQ03650",
    "PatientPosition": "HFS",
    "PatientSex": "",
    "PercentPhaseFOV": 100,
    "PhaseEncodingDirection": "j-",
    "PhaseEncodingSteps": 74,
    "PhaseOversampling": 0.13,
    "PhaseResolution": 1,
    "PixelBandwidth": 2298,
    "ProcedureStepDescription": "FIL_Johan_Carlin",
    "ProtocolName": "al_mepi2d_3mm_v1a_standard",
    "PulseSequenceDetails": "%CustomerSeq%_al_mepi2d_3mm_v1a",
    "ReceiveCoilName": "32Ch_Head",
    "ReconMatrixPE": 64,
    "RepetitionTime": 2.8,
    "SAR": 0.129423,
    "ScanOptions": "FS",
    "ScanningSequence": "RM",
    "SequenceName": "alepi2d2d1",
    "SequenceVariant": "SP_OSP",
    "SeriesDescription": "al_mepi2d_3mm_v1a_standard",
    "SeriesInstanceUID": "1.3.12.2.1107.5.2.32.35437.2016060309493289327176333.0.0.0",
    "SeriesNumber": 7,
    "ShimSetting": [
      16,
      -3940,
      261,
      763,
      -76,
      -104,
      108,
      123
    ],
    "SliceThickness": 2.5,
    "SliceTiming": [
      0,
      0.07,
      0.14,
      0.2125,
      0.2825,
      0.3525,
      0.4225,
      0.4925,
      0.5625,
      0.6325,
      0.7025,
      0.7725,
      0.845,
      0.915,
      0.985,
      1.055,
      1.125,
      1.195,
      1.265,
      1.335,
      1.405,
      1.4775,
      1.5475,
      1.6175,
      1.6875,
      1.7575,
      1.8275,
      1.8975,
      1.9675,
      2.0375,
      2.11,
      2.18,
      2.25,
      2.32,
      2.39,
      2.46,
      2.53,
      2.6,
      2.67,
      2.7425
    ],
    "SoftwareVersions": "syngo_MR_B17",
    "SpacingBetweenSlices": 3,
    "StationName": "MRC35437",
    "StudyID": "1",
    "StudyInstanceUID": "1.3.12.2.1107.5.2.32.35437.30000016060307564301900000004",
    "TaskName": "memsamp",
    "TxRefAmp": 322.673,
    "dataset": "ds004009",
    "modality": "bold",
    "run_id": 3,
    "subject_id": "24",
    "task_id": "memsamp"
  },
  "dummy_trs": 2,
  "dvars_nstd": 41.20004064046335,
  "dvars_std": 1.202225144054053,
  "dvars_vstd": 0.9926794593050196,
  "efc": 0.6404000105947604,
  "fber": 182.1764373779297,
  "fd_mean": 0.23944698617161997,
  "fd_num": 81,
  "fd_perc": 31.153846153846153,
  "fwhm_avg": 2.7043755555555555,
  "fwhm_x": 2.5220866666666666,
  "fwhm_y": 2.67366,
  "fwhm_z": 2.91738,
  "gcor": 0.0129664,
  "gsr_x": -0.015035858377814293,
  "gsr_y": 0.073117695748806,
  "provenance": {
    "md5sum": "a040ac9dbe19e0e909188a3743b27290",
    "settings": {
      "fd_thres": 0.2,
      "testing": false
    },
    "software": "mriqc",
    "version": "23.0.1",
    "webapi_port": null,
    "webapi_url": "https://mriqc.nimh.nih.gov/api/v1"
  },
  "size_t": 260,
  "size_x": 64,
  "size_y": 64,
  "size_z": 40,
  "snr": 2.372548278738504,
  "spacing_tr": 2.799999952316284,
  "spacing_x": 3.0,
  "spacing_y": 3.0,
  "spacing_z": 3.0,
  "summary_bg_k": 20.922081457467154,
  "summary_bg_mad": 17.665775186559326,
  "summary_bg_mean": 77.53893280029297,
  "summary_bg_median": 38.85769271850586,
  "summary_bg_n": 78168.0,
  "summary_bg_p05": 25.346153259277344,
  "summary_bg_p95": 266.48326263427685,
  "summary_bg_stdv": 98.03063201904297,
  "summary_fg_k": 2.6282292221371506,
  "summary_fg_mad": 194.96223697891568,
  "summary_fg_mean": 594.9161376953125,
  "summary_fg_median": 545.9346313476562,
  "summary_fg_n": 45705.0,
  "summary_fg_p05": 315.51768798828124,
  "summary_fg_p95": 1041.0369628906249,
  "summary_fg_stdv": 230.10223388671875,
  "tsnr": 37.08162929210812
}