{
  "aor": 0.0007840384615384616,
  "aqi": 0.0021306096153846155,
  "bids_meta": {
    "AcquisitionDateTime": "2016-05-25T16:11:50.015000",
    "AcquisitionMatrixPE": 64,
    "AcquisitionNumber": 1,
    "AcquisitionTime": "16:11:50.015000",
    "BaseResolution": 64,
    "ConversionSoftware": "dcm2niix",
    "ConversionSoftwareVersion": "v1.0.20180622 (JP2:OpenJPEG) GCC6.1.0",
    "DeviceSerialNumber": "35437",
    "DwellTime": 3.4e-06,
    "EchoTime": 0.03,
    "EffectiveEchoSpacing": 6.009615385e-05,
    "FlipAngle": 90,
    "ImageOrientationPatientDICOM": [
      1,
      0,
      0,
      0,
      0.995725,
      -0.0923706
    ],
    "ImageType": [
      "ORIGINAL",
      "PRIMARY",
      "M",
      "ND",
      "MOSAIC"
    ],
    "InPlanePhaseEncodingDirectionDICOM": "COL",
    "InstitutionAddress": "Queen_Square_12_London_Southeast_GB_WC1N_3BG",
    "InstitutionName": "WTCN",
    "InstitutionalDepartmentName": "Department",
    "MRAcquisitionType": "2D",
    "MagneticFieldStrength": 3,
    "Manufacturer": "Siemens",
    "ManufacturersModelName": "TrioTim",
    "Modality": "MR",
    "PartialFourier": 1,
    "PatientID": "MQ03636",
    "PatientName": "MQ03636",
    "PatientPosition": "HFS",
    "PatientSex": "",
    "PercentPhaseFOV": 100,
    "PhaseEncodingDirection": "j-",
    "PhaseEncodingSteps": 74,
    "PhaseOversampling": 0.13,
    "PhaseResolution": 1,
    "PixelBandwidth": 2298,
    "ProcedureStepDescription": "FIL_Johan_Carlin",
    "ProtocolName": "al_mepi2d_3mm_v1a_standard",
    "PulseSequenceDetails": "%CustomerSeq%_al_mepi2d_3mm_v1a",
    "ReceiveCoilName": "32Ch_Head",
    "ReconMatrixPE": 64,
    "RepetitionTime": 2.8,
    "SAR": 0.197071,
    "ScanOptions": "FS",
    "ScanningSequence": "RM",
    "SequenceName": "alepi2d2d1",
    "SequenceVariant": "SP_OSP",
    "SeriesDescription": "al_mepi2d_3mm_v1a_standard",
    "SeriesInstanceUID": "1.3.12.2.1107.5.2.32.35437.2016052516091215624862411.0.0.0",
    "SeriesNumber": 9,
    "ShimSetting": [
      42,
      -4155,
      367,
      663,
      -66,
      -341,
      538,
      84
    ],
    "SliceThickness": 2.5,
    "SliceTiming": [
      0,
      0.07,
      0.14,
      0.21,
      0.28,
      0.3525,
      0.4225,
      0.4925,
      0.5625,
      0.6325,
      0.7025,
      0.7725,
      0.8425,
      0.9125,
      0.985,
      1.055,
      1.125,
      1.195,
      1.265,
      1.335,
      1.405,
      1.475,
      1.545,
      1.6175,
      1.6875,
      1.7575,
      1.8275,
      1.8975,
      1.9675,
      2.0375,
      2.1075,
      2.1775,
      2.25,
      2.32,
      2.39,
      2.46,
      2.53,
      2.6,
      2.67,
      2.74
    ],
    "SoftwareVersions": "syngo_MR_B17",
    "SpacingBetweenSlices": 3,
    "StationName": "MRC35437",
    "StudyID": "1",
    "StudyInstanceUID": "1.3.12.2.1107.5.2.32.35437.30000016052507570637500000013",
    "TaskName": "exemplarLocaliser",
    "TxRefAmp": 303.393,
    "dataset": "ds004009",
    "modality": "bold",
    "subject_id": "01",
    "task_id": "exemplarLocaliser"
  },
  "dummy_trs": 2,
  "dvars_nstd": 22.141056193397674,
  "dvars_std": 1.221042392432433,
  "dvars_vstd": 0.9826628174131278,
  "efc": 0.6080137098427563,
  "fber": 348.5526123046875,
  "fd_mean": 0.04817546550057308,
  "fd_num": 0,
  "fd_perc": 0.0,
  "fwhm_avg": 2.473578888888889,
  "fwhm_x": 2.38168,
  "fwhm_y": 2.4311166666666666,
  "fwhm_z": 2.60794,
  "gcor": 0.0310926,
  "gsr_x": -0.008749468252062798,
  "gsr_y": 0.04494205117225647,
  "provenance": {
    "md5sum": "ee7fc0a8756a1bbf735b822141a765ad",
    "settings": {
      "fd_thres": 0.2,
      "testing": false
    },
    "software": "mriqc",
    "version": "23.0.1",
    "webapi_port": null,
    "webapi_url": "https://mriqc.nimh.nih.gov/api/v1"
  },
  "size_t": 260,
  "size_x": 64,
  "size_y": 64,
  "size_z": 40,
  "snr": 3.183736059758838,
  "spacing_tr": 2.799999952316284,
  "spacing_x": 3.0,
  "spacing_y": 3.0,
  "spacing_z": 3.0,
  "summary_bg_k": 21.7344189965449,
  "summary_bg_mad": 10.383916453597188,
  "summary_bg_mean": 58.249595642089844,
  "summary_bg_median": 33.50384521484375,
  "summary_bg_n": 84094.0,
  "summary_bg_p05": 25.823076248168945,
  "summary_bg_p95": 180.07711181640616,
  "summary_bg_stdv": 66.4735336303711,
  "summary_fg_k": 0.9897927919295753,
  "summary_fg_mad": 197.2659079980567,
  "summary_fg_mean": 666.3687133789062,
  "summary_fg_median": 639.5076904296875,
  "summary_fg_n": 42629.0,
  "summary_fg_p05": 390.09385375976564,
  "summary_fg_p95": 1027.0384521484375,
  "summary_fg_stdv": 200.8647003173828,
  "tsnr": 76.01984789036214
}