{
  "aor": 0.000606833976833977,
  "aqi": 0.002364241814671815,
  "bids_meta": {
    "AcquisitionDateTime": "2016-05-25T15:56:53.352500",
    "AcquisitionMatrixPE": 64,
    "AcquisitionNumber": 1,
    "AcquisitionTime": "15:56:53.352500",
    "BaseResolution": 64,
    "ConversionSoftware": "dcm2niix",
    "ConversionSoftwareVersion": "v1.0.20180622 (JP2:OpenJPEG) GCC6.1.0",
    "DeviceSerialNumber": "35437",
    "DwellTime": 3.4e-06,
    "EchoTime": 0.03,
    "EffectiveEchoSpacing": 6.009615385e-05,
    "FlipAngle": 90,
    "ImageOrientationPatientDICOM": [
      1,
      0,
      0,
      0,
      0.995725,
      -0.0923706
    ],
    "ImageType": [
      "ORIGINAL",
      "PRIMARY",
      "M",
      "ND",
      "MOSAIC"
    ],
    "InPlanePhaseEncodingDirectionDICOM": "COL",
    "InstitutionAddress": "Queen_Square_12_London_Southeast_GB_WC1N_3BG",
    "InstitutionName": "WTCN",
    "InstitutionalDepartmentName": "Department",
    "MRAcquisitionType": "2D",
    "MagneticFieldStrength": 3,
    "Manufacturer": "Siemens",
    "ManufacturersModelName": "TrioTim",
    "Modality": "MR",
    "PartialFourier": 1,
    "PatientID": "MQ03636",
    "PatientName": "MQ03636",
    "PatientPosition": "HFS",
    "PatientSex": "",
    "PercentPhaseFOV": 100,
    "PhaseEncodingDirection": "j-",
    "PhaseEncodingSteps": 74,
    "PhaseOversampling": 0.13,
    "PhaseResolution": 1,
    "PixelBandwidth": 2298,
    "ProcedureStepDescription": "FIL_Johan_Carlin",
    "ProtocolName": "al_mepi2d_3mm_v1a_standard",
    "PulseSequenceDetails": "%CustomerSeq%_al_mepi2d_3mm_v1a",
    "ReceiveCoilName": "32Ch_Head",
    "ReconMatrixPE": 64,
    "RepetitionTime": 2.8,
    "SAR": 0.197071,
    "ScanOptions": "FS",
    "ScanningSequence": "RM",
    "SequenceName": "alepi2d2d1",
    "SequenceVariant": "SP_OSP",
    "SeriesDescription": "al_mepi2d_3mm_v1a_standard",
    "SeriesInstanceUID": "1.3.12.2.1107.5.2.32.35437.201605251554332206830441.0.0.0",
    "SeriesNumber": 8,
    "ShimSetting": [
      42,
      -4155,
      367,
      663,
      -66,
      -341,
      538,
      84
    ],
    "SliceThickness": 2.5,
    "SliceTiming": [
      0,
      0.07,
      0.14,
      0.21,
      0.28,
      0.35,
      0.4225,
      0.4925,
      0.5625,
      0.6325,
      0.7025,
      0.7725,
      0.8425,
      0.9125,
      0.9825,
      1.055,
      1.125,
      1.195,
      1.265,
      1.335,
      1.405,
      1.475,
      1.545,
      1.615,
      1.6875,
      1.7575,
      1.8275,
      1.8975,
      1.9675,
      2.0375,
      2.1075,
      2.1775,
      2.2475,
      2.32,
      2.39,
      2.46,
      2.53,
      2.6,
      2.67,
      2.74
    ],
    "SoftwareVersions": "syngo_MR_B17",
    "SpacingBetweenSlices": 3,
    "StationName": "MRC35437",
    "StudyID": "1",
    "StudyInstanceUID": "1.3.12.2.1107.5.2.32.35437.30000016052507570637500000013",
    "TaskName": "memsamp",
    "TxRefAmp": 303.393,
    "dataset": "ds004009",
    "modality": "bold",
    "run_id": 3,
    "subject_id": "01",
    "task_id": "memsamp"
  },
  "dummy_trs": 3,
  "dvars_nstd": 21.685609056356586,
  "dvars_std": 1.1875712774806204,
  "dvars_vstd": 0.968794201860465,
  "efc": 0.6080048182071512,
  "fber": 350.07562255859375,
  "fd_mean": 0.05309814579285223,
  "fd_num": 1,
  "fd_perc": 0.3861003861003861,
  "fwhm_avg": 2.474468888888889,
  "fwhm_x": 2.3771466666666665,
  "fwhm_y": 2.42849,
  "fwhm_z": 2.6177699999999997,
  "gcor": 0.0236207,
  "gsr_x": -0.009013381786644459,
  "gsr_y": 0.04417760670185089,
  "provenance": {
    "md5sum": "72517ede2bcc0342a67992ea19ec1ebf",
    "settings": {
      "fd_thres": 0.2,
      "testing": false
    },
    "software": "mriqc",
    "version": "23.0.1",
    "webapi_port": null,
    "webapi_url": "https://mriqc.nimh.nih.gov/api/v1"
  },
  "size_t": 259,
  "size_x": 64,
  "size_y": 64,
  "size_z": 40,
  "snr": 3.1832167332436425,
  "spacing_tr": 2.799999952316284,
  "spacing_x": 3.0,
  "spacing_y": 3.0,
  "spacing_z": 3.0,
  "summary_bg_k": 21.139593735614643,
  "summary_bg_mad": 10.401115372307803,
  "summary_bg_mean": 58.42172622680664,
  "summary_bg_median": 33.43629455566406,
  "summary_bg_n": 84161.0,
  "summary_bg_p05": 25.667953491210938,
  "summary_bg_p95": 181.72972106933594,
  "summary_bg_stdv": 66.97560119628906,
  "summary_fg_k": 1.03642558491104,
  "summary_fg_mad": 196.59075570604801,
  "summary_fg_mean": 666.20654296875,
  "summary_fg_median": 638.9729614257812,
  "summary_fg_n": 42695.0,
  "summary_fg_p05": 390.4559722900391,
  "summary_fg_p95": 1026.5737182617188,
  "summary_fg_stdv": 200.7294921875,
  "tsnr": 72.71043463353999
}