{
  "aor": 0.0017700769230769228,
  "aqi": 0.006906931884615383,
  "bids_meta": {
    "AcquisitionDateTime": "2016-06-10T15:09:57.185000",
    "AcquisitionMatrixPE": 64,
    "AcquisitionNumber": 1,
    "AcquisitionTime": "15:09:57.185000",
    "BaseResolution": 64,
    "ConversionSoftware": "dcm2niix",
    "ConversionSoftwareVersion": "v1.0.20180622 (JP2:OpenJPEG) GCC6.1.0",
    "DeviceSerialNumber": "35437",
    "DwellTime": 3.4e-06,
    "EchoTime": 0.03,
    "EffectiveEchoSpacing": 6.009615385e-05,
    "FlipAngle": 90,
    "ImageOrientationPatientDICOM": [
      1,
      0,
      0,
      0,
      0.866025,
      -0.5
    ],
    "ImageType": [
      "ORIGINAL",
      "PRIMARY",
      "M",
      "ND",
      "MOSAIC"
    ],
    "InPlanePhaseEncodingDirectionDICOM": "COL",
    "InstitutionAddress": "Queen_Square_12_London_Southeast_GB_WC1N_3BG",
    "InstitutionName": "Functional_Imaging_Laboratory",
    "InstitutionalDepartmentName": "Department",
    "MRAcquisitionType": "2D",
    "MagneticFieldStrength": 3,
    "Manufacturer": "Siemens",
    "ManufacturersModelName": "TrioTim",
    "Modality": "MR",
    "PartialFourier": 1,
    "PatientID": "MQ03658",
    "PatientName": "MQ03658",
    "PatientPosition": "HFS",
    "PatientSex": "",
    "PercentPhaseFOV": 100,
    "PhaseEncodingDirection": "j-",
    "PhaseEncodingSteps": 74,
    "PhaseOversampling": 0.13,
    "PhaseResolution": 1,
    "PixelBandwidth": 2298,
    "ProcedureStepDescription": "FIL_Johan_Carlin",
    "ProtocolName": "al_mepi2d_3mm_v1a_standard",
    "PulseSequenceDetails": "%CustomerSeq%_al_mepi2d_3mm_v1a",
    "ReceiveCoilName": "32Ch_Head",
    "ReconMatrixPE": 64,
    "RepetitionTime": 2.8,
    "SAR": 0.178911,
    "ScanOptions": "FS",
    "ScanningSequence": "RM",
    "SequenceName": "alepi2d2d1",
    "SequenceVariant": "SP_OSP",
    "SeriesDescription": "al_mepi2d_3mm_v1a_standard",
    "SeriesInstanceUID": "1.3.12.2.1107.5.2.32.35437.2016061015082051023080305.0.0.0",
    "SeriesNumber": 7,
    "ShimSetting": [
      71,
      -3990,
      400,
      665,
      120,
      283,
      165,
      83
    ],
    "SliceThickness": 2.5,
    "SliceTiming": [
      0,
      0.0725,
      0.1425,
      0.2125,
      0.2825,
      0.3525,
      0.4225,
      0.4925,
      0.5625,
      0.6325,
      0.705,
      0.775,
      0.845,
      0.915,
      0.985,
      1.055,
      1.125,
      1.195,
      1.2675,
      1.3375,
      1.4075,
      1.4775,
      1.5475,
      1.6175,
      1.6875,
      1.7575,
      1.8275,
      1.9,
      1.97,
      2.04,
      2.11,
      2.18,
      2.25,
      2.32,
      2.39,
      2.46,
      2.5325,
      2.6025,
      2.6725,
      2.7425
    ],
    "SoftwareVersions": "syngo_MR_B17",
    "SpacingBetweenSlices": 3,
    "StationName": "MRC35437",
    "StudyID": "1",
    "StudyInstanceUID": "1.3.12.2.1107.5.2.32.35437.30000016061012552973700000004",
    "TaskName": "memsamp",
    "TxRefAmp": 299.036,
    "dataset": "ds004009",
    "modality": "bold",
    "run_id": 3,
    "subject_id": "22",
    "task_id": "memsamp"
  },
  "dummy_trs": 2,
  "dvars_nstd": 25.230659484864873,
  "dvars_std": 1.1087450264478766,
  "dvars_vstd": 0.931137573513513,
  "efc": 0.5996916915039845,
  "fber": 303.86346435546875,
  "fd_mean": 0.11748767045901154,
  "fd_num": 21,
  "fd_perc": 8.076923076923077,
  "fwhm_avg": 2.4034577777777777,
  "fwhm_x": 2.288673333333333,
  "fwhm_y": 2.4359100000000002,
  "fwhm_z": 2.48579,
  "gcor": 0.0175003,
  "gsr_x": -0.0092180659994483,
  "gsr_y": 0.04365701228380203,
  "provenance": {
    "md5sum": "3cbd6d2693622392bbfd98bd20cbd021",
    "settings": {
      "fd_thres": 0.2,
      "testing": false
    },
    "software": "mriqc",
    "version": "23.0.1",
    "webapi_port": null,
    "webapi_url": "https://mriqc.nimh.nih.gov/api/v1"
  },
  "size_t": 260,
  "size_x": 64,
  "size_y": 64,
  "size_z": 40,
  "snr": 3.1326196695514716,
  "spacing_tr": 2.799999952316284,
  "spacing_x": 3.0,
  "spacing_y": 3.0,
  "spacing_z": 3.0,
  "summary_bg_k": 56.45677189517551,
  "summary_bg_mad": 10.754569836062903,
  "summary_bg_mean": 55.47235870361328,
  "summary_bg_median": 32.011539459228516,
  "summary_bg_n": 86733.0,
  "summary_bg_p05": 23.549999237060547,
  "summary_bg_p95": 159.13153686523418,
  "summary_bg_stdv": 70.13745880126953,
  "summary_fg_k": 0.7760267478872533,
  "summary_fg_mad": 168.49203216001789,
  "summary_fg_mean": 602.83154296875,
  "summary_fg_median": 571.2615356445312,
  "summary_fg_n": 38437.0,
  "summary_fg_p05": 362.06077880859374,
  "summary_fg_p95": 950.490014648437,
  "summary_fg_stdv": 182.35667419433594,
  "tsnr": 47.024811593815684
}