{
  "aor": 0.0023220849420849425,
  "aqi": 0.005821013629343629,
  "bids_meta": {
    "AcquisitionDateTime": "2016-06-10T14:40:34.440000",
    "AcquisitionMatrixPE": 64,
    "AcquisitionNumber": 1,
    "AcquisitionTime": "14:40:34.440000",
    "BaseResolution": 64,
    "ConversionSoftware": "dcm2niix",
    "ConversionSoftwareVersion": "v1.0.20180622 (JP2:OpenJPEG) GCC6.1.0",
    "DeviceSerialNumber": "35437",
    "DwellTime": 3.4e-06,
    "EchoTime": 0.03,
    "EffectiveEchoSpacing": 6.009615385e-05,
    "FlipAngle": 90,
    "ImageOrientationPatientDICOM": [
      1,
      0,
      0,
      0,
      0.866025,
      -0.5
    ],
    "ImageType": [
      "ORIGINAL",
      "PRIMARY",
      "M",
      "ND",
      "MOSAIC"
    ],
    "InPlanePhaseEncodingDirectionDICOM": "COL",
    "InstitutionAddress": "Queen_Square_12_London_Southeast_GB_WC1N_3BG",
    "InstitutionName": "Functional_Imaging_Laboratory",
    "InstitutionalDepartmentName": "Department",
    "MRAcquisitionType": "2D",
    "MagneticFieldStrength": 3,
    "Manufacturer": "Siemens",
    "ManufacturersModelName": "TrioTim",
    "Modality": "MR",
    "PartialFourier": 1,
    "PatientID": "MQ03658",
    "PatientName": "MQ03658",
    "PatientPosition": "HFS",
    "PatientSex": "",
    "PercentPhaseFOV": 100,
    "PhaseEncodingDirection": "j-",
    "PhaseEncodingSteps": 74,
    "PhaseOversampling": 0.13,
    "PhaseResolution": 1,
    "PixelBandwidth": 2298,
    "ProcedureStepDescription": "FIL_Johan_Carlin",
    "ProtocolName": "al_mepi2d_3mm_v1a_standard",
    "PulseSequenceDetails": "%CustomerSeq%_al_mepi2d_3mm_v1a",
    "ReceiveCoilName": "32Ch_Head",
    "ReconMatrixPE": 64,
    "RepetitionTime": 2.8,
    "SAR": 0.178911,
    "ScanOptions": "FS",
    "ScanningSequence": "RM",
    "SequenceName": "alepi2d2d1",
    "SequenceVariant": "SP_OSP",
    "SeriesDescription": "al_mepi2d_3mm_v1a_standard",
    "SeriesInstanceUID": "1.3.12.2.1107.5.2.32.35437.2016061014351128507016365.0.0.0",
    "SeriesNumber": 5,
    "ShimSetting": [
      71,
      -3990,
      400,
      665,
      120,
      283,
      165,
      83
    ],
    "SliceThickness": 2.5,
    "SliceTiming": [
      0,
      0.07,
      0.14,
      0.2125,
      0.2825,
      0.3525,
      0.4225,
      0.4925,
      0.5625,
      0.6325,
      0.7025,
      0.7725,
      0.845,
      0.915,
      0.985,
      1.055,
      1.125,
      1.195,
      1.265,
      1.335,
      1.405,
      1.4775,
      1.5475,
      1.6175,
      1.6875,
      1.7575,
      1.8275,
      1.8975,
      1.9675,
      2.0375,
      2.11,
      2.18,
      2.25,
      2.32,
      2.39,
      2.46,
      2.53,
      2.6,
      2.67,
      2.7425
    ],
    "SoftwareVersions": "syngo_MR_B17",
    "SpacingBetweenSlices": 3,
    "StationName": "MRC35437",
    "StudyID": "1",
    "StudyInstanceUID": "1.3.12.2.1107.5.2.32.35437.30000016061012552973700000004",
    "TaskName": "memsamp",
    "TxRefAmp": 299.036,
    "dataset": "ds004009",
    "modality": "bold",
    "run_id": 1,
    "subject_id": "22",
    "task_id": "memsamp"
  },
  "dummy_trs": 3,
  "dvars_nstd": 25.60361569414728,
  "dvars_std": 1.140843950620155,
  "dvars_vstd": 0.9584704732558138,
  "efc": 0.5944591900089649,
  "fber": 324.3764343261719,
  "fd_mean": 0.13944697613313245,
  "fd_num": 33,
  "fd_perc": 12.741312741312742,
  "fwhm_avg": 2.3600366666666663,
  "fwhm_x": 2.24014,
  "fwhm_y": 2.350713333333333,
  "fwhm_z": 2.4892566666666665,
  "gcor": 0.0193865,
  "gsr_x": -0.008652434684336185,
  "gsr_y": 0.03874076530337334,
  "provenance": {
    "md5sum": "170f5a7fd183c6a3973d80d4c665c330",
    "settings": {
      "fd_thres": 0.2,
      "testing": false
    },
    "software": "mriqc",
    "version": "23.0.1",
    "webapi_port": null,
    "webapi_url": "https://mriqc.nimh.nih.gov/api/v1"
  },
  "size_t": 259,
  "size_x": 64,
  "size_y": 64,
  "size_z": 40,
  "snr": 3.201139400160164,
  "spacing_tr": 2.799999952316284,
  "spacing_x": 3.0,
  "spacing_y": 3.0,
  "spacing_z": 3.0,
  "summary_bg_k": 57.241242930932174,
  "summary_bg_mad": 9.708470066299798,
  "summary_bg_mean": 53.5638427734375,
  "summary_bg_median": 31.335906982421875,
  "summary_bg_n": 87996.0,
  "summary_bg_p05": 24.007720947265625,
  "summary_bg_p95": 152.77702713012695,
  "summary_bg_stdv": 64.65129089355469,
  "summary_fg_k": 0.7726823225083033,
  "summary_fg_mad": 167.12473791739916,
  "summary_fg_mean": 609.147705078125,
  "summary_fg_median": 578.7007446289062,
  "summary_fg_n": 37786.0,
  "summary_fg_p05": 369.2779998779297,
  "summary_fg_p95": 951.7808532714844,
  "summary_fg_stdv": 180.7772216796875,
  "tsnr": 51.983550301752985
}