{
  "aor": 0.004455576923076923,
  "aqi": 0.005611653384615385,
  "bids_meta": {
    "AcquisitionDateTime": "2016-06-10T15:37:45.800000",
    "AcquisitionMatrixPE": 64,
    "AcquisitionNumber": 1,
    "AcquisitionTime": "15:37:45.800000",
    "BaseResolution": 64,
    "ConversionSoftware": "dcm2niix",
    "ConversionSoftwareVersion": "v1.0.20180622 (JP2:OpenJPEG) GCC6.1.0",
    "DeviceSerialNumber": "35437",
    "DwellTime": 3.4e-06,
    "EchoTime": 0.03,
    "EffectiveEchoSpacing": 6.009615385e-05,
    "FlipAngle": 90,
    "ImageOrientationPatientDICOM": [
      1,
      0,
      0,
      0,
      0.866025,
      -0.5
    ],
    "ImageType": [
      "ORIGINAL",
      "PRIMARY",
      "M",
      "ND",
      "MOSAIC"
    ],
    "InPlanePhaseEncodingDirectionDICOM": "COL",
    "InstitutionAddress": "Queen_Square_12_London_Southeast_GB_WC1N_3BG",
    "InstitutionName": "Functional_Imaging_Laboratory",
    "InstitutionalDepartmentName": "Department",
    "MRAcquisitionType": "2D",
    "MagneticFieldStrength": 3,
    "Manufacturer": "Siemens",
    "ManufacturersModelName": "TrioTim",
    "Modality": "MR",
    "PartialFourier": 1,
    "PatientID": "MQ03658",
    "PatientName": "MQ03658",
    "PatientPosition": "HFS",
    "PatientSex": "",
    "PercentPhaseFOV": 100,
    "PhaseEncodingDirection": "j-",
    "PhaseEncodingSteps": 74,
    "PhaseOversampling": 0.13,
    "PhaseResolution": 1,
    "PixelBandwidth": 2298,
    "ProcedureStepDescription": "FIL_Johan_Carlin",
    "ProtocolName": "al_mepi2d_3mm_v1a_standard",
    "PulseSequenceDetails": "%CustomerSeq%_al_mepi2d_3mm_v1a",
    "ReceiveCoilName": "32Ch_Head",
    "ReconMatrixPE": 64,
    "RepetitionTime": 2.8,
    "SAR": 0.178911,
    "ScanOptions": "FS",
    "ScanningSequence": "RM",
    "SequenceName": "alepi2d2d1",
    "SequenceVariant": "SP_OSP",
    "SeriesDescription": "al_mepi2d_3mm_v1a_standard",
    "SeriesInstanceUID": "1.3.12.2.1107.5.2.32.35437.201606101536111846144245.0.0.0",
    "SeriesNumber": 9,
    "ShimSetting": [
      71,
      -3990,
      400,
      665,
      120,
      283,
      165,
      83
    ],
    "SliceThickness": 2.5,
    "SliceTiming": [
      0,
      0.0725,
      0.1425,
      0.2125,
      0.2825,
      0.3525,
      0.4225,
      0.4925,
      0.5625,
      0.6325,
      0.705,
      0.775,
      0.845,
      0.915,
      0.985,
      1.055,
      1.125,
      1.195,
      1.265,
      1.3375,
      1.4075,
      1.4775,
      1.5475,
      1.6175,
      1.6875,
      1.7575,
      1.8275,
      1.8975,
      1.97,
      2.04,
      2.11,
      2.18,
      2.25,
      2.32,
      2.39,
      2.46,
      2.5325,
      2.6025,
      2.6725,
      2.7425
    ],
    "SoftwareVersions": "syngo_MR_B17",
    "SpacingBetweenSlices": 3,
    "StationName": "MRC35437",
    "StudyID": "1",
    "StudyInstanceUID": "1.3.12.2.1107.5.2.32.35437.30000016061012552973700000004",
    "TaskName": "motionLocaliser",
    "TxRefAmp": 299.036,
    "dataset": "ds004009",
    "modality": "bold",
    "subject_id": "22",
    "task_id": "motionLocaliser"
  },
  "dummy_trs": 2,
  "dvars_nstd": 26.002299993474914,
  "dvars_std": 1.169517922471042,
  "dvars_vstd": 0.9818369023166027,
  "efc": 0.6003708718055654,
  "fber": 300.1278076171875,
  "fd_mean": 0.11076664772734364,
  "fd_num": 9,
  "fd_perc": 3.4615384615384617,
  "fwhm_avg": 2.3907233333333333,
  "fwhm_x": 2.298173333333333,
  "fwhm_y": 2.406676666666667,
  "fwhm_z": 2.46732,
  "gcor": 0.0163069,
  "gsr_x": -0.007975319400429726,
  "gsr_y": 0.044157858937978745,
  "provenance": {
    "md5sum": "a2a2ef41e24ff21028caf7f66e7d15b3",
    "settings": {
      "fd_thres": 0.2,
      "testing": false
    },
    "software": "mriqc",
    "version": "23.0.1",
    "webapi_port": null,
    "webapi_url": "https://mriqc.nimh.nih.gov/api/v1"
  },
  "size_t": 260,
  "size_x": 64,
  "size_y": 64,
  "size_z": 40,
  "snr": 3.1171597822206114,
  "spacing_tr": 2.799999952316284,
  "spacing_x": 3.0,
  "spacing_y": 3.0,
  "spacing_z": 3.0,
  "summary_bg_k": 52.47430986317055,
  "summary_bg_mad": 10.77737918797343,
  "summary_bg_mean": 56.025779724121094,
  "summary_bg_median": 32.092308044433594,
  "summary_bg_n": 86757.0,
  "summary_bg_p05": 23.653846740722656,
  "summary_bg_p95": 160.33076782226556,
  "summary_bg_stdv": 71.39347076416016,
  "summary_fg_k": 0.8480490668839544,
  "summary_fg_mad": 167.99021510662902,
  "summary_fg_mean": 600.0659790039062,
  "summary_fg_median": 568.626953125,
  "summary_fg_n": 38325.0,
  "summary_fg_p05": 357.91998901367185,
  "summary_fg_p95": 945.15771484375,
  "summary_fg_stdv": 182.41590881347656,
  "tsnr": 50.0710998440627
}