{
  "bids_meta": {
    "AcquisitionDateTime": "2016-08-15T15:27:2.215000",
    "AcquisitionMatrixPE": 240,
    "AcquisitionNumber": 1,
    "AcquisitionTime": "15:27:2.215000",
    "BaseResolution": 256,
    "ConversionSoftware": "dcm2niix",
    "ConversionSoftwareVersion": "v1.0.20180622 (JP2:OpenJPEG) GCC6.1.0",
    "DeviceSerialNumber": "35437",
    "DwellTime": 4e-06,
    "EchoTime": 0.0022,
    "FlipAngle": 13,
    "ImageOrientationPatientDICOM": [
      0,
      0.866025,
      -0.5,
      0,
      -0.5,
      -0.866025
    ],
    "ImageType": [
      "ORIGINAL",
      "PRIMARY",
      "M",
      "ND"
    ],
    "InPlanePhaseEncodingDirectionDICOM": "ROW",
    "InstitutionAddress": "Queen_Square_12_London_Southeast_GB_WC1N_3BG",
    "InstitutionName": "FIL",
    "InstitutionalDepartmentName": "Department",
    "MRAcquisitionType": "3D",
    "MagneticFieldStrength": 3,
    "Manufacturer": "Siemens",
    "ManufacturersModelName": "TrioTim",
    "Modality": "MR",
    "PartialFourier": 0.75,
    "PatientID": "MQ03740",
    "PatientName": "MQ03740",
    "PatientPosition": "HFS",
    "PatientSex": "",
    "PercentPhaseFOV": 93.75,
    "PhaseEncodingSteps": 180,
    "PhaseResolution": 1,
    "PixelBandwidth": 488,
    "ProcedureStepDescription": "FIL_Johan_Carlin",
    "ProtocolName": "BasicT1_NoVBM_nw_mtflash3d_v3h",
    "PulseSequenceDetails": "%CustomerSeq%_nw_mtflash3d_v3h",
    "ReceiveCoilName": "32Ch_Head",
    "ReconMatrixPE": 256,
    "RepetitionTime": 2,
    "SAR": 0.210288,
    "ScanOptions": "PFP",
    "ScanningSequence": "RM",
    "SequenceName": "fl3d_3h3d1",
    "SequenceVariant": "SP",
    "SeriesDescription": "BasicT1_NoVBM_nw_mtflash3d_v3h",
    "SeriesInstanceUID": "1.3.12.2.1107.5.2.32.35437.2016081515270041395390803.0.0.0",
    "SeriesNumber": 10,
    "ShimSetting": [
      -12,
      -4015,
      356,
      302,
      -20,
      -172,
      231,
      123
    ],
    "SliceThickness": 1,
    "SoftwareVersions": "syngo_MR_B17",
    "StationName": "MRC35437",
    "StudyID": "1",
    "StudyInstanceUID": "1.3.12.2.1107.5.2.32.35437.30000016081511553850500000004",
    "TxRefAmp": 286.523,
    "dataset": "ds004009",
    "modality": "T1w",
    "subject_id": "15"
  },
  "cjv": 0.4819856851784432,
  "cnr": 2.8714635654625633,
  "efc": 0.5975093811308309,
  "fber": -1.0,
  "fwhm_avg": 5.13231,
  "fwhm_x": 5.142,
  "fwhm_y": 5.27456,
  "fwhm_z": 4.98037,
  "icvs_csf": 0.1413827240199401,
  "icvs_gm": 0.38627283541186297,
  "icvs_wm": 0.47234444056819697,
  "inu_med": 0.8460261821746826,
  "inu_range": 1.0854240328073503,
  "provenance": {
    "md5sum": "25d9db14739cc586f43f1bfb887651ca",
    "settings": {
      "testing": false
    },
    "software": "mriqc",
    "version": "23.0.1",
    "warnings": {
      "large_rot_frame": true,
      "small_air_mask": false
    },
    "webapi_port": null,
    "webapi_url": "https://mriqc.nimh.nih.gov/api/v1"
  },
  "qi_1": 0.0,
  "qi_2": 0.00378321593171403,
  "rpve_csf": 31.64525322878093,
  "rpve_gm": 11.73634907891022,
  "rpve_wm": 11.172035348670036,
  "size_x": 176,
  "size_y": 240,
  "size_z": 256,
  "snr_csf": 2.400752965197439,
  "snr_gm": 15.83407545221135,
  "snr_total": 12.83742792233244,
  "snr_wm": 20.27745534958853,
  "snrd_csf": 23.186191710337226,
  "snrd_gm": 52.67754290728741,
  "snrd_total": 47.35210344391931,
  "snrd_wm": 66.1925757141333,
  "spacing_x": 1.0,
  "spacing_y": 1.0,
  "spacing_z": 1.0,
  "summary_bg_k": 8.217068037703955,
  "summary_bg_mad": 0.0,
  "summary_bg_mean": 6.168729025572933,
  "summary_bg_median": 0.0,
  "summary_bg_n": 2322978.0,
  "summary_bg_p05": 0.0,
  "summary_bg_p95": 27.05544300377369,
  "summary_bg_stdv": 9.897430368684738,
  "summary_csf_k": 2.903475934263062,
  "summary_csf_mad": 136.49667350681707,
  "summary_csf_mean": 350.6234058952006,
  "summary_csf_median": 350.2838767133653,
  "summary_csf_n": 16186.0,
  "summary_csf_p05": 102.12378356605768,
  "summary_csf_p95": 586.7912045773119,
  "summary_csf_stdv": 145.90133222455145,
  "summary_gm_k": 0.12261819297918741,
  "summary_gm_mad": 49.36118760238912,
  "summary_gm_mean": 796.8373103395949,
  "summary_gm_median": 795.8225385099649,
  "summary_gm_n": 42426.0,
  "summary_gm_p05": 715.0241915602237,
  "summary_gm_p95": 880.9665783774108,
  "summary_gm_stdv": 50.25952806073385,
  "summary_wm_k": 0.07461801360557185,
  "summary_wm_mad": 49.0494327333214,
  "summary_wm_mean": 1003.8274310992548,
  "summary_wm_median": 1000.000013820827,
  "summary_wm_n": 250592.0,
  "summary_wm_p05": 929.6979171037674,
  "summary_wm_p95": 1091.1509227696795,
  "summary_wm_stdv": 49.31575492601997,
  "tpm_overlap_csf": 0.13618550358677312,
  "tpm_overlap_gm": 0.4430951603090054,
  "tpm_overlap_wm": 0.4734782456126781,
  "wm2max": 0.29119297887539547
}