{
  "aor": 0.008752192307692308,
  "aqi": 0.028390685384615384,
  "bids_meta": {
    "AcquisitionDateTime": "2016-07-13T10:27:7.327500",
    "AcquisitionMatrixPE": 64,
    "AcquisitionNumber": 1,
    "AcquisitionTime": "10:27:7.327500",
    "BaseResolution": 64,
    "ConversionSoftware": "dcm2niix",
    "ConversionSoftwareVersion": "v1.0.20180622 (JP2:OpenJPEG) GCC6.1.0",
    "DeviceSerialNumber": "35437",
    "DwellTime": 3.4e-06,
    "EchoTime": 0.03,
    "EffectiveEchoSpacing": 6.009615385e-05,
    "FlipAngle": 90,
    "ImageOrientationPatientDICOM": [
      1,
      0,
      0,
      0,
      0.866025,
      -0.5
    ],
    "ImageType": [
      "ORIGINAL",
      "PRIMARY",
      "M",
      "ND",
      "MOSAIC"
    ],
    "InPlanePhaseEncodingDirectionDICOM": "COL",
    "InstitutionAddress": "Queen_Square_12_London_Southeast_GB_WC1N_3BG",
    "InstitutionName": "FIL",
    "InstitutionalDepartmentName": "Department",
    "MRAcquisitionType": "2D",
    "MagneticFieldStrength": 3,
    "Manufacturer": "Siemens",
    "ManufacturersModelName": "TrioTim",
    "Modality": "MR",
    "PartialFourier": 1,
    "PatientID": "MQ03702",
    "PatientName": "MQ03702",
    "PatientPosition": "HFS",
    "PatientSex": "",
    "PercentPhaseFOV": 100,
    "PhaseEncodingDirection": "j-",
    "PhaseEncodingSteps": 74,
    "PhaseOversampling": 0.13,
    "PhaseResolution": 1,
    "PixelBandwidth": 2298,
    "ProcedureStepDescription": "FIL_Johan_Carlin",
    "ProtocolName": "al_mepi2d_3mm_v1a_standard",
    "PulseSequenceDetails": "%CustomerSeq%_al_mepi2d_3mm_v1a",
    "ReceiveCoilName": "32Ch_Head",
    "ReconMatrixPE": 64,
    "RepetitionTime": 2.8,
    "SAR": 0.196513,
    "ScanOptions": "FS",
    "ScanningSequence": "RM",
    "SequenceName": "alepi2d2d1",
    "SequenceVariant": "SP_OSP",
    "SeriesDescription": "al_mepi2d_3mm_v1a_standard",
    "SeriesInstanceUID": "1.3.12.2.1107.5.2.32.35437.2016071310261327076658799.0.0.0",
    "SeriesNumber": 9,
    "ShimSetting": [
      -7,
      -4033,
      367,
      606,
      -53,
      49,
      462,
      139
    ],
    "SliceThickness": 2.5,
    "SliceTiming": [
      0,
      0.07,
      0.1425,
      0.2125,
      0.2825,
      0.3525,
      0.4225,
      0.4925,
      0.5625,
      0.6325,
      0.7025,
      0.775,
      0.845,
      0.915,
      0.985,
      1.055,
      1.125,
      1.195,
      1.265,
      1.3375,
      1.4075,
      1.4775,
      1.5475,
      1.6175,
      1.6875,
      1.7575,
      1.8275,
      1.8975,
      1.97,
      2.04,
      2.11,
      2.18,
      2.25,
      2.32,
      2.39,
      2.46,
      2.53,
      2.6025,
      2.6725,
      2.7425
    ],
    "SoftwareVersions": "syngo_MR_B17",
    "SpacingBetweenSlices": 3,
    "StationName": "MRC35437",
    "StudyID": "1",
    "StudyInstanceUID": "1.3.12.2.1107.5.2.32.35437.30000016071307430286400000004",
    "TaskName": "motionLocaliser",
    "TxRefAmp": 305.963,
    "dataset": "ds004009",
    "modality": "bold",
    "subject_id": "04",
    "task_id": "motionLocaliser"
  },
  "dummy_trs": 2,
  "dvars_nstd": 45.153453922779946,
  "dvars_std": 0.832230787683398,
  "dvars_vstd": 0.8207081939382244,
  "efc": 0.6479355964171675,
  "fber": 166.2413787841797,
  "fd_mean": 0.33837227952186666,
  "fd_num": 72,
  "fd_perc": 27.692307692307693,
  "fwhm_avg": 2.661055555555555,
  "fwhm_x": 2.4904433333333333,
  "fwhm_y": 2.608283333333333,
  "fwhm_z": 2.88444,
  "gcor": 0.0344781,
  "gsr_x": -0.0001374723797198385,
  "gsr_y": 0.08020240068435669,
  "provenance": {
    "md5sum": "7dae3852d0c00c9efadc170b213d9165",
    "settings": {
      "fd_thres": 0.2,
      "testing": false
    },
    "software": "mriqc",
    "version": "23.0.1",
    "webapi_port": null,
    "webapi_url": "https://mriqc.nimh.nih.gov/api/v1"
  },
  "size_t": 260,
  "size_x": 64,
  "size_y": 64,
  "size_z": 40,
  "snr": 2.2751277369693668,
  "spacing_tr": 2.799999952316284,
  "spacing_x": 3.0,
  "spacing_y": 3.0,
  "spacing_z": 3.0,
  "summary_bg_k": 33.41796523578008,
  "summary_bg_mad": 19.148380232904245,
  "summary_bg_mean": 76.58070373535156,
  "summary_bg_median": 40.38461685180664,
  "summary_bg_n": 73582.0,
  "summary_bg_p05": 24.146346664428712,
  "summary_bg_p95": 272.04229736328125,
  "summary_bg_stdv": 94.9036865234375,
  "summary_fg_k": 3.1935474864965308,
  "summary_fg_mad": 193.67351142381025,
  "summary_fg_mean": 592.6801147460938,
  "summary_fg_median": 540.4019775390625,
  "summary_fg_n": 48782.0,
  "summary_fg_p05": 309.70924072265626,
  "summary_fg_p95": 1045.3375366210937,
  "summary_fg_stdv": 237.5235595703125,
  "tsnr": 19.076726552448235
}