{
  "aor": 0.009772461538461537,
  "aqi": 0.016570477192307694,
  "bids_meta": {
    "AcquisitionDateTime": "2016-07-13T10:13:53.365000",
    "AcquisitionMatrixPE": 64,
    "AcquisitionNumber": 1,
    "AcquisitionTime": "10:13:53.365000",
    "BaseResolution": 64,
    "ConversionSoftware": "dcm2niix",
    "ConversionSoftwareVersion": "v1.0.20180622 (JP2:OpenJPEG) GCC6.1.0",
    "DeviceSerialNumber": "35437",
    "DwellTime": 3.4e-06,
    "EchoTime": 0.03,
    "EffectiveEchoSpacing": 6.009615385e-05,
    "FlipAngle": 90,
    "ImageOrientationPatientDICOM": [
      1,
      0,
      0,
      0,
      0.866025,
      -0.5
    ],
    "ImageType": [
      "ORIGINAL",
      "PRIMARY",
      "M",
      "ND",
      "MOSAIC"
    ],
    "InPlanePhaseEncodingDirectionDICOM": "COL",
    "InstitutionAddress": "Queen_Square_12_London_Southeast_GB_WC1N_3BG",
    "InstitutionName": "FIL",
    "InstitutionalDepartmentName": "Department",
    "MRAcquisitionType": "2D",
    "MagneticFieldStrength": 3,
    "Manufacturer": "Siemens",
    "ManufacturersModelName": "TrioTim",
    "Modality": "MR",
    "PartialFourier": 1,
    "PatientID": "MQ03702",
    "PatientName": "MQ03702",
    "PatientPosition": "HFS",
    "PatientSex": "",
    "PercentPhaseFOV": 100,
    "PhaseEncodingDirection": "j-",
    "PhaseEncodingSteps": 74,
    "PhaseOversampling": 0.13,
    "PhaseResolution": 1,
    "PixelBandwidth": 2298,
    "ProcedureStepDescription": "FIL_Johan_Carlin",
    "ProtocolName": "al_mepi2d_3mm_v1a_standard",
    "PulseSequenceDetails": "%CustomerSeq%_al_mepi2d_3mm_v1a",
    "ReceiveCoilName": "32Ch_Head",
    "ReconMatrixPE": 64,
    "RepetitionTime": 2.8,
    "SAR": 0.196513,
    "ScanOptions": "FS",
    "ScanningSequence": "RM",
    "SequenceName": "alepi2d2d1",
    "SequenceVariant": "SP_OSP",
    "SeriesDescription": "al_mepi2d_3mm_v1a_standard",
    "SeriesInstanceUID": "1.3.12.2.1107.5.2.32.35437.2016071310124585369126829.0.0.0",
    "SeriesNumber": 8,
    "ShimSetting": [
      -7,
      -4033,
      367,
      606,
      -53,
      49,
      462,
      139
    ],
    "SliceThickness": 2.5,
    "SliceTiming": [
      0,
      0.07,
      0.14,
      0.21,
      0.28,
      0.35,
      0.4225,
      0.4925,
      0.5625,
      0.6325,
      0.7025,
      0.7725,
      0.8425,
      0.9125,
      0.9825,
      1.055,
      1.125,
      1.195,
      1.265,
      1.335,
      1.405,
      1.475,
      1.545,
      1.615,
      1.6875,
      1.7575,
      1.8275,
      1.8975,
      1.9675,
      2.0375,
      2.1075,
      2.1775,
      2.2475,
      2.32,
      2.39,
      2.46,
      2.53,
      2.6,
      2.67,
      2.74
    ],
    "SoftwareVersions": "syngo_MR_B17",
    "SpacingBetweenSlices": 3,
    "StationName": "MRC35437",
    "StudyID": "1",
    "StudyInstanceUID": "1.3.12.2.1107.5.2.32.35437.30000016071307430286400000004",
    "TaskName": "exemplarLocaliser",
    "TxRefAmp": 305.963,
    "dataset": "ds004009",
    "modality": "bold",
    "subject_id": "04",
    "task_id": "exemplarLocaliser"
  },
  "dummy_trs": 2,
  "dvars_nstd": 30.578654653783786,
  "dvars_std": 0.918816951003861,
  "dvars_vstd": 0.920431414517374,
  "efc": 0.6488100912906822,
  "fber": 163.95712280273438,
  "fd_mean": 0.171690053846862,
  "fd_num": 33,
  "fd_perc": 12.692307692307692,
  "fwhm_avg": 2.6213522222222223,
  "fwhm_x": 2.4661033333333333,
  "fwhm_y": 2.5529033333333335,
  "fwhm_z": 2.84505,
  "gcor": 0.0177834,
  "gsr_x": -0.010667822323739529,
  "gsr_y": 0.08303043246269226,
  "provenance": {
    "md5sum": "62b5c60b99bd49b1b22cc0a2683cca3c",
    "settings": {
      "fd_thres": 0.2,
      "testing": false
    },
    "software": "mriqc",
    "version": "23.0.1",
    "webapi_port": null,
    "webapi_url": "https://mriqc.nimh.nih.gov/api/v1"
  },
  "size_t": 260,
  "size_x": 64,
  "size_y": 64,
  "size_z": 40,
  "snr": 2.2381109052760846,
  "spacing_tr": 2.799999952316284,
  "spacing_x": 3.0,
  "spacing_y": 3.0,
  "spacing_z": 3.0,
  "summary_bg_k": 42.67831859582885,
  "summary_bg_mad": 19.005820369543795,
  "summary_bg_mean": 77.81062316894531,
  "summary_bg_median": 40.230770111083984,
  "summary_bg_n": 73384.0,
  "summary_bg_p05": 24.3698073387146,
  "summary_bg_p95": 278.5736618041986,
  "summary_bg_stdv": 100.19230651855469,
  "summary_fg_k": 3.3627591161334704,
  "summary_fg_mad": 196.61591216458956,
  "summary_fg_mean": 595.05322265625,
  "summary_fg_median": 541.326904296875,
  "summary_fg_n": 49079.0,
  "summary_fg_p05": 307.0292236328125,
  "summary_fg_p95": 1057.642333984375,
  "summary_fg_stdv": 241.8653106689453,
  "tsnr": 27.016840281779878
}