{
  "aor": 0.0053482945736434105,
  "aqi": 0.011285525697674418,
  "bids_meta": {
    "AcquisitionDateTime": "2016-07-13T09:47:14.240000",
    "AcquisitionMatrixPE": 64,
    "AcquisitionNumber": 1,
    "AcquisitionTime": "09:47:14.240000",
    "BaseResolution": 64,
    "ConversionSoftware": "dcm2niix",
    "ConversionSoftwareVersion": "v1.0.20180622 (JP2:OpenJPEG) GCC6.1.0",
    "DeviceSerialNumber": "35437",
    "DwellTime": 3.4e-06,
    "EchoTime": 0.03,
    "EffectiveEchoSpacing": 6.009615385e-05,
    "FlipAngle": 90,
    "ImageOrientationPatientDICOM": [
      1,
      0,
      0,
      0,
      0.866025,
      -0.5
    ],
    "ImageType": [
      "ORIGINAL",
      "PRIMARY",
      "M",
      "ND",
      "MOSAIC"
    ],
    "InPlanePhaseEncodingDirectionDICOM": "COL",
    "InstitutionAddress": "Queen_Square_12_London_Southeast_GB_WC1N_3BG",
    "InstitutionName": "FIL",
    "InstitutionalDepartmentName": "Department",
    "MRAcquisitionType": "2D",
    "MagneticFieldStrength": 3,
    "Manufacturer": "Siemens",
    "ManufacturersModelName": "TrioTim",
    "Modality": "MR",
    "PartialFourier": 1,
    "PatientID": "MQ03702",
    "PatientName": "MQ03702",
    "PatientPosition": "HFS",
    "PatientSex": "",
    "PercentPhaseFOV": 100,
    "PhaseEncodingDirection": "j-",
    "PhaseEncodingSteps": 74,
    "PhaseOversampling": 0.13,
    "PhaseResolution": 1,
    "PixelBandwidth": 2298,
    "ProcedureStepDescription": "FIL_Johan_Carlin",
    "ProtocolName": "al_mepi2d_3mm_v1a_standard",
    "PulseSequenceDetails": "%CustomerSeq%_al_mepi2d_3mm_v1a",
    "ReceiveCoilName": "32Ch_Head",
    "ReconMatrixPE": 64,
    "RepetitionTime": 2.8,
    "SAR": 0.196513,
    "ScanOptions": "FS",
    "ScanningSequence": "RM",
    "SequenceName": "alepi2d2d1",
    "SequenceVariant": "SP_OSP",
    "SeriesDescription": "al_mepi2d_3mm_v1a_standard",
    "SeriesInstanceUID": "1.3.12.2.1107.5.2.32.35437.2016071309460237679162889.0.0.0",
    "SeriesNumber": 6,
    "ShimSetting": [
      -7,
      -4033,
      367,
      606,
      -53,
      49,
      462,
      139
    ],
    "SliceThickness": 2.5,
    "SliceTiming": [
      0,
      0.0725,
      0.1425,
      0.2125,
      0.2825,
      0.3525,
      0.4225,
      0.4925,
      0.5625,
      0.6325,
      0.705,
      0.775,
      0.845,
      0.915,
      0.985,
      1.055,
      1.125,
      1.195,
      1.265,
      1.3375,
      1.4075,
      1.4775,
      1.5475,
      1.6175,
      1.6875,
      1.7575,
      1.8275,
      1.8975,
      1.97,
      2.04,
      2.11,
      2.18,
      2.25,
      2.32,
      2.39,
      2.46,
      2.53,
      2.6025,
      2.6725,
      2.7425
    ],
    "SoftwareVersions": "syngo_MR_B17",
    "SpacingBetweenSlices": 3,
    "StationName": "MRC35437",
    "StudyID": "1",
    "StudyInstanceUID": "1.3.12.2.1107.5.2.32.35437.30000016071307430286400000004",
    "TaskName": "memsamp",
    "TxRefAmp": 305.963,
    "dataset": "ds004009",
    "modality": "bold",
    "run_id": 2,
    "subject_id": "04",
    "task_id": "memsamp"
  },
  "dummy_trs": 4,
  "dvars_nstd": 22.414597478132293,
  "dvars_std": 0.9099193189494168,
  "dvars_vstd": 0.8759405985214008,
  "efc": 0.6450896702008094,
  "fber": 175.37062072753906,
  "fd_mean": 0.07601667349964658,
  "fd_num": 10,
  "fd_perc": 3.875968992248062,
  "fwhm_avg": 2.564223333333333,
  "fwhm_x": 2.418693333333333,
  "fwhm_y": 2.49297,
  "fwhm_z": 2.7810066666666664,
  "gcor": 0.0123049,
  "gsr_x": -0.008094649761915207,
  "gsr_y": 0.08329024910926819,
  "provenance": {
    "md5sum": "78dabbe335b71b7184e15dbf41049751",
    "settings": {
      "fd_thres": 0.2,
      "testing": false
    },
    "software": "mriqc",
    "version": "23.0.1",
    "webapi_port": null,
    "webapi_url": "https://mriqc.nimh.nih.gov/api/v1"
  },
  "size_t": 258,
  "size_x": 64,
  "size_y": 64,
  "size_z": 40,
  "snr": 2.2786210061559937,
  "spacing_tr": 2.799999952316284,
  "spacing_x": 3.0,
  "spacing_y": 3.0,
  "spacing_z": 3.0,
  "summary_bg_k": 27.077634324403025,
  "summary_bg_mad": 17.15911121658548,
  "summary_bg_mean": 76.75284576416016,
  "summary_bg_median": 39.17829513549805,
  "summary_bg_n": 74830.0,
  "summary_bg_p05": 26.279069900512695,
  "summary_bg_p95": 277.23333587646533,
  "summary_bg_stdv": 93.82483673095703,
  "summary_fg_k": 3.3389364787976135,
  "summary_fg_mad": 196.14022434646643,
  "summary_fg_mean": 602.7020263671875,
  "summary_fg_median": 548.653076171875,
  "summary_fg_n": 47796.0,
  "summary_fg_p05": 318.4312057495117,
  "summary_fg_p95": 1065.6279602050781,
  "summary_fg_stdv": 240.78042602539062,
  "tsnr": 37.25306850671768
}