{
  "aor": 0.0033819999999999996,
  "aqi": 0.007459214384615384,
  "bids_meta": {
    "AcquisitionDateTime": "2016-06-17T15:14:33.802500",
    "AcquisitionMatrixPE": 64,
    "AcquisitionNumber": 1,
    "AcquisitionTime": "15:14:33.802500",
    "BaseResolution": 64,
    "ConversionSoftware": "dcm2niix",
    "ConversionSoftwareVersion": "v1.0.20180622 (JP2:OpenJPEG) GCC6.1.0",
    "DeviceSerialNumber": "35437",
    "DwellTime": 3.4e-06,
    "EchoTime": 0.03,
    "EffectiveEchoSpacing": 6.009615385e-05,
    "FlipAngle": 90,
    "ImageOrientationPatientDICOM": [
      1,
      0,
      0,
      0,
      0.866025,
      -0.5
    ],
    "ImageType": [
      "ORIGINAL",
      "PRIMARY",
      "M",
      "ND",
      "MOSAIC"
    ],
    "InPlanePhaseEncodingDirectionDICOM": "COL",
    "InstitutionAddress": "Queen_Square_12_London_Southeast_GB_WC1N_3BG",
    "InstitutionName": "FIL",
    "InstitutionalDepartmentName": "Department",
    "MRAcquisitionType": "2D",
    "MagneticFieldStrength": 3,
    "Manufacturer": "Siemens",
    "ManufacturersModelName": "TrioTim",
    "Modality": "MR",
    "PartialFourier": 1,
    "PatientID": "MQ03665",
    "PatientName": "MQ03665",
    "PatientPosition": "HFS",
    "PatientSex": "",
    "PercentPhaseFOV": 100,
    "PhaseEncodingDirection": "j-",
    "PhaseEncodingSteps": 74,
    "PhaseOversampling": 0.13,
    "PhaseResolution": 1,
    "PixelBandwidth": 2298,
    "ProcedureStepDescription": "FIL_Johan_Carlin",
    "ProtocolName": "al_mepi2d_3mm_v1a_standard",
    "PulseSequenceDetails": "%CustomerSeq%_al_mepi2d_3mm_v1a",
    "ReceiveCoilName": "32Ch_Head",
    "ReconMatrixPE": 64,
    "RepetitionTime": 2.8,
    "SAR": 0.183405,
    "ScanOptions": "FS",
    "ScanningSequence": "RM",
    "SequenceName": "alepi2d2d1",
    "SequenceVariant": "SP_OSP",
    "SeriesDescription": "al_mepi2d_3mm_v1a_standard",
    "SeriesInstanceUID": "1.3.12.2.1107.5.2.32.35437.2016061715125077205065999.0.0.0",
    "SeriesNumber": 7,
    "ShimSetting": [
      40,
      -3876,
      385,
      536,
      94,
      452,
      -30,
      18
    ],
    "SliceThickness": 2.5,
    "SliceTiming": [
      0,
      0.07,
      0.1425,
      0.2125,
      0.2825,
      0.3525,
      0.4225,
      0.4925,
      0.5625,
      0.6325,
      0.705,
      0.775,
      0.845,
      0.915,
      0.985,
      1.055,
      1.125,
      1.195,
      1.265,
      1.3375,
      1.4075,
      1.4775,
      1.5475,
      1.6175,
      1.6875,
      1.7575,
      1.8275,
      1.8975,
      1.97,
      2.04,
      2.11,
      2.18,
      2.25,
      2.32,
      2.39,
      2.46,
      2.53,
      2.6025,
      2.6725,
      2.7425
    ],
    "SoftwareVersions": "syngo_MR_B17",
    "SpacingBetweenSlices": 3,
    "StationName": "MRC35437",
    "StudyID": "1",
    "StudyInstanceUID": "1.3.12.2.1107.5.2.32.35437.30000016061709460729600000007",
    "TaskName": "memsamp",
    "TxRefAmp": 302.411,
    "dataset": "ds004009",
    "modality": "bold",
    "run_id": 2,
    "subject_id": "13",
    "task_id": "memsamp"
  },
  "dummy_trs": 2,
  "dvars_nstd": 42.36655679332048,
  "dvars_std": 1.206867193204633,
  "dvars_vstd": 0.9867915237837839,
  "efc": 0.6003236004546936,
  "fber": 315.47698974609375,
  "fd_mean": 0.37398202864666075,
  "fd_num": 189,
  "fd_perc": 72.6923076923077,
  "fwhm_avg": 2.4410866666666666,
  "fwhm_x": 2.3421933333333333,
  "fwhm_y": 2.4361266666666666,
  "fwhm_z": 2.54494,
  "gcor": 0.0287781,
  "gsr_x": -0.011062227189540863,
  "gsr_y": 0.05953036993741989,
  "provenance": {
    "md5sum": "f42d252478cef3d01d8a3a101970ffc5",
    "settings": {
      "fd_thres": 0.2,
      "testing": false
    },
    "software": "mriqc",
    "version": "23.0.1",
    "webapi_port": null,
    "webapi_url": "https://mriqc.nimh.nih.gov/api/v1"
  },
  "size_t": 260,
  "size_x": 64,
  "size_y": 64,
  "size_z": 40,
  "snr": 2.8024289388900825,
  "spacing_tr": 2.799999952316284,
  "spacing_x": 3.0,
  "spacing_y": 3.0,
  "spacing_z": 3.0,
  "summary_bg_k": 66.93160886412203,
  "summary_bg_mad": 8.639009515959843,
  "summary_bg_mean": 55.166664123535156,
  "summary_bg_median": 31.157691955566406,
  "summary_bg_n": 84632.0,
  "summary_bg_p05": 24.63846206665039,
  "summary_bg_p95": 174.02095642089841,
  "summary_bg_stdv": 72.36062622070312,
  "summary_fg_k": 1.2755640215943895,
  "summary_fg_mad": 185.35378193349013,
  "summary_fg_mean": 608.2146606445312,
  "summary_fg_median": 570.576904296875,
  "summary_fg_n": 40415.0,
  "summary_fg_p05": 352.1980804443359,
  "summary_fg_p95": 998.6980895996088,
  "summary_fg_stdv": 203.59832763671875,
  "tsnr": 42.319601599592716
}