{
  "bids_meta": {
    "AcquisitionDateTime": "2016-09-28T11:32:31.167500",
    "AcquisitionMatrixPE": 240,
    "AcquisitionNumber": 1,
    "AcquisitionTime": "11:32:31.167500",
    "BaseResolution": 256,
    "ConversionSoftware": "dcm2niix",
    "ConversionSoftwareVersion": "v1.0.20180622 (JP2:OpenJPEG) GCC6.1.0",
    "DeviceSerialNumber": "35437",
    "DwellTime": 4e-06,
    "EchoTime": 0.0022,
    "FlipAngle": 13,
    "ImageOrientationPatientDICOM": [
      0,
      0.866025,
      -0.5,
      0,
      -0.5,
      -0.866025
    ],
    "ImageType": [
      "ORIGINAL",
      "PRIMARY",
      "M",
      "ND"
    ],
    "InPlanePhaseEncodingDirectionDICOM": "ROW",
    "InstitutionAddress": "Queen_Square_12_London_Southeast_GB_WC1N_3BG",
    "InstitutionName": "WTCN",
    "InstitutionalDepartmentName": "Department",
    "MRAcquisitionType": "3D",
    "MagneticFieldStrength": 3,
    "Manufacturer": "Siemens",
    "ManufacturersModelName": "TrioTim",
    "Modality": "MR",
    "PartialFourier": 0.75,
    "PatientID": "MQ03794",
    "PatientName": "MQ03794",
    "PatientPosition": "HFS",
    "PatientSex": "",
    "PercentPhaseFOV": 93.75,
    "PhaseEncodingSteps": 180,
    "PhaseResolution": 1,
    "PixelBandwidth": 488,
    "ProcedureStepDescription": "FIL_Johan_Carlin",
    "ProtocolName": "BasicT1_NoVBM_nw_mtflash3d_v3h",
    "PulseSequenceDetails": "%CustomerSeq%_nw_mtflash3d_v3h",
    "ReceiveCoilName": "32Ch_Head",
    "ReconMatrixPE": 256,
    "RepetitionTime": 2,
    "SAR": 0.219424,
    "ScanOptions": "PFP",
    "ScanningSequence": "RM",
    "SequenceName": "fl3d_3h3d1",
    "SequenceVariant": "SP",
    "SeriesDescription": "BasicT1_NoVBM_nw_mtflash3d_v3h",
    "SeriesInstanceUID": "1.3.12.2.1107.5.2.32.35437.2016092811322228353490798.0.0.0",
    "SeriesNumber": 10,
    "ShimSetting": [
      36,
      -3851,
      201,
      319,
      12,
      71,
      176,
      67
    ],
    "SliceThickness": 1,
    "SoftwareVersions": "syngo_MR_B17",
    "StationName": "MRC35437",
    "StudyID": "1",
    "StudyInstanceUID": "1.3.12.2.1107.5.2.32.35437.30000016092808002314900000004",
    "TxRefAmp": 311.573,
    "dataset": "ds004009",
    "modality": "T1w",
    "subject_id": "08"
  },
  "cjv": 0.4931316194596783,
  "cnr": 2.848634515142953,
  "efc": 0.563819788100845,
  "fber": -1.0,
  "fwhm_avg": 5.362113333333333,
  "fwhm_x": 5.50338,
  "fwhm_y": 5.59262,
  "fwhm_z": 4.99034,
  "icvs_csf": 0.12018945447267032,
  "icvs_gm": 0.3913467382650547,
  "icvs_wm": 0.48846380726227495,
  "inu_med": 0.8046126365661621,
  "inu_range": 0.911186392605304,
  "provenance": {
    "md5sum": "cfc0fd1e38febe5add5c3814ce1eb027",
    "settings": {
      "testing": false
    },
    "software": "mriqc",
    "version": "23.0.1",
    "warnings": {
      "large_rot_frame": true,
      "small_air_mask": false
    },
    "webapi_port": null,
    "webapi_url": "https://mriqc.nimh.nih.gov/api/v1"
  },
  "qi_1": 0.0,
  "qi_2": 0.008683507167214716,
  "rpve_csf": 38.640751709654836,
  "rpve_gm": 12.396894375231367,
  "rpve_wm": 11.681076547394907,
  "size_x": 176,
  "size_y": 240,
  "size_z": 256,
  "snr_csf": 2.4004123658222434,
  "snr_gm": 15.865701213239934,
  "snr_total": 12.925448711637523,
  "snr_wm": 20.510232555850397,
  "snrd_csf": 26.907503314370913,
  "snrd_gm": 66.89125274585075,
  "snrd_total": 59.16982416910457,
  "snrd_wm": 83.71071644709207,
  "spacing_x": 1.0,
  "spacing_y": 1.0,
  "spacing_z": 1.0,
  "summary_bg_k": 5.0896183531337815,
  "summary_bg_mad": 0.0,
  "summary_bg_mean": 5.2411992891942445,
  "summary_bg_median": 0.0,
  "summary_bg_n": 2024532.0,
  "summary_bg_p05": 0.0,
  "summary_bg_p95": 21.08237387239933,
  "summary_bg_stdv": 7.826620534131799,
  "summary_csf_k": 7.75903752364769,
  "summary_csf_mad": 92.56194237499167,
  "summary_csf_mean": 339.33031195326583,
  "summary_csf_median": 321.45186553895473,
  "summary_csf_n": 13001.0,
  "summary_csf_p05": 132.6342129446566,
  "summary_csf_p95": 568.0830382369459,
  "summary_csf_stdv": 133.91011781794128,
  "summary_gm_k": 0.029102517464349997,
  "summary_gm_mad": 50.10750927523483,
  "summary_gm_mean": 800.6323214029627,
  "summary_gm_median": 799.1197745911777,
  "summary_gm_n": 29303.0,
  "summary_gm_p05": 720.5498967058957,
  "summary_gm_p95": 885.8400547467172,
  "summary_gm_stdv": 50.36689701101204,
  "summary_wm_k": -0.028369752607028786,
  "summary_wm_mad": 48.97968752305913,
  "summary_wm_mean": 1003.706838873047,
  "summary_wm_median": 1000.0543585605919,
  "summary_wm_n": 230424.0,
  "summary_wm_p05": 930.1239070817828,
  "summary_wm_p95": 1090.1434716545045,
  "summary_wm_stdv": 48.75869572927734,
  "tpm_overlap_csf": 0.1365388315769351,
  "tpm_overlap_gm": 0.42440424358716494,
  "tpm_overlap_wm": 0.45827644598527456,
  "wm2max": 0.3641021583018457
}