{
  "bids_meta": {
    "AcquisitionDateTime": "2016-09-14T12:29:50.200000",
    "AcquisitionMatrixPE": 240,
    "AcquisitionNumber": 1,
    "AcquisitionTime": "12:29:50.200000",
    "BaseResolution": 256,
    "ConversionSoftware": "dcm2niix",
    "ConversionSoftwareVersion": "v1.0.20180622 (JP2:OpenJPEG) GCC6.1.0",
    "DeviceSerialNumber": "35437",
    "DwellTime": 4e-06,
    "EchoTime": 0.0022,
    "FlipAngle": 13,
    "ImageOrientationPatientDICOM": [
      0,
      0.866025,
      -0.5,
      0,
      -0.5,
      -0.866025
    ],
    "ImageType": [
      "ORIGINAL",
      "PRIMARY",
      "M",
      "ND"
    ],
    "InPlanePhaseEncodingDirectionDICOM": "ROW",
    "InstitutionAddress": "Queen_Square_12_London_Southeast_GB_WC1N_3BG",
    "InstitutionName": "WTCN",
    "InstitutionalDepartmentName": "Department",
    "MRAcquisitionType": "3D",
    "MagneticFieldStrength": 3,
    "Manufacturer": "Siemens",
    "ManufacturersModelName": "TrioTim",
    "Modality": "MR",
    "PartialFourier": 0.75,
    "PatientID": "MQ03775",
    "PatientName": "MQ03775",
    "PatientPosition": "HFS",
    "PatientSex": "",
    "PercentPhaseFOV": 93.75,
    "PhaseEncodingSteps": 180,
    "PhaseResolution": 1,
    "PixelBandwidth": 488,
    "ProcedureStepDescription": "FIL_Johan_Carlin",
    "ProtocolName": "BasicT1_NoVBM_nw_mtflash3d_v3h",
    "PulseSequenceDetails": "%CustomerSeq%_nw_mtflash3d_v3h",
    "ReceiveCoilName": "32Ch_Head",
    "ReconMatrixPE": 256,
    "RepetitionTime": 2,
    "SAR": 0.206864,
    "ScanOptions": "PFP",
    "ScanningSequence": "RM",
    "SequenceName": "fl3d_3h3d1",
    "SequenceVariant": "SP",
    "SeriesDescription": "BasicT1_NoVBM_nw_mtflash3d_v3h",
    "SeriesInstanceUID": "1.3.12.2.1107.5.2.32.35437.2016091412294849365105374.0.0.0",
    "SeriesNumber": 10,
    "ShimSetting": [
      35,
      -4101,
      324,
      710,
      -6,
      -748,
      -193,
      99
    ],
    "SliceThickness": 1,
    "SoftwareVersions": "syngo_MR_B17",
    "StationName": "MRC35437",
    "StudyID": "1",
    "StudyInstanceUID": "1.3.12.2.1107.5.2.32.35437.30000016091409230943000000004",
    "TxRefAmp": 289.232,
    "dataset": "ds004009",
    "modality": "T1w",
    "subject_id": "17"
  },
  "cjv": 0.49866425774158796,
  "cnr": 2.81998586472571,
  "efc": 0.538144526693776,
  "fber": -1.0,
  "fwhm_avg": 4.8270599999999995,
  "fwhm_x": 4.99195,
  "fwhm_y": 4.68233,
  "fwhm_z": 4.8069,
  "icvs_csf": 0.18211696432368776,
  "icvs_gm": 0.3583537397379581,
  "icvs_wm": 0.4595292959383541,
  "inu_med": 0.9370840787887573,
  "inu_range": 0.8864349007606505,
  "provenance": {
    "md5sum": "d869834e28b3f19b1b9b84592a5d9dd9",
    "settings": {
      "testing": false
    },
    "software": "mriqc",
    "version": "23.0.1",
    "warnings": {
      "large_rot_frame": true,
      "small_air_mask": false
    },
    "webapi_port": null,
    "webapi_url": "https://mriqc.nimh.nih.gov/api/v1"
  },
  "qi_1": 0.0,
  "qi_2": 0.007326610037297383,
  "rpve_csf": 30.335207724673158,
  "rpve_gm": 14.549100977625423,
  "rpve_wm": 13.812514503179097,
  "size_x": 176,
  "size_y": 240,
  "size_z": 256,
  "snr_csf": 3.1817584318084884,
  "snr_gm": 15.381721984743558,
  "snr_total": 12.515959416966048,
  "snr_wm": 18.984397834346094,
  "snrd_csf": 24.47358841507199,
  "snrd_gm": 51.74019663307815,
  "snrd_total": 47.22052274393292,
  "snrd_wm": 65.44778318364861,
  "spacing_x": 1.0,
  "spacing_y": 1.0,
  "spacing_z": 1.0,
  "summary_bg_k": 6.0402211784385,
  "summary_bg_mad": 0.0,
  "summary_bg_mean": 5.756160574173093,
  "summary_bg_median": 0.0,
  "summary_bg_n": 2544461.0,
  "summary_bg_p05": 0.0,
  "summary_bg_p95": 28.526029735803604,
  "summary_bg_stdv": 10.010062736293676,
  "summary_csf_k": 1.5125263631436914,
  "summary_csf_mad": 112.40673867745919,
  "summary_csf_mean": 377.2932091574662,
  "summary_csf_median": 373.9406868815422,
  "summary_csf_n": 29899.0,
  "summary_csf_p05": 194.30236540734768,
  "summary_csf_p95": 565.2315510064362,
  "summary_csf_stdv": 117.52445744877762,
  "summary_gm_k": 0.12844602396409277,
  "summary_gm_mad": 51.60389200761599,
  "summary_gm_mean": 791.8095614990862,
  "summary_gm_median": 790.5569195747375,
  "summary_gm_n": 14577.0,
  "summary_gm_p05": 708.8377892971039,
  "summary_gm_p95": 876.3014736771582,
  "summary_gm_stdv": 51.39410290400115,
  "summary_wm_k": 0.01115590798701227,
  "summary_wm_mad": 52.837898120841594,
  "summary_wm_mean": 1002.9414222826352,
  "summary_wm_median": 1000.0000238418579,
  "summary_wm_n": 179666.0,
  "summary_wm_p05": 921.534525603056,
  "summary_wm_p95": 1094.582350552082,
  "summary_wm_stdv": 52.674688426886455,
  "tpm_overlap_csf": 0.17541738790038613,
  "tpm_overlap_gm": 0.4165779398910962,
  "tpm_overlap_wm": 0.47303121738423104,
  "wm2max": 0.2562318842715184
}