{
  "aor": 0.0029576923076923083,
  "aqi": 0.011416714423076924,
  "bids_meta": {
    "AcquisitionDateTime": "2016-09-12T11:17:27.650000",
    "AcquisitionMatrixPE": 64,
    "AcquisitionNumber": 1,
    "AcquisitionTime": "11:17:27.650000",
    "BaseResolution": 64,
    "ConversionSoftware": "dcm2niix",
    "ConversionSoftwareVersion": "v1.0.20180622 (JP2:OpenJPEG) GCC6.1.0",
    "DeviceSerialNumber": "35437",
    "DwellTime": 3.4e-06,
    "EchoTime": 0.03,
    "EffectiveEchoSpacing": 6.009615385e-05,
    "FlipAngle": 90,
    "ImageOrientationPatientDICOM": [
      1,
      0,
      0,
      0,
      0.866025,
      -0.5
    ],
    "ImageType": [
      "ORIGINAL",
      "PRIMARY",
      "M",
      "ND",
      "MOSAIC"
    ],
    "InPlanePhaseEncodingDirectionDICOM": "COL",
    "InstitutionAddress": "Queen_Square_12_London_Southeast_GB_WC1N_3BG",
    "InstitutionName": "WTCN",
    "InstitutionalDepartmentName": "Department",
    "MRAcquisitionType": "2D",
    "MagneticFieldStrength": 3,
    "Manufacturer": "Siemens",
    "ManufacturersModelName": "TrioTim",
    "Modality": "MR",
    "PartialFourier": 1,
    "PatientID": "MQ03773",
    "PatientName": "MQ03773",
    "PatientPosition": "HFS",
    "PatientSex": "",
    "PercentPhaseFOV": 100,
    "PhaseEncodingDirection": "j-",
    "PhaseEncodingSteps": 74,
    "PhaseOversampling": 0.13,
    "PhaseResolution": 1,
    "PixelBandwidth": 2298,
    "ProcedureStepDescription": "FIL_Johan_Carlin",
    "ProtocolName": "al_mepi2d_3mm_v1a_standard",
    "PulseSequenceDetails": "%CustomerSeq%_al_mepi2d_3mm_v1a",
    "ReceiveCoilName": "32Ch_Head",
    "ReconMatrixPE": 64,
    "RepetitionTime": 2.8,
    "SAR": 0.180717,
    "ScanOptions": "FS",
    "ScanningSequence": "RM",
    "SequenceName": "alepi2d2d1",
    "SequenceVariant": "SP_OSP",
    "SeriesDescription": "al_mepi2d_3mm_v1a_standard",
    "SeriesInstanceUID": "1.3.12.2.1107.5.2.32.35437.201609121116219677758823.0.0.0",
    "SeriesNumber": 9,
    "ShimSetting": [
      20,
      -3966,
      415,
      746,
      -48,
      538,
      40,
      136
    ],
    "SliceThickness": 2.5,
    "SliceTiming": [
      0,
      0.07,
      0.1425,
      0.2125,
      0.2825,
      0.3525,
      0.4225,
      0.4925,
      0.5625,
      0.6325,
      0.7025,
      0.775,
      0.845,
      0.915,
      0.985,
      1.055,
      1.125,
      1.195,
      1.265,
      1.335,
      1.4075,
      1.4775,
      1.5475,
      1.6175,
      1.6875,
      1.7575,
      1.8275,
      1.8975,
      1.9675,
      2.04,
      2.11,
      2.18,
      2.25,
      2.32,
      2.39,
      2.46,
      2.53,
      2.6025,
      2.6725,
      2.7425
    ],
    "SoftwareVersions": "syngo_MR_B17",
    "SpacingBetweenSlices": 3,
    "StationName": "MRC35437",
    "StudyID": "1",
    "StudyInstanceUID": "1.3.12.2.1107.5.2.32.35437.30000016091208051033500000004",
    "TaskName": "exemplarLocaliser",
    "TxRefAmp": 306.471,
    "dataset": "ds004009",
    "modality": "bold",
    "subject_id": "18",
    "task_id": "exemplarLocaliser"
  },
  "dummy_trs": 2,
  "dvars_nstd": 26.75564639247105,
  "dvars_std": 0.9944780830115822,
  "dvars_vstd": 0.9014496503088802,
  "efc": 0.5856833466077314,
  "fber": 328.00494384765625,
  "fd_mean": 0.15576854025930909,
  "fd_num": 44,
  "fd_perc": 16.923076923076923,
  "fwhm_avg": 2.328872222222222,
  "fwhm_x": 2.2526366666666666,
  "fwhm_y": 2.3170966666666666,
  "fwhm_z": 2.4168833333333333,
  "gcor": 0.0085544,
  "gsr_x": -0.0014613635139539838,
  "gsr_y": 0.0346611812710762,
  "provenance": {
    "md5sum": "717180dfcae2270674a4ff89053dc9ae",
    "settings": {
      "fd_thres": 0.2,
      "testing": false
    },
    "software": "mriqc",
    "version": "23.0.1",
    "webapi_port": null,
    "webapi_url": "https://mriqc.nimh.nih.gov/api/v1"
  },
  "size_t": 260,
  "size_x": 64,
  "size_y": 64,
  "size_z": 40,
  "snr": 3.042003235011289,
  "spacing_tr": 2.799999952316284,
  "spacing_x": 3.0,
  "spacing_y": 3.0,
  "spacing_z": 3.0,
  "summary_bg_k": 50.679179085443295,
  "summary_bg_mad": 7.966133634599308,
  "summary_bg_mean": 48.29112243652344,
  "summary_bg_median": 29.242307662963867,
  "summary_bg_n": 89351.0,
  "summary_bg_p05": 23.021153450012207,
  "summary_bg_p95": 130.2173080444336,
  "summary_bg_stdv": 58.271575927734375,
  "summary_fg_k": 0.7398302563915258,
  "summary_fg_mad": 165.90883488032,
  "summary_fg_mean": 565.6727905273438,
  "summary_fg_median": 532.855712890625,
  "summary_fg_n": 37582.0,
  "summary_fg_p05": 339.6511474609375,
  "summary_fg_p95": 895.9842346191406,
  "summary_fg_stdv": 175.16372680664062,
  "tsnr": 35.700028345920146
}