{
  "aor": 0.0021759230769230766,
  "aqi": 0.006394075423076923,
  "bids_meta": {
    "AcquisitionDateTime": "2016-09-12T10:36:47.107500",
    "AcquisitionMatrixPE": 64,
    "AcquisitionNumber": 1,
    "AcquisitionTime": "10:36:47.107500",
    "BaseResolution": 64,
    "ConversionSoftware": "dcm2niix",
    "ConversionSoftwareVersion": "v1.0.20180622 (JP2:OpenJPEG) GCC6.1.0",
    "DeviceSerialNumber": "35437",
    "DwellTime": 3.4e-06,
    "EchoTime": 0.03,
    "EffectiveEchoSpacing": 6.009615385e-05,
    "FlipAngle": 90,
    "ImageOrientationPatientDICOM": [
      1,
      0,
      0,
      0,
      0.866025,
      -0.5
    ],
    "ImageType": [
      "ORIGINAL",
      "PRIMARY",
      "M",
      "ND",
      "MOSAIC"
    ],
    "InPlanePhaseEncodingDirectionDICOM": "COL",
    "InstitutionAddress": "Queen_Square_12_London_Southeast_GB_WC1N_3BG",
    "InstitutionName": "WTCN",
    "InstitutionalDepartmentName": "Department",
    "MRAcquisitionType": "2D",
    "MagneticFieldStrength": 3,
    "Manufacturer": "Siemens",
    "ManufacturersModelName": "TrioTim",
    "Modality": "MR",
    "PartialFourier": 1,
    "PatientID": "MQ03773",
    "PatientName": "MQ03773",
    "PatientPosition": "HFS",
    "PatientSex": "",
    "PercentPhaseFOV": 100,
    "PhaseEncodingDirection": "j-",
    "PhaseEncodingSteps": 74,
    "PhaseOversampling": 0.13,
    "PhaseResolution": 1,
    "PixelBandwidth": 2298,
    "ProcedureStepDescription": "FIL_Johan_Carlin",
    "ProtocolName": "al_mepi2d_3mm_v1a_standard",
    "PulseSequenceDetails": "%CustomerSeq%_al_mepi2d_3mm_v1a",
    "ReceiveCoilName": "32Ch_Head",
    "ReconMatrixPE": 64,
    "RepetitionTime": 2.8,
    "SAR": 0.180717,
    "ScanOptions": "FS",
    "ScanningSequence": "RM",
    "SequenceName": "alepi2d2d1",
    "SequenceVariant": "SP_OSP",
    "SeriesDescription": "al_mepi2d_3mm_v1a_standard",
    "SeriesInstanceUID": "1.3.12.2.1107.5.2.32.35437.2016091210354894487962913.0.0.0",
    "SeriesNumber": 6,
    "ShimSetting": [
      20,
      -3966,
      415,
      746,
      -48,
      538,
      40,
      136
    ],
    "SliceThickness": 2.5,
    "SliceTiming": [
      0,
      0.07,
      0.14,
      0.21,
      0.28,
      0.35,
      0.42,
      0.49,
      0.5625,
      0.6325,
      0.7025,
      0.7725,
      0.8425,
      0.9125,
      0.9825,
      1.0525,
      1.1225,
      1.195,
      1.265,
      1.335,
      1.405,
      1.475,
      1.545,
      1.615,
      1.685,
      1.755,
      1.8275,
      1.8975,
      1.9675,
      2.0375,
      2.1075,
      2.1775,
      2.2475,
      2.3175,
      2.3875,
      2.46,
      2.53,
      2.6,
      2.67,
      2.74
    ],
    "SoftwareVersions": "syngo_MR_B17",
    "SpacingBetweenSlices": 3,
    "StationName": "MRC35437",
    "StudyID": "1",
    "StudyInstanceUID": "1.3.12.2.1107.5.2.32.35437.30000016091208051033500000004",
    "TaskName": "memsamp",
    "TxRefAmp": 306.471,
    "dataset": "ds004009",
    "modality": "bold",
    "run_id": 2,
    "subject_id": "18",
    "task_id": "memsamp"
  },
  "dummy_trs": 2,
  "dvars_nstd": 23.11223373633204,
  "dvars_std": 1.0525504267567565,
  "dvars_vstd": 0.9435934000772208,
  "efc": 0.582868867644982,
  "fber": 338.848388671875,
  "fd_mean": 0.12169977833714436,
  "fd_num": 34,
  "fd_perc": 13.076923076923077,
  "fwhm_avg": 2.300538888888889,
  "fwhm_x": 2.1992,
  "fwhm_y": 2.2656133333333335,
  "fwhm_z": 2.436803333333333,
  "gcor": 0.0357829,
  "gsr_x": -0.0019057915778830647,
  "gsr_y": 0.03251176327466965,
  "provenance": {
    "md5sum": "4f6bfbeeba942efe3c1f4dce4a0647f0",
    "settings": {
      "fd_thres": 0.2,
      "testing": false
    },
    "software": "mriqc",
    "version": "23.0.1",
    "webapi_port": null,
    "webapi_url": "https://mriqc.nimh.nih.gov/api/v1"
  },
  "size_t": 260,
  "size_x": 64,
  "size_y": 64,
  "size_z": 40,
  "snr": 3.081515271445409,
  "spacing_tr": 2.799999952316284,
  "spacing_x": 3.0,
  "spacing_y": 3.0,
  "spacing_z": 3.0,
  "summary_bg_k": 46.109372103904036,
  "summary_bg_mad": 7.866344840870241,
  "summary_bg_mean": 47.09435272216797,
  "summary_bg_median": 28.782691955566406,
  "summary_bg_n": 89818.0,
  "summary_bg_p05": 22.1532696723938,
  "summary_bg_p95": 128.66981201171873,
  "summary_bg_stdv": 56.1701545715332,
  "summary_fg_k": 0.6206626013406433,
  "summary_fg_mad": 165.89462781560408,
  "summary_fg_mean": 565.959716796875,
  "summary_fg_median": 534.0384521484375,
  "summary_fg_n": 37376.0,
  "summary_fg_p05": 341.52210998535156,
  "summary_fg_p95": 891.6663665771484,
  "summary_fg_stdv": 173.30152893066406,
  "tsnr": 47.522472294513136
}