{
  "aor": 0.002716525096525096,
  "aqi": 0.0057793974517374525,
  "bids_meta": {
    "AcquisitionDateTime": "2016-09-12T11:04:1.102500",
    "AcquisitionMatrixPE": 64,
    "AcquisitionNumber": 1,
    "AcquisitionTime": "11:04:1.102500",
    "BaseResolution": 64,
    "ConversionSoftware": "dcm2niix",
    "ConversionSoftwareVersion": "v1.0.20180622 (JP2:OpenJPEG) GCC6.1.0",
    "DeviceSerialNumber": "35437",
    "DwellTime": 3.4e-06,
    "EchoTime": 0.03,
    "EffectiveEchoSpacing": 6.009615385e-05,
    "FlipAngle": 90,
    "ImageOrientationPatientDICOM": [
      1,
      0,
      0,
      0,
      0.866025,
      -0.5
    ],
    "ImageType": [
      "ORIGINAL",
      "PRIMARY",
      "M",
      "ND",
      "MOSAIC"
    ],
    "InPlanePhaseEncodingDirectionDICOM": "COL",
    "InstitutionAddress": "Queen_Square_12_London_Southeast_GB_WC1N_3BG",
    "InstitutionName": "WTCN",
    "InstitutionalDepartmentName": "Department",
    "MRAcquisitionType": "2D",
    "MagneticFieldStrength": 3,
    "Manufacturer": "Siemens",
    "ManufacturersModelName": "TrioTim",
    "Modality": "MR",
    "PartialFourier": 1,
    "PatientID": "MQ03773",
    "PatientName": "MQ03773",
    "PatientPosition": "HFS",
    "PatientSex": "",
    "PercentPhaseFOV": 100,
    "PhaseEncodingDirection": "j-",
    "PhaseEncodingSteps": 74,
    "PhaseOversampling": 0.13,
    "PhaseResolution": 1,
    "PixelBandwidth": 2298,
    "ProcedureStepDescription": "FIL_Johan_Carlin",
    "ProtocolName": "al_mepi2d_3mm_v1a_standard",
    "PulseSequenceDetails": "%CustomerSeq%_al_mepi2d_3mm_v1a",
    "ReceiveCoilName": "32Ch_Head",
    "ReconMatrixPE": 64,
    "RepetitionTime": 2.8,
    "SAR": 0.180717,
    "ScanOptions": "FS",
    "ScanningSequence": "RM",
    "SequenceName": "alepi2d2d1",
    "SequenceVariant": "SP_OSP",
    "SeriesDescription": "al_mepi2d_3mm_v1a_standard",
    "SeriesInstanceUID": "1.3.12.2.1107.5.2.32.35437.2016091211023343186926853.0.0.0",
    "SeriesNumber": 8,
    "ShimSetting": [
      20,
      -3966,
      415,
      746,
      -48,
      538,
      40,
      136
    ],
    "SliceThickness": 2.5,
    "SliceTiming": [
      0,
      0.07,
      0.1425,
      0.2125,
      0.2825,
      0.3525,
      0.4225,
      0.4925,
      0.5625,
      0.6325,
      0.7025,
      0.775,
      0.845,
      0.915,
      0.985,
      1.055,
      1.125,
      1.195,
      1.265,
      1.335,
      1.4075,
      1.4775,
      1.5475,
      1.6175,
      1.6875,
      1.7575,
      1.8275,
      1.8975,
      1.9675,
      2.04,
      2.11,
      2.18,
      2.25,
      2.32,
      2.39,
      2.46,
      2.53,
      2.6,
      2.6725,
      2.7425
    ],
    "SoftwareVersions": "syngo_MR_B17",
    "SpacingBetweenSlices": 3,
    "StationName": "MRC35437",
    "StudyID": "1",
    "StudyInstanceUID": "1.3.12.2.1107.5.2.32.35437.30000016091208051033500000004",
    "TaskName": "motionLocaliser",
    "TxRefAmp": 306.471,
    "dataset": "ds004009",
    "modality": "bold",
    "subject_id": "18",
    "task_id": "motionLocaliser"
  },
  "dummy_trs": 3,
  "dvars_nstd": 25.737653610542658,
  "dvars_std": 1.1121333245348837,
  "dvars_vstd": 0.9709660026744188,
  "efc": 0.5831251175501865,
  "fber": 338.07208251953125,
  "fd_mean": 0.1502620590811791,
  "fd_num": 52,
  "fd_perc": 20.077220077220076,
  "fwhm_avg": 2.285223333333333,
  "fwhm_x": 2.2010566666666667,
  "fwhm_y": 2.2455066666666665,
  "fwhm_z": 2.4091066666666667,
  "gcor": 0.0187789,
  "gsr_x": -0.001131506753154099,
  "gsr_y": 0.03243156149983406,
  "provenance": {
    "md5sum": "01b91d4f9711cb0e84e463958c7a92d9",
    "settings": {
      "fd_thres": 0.2,
      "testing": false
    },
    "software": "mriqc",
    "version": "23.0.1",
    "webapi_port": null,
    "webapi_url": "https://mriqc.nimh.nih.gov/api/v1"
  },
  "size_t": 259,
  "size_x": 64,
  "size_y": 64,
  "size_z": 40,
  "snr": 3.0795360616583634,
  "spacing_tr": 2.799999952316284,
  "spacing_x": 3.0,
  "spacing_y": 3.0,
  "spacing_z": 3.0,
  "summary_bg_k": 49.51307460713646,
  "summary_bg_mad": 7.664881084589352,
  "summary_bg_mean": 47.036766052246094,
  "summary_bg_median": 28.787643432617188,
  "summary_bg_n": 89675.0,
  "summary_bg_p05": 22.575288772583008,
  "summary_bg_p95": 128.12432250976568,
  "summary_bg_stdv": 54.8698844909668,
  "summary_fg_k": 0.5961238999787866,
  "summary_fg_mad": 166.9158397715605,
  "summary_fg_mean": 566.9778442382812,
  "summary_fg_median": 535.7664184570312,
  "summary_fg_n": 37374.0,
  "summary_fg_p05": 341.19941864013674,
  "summary_fg_p95": 893.8553894042968,
  "summary_fg_stdv": 173.97401428222656,
  "tsnr": 50.90470868675038
}