{
  "aor": 0.005728730769230769,
  "aqi": 0.009010453384615383,
  "bids_meta": {
    "AcquisitionDateTime": "2016-09-12T10:50:14.232500",
    "AcquisitionMatrixPE": 64,
    "AcquisitionNumber": 1,
    "AcquisitionTime": "10:50:14.232500",
    "BaseResolution": 64,
    "ConversionSoftware": "dcm2niix",
    "ConversionSoftwareVersion": "v1.0.20180622 (JP2:OpenJPEG) GCC6.1.0",
    "DeviceSerialNumber": "35437",
    "DwellTime": 3.4e-06,
    "EchoTime": 0.03,
    "EffectiveEchoSpacing": 6.009615385e-05,
    "FlipAngle": 90,
    "ImageOrientationPatientDICOM": [
      1,
      0,
      0,
      0,
      0.866025,
      -0.5
    ],
    "ImageType": [
      "ORIGINAL",
      "PRIMARY",
      "M",
      "ND",
      "MOSAIC"
    ],
    "InPlanePhaseEncodingDirectionDICOM": "COL",
    "InstitutionAddress": "Queen_Square_12_London_Southeast_GB_WC1N_3BG",
    "InstitutionName": "WTCN",
    "InstitutionalDepartmentName": "Department",
    "MRAcquisitionType": "2D",
    "MagneticFieldStrength": 3,
    "Manufacturer": "Siemens",
    "ManufacturersModelName": "TrioTim",
    "Modality": "MR",
    "PartialFourier": 1,
    "PatientID": "MQ03773",
    "PatientName": "MQ03773",
    "PatientPosition": "HFS",
    "PatientSex": "",
    "PercentPhaseFOV": 100,
    "PhaseEncodingDirection": "j-",
    "PhaseEncodingSteps": 74,
    "PhaseOversampling": 0.13,
    "PhaseResolution": 1,
    "PixelBandwidth": 2298,
    "ProcedureStepDescription": "FIL_Johan_Carlin",
    "ProtocolName": "al_mepi2d_3mm_v1a_standard",
    "PulseSequenceDetails": "%CustomerSeq%_al_mepi2d_3mm_v1a",
    "ReceiveCoilName": "32Ch_Head",
    "ReconMatrixPE": 64,
    "RepetitionTime": 2.8,
    "SAR": 0.180717,
    "ScanOptions": "FS",
    "ScanningSequence": "RM",
    "SequenceName": "alepi2d2d1",
    "SequenceVariant": "SP_OSP",
    "SeriesDescription": "al_mepi2d_3mm_v1a_standard",
    "SeriesInstanceUID": "1.3.12.2.1107.5.2.32.35437.2016091210490715609094883.0.0.0",
    "SeriesNumber": 7,
    "ShimSetting": [
      20,
      -3966,
      415,
      746,
      -48,
      538,
      40,
      136
    ],
    "SliceThickness": 2.5,
    "SliceTiming": [
      0,
      0.07,
      0.14,
      0.21,
      0.2825,
      0.3525,
      0.4225,
      0.4925,
      0.5625,
      0.6325,
      0.7025,
      0.7725,
      0.845,
      0.915,
      0.985,
      1.055,
      1.125,
      1.195,
      1.265,
      1.335,
      1.405,
      1.4775,
      1.5475,
      1.6175,
      1.6875,
      1.7575,
      1.8275,
      1.8975,
      1.9675,
      2.0375,
      2.11,
      2.18,
      2.25,
      2.32,
      2.39,
      2.46,
      2.53,
      2.6,
      2.67,
      2.7425
    ],
    "SoftwareVersions": "syngo_MR_B17",
    "SpacingBetweenSlices": 3,
    "StationName": "MRC35437",
    "StudyID": "1",
    "StudyInstanceUID": "1.3.12.2.1107.5.2.32.35437.30000016091208051033500000004",
    "TaskName": "memsamp",
    "TxRefAmp": 306.471,
    "dataset": "ds004009",
    "modality": "bold",
    "run_id": 3,
    "subject_id": "18",
    "task_id": "memsamp"
  },
  "dummy_trs": 2,
  "dvars_nstd": 23.781376813320456,
  "dvars_std": 1.0493983846332047,
  "dvars_vstd": 0.961356469305019,
  "efc": 0.5830052562928217,
  "fber": 341.9061279296875,
  "fd_mean": 0.1336438408846425,
  "fd_num": 43,
  "fd_perc": 16.53846153846154,
  "fwhm_avg": 2.299261111111111,
  "fwhm_x": 2.212216666666667,
  "fwhm_y": 2.2721133333333334,
  "fwhm_z": 2.4134533333333335,
  "gcor": 0.00876368,
  "gsr_x": -0.003325441852211952,
  "gsr_y": 0.0329035222530365,
  "provenance": {
    "md5sum": "4ccf551b93a1a44e5622bc5160fe05f5",
    "settings": {
      "fd_thres": 0.2,
      "testing": false
    },
    "software": "mriqc",
    "version": "23.0.1",
    "webapi_port": null,
    "webapi_url": "https://mriqc.nimh.nih.gov/api/v1"
  },
  "size_t": 260,
  "size_x": 64,
  "size_y": 64,
  "size_z": 40,
  "snr": 3.086831050733117,
  "spacing_tr": 2.799999952316284,
  "spacing_x": 3.0,
  "spacing_y": 3.0,
  "spacing_z": 3.0,
  "summary_bg_k": 46.05627212479958,
  "summary_bg_mad": 7.675318639499066,
  "summary_bg_mean": 47.93499755859375,
  "summary_bg_median": 28.88846206665039,
  "summary_bg_n": 89941.0,
  "summary_bg_p05": 22.83846092224121,
  "summary_bg_p95": 131.9499969482422,
  "summary_bg_stdv": 57.01686096191406,
  "summary_fg_k": 0.603379208742497,
  "summary_fg_mad": 166.71863756912654,
  "summary_fg_mean": 569.0582275390625,
  "summary_fg_median": 538.0999755859375,
  "summary_fg_n": 37415.0,
  "summary_fg_p05": 343.12884521484375,
  "summary_fg_p95": 897.4261718749997,
  "summary_fg_stdv": 174.31883239746094,
  "tsnr": 39.886923839338124
}