{
  "aor": 0.0010827692307692307,
  "aqi": 0.008436011538461538,
  "bids_meta": {
    "AcquisitionDateTime": "2016-09-12T10:23:29.762500",
    "AcquisitionMatrixPE": 64,
    "AcquisitionNumber": 1,
    "AcquisitionTime": "10:23:29.762500",
    "BaseResolution": 64,
    "ConversionSoftware": "dcm2niix",
    "ConversionSoftwareVersion": "v1.0.20180622 (JP2:OpenJPEG) GCC6.1.0",
    "DeviceSerialNumber": "35437",
    "DwellTime": 3.4e-06,
    "EchoTime": 0.03,
    "EffectiveEchoSpacing": 6.009615385e-05,
    "FlipAngle": 90,
    "ImageOrientationPatientDICOM": [
      1,
      0,
      0,
      0,
      0.866025,
      -0.5
    ],
    "ImageType": [
      "ORIGINAL",
      "PRIMARY",
      "M",
      "ND",
      "MOSAIC"
    ],
    "InPlanePhaseEncodingDirectionDICOM": "COL",
    "InstitutionAddress": "Queen_Square_12_London_Southeast_GB_WC1N_3BG",
    "InstitutionName": "WTCN",
    "InstitutionalDepartmentName": "Department",
    "MRAcquisitionType": "2D",
    "MagneticFieldStrength": 3,
    "Manufacturer": "Siemens",
    "ManufacturersModelName": "TrioTim",
    "Modality": "MR",
    "PartialFourier": 1,
    "PatientID": "MQ03773",
    "PatientName": "MQ03773",
    "PatientPosition": "HFS",
    "PatientSex": "",
    "PercentPhaseFOV": 100,
    "PhaseEncodingDirection": "j-",
    "PhaseEncodingSteps": 74,
    "PhaseOversampling": 0.13,
    "PhaseResolution": 1,
    "PixelBandwidth": 2298,
    "ProcedureStepDescription": "FIL_Johan_Carlin",
    "ProtocolName": "al_mepi2d_3mm_v1a_standard",
    "PulseSequenceDetails": "%CustomerSeq%_al_mepi2d_3mm_v1a",
    "ReceiveCoilName": "32Ch_Head",
    "ReconMatrixPE": 64,
    "RepetitionTime": 2.8,
    "SAR": 0.180717,
    "ScanOptions": "FS",
    "ScanningSequence": "RM",
    "SequenceName": "alepi2d2d1",
    "SequenceVariant": "SP_OSP",
    "SeriesDescription": "al_mepi2d_3mm_v1a_standard",
    "SeriesInstanceUID": "1.3.12.2.1107.5.2.32.35437.2016091210192568100730943.0.0.0",
    "SeriesNumber": 5,
    "ShimSetting": [
      20,
      -3966,
      415,
      746,
      -48,
      538,
      40,
      136
    ],
    "SliceThickness": 2.5,
    "SliceTiming": [
      0,
      0.07,
      0.14,
      0.2125,
      0.2825,
      0.3525,
      0.4225,
      0.4925,
      0.5625,
      0.6325,
      0.7025,
      0.7725,
      0.845,
      0.915,
      0.985,
      1.055,
      1.125,
      1.195,
      1.265,
      1.335,
      1.4075,
      1.4775,
      1.5475,
      1.6175,
      1.6875,
      1.7575,
      1.8275,
      1.8975,
      1.9675,
      2.04,
      2.11,
      2.18,
      2.25,
      2.32,
      2.39,
      2.46,
      2.53,
      2.6,
      2.6725,
      2.7425
    ],
    "SoftwareVersions": "syngo_MR_B17",
    "SpacingBetweenSlices": 3,
    "StationName": "MRC35437",
    "StudyID": "1",
    "StudyInstanceUID": "1.3.12.2.1107.5.2.32.35437.30000016091208051033500000004",
    "TaskName": "memsamp",
    "TxRefAmp": 306.471,
    "dataset": "ds004009",
    "modality": "bold",
    "run_id": 1,
    "subject_id": "18",
    "task_id": "memsamp"
  },
  "dummy_trs": 2,
  "dvars_nstd": 21.78344458146717,
  "dvars_std": 0.9928391552895754,
  "dvars_vstd": 0.8912002623938229,
  "efc": 0.5833299265804783,
  "fber": 335.2786865234375,
  "fd_mean": 0.08792674679342827,
  "fd_num": 17,
  "fd_perc": 6.538461538461538,
  "fwhm_avg": 2.320151111111111,
  "fwhm_x": 2.2144666666666666,
  "fwhm_y": 2.3063766666666665,
  "fwhm_z": 2.43961,
  "gcor": 0.0238465,
  "gsr_x": -0.005545989144593477,
  "gsr_y": 0.034960437566041946,
  "provenance": {
    "md5sum": "76218cee0cf51924631b81f2090a4e12",
    "settings": {
      "fd_thres": 0.2,
      "testing": false
    },
    "software": "mriqc",
    "version": "23.0.1",
    "webapi_port": null,
    "webapi_url": "https://mriqc.nimh.nih.gov/api/v1"
  },
  "size_t": 260,
  "size_x": 64,
  "size_y": 64,
  "size_z": 40,
  "snr": 3.06699700178025,
  "spacing_tr": 2.799999952316284,
  "spacing_x": 3.0,
  "spacing_y": 3.0,
  "spacing_z": 3.0,
  "summary_bg_k": 51.312898734720484,
  "summary_bg_mad": 8.308273913257208,
  "summary_bg_mean": 47.193973541259766,
  "summary_bg_median": 28.85769271850586,
  "summary_bg_n": 89633.0,
  "summary_bg_p05": 21.569231033325195,
  "summary_bg_p95": 127.83615570068358,
  "summary_bg_stdv": 57.511009216308594,
  "summary_fg_k": 0.5891480752492515,
  "summary_fg_mad": 166.5617716666742,
  "summary_fg_mean": 566.858642578125,
  "summary_fg_median": 533.9019775390625,
  "summary_fg_n": 37654.0,
  "summary_fg_p05": 342.1678741455078,
  "summary_fg_p95": 893.9834655761719,
  "summary_fg_stdv": 174.07740783691406,
  "tsnr": 44.01516082929447
}