{
  "bids_meta": {
    "AcquisitionDateTime": "2016-08-11T11:40:29.175000",
    "AcquisitionMatrixPE": 240,
    "AcquisitionNumber": 1,
    "AcquisitionTime": "11:40:29.175000",
    "BaseResolution": 256,
    "ConversionSoftware": "dcm2niix",
    "ConversionSoftwareVersion": "v1.0.20180622 (JP2:OpenJPEG) GCC6.1.0",
    "DeviceSerialNumber": "35437",
    "DwellTime": 4e-06,
    "EchoTime": 0.0022,
    "FlipAngle": 13,
    "ImageOrientationPatientDICOM": [
      0,
      0.866025,
      -0.5,
      0,
      -0.5,
      -0.866025
    ],
    "ImageType": [
      "ORIGINAL",
      "PRIMARY",
      "M",
      "ND"
    ],
    "InPlanePhaseEncodingDirectionDICOM": "ROW",
    "InstitutionAddress": "Queen_Square_12_London_Southeast_GB_WC1N_3BG",
    "InstitutionName": "FIL",
    "InstitutionalDepartmentName": "Department",
    "MRAcquisitionType": "3D",
    "MagneticFieldStrength": 3,
    "Manufacturer": "Siemens",
    "ManufacturersModelName": "TrioTim",
    "Modality": "MR",
    "PartialFourier": 0.75,
    "PatientID": "MQ03739",
    "PatientName": "MQ03739",
    "PatientPosition": "HFS",
    "PatientSex": "",
    "PercentPhaseFOV": 93.75,
    "PhaseEncodingSteps": 180,
    "PhaseResolution": 1,
    "PixelBandwidth": 488,
    "ProcedureStepDescription": "FIL_Johan_Carlin",
    "ProtocolName": "BasicT1_NoVBM_nw_mtflash3d_v3h",
    "PulseSequenceDetails": "%CustomerSeq%_nw_mtflash3d_v3h",
    "ReceiveCoilName": "32Ch_Head",
    "ReconMatrixPE": 256,
    "RepetitionTime": 2,
    "SAR": 0.201597,
    "ScanOptions": "PFP",
    "ScanningSequence": "RM",
    "SequenceName": "fl3d_3h3d1",
    "SequenceVariant": "SP",
    "SeriesDescription": "BasicT1_NoVBM_nw_mtflash3d_v3h",
    "SeriesInstanceUID": "1.3.12.2.1107.5.2.32.35437.201608111140283790205997.0.0.0",
    "SeriesNumber": 11,
    "ShimSetting": [
      3,
      -3981,
      327,
      493,
      -192,
      -50,
      305,
      104
    ],
    "SliceThickness": 1,
    "SoftwareVersions": "syngo_MR_B17",
    "StationName": "MRC35437",
    "StudyID": "1",
    "StudyInstanceUID": "1.3.12.2.1107.5.2.32.35437.30000016081107561092500000004",
    "TxRefAmp": 300.006,
    "dataset": "ds004009",
    "modality": "T1w",
    "subject_id": "30"
  },
  "cjv": 0.5028629295853871,
  "cnr": 2.7873618794000126,
  "efc": 0.5441226283748439,
  "fber": -1.0,
  "fwhm_avg": 5.4298399999999996,
  "fwhm_x": 5.49917,
  "fwhm_y": 5.47784,
  "fwhm_z": 5.31251,
  "icvs_csf": 0.14520798728175383,
  "icvs_gm": 0.39066358551711566,
  "icvs_wm": 0.4641284272011305,
  "inu_med": 0.8281641006469727,
  "inu_range": 0.9054463773965832,
  "provenance": {
    "md5sum": "cba0aff78c771bdee928390ced0523db",
    "settings": {
      "testing": false
    },
    "software": "mriqc",
    "version": "23.0.1",
    "warnings": {
      "large_rot_frame": true,
      "small_air_mask": false
    },
    "webapi_port": null,
    "webapi_url": "https://mriqc.nimh.nih.gov/api/v1"
  },
  "qi_1": 0.0,
  "qi_2": 0.009774299967455144,
  "rpve_csf": 33.84427565461994,
  "rpve_gm": 13.055015657850243,
  "rpve_wm": 13.029930423505395,
  "size_x": 176,
  "size_y": 240,
  "size_z": 256,
  "snr_csf": 2.889622864102422,
  "snr_gm": 15.62359105941683,
  "snr_total": 12.841879455871732,
  "snr_wm": 20.012424444095945,
  "snrd_csf": 23.441829575977092,
  "snrd_gm": 55.36006710570144,
  "snrd_total": 49.36361883119606,
  "snrd_wm": 69.28895981190963,
  "spacing_x": 1.0,
  "spacing_y": 1.0,
  "spacing_z": 1.0,
  "summary_bg_k": 32.33956753269305,
  "summary_bg_mad": 0.0,
  "summary_bg_mean": 5.15712647998653,
  "summary_bg_median": 0.0,
  "summary_bg_n": 2582868.0,
  "summary_bg_p05": 0.0,
  "summary_bg_p95": 24.233432859182358,
  "summary_bg_stdv": 9.455718759449436,
  "summary_csf_k": 3.806483623973782,
  "summary_csf_mad": 97.06205422666608,
  "summary_csf_mean": 355.1337744925256,
  "summary_csf_median": 338.3407603017986,
  "summary_csf_n": 17981.0,
  "summary_csf_p05": 197.57666178047657,
  "summary_csf_p95": 565.7146533019841,
  "summary_csf_stdv": 117.08495115007277,
  "summary_gm_k": -0.007165700633326555,
  "summary_gm_mad": 51.32648759861474,
  "summary_gm_mean": 799.0174574114484,
  "summary_gm_median": 799.0232645533979,
  "summary_gm_n": 26667.0,
  "summary_gm_p05": 714.8244493640959,
  "summary_gm_p95": 883.4693596698344,
  "summary_gm_stdv": 51.14114161560933,
  "summary_wm_k": -0.00919698369096178,
  "summary_wm_mad": 49.768362082228215,
  "summary_wm_mean": 1004.9936462463871,
  "summary_wm_median": 1000.0618453137577,
  "summary_wm_n": 216273.0,
  "summary_wm_p05": 930.8234657160938,
  "summary_wm_p95": 1094.337317533791,
  "summary_wm_stdv": 49.97193298937367,
  "tpm_overlap_csf": 0.14846048202409892,
  "tpm_overlap_gm": 0.43891840802332494,
  "tpm_overlap_wm": 0.4692311866389867,
  "wm2max": 0.33945158602967107
}