{
  "aor": 0.008777490347490348,
  "aqi": 0.010007535366795368,
  "bids_meta": {
    "AcquisitionDateTime": "2016-08-15T15:14:13.057500",
    "AcquisitionMatrixPE": 64,
    "AcquisitionNumber": 1,
    "AcquisitionTime": "15:14:13.057500",
    "BaseResolution": 64,
    "ConversionSoftware": "dcm2niix",
    "ConversionSoftwareVersion": "v1.0.20180622 (JP2:OpenJPEG) GCC6.1.0",
    "DeviceSerialNumber": "35437",
    "DwellTime": 3.4e-06,
    "EchoTime": 0.03,
    "EffectiveEchoSpacing": 6.009615385e-05,
    "FlipAngle": 90,
    "ImageOrientationPatientDICOM": [
      1,
      0,
      0,
      0,
      0.866025,
      -0.5
    ],
    "ImageType": [
      "ORIGINAL",
      "PRIMARY",
      "M",
      "ND",
      "MOSAIC"
    ],
    "InPlanePhaseEncodingDirectionDICOM": "COL",
    "InstitutionAddress": "Queen_Square_12_London_Southeast_GB_WC1N_3BG",
    "InstitutionName": "FIL",
    "InstitutionalDepartmentName": "Department",
    "MRAcquisitionType": "2D",
    "MagneticFieldStrength": 3,
    "Manufacturer": "Siemens",
    "ManufacturersModelName": "TrioTim",
    "Modality": "MR",
    "PartialFourier": 1,
    "PatientID": "MQ03740",
    "PatientName": "MQ03740",
    "PatientPosition": "HFS",
    "PatientSex": "",
    "PercentPhaseFOV": 100,
    "PhaseEncodingDirection": "j-",
    "PhaseEncodingSteps": 74,
    "PhaseOversampling": 0.13,
    "PhaseResolution": 1,
    "PixelBandwidth": 2298,
    "ProcedureStepDescription": "FIL_Johan_Carlin",
    "ProtocolName": "al_mepi2d_3mm_v1a_standard",
    "PulseSequenceDetails": "%CustomerSeq%_al_mepi2d_3mm_v1a",
    "ReceiveCoilName": "32Ch_Head",
    "ReconMatrixPE": 64,
    "RepetitionTime": 2.8,
    "SAR": 0.168653,
    "ScanOptions": "FS",
    "ScanningSequence": "RM",
    "SequenceName": "alepi2d2d1",
    "SequenceVariant": "SP_OSP",
    "SeriesDescription": "al_mepi2d_3mm_v1a_standard",
    "SeriesInstanceUID": "1.3.12.2.1107.5.2.32.35437.2016081515131249666558823.0.0.0",
    "SeriesNumber": 9,
    "ShimSetting": [
      -13,
      -3972,
      406,
      389,
      -40,
      -10,
      144,
      85
    ],
    "SliceThickness": 2.5,
    "SliceTiming": [
      0,
      0.07,
      0.14,
      0.2125,
      0.2825,
      0.3525,
      0.4225,
      0.4925,
      0.5625,
      0.6325,
      0.7025,
      0.7725,
      0.845,
      0.915,
      0.985,
      1.055,
      1.125,
      1.195,
      1.265,
      1.335,
      1.405,
      1.4775,
      1.5475,
      1.6175,
      1.6875,
      1.7575,
      1.8275,
      1.8975,
      1.9675,
      2.0375,
      2.11,
      2.18,
      2.25,
      2.32,
      2.39,
      2.46,
      2.53,
      2.6,
      2.67,
      2.7425
    ],
    "SoftwareVersions": "syngo_MR_B17",
    "SpacingBetweenSlices": 3,
    "StationName": "MRC35437",
    "StudyID": "1",
    "StudyInstanceUID": "1.3.12.2.1107.5.2.32.35437.30000016081511553850500000004",
    "TaskName": "motionLocaliser",
    "TxRefAmp": 286.523,
    "dataset": "ds004009",
    "modality": "bold",
    "subject_id": "15",
    "task_id": "motionLocaliser"
  },
  "dummy_trs": 3,
  "dvars_nstd": 28.21142945550388,
  "dvars_std": 1.1428330961240305,
  "dvars_vstd": 1.011526951511628,
  "efc": 0.6459027273887596,
  "fber": 155.885498046875,
  "fd_mean": 0.14645370101309574,
  "fd_num": 38,
  "fd_perc": 14.671814671814673,
  "fwhm_avg": 2.5630988888888893,
  "fwhm_x": 2.420246666666667,
  "fwhm_y": 2.5710833333333336,
  "fwhm_z": 2.6979666666666664,
  "gcor": 0.0200184,
  "gsr_x": -0.0015670891152694821,
  "gsr_y": 0.0605396032333374,
  "provenance": {
    "md5sum": "b97420565ef0033f5e621be2f3726432",
    "settings": {
      "fd_thres": 0.2,
      "testing": false
    },
    "software": "mriqc",
    "version": "23.0.1",
    "webapi_port": null,
    "webapi_url": "https://mriqc.nimh.nih.gov/api/v1"
  },
  "size_t": 259,
  "size_x": 64,
  "size_y": 64,
  "size_z": 40,
  "snr": 2.688959730655903,
  "spacing_tr": 2.799999952316284,
  "spacing_x": 3.0,
  "spacing_y": 3.0,
  "spacing_z": 3.0,
  "summary_bg_k": 35.14445053238244,
  "summary_bg_mad": 21.483420473560688,
  "summary_bg_mean": 74.54862976074219,
  "summary_bg_median": 42.36679458618164,
  "summary_bg_n": 78380.0,
  "summary_bg_p05": 25.277992248535156,
  "summary_bg_p95": 237.35134963989302,
  "summary_bg_stdv": 87.09904479980469,
  "summary_fg_k": 1.2497175920197297,
  "summary_fg_mad": 185.15067520256753,
  "summary_fg_mean": 595.2825317382812,
  "summary_fg_median": 555.9498291015625,
  "summary_fg_n": 44434.0,
  "summary_fg_p05": 327.75154266357424,
  "summary_fg_p95": 988.752294921875,
  "summary_fg_stdv": 206.75042724609375,
  "tsnr": 37.09641595336143
}