{
  "aor": 0.0023135,
  "aqi": 0.006698756038461539,
  "bids_meta": {
    "AcquisitionDateTime": "2016-08-15T14:47:26.657500",
    "AcquisitionMatrixPE": 64,
    "AcquisitionNumber": 1,
    "AcquisitionTime": "14:47:26.657500",
    "BaseResolution": 64,
    "ConversionSoftware": "dcm2niix",
    "ConversionSoftwareVersion": "v1.0.20180622 (JP2:OpenJPEG) GCC6.1.0",
    "DeviceSerialNumber": "35437",
    "DwellTime": 3.4e-06,
    "EchoTime": 0.03,
    "EffectiveEchoSpacing": 6.009615385e-05,
    "FlipAngle": 90,
    "ImageOrientationPatientDICOM": [
      1,
      0,
      0,
      0,
      0.866025,
      -0.5
    ],
    "ImageType": [
      "ORIGINAL",
      "PRIMARY",
      "M",
      "ND",
      "MOSAIC"
    ],
    "InPlanePhaseEncodingDirectionDICOM": "COL",
    "InstitutionAddress": "Queen_Square_12_London_Southeast_GB_WC1N_3BG",
    "InstitutionName": "FIL",
    "InstitutionalDepartmentName": "Department",
    "MRAcquisitionType": "2D",
    "MagneticFieldStrength": 3,
    "Manufacturer": "Siemens",
    "ManufacturersModelName": "TrioTim",
    "Modality": "MR",
    "PartialFourier": 1,
    "PatientID": "MQ03740",
    "PatientName": "MQ03740",
    "PatientPosition": "HFS",
    "PatientSex": "",
    "PercentPhaseFOV": 100,
    "PhaseEncodingDirection": "j-",
    "PhaseEncodingSteps": 74,
    "PhaseOversampling": 0.13,
    "PhaseResolution": 1,
    "PixelBandwidth": 2298,
    "ProcedureStepDescription": "FIL_Johan_Carlin",
    "ProtocolName": "al_mepi2d_3mm_v1a_standard",
    "PulseSequenceDetails": "%CustomerSeq%_al_mepi2d_3mm_v1a",
    "ReceiveCoilName": "32Ch_Head",
    "ReconMatrixPE": 64,
    "RepetitionTime": 2.8,
    "SAR": 0.168653,
    "ScanOptions": "FS",
    "ScanningSequence": "RM",
    "SequenceName": "alepi2d2d1",
    "SequenceVariant": "SP_OSP",
    "SeriesDescription": "al_mepi2d_3mm_v1a_standard",
    "SeriesInstanceUID": "1.3.12.2.1107.5.2.32.35437.2016081514460455494394883.0.0.0",
    "SeriesNumber": 7,
    "ShimSetting": [
      -13,
      -3972,
      406,
      389,
      -40,
      -10,
      144,
      85
    ],
    "SliceThickness": 2.5,
    "SliceTiming": [
      0,
      0.07,
      0.14,
      0.21,
      0.2825,
      0.3525,
      0.4225,
      0.4925,
      0.5625,
      0.6325,
      0.7025,
      0.7725,
      0.8425,
      0.915,
      0.985,
      1.055,
      1.125,
      1.195,
      1.265,
      1.335,
      1.405,
      1.475,
      1.5475,
      1.6175,
      1.6875,
      1.7575,
      1.8275,
      1.8975,
      1.9675,
      2.0375,
      2.1075,
      2.18,
      2.25,
      2.32,
      2.39,
      2.46,
      2.53,
      2.6,
      2.67,
      2.74
    ],
    "SoftwareVersions": "syngo_MR_B17",
    "SpacingBetweenSlices": 3,
    "StationName": "MRC35437",
    "StudyID": "1",
    "StudyInstanceUID": "1.3.12.2.1107.5.2.32.35437.30000016081511553850500000004",
    "TaskName": "memsamp",
    "TxRefAmp": 286.523,
    "dataset": "ds004009",
    "modality": "bold",
    "run_id": 3,
    "subject_id": "15",
    "task_id": "memsamp"
  },
  "dummy_trs": 2,
  "dvars_nstd": 29.00313635861005,
  "dvars_std": 1.1573672241312736,
  "dvars_vstd": 0.948940119613899,
  "efc": 0.6465497069082907,
  "fber": 157.68438720703125,
  "fd_mean": 0.09844272380205198,
  "fd_num": 34,
  "fd_perc": 13.076923076923077,
  "fwhm_avg": 2.5310988888888892,
  "fwhm_x": 2.383226666666667,
  "fwhm_y": 2.53443,
  "fwhm_z": 2.67564,
  "gcor": 0.0214749,
  "gsr_x": -0.003175974590703845,
  "gsr_y": 0.06122659146785736,
  "provenance": {
    "md5sum": "736b9c031e8130c6332bf29f54609aca",
    "settings": {
      "fd_thres": 0.2,
      "testing": false
    },
    "software": "mriqc",
    "version": "23.0.1",
    "webapi_port": null,
    "webapi_url": "https://mriqc.nimh.nih.gov/api/v1"
  },
  "size_t": 260,
  "size_x": 64,
  "size_y": 64,
  "size_z": 40,
  "snr": 2.6953062522689706,
  "spacing_tr": 2.799999952316284,
  "spacing_x": 3.0,
  "spacing_y": 3.0,
  "spacing_z": 3.0,
  "summary_bg_k": 35.75064236510661,
  "summary_bg_mad": 20.733621707167902,
  "summary_bg_mean": 74.52323913574219,
  "summary_bg_median": 41.903846740722656,
  "summary_bg_n": 78238.0,
  "summary_bg_p05": 26.600000381469727,
  "summary_bg_p95": 238.20884094238278,
  "summary_bg_stdv": 88.065673828125,
  "summary_fg_k": 1.2665932556579875,
  "summary_fg_mad": 183.09277735392584,
  "summary_fg_mean": 591.06396484375,
  "summary_fg_median": 552.3115234375,
  "summary_fg_n": 44598.0,
  "summary_fg_p05": 324.58558654785156,
  "summary_fg_p95": 982.2005889892578,
  "summary_fg_stdv": 204.91375732421875,
  "tsnr": 46.33641584473662
}