{
  "aor": 0.0014887692307692308,
  "aqi": 0.005539504038461539,
  "bids_meta": {
    "AcquisitionDateTime": "2016-08-15T14:19:43.152500",
    "AcquisitionMatrixPE": 64,
    "AcquisitionNumber": 1,
    "AcquisitionTime": "14:19:43.152500",
    "BaseResolution": 64,
    "ConversionSoftware": "dcm2niix",
    "ConversionSoftwareVersion": "v1.0.20180622 (JP2:OpenJPEG) GCC6.1.0",
    "DeviceSerialNumber": "35437",
    "DwellTime": 3.4e-06,
    "EchoTime": 0.03,
    "EffectiveEchoSpacing": 6.009615385e-05,
    "FlipAngle": 90,
    "ImageOrientationPatientDICOM": [
      1,
      0,
      0,
      0,
      0.866025,
      -0.5
    ],
    "ImageType": [
      "ORIGINAL",
      "PRIMARY",
      "M",
      "ND",
      "MOSAIC"
    ],
    "InPlanePhaseEncodingDirectionDICOM": "COL",
    "InstitutionAddress": "Queen_Square_12_London_Southeast_GB_WC1N_3BG",
    "InstitutionName": "FIL",
    "InstitutionalDepartmentName": "Department",
    "MRAcquisitionType": "2D",
    "MagneticFieldStrength": 3,
    "Manufacturer": "Siemens",
    "ManufacturersModelName": "TrioTim",
    "Modality": "MR",
    "PartialFourier": 1,
    "PatientID": "MQ03740",
    "PatientName": "MQ03740",
    "PatientPosition": "HFS",
    "PatientSex": "",
    "PercentPhaseFOV": 100,
    "PhaseEncodingDirection": "j-",
    "PhaseEncodingSteps": 74,
    "PhaseOversampling": 0.13,
    "PhaseResolution": 1,
    "PixelBandwidth": 2298,
    "ProcedureStepDescription": "FIL_Johan_Carlin",
    "ProtocolName": "al_mepi2d_3mm_v1a_standard",
    "PulseSequenceDetails": "%CustomerSeq%_al_mepi2d_3mm_v1a",
    "ReceiveCoilName": "32Ch_Head",
    "ReconMatrixPE": 64,
    "RepetitionTime": 2.8,
    "SAR": 0.168653,
    "ScanOptions": "FS",
    "ScanningSequence": "RM",
    "SequenceName": "alepi2d2d1",
    "SequenceVariant": "SP_OSP",
    "SeriesDescription": "al_mepi2d_3mm_v1a_standard",
    "SeriesInstanceUID": "1.3.12.2.1107.5.2.32.35437.2016081514152428485930943.0.0.0",
    "SeriesNumber": 5,
    "ShimSetting": [
      -13,
      -3972,
      406,
      389,
      -40,
      -10,
      144,
      85
    ],
    "SliceThickness": 2.5,
    "SliceTiming": [
      0,
      0.07,
      0.14,
      0.21,
      0.28,
      0.3525,
      0.4225,
      0.4925,
      0.5625,
      0.6325,
      0.7025,
      0.7725,
      0.8425,
      0.9125,
      0.985,
      1.055,
      1.125,
      1.195,
      1.265,
      1.335,
      1.405,
      1.475,
      1.545,
      1.6175,
      1.6875,
      1.7575,
      1.8275,
      1.8975,
      1.9675,
      2.0375,
      2.1075,
      2.1775,
      2.25,
      2.32,
      2.39,
      2.46,
      2.53,
      2.6,
      2.67,
      2.74
    ],
    "SoftwareVersions": "syngo_MR_B17",
    "SpacingBetweenSlices": 3,
    "StationName": "MRC35437",
    "StudyID": "1",
    "StudyInstanceUID": "1.3.12.2.1107.5.2.32.35437.30000016081511553850500000004",
    "TaskName": "memsamp",
    "TxRefAmp": 286.523,
    "dataset": "ds004009",
    "modality": "bold",
    "run_id": 1,
    "subject_id": "15",
    "task_id": "memsamp"
  },
  "dummy_trs": 2,
  "dvars_nstd": 28.279184547837836,
  "dvars_std": 1.219407222277992,
  "dvars_vstd": 0.9474167736679545,
  "efc": 0.6440685889278853,
  "fber": 164.95216369628906,
  "fd_mean": 0.047306809377141545,
  "fd_num": 2,
  "fd_perc": 0.7692307692307693,
  "fwhm_avg": 2.5529433333333333,
  "fwhm_x": 2.39988,
  "fwhm_y": 2.564033333333333,
  "fwhm_z": 2.6949166666666664,
  "gcor": 0.0153657,
  "gsr_x": -0.005523331928998232,
  "gsr_y": 0.05983973667025566,
  "provenance": {
    "md5sum": "13f8393bd5fd7e16a87304ca8508a4ee",
    "settings": {
      "fd_thres": 0.2,
      "testing": false
    },
    "software": "mriqc",
    "version": "23.0.1",
    "webapi_port": null,
    "webapi_url": "https://mriqc.nimh.nih.gov/api/v1"
  },
  "size_t": 260,
  "size_x": 64,
  "size_y": 64,
  "size_z": 40,
  "snr": 2.7019961623486726,
  "spacing_tr": 2.799999952316284,
  "spacing_x": 3.0,
  "spacing_y": 3.0,
  "spacing_z": 3.0,
  "summary_bg_k": 32.38351435390061,
  "summary_bg_mad": 19.610262539494123,
  "summary_bg_mean": 72.83782196044922,
  "summary_bg_median": 40.72307586669922,
  "summary_bg_n": 78521.0,
  "summary_bg_p05": 26.21538543701172,
  "summary_bg_p95": 234.53077697753906,
  "summary_bg_stdv": 86.33314514160156,
  "summary_fg_k": 1.2432275006871247,
  "summary_fg_mad": 182.5140883166124,
  "summary_fg_mean": 589.175537109375,
  "summary_fg_median": 550.4115600585938,
  "summary_fg_n": 44617.0,
  "summary_fg_p05": 325.29229736328125,
  "summary_fg_p95": 979.2476928710936,
  "summary_fg_stdv": 203.7032470703125,
  "tsnr": 52.635146111715585
}