{
  "aor": 0.0017404230769230767,
  "aqi": 0.006338202730769231,
  "bids_meta": {
    "AcquisitionDateTime": "2016-06-01T12:29:49.162500",
    "AcquisitionMatrixPE": 64,
    "AcquisitionNumber": 1,
    "AcquisitionTime": "12:29:49.162500",
    "BaseResolution": 64,
    "ConversionSoftware": "dcm2niix",
    "ConversionSoftwareVersion": "v1.0.20180622 (JP2:OpenJPEG) GCC6.1.0",
    "DeviceSerialNumber": "35437",
    "DwellTime": 3.4e-06,
    "EchoTime": 0.03,
    "EffectiveEchoSpacing": 6.009615385e-05,
    "FlipAngle": 90,
    "ImageOrientationPatientDICOM": [
      1,
      -1e-16,
      0,
      1e-16,
      0.898028,
      -0.439939
    ],
    "ImageType": [
      "ORIGINAL",
      "PRIMARY",
      "M",
      "ND",
      "MOSAIC"
    ],
    "InPlanePhaseEncodingDirectionDICOM": "COL",
    "InstitutionAddress": "Queen_Square_12_London_Southeast_GB_WC1N_3BG",
    "InstitutionName": "Functional_Imaging_Laboratory",
    "InstitutionalDepartmentName": "Department",
    "MRAcquisitionType": "2D",
    "MagneticFieldStrength": 3,
    "Manufacturer": "Siemens",
    "ManufacturersModelName": "TrioTim",
    "Modality": "MR",
    "PartialFourier": 1,
    "PatientID": "MQ03644",
    "PatientName": "MQ03644",
    "PatientPosition": "HFS",
    "PatientSex": "",
    "PercentPhaseFOV": 100,
    "PhaseEncodingDirection": "j-",
    "PhaseEncodingSteps": 74,
    "PhaseOversampling": 0.13,
    "PhaseResolution": 1,
    "PixelBandwidth": 2298,
    "ProcedureStepDescription": "FIL_Johan_Carlin",
    "ProtocolName": "al_mepi2d_3mm_v1a_standard",
    "PulseSequenceDetails": "%CustomerSeq%_al_mepi2d_3mm_v1a",
    "ReceiveCoilName": "32Ch_Head",
    "ReconMatrixPE": 64,
    "RepetitionTime": 2.8,
    "SAR": 0.166482,
    "ScanOptions": "FS",
    "ScanningSequence": "RM",
    "SequenceName": "alepi2d2d1",
    "SequenceVariant": "SP_OSP",
    "SeriesDescription": "al_mepi2d_3mm_v1a_standard",
    "SeriesInstanceUID": "1.3.12.2.1107.5.2.32.35437.2016060112284352129359375.0.0.0",
    "SeriesNumber": 10,
    "SliceThickness": 2.5,
    "SliceTiming": [
      0,
      0.07,
      0.14,
      0.21,
      0.28,
      0.35,
      0.42,
      0.4925,
      0.5625,
      0.6325,
      0.7025,
      0.7725,
      0.8425,
      0.9125,
      0.9825,
      1.0525,
      1.125,
      1.195,
      1.265,
      1.335,
      1.405,
      1.475,
      1.545,
      1.615,
      1.685,
      1.7575,
      1.8275,
      1.8975,
      1.9675,
      2.0375,
      2.1075,
      2.1775,
      2.2475,
      2.3175,
      2.39,
      2.46,
      2.53,
      2.6,
      2.67,
      2.74
    ],
    "SoftwareVersions": "syngo_MR_B17",
    "SpacingBetweenSlices": 3,
    "StationName": "MRC35437",
    "StudyID": "1",
    "StudyInstanceUID": "1.3.12.2.1107.5.2.32.35437.30000016060107443729800000004",
    "TaskName": "motionLocaliser",
    "TxRefAmp": 307.53,
    "dataset": "ds004009",
    "modality": "bold",
    "subject_id": "21",
    "task_id": "motionLocaliser"
  },
  "dummy_trs": 2,
  "dvars_nstd": 26.422279976486475,
  "dvars_std": 1.1741869870270274,
  "dvars_vstd": 0.9613805666795356,
  "efc": 0.5918178718819809,
  "fber": 342.4755554199219,
  "fd_mean": 0.12212833430145405,
  "fd_num": 27,
  "fd_perc": 10.384615384615385,
  "fwhm_avg": 2.461432222222222,
  "fwhm_x": 2.3706633333333333,
  "fwhm_y": 2.4095366666666664,
  "fwhm_z": 2.6040966666666665,
  "gcor": 0.0456274,
  "gsr_x": -0.011390285566449165,
  "gsr_y": 0.04075203463435173,
  "provenance": {
    "md5sum": "15b4e2881b421f12727170f70aacc14a",
    "settings": {
      "fd_thres": 0.2,
      "testing": false
    },
    "software": "mriqc",
    "version": "23.0.1",
    "webapi_port": null,
    "webapi_url": "https://mriqc.nimh.nih.gov/api/v1"
  },
  "size_t": 260,
  "size_x": 64,
  "size_y": 64,
  "size_z": 40,
  "snr": 3.14760311408247,
  "spacing_tr": 2.799999952316284,
  "spacing_x": 3.0,
  "spacing_y": 3.0,
  "spacing_z": 3.0,
  "summary_bg_k": 37.47673063639455,
  "summary_bg_mad": 8.758757199570452,
  "summary_bg_mean": 54.200050354003906,
  "summary_bg_median": 31.073076248168945,
  "summary_bg_n": 88497.0,
  "summary_bg_p05": 24.399999618530273,
  "summary_bg_p95": 164.07384338378904,
  "summary_bg_stdv": 63.813724517822266,
  "summary_fg_k": 0.8632846832923673,
  "summary_fg_mad": 177.66138031669232,
  "summary_fg_mean": 618.7044067382812,
  "summary_fg_median": 591.1134033203125,
  "summary_fg_n": 37692.0,
  "summary_fg_p05": 364.5601943969727,
  "summary_fg_p95": 962.276910400389,
  "summary_fg_stdv": 187.7954559326172,
  "tsnr": 51.5102464214433
}