{
  "aor": 0.0012679693486590039,
  "aqi": 0.005146415363984674,
  "bids_meta": {
    "AcquisitionDateTime": "2016-06-01T12:02:42.217500",
    "AcquisitionMatrixPE": 64,
    "AcquisitionNumber": 1,
    "AcquisitionTime": "12:02:42.217500",
    "BaseResolution": 64,
    "ConversionSoftware": "dcm2niix",
    "ConversionSoftwareVersion": "v1.0.20180622 (JP2:OpenJPEG) GCC6.1.0",
    "DeviceSerialNumber": "35437",
    "DwellTime": 3.4e-06,
    "EchoTime": 0.03,
    "EffectiveEchoSpacing": 6.009615385e-05,
    "FlipAngle": 90,
    "ImageOrientationPatientDICOM": [
      1,
      -1e-16,
      0,
      1e-16,
      0.898028,
      -0.439939
    ],
    "ImageType": [
      "ORIGINAL",
      "PRIMARY",
      "M",
      "ND",
      "MOSAIC"
    ],
    "InPlanePhaseEncodingDirectionDICOM": "COL",
    "InstitutionAddress": "Queen_Square_12_London_Southeast_GB_WC1N_3BG",
    "InstitutionName": "Functional_Imaging_Laboratory",
    "InstitutionalDepartmentName": "Department",
    "MRAcquisitionType": "2D",
    "MagneticFieldStrength": 3,
    "Manufacturer": "Siemens",
    "ManufacturersModelName": "TrioTim",
    "Modality": "MR",
    "PartialFourier": 1,
    "PatientID": "MQ03644",
    "PatientName": "MQ03644",
    "PatientPosition": "HFS",
    "PatientSex": "",
    "PercentPhaseFOV": 100,
    "PhaseEncodingDirection": "j-",
    "PhaseEncodingSteps": 74,
    "PhaseOversampling": 0.13,
    "PhaseResolution": 1,
    "PixelBandwidth": 2298,
    "ProcedureStepDescription": "FIL_Johan_Carlin",
    "ProtocolName": "al_mepi2d_3mm_v1a_standard",
    "PulseSequenceDetails": "%CustomerSeq%_al_mepi2d_3mm_v1a",
    "ReceiveCoilName": "32Ch_Head",
    "ReconMatrixPE": 64,
    "RepetitionTime": 2.8,
    "SAR": 0.166482,
    "ScanOptions": "FS",
    "ScanningSequence": "RM",
    "SequenceName": "alepi2d2d1",
    "SequenceVariant": "SP_OSP",
    "SeriesDescription": "al_mepi2d_3mm_v1a_standard",
    "SeriesInstanceUID": "1.3.12.2.1107.5.2.32.35437.2016060112011822910195435.0.0.0",
    "SeriesNumber": 8,
    "SliceThickness": 2.5,
    "SliceTiming": [
      0,
      0.07,
      0.14,
      0.21,
      0.28,
      0.35,
      0.42,
      0.49,
      0.5625,
      0.6325,
      0.7025,
      0.7725,
      0.8425,
      0.9125,
      0.9825,
      1.0525,
      1.1225,
      1.195,
      1.265,
      1.335,
      1.405,
      1.475,
      1.545,
      1.615,
      1.685,
      1.755,
      1.8275,
      1.8975,
      1.9675,
      2.0375,
      2.1075,
      2.1775,
      2.2475,
      2.3175,
      2.3875,
      2.46,
      2.53,
      2.6,
      2.67,
      2.74
    ],
    "SoftwareVersions": "syngo_MR_B17",
    "SpacingBetweenSlices": 3,
    "StationName": "MRC35437",
    "StudyID": "1",
    "StudyInstanceUID": "1.3.12.2.1107.5.2.32.35437.30000016060107443729800000004",
    "TaskName": "memsamp",
    "TxRefAmp": 307.53,
    "dataset": "ds004009",
    "modality": "bold",
    "run_id": 3,
    "subject_id": "21",
    "task_id": "memsamp"
  },
  "dummy_trs": 1,
  "dvars_nstd": 25.60421335488461,
  "dvars_std": 1.2281012554230761,
  "dvars_vstd": 0.9674502033076922,
  "efc": 0.5898985344720326,
  "fber": 352.8587951660156,
  "fd_mean": 0.09712077924261753,
  "fd_num": 13,
  "fd_perc": 4.980842911877395,
  "fwhm_avg": 2.473941111111111,
  "fwhm_x": 2.3731266666666664,
  "fwhm_y": 2.415896666666667,
  "fwhm_z": 2.6328,
  "gcor": 0.0454733,
  "gsr_x": -0.013158470392227173,
  "gsr_y": 0.04115433618426323,
  "provenance": {
    "md5sum": "00a9ca282dfb2a3b364fbb896fe5a86a",
    "settings": {
      "fd_thres": 0.2,
      "testing": false
    },
    "software": "mriqc",
    "version": "23.0.1",
    "webapi_port": null,
    "webapi_url": "https://mriqc.nimh.nih.gov/api/v1"
  },
  "size_t": 261,
  "size_x": 64,
  "size_y": 64,
  "size_z": 40,
  "snr": 3.148191896096432,
  "spacing_tr": 2.799999952316284,
  "spacing_x": 3.0,
  "spacing_y": 3.0,
  "spacing_z": 3.0,
  "summary_bg_k": 39.538971777550415,
  "summary_bg_mad": 8.844488804067282,
  "summary_bg_mean": 54.28434753417969,
  "summary_bg_median": 31.057470321655273,
  "summary_bg_n": 88707.0,
  "summary_bg_p05": 24.272029876708984,
  "summary_bg_p95": 165.80382995605464,
  "summary_bg_stdv": 64.03157806396484,
  "summary_fg_k": 0.7982535994346067,
  "summary_fg_mad": 180.9712191866368,
  "summary_fg_mean": 628.2050170898438,
  "summary_fg_median": 599.7030029296875,
  "summary_fg_n": 37734.0,
  "summary_fg_p05": 370.337158203125,
  "summary_fg_p95": 978.7752868652343,
  "summary_fg_stdv": 190.4887237548828,
  "tsnr": 56.14068638510071
}