{
  "aor": 0.0009616475095785438,
  "aqi": 0.005622532298850575,
  "bids_meta": {
    "AcquisitionDateTime": "2016-06-01T11:35:11.387500",
    "AcquisitionMatrixPE": 64,
    "AcquisitionNumber": 1,
    "AcquisitionTime": "11:35:11.387500",
    "BaseResolution": 64,
    "ConversionSoftware": "dcm2niix",
    "ConversionSoftwareVersion": "v1.0.20180622 (JP2:OpenJPEG) GCC6.1.0",
    "DeviceSerialNumber": "35437",
    "DwellTime": 3.4e-06,
    "EchoTime": 0.03,
    "EffectiveEchoSpacing": 6.009615385e-05,
    "FlipAngle": 90,
    "ImageOrientationPatientDICOM": [
      1,
      -1e-16,
      0,
      1e-16,
      0.898028,
      -0.439939
    ],
    "ImageType": [
      "ORIGINAL",
      "PRIMARY",
      "M",
      "ND",
      "MOSAIC"
    ],
    "InPlanePhaseEncodingDirectionDICOM": "COL",
    "InstitutionAddress": "Queen_Square_12_London_Southeast_GB_WC1N_3BG",
    "InstitutionName": "Functional_Imaging_Laboratory",
    "InstitutionalDepartmentName": "Department",
    "MRAcquisitionType": "2D",
    "MagneticFieldStrength": 3,
    "Manufacturer": "Siemens",
    "ManufacturersModelName": "TrioTim",
    "Modality": "MR",
    "PartialFourier": 1,
    "PatientID": "MQ03644",
    "PatientName": "MQ03644",
    "PatientPosition": "HFS",
    "PatientSex": "",
    "PercentPhaseFOV": 100,
    "PhaseEncodingDirection": "j-",
    "PhaseEncodingSteps": 74,
    "PhaseOversampling": 0.13,
    "PhaseResolution": 1,
    "PixelBandwidth": 2298,
    "ProcedureStepDescription": "FIL_Johan_Carlin",
    "ProtocolName": "al_mepi2d_3mm_v1a_standard",
    "PulseSequenceDetails": "%CustomerSeq%_al_mepi2d_3mm_v1a",
    "ReceiveCoilName": "32Ch_Head",
    "ReconMatrixPE": 64,
    "RepetitionTime": 2.8,
    "SAR": 0.166482,
    "ScanOptions": "FS",
    "ScanningSequence": "RM",
    "SequenceName": "alepi2d2d1",
    "SequenceVariant": "SP_OSP",
    "SeriesDescription": "al_mepi2d_3mm_v1a_standard",
    "SeriesInstanceUID": "1.3.12.2.1107.5.2.32.35437.2016060111334671689531495.0.0.0",
    "SeriesNumber": 6,
    "SliceThickness": 2.5,
    "SliceTiming": [
      0,
      0.07,
      0.14,
      0.2125,
      0.2825,
      0.3525,
      0.4225,
      0.4925,
      0.5625,
      0.6325,
      0.7025,
      0.7725,
      0.845,
      0.915,
      0.985,
      1.055,
      1.125,
      1.195,
      1.265,
      1.335,
      1.4075,
      1.4775,
      1.5475,
      1.6175,
      1.6875,
      1.7575,
      1.8275,
      1.8975,
      1.9675,
      2.04,
      2.11,
      2.18,
      2.25,
      2.32,
      2.39,
      2.46,
      2.53,
      2.6,
      2.6725,
      2.7425
    ],
    "SoftwareVersions": "syngo_MR_B17",
    "SpacingBetweenSlices": 3,
    "StationName": "MRC35437",
    "StudyID": "1",
    "StudyInstanceUID": "1.3.12.2.1107.5.2.32.35437.30000016060107443729800000004",
    "TaskName": "memsamp",
    "TxRefAmp": 307.53,
    "dataset": "ds004009",
    "modality": "bold",
    "run_id": 1,
    "subject_id": "21",
    "task_id": "memsamp"
  },
  "dummy_trs": 1,
  "dvars_nstd": 27.41297528196155,
  "dvars_std": 1.2923338326153844,
  "dvars_vstd": 0.9518410395384614,
  "efc": 0.5888459557102704,
  "fber": 357.8311767578125,
  "fd_mean": 0.08173879139191818,
  "fd_num": 3,
  "fd_perc": 1.1494252873563218,
  "fwhm_avg": 2.4867955555555556,
  "fwhm_x": 2.384333333333333,
  "fwhm_y": 2.4167566666666667,
  "fwhm_z": 2.6592966666666666,
  "gcor": 0.0408198,
  "gsr_x": -0.01283013354986906,
  "gsr_y": 0.040239110589027405,
  "provenance": {
    "md5sum": "8f5932664eb4e602af12c88a00bd9b47",
    "settings": {
      "fd_thres": 0.2,
      "testing": false
    },
    "software": "mriqc",
    "version": "23.0.1",
    "webapi_port": null,
    "webapi_url": "https://mriqc.nimh.nih.gov/api/v1"
  },
  "size_t": 261,
  "size_x": 64,
  "size_y": 64,
  "size_z": 40,
  "snr": 3.1486757996406203,
  "spacing_tr": 2.799999952316284,
  "spacing_x": 3.0,
  "spacing_y": 3.0,
  "spacing_z": 3.0,
  "summary_bg_k": 33.76879077821632,
  "summary_bg_mad": 8.861529363776288,
  "summary_bg_mean": 54.091552734375,
  "summary_bg_median": 30.812259674072266,
  "summary_bg_n": 89063.0,
  "summary_bg_p05": 23.950574684143067,
  "summary_bg_p95": 166.24252624511703,
  "summary_bg_stdv": 64.01036834716797,
  "summary_fg_k": 0.8146623434102032,
  "summary_fg_mad": 179.803887117623,
  "summary_fg_mean": 625.0281372070312,
  "summary_fg_median": 596.210693359375,
  "summary_fg_n": 37723.0,
  "summary_fg_p05": 369.75860595703125,
  "summary_fg_p95": 973.656707763672,
  "summary_fg_stdv": 189.35032653808594,
  "tsnr": 55.22622030554339
}