{
  "aor": 0.0012244827586206895,
  "aqi": 0.004986978620689655,
  "bids_meta": {
    "AcquisitionDateTime": "2016-06-01T11:48:59.492500",
    "AcquisitionMatrixPE": 64,
    "AcquisitionNumber": 1,
    "AcquisitionTime": "11:48:59.492500",
    "BaseResolution": 64,
    "ConversionSoftware": "dcm2niix",
    "ConversionSoftwareVersion": "v1.0.20180622 (JP2:OpenJPEG) GCC6.1.0",
    "DeviceSerialNumber": "35437",
    "DwellTime": 3.4e-06,
    "EchoTime": 0.03,
    "EffectiveEchoSpacing": 6.009615385e-05,
    "FlipAngle": 90,
    "ImageOrientationPatientDICOM": [
      1,
      -1e-16,
      0,
      1e-16,
      0.898028,
      -0.439939
    ],
    "ImageType": [
      "ORIGINAL",
      "PRIMARY",
      "M",
      "ND",
      "MOSAIC"
    ],
    "InPlanePhaseEncodingDirectionDICOM": "COL",
    "InstitutionAddress": "Queen_Square_12_London_Southeast_GB_WC1N_3BG",
    "InstitutionName": "Functional_Imaging_Laboratory",
    "InstitutionalDepartmentName": "Department",
    "MRAcquisitionType": "2D",
    "MagneticFieldStrength": 3,
    "Manufacturer": "Siemens",
    "ManufacturersModelName": "TrioTim",
    "Modality": "MR",
    "PartialFourier": 1,
    "PatientID": "MQ03644",
    "PatientName": "MQ03644",
    "PatientPosition": "HFS",
    "PatientSex": "",
    "PercentPhaseFOV": 100,
    "PhaseEncodingDirection": "j-",
    "PhaseEncodingSteps": 74,
    "PhaseOversampling": 0.13,
    "PhaseResolution": 1,
    "PixelBandwidth": 2298,
    "ProcedureStepDescription": "FIL_Johan_Carlin",
    "ProtocolName": "al_mepi2d_3mm_v1a_standard",
    "PulseSequenceDetails": "%CustomerSeq%_al_mepi2d_3mm_v1a",
    "ReceiveCoilName": "32Ch_Head",
    "ReconMatrixPE": 64,
    "RepetitionTime": 2.8,
    "SAR": 0.166482,
    "ScanOptions": "FS",
    "ScanningSequence": "RM",
    "SequenceName": "alepi2d2d1",
    "SequenceVariant": "SP_OSP",
    "SeriesDescription": "al_mepi2d_3mm_v1a_standard",
    "SeriesInstanceUID": "1.3.12.2.1107.5.2.32.35437.2016060111473088014163465.0.0.0",
    "SeriesNumber": 7,
    "SliceThickness": 2.5,
    "SliceTiming": [
      0,
      0.07,
      0.14,
      0.21,
      0.28,
      0.35,
      0.42,
      0.49,
      0.56,
      0.6325,
      0.7025,
      0.7725,
      0.8425,
      0.9125,
      0.9825,
      1.0525,
      1.1225,
      1.1925,
      1.265,
      1.335,
      1.405,
      1.475,
      1.545,
      1.615,
      1.685,
      1.755,
      1.825,
      1.8975,
      1.9675,
      2.0375,
      2.1075,
      2.1775,
      2.2475,
      2.3175,
      2.3875,
      2.4575,
      2.53,
      2.6,
      2.67,
      2.74
    ],
    "SoftwareVersions": "syngo_MR_B17",
    "SpacingBetweenSlices": 3,
    "StationName": "MRC35437",
    "StudyID": "1",
    "StudyInstanceUID": "1.3.12.2.1107.5.2.32.35437.30000016060107443729800000004",
    "TaskName": "memsamp",
    "TxRefAmp": 307.53,
    "dataset": "ds004009",
    "modality": "bold",
    "run_id": 2,
    "subject_id": "21",
    "task_id": "memsamp"
  },
  "dummy_trs": 1,
  "dvars_nstd": 26.245422605346143,
  "dvars_std": 1.255181222346154,
  "dvars_vstd": 0.9672531612307694,
  "efc": 0.5893130931085249,
  "fber": 355.8708190917969,
  "fd_mean": 0.0995391917739651,
  "fd_num": 15,
  "fd_perc": 5.747126436781609,
  "fwhm_avg": 2.479544444444444,
  "fwhm_x": 2.3785833333333333,
  "fwhm_y": 2.423033333333333,
  "fwhm_z": 2.637016666666667,
  "gcor": 0.0465603,
  "gsr_x": -0.012945081107318401,
  "gsr_y": 0.04087936505675316,
  "provenance": {
    "md5sum": "2b811e3f47deb2af45122674177026f3",
    "settings": {
      "fd_thres": 0.2,
      "testing": false
    },
    "software": "mriqc",
    "version": "23.0.1",
    "webapi_port": null,
    "webapi_url": "https://mriqc.nimh.nih.gov/api/v1"
  },
  "size_t": 261,
  "size_x": 64,
  "size_y": 64,
  "size_z": 40,
  "snr": 3.154376932208618,
  "spacing_tr": 2.799999952316284,
  "spacing_x": 3.0,
  "spacing_y": 3.0,
  "spacing_z": 3.0,
  "summary_bg_k": 38.70006255394359,
  "summary_bg_mad": 8.844488804067282,
  "summary_bg_mean": 54.574867248535156,
  "summary_bg_median": 30.98850440979004,
  "summary_bg_n": 89044.0,
  "summary_bg_p05": 24.272029876708984,
  "summary_bg_p95": 167.97623672485324,
  "summary_bg_stdv": 65.04916381835938,
  "summary_fg_k": 0.8165449664633146,
  "summary_fg_mad": 180.46849722466732,
  "summary_fg_mean": 626.8912353515625,
  "summary_fg_median": 598.3601684570312,
  "summary_fg_n": 37677.0,
  "summary_fg_p05": 370.5647338867187,
  "summary_fg_p95": 975.8153198242187,
  "summary_fg_stdv": 189.68951416015625,
  "tsnr": 56.58797941170633
}