{
  "aor": 0.0006516602316602317,
  "aqi": 0.003725429691119691,
  "bids_meta": {
    "AcquisitionDateTime": "2016-09-28T10:24:6.882500",
    "AcquisitionMatrixPE": 64,
    "AcquisitionNumber": 1,
    "AcquisitionTime": "10:24:6.882500",
    "BaseResolution": 64,
    "ConversionSoftware": "dcm2niix",
    "ConversionSoftwareVersion": "v1.0.20180622 (JP2:OpenJPEG) GCC6.1.0",
    "DeviceSerialNumber": "35437",
    "DwellTime": 3.4e-06,
    "EchoTime": 0.03,
    "EffectiveEchoSpacing": 6.009615385e-05,
    "FlipAngle": 90,
    "ImageOrientationPatientDICOM": [
      1,
      0,
      0,
      0,
      0.866025,
      -0.5
    ],
    "ImageType": [
      "ORIGINAL",
      "PRIMARY",
      "M",
      "ND",
      "MOSAIC"
    ],
    "InPlanePhaseEncodingDirectionDICOM": "COL",
    "InstitutionAddress": "Queen_Square_12_London_Southeast_GB_WC1N_3BG",
    "InstitutionName": "WTCN",
    "InstitutionalDepartmentName": "Department",
    "MRAcquisitionType": "2D",
    "MagneticFieldStrength": 3,
    "Manufacturer": "Siemens",
    "ManufacturersModelName": "TrioTim",
    "Modality": "MR",
    "PartialFourier": 1,
    "PatientID": "MQ03794",
    "PatientName": "MQ03794",
    "PatientPosition": "HFS",
    "PatientSex": "",
    "PercentPhaseFOV": 100,
    "PhaseEncodingDirection": "j-",
    "PhaseEncodingSteps": 74,
    "PhaseOversampling": 0.13,
    "PhaseResolution": 1,
    "PixelBandwidth": 2298,
    "ProcedureStepDescription": "FIL_Johan_Carlin",
    "ProtocolName": "al_mepi2d_3mm_v1a_standard",
    "PulseSequenceDetails": "%CustomerSeq%_al_mepi2d_3mm_v1a",
    "ReceiveCoilName": "32Ch_Head",
    "ReconMatrixPE": 64,
    "RepetitionTime": 2.8,
    "SAR": 0.17598,
    "ScanOptions": "FS",
    "ScanningSequence": "RM",
    "SequenceName": "alepi2d2d1",
    "SequenceVariant": "SP_OSP",
    "SeriesDescription": "al_mepi2d_3mm_v1a_standard",
    "SeriesInstanceUID": "1.3.12.2.1107.5.2.32.35437.2016092810191911367930943.0.0.0",
    "SeriesNumber": 5,
    "ShimSetting": [
      38,
      -3809,
      236,
      427,
      29,
      366,
      33,
      70
    ],
    "SliceThickness": 2.5,
    "SliceTiming": [
      0,
      0.07,
      0.14,
      0.21,
      0.28,
      0.35,
      0.4225,
      0.4925,
      0.5625,
      0.6325,
      0.7025,
      0.7725,
      0.8425,
      0.9125,
      0.9825,
      1.055,
      1.125,
      1.195,
      1.265,
      1.335,
      1.405,
      1.475,
      1.545,
      1.615,
      1.6875,
      1.7575,
      1.8275,
      1.8975,
      1.9675,
      2.0375,
      2.1075,
      2.1775,
      2.2475,
      2.32,
      2.39,
      2.46,
      2.53,
      2.6,
      2.67,
      2.74
    ],
    "SoftwareVersions": "syngo_MR_B17",
    "SpacingBetweenSlices": 3,
    "StationName": "MRC35437",
    "StudyID": "1",
    "StudyInstanceUID": "1.3.12.2.1107.5.2.32.35437.30000016092808002314900000004",
    "TaskName": "memsamp",
    "TxRefAmp": 311.573,
    "dataset": "ds004009",
    "modality": "bold",
    "run_id": 1,
    "subject_id": "08",
    "task_id": "memsamp"
  },
  "dummy_trs": 3,
  "dvars_nstd": 19.172371646046514,
  "dvars_std": 1.0559338882170535,
  "dvars_vstd": 0.9487012432945734,
  "efc": 0.6073582908046847,
  "fber": 309.18487548828125,
  "fd_mean": 0.0831549073535354,
  "fd_num": 1,
  "fd_perc": 0.3861003861003861,
  "fwhm_avg": 2.4487888888888887,
  "fwhm_x": 2.34569,
  "fwhm_y": 2.4688833333333333,
  "fwhm_z": 2.5317933333333333,
  "gcor": 0.0172409,
  "gsr_x": -0.013594175688922405,
  "gsr_y": 0.08033444732427597,
  "provenance": {
    "md5sum": "1ef83654b2a1fbec72769c7861a1e8d2",
    "settings": {
      "fd_thres": 0.2,
      "testing": false
    },
    "software": "mriqc",
    "version": "23.0.1",
    "webapi_port": null,
    "webapi_url": "https://mriqc.nimh.nih.gov/api/v1"
  },
  "size_t": 259,
  "size_x": 64,
  "size_y": 64,
  "size_z": 40,
  "snr": 3.046440289434287,
  "spacing_tr": 2.799999952316284,
  "spacing_x": 3.0,
  "spacing_y": 3.0,
  "spacing_z": 3.0,
  "summary_bg_k": 61.91617715204161,
  "summary_bg_mad": 7.544669635331171,
  "summary_bg_mean": 50.77516555786133,
  "summary_bg_median": 29.548261642456055,
  "summary_bg_n": 84825.0,
  "summary_bg_p05": 23.945945739746094,
  "summary_bg_p95": 151.14285278320312,
  "summary_bg_stdv": 58.88608169555664,
  "summary_fg_k": 1.0934214855916968,
  "summary_fg_mad": 152.01536623303312,
  "summary_fg_mean": 562.3870239257812,
  "summary_fg_median": 532.1331787109375,
  "summary_fg_n": 41028.0,
  "summary_fg_p05": 331.2461303710937,
  "summary_fg_p95": 900.3528930664063,
  "summary_fg_stdv": 174.671630859375,
  "tsnr": 62.80861854599789
}