{
  "aor": 0.0009492307692307693,
  "aqi": 0.006140580807692307,
  "bids_meta": {
    "AcquisitionDateTime": "2016-09-28T10:38:1.667500",
    "AcquisitionMatrixPE": 64,
    "AcquisitionNumber": 1,
    "AcquisitionTime": "10:38:1.667500",
    "BaseResolution": 64,
    "ConversionSoftware": "dcm2niix",
    "ConversionSoftwareVersion": "v1.0.20180622 (JP2:OpenJPEG) GCC6.1.0",
    "DeviceSerialNumber": "35437",
    "DwellTime": 3.4e-06,
    "EchoTime": 0.03,
    "EffectiveEchoSpacing": 6.009615385e-05,
    "FlipAngle": 90,
    "ImageOrientationPatientDICOM": [
      1,
      0,
      0,
      0,
      0.866025,
      -0.5
    ],
    "ImageType": [
      "ORIGINAL",
      "PRIMARY",
      "M",
      "ND",
      "MOSAIC"
    ],
    "InPlanePhaseEncodingDirectionDICOM": "COL",
    "InstitutionAddress": "Queen_Square_12_London_Southeast_GB_WC1N_3BG",
    "InstitutionName": "WTCN",
    "InstitutionalDepartmentName": "Department",
    "MRAcquisitionType": "2D",
    "MagneticFieldStrength": 3,
    "Manufacturer": "Siemens",
    "ManufacturersModelName": "TrioTim",
    "Modality": "MR",
    "PartialFourier": 1,
    "PatientID": "MQ03794",
    "PatientName": "MQ03794",
    "PatientPosition": "HFS",
    "PatientSex": "",
    "PercentPhaseFOV": 100,
    "PhaseEncodingDirection": "j-",
    "PhaseEncodingSteps": 74,
    "PhaseOversampling": 0.13,
    "PhaseResolution": 1,
    "PixelBandwidth": 2298,
    "ProcedureStepDescription": "FIL_Johan_Carlin",
    "ProtocolName": "al_mepi2d_3mm_v1a_standard",
    "PulseSequenceDetails": "%CustomerSeq%_al_mepi2d_3mm_v1a",
    "ReceiveCoilName": "32Ch_Head",
    "ReconMatrixPE": 64,
    "RepetitionTime": 2.8,
    "SAR": 0.17598,
    "ScanOptions": "FS",
    "ScanningSequence": "RM",
    "SequenceName": "alepi2d2d1",
    "SequenceVariant": "SP_OSP",
    "SeriesDescription": "al_mepi2d_3mm_v1a_standard",
    "SeriesInstanceUID": "1.3.12.2.1107.5.2.32.35437.201609281036259527562913.0.0.0",
    "SeriesNumber": 6,
    "ShimSetting": [
      38,
      -3809,
      236,
      427,
      29,
      366,
      33,
      70
    ],
    "SliceThickness": 2.5,
    "SliceTiming": [
      0,
      0.07,
      0.14,
      0.21,
      0.28,
      0.35,
      0.42,
      0.49,
      0.5625,
      0.6325,
      0.7025,
      0.7725,
      0.8425,
      0.9125,
      0.9825,
      1.0525,
      1.1225,
      1.195,
      1.265,
      1.335,
      1.405,
      1.475,
      1.545,
      1.615,
      1.685,
      1.755,
      1.8275,
      1.8975,
      1.9675,
      2.0375,
      2.1075,
      2.1775,
      2.2475,
      2.3175,
      2.3875,
      2.46,
      2.53,
      2.6,
      2.67,
      2.74
    ],
    "SoftwareVersions": "syngo_MR_B17",
    "SpacingBetweenSlices": 3,
    "StationName": "MRC35437",
    "StudyID": "1",
    "StudyInstanceUID": "1.3.12.2.1107.5.2.32.35437.30000016092808002314900000004",
    "TaskName": "memsamp",
    "TxRefAmp": 311.573,
    "dataset": "ds004009",
    "modality": "bold",
    "run_id": 2,
    "subject_id": "08",
    "task_id": "memsamp"
  },
  "dummy_trs": 2,
  "dvars_nstd": 21.31133023590733,
  "dvars_std": 1.0444487638223938,
  "dvars_vstd": 0.9249617098455599,
  "efc": 0.6086866609758906,
  "fber": 304.8682861328125,
  "fd_mean": 0.12494232006412934,
  "fd_num": 35,
  "fd_perc": 13.461538461538462,
  "fwhm_avg": 2.4617166666666663,
  "fwhm_x": 2.35765,
  "fwhm_y": 2.4805266666666665,
  "fwhm_z": 2.5469733333333333,
  "gcor": 0.0123861,
  "gsr_x": -0.014281821437180042,
  "gsr_y": 0.08104289323091507,
  "provenance": {
    "md5sum": "3f6647502b6465c4872389f637588690",
    "settings": {
      "fd_thres": 0.2,
      "testing": false
    },
    "software": "mriqc",
    "version": "23.0.1",
    "webapi_port": null,
    "webapi_url": "https://mriqc.nimh.nih.gov/api/v1"
  },
  "size_t": 260,
  "size_x": 64,
  "size_y": 64,
  "size_z": 40,
  "snr": 3.0489406869530895,
  "spacing_tr": 2.799999952316284,
  "spacing_x": 3.0,
  "spacing_y": 3.0,
  "spacing_z": 3.0,
  "summary_bg_k": 62.42945782994903,
  "summary_bg_mad": 7.951881324454373,
  "summary_bg_mean": 51.693424224853516,
  "summary_bg_median": 29.875,
  "summary_bg_n": 84746.0,
  "summary_bg_p05": 23.71923065185547,
  "summary_bg_p95": 154.7576904296875,
  "summary_bg_stdv": 60.50007629394531,
  "summary_fg_k": 1.1177846654854324,
  "summary_fg_mad": 153.80572785981127,
  "summary_fg_mean": 564.334228515625,
  "summary_fg_median": 534.015380859375,
  "summary_fg_n": 41008.0,
  "summary_fg_p05": 333.2913360595703,
  "summary_fg_p95": 903.0763275146485,
  "summary_fg_stdv": 175.1457061767578,
  "tsnr": 50.45930653414689
}