{
  "bids_meta": {
    "AcquisitionDateTime": "2016-06-09T16:42:13.270000",
    "AcquisitionMatrixPE": 240,
    "AcquisitionNumber": 1,
    "AcquisitionTime": "16:42:13.270000",
    "BaseResolution": 256,
    "ConversionSoftware": "dcm2niix",
    "ConversionSoftwareVersion": "v1.0.20180622 (JP2:OpenJPEG) GCC6.1.0",
    "DeviceSerialNumber": "35437",
    "DwellTime": 4e-06,
    "EchoTime": 0.0022,
    "FlipAngle": 13,
    "ImageOrientationPatientDICOM": [
      0,
      0.866025,
      -0.5,
      0,
      -0.5,
      -0.866025
    ],
    "ImageType": [
      "ORIGINAL",
      "PRIMARY",
      "M",
      "ND"
    ],
    "InPlanePhaseEncodingDirectionDICOM": "ROW",
    "InstitutionAddress": "Queen_Square_12_London_Southeast_GB_WC1N_3BG",
    "InstitutionName": "Functional_Imaging_Laboratory",
    "InstitutionalDepartmentName": "Department",
    "MRAcquisitionType": "3D",
    "MagneticFieldStrength": 3,
    "Manufacturer": "Siemens",
    "ManufacturersModelName": "TrioTim",
    "Modality": "MR",
    "PartialFourier": 0.75,
    "PatientID": "MQ03657",
    "PatientName": "MQ03657",
    "PatientPosition": "HFS",
    "PatientSex": "",
    "PercentPhaseFOV": 93.75,
    "PhaseEncodingSteps": 180,
    "PhaseResolution": 1,
    "PixelBandwidth": 488,
    "ProcedureStepDescription": "FIL_Johan_Carlin",
    "ProtocolName": "BasicT1_NoVBM_nw_mtflash3d_v3h",
    "PulseSequenceDetails": "%CustomerSeq%_nw_mtflash3d_v3h",
    "ReceiveCoilName": "32Ch_Head",
    "ReconMatrixPE": 256,
    "RepetitionTime": 2,
    "SAR": 0.242788,
    "ScanOptions": "PFP",
    "ScanningSequence": "RM",
    "SequenceName": "fl3d_3h3d1",
    "SequenceVariant": "SP",
    "SeriesDescription": "BasicT1_NoVBM_nw_mtflash3d_v3h",
    "SeriesInstanceUID": "1.3.12.2.1107.5.2.32.35437.2016060916415521486454156.0.0.0",
    "SeriesNumber": 12,
    "ShimSetting": [
      46,
      -4205,
      336,
      548,
      -58,
      -472,
      419,
      96
    ],
    "SliceThickness": 1,
    "SoftwareVersions": "syngo_MR_B17",
    "StationName": "MRC35437",
    "StudyID": "1",
    "StudyInstanceUID": "1.3.12.2.1107.5.2.32.35437.30000016060907584712000000007",
    "TxRefAmp": 306.617,
    "dataset": "ds004009",
    "modality": "T1w",
    "subject_id": "16"
  },
  "cjv": 0.4937747043816071,
  "cnr": 2.846583955821469,
  "efc": 0.5503960868470279,
  "fber": -1.0,
  "fwhm_avg": 4.835053333333334,
  "fwhm_x": 4.97504,
  "fwhm_y": 4.8646,
  "fwhm_z": 4.66552,
  "icvs_csf": 0.17566030413950945,
  "icvs_gm": 0.3696502109545404,
  "icvs_wm": 0.4546894849059501,
  "inu_med": 0.8978409171104431,
  "inu_range": 0.8676337629556654,
  "provenance": {
    "md5sum": "0dd82f74975c684bebe28453f2998d1c",
    "settings": {
      "testing": false
    },
    "software": "mriqc",
    "version": "23.0.1",
    "warnings": {
      "large_rot_frame": true,
      "small_air_mask": false
    },
    "webapi_port": null,
    "webapi_url": "https://mriqc.nimh.nih.gov/api/v1"
  },
  "qi_1": 0.0,
  "qi_2": 0.008951738164777704,
  "rpve_csf": 29.38414525863129,
  "rpve_gm": 13.522132135561392,
  "rpve_wm": 13.238811116645183,
  "size_x": 176,
  "size_y": 240,
  "size_z": 256,
  "snr_csf": 3.0312214926306984,
  "snr_gm": 15.198709315134327,
  "snr_total": 12.708412605568816,
  "snr_wm": 19.895307008941415,
  "snrd_csf": 27.783846058989635,
  "snrd_gm": 58.53477056889962,
  "snrd_total": 53.39859464717272,
  "snrd_wm": 73.8771673136289,
  "spacing_x": 1.0,
  "spacing_y": 1.0,
  "spacing_z": 1.0,
  "summary_bg_k": 3.977697135533659,
  "summary_bg_mad": 0.0,
  "summary_bg_mean": 5.229200864909692,
  "summary_bg_median": 0.0,
  "summary_bg_n": 1856707.0,
  "summary_bg_p05": 0.0,
  "summary_bg_p95": 26.138330675661564,
  "summary_bg_stdv": 8.867914600549199,
  "summary_csf_k": 7.459698063964426,
  "summary_csf_mad": 117.408436831939,
  "summary_csf_mean": 380.04590312210576,
  "summary_csf_median": 376.0816436484456,
  "summary_csf_n": 30837.0,
  "summary_csf_p05": 208.2592383377254,
  "summary_csf_p95": 561.8547564186156,
  "summary_csf_stdv": 124.06732619744375,
  "summary_gm_k": 0.08465161886249906,
  "summary_gm_mad": 51.75880598845841,
  "summary_gm_mean": 793.035564017812,
  "summary_gm_median": 792.3256081752479,
  "summary_gm_n": 20519.0,
  "summary_gm_p05": 707.7579634252936,
  "summary_gm_p95": 879.6920833103359,
  "summary_gm_stdv": 52.129841053715545,
  "summary_wm_k": -0.030817516390373,
  "summary_wm_mad": 50.78556348269253,
  "summary_wm_mean": 1004.0369514379488,
  "summary_wm_median": 1000.0000162832439,
  "summary_wm_n": 204436.0,
  "summary_wm_p05": 928.0897686481476,
  "summary_wm_p95": 1092.6777047291398,
  "summary_wm_stdv": 50.262987652193395,
  "tpm_overlap_csf": 0.1611221061091165,
  "tpm_overlap_gm": 0.4256558711707627,
  "tpm_overlap_wm": 0.4713113984775492,
  "wm2max": 0.29206975536286267
}