{
  "aor": 0.005711839080459769,
  "aqi": 0.013175826130268197,
  "bids_meta": {
    "AcquisitionDateTime": "2016-05-25T09:48:20.000000",
    "AcquisitionMatrixPE": 64,
    "AcquisitionNumber": 1,
    "AcquisitionTime": "09:48:20.000000",
    "BaseResolution": 64,
    "ConversionSoftware": "dcm2niix",
    "ConversionSoftwareVersion": "v1.0.20180622 (JP2:OpenJPEG) GCC6.1.0",
    "DeviceSerialNumber": "35437",
    "DwellTime": 3.4e-06,
    "EchoTime": 0.03,
    "EffectiveEchoSpacing": 6.009615385e-05,
    "FlipAngle": 90,
    "ImageOrientationPatientDICOM": [
      1,
      0,
      0,
      0,
      0.866025,
      -0.5
    ],
    "ImageType": [
      "ORIGINAL",
      "PRIMARY",
      "M",
      "ND",
      "MOSAIC"
    ],
    "InPlanePhaseEncodingDirectionDICOM": "COL",
    "InstitutionAddress": "Queen_Square_12_London_Southeast_GB_WC1N_3BG",
    "InstitutionName": "WTCN",
    "InstitutionalDepartmentName": "Department",
    "MRAcquisitionType": "2D",
    "MagneticFieldStrength": 3,
    "Manufacturer": "Siemens",
    "ManufacturersModelName": "TrioTim",
    "Modality": "MR",
    "PartialFourier": 1,
    "PatientID": "MQ03633",
    "PatientName": "MQ03633",
    "PatientPosition": "HFS",
    "PatientSex": "",
    "PercentPhaseFOV": 100,
    "PhaseEncodingDirection": "j-",
    "PhaseEncodingSteps": 74,
    "PhaseOversampling": 0.13,
    "PhaseResolution": 1,
    "PixelBandwidth": 2298,
    "ProcedureStepDescription": "FIL_Johan_Carlin",
    "ProtocolName": "al_mepi2d_3mm_v1a_standard",
    "PulseSequenceDetails": "%CustomerSeq%_al_mepi2d_3mm_v1a",
    "ReceiveCoilName": "32Ch_Head",
    "ReconMatrixPE": 64,
    "RepetitionTime": 2.8,
    "SAR": 0.154865,
    "ScanOptions": "FS",
    "ScanningSequence": "RM",
    "SequenceName": "alepi2d2d1",
    "SequenceVariant": "SP_OSP",
    "SeriesDescription": "al_mepi2d_3mm_v1a_standard",
    "SeriesInstanceUID": "1.3.12.2.1107.5.2.32.35437.201605250945366471645212.0.0.0",
    "SeriesNumber": 6,
    "ShimSetting": [
      20,
      -3905,
      325,
      665,
      -160,
      190,
      -232,
      5
    ],
    "SliceThickness": 2.5,
    "SliceTiming": [
      0,
      0.07,
      0.14,
      0.21,
      0.28,
      0.3525,
      0.4225,
      0.4925,
      0.5625,
      0.6325,
      0.7025,
      0.7725,
      0.8425,
      0.9125,
      0.985,
      1.055,
      1.125,
      1.195,
      1.265,
      1.335,
      1.405,
      1.475,
      1.545,
      1.6175,
      1.6875,
      1.7575,
      1.8275,
      1.8975,
      1.9675,
      2.0375,
      2.1075,
      2.1775,
      2.25,
      2.32,
      2.39,
      2.46,
      2.53,
      2.6,
      2.67,
      2.74
    ],
    "SoftwareVersions": "syngo_MR_B17",
    "SpacingBetweenSlices": 3,
    "StationName": "MRC35437",
    "StudyID": "1",
    "StudyInstanceUID": "1.3.12.2.1107.5.2.32.35437.30000016052507570637500000004",
    "TaskName": "memsamp",
    "TxRefAmp": 302.113,
    "dataset": "ds004009",
    "modality": "bold",
    "run_id": 2,
    "subject_id": "32",
    "task_id": "memsamp"
  },
  "dummy_trs": 2,
  "dvars_nstd": 20.637500792230767,
  "dvars_std": 0.8906881407692302,
  "dvars_vstd": 0.865659196692308,
  "efc": 0.6056937967135175,
  "fber": 271.0709228515625,
  "fd_mean": 0.11441529806013445,
  "fd_num": 18,
  "fd_perc": 6.896551724137931,
  "fwhm_avg": 2.396151111111111,
  "fwhm_x": 2.2544366666666664,
  "fwhm_y": 2.4251833333333335,
  "fwhm_z": 2.5088333333333335,
  "gcor": 0.00565292,
  "gsr_x": -0.00035903105163015425,
  "gsr_y": 0.05886273831129074,
  "provenance": {
    "md5sum": "02e322827e5bf7abc6bc93afaeb37153",
    "settings": {
      "fd_thres": 0.2,
      "testing": false
    },
    "software": "mriqc",
    "version": "23.0.1",
    "webapi_port": null,
    "webapi_url": "https://mriqc.nimh.nih.gov/api/v1"
  },
  "size_t": 261,
  "size_x": 64,
  "size_y": 64,
  "size_z": 40,
  "snr": 2.975872963921466,
  "spacing_tr": 2.799999952316284,
  "spacing_x": 3.0,
  "spacing_y": 3.0,
  "spacing_z": 3.0,
  "summary_bg_k": 60.16616648824634,
  "summary_bg_mad": 10.76448424069944,
  "summary_bg_mean": 56.75862121582031,
  "summary_bg_median": 32.20689392089844,
  "summary_bg_n": 86323.0,
  "summary_bg_p05": 23.946742820739747,
  "summary_bg_p95": 167.97891998291004,
  "summary_bg_stdv": 71.71159362792969,
  "summary_fg_k": 1.7546573642558947,
  "summary_fg_mad": 161.6490682278583,
  "summary_fg_mean": 577.1443481445312,
  "summary_fg_median": 543.909912109375,
  "summary_fg_n": 38302.0,
  "summary_fg_p05": 340.1156951904297,
  "summary_fg_p95": 919.2436462402343,
  "summary_fg_stdv": 182.77084350585938,
  "tsnr": 33.70951003569644
}