{
  "aor": 0.0035767816091954023,
  "aqi": 0.013646004444444446,
  "bids_meta": {
    "AcquisitionDateTime": "2016-05-25T10:32:35.560000",
    "AcquisitionMatrixPE": 64,
    "AcquisitionNumber": 1,
    "AcquisitionTime": "10:32:35.560000",
    "BaseResolution": 64,
    "ConversionSoftware": "dcm2niix",
    "ConversionSoftwareVersion": "v1.0.20180622 (JP2:OpenJPEG) GCC6.1.0",
    "DeviceSerialNumber": "35437",
    "DwellTime": 3.4e-06,
    "EchoTime": 0.03,
    "EffectiveEchoSpacing": 6.009615385e-05,
    "FlipAngle": 90,
    "ImageOrientationPatientDICOM": [
      1,
      0,
      0,
      0,
      0.866025,
      -0.5
    ],
    "ImageType": [
      "ORIGINAL",
      "PRIMARY",
      "M",
      "ND",
      "MOSAIC"
    ],
    "InPlanePhaseEncodingDirectionDICOM": "COL",
    "InstitutionAddress": "Queen_Square_12_London_Southeast_GB_WC1N_3BG",
    "InstitutionName": "WTCN",
    "InstitutionalDepartmentName": "Department",
    "MRAcquisitionType": "2D",
    "MagneticFieldStrength": 3,
    "Manufacturer": "Siemens",
    "ManufacturersModelName": "TrioTim",
    "Modality": "MR",
    "PartialFourier": 1,
    "PatientID": "MQ03633",
    "PatientName": "MQ03633",
    "PatientPosition": "HFS",
    "PatientSex": "",
    "PercentPhaseFOV": 100,
    "PhaseEncodingDirection": "j-",
    "PhaseEncodingSteps": 74,
    "PhaseOversampling": 0.13,
    "PhaseResolution": 1,
    "PixelBandwidth": 2298,
    "ProcedureStepDescription": "FIL_Johan_Carlin",
    "ProtocolName": "al_mepi2d_3mm_v1a_standard",
    "PulseSequenceDetails": "%CustomerSeq%_al_mepi2d_3mm_v1a",
    "ReceiveCoilName": "32Ch_Head",
    "ReconMatrixPE": 64,
    "RepetitionTime": 2.8,
    "SAR": 0.154865,
    "ScanOptions": "FS",
    "ScanningSequence": "RM",
    "SequenceName": "alepi2d2d1",
    "SequenceVariant": "SP_OSP",
    "SeriesDescription": "al_mepi2d_3mm_v1a_standard",
    "SeriesInstanceUID": "1.3.12.2.1107.5.2.32.35437.2016052510304969663441488.0.0.0",
    "SeriesNumber": 9,
    "ShimSetting": [
      20,
      -3905,
      325,
      665,
      -160,
      190,
      -232,
      5
    ],
    "SliceThickness": 2.5,
    "SliceTiming": [
      0,
      0.07,
      0.14,
      0.21,
      0.28,
      0.35,
      0.4225,
      0.4925,
      0.5625,
      0.6325,
      0.7025,
      0.7725,
      0.8425,
      0.9125,
      0.9825,
      1.055,
      1.125,
      1.195,
      1.265,
      1.335,
      1.405,
      1.475,
      1.545,
      1.615,
      1.6875,
      1.7575,
      1.8275,
      1.8975,
      1.9675,
      2.0375,
      2.1075,
      2.1775,
      2.2475,
      2.32,
      2.39,
      2.46,
      2.53,
      2.6,
      2.67,
      2.74
    ],
    "SoftwareVersions": "syngo_MR_B17",
    "SpacingBetweenSlices": 3,
    "StationName": "MRC35437",
    "StudyID": "1",
    "StudyInstanceUID": "1.3.12.2.1107.5.2.32.35437.30000016052507570637500000004",
    "TaskName": "motionLocaliser",
    "TxRefAmp": 302.113,
    "dataset": "ds004009",
    "modality": "bold",
    "subject_id": "32",
    "task_id": "motionLocaliser"
  },
  "dummy_trs": 2,
  "dvars_nstd": 21.527390289038465,
  "dvars_std": 0.8477232365,
  "dvars_vstd": 0.8389894386923075,
  "efc": 0.6009489788255797,
  "fber": 285.0506286621094,
  "fd_mean": 0.11215019698370812,
  "fd_num": 19,
  "fd_perc": 7.2796934865900385,
  "fwhm_avg": 2.3663411111111112,
  "fwhm_x": 2.2015033333333336,
  "fwhm_y": 2.41419,
  "fwhm_z": 2.48333,
  "gcor": 0.00777072,
  "gsr_x": 0.011160939000546932,
  "gsr_y": 0.05877407267689705,
  "provenance": {
    "md5sum": "f2b7419da1354d43f18e9c1b013208a2",
    "settings": {
      "fd_thres": 0.2,
      "testing": false
    },
    "software": "mriqc",
    "version": "23.0.1",
    "webapi_port": null,
    "webapi_url": "https://mriqc.nimh.nih.gov/api/v1"
  },
  "size_t": 261,
  "size_x": 64,
  "size_y": 64,
  "size_z": 40,
  "snr": 3.016996838183654,
  "spacing_tr": 2.799999952316284,
  "spacing_x": 3.0,
  "spacing_y": 3.0,
  "spacing_z": 3.0,
  "summary_bg_k": 40.40795695279754,
  "summary_bg_mad": 8.662715292933058,
  "summary_bg_mean": 50.137062072753906,
  "summary_bg_median": 30.21072769165039,
  "summary_bg_n": 87668.0,
  "summary_bg_p05": 23.319347667694093,
  "summary_bg_p95": 145.7164764404297,
  "summary_bg_stdv": 53.30058288574219,
  "summary_fg_k": 2.0460002196935285,
  "summary_fg_mad": 151.4980752429155,
  "summary_fg_mean": 558.591064453125,
  "summary_fg_median": 525.3314208984375,
  "summary_fg_n": 38166.0,
  "summary_fg_p05": 335.7691421508789,
  "summary_fg_p95": 885.2585906982422,
  "summary_fg_stdv": 174.12167358398438,
  "tsnr": 36.71674585179426
}