{
  "aor": 0.004603653846153846,
  "aqi": 0.014517311807692307,
  "bids_meta": {
    "AcquisitionDateTime": "2016-06-20T14:31:11.360000",
    "AcquisitionMatrixPE": 64,
    "AcquisitionNumber": 1,
    "AcquisitionTime": "14:31:11.360000",
    "BaseResolution": 64,
    "ConversionSoftware": "dcm2niix",
    "ConversionSoftwareVersion": "v1.0.20180622 (JP2:OpenJPEG) GCC6.1.0",
    "DeviceSerialNumber": "35437",
    "DwellTime": 3.4e-06,
    "EchoTime": 0.03,
    "EffectiveEchoSpacing": 6.009615385e-05,
    "FlipAngle": 90,
    "ImageOrientationPatientDICOM": [
      1,
      0,
      0,
      0,
      0.866025,
      -0.5
    ],
    "ImageType": [
      "ORIGINAL",
      "PRIMARY",
      "M",
      "ND",
      "MOSAIC"
    ],
    "InPlanePhaseEncodingDirectionDICOM": "COL",
    "InstitutionAddress": "Queen_Square_12_London_Southeast_GB_WC1N_3BG",
    "InstitutionName": "FIL",
    "InstitutionalDepartmentName": "Department",
    "MRAcquisitionType": "2D",
    "MagneticFieldStrength": 3,
    "Manufacturer": "Siemens",
    "ManufacturersModelName": "TrioTim",
    "Modality": "MR",
    "PartialFourier": 1,
    "PatientID": "MQ03669",
    "PatientName": "MQ03669",
    "PatientPosition": "HFS",
    "PatientSex": "",
    "PercentPhaseFOV": 100,
    "PhaseEncodingDirection": "j-",
    "PhaseEncodingSteps": 74,
    "PhaseOversampling": 0.13,
    "PhaseResolution": 1,
    "PixelBandwidth": 2298,
    "ProcedureStepDescription": "FIL_Johan_Carlin",
    "ProtocolName": "al_mepi2d_3mm_v1a_standard",
    "PulseSequenceDetails": "%CustomerSeq%_al_mepi2d_3mm_v1a",
    "ReceiveCoilName": "32Ch_Head",
    "ReconMatrixPE": 64,
    "RepetitionTime": 2.8,
    "SAR": 0.181764,
    "ScanOptions": "FS",
    "ScanningSequence": "RM",
    "SequenceName": "alepi2d2d1",
    "SequenceVariant": "SP_OSP",
    "SeriesDescription": "al_mepi2d_3mm_v1a_standard",
    "SeriesInstanceUID": "1.3.12.2.1107.5.2.32.35437.2016062014262192544425557.0.0.0",
    "SeriesNumber": 5,
    "ShimSetting": [
      3,
      -3901,
      408,
      767,
      -73,
      -25,
      -302,
      227
    ],
    "SliceThickness": 2.5,
    "SliceTiming": [
      0,
      0.07,
      0.14,
      0.21,
      0.28,
      0.3525,
      0.4225,
      0.4925,
      0.5625,
      0.6325,
      0.7025,
      0.7725,
      0.8425,
      0.9125,
      0.985,
      1.055,
      1.125,
      1.195,
      1.265,
      1.335,
      1.405,
      1.475,
      1.545,
      1.6175,
      1.6875,
      1.7575,
      1.8275,
      1.8975,
      1.9675,
      2.0375,
      2.1075,
      2.1775,
      2.25,
      2.32,
      2.39,
      2.46,
      2.53,
      2.6,
      2.67,
      2.74
    ],
    "SoftwareVersions": "syngo_MR_B17",
    "SpacingBetweenSlices": 3,
    "StationName": "MRC35437",
    "StudyID": "1",
    "StudyInstanceUID": "1.3.12.2.1107.5.2.32.35437.30000016062008032175500000010",
    "TaskName": "memsamp",
    "TxRefAmp": 288.395,
    "dataset": "ds004009",
    "modality": "bold",
    "run_id": 1,
    "subject_id": "02",
    "task_id": "memsamp"
  },
  "dummy_trs": 2,
  "dvars_nstd": 29.088537209150587,
  "dvars_std": 0.999195507413128,
  "dvars_vstd": 0.8479970541698835,
  "efc": 0.5594164503259254,
  "fber": 409.46282958984375,
  "fd_mean": 0.1508373246508307,
  "fd_num": 35,
  "fd_perc": 13.461538461538462,
  "fwhm_avg": 2.501673333333333,
  "fwhm_x": 2.394626666666667,
  "fwhm_y": 2.464726666666667,
  "fwhm_z": 2.6456666666666666,
  "gcor": 0.0180749,
  "gsr_x": -0.005889659281820059,
  "gsr_y": 0.03888344392180443,
  "provenance": {
    "md5sum": "0bb438e18d36f4abe40f21e3761197c3",
    "settings": {
      "fd_thres": 0.2,
      "testing": false
    },
    "software": "mriqc",
    "version": "23.0.1",
    "webapi_port": null,
    "webapi_url": "https://mriqc.nimh.nih.gov/api/v1"
  },
  "size_t": 260,
  "size_x": 64,
  "size_y": 64,
  "size_z": 40,
  "snr": 3.0733194360978366,
  "spacing_tr": 2.799999952316284,
  "spacing_x": 3.0,
  "spacing_y": 3.0,
  "spacing_z": 3.0,
  "summary_bg_k": 101.26446069196605,
  "summary_bg_mad": 6.529152947754074,
  "summary_bg_mean": 42.77959442138672,
  "summary_bg_median": 27.549999237060547,
  "summary_bg_n": 92893.0,
  "summary_bg_p05": 21.0,
  "summary_bg_p95": 103.2746170043944,
  "summary_bg_stdv": 57.990509033203125,
  "summary_fg_k": 1.8459803528399101,
  "summary_fg_mad": 162.44185863534898,
  "summary_fg_mean": 592.6765747070312,
  "summary_fg_median": 559.515380859375,
  "summary_fg_n": 35589.0,
  "summary_fg_p05": 362.524609375,
  "summary_fg_p95": 940.8569335937499,
  "summary_fg_stdv": 182.05316162109375,
  "tsnr": 33.279292427003384
}