{
  "aor": 0.003145945945945946,
  "aqi": 0.00730687664092664,
  "bids_meta": {
    "AcquisitionDateTime": "2016-06-20T15:12:55.215000",
    "AcquisitionMatrixPE": 64,
    "AcquisitionNumber": 1,
    "AcquisitionTime": "15:12:55.215000",
    "BaseResolution": 64,
    "ConversionSoftware": "dcm2niix",
    "ConversionSoftwareVersion": "v1.0.20180622 (JP2:OpenJPEG) GCC6.1.0",
    "DeviceSerialNumber": "35437",
    "DwellTime": 3.4e-06,
    "EchoTime": 0.03,
    "EffectiveEchoSpacing": 6.009615385e-05,
    "FlipAngle": 90,
    "ImageOrientationPatientDICOM": [
      1,
      0,
      0,
      0,
      0.866025,
      -0.5
    ],
    "ImageType": [
      "ORIGINAL",
      "PRIMARY",
      "M",
      "ND",
      "MOSAIC"
    ],
    "InPlanePhaseEncodingDirectionDICOM": "COL",
    "InstitutionAddress": "Queen_Square_12_London_Southeast_GB_WC1N_3BG",
    "InstitutionName": "FIL",
    "InstitutionalDepartmentName": "Department",
    "MRAcquisitionType": "2D",
    "MagneticFieldStrength": 3,
    "Manufacturer": "Siemens",
    "ManufacturersModelName": "TrioTim",
    "Modality": "MR",
    "PartialFourier": 1,
    "PatientID": "MQ03669",
    "PatientName": "MQ03669",
    "PatientPosition": "HFS",
    "PatientSex": "",
    "PercentPhaseFOV": 100,
    "PhaseEncodingDirection": "j-",
    "PhaseEncodingSteps": 74,
    "PhaseOversampling": 0.13,
    "PhaseResolution": 1,
    "PixelBandwidth": 2298,
    "ProcedureStepDescription": "FIL_Johan_Carlin",
    "ProtocolName": "al_mepi2d_3mm_v1a_standard",
    "PulseSequenceDetails": "%CustomerSeq%_al_mepi2d_3mm_v1a",
    "ReceiveCoilName": "32Ch_Head",
    "ReconMatrixPE": 64,
    "RepetitionTime": 2.8,
    "SAR": 0.181764,
    "ScanOptions": "FS",
    "ScanningSequence": "RM",
    "SequenceName": "alepi2d2d1",
    "SequenceVariant": "SP_OSP",
    "SeriesDescription": "al_mepi2d_3mm_v1a_standard",
    "SeriesInstanceUID": "1.3.12.2.1107.5.2.32.35437.2016062015111749242321467.0.0.0",
    "SeriesNumber": 8,
    "ShimSetting": [
      3,
      -3901,
      408,
      767,
      -73,
      -25,
      -302,
      227
    ],
    "SliceThickness": 2.5,
    "SliceTiming": [
      0,
      0.07,
      0.14,
      0.2125,
      0.2825,
      0.3525,
      0.4225,
      0.4925,
      0.5625,
      0.6325,
      0.7025,
      0.7725,
      0.845,
      0.915,
      0.985,
      1.055,
      1.125,
      1.195,
      1.265,
      1.335,
      1.4075,
      1.4775,
      1.5475,
      1.6175,
      1.6875,
      1.7575,
      1.8275,
      1.8975,
      1.9675,
      2.04,
      2.11,
      2.18,
      2.25,
      2.32,
      2.39,
      2.46,
      2.53,
      2.6,
      2.6725,
      2.7425
    ],
    "SoftwareVersions": "syngo_MR_B17",
    "SpacingBetweenSlices": 3,
    "StationName": "MRC35437",
    "StudyID": "1",
    "StudyInstanceUID": "1.3.12.2.1107.5.2.32.35437.30000016062008032175500000010",
    "TaskName": "exemplarLocaliser",
    "TxRefAmp": 288.395,
    "dataset": "ds004009",
    "modality": "bold",
    "subject_id": "02",
    "task_id": "exemplarLocaliser"
  },
  "dummy_trs": 3,
  "dvars_nstd": 26.847252720193794,
  "dvars_std": 1.1619386618217051,
  "dvars_vstd": 0.9357539594186044,
  "efc": 0.561429777850094,
  "fber": 405.1763000488281,
  "fd_mean": 0.11923897079009177,
  "fd_num": 28,
  "fd_perc": 10.81081081081081,
  "fwhm_avg": 2.5030777777777775,
  "fwhm_x": 2.373673333333333,
  "fwhm_y": 2.4416266666666666,
  "fwhm_z": 2.6939333333333333,
  "gcor": 0.0203404,
  "gsr_x": -0.006261470261961222,
  "gsr_y": 0.032162174582481384,
  "provenance": {
    "md5sum": "7f57148b4a7a83e8669f31bc67e39c5e",
    "settings": {
      "fd_thres": 0.2,
      "testing": false
    },
    "software": "mriqc",
    "version": "23.0.1",
    "webapi_port": null,
    "webapi_url": "https://mriqc.nimh.nih.gov/api/v1"
  },
  "size_t": 259,
  "size_x": 64,
  "size_y": 64,
  "size_z": 40,
  "snr": 3.055243356974896,
  "spacing_tr": 2.799999952316284,
  "spacing_x": 3.0,
  "spacing_y": 3.0,
  "spacing_z": 3.0,
  "summary_bg_k": 98.96994630801859,
  "summary_bg_mad": 6.6802981312732586,
  "summary_bg_mean": 43.84783935546875,
  "summary_bg_median": 27.876447677612305,
  "summary_bg_n": 92932.0,
  "summary_bg_p05": 21.463319778442383,
  "summary_bg_p95": 109.03648147583007,
  "summary_bg_stdv": 59.104515075683594,
  "summary_fg_k": 1.562947839651625,
  "summary_fg_mad": 165.36450974635602,
  "summary_fg_mean": 601.3377075195312,
  "summary_fg_median": 567.393798828125,
  "summary_fg_n": 35532.0,
  "summary_fg_p05": 365.1453552246094,
  "summary_fg_p95": 959.850924682617,
  "summary_fg_stdv": 185.70887756347656,
  "tsnr": 47.31130996416323
}