{
  "bids_meta": {
    "AcquisitionDateTime": "2016-06-03T10:33:51.142500",
    "AcquisitionMatrixPE": 240,
    "AcquisitionNumber": 1,
    "AcquisitionTime": "10:33:51.142500",
    "BaseResolution": 256,
    "ConversionSoftware": "dcm2niix",
    "ConversionSoftwareVersion": "v1.0.20180622 (JP2:OpenJPEG) GCC6.1.0",
    "DeviceSerialNumber": "35437",
    "DwellTime": 4e-06,
    "EchoTime": 0.0022,
    "FlipAngle": 13,
    "ImageOrientationPatientDICOM": [
      0,
      0.866025,
      -0.5,
      0,
      -0.5,
      -0.866025
    ],
    "ImageType": [
      "ORIGINAL",
      "PRIMARY",
      "M",
      "ND"
    ],
    "InPlanePhaseEncodingDirectionDICOM": "ROW",
    "InstitutionAddress": "Queen_Square_12_London_Southeast_GB_WC1N_3BG",
    "InstitutionName": "Functional_Imaging_Laboratory",
    "InstitutionalDepartmentName": "Department",
    "MRAcquisitionType": "3D",
    "MagneticFieldStrength": 3,
    "Manufacturer": "Siemens",
    "ManufacturersModelName": "TrioTim",
    "Modality": "MR",
    "PartialFourier": 0.75,
    "PatientID": "MQ03650",
    "PatientName": "MQ03650",
    "PatientPosition": "HFS",
    "PatientSex": "",
    "PercentPhaseFOV": 93.75,
    "PhaseEncodingSteps": 180,
    "PhaseResolution": 1,
    "PixelBandwidth": 488,
    "ProcedureStepDescription": "FIL_Johan_Carlin",
    "ProtocolName": "BasicT1_NoVBM_nw_mtflash3d_v3h",
    "PulseSequenceDetails": "%CustomerSeq%_nw_mtflash3d_v3h",
    "ReceiveCoilName": "32Ch_Head",
    "ReconMatrixPE": 256,
    "RepetitionTime": 2,
    "SAR": 0.161374,
    "ScanOptions": "PFP",
    "ScanningSequence": "RM",
    "SequenceName": "fl3d_3h3d1",
    "SequenceVariant": "SP",
    "SeriesDescription": "BasicT1_NoVBM_nw_mtflash3d_v3h",
    "SeriesInstanceUID": "1.3.12.2.1107.5.2.32.35437.2016060310334969185872248.0.0.0",
    "SeriesNumber": 10,
    "ShimSetting": [
      11,
      -3966,
      237,
      649,
      -38,
      -193,
      73,
      154
    ],
    "SliceThickness": 1,
    "SoftwareVersions": "syngo_MR_B17",
    "StationName": "MRC35437",
    "StudyID": "1",
    "StudyInstanceUID": "1.3.12.2.1107.5.2.32.35437.30000016060307564301900000004",
    "TxRefAmp": 322.673,
    "dataset": "ds004009",
    "modality": "T1w",
    "subject_id": "24"
  },
  "cjv": 0.5481605456455821,
  "cnr": 2.5550724209094233,
  "efc": 0.5865001046836882,
  "fber": -1.0,
  "fwhm_avg": 5.34954,
  "fwhm_x": 5.43405,
  "fwhm_y": 5.49563,
  "fwhm_z": 5.11894,
  "icvs_csf": 0.18604535399927272,
  "icvs_gm": 0.36011674274232325,
  "icvs_wm": 0.453837903258404,
  "inu_med": 0.912731945514679,
  "inu_range": 1.2110913053154928,
  "provenance": {
    "md5sum": "6e44486de7ea7f612d340212c9bf039d",
    "settings": {
      "testing": false
    },
    "software": "mriqc",
    "version": "23.0.1",
    "warnings": {
      "large_rot_frame": true,
      "small_air_mask": false
    },
    "webapi_port": null,
    "webapi_url": "https://mriqc.nimh.nih.gov/api/v1"
  },
  "qi_1": 0.0,
  "qi_2": 0.005425471005660785,
  "rpve_csf": 24.78035756710438,
  "rpve_gm": 12.162978474713707,
  "rpve_wm": 11.781669701860974,
  "size_x": 176,
  "size_y": 240,
  "size_z": 256,
  "snr_csf": 2.930179347679182,
  "snr_gm": 13.611077618493802,
  "snr_total": 11.531368229492989,
  "snr_wm": 18.052847722305984,
  "snrd_csf": 20.250058788456812,
  "snrd_gm": 47.63689945390694,
  "snrd_total": 42.65920104645087,
  "snrd_wm": 60.09064489698885,
  "spacing_x": 1.0,
  "spacing_y": 1.0,
  "spacing_z": 1.0,
  "summary_bg_k": 9.339734367234952,
  "summary_bg_mad": 0.0,
  "summary_bg_mean": 7.187692991762648,
  "summary_bg_median": 0.0,
  "summary_bg_n": 2183933.0,
  "summary_bg_p05": 0.0,
  "summary_bg_p95": 27.84741474688053,
  "summary_bg_stdv": 10.903207660661288,
  "summary_csf_k": 4.54951769131488,
  "summary_csf_mad": 102.96546193541353,
  "summary_csf_mean": 346.9907711081184,
  "summary_csf_median": 337.01469817757607,
  "summary_csf_n": 41408.0,
  "summary_csf_p05": 187.27555805444717,
  "summary_csf_p95": 541.0258071869612,
  "summary_csf_stdv": 115.01365231465236,
  "summary_gm_k": -0.02974843363811086,
  "summary_gm_mad": 58.36383744826854,
  "summary_gm_mean": 793.2240369727565,
  "summary_gm_median": 792.8043794482946,
  "summary_gm_n": 19125.0,
  "summary_gm_p05": 696.4021855264903,
  "summary_gm_p95": 888.8677970349788,
  "summary_gm_stdv": 58.245472877789354,
  "summary_wm_k": 0.09980231113242688,
  "summary_wm_mad": 55.24976006290482,
  "summary_wm_mean": 1004.1524117511921,
  "summary_wm_median": 1000.0677412748337,
  "summary_wm_n": 228547.0,
  "summary_wm_p05": 920.3875472545624,
  "summary_wm_p95": 1101.8835810318578,
  "summary_wm_stdv": 55.39655398271332,
  "tpm_overlap_csf": 0.14371587155492052,
  "tpm_overlap_gm": 0.4003065765559089,
  "tpm_overlap_wm": 0.45115382783312835,
  "wm2max": 0.3324324324324324
}