{
  "aor": 0.00828446153846154,
  "aqi": 0.010552086423076923,
  "bids_meta": {
    "AcquisitionDateTime": "2016-06-13T10:20:53.495000",
    "AcquisitionMatrixPE": 64,
    "AcquisitionNumber": 1,
    "AcquisitionTime": "10:20:53.495000",
    "BaseResolution": 64,
    "ConversionSoftware": "dcm2niix",
    "ConversionSoftwareVersion": "v1.0.20180622 (JP2:OpenJPEG) GCC6.1.0",
    "DeviceSerialNumber": "35437",
    "DwellTime": 3.4e-06,
    "EchoTime": 0.03,
    "EffectiveEchoSpacing": 6.009615385e-05,
    "FlipAngle": 90,
    "ImageOrientationPatientDICOM": [
      1,
      0,
      0,
      0,
      0.866025,
      -0.5
    ],
    "ImageType": [
      "ORIGINAL",
      "PRIMARY",
      "M",
      "ND",
      "MOSAIC"
    ],
    "InPlanePhaseEncodingDirectionDICOM": "COL",
    "InstitutionAddress": "Queen_Square_12_London_Southeast_GB_WC1N_3BG",
    "InstitutionName": "Functional_Imaging_Laboratory",
    "InstitutionalDepartmentName": "Department",
    "MRAcquisitionType": "2D",
    "MagneticFieldStrength": 3,
    "Manufacturer": "Siemens",
    "ManufacturersModelName": "TrioTim",
    "Modality": "MR",
    "PartialFourier": 1,
    "PatientID": "MQ03659",
    "PatientName": "MQ03659",
    "PatientPosition": "HFS",
    "PatientSex": "",
    "PercentPhaseFOV": 100,
    "PhaseEncodingDirection": "j-",
    "PhaseEncodingSteps": 74,
    "PhaseOversampling": 0.13,
    "PhaseResolution": 1,
    "PixelBandwidth": 2298,
    "ProcedureStepDescription": "FIL_Johan_Carlin",
    "ProtocolName": "al_mepi2d_3mm_v1a_standard",
    "PulseSequenceDetails": "%CustomerSeq%_al_mepi2d_3mm_v1a",
    "ReceiveCoilName": "32Ch_Head",
    "ReconMatrixPE": 64,
    "RepetitionTime": 2.8,
    "SAR": 0.16106,
    "ScanOptions": "FS",
    "ScanningSequence": "RM",
    "SequenceName": "alepi2d2d1",
    "SequenceVariant": "SP_OSP",
    "SeriesDescription": "al_mepi2d_3mm_v1a_standard",
    "SeriesInstanceUID": "1.3.12.2.1107.5.2.32.35437.2016061310195079558461333.0.0.0",
    "SeriesNumber": 9,
    "ShimSetting": [
      13,
      -3942,
      398,
      488,
      -26,
      -323,
      -144,
      179
    ],
    "SliceThickness": 2.5,
    "SliceTiming": [
      0,
      0.07,
      0.14,
      0.21,
      0.28,
      0.35,
      0.42,
      0.49,
      0.5625,
      0.6325,
      0.7025,
      0.7725,
      0.8425,
      0.9125,
      0.9825,
      1.0525,
      1.125,
      1.195,
      1.265,
      1.335,
      1.405,
      1.475,
      1.545,
      1.615,
      1.685,
      1.7575,
      1.8275,
      1.8975,
      1.9675,
      2.0375,
      2.1075,
      2.1775,
      2.2475,
      2.3175,
      2.39,
      2.46,
      2.53,
      2.6,
      2.67,
      2.74
    ],
    "SoftwareVersions": "syngo_MR_B17",
    "SpacingBetweenSlices": 3,
    "StationName": "MRC35437",
    "StudyID": "1",
    "StudyInstanceUID": "1.3.12.2.1107.5.2.32.35437.30000016061307504849300000004",
    "TaskName": "exemplarLocaliser",
    "TxRefAmp": 303.334,
    "dataset": "ds004009",
    "modality": "bold",
    "subject_id": "14",
    "task_id": "exemplarLocaliser"
  },
  "dummy_trs": 2,
  "dvars_nstd": 31.215911909343607,
  "dvars_std": 1.064892544671815,
  "dvars_vstd": 0.9635919323938223,
  "efc": 0.5886224591746393,
  "fber": 304.3236389160156,
  "fd_mean": 0.26238335855903244,
  "fd_num": 106,
  "fd_perc": 40.76923076923077,
  "fwhm_avg": 2.469253333333333,
  "fwhm_x": 2.3479433333333333,
  "fwhm_y": 2.4186366666666665,
  "fwhm_z": 2.64118,
  "gcor": 0.0265658,
  "gsr_x": 0.002834324026480317,
  "gsr_y": 0.03655753657221794,
  "provenance": {
    "md5sum": "c9b3c7e245b81afa28b7e47c9940e5a3",
    "settings": {
      "fd_thres": 0.2,
      "testing": false
    },
    "software": "mriqc",
    "version": "23.0.1",
    "webapi_port": null,
    "webapi_url": "https://mriqc.nimh.nih.gov/api/v1"
  },
  "size_t": 260,
  "size_x": 64,
  "size_y": 64,
  "size_z": 40,
  "snr": 2.918061918685961,
  "spacing_tr": 2.799999952316284,
  "spacing_x": 3.0,
  "spacing_y": 3.0,
  "spacing_z": 3.0,
  "summary_bg_k": 63.08045417237419,
  "summary_bg_mad": 14.107530427713746,
  "summary_bg_mean": 60.72005844116211,
  "summary_bg_median": 34.68461608886719,
  "summary_bg_n": 89126.0,
  "summary_bg_p05": 22.96538543701172,
  "summary_bg_p95": 176.3509635925293,
  "summary_bg_stdv": 81.64795684814453,
  "summary_fg_k": 1.4227452049816955,
  "summary_fg_mad": 189.57065591922992,
  "summary_fg_mean": 645.7752075195312,
  "summary_fg_median": 610.171142578125,
  "summary_fg_n": 37790.0,
  "summary_fg_p05": 371.7632659912109,
  "summary_fg_p95": 1045.616741943357,
  "summary_fg_stdv": 209.09873962402344,
  "tsnr": 34.99212739872746
}