{
  "aor": 0.005742337164750958,
  "aqi": 0.013214816475095786,
  "bids_meta": {
    "AcquisitionDateTime": "2016-06-13T09:53:50.257500",
    "AcquisitionMatrixPE": 64,
    "AcquisitionNumber": 1,
    "AcquisitionTime": "09:53:50.257500",
    "BaseResolution": 64,
    "ConversionSoftware": "dcm2niix",
    "ConversionSoftwareVersion": "v1.0.20180622 (JP2:OpenJPEG) GCC6.1.0",
    "DeviceSerialNumber": "35437",
    "DwellTime": 3.4e-06,
    "EchoTime": 0.03,
    "EffectiveEchoSpacing": 6.009615385e-05,
    "FlipAngle": 90,
    "ImageOrientationPatientDICOM": [
      1,
      0,
      0,
      0,
      0.866025,
      -0.5
    ],
    "ImageType": [
      "ORIGINAL",
      "PRIMARY",
      "M",
      "ND",
      "MOSAIC"
    ],
    "InPlanePhaseEncodingDirectionDICOM": "COL",
    "InstitutionAddress": "Queen_Square_12_London_Southeast_GB_WC1N_3BG",
    "InstitutionName": "Functional_Imaging_Laboratory",
    "InstitutionalDepartmentName": "Department",
    "MRAcquisitionType": "2D",
    "MagneticFieldStrength": 3,
    "Manufacturer": "Siemens",
    "ManufacturersModelName": "TrioTim",
    "Modality": "MR",
    "PartialFourier": 1,
    "PatientID": "MQ03659",
    "PatientName": "MQ03659",
    "PatientPosition": "HFS",
    "PatientSex": "",
    "PercentPhaseFOV": 100,
    "PhaseEncodingDirection": "j-",
    "PhaseEncodingSteps": 74,
    "PhaseOversampling": 0.13,
    "PhaseResolution": 1,
    "PixelBandwidth": 2298,
    "ProcedureStepDescription": "FIL_Johan_Carlin",
    "ProtocolName": "al_mepi2d_3mm_v1a_standard",
    "PulseSequenceDetails": "%CustomerSeq%_al_mepi2d_3mm_v1a",
    "ReceiveCoilName": "32Ch_Head",
    "ReconMatrixPE": 64,
    "RepetitionTime": 2.8,
    "SAR": 0.16106,
    "ScanOptions": "FS",
    "ScanningSequence": "RM",
    "SequenceName": "alepi2d2d1",
    "SequenceVariant": "SP_OSP",
    "SeriesDescription": "al_mepi2d_3mm_v1a_standard",
    "SeriesInstanceUID": "1.3.12.2.1107.5.2.32.35437.2016061309524648512497393.0.0.0",
    "SeriesNumber": 7,
    "ShimSetting": [
      13,
      -3942,
      398,
      488,
      -26,
      -323,
      -144,
      179
    ],
    "SliceThickness": 2.5,
    "SliceTiming": [
      0,
      0.07,
      0.14,
      0.21,
      0.28,
      0.35,
      0.4225,
      0.4925,
      0.5625,
      0.6325,
      0.7025,
      0.7725,
      0.8425,
      0.9125,
      0.9825,
      1.055,
      1.125,
      1.195,
      1.265,
      1.335,
      1.405,
      1.475,
      1.545,
      1.615,
      1.6875,
      1.7575,
      1.8275,
      1.8975,
      1.9675,
      2.0375,
      2.1075,
      2.1775,
      2.2475,
      2.32,
      2.39,
      2.46,
      2.53,
      2.6,
      2.67,
      2.74
    ],
    "SoftwareVersions": "syngo_MR_B17",
    "SpacingBetweenSlices": 3,
    "StationName": "MRC35437",
    "StudyID": "1",
    "StudyInstanceUID": "1.3.12.2.1107.5.2.32.35437.30000016061307504849300000004",
    "TaskName": "memsamp",
    "TxRefAmp": 303.334,
    "dataset": "ds004009",
    "modality": "bold",
    "run_id": 3,
    "subject_id": "14",
    "task_id": "memsamp"
  },
  "dummy_trs": 1,
  "dvars_nstd": 48.96919081030767,
  "dvars_std": 1.178846514538461,
  "dvars_vstd": 0.9892611195000001,
  "efc": 0.5861516394162622,
  "fber": 313.861083984375,
  "fd_mean": 0.5857764558919647,
  "fd_num": 223,
  "fd_perc": 85.44061302681992,
  "fwhm_avg": 2.46151,
  "fwhm_x": 2.3680166666666667,
  "fwhm_y": 2.3997966666666666,
  "fwhm_z": 2.6167166666666666,
  "gcor": 0.0334852,
  "gsr_x": 0.002843193244189024,
  "gsr_y": 0.037969887256622314,
  "provenance": {
    "md5sum": "c571d53d562ce2cc9e33e75c810949da",
    "settings": {
      "fd_thres": 0.2,
      "testing": false
    },
    "software": "mriqc",
    "version": "23.0.1",
    "webapi_port": null,
    "webapi_url": "https://mriqc.nimh.nih.gov/api/v1"
  },
  "size_t": 261,
  "size_x": 64,
  "size_y": 64,
  "size_z": 40,
  "snr": 2.9097452867127034,
  "spacing_tr": 2.799999952316284,
  "spacing_x": 3.0,
  "spacing_y": 3.0,
  "spacing_z": 3.0,
  "summary_bg_k": 59.51872286577862,
  "summary_bg_mad": 13.596200522871019,
  "summary_bg_mean": 60.556453704833984,
  "summary_bg_median": 34.40229797363281,
  "summary_bg_n": 89286.0,
  "summary_bg_p05": 23.6436767578125,
  "summary_bg_p95": 174.11493682861328,
  "summary_bg_stdv": 81.92476654052734,
  "summary_fg_k": 1.5151349564814787,
  "summary_fg_mad": 188.77619143086505,
  "summary_fg_mean": 648.2304077148438,
  "summary_fg_median": 611.0784912109375,
  "summary_fg_n": 37748.0,
  "summary_fg_p05": 373.6055480957031,
  "summary_fg_p95": 1046.0832946777346,
  "summary_fg_stdv": 210.00820922851562,
  "tsnr": 29.39977677538991
}