{
  "aor": 0.0058402307692307686,
  "aqi": 0.013960373423076924,
  "bids_meta": {
    "AcquisitionDateTime": "2016-06-13T09:40:21.787500",
    "AcquisitionMatrixPE": 64,
    "AcquisitionNumber": 1,
    "AcquisitionTime": "09:40:21.787500",
    "BaseResolution": 64,
    "ConversionSoftware": "dcm2niix",
    "ConversionSoftwareVersion": "v1.0.20180622 (JP2:OpenJPEG) GCC6.1.0",
    "DeviceSerialNumber": "35437",
    "DwellTime": 3.4e-06,
    "EchoTime": 0.03,
    "EffectiveEchoSpacing": 6.009615385e-05,
    "FlipAngle": 90,
    "ImageOrientationPatientDICOM": [
      1,
      0,
      0,
      0,
      0.866025,
      -0.5
    ],
    "ImageType": [
      "ORIGINAL",
      "PRIMARY",
      "M",
      "ND",
      "MOSAIC"
    ],
    "InPlanePhaseEncodingDirectionDICOM": "COL",
    "InstitutionAddress": "Queen_Square_12_London_Southeast_GB_WC1N_3BG",
    "InstitutionName": "Functional_Imaging_Laboratory",
    "InstitutionalDepartmentName": "Department",
    "MRAcquisitionType": "2D",
    "MagneticFieldStrength": 3,
    "Manufacturer": "Siemens",
    "ManufacturersModelName": "TrioTim",
    "Modality": "MR",
    "PartialFourier": 1,
    "PatientID": "MQ03659",
    "PatientName": "MQ03659",
    "PatientPosition": "HFS",
    "PatientSex": "",
    "PercentPhaseFOV": 100,
    "PhaseEncodingDirection": "j-",
    "PhaseEncodingSteps": 74,
    "PhaseOversampling": 0.13,
    "PhaseResolution": 1,
    "PixelBandwidth": 2298,
    "ProcedureStepDescription": "FIL_Johan_Carlin",
    "ProtocolName": "al_mepi2d_3mm_v1a_standard",
    "PulseSequenceDetails": "%CustomerSeq%_al_mepi2d_3mm_v1a",
    "ReceiveCoilName": "32Ch_Head",
    "ReconMatrixPE": 64,
    "RepetitionTime": 2.8,
    "SAR": 0.16106,
    "ScanOptions": "FS",
    "ScanningSequence": "RM",
    "SequenceName": "alepi2d2d1",
    "SequenceVariant": "SP_OSP",
    "SeriesDescription": "al_mepi2d_3mm_v1a_standard",
    "SeriesInstanceUID": "1.3.12.2.1107.5.2.32.35437.2016061309390365804465423.0.0.0",
    "SeriesNumber": 6,
    "ShimSetting": [
      13,
      -3942,
      398,
      488,
      -26,
      -323,
      -144,
      179
    ],
    "SliceThickness": 2.5,
    "SliceTiming": [
      0,
      0.07,
      0.14,
      0.2125,
      0.2825,
      0.3525,
      0.4225,
      0.4925,
      0.5625,
      0.6325,
      0.7025,
      0.7725,
      0.845,
      0.915,
      0.985,
      1.055,
      1.125,
      1.195,
      1.265,
      1.335,
      1.405,
      1.4775,
      1.5475,
      1.6175,
      1.6875,
      1.7575,
      1.8275,
      1.8975,
      1.9675,
      2.04,
      2.11,
      2.18,
      2.25,
      2.32,
      2.39,
      2.46,
      2.53,
      2.6,
      2.6725,
      2.7425
    ],
    "SoftwareVersions": "syngo_MR_B17",
    "SpacingBetweenSlices": 3,
    "StationName": "MRC35437",
    "StudyID": "1",
    "StudyInstanceUID": "1.3.12.2.1107.5.2.32.35437.30000016061307504849300000004",
    "TaskName": "memsamp",
    "TxRefAmp": 303.334,
    "dataset": "ds004009",
    "modality": "bold",
    "run_id": 2,
    "subject_id": "14",
    "task_id": "memsamp"
  },
  "dummy_trs": 2,
  "dvars_nstd": 45.654918574903476,
  "dvars_std": 1.1111648242084944,
  "dvars_vstd": 0.9519249902316599,
  "efc": 0.5865572386584933,
  "fber": 314.7339172363281,
  "fd_mean": 0.515797339266201,
  "fd_num": 188,
  "fd_perc": 72.3076923076923,
  "fwhm_avg": 2.482368888888889,
  "fwhm_x": 2.36714,
  "fwhm_y": 2.4272199999999997,
  "fwhm_z": 2.652746666666667,
  "gcor": 0.0198831,
  "gsr_x": 0.001959341112524271,
  "gsr_y": 0.03619633615016937,
  "provenance": {
    "md5sum": "44c0af215d56aab3c8b0f29eaa5f5376",
    "settings": {
      "fd_thres": 0.2,
      "testing": false
    },
    "software": "mriqc",
    "version": "23.0.1",
    "webapi_port": null,
    "webapi_url": "https://mriqc.nimh.nih.gov/api/v1"
  },
  "size_t": 260,
  "size_x": 64,
  "size_y": 64,
  "size_z": 40,
  "snr": 2.9267761717496517,
  "spacing_tr": 2.799999952316284,
  "spacing_x": 3.0,
  "spacing_y": 3.0,
  "spacing_z": 3.0,
  "summary_bg_k": 62.83955774570724,
  "summary_bg_mad": 13.622833113534712,
  "summary_bg_mean": 59.8370475769043,
  "summary_bg_median": 34.35769271850586,
  "summary_bg_n": 89033.0,
  "summary_bg_p05": 23.60769271850586,
  "summary_bg_p95": 169.97691955566384,
  "summary_bg_stdv": 80.5187759399414,
  "summary_fg_k": 1.5371490449691123,
  "summary_fg_mad": 189.0659884038121,
  "summary_fg_mean": 649.9537353515625,
  "summary_fg_median": 612.574951171875,
  "summary_fg_n": 37800.0,
  "summary_fg_p05": 376.77691650390625,
  "summary_fg_p95": 1045.6207458496083,
  "summary_fg_stdv": 209.29747009277344,
  "tsnr": 28.8580142253777
}