{
  "aor": 0.009188730769230768,
  "aqi": 0.009762039269230768,
  "bids_meta": {
    "AcquisitionDateTime": "2016-06-13T10:07:26.757500",
    "AcquisitionMatrixPE": 64,
    "AcquisitionNumber": 1,
    "AcquisitionTime": "10:07:26.757500",
    "BaseResolution": 64,
    "ConversionSoftware": "dcm2niix",
    "ConversionSoftwareVersion": "v1.0.20180622 (JP2:OpenJPEG) GCC6.1.0",
    "DeviceSerialNumber": "35437",
    "DwellTime": 3.4e-06,
    "EchoTime": 0.03,
    "EffectiveEchoSpacing": 6.009615385e-05,
    "FlipAngle": 90,
    "ImageOrientationPatientDICOM": [
      1,
      0,
      0,
      0,
      0.866025,
      -0.5
    ],
    "ImageType": [
      "ORIGINAL",
      "PRIMARY",
      "M",
      "ND",
      "MOSAIC"
    ],
    "InPlanePhaseEncodingDirectionDICOM": "COL",
    "InstitutionAddress": "Queen_Square_12_London_Southeast_GB_WC1N_3BG",
    "InstitutionName": "Functional_Imaging_Laboratory",
    "InstitutionalDepartmentName": "Department",
    "MRAcquisitionType": "2D",
    "MagneticFieldStrength": 3,
    "Manufacturer": "Siemens",
    "ManufacturersModelName": "TrioTim",
    "Modality": "MR",
    "PartialFourier": 1,
    "PatientID": "MQ03659",
    "PatientName": "MQ03659",
    "PatientPosition": "HFS",
    "PatientSex": "",
    "PercentPhaseFOV": 100,
    "PhaseEncodingDirection": "j-",
    "PhaseEncodingSteps": 74,
    "PhaseOversampling": 0.13,
    "PhaseResolution": 1,
    "PixelBandwidth": 2298,
    "ProcedureStepDescription": "FIL_Johan_Carlin",
    "ProtocolName": "al_mepi2d_3mm_v1a_standard",
    "PulseSequenceDetails": "%CustomerSeq%_al_mepi2d_3mm_v1a",
    "ReceiveCoilName": "32Ch_Head",
    "ReconMatrixPE": 64,
    "RepetitionTime": 2.8,
    "SAR": 0.16106,
    "ScanOptions": "FS",
    "ScanningSequence": "RM",
    "SequenceName": "alepi2d2d1",
    "SequenceVariant": "SP_OSP",
    "SeriesDescription": "al_mepi2d_3mm_v1a_standard",
    "SeriesInstanceUID": "1.3.12.2.1107.5.2.32.35437.201606131006187243029363.0.0.0",
    "SeriesNumber": 8,
    "ShimSetting": [
      13,
      -3942,
      398,
      488,
      -26,
      -323,
      -144,
      179
    ],
    "SliceThickness": 2.5,
    "SliceTiming": [
      0,
      0.07,
      0.14,
      0.21,
      0.28,
      0.35,
      0.4225,
      0.4925,
      0.5625,
      0.6325,
      0.7025,
      0.7725,
      0.8425,
      0.9125,
      0.9825,
      1.055,
      1.125,
      1.195,
      1.265,
      1.335,
      1.405,
      1.475,
      1.545,
      1.6175,
      1.6875,
      1.7575,
      1.8275,
      1.8975,
      1.9675,
      2.0375,
      2.1075,
      2.1775,
      2.25,
      2.32,
      2.39,
      2.46,
      2.53,
      2.6,
      2.67,
      2.74
    ],
    "SoftwareVersions": "syngo_MR_B17",
    "SpacingBetweenSlices": 3,
    "StationName": "MRC35437",
    "StudyID": "1",
    "StudyInstanceUID": "1.3.12.2.1107.5.2.32.35437.30000016061307504849300000004",
    "TaskName": "motionLocaliser",
    "TxRefAmp": 303.334,
    "dataset": "ds004009",
    "modality": "bold",
    "subject_id": "14",
    "task_id": "motionLocaliser"
  },
  "dummy_trs": 2,
  "dvars_nstd": 33.81251764486487,
  "dvars_std": 1.1358184950965238,
  "dvars_vstd": 0.9956417898841705,
  "efc": 0.588062888954276,
  "fber": 313.3857727050781,
  "fd_mean": 0.31630683017396216,
  "fd_num": 112,
  "fd_perc": 43.07692307692308,
  "fwhm_avg": 2.463426666666667,
  "fwhm_x": 2.3603033333333334,
  "fwhm_y": 2.3874166666666667,
  "fwhm_z": 2.64256,
  "gcor": 0.0249484,
  "gsr_x": 0.003681931644678116,
  "gsr_y": 0.03369037061929703,
  "provenance": {
    "md5sum": "ed61025617a7da26b3cccf89e38991a9",
    "settings": {
      "fd_thres": 0.2,
      "testing": false
    },
    "software": "mriqc",
    "version": "23.0.1",
    "webapi_port": null,
    "webapi_url": "https://mriqc.nimh.nih.gov/api/v1"
  },
  "size_t": 260,
  "size_x": 64,
  "size_y": 64,
  "size_z": 40,
  "snr": 2.923544819980914,
  "spacing_tr": 2.799999952316284,
  "spacing_x": 3.0,
  "spacing_y": 3.0,
  "spacing_z": 3.0,
  "summary_bg_k": 64.37972209754638,
  "summary_bg_mad": 13.195159179131995,
  "summary_bg_mean": 59.90196990966797,
  "summary_bg_median": 34.157691955566406,
  "summary_bg_n": 89030.0,
  "summary_bg_p05": 23.919231414794922,
  "summary_bg_p95": 173.70153503417978,
  "summary_bg_stdv": 79.7314682006836,
  "summary_fg_k": 1.5068975275337246,
  "summary_fg_mad": 188.74379570367847,
  "summary_fg_mean": 646.1231079101562,
  "summary_fg_median": 610.15966796875,
  "summary_fg_n": 37822.0,
  "summary_fg_p05": 373.3782684326172,
  "summary_fg_p95": 1039.8619506835932,
  "summary_fg_stdv": 208.70266723632812,
  "tsnr": 35.85352694685571
}