{
  "aor": 0.005395500000000001,
  "aqi": 0.020653558461538463,
  "bids_meta": {
    "AcquisitionDateTime": "2016-06-13T09:26:40.450000",
    "AcquisitionMatrixPE": 64,
    "AcquisitionNumber": 1,
    "AcquisitionTime": "09:26:40.450000",
    "BaseResolution": 64,
    "ConversionSoftware": "dcm2niix",
    "ConversionSoftwareVersion": "v1.0.20180622 (JP2:OpenJPEG) GCC6.1.0",
    "DeviceSerialNumber": "35437",
    "DwellTime": 3.4e-06,
    "EchoTime": 0.03,
    "EffectiveEchoSpacing": 6.009615385e-05,
    "FlipAngle": 90,
    "ImageOrientationPatientDICOM": [
      1,
      0,
      0,
      0,
      0.866025,
      -0.5
    ],
    "ImageType": [
      "ORIGINAL",
      "PRIMARY",
      "M",
      "ND",
      "MOSAIC"
    ],
    "InPlanePhaseEncodingDirectionDICOM": "COL",
    "InstitutionAddress": "Queen_Square_12_London_Southeast_GB_WC1N_3BG",
    "InstitutionName": "Functional_Imaging_Laboratory",
    "InstitutionalDepartmentName": "Department",
    "MRAcquisitionType": "2D",
    "MagneticFieldStrength": 3,
    "Manufacturer": "Siemens",
    "ManufacturersModelName": "TrioTim",
    "Modality": "MR",
    "PartialFourier": 1,
    "PatientID": "MQ03659",
    "PatientName": "MQ03659",
    "PatientPosition": "HFS",
    "PatientSex": "",
    "PercentPhaseFOV": 100,
    "PhaseEncodingDirection": "j-",
    "PhaseEncodingSteps": 74,
    "PhaseOversampling": 0.13,
    "PhaseResolution": 1,
    "PixelBandwidth": 2298,
    "ProcedureStepDescription": "FIL_Johan_Carlin",
    "ProtocolName": "al_mepi2d_3mm_v1a_standard",
    "PulseSequenceDetails": "%CustomerSeq%_al_mepi2d_3mm_v1a",
    "ReceiveCoilName": "32Ch_Head",
    "ReconMatrixPE": 64,
    "RepetitionTime": 2.8,
    "SAR": 0.16106,
    "ScanOptions": "FS",
    "ScanningSequence": "RM",
    "SequenceName": "alepi2d2d1",
    "SequenceVariant": "SP_OSP",
    "SeriesDescription": "al_mepi2d_3mm_v1a_standard",
    "SeriesInstanceUID": "1.3.12.2.1107.5.2.32.35437.201606130921141833833453.0.0.0",
    "SeriesNumber": 5,
    "ShimSetting": [
      13,
      -3942,
      398,
      488,
      -26,
      -323,
      -144,
      179
    ],
    "SliceThickness": 2.5,
    "SliceTiming": [
      0,
      0.07,
      0.14,
      0.21,
      0.28,
      0.35,
      0.4225,
      0.4925,
      0.5625,
      0.6325,
      0.7025,
      0.7725,
      0.8425,
      0.9125,
      0.9825,
      1.055,
      1.125,
      1.195,
      1.265,
      1.335,
      1.405,
      1.475,
      1.545,
      1.6175,
      1.6875,
      1.7575,
      1.8275,
      1.8975,
      1.9675,
      2.0375,
      2.1075,
      2.1775,
      2.25,
      2.32,
      2.39,
      2.46,
      2.53,
      2.6,
      2.67,
      2.74
    ],
    "SoftwareVersions": "syngo_MR_B17",
    "SpacingBetweenSlices": 3,
    "StationName": "MRC35437",
    "StudyID": "1",
    "StudyInstanceUID": "1.3.12.2.1107.5.2.32.35437.30000016061307504849300000004",
    "TaskName": "memsamp",
    "TxRefAmp": 303.334,
    "dataset": "ds004009",
    "modality": "bold",
    "run_id": 1,
    "subject_id": "14",
    "task_id": "memsamp"
  },
  "dummy_trs": 2,
  "dvars_nstd": 46.062274203861016,
  "dvars_std": 0.9876937208494208,
  "dvars_vstd": 0.8846875906563706,
  "efc": 0.5824492025385171,
  "fber": 320.2745666503906,
  "fd_mean": 0.5809393632233731,
  "fd_num": 165,
  "fd_perc": 63.46153846153846,
  "fwhm_avg": 2.4835044444444443,
  "fwhm_x": 2.38193,
  "fwhm_y": 2.454616666666667,
  "fwhm_z": 2.6139666666666668,
  "gcor": 0.0249534,
  "gsr_x": 0.0034240728709846735,
  "gsr_y": 0.038616426289081573,
  "provenance": {
    "md5sum": "be9a8d574bcc451f50504d4e3b95f15f",
    "settings": {
      "fd_thres": 0.2,
      "testing": false
    },
    "software": "mriqc",
    "version": "23.0.1",
    "webapi_port": null,
    "webapi_url": "https://mriqc.nimh.nih.gov/api/v1"
  },
  "size_t": 260,
  "size_x": 64,
  "size_y": 64,
  "size_z": 40,
  "snr": 2.9172600344339137,
  "spacing_tr": 2.799999952316284,
  "spacing_x": 3.0,
  "spacing_y": 3.0,
  "spacing_z": 3.0,
  "summary_bg_k": 61.577494565869856,
  "summary_bg_mad": 13.850928046559634,
  "summary_bg_mean": 58.92894744873047,
  "summary_bg_median": 34.35384750366211,
  "summary_bg_n": 89668.0,
  "summary_bg_p05": 22.58846092224121,
  "summary_bg_p95": 167.6140411376953,
  "summary_bg_stdv": 79.55645751953125,
  "summary_fg_k": 1.5634861173346053,
  "summary_fg_mad": 189.07168932787008,
  "summary_fg_mean": 649.1498413085938,
  "summary_fg_median": 613.046142578125,
  "summary_fg_n": 37679.0,
  "summary_fg_p05": 373.4076843261719,
  "summary_fg_p95": 1047.3250366210937,
  "summary_fg_stdv": 210.14170837402344,
  "tsnr": 23.52623324096203
}