{
  "aor": 0.002221653846153846,
  "aqi": 0.0059940553846153845,
  "bids_meta": {
    "AcquisitionDateTime": "2016-09-19T15:04:15.190000",
    "AcquisitionMatrixPE": 64,
    "AcquisitionNumber": 1,
    "AcquisitionTime": "15:04:15.190000",
    "BaseResolution": 64,
    "ConversionSoftware": "dcm2niix",
    "ConversionSoftwareVersion": "v1.0.20180622 (JP2:OpenJPEG) GCC6.1.0",
    "DeviceSerialNumber": "35437",
    "DwellTime": 3.4e-06,
    "EchoTime": 0.03,
    "EffectiveEchoSpacing": 6.009615385e-05,
    "FlipAngle": 90,
    "ImageOrientationPatientDICOM": [
      1,
      0,
      0,
      0,
      0.866025,
      -0.5
    ],
    "ImageType": [
      "ORIGINAL",
      "PRIMARY",
      "M",
      "ND",
      "MOSAIC"
    ],
    "InPlanePhaseEncodingDirectionDICOM": "COL",
    "InstitutionAddress": "Queen_Square_12_London_Southeast_GB_WC1N_3BG",
    "InstitutionName": "WTCN",
    "InstitutionalDepartmentName": "Department",
    "MRAcquisitionType": "2D",
    "MagneticFieldStrength": 3,
    "Manufacturer": "Siemens",
    "ManufacturersModelName": "TrioTim",
    "Modality": "MR",
    "PartialFourier": 1,
    "PatientID": "MQ03784",
    "PatientName": "MQ03784",
    "PatientPosition": "HFS",
    "PatientSex": "",
    "PercentPhaseFOV": 100,
    "PhaseEncodingDirection": "j-",
    "PhaseEncodingSteps": 74,
    "PhaseOversampling": 0.13,
    "PhaseResolution": 1,
    "PixelBandwidth": 2298,
    "ProcedureStepDescription": "FIL_Johan_Carlin",
    "ProtocolName": "al_mepi2d_3mm_v1a_standard",
    "PulseSequenceDetails": "%CustomerSeq%_al_mepi2d_3mm_v1a",
    "ReceiveCoilName": "32Ch_Head",
    "ReconMatrixPE": 64,
    "RepetitionTime": 2.8,
    "SAR": 0.160066,
    "ScanOptions": "FS",
    "ScanningSequence": "RM",
    "SequenceName": "alepi2d2d1",
    "SequenceVariant": "SP_OSP",
    "SeriesDescription": "al_mepi2d_3mm_v1a_standard",
    "SeriesInstanceUID": "1.3.12.2.1107.5.2.32.35437.2016091915022713455404923.0.0.0",
    "SeriesNumber": 8,
    "ShimSetting": [
      46,
      -3866,
      303,
      446,
      -163,
      94,
      -32,
      46
    ],
    "SliceThickness": 2.5,
    "SliceTiming": [
      0,
      0.0725,
      0.1425,
      0.2125,
      0.2825,
      0.3525,
      0.4225,
      0.4925,
      0.5625,
      0.6325,
      0.705,
      0.775,
      0.845,
      0.915,
      0.985,
      1.055,
      1.125,
      1.195,
      1.265,
      1.3375,
      1.4075,
      1.4775,
      1.5475,
      1.6175,
      1.6875,
      1.7575,
      1.8275,
      1.8975,
      1.97,
      2.04,
      2.11,
      2.18,
      2.25,
      2.32,
      2.39,
      2.46,
      2.53,
      2.6025,
      2.6725,
      2.7425
    ],
    "SoftwareVersions": "syngo_MR_B17",
    "SpacingBetweenSlices": 3,
    "StationName": "MRC35437",
    "StudyID": "1",
    "StudyInstanceUID": "1.3.12.2.1107.5.2.32.35437.30000016091907534114000000010",
    "TaskName": "exemplarLocaliser",
    "TxRefAmp": 313.68,
    "dataset": "ds004009",
    "modality": "bold",
    "subject_id": "29",
    "task_id": "exemplarLocaliser"
  },
  "dummy_trs": 2,
  "dvars_nstd": 30.20218765961388,
  "dvars_std": 1.2261623422779924,
  "dvars_vstd": 0.9626958678764483,
  "efc": 0.6299369667786677,
  "fber": 230.23135375976562,
  "fd_mean": 0.11054758167686275,
  "fd_num": 9,
  "fd_perc": 3.4615384615384617,
  "fwhm_avg": 2.533236666666667,
  "fwhm_x": 2.3890766666666665,
  "fwhm_y": 2.5306366666666666,
  "fwhm_z": 2.6799966666666664,
  "gcor": 0.0157826,
  "gsr_x": -0.02082880027592182,
  "gsr_y": 0.08986755460500717,
  "provenance": {
    "md5sum": "50a2a7f752416ffedb859ece4922e655",
    "settings": {
      "fd_thres": 0.2,
      "testing": false
    },
    "software": "mriqc",
    "version": "23.0.1",
    "webapi_port": null,
    "webapi_url": "https://mriqc.nimh.nih.gov/api/v1"
  },
  "size_t": 260,
  "size_x": 64,
  "size_y": 64,
  "size_z": 40,
  "snr": 2.57049243277308,
  "spacing_tr": 2.799999952316284,
  "spacing_x": 3.0,
  "spacing_y": 3.0,
  "spacing_z": 3.0,
  "summary_bg_k": 40.33190730637393,
  "summary_bg_mad": 12.644887099089683,
  "summary_bg_mean": 67.97988891601562,
  "summary_bg_median": 34.05961608886719,
  "summary_bg_n": 80342.0,
  "summary_bg_p05": 24.073076248168945,
  "summary_bg_p95": 238.33307189941397,
  "summary_bg_stdv": 90.88249969482422,
  "summary_fg_k": 2.306562471613722,
  "summary_fg_mad": 179.4746813759895,
  "summary_fg_mean": 575.8565673828125,
  "summary_fg_median": 534.923095703125,
  "summary_fg_n": 44597.0,
  "summary_fg_p05": 316.57000732421875,
  "summary_fg_p95": 973.723852539062,
  "summary_fg_stdv": 208.0990753173828,
  "tsnr": 49.622070947196335
}