{
  "aor": 0.00386992277992278,
  "aqi": 0.00661307722007722,
  "bids_meta": {
    "AcquisitionDateTime": "2016-09-19T14:22:35.302500",
    "AcquisitionMatrixPE": 64,
    "AcquisitionNumber": 1,
    "AcquisitionTime": "14:22:35.302500",
    "BaseResolution": 64,
    "ConversionSoftware": "dcm2niix",
    "ConversionSoftwareVersion": "v1.0.20180622 (JP2:OpenJPEG) GCC6.1.0",
    "DeviceSerialNumber": "35437",
    "DwellTime": 3.4e-06,
    "EchoTime": 0.03,
    "EffectiveEchoSpacing": 6.009615385e-05,
    "FlipAngle": 90,
    "ImageOrientationPatientDICOM": [
      1,
      0,
      0,
      0,
      0.866025,
      -0.5
    ],
    "ImageType": [
      "ORIGINAL",
      "PRIMARY",
      "M",
      "ND",
      "MOSAIC"
    ],
    "InPlanePhaseEncodingDirectionDICOM": "COL",
    "InstitutionAddress": "Queen_Square_12_London_Southeast_GB_WC1N_3BG",
    "InstitutionName": "WTCN",
    "InstitutionalDepartmentName": "Department",
    "MRAcquisitionType": "2D",
    "MagneticFieldStrength": 3,
    "Manufacturer": "Siemens",
    "ManufacturersModelName": "TrioTim",
    "Modality": "MR",
    "PartialFourier": 1,
    "PatientID": "MQ03784",
    "PatientName": "MQ03784",
    "PatientPosition": "HFS",
    "PatientSex": "",
    "PercentPhaseFOV": 100,
    "PhaseEncodingDirection": "j-",
    "PhaseEncodingSteps": 74,
    "PhaseOversampling": 0.13,
    "PhaseResolution": 1,
    "PixelBandwidth": 2298,
    "ProcedureStepDescription": "FIL_Johan_Carlin",
    "ProtocolName": "al_mepi2d_3mm_v1a_standard",
    "PulseSequenceDetails": "%CustomerSeq%_al_mepi2d_3mm_v1a",
    "ReceiveCoilName": "32Ch_Head",
    "ReconMatrixPE": 64,
    "RepetitionTime": 2.8,
    "SAR": 0.160066,
    "ScanOptions": "FS",
    "ScanningSequence": "RM",
    "SequenceName": "alepi2d2d1",
    "SequenceVariant": "SP_OSP",
    "SeriesDescription": "al_mepi2d_3mm_v1a_standard",
    "SeriesInstanceUID": "1.3.12.2.1107.5.2.32.35437.2016091914182328034309013.0.0.0",
    "SeriesNumber": 5,
    "ShimSetting": [
      46,
      -3866,
      303,
      446,
      -163,
      94,
      -32,
      46
    ],
    "SliceThickness": 2.5,
    "SliceTiming": [
      0,
      0.07,
      0.14,
      0.21,
      0.28,
      0.35,
      0.42,
      0.49,
      0.5625,
      0.6325,
      0.7025,
      0.7725,
      0.8425,
      0.9125,
      0.9825,
      1.0525,
      1.1225,
      1.195,
      1.265,
      1.335,
      1.405,
      1.475,
      1.545,
      1.615,
      1.685,
      1.755,
      1.8275,
      1.8975,
      1.9675,
      2.0375,
      2.1075,
      2.1775,
      2.2475,
      2.3175,
      2.3875,
      2.46,
      2.53,
      2.6,
      2.67,
      2.74
    ],
    "SoftwareVersions": "syngo_MR_B17",
    "SpacingBetweenSlices": 3,
    "StationName": "MRC35437",
    "StudyID": "1",
    "StudyInstanceUID": "1.3.12.2.1107.5.2.32.35437.30000016091907534114000000010",
    "TaskName": "memsamp",
    "TxRefAmp": 313.68,
    "dataset": "ds004009",
    "modality": "bold",
    "run_id": 1,
    "subject_id": "29",
    "task_id": "memsamp"
  },
  "dummy_trs": 3,
  "dvars_nstd": 31.449726511240303,
  "dvars_std": 1.287350054844962,
  "dvars_vstd": 0.9737817551162796,
  "efc": 0.6289556215722045,
  "fber": 238.11036682128906,
  "fd_mean": 0.09923446175951066,
  "fd_num": 6,
  "fd_perc": 2.3166023166023164,
  "fwhm_avg": 2.5505566666666666,
  "fwhm_x": 2.3899766666666666,
  "fwhm_y": 2.5839066666666666,
  "fwhm_z": 2.6777866666666665,
  "gcor": 0.00731061,
  "gsr_x": -0.013228327967226505,
  "gsr_y": 0.07749110460281372,
  "provenance": {
    "md5sum": "539cee795e005113524c94a6b0440892",
    "settings": {
      "fd_thres": 0.2,
      "testing": false
    },
    "software": "mriqc",
    "version": "23.0.1",
    "webapi_port": null,
    "webapi_url": "https://mriqc.nimh.nih.gov/api/v1"
  },
  "size_t": 259,
  "size_x": 64,
  "size_y": 64,
  "size_z": 40,
  "snr": 2.5800227705763055,
  "spacing_tr": 2.799999952316284,
  "spacing_x": 3.0,
  "spacing_y": 3.0,
  "spacing_z": 3.0,
  "summary_bg_k": 14.167426757765718,
  "summary_bg_mad": 11.007893337531883,
  "summary_bg_mean": 61.42160415649414,
  "summary_bg_median": 33.050193786621094,
  "summary_bg_n": 79272.0,
  "summary_bg_p05": 24.70656394958496,
  "summary_bg_p95": 212.60231018066406,
  "summary_bg_stdv": 70.96959686279297,
  "summary_fg_k": 2.328209052904727,
  "summary_fg_mad": 177.82068947231238,
  "summary_fg_mean": 573.0726928710938,
  "summary_fg_median": 532.146728515625,
  "summary_fg_n": 44867.0,
  "summary_fg_p05": 316.28647766113284,
  "summary_fg_p95": 968.4023132324215,
  "summary_fg_stdv": 206.25430297851562,
  "tsnr": 49.55322917737067
}