{
  "aor": 0.0014724615384615386,
  "aqi": 0.005402590884615385,
  "bids_meta": {
    "AcquisitionDateTime": "2016-09-19T14:36:27.385000",
    "AcquisitionMatrixPE": 64,
    "AcquisitionNumber": 1,
    "AcquisitionTime": "14:36:27.385000",
    "BaseResolution": 64,
    "ConversionSoftware": "dcm2niix",
    "ConversionSoftwareVersion": "v1.0.20180622 (JP2:OpenJPEG) GCC6.1.0",
    "DeviceSerialNumber": "35437",
    "DwellTime": 3.4e-06,
    "EchoTime": 0.03,
    "EffectiveEchoSpacing": 6.009615385e-05,
    "FlipAngle": 90,
    "ImageOrientationPatientDICOM": [
      1,
      0,
      0,
      0,
      0.866025,
      -0.5
    ],
    "ImageType": [
      "ORIGINAL",
      "PRIMARY",
      "M",
      "ND",
      "MOSAIC"
    ],
    "InPlanePhaseEncodingDirectionDICOM": "COL",
    "InstitutionAddress": "Queen_Square_12_London_Southeast_GB_WC1N_3BG",
    "InstitutionName": "WTCN",
    "InstitutionalDepartmentName": "Department",
    "MRAcquisitionType": "2D",
    "MagneticFieldStrength": 3,
    "Manufacturer": "Siemens",
    "ManufacturersModelName": "TrioTim",
    "Modality": "MR",
    "PartialFourier": 1,
    "PatientID": "MQ03784",
    "PatientName": "MQ03784",
    "PatientPosition": "HFS",
    "PatientSex": "",
    "PercentPhaseFOV": 100,
    "PhaseEncodingDirection": "j-",
    "PhaseEncodingSteps": 74,
    "PhaseOversampling": 0.13,
    "PhaseResolution": 1,
    "PixelBandwidth": 2298,
    "ProcedureStepDescription": "FIL_Johan_Carlin",
    "ProtocolName": "al_mepi2d_3mm_v1a_standard",
    "PulseSequenceDetails": "%CustomerSeq%_al_mepi2d_3mm_v1a",
    "ReceiveCoilName": "32Ch_Head",
    "ReconMatrixPE": 64,
    "RepetitionTime": 2.8,
    "SAR": 0.160066,
    "ScanOptions": "FS",
    "ScanningSequence": "RM",
    "SequenceName": "alepi2d2d1",
    "SequenceVariant": "SP_OSP",
    "SeriesDescription": "al_mepi2d_3mm_v1a_standard",
    "SeriesInstanceUID": "1.3.12.2.1107.5.2.32.35437.201609191434542841440983.0.0.0",
    "SeriesNumber": 6,
    "ShimSetting": [
      46,
      -3866,
      303,
      446,
      -163,
      94,
      -32,
      46
    ],
    "SliceThickness": 2.5,
    "SliceTiming": [
      0,
      0.07,
      0.14,
      0.2125,
      0.2825,
      0.3525,
      0.4225,
      0.4925,
      0.5625,
      0.6325,
      0.7025,
      0.7725,
      0.845,
      0.915,
      0.985,
      1.055,
      1.125,
      1.195,
      1.265,
      1.335,
      1.405,
      1.4775,
      1.5475,
      1.6175,
      1.6875,
      1.7575,
      1.8275,
      1.8975,
      1.9675,
      2.0375,
      2.11,
      2.18,
      2.25,
      2.32,
      2.39,
      2.46,
      2.53,
      2.6,
      2.6725,
      2.7425
    ],
    "SoftwareVersions": "syngo_MR_B17",
    "SpacingBetweenSlices": 3,
    "StationName": "MRC35437",
    "StudyID": "1",
    "StudyInstanceUID": "1.3.12.2.1107.5.2.32.35437.30000016091907534114000000010",
    "TaskName": "memsamp",
    "TxRefAmp": 313.68,
    "dataset": "ds004009",
    "modality": "bold",
    "run_id": 2,
    "subject_id": "29",
    "task_id": "memsamp"
  },
  "dummy_trs": 2,
  "dvars_nstd": 32.652599099073356,
  "dvars_std": 1.3150721452123555,
  "dvars_vstd": 0.9544697369884166,
  "efc": 0.629070007189564,
  "fber": 238.48245239257812,
  "fd_mean": 0.09955036327674369,
  "fd_num": 5,
  "fd_perc": 1.9230769230769231,
  "fwhm_avg": 2.5422266666666666,
  "fwhm_x": 2.3903733333333332,
  "fwhm_y": 2.57118,
  "fwhm_z": 2.6651266666666666,
  "gcor": 0.0198765,
  "gsr_x": -0.01175718568265438,
  "gsr_y": 0.07680957019329071,
  "provenance": {
    "md5sum": "995666d3f71ca5d66eb862f56cb8ab2b",
    "settings": {
      "fd_thres": 0.2,
      "testing": false
    },
    "software": "mriqc",
    "version": "23.0.1",
    "webapi_port": null,
    "webapi_url": "https://mriqc.nimh.nih.gov/api/v1"
  },
  "size_t": 260,
  "size_x": 64,
  "size_y": 64,
  "size_z": 40,
  "snr": 2.581984151068279,
  "spacing_tr": 2.799999952316284,
  "spacing_x": 3.0,
  "spacing_y": 3.0,
  "spacing_z": 3.0,
  "summary_bg_k": 13.935583129717326,
  "summary_bg_mad": 11.0910035349842,
  "summary_bg_mean": 62.600528717041016,
  "summary_bg_median": 33.21923065185547,
  "summary_bg_n": 79496.0,
  "summary_bg_p05": 25.05384635925293,
  "summary_bg_p95": 217.95000076293945,
  "summary_bg_stdv": 72.75390625,
  "summary_fg_k": 2.261807980987853,
  "summary_fg_mad": 179.38916751511985,
  "summary_fg_mean": 575.4664306640625,
  "summary_fg_median": 535.0422973632812,
  "summary_fg_n": 44728.0,
  "summary_fg_p05": 317.5015380859375,
  "summary_fg_p95": 972.5407592773438,
  "summary_fg_stdv": 207.21905517578125,
  "tsnr": 53.381612286902964
}