{
  "aor": 0.0023083846153846154,
  "aqi": 0.010334405115384616,
  "bids_meta": {
    "AcquisitionDateTime": "2016-06-02T10:05:48.645000",
    "AcquisitionMatrixPE": 64,
    "AcquisitionNumber": 1,
    "AcquisitionTime": "10:05:48.645000",
    "BaseResolution": 64,
    "ConversionSoftware": "dcm2niix",
    "ConversionSoftwareVersion": "v1.0.20180622 (JP2:OpenJPEG) GCC6.1.0",
    "DeviceSerialNumber": "35437",
    "DwellTime": 3.4e-06,
    "EchoTime": 0.03,
    "EffectiveEchoSpacing": 6.009615385e-05,
    "FlipAngle": 90,
    "ImageOrientationPatientDICOM": [
      1,
      -1e-16,
      0,
      1e-16,
      0.894934,
      -0.446198
    ],
    "ImageType": [
      "ORIGINAL",
      "PRIMARY",
      "M",
      "ND",
      "MOSAIC"
    ],
    "InPlanePhaseEncodingDirectionDICOM": "COL",
    "InstitutionAddress": "Queen_Square_12_London_Southeast_GB_WC1N_3BG",
    "InstitutionName": "Functional_Imaging_Laboratory",
    "InstitutionalDepartmentName": "Department",
    "MRAcquisitionType": "2D",
    "MagneticFieldStrength": 3,
    "Manufacturer": "Siemens",
    "ManufacturersModelName": "TrioTim",
    "Modality": "MR",
    "PartialFourier": 1,
    "PatientID": "MQ03647",
    "PatientName": "MQ03647",
    "PatientPosition": "HFS",
    "PatientSex": "",
    "PercentPhaseFOV": 100,
    "PhaseEncodingDirection": "j-",
    "PhaseEncodingSteps": 74,
    "PhaseOversampling": 0.13,
    "PhaseResolution": 1,
    "PixelBandwidth": 2298,
    "ProcedureStepDescription": "FIL_Johan_Carlin",
    "ProtocolName": "al_mepi2d_3mm_v1a_standard",
    "PulseSequenceDetails": "%CustomerSeq%_al_mepi2d_3mm_v1a",
    "ReceiveCoilName": "32Ch_Head",
    "ReconMatrixPE": 64,
    "RepetitionTime": 2.8,
    "SAR": 0.182013,
    "ScanOptions": "FS",
    "ScanningSequence": "RM",
    "SequenceName": "alepi2d2d1",
    "SequenceVariant": "SP_OSP",
    "SeriesDescription": "al_mepi2d_3mm_v1a_standard",
    "SeriesInstanceUID": "1.3.12.2.1107.5.2.32.35437.201606021004076121594877.0.0.0",
    "SeriesNumber": 7,
    "ShimSetting": [
      5,
      -3911,
      308,
      377,
      -68,
      116,
      -149,
      144
    ],
    "SliceThickness": 2.5,
    "SliceTiming": [
      0,
      0.07,
      0.14,
      0.21,
      0.28,
      0.35,
      0.4225,
      0.4925,
      0.5625,
      0.6325,
      0.7025,
      0.7725,
      0.8425,
      0.9125,
      0.9825,
      1.055,
      1.125,
      1.195,
      1.265,
      1.335,
      1.405,
      1.475,
      1.545,
      1.615,
      1.6875,
      1.7575,
      1.8275,
      1.8975,
      1.9675,
      2.0375,
      2.1075,
      2.1775,
      2.2475,
      2.32,
      2.39,
      2.46,
      2.53,
      2.6,
      2.67,
      2.74
    ],
    "SoftwareVersions": "syngo_MR_B17",
    "SpacingBetweenSlices": 3,
    "StationName": "MRC35437",
    "StudyID": "1",
    "StudyInstanceUID": "1.3.12.2.1107.5.2.32.35437.30000016060207470165200000013",
    "TaskName": "memsamp",
    "TxRefAmp": 308.372,
    "dataset": "ds004009",
    "modality": "bold",
    "run_id": 3,
    "subject_id": "31",
    "task_id": "memsamp"
  },
  "dummy_trs": 2,
  "dvars_nstd": 29.90752469057913,
  "dvars_std": 1.0522296832432432,
  "dvars_vstd": 0.9275158557142854,
  "efc": 0.6418252845234921,
  "fber": 180.61033630371094,
  "fd_mean": 0.1329905971035999,
  "fd_num": 45,
  "fd_perc": 17.307692307692307,
  "fwhm_avg": 2.348004444444445,
  "fwhm_x": 2.15933,
  "fwhm_y": 2.416506666666667,
  "fwhm_z": 2.468176666666667,
  "gcor": 0.00954102,
  "gsr_x": -0.0018988719675689936,
  "gsr_y": 0.0801955834031105,
  "provenance": {
    "md5sum": "4d2a5e37e9cc937191e76a7b2de81dd0",
    "settings": {
      "fd_thres": 0.2,
      "testing": false
    },
    "software": "mriqc",
    "version": "23.0.1",
    "webapi_port": null,
    "webapi_url": "https://mriqc.nimh.nih.gov/api/v1"
  },
  "size_t": 260,
  "size_x": 64,
  "size_y": 64,
  "size_z": 40,
  "snr": 2.9083911797915887,
  "spacing_tr": 2.799999952316284,
  "spacing_x": 3.0,
  "spacing_y": 3.0,
  "spacing_z": 3.0,
  "summary_bg_k": 41.657557864360776,
  "summary_bg_mad": 15.151051208022052,
  "summary_bg_mean": 68.70226287841797,
  "summary_bg_median": 35.380767822265625,
  "summary_bg_n": 81127.0,
  "summary_bg_p05": 23.323076248168945,
  "summary_bg_p95": 229.53384857177707,
  "summary_bg_stdv": 94.51590728759766,
  "summary_fg_k": 1.0843293264510185,
  "summary_fg_mad": 149.98800904898772,
  "summary_fg_mean": 521.1475219726562,
  "summary_fg_median": 488.6192321777344,
  "summary_fg_n": 42881.0,
  "summary_fg_p05": 302.48846435546875,
  "summary_fg_p95": 843.857666015625,
  "summary_fg_stdv": 168.00131225585938,
  "tsnr": 36.52253598254174
}