{
  "aor": 0.0016883461538461538,
  "aqi": 0.010585418923076923,
  "bids_meta": {
    "AcquisitionDateTime": "2016-06-02T10:20:51.477500",
    "AcquisitionMatrixPE": 64,
    "AcquisitionNumber": 1,
    "AcquisitionTime": "10:20:51.477500",
    "BaseResolution": 64,
    "ConversionSoftware": "dcm2niix",
    "ConversionSoftwareVersion": "v1.0.20180622 (JP2:OpenJPEG) GCC6.1.0",
    "DeviceSerialNumber": "35437",
    "DwellTime": 3.4e-06,
    "EchoTime": 0.03,
    "EffectiveEchoSpacing": 6.009615385e-05,
    "FlipAngle": 90,
    "ImageOrientationPatientDICOM": [
      1,
      -1e-16,
      0,
      1e-16,
      0.894934,
      -0.446198
    ],
    "ImageType": [
      "ORIGINAL",
      "PRIMARY",
      "M",
      "ND",
      "MOSAIC"
    ],
    "InPlanePhaseEncodingDirectionDICOM": "COL",
    "InstitutionAddress": "Queen_Square_12_London_Southeast_GB_WC1N_3BG",
    "InstitutionName": "Functional_Imaging_Laboratory",
    "InstitutionalDepartmentName": "Department",
    "MRAcquisitionType": "2D",
    "MagneticFieldStrength": 3,
    "Manufacturer": "Siemens",
    "ManufacturersModelName": "TrioTim",
    "Modality": "MR",
    "PartialFourier": 1,
    "PatientID": "MQ03647",
    "PatientName": "MQ03647",
    "PatientPosition": "HFS",
    "PatientSex": "",
    "PercentPhaseFOV": 100,
    "PhaseEncodingDirection": "j-",
    "PhaseEncodingSteps": 74,
    "PhaseOversampling": 0.13,
    "PhaseResolution": 1,
    "PixelBandwidth": 2298,
    "ProcedureStepDescription": "FIL_Johan_Carlin",
    "ProtocolName": "al_mepi2d_3mm_v1a_standard",
    "PulseSequenceDetails": "%CustomerSeq%_al_mepi2d_3mm_v1a",
    "ReceiveCoilName": "32Ch_Head",
    "ReconMatrixPE": 64,
    "RepetitionTime": 2.8,
    "SAR": 0.182013,
    "ScanOptions": "FS",
    "ScanningSequence": "RM",
    "SequenceName": "alepi2d2d1",
    "SequenceVariant": "SP_OSP",
    "SeriesDescription": "al_mepi2d_3mm_v1a_standard",
    "SeriesInstanceUID": "1.3.12.2.1107.5.2.32.35437.2016060210180971465626847.0.0.0",
    "SeriesNumber": 8,
    "ShimSetting": [
      5,
      -3911,
      308,
      377,
      -68,
      116,
      -149,
      144
    ],
    "SliceThickness": 2.5,
    "SliceTiming": [
      0,
      0.07,
      0.14,
      0.21,
      0.28,
      0.35,
      0.42,
      0.49,
      0.56,
      0.6325,
      0.7025,
      0.7725,
      0.8425,
      0.9125,
      0.9825,
      1.0525,
      1.1225,
      1.1925,
      1.265,
      1.335,
      1.405,
      1.475,
      1.545,
      1.615,
      1.685,
      1.755,
      1.825,
      1.8975,
      1.9675,
      2.0375,
      2.1075,
      2.1775,
      2.2475,
      2.3175,
      2.3875,
      2.46,
      2.53,
      2.6,
      2.67,
      2.74
    ],
    "SoftwareVersions": "syngo_MR_B17",
    "SpacingBetweenSlices": 3,
    "StationName": "MRC35437",
    "StudyID": "1",
    "StudyInstanceUID": "1.3.12.2.1107.5.2.32.35437.30000016060207470165200000013",
    "TaskName": "exemplarLocaliser",
    "TxRefAmp": 308.372,
    "dataset": "ds004009",
    "modality": "bold",
    "subject_id": "31",
    "task_id": "exemplarLocaliser"
  },
  "dummy_trs": 2,
  "dvars_nstd": 26.111487775019302,
  "dvars_std": 0.9523441622779915,
  "dvars_vstd": 0.8716620971042475,
  "efc": 0.6411119945011439,
  "fber": 181.8336944580078,
  "fd_mean": 0.08242382164177019,
  "fd_num": 6,
  "fd_perc": 2.3076923076923075,
  "fwhm_avg": 2.356873333333333,
  "fwhm_x": 2.159726666666667,
  "fwhm_y": 2.4334166666666666,
  "fwhm_z": 2.4774766666666665,
  "gcor": 0.00878917,
  "gsr_x": -0.0003296754730399698,
  "gsr_y": 0.07767842710018158,
  "provenance": {
    "md5sum": "7724fcbdb545e5523185c68fce8a52ea",
    "settings": {
      "fd_thres": 0.2,
      "testing": false
    },
    "software": "mriqc",
    "version": "23.0.1",
    "webapi_port": null,
    "webapi_url": "https://mriqc.nimh.nih.gov/api/v1"
  },
  "size_t": 260,
  "size_x": 64,
  "size_y": 64,
  "size_z": 40,
  "snr": 2.9165700657380005,
  "spacing_tr": 2.799999952316284,
  "spacing_x": 3.0,
  "spacing_y": 3.0,
  "spacing_z": 3.0,
  "summary_bg_k": 42.29856080883033,
  "summary_bg_mad": 14.811768460991427,
  "summary_bg_mean": 68.65597534179688,
  "summary_bg_median": 35.269229888916016,
  "summary_bg_n": 81718.0,
  "summary_bg_p05": 23.950000762939453,
  "summary_bg_p95": 229.60904235839823,
  "summary_bg_stdv": 93.5450668334961,
  "summary_fg_k": 1.0863816368105361,
  "summary_fg_mad": 149.4634109220815,
  "summary_fg_mean": 519.3134765625,
  "summary_fg_median": 486.8769226074219,
  "summary_fg_n": 42602.0,
  "summary_fg_p05": 302.4503967285156,
  "summary_fg_p95": 837.7576904296873,
  "summary_fg_stdv": 166.93280029296875,
  "tsnr": 36.450628091581166
}