{
  "aor": 0.003051570881226054,
  "aqi": 0.0053968428352490425,
  "bids_meta": {
    "AcquisitionDateTime": "2016-05-19T11:05:22.257500",
    "AcquisitionMatrixPE": 64,
    "AcquisitionNumber": 1,
    "AcquisitionTime": "11:05:22.257500",
    "BaseResolution": 64,
    "ConversionSoftware": "dcm2niix",
    "ConversionSoftwareVersion": "v1.0.20180622 (JP2:OpenJPEG) GCC6.1.0",
    "DeviceSerialNumber": "35437",
    "DwellTime": 3.4e-06,
    "EchoTime": 0.03,
    "EffectiveEchoSpacing": 6.009615385e-05,
    "FlipAngle": 90,
    "ImageOrientationPatientDICOM": [
      1,
      0,
      0,
      0,
      0.866025,
      -0.5
    ],
    "ImageType": [
      "ORIGINAL",
      "PRIMARY",
      "M",
      "ND",
      "MOSAIC"
    ],
    "InPlanePhaseEncodingDirectionDICOM": "COL",
    "InstitutionAddress": "Queen_Square_12_London_Southeast_GB_WC1N_3BG",
    "InstitutionName": "WTCN",
    "InstitutionalDepartmentName": "Department",
    "MRAcquisitionType": "2D",
    "MagneticFieldStrength": 3,
    "Manufacturer": "Siemens",
    "ManufacturersModelName": "TrioTim",
    "Modality": "MR",
    "PartialFourier": 1,
    "PatientID": "MQ03623",
    "PatientName": "MQ03623",
    "PatientPosition": "HFS",
    "PatientSex": "",
    "PercentPhaseFOV": 100,
    "PhaseEncodingDirection": "j-",
    "PhaseEncodingSteps": 74,
    "PhaseOversampling": 0.13,
    "PhaseResolution": 1,
    "PixelBandwidth": 2298,
    "ProcedureStepDescription": "FIL_Johan_Carlin",
    "ProtocolName": "al_mepi2d_3mm_v1a_standard",
    "PulseSequenceDetails": "%CustomerSeq%_al_mepi2d_3mm_v1a",
    "ReceiveCoilName": "32Ch_Head",
    "ReconMatrixPE": 64,
    "RepetitionTime": 2.8,
    "SAR": 0.16706,
    "ScanOptions": "FS",
    "ScanningSequence": "RM",
    "SequenceName": "alepi2d2d1",
    "SequenceVariant": "SP_OSP",
    "SeriesDescription": "al_mepi2d_3mm_v1a_standard",
    "SeriesInstanceUID": "1.3.12.2.1107.5.2.32.35437.2016051911051565106337893.0.0.0",
    "SeriesNumber": 7,
    "ShimSetting": [
      19,
      -3954,
      339,
      411,
      95,
      231,
      317,
      167
    ],
    "SliceThickness": 2.5,
    "SliceTiming": [
      0,
      0.07,
      0.14,
      0.21,
      0.28,
      0.35,
      0.4225,
      0.4925,
      0.5625,
      0.6325,
      0.7025,
      0.7725,
      0.8425,
      0.9125,
      0.9825,
      1.055,
      1.125,
      1.195,
      1.265,
      1.335,
      1.405,
      1.475,
      1.545,
      1.615,
      1.6875,
      1.7575,
      1.8275,
      1.8975,
      1.9675,
      2.0375,
      2.1075,
      2.1775,
      2.2475,
      2.32,
      2.39,
      2.46,
      2.53,
      2.6,
      2.67,
      2.74
    ],
    "SoftwareVersions": "syngo_MR_B17",
    "SpacingBetweenSlices": 3,
    "StationName": "MRC35437",
    "StudyID": "1",
    "StudyInstanceUID": "1.3.12.2.1107.5.2.32.35437.30000016051908360315300000007",
    "TaskName": "memsamp",
    "TxRefAmp": 289.878,
    "dataset": "ds004009",
    "modality": "bold",
    "run_id": 2,
    "subject_id": "06",
    "task_id": "memsamp"
  },
  "dummy_trs": 5,
  "dvars_nstd": 26.599295168653853,
  "dvars_std": 1.1668766115384615,
  "dvars_vstd": 0.9798674920384621,
  "efc": 0.6266611274690457,
  "fber": 247.6862030029297,
  "fd_mean": 0.11326007763385437,
  "fd_num": 27,
  "fd_perc": 10.344827586206897,
  "fwhm_avg": 2.490641111111111,
  "fwhm_x": 2.391103333333333,
  "fwhm_y": 2.45004,
  "fwhm_z": 2.63078,
  "gcor": 0.0156026,
  "gsr_x": -0.012506334111094475,
  "gsr_y": 0.0540502704679966,
  "provenance": {
    "md5sum": "c9fda2da3633a8c9277c25064c811ef6",
    "settings": {
      "fd_thres": 0.2,
      "testing": false
    },
    "software": "mriqc",
    "version": "23.0.1",
    "webapi_port": null,
    "webapi_url": "https://mriqc.nimh.nih.gov/api/v1"
  },
  "size_t": 261,
  "size_x": 64,
  "size_y": 64,
  "size_z": 40,
  "snr": 2.7488594521919096,
  "spacing_tr": 2.799999952316284,
  "spacing_x": 3.0,
  "spacing_y": 3.0,
  "spacing_z": 3.0,
  "summary_bg_k": 48.6420602468423,
  "summary_bg_mad": 13.894424456975177,
  "summary_bg_mean": 62.90938186645508,
  "summary_bg_median": 35.22222137451172,
  "summary_bg_n": 79779.0,
  "summary_bg_p05": 24.823753356933594,
  "summary_bg_p95": 193.66129760742135,
  "summary_bg_stdv": 75.11820220947266,
  "summary_fg_k": 1.1343657624131493,
  "summary_fg_mad": 190.32973848209213,
  "summary_fg_mean": 612.177001953125,
  "summary_fg_median": 572.6206665039062,
  "summary_fg_n": 44807.0,
  "summary_fg_p05": 343.8206756591797,
  "summary_fg_p95": 1008.6202941894529,
  "summary_fg_stdv": 208.3097686767578,
  "tsnr": 47.902861253824085
}