{
  "aor": 0.0009367181467181464,
  "aqi": 0.007602023552123553,
  "bids_meta": {
    "AcquisitionDateTime": "2016-05-19T11:33:14.842500",
    "AcquisitionMatrixPE": 64,
    "AcquisitionNumber": 1,
    "AcquisitionTime": "11:33:14.842500",
    "BaseResolution": 64,
    "ConversionSoftware": "dcm2niix",
    "ConversionSoftwareVersion": "v1.0.20180622 (JP2:OpenJPEG) GCC6.1.0",
    "DeviceSerialNumber": "35437",
    "DwellTime": 3.4e-06,
    "EchoTime": 0.03,
    "EffectiveEchoSpacing": 6.009615385e-05,
    "FlipAngle": 90,
    "ImageOrientationPatientDICOM": [
      1,
      0,
      0,
      0,
      0.866025,
      -0.5
    ],
    "ImageType": [
      "ORIGINAL",
      "PRIMARY",
      "M",
      "ND",
      "MOSAIC"
    ],
    "InPlanePhaseEncodingDirectionDICOM": "COL",
    "InstitutionAddress": "Queen_Square_12_London_Southeast_GB_WC1N_3BG",
    "InstitutionName": "WTCN",
    "InstitutionalDepartmentName": "Department",
    "MRAcquisitionType": "2D",
    "MagneticFieldStrength": 3,
    "Manufacturer": "Siemens",
    "ManufacturersModelName": "TrioTim",
    "Modality": "MR",
    "PartialFourier": 1,
    "PatientID": "MQ03623",
    "PatientName": "MQ03623",
    "PatientPosition": "HFS",
    "PatientSex": "",
    "PercentPhaseFOV": 100,
    "PhaseEncodingDirection": "j-",
    "PhaseEncodingSteps": 74,
    "PhaseOversampling": 0.13,
    "PhaseResolution": 1,
    "PixelBandwidth": 2298,
    "ProcedureStepDescription": "FIL_Johan_Carlin",
    "ProtocolName": "al_mepi2d_3mm_v1a_standard",
    "PulseSequenceDetails": "%CustomerSeq%_al_mepi2d_3mm_v1a",
    "ReceiveCoilName": "32Ch_Head",
    "ReconMatrixPE": 64,
    "RepetitionTime": 2.8,
    "SAR": 0.16706,
    "ScanOptions": "FS",
    "ScanningSequence": "RM",
    "SequenceName": "alepi2d2d1",
    "SequenceVariant": "SP_OSP",
    "SeriesDescription": "al_mepi2d_3mm_v1a_standard",
    "SeriesInstanceUID": "1.3.12.2.1107.5.2.32.35437.2016051911315595728402543.0.0.0",
    "SeriesNumber": 9,
    "ShimSetting": [
      19,
      -3954,
      339,
      411,
      95,
      231,
      317,
      167
    ],
    "SliceThickness": 2.5,
    "SliceTiming": [
      0,
      0.07,
      0.14,
      0.21,
      0.28,
      0.35,
      0.42,
      0.4925,
      0.5625,
      0.6325,
      0.7025,
      0.7725,
      0.8425,
      0.9125,
      0.9825,
      1.0525,
      1.125,
      1.195,
      1.265,
      1.335,
      1.405,
      1.475,
      1.545,
      1.615,
      1.685,
      1.7575,
      1.8275,
      1.8975,
      1.9675,
      2.0375,
      2.1075,
      2.1775,
      2.2475,
      2.3175,
      2.39,
      2.46,
      2.53,
      2.6,
      2.67,
      2.74
    ],
    "SoftwareVersions": "syngo_MR_B17",
    "SpacingBetweenSlices": 3,
    "StationName": "MRC35437",
    "StudyID": "1",
    "StudyInstanceUID": "1.3.12.2.1107.5.2.32.35437.30000016051908360315300000007",
    "TaskName": "motionLocaliser",
    "TxRefAmp": 289.878,
    "dataset": "ds004009",
    "modality": "bold",
    "subject_id": "06",
    "task_id": "motionLocaliser"
  },
  "dummy_trs": 3,
  "dvars_nstd": 24.584282217170536,
  "dvars_std": 1.0634032741085275,
  "dvars_vstd": 0.9060189810077525,
  "efc": 0.6279922605778689,
  "fber": 237.9033660888672,
  "fd_mean": 0.10244944319810853,
  "fd_num": 22,
  "fd_perc": 8.494208494208495,
  "fwhm_avg": 2.509501111111111,
  "fwhm_x": 2.4054533333333334,
  "fwhm_y": 2.4591366666666667,
  "fwhm_z": 2.6639133333333334,
  "gcor": 0.00630163,
  "gsr_x": -0.014440019614994526,
  "gsr_y": 0.054461997002363205,
  "provenance": {
    "md5sum": "ac95405150c3fcd91f781bc6f822eabc",
    "settings": {
      "fd_thres": 0.2,
      "testing": false
    },
    "software": "mriqc",
    "version": "23.0.1",
    "webapi_port": null,
    "webapi_url": "https://mriqc.nimh.nih.gov/api/v1"
  },
  "size_t": 259,
  "size_x": 64,
  "size_y": 64,
  "size_z": 40,
  "snr": 2.740399492087483,
  "spacing_tr": 2.799999952316284,
  "spacing_x": 3.0,
  "spacing_y": 3.0,
  "spacing_z": 3.0,
  "summary_bg_k": 47.1578711251644,
  "summary_bg_mad": 14.977713141562896,
  "summary_bg_mean": 64.65406036376953,
  "summary_bg_median": 36.0521240234375,
  "summary_bg_n": 79780.0,
  "summary_bg_p05": 24.486486434936523,
  "summary_bg_p95": 199.1905303955079,
  "summary_bg_stdv": 78.23538208007812,
  "summary_fg_k": 1.1834435686026916,
  "summary_fg_mad": 190.73187985532448,
  "summary_fg_mean": 614.7800903320312,
  "summary_fg_median": 574.3861083984375,
  "summary_fg_n": 44968.0,
  "summary_fg_p05": 345.66949768066405,
  "summary_fg_p95": 1014.9106140136719,
  "summary_fg_stdv": 209.59707641601562,
  "tsnr": 43.17588512552902
}