{
  "aor": 0.0035884230769230767,
  "aqi": 0.005165580076923077,
  "bids_meta": {
    "AcquisitionDateTime": "2016-06-13T12:22:15.817500",
    "AcquisitionMatrixPE": 64,
    "AcquisitionNumber": 1,
    "AcquisitionTime": "12:22:15.817500",
    "BaseResolution": 64,
    "ConversionSoftware": "dcm2niix",
    "ConversionSoftwareVersion": "v1.0.20180622 (JP2:OpenJPEG) GCC6.1.0",
    "DeviceSerialNumber": "35437",
    "DwellTime": 3.4e-06,
    "EchoTime": 0.03,
    "EffectiveEchoSpacing": 6.009615385e-05,
    "FlipAngle": 90,
    "ImageOrientationPatientDICOM": [
      1,
      0,
      0,
      0,
      0.866025,
      -0.5
    ],
    "ImageType": [
      "ORIGINAL",
      "PRIMARY",
      "M",
      "ND",
      "MOSAIC"
    ],
    "InPlanePhaseEncodingDirectionDICOM": "COL",
    "InstitutionAddress": "Queen_Square_12_London_Southeast_GB_WC1N_3BG",
    "InstitutionName": "Functional_Imaging_Laboratory",
    "InstitutionalDepartmentName": "Department",
    "MRAcquisitionType": "2D",
    "MagneticFieldStrength": 3,
    "Manufacturer": "Siemens",
    "ManufacturersModelName": "TrioTim",
    "Modality": "MR",
    "PartialFourier": 1,
    "PatientID": "MQ03660",
    "PatientName": "MQ03660",
    "PatientPosition": "HFS",
    "PatientSex": "",
    "PercentPhaseFOV": 100,
    "PhaseEncodingDirection": "j-",
    "PhaseEncodingSteps": 74,
    "PhaseOversampling": 0.13,
    "PhaseResolution": 1,
    "PixelBandwidth": 2298,
    "ProcedureStepDescription": "FIL_Johan_Carlin",
    "ProtocolName": "al_mepi2d_3mm_v1a_standard",
    "PulseSequenceDetails": "%CustomerSeq%_al_mepi2d_3mm_v1a",
    "ReceiveCoilName": "32Ch_Head",
    "ReconMatrixPE": 64,
    "RepetitionTime": 2.8,
    "SAR": 0.185986,
    "ScanOptions": "FS",
    "ScanningSequence": "RM",
    "SequenceName": "alepi2d2d1",
    "SequenceVariant": "SP_OSP",
    "SeriesDescription": "al_mepi2d_3mm_v1a_standard",
    "SeriesInstanceUID": "1.3.12.2.1107.5.2.32.35437.2016061312204258466723156.0.0.0",
    "SeriesNumber": 9,
    "ShimSetting": [
      39,
      -4070,
      437,
      735,
      17,
      -95,
      392,
      128
    ],
    "SliceThickness": 2.5,
    "SliceTiming": [
      0,
      0.07,
      0.14,
      0.21,
      0.28,
      0.35,
      0.42,
      0.4925,
      0.5625,
      0.6325,
      0.7025,
      0.7725,
      0.8425,
      0.9125,
      0.9825,
      1.0525,
      1.125,
      1.195,
      1.265,
      1.335,
      1.405,
      1.475,
      1.545,
      1.615,
      1.685,
      1.7575,
      1.8275,
      1.8975,
      1.9675,
      2.0375,
      2.1075,
      2.1775,
      2.2475,
      2.3175,
      2.39,
      2.46,
      2.53,
      2.6,
      2.67,
      2.74
    ],
    "SoftwareVersions": "syngo_MR_B17",
    "SpacingBetweenSlices": 3,
    "StationName": "MRC35437",
    "StudyID": "1",
    "StudyInstanceUID": "1.3.12.2.1107.5.2.32.35437.30000016061307504849300000007",
    "TaskName": "exemplarLocaliser",
    "TxRefAmp": 288.773,
    "dataset": "ds004009",
    "modality": "bold",
    "subject_id": "25",
    "task_id": "exemplarLocaliser"
  },
  "dummy_trs": 2,
  "dvars_nstd": 23.70597077146719,
  "dvars_std": 1.129221593243244,
  "dvars_vstd": 0.9787751258687256,
  "efc": 0.606481083228782,
  "fber": 297.2876281738281,
  "fd_mean": 0.10649605367580298,
  "fd_num": 25,
  "fd_perc": 9.615384615384615,
  "fwhm_avg": 2.437425555555555,
  "fwhm_x": 2.32831,
  "fwhm_y": 2.4211666666666667,
  "fwhm_z": 2.5627999999999997,
  "gcor": 0.0150473,
  "gsr_x": -0.007844817824661732,
  "gsr_y": 0.04089869558811188,
  "provenance": {
    "md5sum": "5cd8b8692947631cbde5b527720da23a",
    "settings": {
      "fd_thres": 0.2,
      "testing": false
    },
    "software": "mriqc",
    "version": "23.0.1",
    "webapi_port": null,
    "webapi_url": "https://mriqc.nimh.nih.gov/api/v1"
  },
  "size_t": 260,
  "size_x": 64,
  "size_y": 64,
  "size_z": 40,
  "snr": 3.003455449799585,
  "spacing_tr": 2.799999952316284,
  "spacing_x": 3.0,
  "spacing_y": 3.0,
  "spacing_z": 3.0,
  "summary_bg_k": 34.73745133209239,
  "summary_bg_mad": 10.463752013123345,
  "summary_bg_mean": 54.12042236328125,
  "summary_bg_median": 32.338462829589844,
  "summary_bg_n": 84544.0,
  "summary_bg_p05": 24.21538543701172,
  "summary_bg_p95": 153.5061500549311,
  "summary_bg_stdv": 60.02016067504883,
  "summary_fg_k": 1.111597380099414,
  "summary_fg_mad": 178.67922148818593,
  "summary_fg_mean": 602.65185546875,
  "summary_fg_median": 572.5730590820312,
  "summary_fg_n": 40848.0,
  "summary_fg_p05": 348.6667205810547,
  "summary_fg_p95": 957.9530883789063,
  "summary_fg_stdv": 190.63577270507812,
  "tsnr": 53.85934118833393
}