{
  "aor": 0.0025569884169884174,
  "aqi": 0.006782122586872588,
  "bids_meta": {
    "AcquisitionDateTime": "2016-06-13T11:54:45.232500",
    "AcquisitionMatrixPE": 64,
    "AcquisitionNumber": 1,
    "AcquisitionTime": "11:54:45.232500",
    "BaseResolution": 64,
    "ConversionSoftware": "dcm2niix",
    "ConversionSoftwareVersion": "v1.0.20180622 (JP2:OpenJPEG) GCC6.1.0",
    "DeviceSerialNumber": "35437",
    "DwellTime": 3.4e-06,
    "EchoTime": 0.03,
    "EffectiveEchoSpacing": 6.009615385e-05,
    "FlipAngle": 90,
    "ImageOrientationPatientDICOM": [
      1,
      0,
      0,
      0,
      0.866025,
      -0.5
    ],
    "ImageType": [
      "ORIGINAL",
      "PRIMARY",
      "M",
      "ND",
      "MOSAIC"
    ],
    "InPlanePhaseEncodingDirectionDICOM": "COL",
    "InstitutionAddress": "Queen_Square_12_London_Southeast_GB_WC1N_3BG",
    "InstitutionName": "Functional_Imaging_Laboratory",
    "InstitutionalDepartmentName": "Department",
    "MRAcquisitionType": "2D",
    "MagneticFieldStrength": 3,
    "Manufacturer": "Siemens",
    "ManufacturersModelName": "TrioTim",
    "Modality": "MR",
    "PartialFourier": 1,
    "PatientID": "MQ03660",
    "PatientName": "MQ03660",
    "PatientPosition": "HFS",
    "PatientSex": "",
    "PercentPhaseFOV": 100,
    "PhaseEncodingDirection": "j-",
    "PhaseEncodingSteps": 74,
    "PhaseOversampling": 0.13,
    "PhaseResolution": 1,
    "PixelBandwidth": 2298,
    "ProcedureStepDescription": "FIL_Johan_Carlin",
    "ProtocolName": "al_mepi2d_3mm_v1a_standard",
    "PulseSequenceDetails": "%CustomerSeq%_al_mepi2d_3mm_v1a",
    "ReceiveCoilName": "32Ch_Head",
    "ReconMatrixPE": 64,
    "RepetitionTime": 2.8,
    "SAR": 0.185986,
    "ScanOptions": "FS",
    "ScanningSequence": "RM",
    "SequenceName": "alepi2d2d1",
    "SequenceVariant": "SP_OSP",
    "SeriesDescription": "al_mepi2d_3mm_v1a_standard",
    "SeriesInstanceUID": "1.3.12.2.1107.5.2.32.35437.201606131153366760259216.0.0.0",
    "SeriesNumber": 7,
    "ShimSetting": [
      39,
      -4070,
      437,
      735,
      17,
      -95,
      392,
      128
    ],
    "SliceThickness": 2.5,
    "SliceTiming": [
      0,
      0.0725,
      0.1425,
      0.2125,
      0.2825,
      0.3525,
      0.4225,
      0.4925,
      0.5625,
      0.6325,
      0.705,
      0.775,
      0.845,
      0.915,
      0.985,
      1.055,
      1.125,
      1.195,
      1.265,
      1.3375,
      1.4075,
      1.4775,
      1.5475,
      1.6175,
      1.6875,
      1.7575,
      1.8275,
      1.8975,
      1.97,
      2.04,
      2.11,
      2.18,
      2.25,
      2.32,
      2.39,
      2.46,
      2.53,
      2.6025,
      2.6725,
      2.7425
    ],
    "SoftwareVersions": "syngo_MR_B17",
    "SpacingBetweenSlices": 3,
    "StationName": "MRC35437",
    "StudyID": "1",
    "StudyInstanceUID": "1.3.12.2.1107.5.2.32.35437.30000016061307504849300000007",
    "TaskName": "memsamp",
    "TxRefAmp": 288.773,
    "dataset": "ds004009",
    "modality": "bold",
    "run_id": 3,
    "subject_id": "25",
    "task_id": "memsamp"
  },
  "dummy_trs": 3,
  "dvars_nstd": 26.377329013100784,
  "dvars_std": 1.0875574194961248,
  "dvars_vstd": 0.9513144121705427,
  "efc": 0.605538167972815,
  "fber": 300.6991271972656,
  "fd_mean": 0.16646717095659827,
  "fd_num": 54,
  "fd_perc": 20.84942084942085,
  "fwhm_avg": 2.423678888888889,
  "fwhm_x": 2.324316666666667,
  "fwhm_y": 2.37054,
  "fwhm_z": 2.57618,
  "gcor": 0.022182,
  "gsr_x": -0.00769246369600296,
  "gsr_y": 0.041818588972091675,
  "provenance": {
    "md5sum": "d2f19d3ca7a9c1fc6432d652bc08d59f",
    "settings": {
      "fd_thres": 0.2,
      "testing": false
    },
    "software": "mriqc",
    "version": "23.0.1",
    "webapi_port": null,
    "webapi_url": "https://mriqc.nimh.nih.gov/api/v1"
  },
  "size_t": 259,
  "size_x": 64,
  "size_y": 64,
  "size_z": 40,
  "snr": 3.0196698138961398,
  "spacing_tr": 2.799999952316284,
  "spacing_x": 3.0,
  "spacing_y": 3.0,
  "spacing_z": 3.0,
  "summary_bg_k": 29.325087069314442,
  "summary_bg_mad": 9.93171666882006,
  "summary_bg_mean": 51.9442138671875,
  "summary_bg_median": 31.714284896850586,
  "summary_bg_n": 84436.0,
  "summary_bg_p05": 24.01158332824707,
  "summary_bg_p95": 144.80308532714844,
  "summary_bg_stdv": 54.152809143066406,
  "summary_fg_k": 1.2383545033833476,
  "summary_fg_mad": 174.53487592518368,
  "summary_fg_mean": 595.253173828125,
  "summary_fg_median": 565.5057983398438,
  "summary_fg_n": 40857.0,
  "summary_fg_p05": 346.06409912109376,
  "summary_fg_p95": 940.9265991210932,
  "summary_fg_stdv": 187.27175903320312,
  "tsnr": 46.09577422682196
}