{
  "aor": 0.025669923076923076,
  "aqi": 0.01224199592307692,
  "bids_meta": {
    "AcquisitionDateTime": "2016-08-11T10:46:55.850000",
    "AcquisitionMatrixPE": 64,
    "AcquisitionNumber": 1,
    "AcquisitionTime": "10:46:55.850000",
    "BaseResolution": 64,
    "ConversionSoftware": "dcm2niix",
    "ConversionSoftwareVersion": "v1.0.20180622 (JP2:OpenJPEG) GCC6.1.0",
    "DeviceSerialNumber": "35437",
    "DwellTime": 3.4e-06,
    "EchoTime": 0.03,
    "EffectiveEchoSpacing": 6.009615385e-05,
    "FlipAngle": 90,
    "ImageOrientationPatientDICOM": [
      1,
      0,
      0,
      0,
      0.866025,
      -0.5
    ],
    "ImageType": [
      "ORIGINAL",
      "PRIMARY",
      "M",
      "ND",
      "MOSAIC"
    ],
    "InPlanePhaseEncodingDirectionDICOM": "COL",
    "InstitutionAddress": "Queen_Square_12_London_Southeast_GB_WC1N_3BG",
    "InstitutionName": "FIL",
    "InstitutionalDepartmentName": "Department",
    "MRAcquisitionType": "2D",
    "MagneticFieldStrength": 3,
    "Manufacturer": "Siemens",
    "ManufacturersModelName": "TrioTim",
    "Modality": "MR",
    "PartialFourier": 1,
    "PatientID": "MQ03739",
    "PatientName": "MQ03739",
    "PatientPosition": "HFS",
    "PatientSex": "",
    "PercentPhaseFOV": 100,
    "PhaseEncodingDirection": "j-",
    "PhaseEncodingSteps": 74,
    "PhaseOversampling": 0.13,
    "PhaseResolution": 1,
    "PixelBandwidth": 2298,
    "ProcedureStepDescription": "FIL_Johan_Carlin",
    "ProtocolName": "al_mepi2d_3mm_v1a_standard",
    "PulseSequenceDetails": "%CustomerSeq%_al_mepi2d_3mm_v1a",
    "ReceiveCoilName": "32Ch_Head",
    "ReconMatrixPE": 64,
    "RepetitionTime": 2.8,
    "SAR": 0.161682,
    "ScanOptions": "FS",
    "ScanningSequence": "RM",
    "SequenceName": "alepi2d2d1",
    "SequenceVariant": "SP_OSP",
    "SeriesDescription": "al_mepi2d_3mm_v1a_standard",
    "SeriesInstanceUID": "1.3.12.2.1107.5.2.32.35437.201608111045552130478112.0.0.0",
    "SeriesNumber": 7,
    "ShimSetting": [
      -11,
      -3934,
      378,
      611,
      -267,
      80,
      315,
      73
    ],
    "SliceThickness": 2.5,
    "SliceTiming": [
      0,
      0.07,
      0.1425,
      0.2125,
      0.2825,
      0.3525,
      0.4225,
      0.4925,
      0.5625,
      0.6325,
      0.705,
      0.775,
      0.845,
      0.915,
      0.985,
      1.055,
      1.125,
      1.195,
      1.265,
      1.3375,
      1.4075,
      1.4775,
      1.5475,
      1.6175,
      1.6875,
      1.7575,
      1.8275,
      1.8975,
      1.97,
      2.04,
      2.11,
      2.18,
      2.25,
      2.32,
      2.39,
      2.46,
      2.53,
      2.6025,
      2.6725,
      2.7425
    ],
    "SoftwareVersions": "syngo_MR_B17",
    "SpacingBetweenSlices": 3,
    "StationName": "MRC35437",
    "StudyID": "1",
    "StudyInstanceUID": "1.3.12.2.1107.5.2.32.35437.30000016081107561092500000004",
    "TaskName": "memsamp",
    "TxRefAmp": 300.006,
    "dataset": "ds004009",
    "modality": "bold",
    "run_id": 2,
    "subject_id": "30",
    "task_id": "memsamp"
  },
  "dummy_trs": 2,
  "dvars_nstd": 26.925392857722017,
  "dvars_std": 1.1144553855598456,
  "dvars_vstd": 0.9866406657528956,
  "efc": 0.5962127511618704,
  "fber": 309.679443359375,
  "fd_mean": 0.09648690770109185,
  "fd_num": 21,
  "fd_perc": 8.076923076923077,
  "fwhm_avg": 2.443424444444444,
  "fwhm_x": 2.2739933333333333,
  "fwhm_y": 2.4028300000000002,
  "fwhm_z": 2.65345,
  "gcor": 0.0439446,
  "gsr_x": -0.011654973030090332,
  "gsr_y": 0.048318807035684586,
  "provenance": {
    "md5sum": "e8c23fa1d8de7dd0d44329135eb36622",
    "settings": {
      "fd_thres": 0.2,
      "testing": false
    },
    "software": "mriqc",
    "version": "23.0.1",
    "webapi_port": null,
    "webapi_url": "https://mriqc.nimh.nih.gov/api/v1"
  },
  "size_t": 260,
  "size_x": 64,
  "size_y": 64,
  "size_z": 40,
  "snr": 2.8998838274768466,
  "spacing_tr": 2.799999952316284,
  "spacing_x": 3.0,
  "spacing_y": 3.0,
  "spacing_z": 3.0,
  "summary_bg_k": 31.53999923065126,
  "summary_bg_mad": 7.986092524480848,
  "summary_bg_mean": 51.73746109008789,
  "summary_bg_median": 30.649999618530273,
  "summary_bg_n": 87486.0,
  "summary_bg_p05": 24.580768585205078,
  "summary_bg_p95": 153.29519653320312,
  "summary_bg_stdv": 57.80220413208008,
  "summary_fg_k": 0.8177347021769292,
  "summary_fg_mad": 179.03847019469637,
  "summary_fg_mean": 591.196044921875,
  "summary_fg_median": 556.2000122070312,
  "summary_fg_n": 38406.0,
  "summary_fg_p05": 341.2932662963867,
  "summary_fg_p95": 955.8788604736328,
  "summary_fg_stdv": 191.7982940673828,
  "tsnr": 34.570595300290734
}