{
  "aor": 0.0009325482625482627,
  "aqi": 0.002334572857142857,
  "bids_meta": {
    "AcquisitionDateTime": "2016-05-25T15:27:30.332500",
    "AcquisitionMatrixPE": 64,
    "AcquisitionNumber": 1,
    "AcquisitionTime": "15:27:30.332500",
    "BaseResolution": 64,
    "ConversionSoftware": "dcm2niix",
    "ConversionSoftwareVersion": "v1.0.20180622 (JP2:OpenJPEG) GCC6.1.0",
    "DeviceSerialNumber": "35437",
    "DwellTime": 3.4e-06,
    "EchoTime": 0.03,
    "EffectiveEchoSpacing": 6.009615385e-05,
    "FlipAngle": 90,
    "ImageOrientationPatientDICOM": [
      1,
      0,
      0,
      0,
      0.995725,
      -0.0923706
    ],
    "ImageType": [
      "ORIGINAL",
      "PRIMARY",
      "M",
      "ND",
      "MOSAIC"
    ],
    "InPlanePhaseEncodingDirectionDICOM": "COL",
    "InstitutionAddress": "Queen_Square_12_London_Southeast_GB_WC1N_3BG",
    "InstitutionName": "WTCN",
    "InstitutionalDepartmentName": "Department",
    "MRAcquisitionType": "2D",
    "MagneticFieldStrength": 3,
    "Manufacturer": "Siemens",
    "ManufacturersModelName": "TrioTim",
    "Modality": "MR",
    "PartialFourier": 1,
    "PatientID": "MQ03636",
    "PatientName": "MQ03636",
    "PatientPosition": "HFS",
    "PatientSex": "",
    "PercentPhaseFOV": 100,
    "PhaseEncodingDirection": "j-",
    "PhaseEncodingSteps": 74,
    "PhaseOversampling": 0.13,
    "PhaseResolution": 1,
    "PixelBandwidth": 2298,
    "ProcedureStepDescription": "FIL_Johan_Carlin",
    "ProtocolName": "al_mepi2d_3mm_v1a_standard",
    "PulseSequenceDetails": "%CustomerSeq%_al_mepi2d_3mm_v1a",
    "ReceiveCoilName": "32Ch_Head",
    "ReconMatrixPE": 64,
    "RepetitionTime": 2.8,
    "SAR": 0.197071,
    "ScanOptions": "FS",
    "ScanningSequence": "RM",
    "SequenceName": "alepi2d2d1",
    "SequenceVariant": "SP_OSP",
    "SeriesDescription": "al_mepi2d_3mm_v1a_standard",
    "SeriesInstanceUID": "1.3.12.2.1107.5.2.32.35437.2016052515232387348766501.0.0.0",
    "SeriesNumber": 6,
    "ShimSetting": [
      42,
      -4155,
      367,
      663,
      -66,
      -341,
      538,
      84
    ],
    "SliceThickness": 2.5,
    "SliceTiming": [
      0,
      0.0725,
      0.1425,
      0.2125,
      0.2825,
      0.3525,
      0.4225,
      0.4925,
      0.5625,
      0.6325,
      0.705,
      0.775,
      0.845,
      0.915,
      0.985,
      1.055,
      1.125,
      1.195,
      1.265,
      1.3375,
      1.4075,
      1.4775,
      1.5475,
      1.6175,
      1.6875,
      1.7575,
      1.8275,
      1.8975,
      1.97,
      2.04,
      2.11,
      2.18,
      2.25,
      2.32,
      2.39,
      2.46,
      2.53,
      2.6025,
      2.6725,
      2.7425
    ],
    "SoftwareVersions": "syngo_MR_B17",
    "SpacingBetweenSlices": 3,
    "StationName": "MRC35437",
    "StudyID": "1",
    "StudyInstanceUID": "1.3.12.2.1107.5.2.32.35437.30000016052507570637500000013",
    "TaskName": "memsamp",
    "TxRefAmp": 303.393,
    "dataset": "ds004009",
    "modality": "bold",
    "run_id": 1,
    "subject_id": "01",
    "task_id": "memsamp"
  },
  "dummy_trs": 3,
  "dvars_nstd": 21.488431405542638,
  "dvars_std": 1.203704016434109,
  "dvars_vstd": 0.9742003645736437,
  "efc": 0.6069221987782037,
  "fber": 356.9091491699219,
  "fd_mean": 0.044861460722593005,
  "fd_num": 2,
  "fd_perc": 0.7722007722007722,
  "fwhm_avg": 2.49684,
  "fwhm_x": 2.3913866666666665,
  "fwhm_y": 2.4650633333333336,
  "fwhm_z": 2.63407,
  "gcor": 0.0380149,
  "gsr_x": -0.009128030389547348,
  "gsr_y": 0.04316563531756401,
  "provenance": {
    "md5sum": "68cb5d1b5977cfec0399edaa969a7b01",
    "settings": {
      "fd_thres": 0.2,
      "testing": false
    },
    "software": "mriqc",
    "version": "23.0.1",
    "webapi_port": null,
    "webapi_url": "https://mriqc.nimh.nih.gov/api/v1"
  },
  "size_t": 259,
  "size_x": 64,
  "size_y": 64,
  "size_z": 40,
  "snr": 3.1878876964603347,
  "spacing_tr": 2.799999952316284,
  "spacing_x": 3.0,
  "spacing_y": 3.0,
  "spacing_z": 3.0,
  "summary_bg_k": 23.030983486126214,
  "summary_bg_mad": 9.95461651158865,
  "summary_bg_mean": 57.323184967041016,
  "summary_bg_median": 33.0,
  "summary_bg_n": 84051.0,
  "summary_bg_p05": 25.60231590270996,
  "summary_bg_p95": 174.99420928955078,
  "summary_bg_stdv": 65.89132690429688,
  "summary_fg_k": 0.9220740130138392,
  "summary_fg_mad": 196.5449673318681,
  "summary_fg_mean": 664.3983154296875,
  "summary_fg_median": 637.3706665039062,
  "summary_fg_n": 42779.0,
  "summary_fg_p05": 388.98493041992185,
  "summary_fg_p95": 1025.688049316406,
  "summary_fg_stdv": 199.93276977539062,
  "tsnr": 73.30165124963969
}