{
  "aor": 0.0008344615384615384,
  "aqi": 0.0024776495,
  "bids_meta": {
    "AcquisitionDateTime": "2016-05-25T16:26:4.082500",
    "AcquisitionMatrixPE": 64,
    "AcquisitionNumber": 1,
    "AcquisitionTime": "16:26:4.082500",
    "BaseResolution": 64,
    "ConversionSoftware": "dcm2niix",
    "ConversionSoftwareVersion": "v1.0.20180622 (JP2:OpenJPEG) GCC6.1.0",
    "DeviceSerialNumber": "35437",
    "DwellTime": 3.4e-06,
    "EchoTime": 0.03,
    "EffectiveEchoSpacing": 6.009615385e-05,
    "FlipAngle": 90,
    "ImageOrientationPatientDICOM": [
      1,
      0,
      0,
      0,
      0.995725,
      -0.0923706
    ],
    "ImageType": [
      "ORIGINAL",
      "PRIMARY",
      "M",
      "ND",
      "MOSAIC"
    ],
    "InPlanePhaseEncodingDirectionDICOM": "COL",
    "InstitutionAddress": "Queen_Square_12_London_Southeast_GB_WC1N_3BG",
    "InstitutionName": "WTCN",
    "InstitutionalDepartmentName": "Department",
    "MRAcquisitionType": "2D",
    "MagneticFieldStrength": 3,
    "Manufacturer": "Siemens",
    "ManufacturersModelName": "TrioTim",
    "Modality": "MR",
    "PartialFourier": 1,
    "PatientID": "MQ03636",
    "PatientName": "MQ03636",
    "PatientPosition": "HFS",
    "PatientSex": "",
    "PercentPhaseFOV": 100,
    "PhaseEncodingDirection": "j-",
    "PhaseEncodingSteps": 74,
    "PhaseOversampling": 0.13,
    "PhaseResolution": 1,
    "PixelBandwidth": 2298,
    "ProcedureStepDescription": "FIL_Johan_Carlin",
    "ProtocolName": "al_mepi2d_3mm_v1a_standard",
    "PulseSequenceDetails": "%CustomerSeq%_al_mepi2d_3mm_v1a",
    "ReceiveCoilName": "32Ch_Head",
    "ReconMatrixPE": 64,
    "RepetitionTime": 2.8,
    "SAR": 0.197071,
    "ScanOptions": "FS",
    "ScanningSequence": "RM",
    "SequenceName": "alepi2d2d1",
    "SequenceVariant": "SP_OSP",
    "SeriesDescription": "al_mepi2d_3mm_v1a_standard",
    "SeriesInstanceUID": "1.3.12.2.1107.5.2.32.35437.2016052516240884586294381.0.0.0",
    "SeriesNumber": 10,
    "ShimSetting": [
      42,
      -4155,
      367,
      663,
      -66,
      -341,
      538,
      84
    ],
    "SliceThickness": 2.5,
    "SliceTiming": [
      0,
      0.07,
      0.14,
      0.21,
      0.28,
      0.35,
      0.42,
      0.4925,
      0.5625,
      0.6325,
      0.7025,
      0.7725,
      0.8425,
      0.9125,
      0.9825,
      1.055,
      1.125,
      1.195,
      1.265,
      1.335,
      1.405,
      1.475,
      1.545,
      1.615,
      1.6875,
      1.7575,
      1.8275,
      1.8975,
      1.9675,
      2.0375,
      2.1075,
      2.1775,
      2.2475,
      2.32,
      2.39,
      2.46,
      2.53,
      2.6,
      2.67,
      2.74
    ],
    "SoftwareVersions": "syngo_MR_B17",
    "SpacingBetweenSlices": 3,
    "StationName": "MRC35437",
    "StudyID": "1",
    "StudyInstanceUID": "1.3.12.2.1107.5.2.32.35437.30000016052507570637500000013",
    "TaskName": "motionLocaliser",
    "TxRefAmp": 303.393,
    "dataset": "ds004009",
    "modality": "bold",
    "subject_id": "01",
    "task_id": "motionLocaliser"
  },
  "dummy_trs": 2,
  "dvars_nstd": 22.97531369490348,
  "dvars_std": 1.2058571881081084,
  "dvars_vstd": 0.967628958262548,
  "efc": 0.6091542504912099,
  "fber": 348.2303466796875,
  "fd_mean": 0.056875122538761966,
  "fd_num": 3,
  "fd_perc": 1.1538461538461537,
  "fwhm_avg": 2.4525222222222225,
  "fwhm_x": 2.36822,
  "fwhm_y": 2.4122600000000003,
  "fwhm_z": 2.5770866666666667,
  "gcor": 0.0248117,
  "gsr_x": -0.006245263386517763,
  "gsr_y": 0.04169444367289543,
  "provenance": {
    "md5sum": "ee5b8423fc326de1c88c720d1261ad68",
    "settings": {
      "fd_thres": 0.2,
      "testing": false
    },
    "software": "mriqc",
    "version": "23.0.1",
    "webapi_port": null,
    "webapi_url": "https://mriqc.nimh.nih.gov/api/v1"
  },
  "size_t": 260,
  "size_x": 64,
  "size_y": 64,
  "size_z": 40,
  "snr": 3.2163979128032834,
  "spacing_tr": 2.799999952316284,
  "spacing_x": 3.0,
  "spacing_y": 3.0,
  "spacing_z": 3.0,
  "summary_bg_k": 20.963220289284237,
  "summary_bg_mad": 10.344001501673423,
  "summary_bg_mean": 58.88365936279297,
  "summary_bg_median": 33.46538543701172,
  "summary_bg_n": 84213.0,
  "summary_bg_p05": 25.796154022216797,
  "summary_bg_p95": 183.10385131835926,
  "summary_bg_stdv": 68.00096893310547,
  "summary_fg_k": 0.8628569067877465,
  "summary_fg_mad": 195.39555245275076,
  "summary_fg_mean": 663.224853515625,
  "summary_fg_median": 636.9192504882812,
  "summary_fg_n": 42833.0,
  "summary_fg_p05": 389.3999938964844,
  "summary_fg_p95": 1017.8507690429689,
  "summary_fg_stdv": 198.0202178955078,
  "tsnr": 72.68685927172191
}