{
  "aor": 0.0005680384615384616,
  "aqi": 0.0027730937307692306,
  "bids_meta": {
    "AcquisitionDateTime": "2016-05-25T15:42:14.835000",
    "AcquisitionMatrixPE": 64,
    "AcquisitionNumber": 1,
    "AcquisitionTime": "15:42:14.835000",
    "BaseResolution": 64,
    "ConversionSoftware": "dcm2niix",
    "ConversionSoftwareVersion": "v1.0.20180622 (JP2:OpenJPEG) GCC6.1.0",
    "DeviceSerialNumber": "35437",
    "DwellTime": 3.4e-06,
    "EchoTime": 0.03,
    "EffectiveEchoSpacing": 6.009615385e-05,
    "FlipAngle": 90,
    "ImageOrientationPatientDICOM": [
      1,
      0,
      0,
      0,
      0.995725,
      -0.0923706
    ],
    "ImageType": [
      "ORIGINAL",
      "PRIMARY",
      "M",
      "ND",
      "MOSAIC"
    ],
    "InPlanePhaseEncodingDirectionDICOM": "COL",
    "InstitutionAddress": "Queen_Square_12_London_Southeast_GB_WC1N_3BG",
    "InstitutionName": "WTCN",
    "InstitutionalDepartmentName": "Department",
    "MRAcquisitionType": "2D",
    "MagneticFieldStrength": 3,
    "Manufacturer": "Siemens",
    "ManufacturersModelName": "TrioTim",
    "Modality": "MR",
    "PartialFourier": 1,
    "PatientID": "MQ03636",
    "PatientName": "MQ03636",
    "PatientPosition": "HFS",
    "PatientSex": "",
    "PercentPhaseFOV": 100,
    "PhaseEncodingDirection": "j-",
    "PhaseEncodingSteps": 74,
    "PhaseOversampling": 0.13,
    "PhaseResolution": 1,
    "PixelBandwidth": 2298,
    "ProcedureStepDescription": "FIL_Johan_Carlin",
    "ProtocolName": "al_mepi2d_3mm_v1a_standard",
    "PulseSequenceDetails": "%CustomerSeq%_al_mepi2d_3mm_v1a",
    "ReceiveCoilName": "32Ch_Head",
    "ReconMatrixPE": 64,
    "RepetitionTime": 2.8,
    "SAR": 0.197071,
    "ScanOptions": "FS",
    "ScanningSequence": "RM",
    "SequenceName": "alepi2d2d1",
    "SequenceVariant": "SP_OSP",
    "SeriesDescription": "al_mepi2d_3mm_v1a_standard",
    "SeriesInstanceUID": "1.3.12.2.1107.5.2.32.35437.2016052515394853537598471.0.0.0",
    "SeriesNumber": 7,
    "ShimSetting": [
      42,
      -4155,
      367,
      663,
      -66,
      -341,
      538,
      84
    ],
    "SliceThickness": 2.5,
    "SliceTiming": [
      0,
      0.07,
      0.14,
      0.21,
      0.28,
      0.35,
      0.42,
      0.49,
      0.5625,
      0.6325,
      0.7025,
      0.7725,
      0.8425,
      0.9125,
      0.9825,
      1.0525,
      1.1225,
      1.195,
      1.265,
      1.335,
      1.405,
      1.475,
      1.545,
      1.615,
      1.685,
      1.755,
      1.8275,
      1.8975,
      1.9675,
      2.0375,
      2.1075,
      2.1775,
      2.2475,
      2.3175,
      2.3875,
      2.46,
      2.53,
      2.6,
      2.67,
      2.74
    ],
    "SoftwareVersions": "syngo_MR_B17",
    "SpacingBetweenSlices": 3,
    "StationName": "MRC35437",
    "StudyID": "1",
    "StudyInstanceUID": "1.3.12.2.1107.5.2.32.35437.30000016052507570637500000013",
    "TaskName": "memsamp",
    "TxRefAmp": 303.393,
    "dataset": "ds004009",
    "modality": "bold",
    "run_id": 2,
    "subject_id": "01",
    "task_id": "memsamp"
  },
  "dummy_trs": 2,
  "dvars_nstd": 22.234424068069483,
  "dvars_std": 1.1883289187644783,
  "dvars_vstd": 0.9576624080694974,
  "efc": 0.6075057814382233,
  "fber": 354.2335510253906,
  "fd_mean": 0.051800803887940616,
  "fd_num": 1,
  "fd_perc": 0.38461538461538464,
  "fwhm_avg": 2.4830444444444444,
  "fwhm_x": 2.3951433333333334,
  "fwhm_y": 2.4299866666666667,
  "fwhm_z": 2.6240033333333335,
  "gcor": 0.0345926,
  "gsr_x": -0.009065045043826103,
  "gsr_y": 0.043646812438964844,
  "provenance": {
    "md5sum": "002112507b91b1c292ccb0228d68e15b",
    "settings": {
      "fd_thres": 0.2,
      "testing": false
    },
    "software": "mriqc",
    "version": "23.0.1",
    "webapi_port": null,
    "webapi_url": "https://mriqc.nimh.nih.gov/api/v1"
  },
  "size_t": 260,
  "size_x": 64,
  "size_y": 64,
  "size_z": 40,
  "snr": 3.1824756642742864,
  "spacing_tr": 2.799999952316284,
  "spacing_x": 3.0,
  "spacing_y": 3.0,
  "spacing_z": 3.0,
  "summary_bg_k": 23.07041874277315,
  "summary_bg_mad": 10.235655666178765,
  "summary_bg_mean": 57.73464584350586,
  "summary_bg_median": 33.20769119262695,
  "summary_bg_n": 83959.0,
  "summary_bg_p05": 25.592308044433594,
  "summary_bg_p95": 177.2673049926756,
  "summary_bg_stdv": 66.40568542480469,
  "summary_fg_k": 1.0271752343983547,
  "summary_fg_mad": 196.62726876727646,
  "summary_fg_mean": 665.8060913085938,
  "summary_fg_median": 638.7922973632812,
  "summary_fg_n": 42713.0,
  "summary_fg_p05": 390.00230712890624,
  "summary_fg_p95": 1026.8200439453126,
  "summary_fg_stdv": 200.71946716308594,
  "tsnr": 68.13263256382197
}