{
  "aor": 0.0020160769230769225,
  "aqi": 0.005992719076923077,
  "bids_meta": {
    "AcquisitionDateTime": "2016-09-28T11:05:44.342500",
    "AcquisitionMatrixPE": 64,
    "AcquisitionNumber": 1,
    "AcquisitionTime": "11:05:44.342500",
    "BaseResolution": 64,
    "ConversionSoftware": "dcm2niix",
    "ConversionSoftwareVersion": "v1.0.20180622 (JP2:OpenJPEG) GCC6.1.0",
    "DeviceSerialNumber": "35437",
    "DwellTime": 3.4e-06,
    "EchoTime": 0.03,
    "EffectiveEchoSpacing": 6.009615385e-05,
    "FlipAngle": 90,
    "ImageOrientationPatientDICOM": [
      1,
      0,
      0,
      0,
      0.866025,
      -0.5
    ],
    "ImageType": [
      "ORIGINAL",
      "PRIMARY",
      "M",
      "ND",
      "MOSAIC"
    ],
    "InPlanePhaseEncodingDirectionDICOM": "COL",
    "InstitutionAddress": "Queen_Square_12_London_Southeast_GB_WC1N_3BG",
    "InstitutionName": "WTCN",
    "InstitutionalDepartmentName": "Department",
    "MRAcquisitionType": "2D",
    "MagneticFieldStrength": 3,
    "Manufacturer": "Siemens",
    "ManufacturersModelName": "TrioTim",
    "Modality": "MR",
    "PartialFourier": 1,
    "PatientID": "MQ03794",
    "PatientName": "MQ03794",
    "PatientPosition": "HFS",
    "PatientSex": "",
    "PercentPhaseFOV": 100,
    "PhaseEncodingDirection": "j-",
    "PhaseEncodingSteps": 74,
    "PhaseOversampling": 0.13,
    "PhaseResolution": 1,
    "PixelBandwidth": 2298,
    "ProcedureStepDescription": "FIL_Johan_Carlin",
    "ProtocolName": "al_mepi2d_3mm_v1a_standard",
    "PulseSequenceDetails": "%CustomerSeq%_al_mepi2d_3mm_v1a",
    "ReceiveCoilName": "32Ch_Head",
    "ReconMatrixPE": 64,
    "RepetitionTime": 2.8,
    "SAR": 0.17598,
    "ScanOptions": "FS",
    "ScanningSequence": "RM",
    "SequenceName": "alepi2d2d1",
    "SequenceVariant": "SP_OSP",
    "SeriesDescription": "al_mepi2d_3mm_v1a_standard",
    "SeriesInstanceUID": "1.3.12.2.1107.5.2.32.35437.2016092811040748485326853.0.0.0",
    "SeriesNumber": 8,
    "ShimSetting": [
      38,
      -3809,
      236,
      427,
      29,
      366,
      33,
      70
    ],
    "SliceThickness": 2.5,
    "SliceTiming": [
      0,
      0.07,
      0.1425,
      0.2125,
      0.2825,
      0.3525,
      0.4225,
      0.4925,
      0.5625,
      0.6325,
      0.7025,
      0.775,
      0.845,
      0.915,
      0.985,
      1.055,
      1.125,
      1.195,
      1.265,
      1.335,
      1.4075,
      1.4775,
      1.5475,
      1.6175,
      1.6875,
      1.7575,
      1.8275,
      1.8975,
      1.9675,
      2.04,
      2.11,
      2.18,
      2.25,
      2.32,
      2.39,
      2.46,
      2.53,
      2.6,
      2.6725,
      2.7425
    ],
    "SoftwareVersions": "syngo_MR_B17",
    "SpacingBetweenSlices": 3,
    "StationName": "MRC35437",
    "StudyID": "1",
    "StudyInstanceUID": "1.3.12.2.1107.5.2.32.35437.30000016092808002314900000004",
    "TaskName": "motionLocaliser",
    "TxRefAmp": 311.573,
    "dataset": "ds004009",
    "modality": "bold",
    "subject_id": "08",
    "task_id": "motionLocaliser"
  },
  "dummy_trs": 2,
  "dvars_nstd": 20.63589322532817,
  "dvars_std": 1.0439616823552118,
  "dvars_vstd": 0.93378433003861,
  "efc": 0.6089218623199737,
  "fber": 303.6795349121094,
  "fd_mean": 0.0977844979692641,
  "fd_num": 17,
  "fd_perc": 6.538461538461538,
  "fwhm_avg": 2.418958888888889,
  "fwhm_x": 2.31679,
  "fwhm_y": 2.4527533333333333,
  "fwhm_z": 2.4873333333333334,
  "gcor": 0.00850877,
  "gsr_x": -0.012707861140370369,
  "gsr_y": 0.07940055429935455,
  "provenance": {
    "md5sum": "c83815a38800f3006790db05235d4d82",
    "settings": {
      "fd_thres": 0.2,
      "testing": false
    },
    "software": "mriqc",
    "version": "23.0.1",
    "webapi_port": null,
    "webapi_url": "https://mriqc.nimh.nih.gov/api/v1"
  },
  "size_t": 260,
  "size_x": 64,
  "size_y": 64,
  "size_z": 40,
  "snr": 3.07051456352534,
  "spacing_tr": 2.799999952316284,
  "spacing_x": 3.0,
  "spacing_y": 3.0,
  "spacing_z": 3.0,
  "summary_bg_k": 57.15705691078987,
  "summary_bg_mad": 8.120101001754335,
  "summary_bg_mean": 51.85039138793945,
  "summary_bg_median": 30.049999237060547,
  "summary_bg_n": 84895.0,
  "summary_bg_p05": 23.738462448120117,
  "summary_bg_p95": 156.6303833007813,
  "summary_bg_stdv": 59.2834358215332,
  "summary_fg_k": 1.2022681715566366,
  "summary_fg_mad": 151.57892882459484,
  "summary_fg_mean": 564.7725830078125,
  "summary_fg_median": 534.1153564453125,
  "summary_fg_n": 40923.0,
  "summary_fg_p05": 334.8080657958985,
  "summary_fg_p95": 901.4969177246096,
  "summary_fg_stdv": 173.94766235351562,
  "tsnr": 49.915032531833276
}