{
  "aor": 0.003621609195402299,
  "aqi": 0.005908866819923373,
  "bids_meta": {
    "AcquisitionDateTime": "2016-09-28T10:51:48.075000",
    "AcquisitionMatrixPE": 64,
    "AcquisitionNumber": 1,
    "AcquisitionTime": "10:51:48.075000",
    "BaseResolution": 64,
    "ConversionSoftware": "dcm2niix",
    "ConversionSoftwareVersion": "v1.0.20180622 (JP2:OpenJPEG) GCC6.1.0",
    "DeviceSerialNumber": "35437",
    "DwellTime": 3.4e-06,
    "EchoTime": 0.03,
    "EffectiveEchoSpacing": 6.009615385e-05,
    "FlipAngle": 90,
    "ImageOrientationPatientDICOM": [
      1,
      0,
      0,
      0,
      0.866025,
      -0.5
    ],
    "ImageType": [
      "ORIGINAL",
      "PRIMARY",
      "M",
      "ND",
      "MOSAIC"
    ],
    "InPlanePhaseEncodingDirectionDICOM": "COL",
    "InstitutionAddress": "Queen_Square_12_London_Southeast_GB_WC1N_3BG",
    "InstitutionName": "WTCN",
    "InstitutionalDepartmentName": "Department",
    "MRAcquisitionType": "2D",
    "MagneticFieldStrength": 3,
    "Manufacturer": "Siemens",
    "ManufacturersModelName": "TrioTim",
    "Modality": "MR",
    "PartialFourier": 1,
    "PatientID": "MQ03794",
    "PatientName": "MQ03794",
    "PatientPosition": "HFS",
    "PatientSex": "",
    "PercentPhaseFOV": 100,
    "PhaseEncodingDirection": "j-",
    "PhaseEncodingSteps": 74,
    "PhaseOversampling": 0.13,
    "PhaseResolution": 1,
    "PixelBandwidth": 2298,
    "ProcedureStepDescription": "FIL_Johan_Carlin",
    "ProtocolName": "al_mepi2d_3mm_v1a_standard",
    "PulseSequenceDetails": "%CustomerSeq%_al_mepi2d_3mm_v1a",
    "ReceiveCoilName": "32Ch_Head",
    "ReconMatrixPE": 64,
    "RepetitionTime": 2.8,
    "SAR": 0.17598,
    "ScanOptions": "FS",
    "ScanningSequence": "RM",
    "SequenceName": "alepi2d2d1",
    "SequenceVariant": "SP_OSP",
    "SeriesDescription": "al_mepi2d_3mm_v1a_standard",
    "SeriesInstanceUID": "1.3.12.2.1107.5.2.32.35437.2016092810502042266294883.0.0.0",
    "SeriesNumber": 7,
    "ShimSetting": [
      38,
      -3809,
      236,
      427,
      29,
      366,
      33,
      70
    ],
    "SliceThickness": 2.5,
    "SliceTiming": [
      0,
      0.07,
      0.14,
      0.21,
      0.28,
      0.35,
      0.4225,
      0.4925,
      0.5625,
      0.6325,
      0.7025,
      0.7725,
      0.8425,
      0.9125,
      0.9825,
      1.055,
      1.125,
      1.195,
      1.265,
      1.335,
      1.405,
      1.475,
      1.545,
      1.615,
      1.6875,
      1.7575,
      1.8275,
      1.8975,
      1.9675,
      2.0375,
      2.1075,
      2.1775,
      2.2475,
      2.32,
      2.39,
      2.46,
      2.53,
      2.6,
      2.67,
      2.74
    ],
    "SoftwareVersions": "syngo_MR_B17",
    "SpacingBetweenSlices": 3,
    "StationName": "MRC35437",
    "StudyID": "1",
    "StudyInstanceUID": "1.3.12.2.1107.5.2.32.35437.30000016092808002314900000004",
    "TaskName": "memsamp",
    "TxRefAmp": 311.573,
    "dataset": "ds004009",
    "modality": "bold",
    "run_id": 3,
    "subject_id": "08",
    "task_id": "memsamp"
  },
  "dummy_trs": 1,
  "dvars_nstd": 20.994311835192313,
  "dvars_std": 1.079238471153846,
  "dvars_vstd": 0.975890134346154,
  "efc": 0.6096547440817905,
  "fber": 305.7146301269531,
  "fd_mean": 0.11983504382391046,
  "fd_num": 22,
  "fd_perc": 8.42911877394636,
  "fwhm_avg": 2.4512844444444446,
  "fwhm_x": 2.351433333333333,
  "fwhm_y": 2.47254,
  "fwhm_z": 2.52988,
  "gcor": 0.0405957,
  "gsr_x": -0.012832333333790302,
  "gsr_y": 0.08016254752874374,
  "provenance": {
    "md5sum": "0977db26a9b2ccf9775c4116b09fad73",
    "settings": {
      "fd_thres": 0.2,
      "testing": false
    },
    "software": "mriqc",
    "version": "23.0.1",
    "webapi_port": null,
    "webapi_url": "https://mriqc.nimh.nih.gov/api/v1"
  },
  "size_t": 261,
  "size_x": 64,
  "size_y": 64,
  "size_z": 40,
  "snr": 3.0592153103299378,
  "spacing_tr": 2.799999952316284,
  "spacing_x": 3.0,
  "spacing_y": 3.0,
  "spacing_z": 3.0,
  "summary_bg_k": 56.52133382655649,
  "summary_bg_mad": 7.949814173915494,
  "summary_bg_mean": 51.8862419128418,
  "summary_bg_median": 29.952106475830078,
  "summary_bg_n": 84592.0,
  "summary_bg_p05": 23.854406356811523,
  "summary_bg_p95": 156.32624282836906,
  "summary_bg_stdv": 59.52924728393555,
  "summary_fg_k": 1.1439116145770898,
  "summary_fg_mad": 152.83014591903316,
  "summary_fg_mean": 566.974365234375,
  "summary_fg_median": 536.30078125,
  "summary_fg_n": 41186.0,
  "summary_fg_p05": 334.9454040527344,
  "summary_fg_p95": 906.4654998779297,
  "summary_fg_stdv": 175.3045196533203,
  "tsnr": 48.975544610992074
}