{
  "aor": 0.0034161923076923085,
  "aqi": 0.0070484033846153855,
  "bids_meta": {
    "AcquisitionDateTime": "2016-09-28T11:19:30.957500",
    "AcquisitionMatrixPE": 64,
    "AcquisitionNumber": 1,
    "AcquisitionTime": "11:19:30.957500",
    "BaseResolution": 64,
    "ConversionSoftware": "dcm2niix",
    "ConversionSoftwareVersion": "v1.0.20180622 (JP2:OpenJPEG) GCC6.1.0",
    "DeviceSerialNumber": "35437",
    "DwellTime": 3.4e-06,
    "EchoTime": 0.03,
    "EffectiveEchoSpacing": 6.009615385e-05,
    "FlipAngle": 90,
    "ImageOrientationPatientDICOM": [
      1,
      0,
      0,
      0,
      0.866025,
      -0.5
    ],
    "ImageType": [
      "ORIGINAL",
      "PRIMARY",
      "M",
      "ND",
      "MOSAIC"
    ],
    "InPlanePhaseEncodingDirectionDICOM": "COL",
    "InstitutionAddress": "Queen_Square_12_London_Southeast_GB_WC1N_3BG",
    "InstitutionName": "WTCN",
    "InstitutionalDepartmentName": "Department",
    "MRAcquisitionType": "2D",
    "MagneticFieldStrength": 3,
    "Manufacturer": "Siemens",
    "ManufacturersModelName": "TrioTim",
    "Modality": "MR",
    "PartialFourier": 1,
    "PatientID": "MQ03794",
    "PatientName": "MQ03794",
    "PatientPosition": "HFS",
    "PatientSex": "",
    "PercentPhaseFOV": 100,
    "PhaseEncodingDirection": "j-",
    "PhaseEncodingSteps": 74,
    "PhaseOversampling": 0.13,
    "PhaseResolution": 1,
    "PixelBandwidth": 2298,
    "ProcedureStepDescription": "FIL_Johan_Carlin",
    "ProtocolName": "al_mepi2d_3mm_v1a_standard",
    "PulseSequenceDetails": "%CustomerSeq%_al_mepi2d_3mm_v1a",
    "ReceiveCoilName": "32Ch_Head",
    "ReconMatrixPE": 64,
    "RepetitionTime": 2.8,
    "SAR": 0.17598,
    "ScanOptions": "FS",
    "ScanningSequence": "RM",
    "SequenceName": "alepi2d2d1",
    "SequenceVariant": "SP_OSP",
    "SeriesDescription": "al_mepi2d_3mm_v1a_standard",
    "SeriesInstanceUID": "1.3.12.2.1107.5.2.32.35437.2016092811180379180258823.0.0.0",
    "SeriesNumber": 9,
    "ShimSetting": [
      38,
      -3809,
      236,
      427,
      29,
      366,
      33,
      70
    ],
    "SliceThickness": 2.5,
    "SliceTiming": [
      0,
      0.07,
      0.14,
      0.21,
      0.2825,
      0.3525,
      0.4225,
      0.4925,
      0.5625,
      0.6325,
      0.7025,
      0.7725,
      0.8425,
      0.915,
      0.985,
      1.055,
      1.125,
      1.195,
      1.265,
      1.335,
      1.405,
      1.475,
      1.5475,
      1.6175,
      1.6875,
      1.7575,
      1.8275,
      1.8975,
      1.9675,
      2.0375,
      2.1075,
      2.18,
      2.25,
      2.32,
      2.39,
      2.46,
      2.53,
      2.6,
      2.67,
      2.74
    ],
    "SoftwareVersions": "syngo_MR_B17",
    "SpacingBetweenSlices": 3,
    "StationName": "MRC35437",
    "StudyID": "1",
    "StudyInstanceUID": "1.3.12.2.1107.5.2.32.35437.30000016092808002314900000004",
    "TaskName": "exemplarLocaliser",
    "TxRefAmp": 311.573,
    "dataset": "ds004009",
    "modality": "bold",
    "subject_id": "08",
    "task_id": "exemplarLocaliser"
  },
  "dummy_trs": 2,
  "dvars_nstd": 21.045950974131262,
  "dvars_std": 1.0588886383011584,
  "dvars_vstd": 0.9595426336293436,
  "efc": 0.6090695036592004,
  "fber": 302.6605224609375,
  "fd_mean": 0.11967817921097974,
  "fd_num": 26,
  "fd_perc": 10.0,
  "fwhm_avg": 2.4124611111111114,
  "fwhm_x": 2.3119433333333332,
  "fwhm_y": 2.4551366666666667,
  "fwhm_z": 2.4703033333333333,
  "gcor": 0.0116189,
  "gsr_x": -0.011712907813489437,
  "gsr_y": 0.07825864851474762,
  "provenance": {
    "md5sum": "910e40dc2bb67596c9e4f05273ac950e",
    "settings": {
      "fd_thres": 0.2,
      "testing": false
    },
    "software": "mriqc",
    "version": "23.0.1",
    "webapi_port": null,
    "webapi_url": "https://mriqc.nimh.nih.gov/api/v1"
  },
  "size_t": 260,
  "size_x": 64,
  "size_y": 64,
  "size_z": 40,
  "snr": 3.0998387853310967,
  "spacing_tr": 2.799999952316284,
  "spacing_x": 3.0,
  "spacing_y": 3.0,
  "spacing_z": 3.0,
  "summary_bg_k": 55.278831317231884,
  "summary_bg_mad": 8.319678589212472,
  "summary_bg_mean": 51.996639251708984,
  "summary_bg_median": 30.08461570739746,
  "summary_bg_n": 85112.0,
  "summary_bg_p05": 23.426923751831055,
  "summary_bg_p95": 156.37538452148428,
  "summary_bg_stdv": 59.37813949584961,
  "summary_fg_k": 1.1671005408700692,
  "summary_fg_mad": 151.72441550164578,
  "summary_fg_mean": 564.1065673828125,
  "summary_fg_median": 533.644287109375,
  "summary_fg_n": 40806.0,
  "summary_fg_p05": 336.10577392578125,
  "summary_fg_p95": 897.0740203857422,
  "summary_fg_stdv": 172.15016174316406,
  "tsnr": 47.15673440694809
}