{
  "aor": 0.004550574712643678,
  "aqi": 0.01284895233716475,
  "bids_meta": {
    "AcquisitionDateTime": "2016-07-05T11:23:4.847500",
    "AcquisitionMatrixPE": 64,
    "AcquisitionNumber": 1,
    "AcquisitionTime": "11:23:4.847500",
    "BaseResolution": 64,
    "ConversionSoftware": "dcm2niix",
    "ConversionSoftwareVersion": "v1.0.20180622 (JP2:OpenJPEG) GCC6.1.0",
    "DeviceSerialNumber": "35437",
    "DwellTime": 3.4e-06,
    "EchoTime": 0.03,
    "EffectiveEchoSpacing": 6.009615385e-05,
    "FlipAngle": 90,
    "ImageOrientationPatientDICOM": [
      1,
      0,
      0,
      0,
      0.866025,
      -0.5
    ],
    "ImageType": [
      "ORIGINAL",
      "PRIMARY",
      "M",
      "ND",
      "MOSAIC"
    ],
    "InPlanePhaseEncodingDirectionDICOM": "COL",
    "InstitutionAddress": "Queen_Square_12_London_Southeast_GB_WC1N_3BG",
    "InstitutionName": "FIL",
    "InstitutionalDepartmentName": "Department",
    "MRAcquisitionType": "2D",
    "MagneticFieldStrength": 3,
    "Manufacturer": "Siemens",
    "ManufacturersModelName": "TrioTim",
    "Modality": "MR",
    "PartialFourier": 1,
    "PatientID": "MQ03692",
    "PatientName": "MQ03692",
    "PatientPosition": "HFS",
    "PatientSex": "",
    "PercentPhaseFOV": 100,
    "PhaseEncodingDirection": "j-",
    "PhaseEncodingSteps": 74,
    "PhaseOversampling": 0.13,
    "PhaseResolution": 1,
    "PixelBandwidth": 2298,
    "ProcedureStepDescription": "FIL_Johan_Carlin",
    "ProtocolName": "al_mepi2d_3mm_v1a_standard",
    "PulseSequenceDetails": "%CustomerSeq%_al_mepi2d_3mm_v1a",
    "ReceiveCoilName": "32Ch_Head",
    "ReconMatrixPE": 64,
    "RepetitionTime": 2.8,
    "SAR": 0.152885,
    "ScanOptions": "FS",
    "ScanningSequence": "RM",
    "SequenceName": "alepi2d2d1",
    "SequenceVariant": "SP_OSP",
    "SeriesDescription": "al_mepi2d_3mm_v1a_standard",
    "SeriesInstanceUID": "1.3.12.2.1107.5.2.32.35437.2016070511220256831375247.0.0.0",
    "SeriesNumber": 12,
    "ShimSetting": [
      48,
      -3918,
      340,
      490,
      -5,
      19,
      -26,
      37
    ],
    "SliceThickness": 2.5,
    "SliceTiming": [
      0,
      0.07,
      0.14,
      0.21,
      0.2825,
      0.3525,
      0.4225,
      0.4925,
      0.5625,
      0.6325,
      0.7025,
      0.7725,
      0.8425,
      0.915,
      0.985,
      1.055,
      1.125,
      1.195,
      1.265,
      1.335,
      1.405,
      1.475,
      1.5475,
      1.6175,
      1.6875,
      1.7575,
      1.8275,
      1.8975,
      1.9675,
      2.0375,
      2.1075,
      2.18,
      2.25,
      2.32,
      2.39,
      2.46,
      2.53,
      2.6,
      2.67,
      2.74
    ],
    "SoftwareVersions": "syngo_MR_B17",
    "SpacingBetweenSlices": 3,
    "StationName": "MRC35437",
    "StudyID": "1",
    "StudyInstanceUID": "1.3.12.2.1107.5.2.32.35437.30000016070508283022400000004",
    "TaskName": "motionLocaliser",
    "TxRefAmp": 302.226,
    "dataset": "ds004009",
    "modality": "bold",
    "subject_id": "10",
    "task_id": "motionLocaliser"
  },
  "dummy_trs": 1,
  "dvars_nstd": 46.166180918961516,
  "dvars_std": 1.188097896076923,
  "dvars_vstd": 0.9948027969999996,
  "efc": 0.6553410729954108,
  "fber": 184.71771240234375,
  "fd_mean": 0.3750382498163372,
  "fd_num": 168,
  "fd_perc": 64.36781609195403,
  "fwhm_avg": 2.5998555555555556,
  "fwhm_x": 2.4082166666666667,
  "fwhm_y": 2.6761533333333336,
  "fwhm_z": 2.715196666666667,
  "gcor": 0.016763,
  "gsr_x": -0.009578762575984001,
  "gsr_y": 0.061908163130283356,
  "provenance": {
    "md5sum": "51f72b080f093ae23f077f3c0224b847",
    "settings": {
      "fd_thres": 0.2,
      "testing": false
    },
    "software": "mriqc",
    "version": "23.0.1",
    "webapi_port": null,
    "webapi_url": "https://mriqc.nimh.nih.gov/api/v1"
  },
  "size_t": 261,
  "size_x": 64,
  "size_y": 64,
  "size_z": 40,
  "snr": 2.7887240577787917,
  "spacing_tr": 2.799999952316284,
  "spacing_x": 3.0,
  "spacing_y": 3.0,
  "spacing_z": 3.0,
  "summary_bg_k": 64.34459813329775,
  "summary_bg_mad": 15.331586125536537,
  "summary_bg_mean": 65.17766571044922,
  "summary_bg_median": 36.46743392944336,
  "summary_bg_n": 74447.0,
  "summary_bg_p05": 25.137929916381836,
  "summary_bg_p95": 202.1620635986327,
  "summary_bg_stdv": 78.46308135986328,
  "summary_fg_k": 0.6963705044374038,
  "summary_fg_mad": 175.1060994667069,
  "summary_fg_mean": 541.6649780273438,
  "summary_fg_median": 513.2337036132812,
  "summary_fg_n": 48931.0,
  "summary_fg_p05": 294.81800842285156,
  "summary_fg_p95": 891.4252624511719,
  "summary_fg_stdv": 184.03701782226562,
  "tsnr": 32.7153164036572
}