{
  "aor": 0.0036086538461538456,
  "aqi": 0.010727248846153847,
  "bids_meta": {
    "AcquisitionDateTime": "2016-07-05T10:42:44.125000",
    "AcquisitionMatrixPE": 64,
    "AcquisitionNumber": 1,
    "AcquisitionTime": "10:42:44.125000",
    "BaseResolution": 64,
    "ConversionSoftware": "dcm2niix",
    "ConversionSoftwareVersion": "v1.0.20180622 (JP2:OpenJPEG) GCC6.1.0",
    "DeviceSerialNumber": "35437",
    "DwellTime": 3.4e-06,
    "EchoTime": 0.03,
    "EffectiveEchoSpacing": 6.009615385e-05,
    "FlipAngle": 90,
    "ImageOrientationPatientDICOM": [
      1,
      0,
      0,
      0,
      0.866025,
      -0.5
    ],
    "ImageType": [
      "ORIGINAL",
      "PRIMARY",
      "M",
      "ND",
      "MOSAIC"
    ],
    "InPlanePhaseEncodingDirectionDICOM": "COL",
    "InstitutionAddress": "Queen_Square_12_London_Southeast_GB_WC1N_3BG",
    "InstitutionName": "FIL",
    "InstitutionalDepartmentName": "Department",
    "MRAcquisitionType": "2D",
    "MagneticFieldStrength": 3,
    "Manufacturer": "Siemens",
    "ManufacturersModelName": "TrioTim",
    "Modality": "MR",
    "PartialFourier": 1,
    "PatientID": "MQ03692",
    "PatientName": "MQ03692",
    "PatientPosition": "HFS",
    "PatientSex": "",
    "PercentPhaseFOV": 100,
    "PhaseEncodingDirection": "j-",
    "PhaseEncodingSteps": 74,
    "PhaseOversampling": 0.13,
    "PhaseResolution": 1,
    "PixelBandwidth": 2298,
    "ProcedureStepDescription": "FIL_Johan_Carlin",
    "ProtocolName": "al_mepi2d_3mm_v1a_standard",
    "PulseSequenceDetails": "%CustomerSeq%_al_mepi2d_3mm_v1a",
    "ReceiveCoilName": "32Ch_Head",
    "ReconMatrixPE": 64,
    "RepetitionTime": 2.8,
    "SAR": 0.152885,
    "ScanOptions": "FS",
    "ScanningSequence": "RM",
    "SequenceName": "alepi2d2d1",
    "SequenceVariant": "SP_OSP",
    "SeriesDescription": "al_mepi2d_3mm_v1a_standard",
    "SeriesInstanceUID": "1.3.12.2.1107.5.2.32.35437.2016070510423769496179337.0.0.0",
    "SeriesNumber": 9,
    "ShimSetting": [
      48,
      -3918,
      340,
      490,
      -5,
      19,
      -26,
      37
    ],
    "SliceThickness": 2.5,
    "SliceTiming": [
      0,
      0.07,
      0.14,
      0.21,
      0.28,
      0.35,
      0.4225,
      0.4925,
      0.5625,
      0.6325,
      0.7025,
      0.7725,
      0.8425,
      0.9125,
      0.985,
      1.055,
      1.125,
      1.195,
      1.265,
      1.335,
      1.405,
      1.475,
      1.545,
      1.6175,
      1.6875,
      1.7575,
      1.8275,
      1.8975,
      1.9675,
      2.0375,
      2.1075,
      2.1775,
      2.25,
      2.32,
      2.39,
      2.46,
      2.53,
      2.6,
      2.67,
      2.74
    ],
    "SoftwareVersions": "syngo_MR_B17",
    "SpacingBetweenSlices": 3,
    "StationName": "MRC35437",
    "StudyID": "1",
    "StudyInstanceUID": "1.3.12.2.1107.5.2.32.35437.30000016070508283022400000004",
    "TaskName": "memsamp",
    "TxRefAmp": 302.226,
    "dataset": "ds004009",
    "modality": "bold",
    "run_id": 2,
    "subject_id": "10",
    "task_id": "memsamp"
  },
  "dummy_trs": 2,
  "dvars_nstd": 39.07930595088801,
  "dvars_std": 1.1236873232818527,
  "dvars_vstd": 0.9598481103088805,
  "efc": 0.6519739562739565,
  "fber": 189.30050659179688,
  "fd_mean": 0.3066982584169919,
  "fd_num": 143,
  "fd_perc": 55.0,
  "fwhm_avg": 2.606584444444444,
  "fwhm_x": 2.4534266666666666,
  "fwhm_y": 2.6619333333333333,
  "fwhm_z": 2.7043933333333334,
  "gcor": 0.0109753,
  "gsr_x": 0.0003363817522767931,
  "gsr_y": 0.05488627031445503,
  "provenance": {
    "md5sum": "bb47b206cc5a221b1ce5cafc10eda9c6",
    "settings": {
      "fd_thres": 0.2,
      "testing": false
    },
    "software": "mriqc",
    "version": "23.0.1",
    "webapi_port": null,
    "webapi_url": "https://mriqc.nimh.nih.gov/api/v1"
  },
  "size_t": 260,
  "size_x": 64,
  "size_y": 64,
  "size_z": 40,
  "snr": 2.776798973067602,
  "spacing_tr": 2.799999952316284,
  "spacing_x": 3.0,
  "spacing_y": 3.0,
  "spacing_z": 3.0,
  "summary_bg_k": 21.703965453836396,
  "summary_bg_mad": 16.61655065435373,
  "summary_bg_mean": 70.54473876953125,
  "summary_bg_median": 36.9461555480957,
  "summary_bg_n": 76829.0,
  "summary_bg_p05": 24.769229888916016,
  "summary_bg_p95": 234.14923400878828,
  "summary_bg_stdv": 87.43059539794922,
  "summary_fg_k": 0.70991262304317,
  "summary_fg_mad": 175.6455833397645,
  "summary_fg_mean": 545.491455078125,
  "summary_fg_median": 516.34228515625,
  "summary_fg_n": 48368.0,
  "summary_fg_p05": 296.28749084472656,
  "summary_fg_p95": 902.0876708984375,
  "summary_fg_stdv": 185.9468231201172,
  "tsnr": 35.722700628452
}