{
  "aor": 0.005415444015444015,
  "aqi": 0.011510951428571429,
  "bids_meta": {
    "AcquisitionDateTime": "2016-08-09T11:00:0.220000",
    "AcquisitionMatrixPE": 64,
    "AcquisitionNumber": 1,
    "AcquisitionTime": "11:00:0.220000",
    "BaseResolution": 64,
    "ConversionSoftware": "dcm2niix",
    "ConversionSoftwareVersion": "v1.0.20180622 (JP2:OpenJPEG) GCC6.1.0",
    "DeviceSerialNumber": "35437",
    "DwellTime": 3.4e-06,
    "EchoTime": 0.03,
    "EffectiveEchoSpacing": 6.009615385e-05,
    "FlipAngle": 90,
    "ImageOrientationPatientDICOM": [
      1,
      0,
      0,
      0,
      0.866025,
      -0.5
    ],
    "ImageType": [
      "ORIGINAL",
      "PRIMARY",
      "M",
      "ND",
      "MOSAIC"
    ],
    "InPlanePhaseEncodingDirectionDICOM": "COL",
    "InstitutionAddress": "Queen_Square_12_London_Southeast_GB_WC1N_3BG",
    "InstitutionName": "FIL",
    "InstitutionalDepartmentName": "Department",
    "MRAcquisitionType": "2D",
    "MagneticFieldStrength": 3,
    "Manufacturer": "Siemens",
    "ManufacturersModelName": "TrioTim",
    "Modality": "MR",
    "PartialFourier": 1,
    "PatientID": "MQ03734",
    "PatientName": "MQ03734",
    "PatientPosition": "HFS",
    "PatientSex": "",
    "PercentPhaseFOV": 100,
    "PhaseEncodingDirection": "j-",
    "PhaseEncodingSteps": 74,
    "PhaseOversampling": 0.13,
    "PhaseResolution": 1,
    "PixelBandwidth": 2298,
    "ProcedureStepDescription": "FIL_Johan_Carlin",
    "ProtocolName": "al_mepi2d_3mm_v1a_standard",
    "PulseSequenceDetails": "%CustomerSeq%_al_mepi2d_3mm_v1a",
    "ReceiveCoilName": "32Ch_Head",
    "ReconMatrixPE": 64,
    "RepetitionTime": 2.8,
    "SAR": 0.176473,
    "ScanOptions": "FS",
    "ScanningSequence": "RM",
    "SequenceName": "alepi2d2d1",
    "SequenceVariant": "SP_OSP",
    "SeriesDescription": "al_mepi2d_3mm_v1a_standard",
    "SeriesInstanceUID": "1.3.12.2.1107.5.2.32.35437.2016080910580642836009460.0.0.0",
    "SeriesNumber": 7,
    "ShimSetting": [
      20,
      -3886,
      261,
      562,
      -52,
      114,
      -203,
      137
    ],
    "SliceThickness": 2.5,
    "SliceTiming": [
      0,
      0.07,
      0.14,
      0.21,
      0.28,
      0.3525,
      0.4225,
      0.4925,
      0.5625,
      0.6325,
      0.7025,
      0.7725,
      0.8425,
      0.9125,
      0.985,
      1.055,
      1.125,
      1.195,
      1.265,
      1.335,
      1.405,
      1.475,
      1.545,
      1.6175,
      1.6875,
      1.7575,
      1.8275,
      1.8975,
      1.9675,
      2.0375,
      2.1075,
      2.1775,
      2.25,
      2.32,
      2.39,
      2.46,
      2.53,
      2.6,
      2.67,
      2.74
    ],
    "SoftwareVersions": "syngo_MR_B17",
    "SpacingBetweenSlices": 3,
    "StationName": "MRC35437",
    "StudyID": "1",
    "StudyInstanceUID": "1.3.12.2.1107.5.2.32.35437.30000016080907501372400000004",
    "TaskName": "memsamp",
    "TxRefAmp": 310.143,
    "dataset": "ds004009",
    "modality": "bold",
    "run_id": 3,
    "subject_id": "33",
    "task_id": "memsamp"
  },
  "dummy_trs": 3,
  "dvars_nstd": 33.09602837244188,
  "dvars_std": 1.0923717784496132,
  "dvars_vstd": 0.9625897103875968,
  "efc": 0.6102031620812253,
  "fber": 277.5371398925781,
  "fd_mean": 0.3216179275940222,
  "fd_num": 178,
  "fd_perc": 68.72586872586872,
  "fwhm_avg": 2.4763122222222225,
  "fwhm_x": 2.3410533333333334,
  "fwhm_y": 2.4758999999999998,
  "fwhm_z": 2.6119833333333333,
  "gcor": 0.0190828,
  "gsr_x": -0.0007610677857883275,
  "gsr_y": 0.0689559280872345,
  "provenance": {
    "md5sum": "09651647fd4ca5ff24dd72ce382f61b8",
    "settings": {
      "fd_thres": 0.2,
      "testing": false
    },
    "software": "mriqc",
    "version": "23.0.1",
    "webapi_port": null,
    "webapi_url": "https://mriqc.nimh.nih.gov/api/v1"
  },
  "size_t": 259,
  "size_x": 64,
  "size_y": 64,
  "size_z": 40,
  "snr": 3.130699182185975,
  "spacing_tr": 2.799999952316284,
  "spacing_x": 3.0,
  "spacing_y": 3.0,
  "spacing_z": 3.0,
  "summary_bg_k": 73.97646253224157,
  "summary_bg_mad": 10.527050368338474,
  "summary_bg_mean": 56.34682083129883,
  "summary_bg_median": 32.02702713012695,
  "summary_bg_n": 86093.0,
  "summary_bg_p05": 24.05019187927246,
  "summary_bg_p95": 165.22625427246084,
  "summary_bg_stdv": 75.76850891113281,
  "summary_fg_k": 0.9886166179032823,
  "summary_fg_mad": 158.79871931244367,
  "summary_fg_mean": 578.5275268554688,
  "summary_fg_median": 548.87451171875,
  "summary_fg_n": 40048.0,
  "summary_fg_p05": 342.1996017456055,
  "summary_fg_p95": 913.1862823486329,
  "summary_fg_stdv": 175.3179168701172,
  "tsnr": 35.3100065945182
}