{
  "aor": 0.004658,
  "aqi": 0.005359758153846154,
  "bids_meta": {
    "AcquisitionDateTime": "2016-06-13T12:08:22.290000",
    "AcquisitionMatrixPE": 64,
    "AcquisitionNumber": 1,
    "AcquisitionTime": "12:08:22.290000",
    "BaseResolution": 64,
    "ConversionSoftware": "dcm2niix",
    "ConversionSoftwareVersion": "v1.0.20180622 (JP2:OpenJPEG) GCC6.1.0",
    "DeviceSerialNumber": "35437",
    "DwellTime": 3.4e-06,
    "EchoTime": 0.03,
    "EffectiveEchoSpacing": 6.009615385e-05,
    "FlipAngle": 90,
    "ImageOrientationPatientDICOM": [
      1,
      0,
      0,
      0,
      0.866025,
      -0.5
    ],
    "ImageType": [
      "ORIGINAL",
      "PRIMARY",
      "M",
      "ND",
      "MOSAIC"
    ],
    "InPlanePhaseEncodingDirectionDICOM": "COL",
    "InstitutionAddress": "Queen_Square_12_London_Southeast_GB_WC1N_3BG",
    "InstitutionName": "Functional_Imaging_Laboratory",
    "InstitutionalDepartmentName": "Department",
    "MRAcquisitionType": "2D",
    "MagneticFieldStrength": 3,
    "Manufacturer": "Siemens",
    "ManufacturersModelName": "TrioTim",
    "Modality": "MR",
    "PartialFourier": 1,
    "PatientID": "MQ03660",
    "PatientName": "MQ03660",
    "PatientPosition": "HFS",
    "PatientSex": "",
    "PercentPhaseFOV": 100,
    "PhaseEncodingDirection": "j-",
    "PhaseEncodingSteps": 74,
    "PhaseOversampling": 0.13,
    "PhaseResolution": 1,
    "PixelBandwidth": 2298,
    "ProcedureStepDescription": "FIL_Johan_Carlin",
    "ProtocolName": "al_mepi2d_3mm_v1a_standard",
    "PulseSequenceDetails": "%CustomerSeq%_al_mepi2d_3mm_v1a",
    "ReceiveCoilName": "32Ch_Head",
    "ReconMatrixPE": 64,
    "RepetitionTime": 2.8,
    "SAR": 0.185986,
    "ScanOptions": "FS",
    "ScanningSequence": "RM",
    "SequenceName": "alepi2d2d1",
    "SequenceVariant": "SP_OSP",
    "SeriesDescription": "al_mepi2d_3mm_v1a_standard",
    "SeriesInstanceUID": "1.3.12.2.1107.5.2.32.35437.2016061312070435446291186.0.0.0",
    "SeriesNumber": 8,
    "ShimSetting": [
      39,
      -4070,
      437,
      735,
      17,
      -95,
      392,
      128
    ],
    "SliceThickness": 2.5,
    "SliceTiming": [
      0,
      0.07,
      0.14,
      0.21,
      0.28,
      0.35,
      0.42,
      0.49,
      0.56,
      0.6325,
      0.7025,
      0.7725,
      0.8425,
      0.9125,
      0.9825,
      1.0525,
      1.1225,
      1.1925,
      1.265,
      1.335,
      1.405,
      1.475,
      1.545,
      1.615,
      1.685,
      1.755,
      1.825,
      1.8975,
      1.9675,
      2.0375,
      2.1075,
      2.1775,
      2.2475,
      2.3175,
      2.3875,
      2.4575,
      2.53,
      2.6,
      2.67,
      2.74
    ],
    "SoftwareVersions": "syngo_MR_B17",
    "SpacingBetweenSlices": 3,
    "StationName": "MRC35437",
    "StudyID": "1",
    "StudyInstanceUID": "1.3.12.2.1107.5.2.32.35437.30000016061307504849300000007",
    "TaskName": "motionLocaliser",
    "TxRefAmp": 288.773,
    "dataset": "ds004009",
    "modality": "bold",
    "subject_id": "25",
    "task_id": "motionLocaliser"
  },
  "dummy_trs": 2,
  "dvars_nstd": 24.35694050158301,
  "dvars_std": 1.1114573651351354,
  "dvars_vstd": 0.9780687711583017,
  "efc": 0.605695454476088,
  "fber": 302.2803649902344,
  "fd_mean": 0.12489390958969929,
  "fd_num": 31,
  "fd_perc": 11.923076923076923,
  "fwhm_avg": 2.4252688888888887,
  "fwhm_x": 2.323513333333333,
  "fwhm_y": 2.376306666666667,
  "fwhm_z": 2.5759866666666666,
  "gcor": 0.00960903,
  "gsr_x": -0.008591494522988796,
  "gsr_y": 0.04105225205421448,
  "provenance": {
    "md5sum": "8a9cb9448cedc479a3c280e4b92f3779",
    "settings": {
      "fd_thres": 0.2,
      "testing": false
    },
    "software": "mriqc",
    "version": "23.0.1",
    "webapi_port": null,
    "webapi_url": "https://mriqc.nimh.nih.gov/api/v1"
  },
  "size_t": 260,
  "size_x": 64,
  "size_y": 64,
  "size_z": 40,
  "snr": 3.0034528765481934,
  "spacing_tr": 2.799999952316284,
  "spacing_x": 3.0,
  "spacing_y": 3.0,
  "spacing_z": 3.0,
  "summary_bg_k": 30.38330544219869,
  "summary_bg_mad": 10.298379970013055,
  "summary_bg_mean": 53.01112365722656,
  "summary_bg_median": 32.161537170410156,
  "summary_bg_n": 84401.0,
  "summary_bg_p05": 24.22307777404785,
  "summary_bg_p95": 150.56922912597656,
  "summary_bg_stdv": 55.562171936035156,
  "summary_fg_k": 1.274637993154589,
  "summary_fg_mad": 178.04908839806362,
  "summary_fg_mean": 605.2197265625,
  "summary_fg_median": 574.5961303710938,
  "summary_fg_n": 40842.0,
  "summary_fg_p05": 351.72308349609375,
  "summary_fg_p95": 959.7021240234371,
  "summary_fg_stdv": 191.30950927734375,
  "tsnr": 51.10933571634814
}