{
  "aor": 0.002972192307692307,
  "aqi": 0.005983096346153846,
  "bids_meta": {
    "AcquisitionDateTime": "2016-06-13T11:41:16.485000",
    "AcquisitionMatrixPE": 64,
    "AcquisitionNumber": 1,
    "AcquisitionTime": "11:41:16.485000",
    "BaseResolution": 64,
    "ConversionSoftware": "dcm2niix",
    "ConversionSoftwareVersion": "v1.0.20180622 (JP2:OpenJPEG) GCC6.1.0",
    "DeviceSerialNumber": "35437",
    "DwellTime": 3.4e-06,
    "EchoTime": 0.03,
    "EffectiveEchoSpacing": 6.009615385e-05,
    "FlipAngle": 90,
    "ImageOrientationPatientDICOM": [
      1,
      0,
      0,
      0,
      0.866025,
      -0.5
    ],
    "ImageType": [
      "ORIGINAL",
      "PRIMARY",
      "M",
      "ND",
      "MOSAIC"
    ],
    "InPlanePhaseEncodingDirectionDICOM": "COL",
    "InstitutionAddress": "Queen_Square_12_London_Southeast_GB_WC1N_3BG",
    "InstitutionName": "Functional_Imaging_Laboratory",
    "InstitutionalDepartmentName": "Department",
    "MRAcquisitionType": "2D",
    "MagneticFieldStrength": 3,
    "Manufacturer": "Siemens",
    "ManufacturersModelName": "TrioTim",
    "Modality": "MR",
    "PartialFourier": 1,
    "PatientID": "MQ03660",
    "PatientName": "MQ03660",
    "PatientPosition": "HFS",
    "PatientSex": "",
    "PercentPhaseFOV": 100,
    "PhaseEncodingDirection": "j-",
    "PhaseEncodingSteps": 74,
    "PhaseOversampling": 0.13,
    "PhaseResolution": 1,
    "PixelBandwidth": 2298,
    "ProcedureStepDescription": "FIL_Johan_Carlin",
    "ProtocolName": "al_mepi2d_3mm_v1a_standard",
    "PulseSequenceDetails": "%CustomerSeq%_al_mepi2d_3mm_v1a",
    "ReceiveCoilName": "32Ch_Head",
    "ReconMatrixPE": 64,
    "RepetitionTime": 2.8,
    "SAR": 0.185986,
    "ScanOptions": "FS",
    "ScanningSequence": "RM",
    "SequenceName": "alepi2d2d1",
    "SequenceVariant": "SP_OSP",
    "SeriesDescription": "al_mepi2d_3mm_v1a_standard",
    "SeriesInstanceUID": "1.3.12.2.1107.5.2.32.35437.2016061311395892252627246.0.0.0",
    "SeriesNumber": 6,
    "ShimSetting": [
      39,
      -4070,
      437,
      735,
      17,
      -95,
      392,
      128
    ],
    "SliceThickness": 2.5,
    "SliceTiming": [
      0,
      0.07,
      0.14,
      0.2125,
      0.2825,
      0.3525,
      0.4225,
      0.4925,
      0.5625,
      0.6325,
      0.7025,
      0.7725,
      0.845,
      0.915,
      0.985,
      1.055,
      1.125,
      1.195,
      1.265,
      1.335,
      1.405,
      1.4775,
      1.5475,
      1.6175,
      1.6875,
      1.7575,
      1.8275,
      1.8975,
      1.9675,
      2.0375,
      2.11,
      2.18,
      2.25,
      2.32,
      2.39,
      2.46,
      2.53,
      2.6,
      2.67,
      2.7425
    ],
    "SoftwareVersions": "syngo_MR_B17",
    "SpacingBetweenSlices": 3,
    "StationName": "MRC35437",
    "StudyID": "1",
    "StudyInstanceUID": "1.3.12.2.1107.5.2.32.35437.30000016061307504849300000007",
    "TaskName": "memsamp",
    "TxRefAmp": 288.773,
    "dataset": "ds004009",
    "modality": "bold",
    "run_id": 2,
    "subject_id": "25",
    "task_id": "memsamp"
  },
  "dummy_trs": 2,
  "dvars_nstd": 23.984223701158278,
  "dvars_std": 1.0976275418532828,
  "dvars_vstd": 0.9491405908108111,
  "efc": 0.605786078829938,
  "fber": 306.3421630859375,
  "fd_mean": 0.10984661458293454,
  "fd_num": 19,
  "fd_perc": 7.3076923076923075,
  "fwhm_avg": 2.416601111111111,
  "fwhm_x": 2.30209,
  "fwhm_y": 2.37424,
  "fwhm_z": 2.5734733333333333,
  "gcor": 0.0102102,
  "gsr_x": -0.007944193668663502,
  "gsr_y": 0.04119260981678963,
  "provenance": {
    "md5sum": "3063246cf29961bff83eac0fadd20f11",
    "settings": {
      "fd_thres": 0.2,
      "testing": false
    },
    "software": "mriqc",
    "version": "23.0.1",
    "webapi_port": null,
    "webapi_url": "https://mriqc.nimh.nih.gov/api/v1"
  },
  "size_t": 260,
  "size_x": 64,
  "size_y": 64,
  "size_z": 40,
  "snr": 3.054174387858644,
  "spacing_tr": 2.799999952316284,
  "spacing_x": 3.0,
  "spacing_y": 3.0,
  "spacing_z": 3.0,
  "summary_bg_k": 29.922031298362896,
  "summary_bg_mad": 9.565634488606188,
  "summary_bg_mean": 51.397789001464844,
  "summary_bg_median": 31.424999237060547,
  "summary_bg_n": 84174.0,
  "summary_bg_p05": 24.153846740722656,
  "summary_bg_p95": 144.69134521484358,
  "summary_bg_stdv": 53.77812576293945,
  "summary_fg_k": 1.0521791560234979,
  "summary_fg_mad": 173.23067643334946,
  "summary_fg_mean": 594.6677856445312,
  "summary_fg_median": 565.2153930664062,
  "summary_fg_n": 40924.0,
  "summary_fg_p05": 347.86769409179686,
  "summary_fg_p95": 939.1752014160155,
  "summary_fg_stdv": 185.06097412109375,
  "tsnr": 50.73890805244446
}