{
  "aor": 0.0009582692307692309,
  "aqi": 0.0034232171538461534,
  "bids_meta": {
    "AcquisitionDateTime": "2016-06-13T11:27:36.117500",
    "AcquisitionMatrixPE": 64,
    "AcquisitionNumber": 1,
    "AcquisitionTime": "11:27:36.117500",
    "BaseResolution": 64,
    "ConversionSoftware": "dcm2niix",
    "ConversionSoftwareVersion": "v1.0.20180622 (JP2:OpenJPEG) GCC6.1.0",
    "DeviceSerialNumber": "35437",
    "DwellTime": 3.4e-06,
    "EchoTime": 0.03,
    "EffectiveEchoSpacing": 6.009615385e-05,
    "FlipAngle": 90,
    "ImageOrientationPatientDICOM": [
      1,
      0,
      0,
      0,
      0.866025,
      -0.5
    ],
    "ImageType": [
      "ORIGINAL",
      "PRIMARY",
      "M",
      "ND",
      "MOSAIC"
    ],
    "InPlanePhaseEncodingDirectionDICOM": "COL",
    "InstitutionAddress": "Queen_Square_12_London_Southeast_GB_WC1N_3BG",
    "InstitutionName": "Functional_Imaging_Laboratory",
    "InstitutionalDepartmentName": "Department",
    "MRAcquisitionType": "2D",
    "MagneticFieldStrength": 3,
    "Manufacturer": "Siemens",
    "ManufacturersModelName": "TrioTim",
    "Modality": "MR",
    "PartialFourier": 1,
    "PatientID": "MQ03660",
    "PatientName": "MQ03660",
    "PatientPosition": "HFS",
    "PatientSex": "",
    "PercentPhaseFOV": 100,
    "PhaseEncodingDirection": "j-",
    "PhaseEncodingSteps": 74,
    "PhaseOversampling": 0.13,
    "PhaseResolution": 1,
    "PixelBandwidth": 2298,
    "ProcedureStepDescription": "FIL_Johan_Carlin",
    "ProtocolName": "al_mepi2d_3mm_v1a_standard",
    "PulseSequenceDetails": "%CustomerSeq%_al_mepi2d_3mm_v1a",
    "ReceiveCoilName": "32Ch_Head",
    "ReconMatrixPE": 64,
    "RepetitionTime": 2.8,
    "SAR": 0.185986,
    "ScanOptions": "FS",
    "ScanningSequence": "RM",
    "SequenceName": "alepi2d2d1",
    "SequenceVariant": "SP_OSP",
    "SeriesDescription": "al_mepi2d_3mm_v1a_standard",
    "SeriesInstanceUID": "1.3.12.2.1107.5.2.32.35437.2016061311231767411495276.0.0.0",
    "SeriesNumber": 5,
    "ShimSetting": [
      39,
      -4070,
      437,
      735,
      17,
      -95,
      392,
      128
    ],
    "SliceThickness": 2.5,
    "SliceTiming": [
      0,
      0.07,
      0.14,
      0.21,
      0.28,
      0.35,
      0.42,
      0.49,
      0.56,
      0.6325,
      0.7025,
      0.7725,
      0.8425,
      0.9125,
      0.9825,
      1.0525,
      1.1225,
      1.1925,
      1.265,
      1.335,
      1.405,
      1.475,
      1.545,
      1.615,
      1.685,
      1.755,
      1.825,
      1.8975,
      1.9675,
      2.0375,
      2.1075,
      2.1775,
      2.2475,
      2.3175,
      2.3875,
      2.4575,
      2.53,
      2.6,
      2.67,
      2.74
    ],
    "SoftwareVersions": "syngo_MR_B17",
    "SpacingBetweenSlices": 3,
    "StationName": "MRC35437",
    "StudyID": "1",
    "StudyInstanceUID": "1.3.12.2.1107.5.2.32.35437.30000016061307504849300000007",
    "TaskName": "memsamp",
    "TxRefAmp": 288.773,
    "dataset": "ds004009",
    "modality": "bold",
    "run_id": 1,
    "subject_id": "25",
    "task_id": "memsamp"
  },
  "dummy_trs": 2,
  "dvars_nstd": 24.342729325482626,
  "dvars_std": 1.1584203591119697,
  "dvars_vstd": 0.9696402787644788,
  "efc": 0.6034588313572058,
  "fber": 310.4745788574219,
  "fd_mean": 0.10707403480147723,
  "fd_num": 24,
  "fd_perc": 9.23076923076923,
  "fwhm_avg": 2.4099733333333333,
  "fwhm_x": 2.311193333333333,
  "fwhm_y": 2.3609566666666666,
  "fwhm_z": 2.55777,
  "gcor": 0.00985877,
  "gsr_x": -0.006936944555491209,
  "gsr_y": 0.03973700478672981,
  "provenance": {
    "md5sum": "dabad7293e25ff6fda130b1d3c593dad",
    "settings": {
      "fd_thres": 0.2,
      "testing": false
    },
    "software": "mriqc",
    "version": "23.0.1",
    "webapi_port": null,
    "webapi_url": "https://mriqc.nimh.nih.gov/api/v1"
  },
  "size_t": 260,
  "size_x": 64,
  "size_y": 64,
  "size_z": 40,
  "snr": 3.0360084623012153,
  "spacing_tr": 2.799999952316284,
  "spacing_x": 3.0,
  "spacing_y": 3.0,
  "spacing_z": 3.0,
  "summary_bg_k": 33.2113568952829,
  "summary_bg_mad": 9.408820901181146,
  "summary_bg_mean": 51.2018928527832,
  "summary_bg_median": 31.292306900024414,
  "summary_bg_n": 84535.0,
  "summary_bg_p05": 24.16153907775879,
  "summary_bg_p95": 141.2873031616212,
  "summary_bg_stdv": 55.0486946105957,
  "summary_fg_k": 1.050031660703766,
  "summary_fg_mad": 174.55073444805925,
  "summary_fg_mean": 595.8259887695312,
  "summary_fg_median": 566.828857421875,
  "summary_fg_n": 40680.0,
  "summary_fg_p05": 347.3103988647461,
  "summary_fg_p95": 942.724429321289,
  "summary_fg_stdv": 186.69970703125,
  "tsnr": 63.50776179728564
}