{
  "bids_meta": {
    "AcquisitionDateTime": "2016-07-04T10:57:43.837500",
    "AcquisitionMatrixPE": 240,
    "AcquisitionNumber": 1,
    "AcquisitionTime": "10:57:43.837500",
    "BaseResolution": 256,
    "ConversionSoftware": "dcm2niix",
    "ConversionSoftwareVersion": "v1.0.20180622 (JP2:OpenJPEG) GCC6.1.0",
    "DeviceSerialNumber": "35437",
    "DwellTime": 4e-06,
    "EchoTime": 0.0022,
    "FlipAngle": 13,
    "ImageOrientationPatientDICOM": [
      0,
      0.866025,
      -0.5,
      0,
      -0.5,
      -0.866025
    ],
    "ImageType": [
      "ORIGINAL",
      "PRIMARY",
      "M",
      "ND"
    ],
    "InPlanePhaseEncodingDirectionDICOM": "ROW",
    "InstitutionAddress": "Queen_Square_12_London_Southeast_GB_WC1N_3BG",
    "InstitutionName": "FIL",
    "InstitutionalDepartmentName": "Department",
    "MRAcquisitionType": "3D",
    "MagneticFieldStrength": 3,
    "Manufacturer": "Siemens",
    "ManufacturersModelName": "TrioTim",
    "Modality": "MR",
    "PartialFourier": 0.75,
    "PatientID": "MQ03690",
    "PatientName": "MQ03690",
    "PatientPosition": "HFS",
    "PatientSex": "",
    "PercentPhaseFOV": 93.75,
    "PhaseEncodingSteps": 180,
    "PhaseResolution": 1,
    "PixelBandwidth": 488,
    "ProcedureStepDescription": "FIL_Johan_Carlin",
    "ProtocolName": "BasicT1_NoVBM_nw_mtflash3d_v3h",
    "PulseSequenceDetails": "%CustomerSeq%_nw_mtflash3d_v3h",
    "ReceiveCoilName": "32Ch_Head",
    "ReconMatrixPE": 256,
    "RepetitionTime": 2,
    "SAR": 0.19738,
    "ScanOptions": "PFP",
    "ScanningSequence": "RM",
    "SequenceName": "fl3d_3h3d1",
    "SequenceVariant": "SP",
    "SeriesDescription": "BasicT1_NoVBM_nw_mtflash3d_v3h",
    "SeriesInstanceUID": "1.3.12.2.1107.5.2.32.35437.2016070410571162675905818.0.0.0",
    "SeriesNumber": 10,
    "ShimSetting": [
      28,
      -3927,
      267,
      237,
      -113,
      -276,
      8,
      132
    ],
    "SliceThickness": 1,
    "SoftwareVersions": "syngo_MR_B17",
    "StationName": "MRC35437",
    "StudyID": "1",
    "StudyInstanceUID": "1.3.12.2.1107.5.2.32.35437.30000016070407490796500000004",
    "TxRefAmp": 298.845,
    "dataset": "ds004009",
    "modality": "T1w",
    "subject_id": "11"
  },
  "cjv": 0.5194384745739218,
  "cnr": 2.7139113349766224,
  "efc": 0.570496916654682,
  "fber": -1.0,
  "fwhm_avg": 5.12685,
  "fwhm_x": 5.37807,
  "fwhm_y": 5.03795,
  "fwhm_z": 4.96453,
  "icvs_csf": 0.16157806762262775,
  "icvs_gm": 0.3809718050167256,
  "icvs_wm": 0.4574501273606466,
  "inu_med": 0.8661928474903107,
  "inu_range": 0.8731950521469116,
  "provenance": {
    "md5sum": "0b5ff705cfd4fc89aa0f78841fb04e3a",
    "settings": {
      "testing": false
    },
    "software": "mriqc",
    "version": "23.0.1",
    "warnings": {
      "large_rot_frame": true,
      "small_air_mask": false
    },
    "webapi_port": null,
    "webapi_url": "https://mriqc.nimh.nih.gov/api/v1"
  },
  "qi_1": 0.0,
  "qi_2": 0.007582953707168355,
  "rpve_csf": 31.002026164323944,
  "rpve_gm": 13.086716567295234,
  "rpve_wm": 12.91843376226111,
  "size_x": 176,
  "size_y": 240,
  "size_z": 256,
  "snr_csf": 2.8505143536504245,
  "snr_gm": 14.593711008882819,
  "snr_total": 12.469772720815063,
  "snr_wm": 19.965092799911943,
  "snrd_csf": 23.966215273247702,
  "snrd_gm": 59.5363851680542,
  "snrd_total": 52.720992699724384,
  "snrd_wm": 74.66037765787127,
  "spacing_x": 1.0,
  "spacing_y": 1.0,
  "spacing_z": 1.0,
  "summary_bg_k": 4.84419514632355,
  "summary_bg_mad": 0.0,
  "summary_bg_mean": 5.693070754602478,
  "summary_bg_median": 0.0,
  "summary_bg_n": 2046543.0,
  "summary_bg_p05": 0.0,
  "summary_bg_p95": 24.32754349708557,
  "summary_bg_stdv": 8.775437289636653,
  "summary_csf_k": 6.324427324655275,
  "summary_csf_mad": 90.44905172851081,
  "summary_csf_mean": 341.4237953538445,
  "summary_csf_median": 321.02325439453125,
  "summary_csf_n": 31985.0,
  "summary_csf_p05": 200.3009547829628,
  "summary_csf_p95": 544.8491945385932,
  "summary_csf_stdv": 112.61765288201659,
  "summary_gm_k": -0.07485823054664831,
  "summary_gm_mad": 55.40353014408267,
  "summary_gm_mean": 799.0463671727798,
  "summary_gm_median": 797.4794477820396,
  "summary_gm_n": 24125.0,
  "summary_gm_p05": 711.7060469985008,
  "summary_gm_p95": 891.7800287604332,
  "summary_gm_stdv": 54.64428609377757,
  "summary_wm_k": 0.03275800136979523,
  "summary_wm_mad": 49.8259935523965,
  "summary_wm_mean": 1004.209157485977,
  "summary_wm_median": 1000.0626772642136,
  "summary_wm_n": 209871.0,
  "summary_wm_p05": 928.7102429866791,
  "summary_wm_p95": 1093.4227604269981,
  "summary_wm_stdv": 50.090440586411795,
  "tpm_overlap_csf": 0.18967538531625153,
  "tpm_overlap_gm": 0.444816776132939,
  "tpm_overlap_wm": 0.4857114644265806,
  "wm2max": 0.3205385852090032
}