{
  "aor": 0.005195057471264366,
  "aqi": 0.005977945517241379,
  "bids_meta": {
    "AcquisitionDateTime": "2016-08-01T16:18:24.147500",
    "AcquisitionMatrixPE": 64,
    "AcquisitionNumber": 1,
    "AcquisitionTime": "16:18:24.147500",
    "BaseResolution": 64,
    "ConversionSoftware": "dcm2niix",
    "ConversionSoftwareVersion": "v1.0.20180622 (JP2:OpenJPEG) GCC6.1.0",
    "DeviceSerialNumber": "35437",
    "DwellTime": 3.4e-06,
    "EchoTime": 0.03,
    "EffectiveEchoSpacing": 6.009615385e-05,
    "FlipAngle": 90,
    "ImageOrientationPatientDICOM": [
      1,
      0,
      0,
      0,
      0.866025,
      -0.5
    ],
    "ImageType": [
      "ORIGINAL",
      "PRIMARY",
      "M",
      "ND",
      "MOSAIC"
    ],
    "InPlanePhaseEncodingDirectionDICOM": "COL",
    "InstitutionAddress": "Queen_Square_12_London_Southeast_GB_WC1N_3BG",
    "InstitutionName": "FIL",
    "InstitutionalDepartmentName": "Department",
    "MRAcquisitionType": "2D",
    "MagneticFieldStrength": 3,
    "Manufacturer": "Siemens",
    "ManufacturersModelName": "TrioTim",
    "Modality": "MR",
    "PartialFourier": 1,
    "PatientID": "MQ03722",
    "PatientName": "MQ03722",
    "PatientPosition": "HFS",
    "PatientSex": "",
    "PercentPhaseFOV": 100,
    "PhaseEncodingDirection": "j-",
    "PhaseEncodingSteps": 74,
    "PhaseOversampling": 0.13,
    "PhaseResolution": 1,
    "PixelBandwidth": 2298,
    "ProcedureStepDescription": "FIL_Johan_Carlin",
    "ProtocolName": "al_mepi2d_3mm_v1a_standard",
    "PulseSequenceDetails": "%CustomerSeq%_al_mepi2d_3mm_v1a",
    "ReceiveCoilName": "32Ch_Head",
    "ReconMatrixPE": 64,
    "RepetitionTime": 2.8,
    "SAR": 0.185448,
    "ScanOptions": "FS",
    "ScanningSequence": "RM",
    "SequenceName": "alepi2d2d1",
    "SequenceVariant": "SP_OSP",
    "SeriesDescription": "al_mepi2d_3mm_v1a_standard",
    "SeriesInstanceUID": "1.3.12.2.1107.5.2.32.35437.2016080116170410468126847.0.0.0",
    "SeriesNumber": 8,
    "ShimSetting": [
      42,
      -3922,
      416,
      579,
      13,
      -12,
      -216,
      5
    ],
    "SliceThickness": 2.5,
    "SliceTiming": [
      0,
      0.07,
      0.14,
      0.21,
      0.28,
      0.35,
      0.42,
      0.49,
      0.56,
      0.6325,
      0.7025,
      0.7725,
      0.8425,
      0.9125,
      0.9825,
      1.0525,
      1.1225,
      1.1925,
      1.265,
      1.335,
      1.405,
      1.475,
      1.545,
      1.615,
      1.685,
      1.755,
      1.825,
      1.8975,
      1.9675,
      2.0375,
      2.1075,
      2.1775,
      2.2475,
      2.3175,
      2.3875,
      2.4575,
      2.53,
      2.6,
      2.67,
      2.74
    ],
    "SoftwareVersions": "syngo_MR_B17",
    "SpacingBetweenSlices": 3,
    "StationName": "MRC35437",
    "StudyID": "1",
    "StudyInstanceUID": "1.3.12.2.1107.5.2.32.35437.30000016080113065825600000004",
    "TaskName": "exemplarLocaliser",
    "TxRefAmp": 287.606,
    "dataset": "ds004009",
    "modality": "bold",
    "subject_id": "23",
    "task_id": "exemplarLocaliser"
  },
  "dummy_trs": 1,
  "dvars_nstd": 29.821648172153846,
  "dvars_std": 1.1087978801923077,
  "dvars_vstd": 0.9800078674615385,
  "efc": 0.5744420586176676,
  "fber": 351.86248779296875,
  "fd_mean": 0.1938066693360441,
  "fd_num": 61,
  "fd_perc": 23.371647509578544,
  "fwhm_avg": 2.468681111111111,
  "fwhm_x": 2.3213166666666667,
  "fwhm_y": 2.49624,
  "fwhm_z": 2.588486666666667,
  "gcor": 0.0326219,
  "gsr_x": -0.00302410451695323,
  "gsr_y": 0.038614146411418915,
  "provenance": {
    "md5sum": "cc329dc46ed11dc068c9684d72e0132d",
    "settings": {
      "fd_thres": 0.2,
      "testing": false
    },
    "software": "mriqc",
    "version": "23.0.1",
    "webapi_port": null,
    "webapi_url": "https://mriqc.nimh.nih.gov/api/v1"
  },
  "size_t": 261,
  "size_x": 64,
  "size_y": 64,
  "size_z": 40,
  "snr": 3.3349027226820764,
  "spacing_tr": 2.799999952316284,
  "spacing_x": 3.0,
  "spacing_y": 3.0,
  "spacing_z": 3.0,
  "summary_bg_k": 87.39061511956876,
  "summary_bg_mad": 6.117860686500091,
  "summary_bg_mean": 46.2833137512207,
  "summary_bg_median": 27.90038299560547,
  "summary_bg_n": 93120.0,
  "summary_bg_p05": 23.172412872314453,
  "summary_bg_p95": 124.87374954223634,
  "summary_bg_stdv": 57.16752243041992,
  "summary_fg_k": 1.0673310642467904,
  "summary_fg_mad": 142.64788834262953,
  "summary_fg_mean": 561.2416381835938,
  "summary_fg_median": 535.0919189453125,
  "summary_fg_n": 34057.0,
  "summary_fg_p05": 350.099609375,
  "summary_fg_p95": 869.8858032226561,
  "summary_fg_stdv": 160.44967651367188,
  "tsnr": 49.675838694442064
}