{
  "aor": 0.0016151153846153848,
  "aqi": 0.004949293576923077,
  "bids_meta": {
    "AcquisitionDateTime": "2016-08-01T16:31:46.332500",
    "AcquisitionMatrixPE": 64,
    "AcquisitionNumber": 1,
    "AcquisitionTime": "16:31:46.332500",
    "BaseResolution": 64,
    "ConversionSoftware": "dcm2niix",
    "ConversionSoftwareVersion": "v1.0.20180622 (JP2:OpenJPEG) GCC6.1.0",
    "DeviceSerialNumber": "35437",
    "DwellTime": 3.4e-06,
    "EchoTime": 0.03,
    "EffectiveEchoSpacing": 6.009615385e-05,
    "FlipAngle": 90,
    "ImageOrientationPatientDICOM": [
      1,
      0,
      0,
      0,
      0.866025,
      -0.5
    ],
    "ImageType": [
      "ORIGINAL",
      "PRIMARY",
      "M",
      "ND",
      "MOSAIC"
    ],
    "InPlanePhaseEncodingDirectionDICOM": "COL",
    "InstitutionAddress": "Queen_Square_12_London_Southeast_GB_WC1N_3BG",
    "InstitutionName": "FIL",
    "InstitutionalDepartmentName": "Department",
    "MRAcquisitionType": "2D",
    "MagneticFieldStrength": 3,
    "Manufacturer": "Siemens",
    "ManufacturersModelName": "TrioTim",
    "Modality": "MR",
    "PartialFourier": 1,
    "PatientID": "MQ03722",
    "PatientName": "MQ03722",
    "PatientPosition": "HFS",
    "PatientSex": "",
    "PercentPhaseFOV": 100,
    "PhaseEncodingDirection": "j-",
    "PhaseEncodingSteps": 74,
    "PhaseOversampling": 0.13,
    "PhaseResolution": 1,
    "PixelBandwidth": 2298,
    "ProcedureStepDescription": "FIL_Johan_Carlin",
    "ProtocolName": "al_mepi2d_3mm_v1a_standard",
    "PulseSequenceDetails": "%CustomerSeq%_al_mepi2d_3mm_v1a",
    "ReceiveCoilName": "32Ch_Head",
    "ReconMatrixPE": 64,
    "RepetitionTime": 2.8,
    "SAR": 0.185448,
    "ScanOptions": "FS",
    "ScanningSequence": "RM",
    "SequenceName": "alepi2d2d1",
    "SequenceVariant": "SP_OSP",
    "SeriesDescription": "al_mepi2d_3mm_v1a_standard",
    "SeriesInstanceUID": "1.3.12.2.1107.5.2.32.35437.2016080116304339097858817.0.0.0",
    "SeriesNumber": 9,
    "ShimSetting": [
      42,
      -3922,
      416,
      579,
      13,
      -12,
      -216,
      5
    ],
    "SliceThickness": 2.5,
    "SliceTiming": [
      0,
      0.0725,
      0.1425,
      0.2125,
      0.2825,
      0.3525,
      0.4225,
      0.4925,
      0.5625,
      0.6325,
      0.705,
      0.775,
      0.845,
      0.915,
      0.985,
      1.055,
      1.125,
      1.195,
      1.265,
      1.3375,
      1.4075,
      1.4775,
      1.5475,
      1.6175,
      1.6875,
      1.7575,
      1.8275,
      1.8975,
      1.97,
      2.04,
      2.11,
      2.18,
      2.25,
      2.32,
      2.39,
      2.46,
      2.53,
      2.6025,
      2.6725,
      2.7425
    ],
    "SoftwareVersions": "syngo_MR_B17",
    "SpacingBetweenSlices": 3,
    "StationName": "MRC35437",
    "StudyID": "1",
    "StudyInstanceUID": "1.3.12.2.1107.5.2.32.35437.30000016080113065825600000004",
    "TaskName": "motionLocaliser",
    "TxRefAmp": 287.606,
    "dataset": "ds004009",
    "modality": "bold",
    "subject_id": "23",
    "task_id": "motionLocaliser"
  },
  "dummy_trs": 2,
  "dvars_nstd": 26.004769424826257,
  "dvars_std": 1.110315800849421,
  "dvars_vstd": 0.9690330309266414,
  "efc": 0.5747211655522522,
  "fber": 350.7348327636719,
  "fd_mean": 0.133802517767637,
  "fd_num": 39,
  "fd_perc": 15.0,
  "fwhm_avg": 2.443591111111111,
  "fwhm_x": 2.31893,
  "fwhm_y": 2.4567566666666667,
  "fwhm_z": 2.5550866666666665,
  "gcor": 0.0264233,
  "gsr_x": -0.0009730724268592894,
  "gsr_y": 0.03884138539433479,
  "provenance": {
    "md5sum": "4e449628e0c77eddeca451a008cb6d61",
    "settings": {
      "fd_thres": 0.2,
      "testing": false
    },
    "software": "mriqc",
    "version": "23.0.1",
    "webapi_port": null,
    "webapi_url": "https://mriqc.nimh.nih.gov/api/v1"
  },
  "size_t": 260,
  "size_x": 64,
  "size_y": 64,
  "size_z": 40,
  "snr": 3.3252677049298716,
  "spacing_tr": 2.799999952316284,
  "spacing_x": 3.0,
  "spacing_y": 3.0,
  "spacing_z": 3.0,
  "summary_bg_k": 75.74920822313787,
  "summary_bg_mad": 6.107179937409332,
  "summary_bg_mean": 46.85723876953125,
  "summary_bg_median": 27.91538429260254,
  "summary_bg_n": 93377.0,
  "summary_bg_p05": 23.207693099975586,
  "summary_bg_p95": 128.5884552001953,
  "summary_bg_stdv": 58.645145416259766,
  "summary_fg_k": 1.160712408537714,
  "summary_fg_mad": 141.357624442937,
  "summary_fg_mean": 561.17919921875,
  "summary_fg_median": 533.8519287109375,
  "summary_fg_n": 34040.0,
  "summary_fg_p05": 353.0340301513672,
  "summary_fg_p95": 870.4617401123046,
  "summary_fg_stdv": 160.54168701171875,
  "tsnr": 57.51634249766357
}