{
  "aor": 0.009771346153846155,
  "aqi": 0.00810428396153846,
  "bids_meta": {
    "AcquisitionDateTime": "2016-08-01T15:50:37.872500",
    "AcquisitionMatrixPE": 64,
    "AcquisitionNumber": 1,
    "AcquisitionTime": "15:50:37.872500",
    "BaseResolution": 64,
    "ConversionSoftware": "dcm2niix",
    "ConversionSoftwareVersion": "v1.0.20180622 (JP2:OpenJPEG) GCC6.1.0",
    "DeviceSerialNumber": "35437",
    "DwellTime": 3.4e-06,
    "EchoTime": 0.03,
    "EffectiveEchoSpacing": 6.009615385e-05,
    "FlipAngle": 90,
    "ImageOrientationPatientDICOM": [
      1,
      0,
      0,
      0,
      0.866025,
      -0.5
    ],
    "ImageType": [
      "ORIGINAL",
      "PRIMARY",
      "M",
      "ND",
      "MOSAIC"
    ],
    "InPlanePhaseEncodingDirectionDICOM": "COL",
    "InstitutionAddress": "Queen_Square_12_London_Southeast_GB_WC1N_3BG",
    "InstitutionName": "FIL",
    "InstitutionalDepartmentName": "Department",
    "MRAcquisitionType": "2D",
    "MagneticFieldStrength": 3,
    "Manufacturer": "Siemens",
    "ManufacturersModelName": "TrioTim",
    "Modality": "MR",
    "PartialFourier": 1,
    "PatientID": "MQ03722",
    "PatientName": "MQ03722",
    "PatientPosition": "HFS",
    "PatientSex": "",
    "PercentPhaseFOV": 100,
    "PhaseEncodingDirection": "j-",
    "PhaseEncodingSteps": 74,
    "PhaseOversampling": 0.13,
    "PhaseResolution": 1,
    "PixelBandwidth": 2298,
    "ProcedureStepDescription": "FIL_Johan_Carlin",
    "ProtocolName": "al_mepi2d_3mm_v1a_standard",
    "PulseSequenceDetails": "%CustomerSeq%_al_mepi2d_3mm_v1a",
    "ReceiveCoilName": "32Ch_Head",
    "ReconMatrixPE": 64,
    "RepetitionTime": 2.8,
    "SAR": 0.185448,
    "ScanOptions": "FS",
    "ScanningSequence": "RM",
    "SequenceName": "alepi2d2d1",
    "SequenceVariant": "SP_OSP",
    "SeriesDescription": "al_mepi2d_3mm_v1a_standard",
    "SeriesInstanceUID": "1.3.12.2.1107.5.2.32.35437.2016080115491766281262907.0.0.0",
    "SeriesNumber": 6,
    "ShimSetting": [
      42,
      -3922,
      416,
      579,
      13,
      -12,
      -216,
      5
    ],
    "SliceThickness": 2.5,
    "SliceTiming": [
      0,
      0.07,
      0.14,
      0.21,
      0.28,
      0.35,
      0.42,
      0.4925,
      0.5625,
      0.6325,
      0.7025,
      0.7725,
      0.8425,
      0.9125,
      0.9825,
      1.0525,
      1.125,
      1.195,
      1.265,
      1.335,
      1.405,
      1.475,
      1.545,
      1.615,
      1.685,
      1.7575,
      1.8275,
      1.8975,
      1.9675,
      2.0375,
      2.1075,
      2.1775,
      2.2475,
      2.32,
      2.39,
      2.46,
      2.53,
      2.6,
      2.67,
      2.74
    ],
    "SoftwareVersions": "syngo_MR_B17",
    "SpacingBetweenSlices": 3,
    "StationName": "MRC35437",
    "StudyID": "1",
    "StudyInstanceUID": "1.3.12.2.1107.5.2.32.35437.30000016080113065825600000004",
    "TaskName": "memsamp",
    "TxRefAmp": 287.606,
    "dataset": "ds004009",
    "modality": "bold",
    "run_id": 2,
    "subject_id": "23",
    "task_id": "memsamp"
  },
  "dummy_trs": 2,
  "dvars_nstd": 33.36952084274132,
  "dvars_std": 1.1480464405405413,
  "dvars_vstd": 1.015715007181467,
  "efc": 0.5756099272309185,
  "fber": 350.6058044433594,
  "fd_mean": 0.25582400982679315,
  "fd_num": 77,
  "fd_perc": 29.615384615384617,
  "fwhm_avg": 2.4633499999999997,
  "fwhm_x": 2.3261133333333333,
  "fwhm_y": 2.4786433333333333,
  "fwhm_z": 2.5852933333333334,
  "gcor": 0.0341791,
  "gsr_x": -0.007809210103005171,
  "gsr_y": 0.03678026422858238,
  "provenance": {
    "md5sum": "8ba13d7586014dedf3008f4e3d479f95",
    "settings": {
      "fd_thres": 0.2,
      "testing": false
    },
    "software": "mriqc",
    "version": "23.0.1",
    "webapi_port": null,
    "webapi_url": "https://mriqc.nimh.nih.gov/api/v1"
  },
  "size_t": 260,
  "size_x": 64,
  "size_y": 64,
  "size_z": 40,
  "snr": 3.3524503942142676,
  "spacing_tr": 2.799999952316284,
  "spacing_x": 3.0,
  "spacing_y": 3.0,
  "spacing_z": 3.0,
  "summary_bg_k": 86.08275458486581,
  "summary_bg_mad": 7.219131601288534,
  "summary_bg_mean": 48.417724609375,
  "summary_bg_median": 28.603845596313477,
  "summary_bg_n": 93189.0,
  "summary_bg_p05": 22.873077392578125,
  "summary_bg_p95": 132.9138519287109,
  "summary_bg_stdv": 63.3554573059082,
  "summary_fg_k": 0.907458442308374,
  "summary_fg_mad": 147.36205483885504,
  "summary_fg_mean": 573.6226196289062,
  "summary_fg_median": 547.3326416015625,
  "summary_fg_n": 33874.0,
  "summary_fg_p05": 356.79844970703124,
  "summary_fg_p95": 886.3796051025389,
  "summary_fg_stdv": 163.26104736328125,
  "tsnr": 42.865047136787325
}