{
  "aor": 0.003094115384615385,
  "aqi": 0.007584511615384615,
  "bids_meta": {
    "AcquisitionDateTime": "2016-08-01T16:04:43.740000",
    "AcquisitionMatrixPE": 64,
    "AcquisitionNumber": 1,
    "AcquisitionTime": "16:04:43.740000",
    "BaseResolution": 64,
    "ConversionSoftware": "dcm2niix",
    "ConversionSoftwareVersion": "v1.0.20180622 (JP2:OpenJPEG) GCC6.1.0",
    "DeviceSerialNumber": "35437",
    "DwellTime": 3.4e-06,
    "EchoTime": 0.03,
    "EffectiveEchoSpacing": 6.009615385e-05,
    "FlipAngle": 90,
    "ImageOrientationPatientDICOM": [
      1,
      0,
      0,
      0,
      0.866025,
      -0.5
    ],
    "ImageType": [
      "ORIGINAL",
      "PRIMARY",
      "M",
      "ND",
      "MOSAIC"
    ],
    "InPlanePhaseEncodingDirectionDICOM": "COL",
    "InstitutionAddress": "Queen_Square_12_London_Southeast_GB_WC1N_3BG",
    "InstitutionName": "FIL",
    "InstitutionalDepartmentName": "Department",
    "MRAcquisitionType": "2D",
    "MagneticFieldStrength": 3,
    "Manufacturer": "Siemens",
    "ManufacturersModelName": "TrioTim",
    "Modality": "MR",
    "PartialFourier": 1,
    "PatientID": "MQ03722",
    "PatientName": "MQ03722",
    "PatientPosition": "HFS",
    "PatientSex": "",
    "PercentPhaseFOV": 100,
    "PhaseEncodingDirection": "j-",
    "PhaseEncodingSteps": 74,
    "PhaseOversampling": 0.13,
    "PhaseResolution": 1,
    "PixelBandwidth": 2298,
    "ProcedureStepDescription": "FIL_Johan_Carlin",
    "ProtocolName": "al_mepi2d_3mm_v1a_standard",
    "PulseSequenceDetails": "%CustomerSeq%_al_mepi2d_3mm_v1a",
    "ReceiveCoilName": "32Ch_Head",
    "ReconMatrixPE": 64,
    "RepetitionTime": 2.8,
    "SAR": 0.185448,
    "ScanOptions": "FS",
    "ScanningSequence": "RM",
    "SequenceName": "alepi2d2d1",
    "SequenceVariant": "SP_OSP",
    "SeriesDescription": "al_mepi2d_3mm_v1a_standard",
    "SeriesInstanceUID": "1.3.12.2.1107.5.2.32.35437.2016080116025845310694877.0.0.0",
    "SeriesNumber": 7,
    "ShimSetting": [
      42,
      -3922,
      416,
      579,
      13,
      -12,
      -216,
      5
    ],
    "SliceThickness": 2.5,
    "SliceTiming": [
      0,
      0.07,
      0.14,
      0.21,
      0.28,
      0.35,
      0.42,
      0.49,
      0.5625,
      0.6325,
      0.7025,
      0.7725,
      0.8425,
      0.9125,
      0.9825,
      1.0525,
      1.1225,
      1.195,
      1.265,
      1.335,
      1.405,
      1.475,
      1.545,
      1.615,
      1.685,
      1.755,
      1.8275,
      1.8975,
      1.9675,
      2.0375,
      2.1075,
      2.1775,
      2.2475,
      2.3175,
      2.3875,
      2.46,
      2.53,
      2.6,
      2.67,
      2.74
    ],
    "SoftwareVersions": "syngo_MR_B17",
    "SpacingBetweenSlices": 3,
    "StationName": "MRC35437",
    "StudyID": "1",
    "StudyInstanceUID": "1.3.12.2.1107.5.2.32.35437.30000016080113065825600000004",
    "TaskName": "memsamp",
    "TxRefAmp": 287.606,
    "dataset": "ds004009",
    "modality": "bold",
    "run_id": 3,
    "subject_id": "23",
    "task_id": "memsamp"
  },
  "dummy_trs": 2,
  "dvars_nstd": 26.290160566023182,
  "dvars_std": 1.0607165354826262,
  "dvars_vstd": 0.9463099071428568,
  "efc": 0.5746634452736636,
  "fber": 349.771728515625,
  "fd_mean": 0.15262908168926628,
  "fd_num": 42,
  "fd_perc": 16.153846153846153,
  "fwhm_avg": 2.4794311111111114,
  "fwhm_x": 2.3428,
  "fwhm_y": 2.4928066666666666,
  "fwhm_z": 2.6026866666666666,
  "gcor": 0.0247822,
  "gsr_x": -0.002644758205860853,
  "gsr_y": 0.04099506139755249,
  "provenance": {
    "md5sum": "60c6f12ed97940e2cbfaecba41eb2f75",
    "settings": {
      "fd_thres": 0.2,
      "testing": false
    },
    "software": "mriqc",
    "version": "23.0.1",
    "webapi_port": null,
    "webapi_url": "https://mriqc.nimh.nih.gov/api/v1"
  },
  "size_t": 260,
  "size_x": 64,
  "size_y": 64,
  "size_z": 40,
  "snr": 3.304635032084157,
  "spacing_tr": 2.799999952316284,
  "spacing_x": 3.0,
  "spacing_y": 3.0,
  "spacing_z": 3.0,
  "summary_bg_k": 85.093874685464,
  "summary_bg_mad": 6.8826950745279225,
  "summary_bg_mean": 47.688262939453125,
  "summary_bg_median": 28.157691955566406,
  "summary_bg_n": 93186.0,
  "summary_bg_p05": 22.438461303710938,
  "summary_bg_p95": 129.72596740722656,
  "summary_bg_stdv": 63.25105667114258,
  "summary_fg_k": 1.0547698776919878,
  "summary_fg_mad": 143.13382425042832,
  "summary_fg_mean": 562.5296020507812,
  "summary_fg_median": 535.5038452148438,
  "summary_fg_n": 34119.0,
  "summary_fg_p05": 349.8407745361328,
  "summary_fg_p95": 873.7100097656248,
  "summary_fg_stdv": 162.04391479492188,
  "tsnr": 49.381016075843945
}