{
  "aor": 0.007046076923076923,
  "aqi": 0.005176708846153847,
  "bids_meta": {
    "AcquisitionDateTime": "2016-07-05T10:28:16.960000",
    "AcquisitionMatrixPE": 64,
    "AcquisitionNumber": 1,
    "AcquisitionTime": "10:28:16.960000",
    "BaseResolution": 64,
    "ConversionSoftware": "dcm2niix",
    "ConversionSoftwareVersion": "v1.0.20180622 (JP2:OpenJPEG) GCC6.1.0",
    "DeviceSerialNumber": "35437",
    "DwellTime": 3.4e-06,
    "EchoTime": 0.03,
    "EffectiveEchoSpacing": 6.009615385e-05,
    "FlipAngle": 90,
    "ImageOrientationPatientDICOM": [
      1,
      0,
      0,
      0,
      0.866025,
      -0.5
    ],
    "ImageType": [
      "ORIGINAL",
      "PRIMARY",
      "M",
      "ND",
      "MOSAIC"
    ],
    "InPlanePhaseEncodingDirectionDICOM": "COL",
    "InstitutionAddress": "Queen_Square_12_London_Southeast_GB_WC1N_3BG",
    "InstitutionName": "FIL",
    "InstitutionalDepartmentName": "Department",
    "MRAcquisitionType": "2D",
    "MagneticFieldStrength": 3,
    "Manufacturer": "Siemens",
    "ManufacturersModelName": "TrioTim",
    "Modality": "MR",
    "PartialFourier": 1,
    "PatientID": "MQ03692",
    "PatientName": "MQ03692",
    "PatientPosition": "HFS",
    "PatientSex": "",
    "PercentPhaseFOV": 100,
    "PhaseEncodingDirection": "j-",
    "PhaseEncodingSteps": 74,
    "PhaseOversampling": 0.13,
    "PhaseResolution": 1,
    "PixelBandwidth": 2298,
    "ProcedureStepDescription": "FIL_Johan_Carlin",
    "ProtocolName": "al_mepi2d_3mm_v1a_standard",
    "PulseSequenceDetails": "%CustomerSeq%_al_mepi2d_3mm_v1a",
    "ReceiveCoilName": "32Ch_Head",
    "ReconMatrixPE": 64,
    "RepetitionTime": 2.8,
    "SAR": 0.152885,
    "ScanOptions": "FS",
    "ScanningSequence": "RM",
    "SequenceName": "alepi2d2d1",
    "SequenceVariant": "SP_OSP",
    "SeriesDescription": "al_mepi2d_3mm_v1a_standard",
    "SeriesInstanceUID": "1.3.12.2.1107.5.2.32.35437.201607051024211044047367.0.0.0",
    "SeriesNumber": 8,
    "ShimSetting": [
      48,
      -3918,
      340,
      490,
      -5,
      19,
      -26,
      37
    ],
    "SliceThickness": 2.5,
    "SliceTiming": [
      0,
      0.07,
      0.14,
      0.21,
      0.2825,
      0.3525,
      0.4225,
      0.4925,
      0.5625,
      0.6325,
      0.7025,
      0.7725,
      0.8425,
      0.915,
      0.985,
      1.055,
      1.125,
      1.195,
      1.265,
      1.335,
      1.405,
      1.475,
      1.5475,
      1.6175,
      1.6875,
      1.7575,
      1.8275,
      1.8975,
      1.9675,
      2.0375,
      2.1075,
      2.18,
      2.25,
      2.32,
      2.39,
      2.46,
      2.53,
      2.6,
      2.67,
      2.74
    ],
    "SoftwareVersions": "syngo_MR_B17",
    "SpacingBetweenSlices": 3,
    "StationName": "MRC35437",
    "StudyID": "1",
    "StudyInstanceUID": "1.3.12.2.1107.5.2.32.35437.30000016070508283022400000004",
    "TaskName": "memsamp",
    "TxRefAmp": 302.226,
    "dataset": "ds004009",
    "modality": "bold",
    "run_id": 1,
    "subject_id": "10",
    "task_id": "memsamp"
  },
  "dummy_trs": 2,
  "dvars_nstd": 29.23084474810811,
  "dvars_std": 1.243621261351352,
  "dvars_vstd": 1.0547201516988418,
  "efc": 0.6516217068453555,
  "fber": 192.70545959472656,
  "fd_mean": 0.14086689712618733,
  "fd_num": 55,
  "fd_perc": 21.153846153846153,
  "fwhm_avg": 2.6105722222222223,
  "fwhm_x": 2.4630933333333336,
  "fwhm_y": 2.6635233333333335,
  "fwhm_z": 2.7051,
  "gcor": 0.0181979,
  "gsr_x": -0.0032800736371427774,
  "gsr_y": 0.0576806478202343,
  "provenance": {
    "md5sum": "731050b32ff9d8b4b86f282d3d6d3abd",
    "settings": {
      "fd_thres": 0.2,
      "testing": false
    },
    "software": "mriqc",
    "version": "23.0.1",
    "webapi_port": null,
    "webapi_url": "https://mriqc.nimh.nih.gov/api/v1"
  },
  "size_t": 260,
  "size_x": 64,
  "size_y": 64,
  "size_z": 40,
  "snr": 2.777508146821955,
  "spacing_tr": 2.799999952316284,
  "spacing_x": 3.0,
  "spacing_y": 3.0,
  "spacing_z": 3.0,
  "summary_bg_k": 37.533742083492946,
  "summary_bg_mad": 15.692774729816717,
  "summary_bg_mean": 69.9739990234375,
  "summary_bg_median": 36.07692337036133,
  "summary_bg_n": 76767.0,
  "summary_bg_p05": 24.489616012573244,
  "summary_bg_p95": 234.09807891845676,
  "summary_bg_stdv": 91.99382781982422,
  "summary_fg_k": 0.665405518096982,
  "summary_fg_mad": 174.82734237844357,
  "summary_fg_mean": 541.6898193359375,
  "summary_fg_median": 512.8345947265625,
  "summary_fg_n": 48543.0,
  "summary_fg_p05": 295.0349914550781,
  "summary_fg_p95": 893.2169311523438,
  "summary_fg_stdv": 184.636474609375,
  "tsnr": 49.4826396019198
}