{
  "aor": 0.009086053639846743,
  "aqi": 0.015480417892720305,
  "bids_meta": {
    "AcquisitionDateTime": "2016-07-05T10:56:5.240000",
    "AcquisitionMatrixPE": 64,
    "AcquisitionNumber": 1,
    "AcquisitionTime": "10:56:5.240000",
    "BaseResolution": 64,
    "ConversionSoftware": "dcm2niix",
    "ConversionSoftwareVersion": "v1.0.20180622 (JP2:OpenJPEG) GCC6.1.0",
    "DeviceSerialNumber": "35437",
    "DwellTime": 3.4e-06,
    "EchoTime": 0.03,
    "EffectiveEchoSpacing": 6.009615385e-05,
    "FlipAngle": 90,
    "ImageOrientationPatientDICOM": [
      1,
      0,
      0,
      0,
      0.866025,
      -0.5
    ],
    "ImageType": [
      "ORIGINAL",
      "PRIMARY",
      "M",
      "ND",
      "MOSAIC"
    ],
    "InPlanePhaseEncodingDirectionDICOM": "COL",
    "InstitutionAddress": "Queen_Square_12_London_Southeast_GB_WC1N_3BG",
    "InstitutionName": "FIL",
    "InstitutionalDepartmentName": "Department",
    "MRAcquisitionType": "2D",
    "MagneticFieldStrength": 3,
    "Manufacturer": "Siemens",
    "ManufacturersModelName": "TrioTim",
    "Modality": "MR",
    "PartialFourier": 1,
    "PatientID": "MQ03692",
    "PatientName": "MQ03692",
    "PatientPosition": "HFS",
    "PatientSex": "",
    "PercentPhaseFOV": 100,
    "PhaseEncodingDirection": "j-",
    "PhaseEncodingSteps": 74,
    "PhaseOversampling": 0.13,
    "PhaseResolution": 1,
    "PixelBandwidth": 2298,
    "ProcedureStepDescription": "FIL_Johan_Carlin",
    "ProtocolName": "al_mepi2d_3mm_v1a_standard",
    "PulseSequenceDetails": "%CustomerSeq%_al_mepi2d_3mm_v1a",
    "ReceiveCoilName": "32Ch_Head",
    "ReconMatrixPE": 64,
    "RepetitionTime": 2.8,
    "SAR": 0.152885,
    "ScanOptions": "FS",
    "ScanningSequence": "RM",
    "SequenceName": "alepi2d2d1",
    "SequenceVariant": "SP_OSP",
    "SeriesDescription": "al_mepi2d_3mm_v1a_standard",
    "SeriesInstanceUID": "1.3.12.2.1107.5.2.32.35437.2016070510550844355211307.0.0.0",
    "SeriesNumber": 10,
    "ShimSetting": [
      48,
      -3918,
      340,
      490,
      -5,
      19,
      -26,
      37
    ],
    "SliceThickness": 2.5,
    "SliceTiming": [
      0,
      0.07,
      0.14,
      0.21,
      0.28,
      0.35,
      0.42,
      0.49,
      0.56,
      0.6325,
      0.7025,
      0.7725,
      0.8425,
      0.9125,
      0.9825,
      1.0525,
      1.1225,
      1.1925,
      1.265,
      1.335,
      1.405,
      1.475,
      1.545,
      1.615,
      1.685,
      1.755,
      1.825,
      1.8975,
      1.9675,
      2.0375,
      2.1075,
      2.1775,
      2.2475,
      2.3175,
      2.3875,
      2.46,
      2.53,
      2.6,
      2.67,
      2.74
    ],
    "SoftwareVersions": "syngo_MR_B17",
    "SpacingBetweenSlices": 3,
    "StationName": "MRC35437",
    "StudyID": "1",
    "StudyInstanceUID": "1.3.12.2.1107.5.2.32.35437.30000016070508283022400000004",
    "TaskName": "memsamp",
    "TxRefAmp": 302.226,
    "dataset": "ds004009",
    "modality": "bold",
    "run_id": 3,
    "subject_id": "10",
    "task_id": "memsamp"
  },
  "dummy_trs": 1,
  "dvars_nstd": 47.518009310500005,
  "dvars_std": 1.1206701221923074,
  "dvars_vstd": 0.9986269826153847,
  "efc": 0.6509193178677886,
  "fber": 191.911376953125,
  "fd_mean": 0.4175212528447169,
  "fd_num": 176,
  "fd_perc": 67.43295019157088,
  "fwhm_avg": 2.6239811111111107,
  "fwhm_x": 2.4327099999999997,
  "fwhm_y": 2.7096999999999998,
  "fwhm_z": 2.729533333333333,
  "gcor": 0.0228227,
  "gsr_x": 0.009135544300079346,
  "gsr_y": 0.05086446553468704,
  "provenance": {
    "md5sum": "50cbf71296f422e6a0da006a7b5f11ef",
    "settings": {
      "fd_thres": 0.2,
      "testing": false
    },
    "software": "mriqc",
    "version": "23.0.1",
    "webapi_port": null,
    "webapi_url": "https://mriqc.nimh.nih.gov/api/v1"
  },
  "size_t": 261,
  "size_x": 64,
  "size_y": 64,
  "size_z": 40,
  "snr": 2.774147045255288,
  "spacing_tr": 2.799999952316284,
  "spacing_x": 3.0,
  "spacing_y": 3.0,
  "spacing_z": 3.0,
  "summary_bg_k": 21.831504492505626,
  "summary_bg_mad": 18.478561245842652,
  "summary_bg_mean": 70.00846862792969,
  "summary_bg_median": 37.33333206176758,
  "summary_bg_n": 76370.0,
  "summary_bg_p05": 21.521072387695312,
  "summary_bg_p95": 228.1651321411133,
  "summary_bg_stdv": 87.50784301757812,
  "summary_fg_k": 0.720670354349545,
  "summary_fg_mad": 174.2682672346153,
  "summary_fg_mean": 540.7478637695312,
  "summary_fg_median": 511.42333984375,
  "summary_fg_n": 48694.0,
  "summary_fg_p05": 294.74578552246095,
  "summary_fg_p95": 892.9670318603515,
  "summary_fg_stdv": 184.35147094726562,
  "tsnr": 27.361555148672778
}