{
  "aor": 0.005772615384615386,
  "aqi": 0.007689854730769231,
  "bids_meta": {
    "AcquisitionDateTime": "2016-07-05T11:09:42.827500",
    "AcquisitionMatrixPE": 64,
    "AcquisitionNumber": 1,
    "AcquisitionTime": "11:09:42.827500",
    "BaseResolution": 64,
    "ConversionSoftware": "dcm2niix",
    "ConversionSoftwareVersion": "v1.0.20180622 (JP2:OpenJPEG) GCC6.1.0",
    "DeviceSerialNumber": "35437",
    "DwellTime": 3.4e-06,
    "EchoTime": 0.03,
    "EffectiveEchoSpacing": 6.009615385e-05,
    "FlipAngle": 90,
    "ImageOrientationPatientDICOM": [
      1,
      0,
      0,
      0,
      0.866025,
      -0.5
    ],
    "ImageType": [
      "ORIGINAL",
      "PRIMARY",
      "M",
      "ND",
      "MOSAIC"
    ],
    "InPlanePhaseEncodingDirectionDICOM": "COL",
    "InstitutionAddress": "Queen_Square_12_London_Southeast_GB_WC1N_3BG",
    "InstitutionName": "FIL",
    "InstitutionalDepartmentName": "Department",
    "MRAcquisitionType": "2D",
    "MagneticFieldStrength": 3,
    "Manufacturer": "Siemens",
    "ManufacturersModelName": "TrioTim",
    "Modality": "MR",
    "PartialFourier": 1,
    "PatientID": "MQ03692",
    "PatientName": "MQ03692",
    "PatientPosition": "HFS",
    "PatientSex": "",
    "PercentPhaseFOV": 100,
    "PhaseEncodingDirection": "j-",
    "PhaseEncodingSteps": 74,
    "PhaseOversampling": 0.13,
    "PhaseResolution": 1,
    "PixelBandwidth": 2298,
    "ProcedureStepDescription": "FIL_Johan_Carlin",
    "ProtocolName": "al_mepi2d_3mm_v1a_standard",
    "PulseSequenceDetails": "%CustomerSeq%_al_mepi2d_3mm_v1a",
    "ReceiveCoilName": "32Ch_Head",
    "ReconMatrixPE": 64,
    "RepetitionTime": 2.8,
    "SAR": 0.152885,
    "ScanOptions": "FS",
    "ScanningSequence": "RM",
    "SequenceName": "alepi2d2d1",
    "SequenceVariant": "SP_OSP",
    "SeriesDescription": "al_mepi2d_3mm_v1a_standard",
    "SeriesInstanceUID": "1.3.12.2.1107.5.2.32.35437.2016070511082476894843277.0.0.0",
    "SeriesNumber": 11,
    "ShimSetting": [
      48,
      -3918,
      340,
      490,
      -5,
      19,
      -26,
      37
    ],
    "SliceThickness": 2.5,
    "SliceTiming": [
      0,
      0.07,
      0.14,
      0.21,
      0.28,
      0.35,
      0.42,
      0.49,
      0.5625,
      0.6325,
      0.7025,
      0.7725,
      0.8425,
      0.9125,
      0.9825,
      1.0525,
      1.1225,
      1.195,
      1.265,
      1.335,
      1.405,
      1.475,
      1.545,
      1.615,
      1.685,
      1.755,
      1.8275,
      1.8975,
      1.9675,
      2.0375,
      2.1075,
      2.1775,
      2.2475,
      2.3175,
      2.3875,
      2.46,
      2.53,
      2.6,
      2.67,
      2.74
    ],
    "SoftwareVersions": "syngo_MR_B17",
    "SpacingBetweenSlices": 3,
    "StationName": "MRC35437",
    "StudyID": "1",
    "StudyInstanceUID": "1.3.12.2.1107.5.2.32.35437.30000016070508283022400000004",
    "TaskName": "exemplarLocaliser",
    "TxRefAmp": 302.226,
    "dataset": "ds004009",
    "modality": "bold",
    "subject_id": "10",
    "task_id": "exemplarLocaliser"
  },
  "dummy_trs": 2,
  "dvars_nstd": 38.86199150679536,
  "dvars_std": 1.2367827810810812,
  "dvars_vstd": 1.0242406067953675,
  "efc": 0.654789691117441,
  "fber": 188.69540405273438,
  "fd_mean": 0.24259608699413643,
  "fd_num": 120,
  "fd_perc": 46.15384615384615,
  "fwhm_avg": 2.573067777777778,
  "fwhm_x": 2.3823,
  "fwhm_y": 2.657976666666667,
  "fwhm_z": 2.678926666666667,
  "gcor": 0.0179046,
  "gsr_x": -0.00945256557315588,
  "gsr_y": 0.06200924143195152,
  "provenance": {
    "md5sum": "fd1821a5fa20f0ca387cdd5cd71cf089",
    "settings": {
      "fd_thres": 0.2,
      "testing": false
    },
    "software": "mriqc",
    "version": "23.0.1",
    "webapi_port": null,
    "webapi_url": "https://mriqc.nimh.nih.gov/api/v1"
  },
  "size_t": 260,
  "size_x": 64,
  "size_y": 64,
  "size_z": 40,
  "snr": 2.7893096438585854,
  "spacing_tr": 2.799999952316284,
  "spacing_x": 3.0,
  "spacing_y": 3.0,
  "spacing_z": 3.0,
  "summary_bg_k": 58.03445822689424,
  "summary_bg_mad": 14.61503426596399,
  "summary_bg_mean": 64.09929656982422,
  "summary_bg_median": 35.773075103759766,
  "summary_bg_n": 74386.0,
  "summary_bg_p05": 24.873077392578125,
  "summary_bg_p95": 198.36730575561523,
  "summary_bg_stdv": 77.17523956298828,
  "summary_fg_k": 0.6776223468047937,
  "summary_fg_mad": 174.20005975035025,
  "summary_fg_mean": 539.578857421875,
  "summary_fg_median": 511.3269348144531,
  "summary_fg_n": 48917.0,
  "summary_fg_p05": 293.728466796875,
  "summary_fg_p95": 888.0930541992187,
  "summary_fg_stdv": 183.31478881835938,
  "tsnr": 42.428427000995725
}