{
  "aor": 0.003981976744186045,
  "aqi": 0.019175477131782945,
  "bids_meta": {
    "AcquisitionDateTime": "2016-07-13T12:18:25.080000",
    "AcquisitionMatrixPE": 64,
    "AcquisitionNumber": 1,
    "AcquisitionTime": "12:18:25.080000",
    "BaseResolution": 64,
    "ConversionSoftware": "dcm2niix",
    "ConversionSoftwareVersion": "v1.0.20180622 (JP2:OpenJPEG) GCC6.1.0",
    "DeviceSerialNumber": "35437",
    "DwellTime": 3.4e-06,
    "EchoTime": 0.03,
    "EffectiveEchoSpacing": 6.009615385e-05,
    "FlipAngle": 90,
    "ImageOrientationPatientDICOM": [
      1,
      0,
      0,
      0,
      0.866025,
      -0.5
    ],
    "ImageType": [
      "ORIGINAL",
      "PRIMARY",
      "M",
      "ND",
      "MOSAIC"
    ],
    "InPlanePhaseEncodingDirectionDICOM": "COL",
    "InstitutionAddress": "Queen_Square_12_London_Southeast_GB_WC1N_3BG",
    "InstitutionName": "FIL",
    "InstitutionalDepartmentName": "Department",
    "MRAcquisitionType": "2D",
    "MagneticFieldStrength": 3,
    "Manufacturer": "Siemens",
    "ManufacturersModelName": "TrioTim",
    "Modality": "MR",
    "PartialFourier": 1,
    "PatientID": "MQ03703",
    "PatientName": "MQ03703",
    "PatientPosition": "HFS",
    "PatientSex": "",
    "PercentPhaseFOV": 100,
    "PhaseEncodingDirection": "j-",
    "PhaseEncodingSteps": 74,
    "PhaseOversampling": 0.13,
    "PhaseResolution": 1,
    "PixelBandwidth": 2298,
    "ProcedureStepDescription": "FIL_Johan_Carlin",
    "ProtocolName": "al_mepi2d_3mm_v1a_standard",
    "PulseSequenceDetails": "%CustomerSeq%_al_mepi2d_3mm_v1a",
    "ReceiveCoilName": "32Ch_Head",
    "ReconMatrixPE": 64,
    "RepetitionTime": 2.8,
    "SAR": 0.15503,
    "ScanOptions": "FS",
    "ScanningSequence": "RM",
    "SequenceName": "alepi2d2d1",
    "SequenceVariant": "SP_OSP",
    "SeriesDescription": "al_mepi2d_3mm_v1a_standard",
    "SeriesInstanceUID": "1.3.12.2.1107.5.2.32.35437.2016071312173048826120622.0.0.0",
    "SeriesNumber": 9,
    "ShimSetting": [
      45,
      -3820,
      326,
      326,
      -71,
      246,
      -112,
      39
    ],
    "SliceThickness": 2.5,
    "SliceTiming": [
      0,
      0.07,
      0.14,
      0.21,
      0.28,
      0.35,
      0.42,
      0.49,
      0.56,
      0.6325,
      0.7025,
      0.7725,
      0.8425,
      0.9125,
      0.9825,
      1.0525,
      1.1225,
      1.1925,
      1.265,
      1.335,
      1.405,
      1.475,
      1.545,
      1.615,
      1.685,
      1.755,
      1.825,
      1.8975,
      1.9675,
      2.0375,
      2.1075,
      2.1775,
      2.2475,
      2.3175,
      2.3875,
      2.4575,
      2.53,
      2.6,
      2.67,
      2.74
    ],
    "SoftwareVersions": "syngo_MR_B17",
    "SpacingBetweenSlices": 3,
    "StationName": "MRC35437",
    "StudyID": "1",
    "StudyInstanceUID": "1.3.12.2.1107.5.2.32.35437.30000016071307430286400000007",
    "TaskName": "exemplarLocaliser",
    "TxRefAmp": 296.221,
    "dataset": "ds004009",
    "modality": "bold",
    "subject_id": "26",
    "task_id": "exemplarLocaliser"
  },
  "dummy_trs": 4,
  "dvars_nstd": 30.347190857081692,
  "dvars_std": 0.8931994949027233,
  "dvars_vstd": 0.8445880828015572,
  "efc": 0.622354260311077,
  "fber": 217.29640197753906,
  "fd_mean": 0.3113227613760516,
  "fd_num": 71,
  "fd_perc": 27.51937984496124,
  "fwhm_avg": 2.6166411111111114,
  "fwhm_x": 2.4428233333333336,
  "fwhm_y": 2.5881633333333336,
  "fwhm_z": 2.818936666666667,
  "gcor": 0.0312888,
  "gsr_x": 0.003477375488728285,
  "gsr_y": 0.05897818133234978,
  "provenance": {
    "md5sum": "dd719bf19cf218eaafd63b6a50f379f1",
    "settings": {
      "fd_thres": 0.2,
      "testing": false
    },
    "software": "mriqc",
    "version": "23.0.1",
    "webapi_port": null,
    "webapi_url": "https://mriqc.nimh.nih.gov/api/v1"
  },
  "size_t": 258,
  "size_x": 64,
  "size_y": 64,
  "size_z": 40,
  "snr": 2.7547444865472914,
  "spacing_tr": 2.799999952316284,
  "spacing_x": 3.0,
  "spacing_y": 3.0,
  "spacing_z": 3.0,
  "summary_bg_k": 37.721548229401705,
  "summary_bg_mad": 18.911797540176934,
  "summary_bg_mean": 73.44635772705078,
  "summary_bg_median": 40.50775146484375,
  "summary_bg_n": 83083.0,
  "summary_bg_p05": 25.965116500854492,
  "summary_bg_p95": 233.98217163085923,
  "summary_bg_stdv": 90.86310577392578,
  "summary_fg_k": 1.6463842792273073,
  "summary_fg_mad": 200.1110536891327,
  "summary_fg_mean": 644.5962524414062,
  "summary_fg_median": 604.4844970703125,
  "summary_fg_n": 41772.0,
  "summary_fg_p05": 362.15018463134766,
  "summary_fg_p95": 1058.1891052246094,
  "summary_fg_stdv": 219.43133544921875,
  "tsnr": 23.150447175255977
}