{
  "aor": 0.000737,
  "aqi": 0.0027949642307692306,
  "bids_meta": {
    "AcquisitionDateTime": "2016-07-13T11:38:31.175000",
    "AcquisitionMatrixPE": 64,
    "AcquisitionNumber": 1,
    "AcquisitionTime": "11:38:31.175000",
    "BaseResolution": 64,
    "ConversionSoftware": "dcm2niix",
    "ConversionSoftwareVersion": "v1.0.20180622 (JP2:OpenJPEG) GCC6.1.0",
    "DeviceSerialNumber": "35437",
    "DwellTime": 3.4e-06,
    "EchoTime": 0.03,
    "EffectiveEchoSpacing": 6.009615385e-05,
    "FlipAngle": 90,
    "ImageOrientationPatientDICOM": [
      1,
      0,
      0,
      0,
      0.866025,
      -0.5
    ],
    "ImageType": [
      "ORIGINAL",
      "PRIMARY",
      "M",
      "ND",
      "MOSAIC"
    ],
    "InPlanePhaseEncodingDirectionDICOM": "COL",
    "InstitutionAddress": "Queen_Square_12_London_Southeast_GB_WC1N_3BG",
    "InstitutionName": "FIL",
    "InstitutionalDepartmentName": "Department",
    "MRAcquisitionType": "2D",
    "MagneticFieldStrength": 3,
    "Manufacturer": "Siemens",
    "ManufacturersModelName": "TrioTim",
    "Modality": "MR",
    "PartialFourier": 1,
    "PatientID": "MQ03703",
    "PatientName": "MQ03703",
    "PatientPosition": "HFS",
    "PatientSex": "",
    "PercentPhaseFOV": 100,
    "PhaseEncodingDirection": "j-",
    "PhaseEncodingSteps": 74,
    "PhaseOversampling": 0.13,
    "PhaseResolution": 1,
    "PixelBandwidth": 2298,
    "ProcedureStepDescription": "FIL_Johan_Carlin",
    "ProtocolName": "al_mepi2d_3mm_v1a_standard",
    "PulseSequenceDetails": "%CustomerSeq%_al_mepi2d_3mm_v1a",
    "ReceiveCoilName": "32Ch_Head",
    "ReconMatrixPE": 64,
    "RepetitionTime": 2.8,
    "SAR": 0.15503,
    "ScanOptions": "FS",
    "ScanningSequence": "RM",
    "SequenceName": "alepi2d2d1",
    "SequenceVariant": "SP_OSP",
    "SeriesDescription": "al_mepi2d_3mm_v1a_standard",
    "SeriesInstanceUID": "1.3.12.2.1107.5.2.32.35437.2016071311365493857124712.0.0.0",
    "SeriesNumber": 6,
    "ShimSetting": [
      45,
      -3820,
      326,
      326,
      -71,
      246,
      -112,
      39
    ],
    "SliceThickness": 2.5,
    "SliceTiming": [
      0,
      0.07,
      0.1425,
      0.2125,
      0.2825,
      0.3525,
      0.4225,
      0.4925,
      0.5625,
      0.6325,
      0.7025,
      0.775,
      0.845,
      0.915,
      0.985,
      1.055,
      1.125,
      1.195,
      1.265,
      1.335,
      1.4075,
      1.4775,
      1.5475,
      1.6175,
      1.6875,
      1.7575,
      1.8275,
      1.8975,
      1.9675,
      2.04,
      2.11,
      2.18,
      2.25,
      2.32,
      2.39,
      2.46,
      2.53,
      2.6,
      2.6725,
      2.7425
    ],
    "SoftwareVersions": "syngo_MR_B17",
    "SpacingBetweenSlices": 3,
    "StationName": "MRC35437",
    "StudyID": "1",
    "StudyInstanceUID": "1.3.12.2.1107.5.2.32.35437.30000016071307430286400000007",
    "TaskName": "memsamp",
    "TxRefAmp": 296.221,
    "dataset": "ds004009",
    "modality": "bold",
    "run_id": 2,
    "subject_id": "26",
    "task_id": "memsamp"
  },
  "dummy_trs": 2,
  "dvars_nstd": 23.103324942007735,
  "dvars_std": 1.1432102335135137,
  "dvars_vstd": 0.9687622930888032,
  "efc": 0.6312929663260475,
  "fber": 221.84130859375,
  "fd_mean": 0.087887343308884,
  "fd_num": 6,
  "fd_perc": 2.3076923076923075,
  "fwhm_avg": 2.478792222222222,
  "fwhm_x": 2.32849,
  "fwhm_y": 2.48296,
  "fwhm_z": 2.6249266666666666,
  "gcor": 0.0115844,
  "gsr_x": -0.002755632158368826,
  "gsr_y": 0.0704774409532547,
  "provenance": {
    "md5sum": "71179773ba1531c242ff644b5b61e21d",
    "settings": {
      "fd_thres": 0.2,
      "testing": false
    },
    "software": "mriqc",
    "version": "23.0.1",
    "webapi_port": null,
    "webapi_url": "https://mriqc.nimh.nih.gov/api/v1"
  },
  "size_t": 260,
  "size_x": 64,
  "size_y": 64,
  "size_z": 40,
  "snr": 2.8190167381997866,
  "spacing_tr": 2.799999952316284,
  "spacing_x": 3.0,
  "spacing_y": 3.0,
  "spacing_z": 3.0,
  "summary_bg_k": 32.0644593519748,
  "summary_bg_mad": 16.47969454289057,
  "summary_bg_mean": 74.61756134033203,
  "summary_bg_median": 38.015384674072266,
  "summary_bg_n": 80990.0,
  "summary_bg_p05": 25.988462448120117,
  "summary_bg_p95": 252.75980529785159,
  "summary_bg_stdv": 100.1323013305664,
  "summary_fg_k": 1.2333517031828922,
  "summary_fg_mad": 190.79952177172663,
  "summary_fg_mean": 619.3322143554688,
  "summary_fg_median": 583.0346069335938,
  "summary_fg_n": 43195.0,
  "summary_fg_p05": 351.40845336914066,
  "summary_fg_p95": 1015.6069152832031,
  "summary_fg_stdv": 206.819580078125,
  "tsnr": 69.64712774567306
}