{
  "aor": 0.0006969615384615386,
  "aqi": 0.0026717044230769233,
  "bids_meta": {
    "AcquisitionDateTime": "2016-07-13T11:24:37.247500",
    "AcquisitionMatrixPE": 64,
    "AcquisitionNumber": 1,
    "AcquisitionTime": "11:24:37.247500",
    "BaseResolution": 64,
    "ConversionSoftware": "dcm2niix",
    "ConversionSoftwareVersion": "v1.0.20180622 (JP2:OpenJPEG) GCC6.1.0",
    "DeviceSerialNumber": "35437",
    "DwellTime": 3.4e-06,
    "EchoTime": 0.03,
    "EffectiveEchoSpacing": 6.009615385e-05,
    "FlipAngle": 90,
    "ImageOrientationPatientDICOM": [
      1,
      0,
      0,
      0,
      0.866025,
      -0.5
    ],
    "ImageType": [
      "ORIGINAL",
      "PRIMARY",
      "M",
      "ND",
      "MOSAIC"
    ],
    "InPlanePhaseEncodingDirectionDICOM": "COL",
    "InstitutionAddress": "Queen_Square_12_London_Southeast_GB_WC1N_3BG",
    "InstitutionName": "FIL",
    "InstitutionalDepartmentName": "Department",
    "MRAcquisitionType": "2D",
    "MagneticFieldStrength": 3,
    "Manufacturer": "Siemens",
    "ManufacturersModelName": "TrioTim",
    "Modality": "MR",
    "PartialFourier": 1,
    "PatientID": "MQ03703",
    "PatientName": "MQ03703",
    "PatientPosition": "HFS",
    "PatientSex": "",
    "PercentPhaseFOV": 100,
    "PhaseEncodingDirection": "j-",
    "PhaseEncodingSteps": 74,
    "PhaseOversampling": 0.13,
    "PhaseResolution": 1,
    "PixelBandwidth": 2298,
    "ProcedureStepDescription": "FIL_Johan_Carlin",
    "ProtocolName": "al_mepi2d_3mm_v1a_standard",
    "PulseSequenceDetails": "%CustomerSeq%_al_mepi2d_3mm_v1a",
    "ReceiveCoilName": "32Ch_Head",
    "ReconMatrixPE": 64,
    "RepetitionTime": 2.8,
    "SAR": 0.15503,
    "ScanOptions": "FS",
    "ScanningSequence": "RM",
    "SequenceName": "alepi2d2d1",
    "SequenceVariant": "SP_OSP",
    "SeriesDescription": "al_mepi2d_3mm_v1a_standard",
    "SeriesInstanceUID": "1.3.12.2.1107.5.2.32.35437.2016071311190173019292742.0.0.0",
    "SeriesNumber": 5,
    "ShimSetting": [
      45,
      -3820,
      326,
      326,
      -71,
      246,
      -112,
      39
    ],
    "SliceThickness": 2.5,
    "SliceTiming": [
      0,
      0.07,
      0.14,
      0.21,
      0.28,
      0.35,
      0.42,
      0.49,
      0.56,
      0.6325,
      0.7025,
      0.7725,
      0.8425,
      0.9125,
      0.9825,
      1.0525,
      1.1225,
      1.1925,
      1.265,
      1.335,
      1.405,
      1.475,
      1.545,
      1.615,
      1.685,
      1.755,
      1.825,
      1.8975,
      1.9675,
      2.0375,
      2.1075,
      2.1775,
      2.2475,
      2.3175,
      2.3875,
      2.4575,
      2.53,
      2.6,
      2.67,
      2.74
    ],
    "SoftwareVersions": "syngo_MR_B17",
    "SpacingBetweenSlices": 3,
    "StationName": "MRC35437",
    "StudyID": "1",
    "StudyInstanceUID": "1.3.12.2.1107.5.2.32.35437.30000016071307430286400000007",
    "TaskName": "memsamp",
    "TxRefAmp": 296.221,
    "dataset": "ds004009",
    "modality": "bold",
    "run_id": 1,
    "subject_id": "26",
    "task_id": "memsamp"
  },
  "dummy_trs": 2,
  "dvars_nstd": 24.615825292548262,
  "dvars_std": 1.1707832855984555,
  "dvars_vstd": 0.9726893157915063,
  "efc": 0.6303300072135471,
  "fber": 226.1740264892578,
  "fd_mean": 0.10039802100180417,
  "fd_num": 1,
  "fd_perc": 0.38461538461538464,
  "fwhm_avg": 2.4888222222222223,
  "fwhm_x": 2.32143,
  "fwhm_y": 2.49023,
  "fwhm_z": 2.6548066666666665,
  "gcor": 0.0215462,
  "gsr_x": -0.002055390039458871,
  "gsr_y": 0.06970173120498657,
  "provenance": {
    "md5sum": "b4354eb77d8089fff93f3d83df481a67",
    "settings": {
      "fd_thres": 0.2,
      "testing": false
    },
    "software": "mriqc",
    "version": "23.0.1",
    "webapi_port": null,
    "webapi_url": "https://mriqc.nimh.nih.gov/api/v1"
  },
  "size_t": 260,
  "size_x": 64,
  "size_y": 64,
  "size_z": 40,
  "snr": 2.838940543434662,
  "spacing_tr": 2.799999952316284,
  "spacing_x": 3.0,
  "spacing_y": 3.0,
  "spacing_z": 3.0,
  "summary_bg_k": 32.34301003778552,
  "summary_bg_mad": 15.712733619698255,
  "summary_bg_mean": 73.21472930908203,
  "summary_bg_median": 37.355770111083984,
  "summary_bg_n": 81150.0,
  "summary_bg_p05": 25.984615325927734,
  "summary_bg_p95": 247.32730407714845,
  "summary_bg_stdv": 98.20721435546875,
  "summary_fg_k": 1.1097405935185485,
  "summary_fg_mad": 189.1230881352499,
  "summary_fg_mean": 614.4867553710938,
  "summary_fg_median": 578.8230590820312,
  "summary_fg_n": 43057.0,
  "summary_fg_p05": 349.03537597656253,
  "summary_fg_p95": 1005.1199829101562,
  "summary_fg_stdv": 203.88462829589844,
  "tsnr": 68.48403710802086
}