{
  "aor": 0.0014169230769230771,
  "aqi": 0.004540955230769229,
  "bids_meta": {
    "AcquisitionDateTime": "2016-06-01T12:16:24.065000",
    "AcquisitionMatrixPE": 64,
    "AcquisitionNumber": 1,
    "AcquisitionTime": "12:16:24.065000",
    "BaseResolution": 64,
    "ConversionSoftware": "dcm2niix",
    "ConversionSoftwareVersion": "v1.0.20180622 (JP2:OpenJPEG) GCC6.1.0",
    "DeviceSerialNumber": "35437",
    "DwellTime": 3.4e-06,
    "EchoTime": 0.03,
    "EffectiveEchoSpacing": 6.009615385e-05,
    "FlipAngle": 90,
    "ImageOrientationPatientDICOM": [
      1,
      -1e-16,
      0,
      1e-16,
      0.898028,
      -0.439939
    ],
    "ImageType": [
      "ORIGINAL",
      "PRIMARY",
      "M",
      "ND",
      "MOSAIC"
    ],
    "InPlanePhaseEncodingDirectionDICOM": "COL",
    "InstitutionAddress": "Queen_Square_12_London_Southeast_GB_WC1N_3BG",
    "InstitutionName": "Functional_Imaging_Laboratory",
    "InstitutionalDepartmentName": "Department",
    "MRAcquisitionType": "2D",
    "MagneticFieldStrength": 3,
    "Manufacturer": "Siemens",
    "ManufacturersModelName": "TrioTim",
    "Modality": "MR",
    "PartialFourier": 1,
    "PatientID": "MQ03644",
    "PatientName": "MQ03644",
    "PatientPosition": "HFS",
    "PatientSex": "",
    "PercentPhaseFOV": 100,
    "PhaseEncodingDirection": "j-",
    "PhaseEncodingSteps": 74,
    "PhaseOversampling": 0.13,
    "PhaseResolution": 1,
    "PixelBandwidth": 2298,
    "ProcedureStepDescription": "FIL_Johan_Carlin",
    "ProtocolName": "al_mepi2d_3mm_v1a_standard",
    "PulseSequenceDetails": "%CustomerSeq%_al_mepi2d_3mm_v1a",
    "ReceiveCoilName": "32Ch_Head",
    "ReconMatrixPE": 64,
    "RepetitionTime": 2.8,
    "SAR": 0.166482,
    "ScanOptions": "FS",
    "ScanningSequence": "RM",
    "SequenceName": "alepi2d2d1",
    "SequenceVariant": "SP_OSP",
    "SeriesDescription": "al_mepi2d_3mm_v1a_standard",
    "SeriesInstanceUID": "1.3.12.2.1107.5.2.32.35437.2016060112150844654527405.0.0.0",
    "SeriesNumber": 9,
    "SliceThickness": 2.5,
    "SliceTiming": [
      0,
      0.07,
      0.1425,
      0.2125,
      0.2825,
      0.3525,
      0.4225,
      0.4925,
      0.5625,
      0.6325,
      0.7025,
      0.775,
      0.845,
      0.915,
      0.985,
      1.055,
      1.125,
      1.195,
      1.265,
      1.335,
      1.4075,
      1.4775,
      1.5475,
      1.6175,
      1.6875,
      1.7575,
      1.8275,
      1.8975,
      1.9675,
      2.04,
      2.11,
      2.18,
      2.25,
      2.32,
      2.39,
      2.46,
      2.53,
      2.6,
      2.6725,
      2.7425
    ],
    "SoftwareVersions": "syngo_MR_B17",
    "SpacingBetweenSlices": 3,
    "StationName": "MRC35437",
    "StudyID": "1",
    "StudyInstanceUID": "1.3.12.2.1107.5.2.32.35437.30000016060107443729800000004",
    "TaskName": "exemplarLocaliser",
    "TxRefAmp": 307.53,
    "dataset": "ds004009",
    "modality": "bold",
    "subject_id": "21",
    "task_id": "exemplarLocaliser"
  },
  "dummy_trs": 2,
  "dvars_nstd": 24.948877809922777,
  "dvars_std": 1.2613848823938225,
  "dvars_vstd": 0.9826572460231658,
  "efc": 0.5902598262419267,
  "fber": 352.10528564453125,
  "fd_mean": 0.0835906982172533,
  "fd_num": 5,
  "fd_perc": 1.9230769230769231,
  "fwhm_avg": 2.4689511111111115,
  "fwhm_x": 2.36527,
  "fwhm_y": 2.4225333333333334,
  "fwhm_z": 2.61905,
  "gcor": 0.0281272,
  "gsr_x": -0.012643969617784023,
  "gsr_y": 0.04179522767663002,
  "provenance": {
    "md5sum": "b91af1ea19ce382b2cf2c7951ad080dd",
    "settings": {
      "fd_thres": 0.2,
      "testing": false
    },
    "software": "mriqc",
    "version": "23.0.1",
    "webapi_port": null,
    "webapi_url": "https://mriqc.nimh.nih.gov/api/v1"
  },
  "size_t": 260,
  "size_x": 64,
  "size_y": 64,
  "size_z": 40,
  "snr": 3.158791760820209,
  "spacing_tr": 2.799999952316284,
  "spacing_x": 3.0,
  "spacing_y": 3.0,
  "spacing_z": 3.0,
  "summary_bg_k": 43.66042691598641,
  "summary_bg_mad": 8.804375903391506,
  "summary_bg_mean": 54.19196319580078,
  "summary_bg_median": 31.092308044433594,
  "summary_bg_n": 88535.0,
  "summary_bg_p05": 24.4769229888916,
  "summary_bg_p95": 165.0319305419922,
  "summary_bg_stdv": 63.90612030029297,
  "summary_fg_k": 0.831728504820934,
  "summary_fg_mad": 179.65720143670274,
  "summary_fg_mean": 627.9826049804688,
  "summary_fg_median": 599.376953125,
  "summary_fg_n": 37797.0,
  "summary_fg_p05": 370.60154418945314,
  "summary_fg_p95": 976.5599975585933,
  "summary_fg_stdv": 189.7462921142578,
  "tsnr": 60.211055346997455
}