{
  "aor": 0.0014096525096525098,
  "aqi": 0.0071299100386100385,
  "bids_meta": {
    "AcquisitionDateTime": "2016-07-04T10:02:5.810000",
    "AcquisitionMatrixPE": 64,
    "AcquisitionNumber": 1,
    "AcquisitionTime": "10:02:5.810000",
    "BaseResolution": 64,
    "ConversionSoftware": "dcm2niix",
    "ConversionSoftwareVersion": "v1.0.20180622 (JP2:OpenJPEG) GCC6.1.0",
    "DeviceSerialNumber": "35437",
    "DwellTime": 3.4e-06,
    "EchoTime": 0.03,
    "EffectiveEchoSpacing": 6.009615385e-05,
    "FlipAngle": 90,
    "ImageOrientationPatientDICOM": [
      1,
      0,
      0,
      0,
      0.866025,
      -0.5
    ],
    "ImageType": [
      "ORIGINAL",
      "PRIMARY",
      "M",
      "ND",
      "MOSAIC"
    ],
    "InPlanePhaseEncodingDirectionDICOM": "COL",
    "InstitutionAddress": "Queen_Square_12_London_Southeast_GB_WC1N_3BG",
    "InstitutionName": "FIL",
    "InstitutionalDepartmentName": "Department",
    "MRAcquisitionType": "2D",
    "MagneticFieldStrength": 3,
    "Manufacturer": "Siemens",
    "ManufacturersModelName": "TrioTim",
    "Modality": "MR",
    "PartialFourier": 1,
    "PatientID": "MQ03690",
    "PatientName": "MQ03690",
    "PatientPosition": "HFS",
    "PatientSex": "",
    "PercentPhaseFOV": 100,
    "PhaseEncodingDirection": "j-",
    "PhaseEncodingSteps": 74,
    "PhaseOversampling": 0.13,
    "PhaseResolution": 1,
    "PixelBandwidth": 2298,
    "ProcedureStepDescription": "FIL_Johan_Carlin",
    "ProtocolName": "al_mepi2d_3mm_v1a_standard",
    "PulseSequenceDetails": "%CustomerSeq%_al_mepi2d_3mm_v1a",
    "ReceiveCoilName": "32Ch_Head",
    "ReconMatrixPE": 64,
    "RepetitionTime": 2.8,
    "SAR": 0.1583,
    "ScanOptions": "FS",
    "ScanningSequence": "RM",
    "SequenceName": "alepi2d2d1",
    "SequenceVariant": "SP_OSP",
    "SeriesDescription": "al_mepi2d_3mm_v1a_standard",
    "SeriesInstanceUID": "1.3.12.2.1107.5.2.32.35437.2016070410001911534577933.0.0.0",
    "SeriesNumber": 6,
    "ShimSetting": [
      26,
      -3903,
      285,
      226,
      -109,
      -130,
      -29,
      121
    ],
    "SliceThickness": 2.5,
    "SliceTiming": [
      0,
      0.0725,
      0.1425,
      0.2125,
      0.2825,
      0.3525,
      0.4225,
      0.4925,
      0.5625,
      0.6325,
      0.705,
      0.775,
      0.845,
      0.915,
      0.985,
      1.055,
      1.125,
      1.195,
      1.265,
      1.3375,
      1.4075,
      1.4775,
      1.5475,
      1.6175,
      1.6875,
      1.7575,
      1.8275,
      1.8975,
      1.97,
      2.04,
      2.11,
      2.18,
      2.25,
      2.32,
      2.39,
      2.46,
      2.53,
      2.6025,
      2.6725,
      2.7425
    ],
    "SoftwareVersions": "syngo_MR_B17",
    "SpacingBetweenSlices": 3,
    "StationName": "MRC35437",
    "StudyID": "1",
    "StudyInstanceUID": "1.3.12.2.1107.5.2.32.35437.30000016070407490796500000004",
    "TaskName": "memsamp",
    "TxRefAmp": 298.845,
    "dataset": "ds004009",
    "modality": "bold",
    "run_id": 2,
    "subject_id": "11",
    "task_id": "memsamp"
  },
  "dummy_trs": 3,
  "dvars_nstd": 24.073338006124025,
  "dvars_std": 1.0650809153875964,
  "dvars_vstd": 0.9374538696124034,
  "efc": 0.6287808029738686,
  "fber": 191.40794372558594,
  "fd_mean": 0.09044786654395318,
  "fd_num": 13,
  "fd_perc": 5.019305019305019,
  "fwhm_avg": 2.2675433333333337,
  "fwhm_x": 2.1492333333333336,
  "fwhm_y": 2.2666166666666667,
  "fwhm_z": 2.38678,
  "gcor": 0.016571,
  "gsr_x": -0.006782976910471916,
  "gsr_y": 0.07349998503923416,
  "provenance": {
    "md5sum": "5cc45e54e0f09469927f02611e2f6344",
    "settings": {
      "fd_thres": 0.2,
      "testing": false
    },
    "software": "mriqc",
    "version": "23.0.1",
    "webapi_port": null,
    "webapi_url": "https://mriqc.nimh.nih.gov/api/v1"
  },
  "size_t": 259,
  "size_x": 64,
  "size_y": 64,
  "size_z": 40,
  "snr": 3.292094634591991,
  "spacing_tr": 2.799999952316284,
  "spacing_x": 3.0,
  "spacing_y": 3.0,
  "spacing_z": 3.0,
  "summary_bg_k": 50.400899502808166,
  "summary_bg_mad": 15.804884419438936,
  "summary_bg_mean": 66.84527587890625,
  "summary_bg_median": 36.216217041015625,
  "summary_bg_n": 86856.0,
  "summary_bg_p05": 24.2702693939209,
  "summary_bg_p95": 207.4748992919922,
  "summary_bg_stdv": 90.31217193603516,
  "summary_fg_k": 0.691370785661868,
  "summary_fg_mad": 145.90180386229102,
  "summary_fg_mean": 535.807861328125,
  "summary_fg_median": 511.2625427246094,
  "summary_fg_n": 39237.0,
  "summary_fg_p05": 324.1968994140625,
  "summary_fg_p95": 824.6308593749997,
  "summary_fg_stdv": 155.298095703125,
  "tsnr": 46.32842543604784
}