{
  "aor": 0.0017158846153846152,
  "aqi": 0.005121431115384615,
  "bids_meta": {
    "AcquisitionDateTime": "2016-07-04T10:15:43.840000",
    "AcquisitionMatrixPE": 64,
    "AcquisitionNumber": 1,
    "AcquisitionTime": "10:15:43.840000",
    "BaseResolution": 64,
    "ConversionSoftware": "dcm2niix",
    "ConversionSoftwareVersion": "v1.0.20180622 (JP2:OpenJPEG) GCC6.1.0",
    "DeviceSerialNumber": "35437",
    "DwellTime": 3.4e-06,
    "EchoTime": 0.03,
    "EffectiveEchoSpacing": 6.009615385e-05,
    "FlipAngle": 90,
    "ImageOrientationPatientDICOM": [
      1,
      0,
      0,
      0,
      0.866025,
      -0.5
    ],
    "ImageType": [
      "ORIGINAL",
      "PRIMARY",
      "M",
      "ND",
      "MOSAIC"
    ],
    "InPlanePhaseEncodingDirectionDICOM": "COL",
    "InstitutionAddress": "Queen_Square_12_London_Southeast_GB_WC1N_3BG",
    "InstitutionName": "FIL",
    "InstitutionalDepartmentName": "Department",
    "MRAcquisitionType": "2D",
    "MagneticFieldStrength": 3,
    "Manufacturer": "Siemens",
    "ManufacturersModelName": "TrioTim",
    "Modality": "MR",
    "PartialFourier": 1,
    "PatientID": "MQ03690",
    "PatientName": "MQ03690",
    "PatientPosition": "HFS",
    "PatientSex": "",
    "PercentPhaseFOV": 100,
    "PhaseEncodingDirection": "j-",
    "PhaseEncodingSteps": 74,
    "PhaseOversampling": 0.13,
    "PhaseResolution": 1,
    "PixelBandwidth": 2298,
    "ProcedureStepDescription": "FIL_Johan_Carlin",
    "ProtocolName": "al_mepi2d_3mm_v1a_standard",
    "PulseSequenceDetails": "%CustomerSeq%_al_mepi2d_3mm_v1a",
    "ReceiveCoilName": "32Ch_Head",
    "ReconMatrixPE": 64,
    "RepetitionTime": 2.8,
    "SAR": 0.1583,
    "ScanOptions": "FS",
    "ScanningSequence": "RM",
    "SequenceName": "alepi2d2d1",
    "SequenceVariant": "SP_OSP",
    "SeriesDescription": "al_mepi2d_3mm_v1a_standard",
    "SeriesInstanceUID": "1.3.12.2.1107.5.2.32.35437.2016070410142480743309903.0.0.0",
    "SeriesNumber": 7,
    "ShimSetting": [
      26,
      -3903,
      285,
      226,
      -109,
      -130,
      -29,
      121
    ],
    "SliceThickness": 2.5,
    "SliceTiming": [
      0,
      0.07,
      0.14,
      0.21,
      0.28,
      0.3525,
      0.4225,
      0.4925,
      0.5625,
      0.6325,
      0.7025,
      0.7725,
      0.8425,
      0.9125,
      0.985,
      1.055,
      1.125,
      1.195,
      1.265,
      1.335,
      1.405,
      1.475,
      1.5475,
      1.6175,
      1.6875,
      1.7575,
      1.8275,
      1.8975,
      1.9675,
      2.0375,
      2.1075,
      2.18,
      2.25,
      2.32,
      2.39,
      2.46,
      2.53,
      2.6,
      2.67,
      2.74
    ],
    "SoftwareVersions": "syngo_MR_B17",
    "SpacingBetweenSlices": 3,
    "StationName": "MRC35437",
    "StudyID": "1",
    "StudyInstanceUID": "1.3.12.2.1107.5.2.32.35437.30000016070407490796500000004",
    "TaskName": "memsamp",
    "TxRefAmp": 298.845,
    "dataset": "ds004009",
    "modality": "bold",
    "run_id": 3,
    "subject_id": "11",
    "task_id": "memsamp"
  },
  "dummy_trs": 2,
  "dvars_nstd": 23.724026617065636,
  "dvars_std": 1.1055503953281856,
  "dvars_vstd": 0.974928448301158,
  "efc": 0.6295278008351488,
  "fber": 191.08258056640625,
  "fd_mean": 0.10231505267375504,
  "fd_num": 17,
  "fd_perc": 6.538461538461538,
  "fwhm_avg": 2.2654977777777776,
  "fwhm_x": 2.1654266666666664,
  "fwhm_y": 2.2562433333333334,
  "fwhm_z": 2.374823333333333,
  "gcor": 0.0283225,
  "gsr_x": -0.008743919432163239,
  "gsr_y": 0.07488429546356201,
  "provenance": {
    "md5sum": "985d3fed12a077a5c0631f592f2391c9",
    "settings": {
      "fd_thres": 0.2,
      "testing": false
    },
    "software": "mriqc",
    "version": "23.0.1",
    "webapi_port": null,
    "webapi_url": "https://mriqc.nimh.nih.gov/api/v1"
  },
  "size_t": 260,
  "size_x": 64,
  "size_y": 64,
  "size_z": 40,
  "snr": 3.2961075088709286,
  "spacing_tr": 2.799999952316284,
  "spacing_x": 3.0,
  "spacing_y": 3.0,
  "spacing_z": 3.0,
  "summary_bg_k": 46.418580264246714,
  "summary_bg_mad": 15.601534494335295,
  "summary_bg_mean": 68.84428405761719,
  "summary_bg_median": 36.46538543701172,
  "summary_bg_n": 87170.0,
  "summary_bg_p05": 25.05384635925293,
  "summary_bg_p95": 217.01922607421875,
  "summary_bg_stdv": 93.0359878540039,
  "summary_fg_k": 0.6789247738872248,
  "summary_fg_mad": 147.29079328813035,
  "summary_fg_mean": 538.9970703125,
  "summary_fg_median": 514.5845947265625,
  "summary_fg_n": 39182.0,
  "summary_fg_p05": 326.26576538085936,
  "summary_fg_p95": 829.7334655761719,
  "summary_fg_stdv": 156.11688232421875,
  "tsnr": 51.82854038081132
}