{
  "aor": 0.0011236538461538463,
  "aqi": 0.008318565307692309,
  "bids_meta": {
    "AcquisitionDateTime": "2016-07-04T10:30:17.002500",
    "AcquisitionMatrixPE": 64,
    "AcquisitionNumber": 1,
    "AcquisitionTime": "10:30:17.002500",
    "BaseResolution": 64,
    "ConversionSoftware": "dcm2niix",
    "ConversionSoftwareVersion": "v1.0.20180622 (JP2:OpenJPEG) GCC6.1.0",
    "DeviceSerialNumber": "35437",
    "DwellTime": 3.4e-06,
    "EchoTime": 0.03,
    "EffectiveEchoSpacing": 6.009615385e-05,
    "FlipAngle": 90,
    "ImageOrientationPatientDICOM": [
      1,
      0,
      0,
      0,
      0.866025,
      -0.5
    ],
    "ImageType": [
      "ORIGINAL",
      "PRIMARY",
      "M",
      "ND",
      "MOSAIC"
    ],
    "InPlanePhaseEncodingDirectionDICOM": "COL",
    "InstitutionAddress": "Queen_Square_12_London_Southeast_GB_WC1N_3BG",
    "InstitutionName": "FIL",
    "InstitutionalDepartmentName": "Department",
    "MRAcquisitionType": "2D",
    "MagneticFieldStrength": 3,
    "Manufacturer": "Siemens",
    "ManufacturersModelName": "TrioTim",
    "Modality": "MR",
    "PartialFourier": 1,
    "PatientID": "MQ03690",
    "PatientName": "MQ03690",
    "PatientPosition": "HFS",
    "PatientSex": "",
    "PercentPhaseFOV": 100,
    "PhaseEncodingDirection": "j-",
    "PhaseEncodingSteps": 74,
    "PhaseOversampling": 0.13,
    "PhaseResolution": 1,
    "PixelBandwidth": 2298,
    "ProcedureStepDescription": "FIL_Johan_Carlin",
    "ProtocolName": "al_mepi2d_3mm_v1a_standard",
    "PulseSequenceDetails": "%CustomerSeq%_al_mepi2d_3mm_v1a",
    "ReceiveCoilName": "32Ch_Head",
    "ReconMatrixPE": 64,
    "RepetitionTime": 2.8,
    "SAR": 0.1583,
    "ScanOptions": "FS",
    "ScanningSequence": "RM",
    "SequenceName": "alepi2d2d1",
    "SequenceVariant": "SP_OSP",
    "SeriesDescription": "al_mepi2d_3mm_v1a_standard",
    "SeriesInstanceUID": "1.3.12.2.1107.5.2.32.35437.2016070410280371748441873.0.0.0",
    "SeriesNumber": 8,
    "ShimSetting": [
      26,
      -3903,
      285,
      226,
      -109,
      -130,
      -29,
      121
    ],
    "SliceThickness": 2.5,
    "SliceTiming": [
      0,
      0.07,
      0.14,
      0.21,
      0.28,
      0.35,
      0.42,
      0.4925,
      0.5625,
      0.6325,
      0.7025,
      0.7725,
      0.8425,
      0.9125,
      0.9825,
      1.0525,
      1.125,
      1.195,
      1.265,
      1.335,
      1.405,
      1.475,
      1.545,
      1.615,
      1.685,
      1.7575,
      1.8275,
      1.8975,
      1.9675,
      2.0375,
      2.1075,
      2.1775,
      2.2475,
      2.3175,
      2.39,
      2.46,
      2.53,
      2.6,
      2.67,
      2.74
    ],
    "SoftwareVersions": "syngo_MR_B17",
    "SpacingBetweenSlices": 3,
    "StationName": "MRC35437",
    "StudyID": "1",
    "StudyInstanceUID": "1.3.12.2.1107.5.2.32.35437.30000016070407490796500000004",
    "TaskName": "motionLocaliser",
    "TxRefAmp": 298.845,
    "dataset": "ds004009",
    "modality": "bold",
    "subject_id": "11",
    "task_id": "motionLocaliser"
  },
  "dummy_trs": 2,
  "dvars_nstd": 23.61706987007722,
  "dvars_std": 1.0146245590733598,
  "dvars_vstd": 0.9075528664092665,
  "efc": 0.6307308341089846,
  "fber": 187.13331604003906,
  "fd_mean": 0.10077035484568868,
  "fd_num": 15,
  "fd_perc": 5.769230769230769,
  "fwhm_avg": 2.2570333333333337,
  "fwhm_x": 2.15539,
  "fwhm_y": 2.254373333333333,
  "fwhm_z": 2.361336666666667,
  "gcor": 0.00917305,
  "gsr_x": -0.005437733605504036,
  "gsr_y": 0.07281855493783951,
  "provenance": {
    "md5sum": "58540fbf02bb93db11f96035eb38e187",
    "settings": {
      "fd_thres": 0.2,
      "testing": false
    },
    "software": "mriqc",
    "version": "23.0.1",
    "webapi_port": null,
    "webapi_url": "https://mriqc.nimh.nih.gov/api/v1"
  },
  "size_t": 260,
  "size_x": 64,
  "size_y": 64,
  "size_z": 40,
  "snr": 3.3005552770326445,
  "spacing_tr": 2.799999952316284,
  "spacing_x": 3.0,
  "spacing_y": 3.0,
  "spacing_z": 3.0,
  "summary_bg_k": 47.21796417146925,
  "summary_bg_mad": 16.479691715051256,
  "summary_bg_mean": 68.63261413574219,
  "summary_bg_median": 36.86153793334961,
  "summary_bg_n": 86653.0,
  "summary_bg_p05": 24.44230842590332,
  "summary_bg_p95": 215.23692626953104,
  "summary_bg_stdv": 92.21603393554688,
  "summary_fg_k": 0.709500623017294,
  "summary_fg_mad": 146.3100081230136,
  "summary_fg_mean": 538.5293579101562,
  "summary_fg_median": 514.4961547851562,
  "summary_fg_n": 39341.0,
  "summary_fg_p05": 325.8346252441406,
  "summary_fg_p95": 829.2153930664062,
  "summary_fg_stdv": 155.8797149658203,
  "tsnr": 42.8684731668327
}