{
  "bids_meta": {
    "AcquisitionDateTime": "2016-07-13T10:39:44.917500",
    "AcquisitionMatrixPE": 240,
    "AcquisitionNumber": 1,
    "AcquisitionTime": "10:39:44.917500",
    "BaseResolution": 256,
    "ConversionSoftware": "dcm2niix",
    "ConversionSoftwareVersion": "v1.0.20180622 (JP2:OpenJPEG) GCC6.1.0",
    "DeviceSerialNumber": "35437",
    "DwellTime": 4e-06,
    "EchoTime": 0.0022,
    "FlipAngle": 13,
    "ImageOrientationPatientDICOM": [
      0,
      0.866025,
      -0.5,
      0,
      -0.5,
      -0.866025
    ],
    "ImageType": [
      "ORIGINAL",
      "PRIMARY",
      "M",
      "ND"
    ],
    "InPlanePhaseEncodingDirectionDICOM": "ROW",
    "InstitutionAddress": "Queen_Square_12_London_Southeast_GB_WC1N_3BG",
    "InstitutionName": "FIL",
    "InstitutionalDepartmentName": "Department",
    "MRAcquisitionType": "3D",
    "MagneticFieldStrength": 3,
    "Manufacturer": "Siemens",
    "ManufacturersModelName": "TrioTim",
    "Modality": "MR",
    "PartialFourier": 0.75,
    "PatientID": "MQ03702",
    "PatientName": "MQ03702",
    "PatientPosition": "HFS",
    "PatientSex": "",
    "PercentPhaseFOV": 93.75,
    "PhaseEncodingSteps": 180,
    "PhaseResolution": 1,
    "PixelBandwidth": 488,
    "ProcedureStepDescription": "FIL_Johan_Carlin",
    "ProtocolName": "BasicT1_NoVBM_nw_mtflash3d_v3h",
    "PulseSequenceDetails": "%CustomerSeq%_nw_mtflash3d_v3h",
    "ReceiveCoilName": "32Ch_Head",
    "ReconMatrixPE": 256,
    "RepetitionTime": 2,
    "SAR": 0.245027,
    "ScanOptions": "PFP",
    "ScanningSequence": "RM",
    "SequenceName": "fl3d_3h3d1",
    "SequenceVariant": "SP",
    "SeriesDescription": "BasicT1_NoVBM_nw_mtflash3d_v3h",
    "SeriesInstanceUID": "1.3.12.2.1107.5.2.32.35437.2016071310394087093490774.0.0.0",
    "SeriesNumber": 10,
    "ShimSetting": [
      -9,
      -4050,
      338,
      487,
      -55,
      -34,
      394,
      135
    ],
    "SliceThickness": 1,
    "SoftwareVersions": "syngo_MR_B17",
    "StationName": "MRC35437",
    "StudyID": "1",
    "StudyInstanceUID": "1.3.12.2.1107.5.2.32.35437.30000016071307430286400000004",
    "TxRefAmp": 305.963,
    "dataset": "ds004009",
    "modality": "T1w",
    "subject_id": "04"
  },
  "cjv": 0.5483652480738697,
  "cnr": 2.5416355131198167,
  "efc": 0.5688924286873198,
  "fber": -1.0,
  "fwhm_avg": 5.42265,
  "fwhm_x": 5.47325,
  "fwhm_y": 5.54356,
  "fwhm_z": 5.25114,
  "icvs_csf": 0.21551483956971457,
  "icvs_gm": 0.34876502984591784,
  "icvs_wm": 0.4357201305843676,
  "inu_med": 0.9334502518177032,
  "inu_range": 1.141470843553543,
  "provenance": {
    "md5sum": "fc5af9b06f2a8721425f191359639337",
    "settings": {
      "testing": false
    },
    "software": "mriqc",
    "version": "23.0.1",
    "warnings": {
      "large_rot_frame": true,
      "small_air_mask": false
    },
    "webapi_port": null,
    "webapi_url": "https://mriqc.nimh.nih.gov/api/v1"
  },
  "qi_1": 0.0,
  "qi_2": 0.008003836942499558,
  "rpve_csf": 21.491331492376034,
  "rpve_gm": 12.087166998644802,
  "rpve_wm": 11.86835295905273,
  "size_x": 176,
  "size_y": 240,
  "size_z": 256,
  "snr_csf": 3.494460714557007,
  "snr_gm": 13.869801501229608,
  "snr_total": 11.916068710378044,
  "snr_wm": 18.383943915347515,
  "snrd_csf": 24.24676067472001,
  "snrd_gm": 50.90622196858343,
  "snrd_total": 46.336766586731294,
  "snrd_wm": 63.857317116890435,
  "spacing_x": 1.0,
  "spacing_y": 1.0,
  "spacing_z": 1.0,
  "summary_bg_k": 3.358906757967021,
  "summary_bg_mad": 0.0,
  "summary_bg_mean": 6.985548975409056,
  "summary_bg_median": 0.0,
  "summary_bg_n": 2901304.0,
  "summary_bg_p05": 0.0,
  "summary_bg_p95": 26.421754643321037,
  "summary_bg_stdv": 10.25994440866876,
  "summary_csf_k": 1.3912967135640066,
  "summary_csf_mad": 104.84284870434243,
  "summary_csf_mean": 373.1288105122362,
  "summary_csf_median": 379.72308760881424,
  "summary_csf_n": 65034.0,
  "summary_csf_p05": 196.59109300374985,
  "summary_csf_p95": 541.8583371095358,
  "summary_csf_stdv": 108.6634531606065,
  "summary_gm_k": 0.07558264214131283,
  "summary_gm_mad": 57.49182733163239,
  "summary_gm_mean": 797.116847341013,
  "summary_gm_median": 797.2309391647577,
  "summary_gm_n": 17566.0,
  "summary_gm_p05": 702.6862889379263,
  "summary_gm_p95": 891.4446279555559,
  "summary_gm_stdv": 57.47798527089313,
  "summary_wm_k": 0.11040300464522268,
  "summary_wm_mad": 53.72991544364507,
  "summary_wm_mean": 1004.8556378076544,
  "summary_wm_median": 1000.0551392138004,
  "summary_wm_n": 219434.0,
  "summary_wm_p05": 924.0443294048309,
  "summary_wm_p95": 1102.5428639054298,
  "summary_wm_stdv": 54.39816750426583,
  "tpm_overlap_csf": 0.16476841383841673,
  "tpm_overlap_gm": 0.41249133470967586,
  "tpm_overlap_wm": 0.4685367785071686,
  "wm2max": 0.35500098731589846
}