{
  "bids_meta": {
    "AcquisitionDateTime": "2016-06-10T15:50:43.727500",
    "AcquisitionMatrixPE": 240,
    "AcquisitionNumber": 1,
    "AcquisitionTime": "15:50:43.727500",
    "BaseResolution": 256,
    "ConversionSoftware": "dcm2niix",
    "ConversionSoftwareVersion": "v1.0.20180622 (JP2:OpenJPEG) GCC6.1.0",
    "DeviceSerialNumber": "35437",
    "DwellTime": 4e-06,
    "EchoTime": 0.0022,
    "FlipAngle": 13,
    "ImageOrientationPatientDICOM": [
      0,
      0.866025,
      -0.5,
      0,
      -0.5,
      -0.866025
    ],
    "ImageType": [
      "ORIGINAL",
      "PRIMARY",
      "M",
      "ND"
    ],
    "InPlanePhaseEncodingDirectionDICOM": "ROW",
    "InstitutionAddress": "Queen_Square_12_London_Southeast_GB_WC1N_3BG",
    "InstitutionName": "Functional_Imaging_Laboratory",
    "InstitutionalDepartmentName": "Department",
    "MRAcquisitionType": "3D",
    "MagneticFieldStrength": 3,
    "Manufacturer": "Siemens",
    "ManufacturersModelName": "TrioTim",
    "Modality": "MR",
    "PartialFourier": 0.75,
    "PatientID": "MQ03658",
    "PatientName": "MQ03658",
    "PatientPosition": "HFS",
    "PatientSex": "",
    "PercentPhaseFOV": 93.75,
    "PhaseEncodingSteps": 180,
    "PhaseResolution": 1,
    "PixelBandwidth": 488,
    "ProcedureStepDescription": "FIL_Johan_Carlin",
    "ProtocolName": "BasicT1_NoVBM_nw_mtflash3d_v3h",
    "PulseSequenceDetails": "%CustomerSeq%_nw_mtflash3d_v3h",
    "ReceiveCoilName": "32Ch_Head",
    "ReconMatrixPE": 256,
    "RepetitionTime": 2,
    "SAR": 0.22308,
    "ScanOptions": "PFP",
    "ScanningSequence": "RM",
    "SequenceName": "fl3d_3h3d1",
    "SequenceVariant": "SP",
    "SeriesDescription": "BasicT1_NoVBM_nw_mtflash3d_v3h",
    "SeriesInstanceUID": "1.3.12.2.1107.5.2.32.35437.2016061015504171000776220.0.0.0",
    "SeriesNumber": 10,
    "ShimSetting": [
      70,
      -4034,
      346,
      539,
      102,
      53,
      238,
      85
    ],
    "SliceThickness": 1,
    "SoftwareVersions": "syngo_MR_B17",
    "StationName": "MRC35437",
    "StudyID": "1",
    "StudyInstanceUID": "1.3.12.2.1107.5.2.32.35437.30000016061012552973700000004",
    "TxRefAmp": 299.036,
    "dataset": "ds004009",
    "modality": "T1w",
    "subject_id": "22"
  },
  "cjv": 0.49502098969191194,
  "cnr": 2.8620231798059663,
  "efc": 0.5384733646839035,
  "fber": -1.0,
  "fwhm_avg": 5.048216666666667,
  "fwhm_x": 5.3492,
  "fwhm_y": 5.0363,
  "fwhm_z": 4.75915,
  "icvs_csf": 0.14877221809741553,
  "icvs_gm": 0.39114876436202334,
  "icvs_wm": 0.46007901754056113,
  "inu_med": 0.8502731323242188,
  "inu_range": 0.9051756054162978,
  "provenance": {
    "md5sum": "94957e1b718a61d9fbd85da2ea7fc6ac",
    "settings": {
      "testing": false
    },
    "software": "mriqc",
    "version": "23.0.1",
    "warnings": {
      "large_rot_frame": true,
      "small_air_mask": false
    },
    "webapi_port": null,
    "webapi_url": "https://mriqc.nimh.nih.gov/api/v1"
  },
  "qi_1": 0.0,
  "qi_2": 0.010288419631959355,
  "rpve_csf": 35.11581221263946,
  "rpve_gm": 13.38585106022223,
  "rpve_wm": 13.33287711834856,
  "size_x": 176,
  "size_y": 240,
  "size_z": 256,
  "snr_csf": 2.9870721309879174,
  "snr_gm": 15.540453922150892,
  "snr_total": 12.664770967920015,
  "snr_wm": 19.466786850621233,
  "snrd_csf": 26.522818519728826,
  "snrd_gm": 58.96395191576078,
  "snrd_total": 53.329303547690046,
  "snrd_wm": 74.50114020758053,
  "spacing_x": 1.0,
  "spacing_y": 1.0,
  "spacing_z": 1.0,
  "summary_bg_k": 3.6027382693892642,
  "summary_bg_mad": 0.0,
  "summary_bg_mean": 6.275252644024143,
  "summary_bg_median": 0.0,
  "summary_bg_n": 2508928.0,
  "summary_bg_p05": 0.0,
  "summary_bg_p95": 24.115848772227764,
  "summary_bg_stdv": 8.794150073971021,
  "summary_csf_k": 2.572005350161957,
  "summary_csf_mad": 100.8474034457242,
  "summary_csf_mean": 360.7640247433104,
  "summary_csf_median": 356.0260831899941,
  "summary_csf_n": 19521.0,
  "summary_csf_p05": 182.7727485895157,
  "summary_csf_p95": 559.9146228097379,
  "summary_csf_stdv": 119.18592802847758,
  "summary_gm_k": -0.05780176918324331,
  "summary_gm_mad": 51.663979373382034,
  "summary_gm_mean": 792.1346095805538,
  "summary_gm_median": 791.4960031248629,
  "summary_gm_n": 23258.0,
  "summary_gm_p05": 709.2742282977327,
  "summary_gm_p95": 876.3630211725831,
  "summary_gm_stdv": 50.9302361013538,
  "summary_wm_k": -0.03275260412503034,
  "summary_wm_mad": 51.578442983691005,
  "summary_wm_mean": 1003.7770820489551,
  "summary_wm_median": 1000.0577096119523,
  "summary_wm_n": 182371.0,
  "summary_wm_p05": 925.8639739155769,
  "summary_wm_p95": 1094.8479955755174,
  "summary_wm_stdv": 51.37236953689089,
  "tpm_overlap_csf": 0.1545772022231169,
  "tpm_overlap_gm": 0.4408467313270995,
  "tpm_overlap_wm": 0.4646431750800794,
  "wm2max": 0.3376183241790347
}