{
  "bids_meta": {
    "AcquisitionDateTime": "2016-05-25T10:45:41.392500",
    "AcquisitionMatrixPE": 240,
    "AcquisitionNumber": 1,
    "AcquisitionTime": "10:45:41.392500",
    "BaseResolution": 256,
    "ConversionSoftware": "dcm2niix",
    "ConversionSoftwareVersion": "v1.0.20180622 (JP2:OpenJPEG) GCC6.1.0",
    "DeviceSerialNumber": "35437",
    "DwellTime": 4e-06,
    "EchoTime": 0.0022,
    "FlipAngle": 13,
    "ImageOrientationPatientDICOM": [
      0,
      0.866025,
      -0.5,
      0,
      -0.5,
      -0.866025
    ],
    "ImageType": [
      "ORIGINAL",
      "PRIMARY",
      "M",
      "ND"
    ],
    "InPlanePhaseEncodingDirectionDICOM": "ROW",
    "InstitutionAddress": "Queen_Square_12_London_Southeast_GB_WC1N_3BG",
    "InstitutionName": "WTCN",
    "InstitutionalDepartmentName": "Department",
    "MRAcquisitionType": "3D",
    "MagneticFieldStrength": 3,
    "Manufacturer": "Siemens",
    "ManufacturersModelName": "TrioTim",
    "Modality": "MR",
    "PartialFourier": 0.75,
    "PatientID": "MQ03633",
    "PatientName": "MQ03633",
    "PatientPosition": "HFS",
    "PatientSex": "",
    "PercentPhaseFOV": 93.75,
    "PhaseEncodingSteps": 180,
    "PhaseResolution": 1,
    "PixelBandwidth": 488,
    "ProcedureStepDescription": "FIL_Johan_Carlin",
    "ProtocolName": "BasicT1_NoVBM_nw_mtflash3d_v3h",
    "PulseSequenceDetails": "%CustomerSeq%_nw_mtflash3d_v3h",
    "ReceiveCoilName": "32Ch_Head",
    "ReconMatrixPE": 256,
    "RepetitionTime": 2,
    "SAR": 0.193097,
    "ScanOptions": "PFP",
    "ScanningSequence": "RM",
    "SequenceName": "fl3d_3h3d1",
    "SequenceVariant": "SP",
    "SeriesDescription": "BasicT1_NoVBM_nw_mtflash3d_v3h",
    "SeriesInstanceUID": "1.3.12.2.1107.5.2.32.35437.201605251045381705973585.0.0.0",
    "SeriesNumber": 10,
    "ShimSetting": [
      26,
      -3958,
      267,
      548,
      -129,
      -145,
      -60,
      26
    ],
    "SliceThickness": 1,
    "SoftwareVersions": "syngo_MR_B17",
    "StationName": "MRC35437",
    "StudyID": "1",
    "StudyInstanceUID": "1.3.12.2.1107.5.2.32.35437.30000016052507570637500000004",
    "TxRefAmp": 302.113,
    "dataset": "ds004009",
    "modality": "T1w",
    "subject_id": "32"
  },
  "cjv": 0.5073526063953109,
  "cnr": 2.7985836466261995,
  "efc": 0.5455311547846273,
  "fber": -1.0,
  "fwhm_avg": 5.09586,
  "fwhm_x": 5.26003,
  "fwhm_y": 5.1509,
  "fwhm_z": 4.87665,
  "icvs_csf": 0.15094254913967722,
  "icvs_gm": 0.37341622593233914,
  "icvs_wm": 0.4756412249279836,
  "inu_med": 0.808752715587616,
  "inu_range": 0.859107255935669,
  "provenance": {
    "md5sum": "1e844181932b4f69ed04a32913207fa0",
    "settings": {
      "testing": false
    },
    "software": "mriqc",
    "version": "23.0.1",
    "warnings": {
      "large_rot_frame": true,
      "small_air_mask": false
    },
    "webapi_port": null,
    "webapi_url": "https://mriqc.nimh.nih.gov/api/v1"
  },
  "qi_1": 0.0,
  "qi_2": 0.010117277173201468,
  "rpve_csf": 32.83537989021255,
  "rpve_gm": 13.349284742424585,
  "rpve_wm": 12.740646284802102,
  "size_x": 176,
  "size_y": 240,
  "size_z": 256,
  "snr_csf": 2.5551563234050394,
  "snr_gm": 14.963704012261365,
  "snr_total": 12.89351673165178,
  "snr_wm": 21.161689859288934,
  "snrd_csf": 25.06779727584899,
  "snrd_gm": 58.53612065389176,
  "snrd_total": 52.29146817338491,
  "snrd_wm": 73.27048659041397,
  "spacing_x": 1.0,
  "spacing_y": 1.0,
  "spacing_z": 1.0,
  "summary_bg_k": 3.894931166748445,
  "summary_bg_mad": 0.0,
  "summary_bg_mean": 5.481939659741683,
  "summary_bg_median": 0.0,
  "summary_bg_n": 2497260.0,
  "summary_bg_p05": 0.0,
  "summary_bg_p95": 24.996852859854698,
  "summary_bg_stdv": 8.941904291722466,
  "summary_csf_k": 9.13794037765396,
  "summary_csf_mad": 107.6338264484824,
  "summary_csf_mean": 349.36849012584884,
  "summary_csf_median": 342.1483587920666,
  "summary_csf_n": 19686.0,
  "summary_csf_p05": 121.52122423052788,
  "summary_csf_p95": 571.3229058869183,
  "summary_csf_stdv": 133.90165815042175,
  "summary_gm_k": -0.03354175833508277,
  "summary_gm_mad": 54.517046527245206,
  "summary_gm_mean": 798.2834479201083,
  "summary_gm_median": 798.9548260420561,
  "summary_gm_n": 23786.0,
  "summary_gm_p05": 709.1676417142153,
  "summary_gm_p95": 884.2085760980844,
  "summary_gm_stdv": 53.39172911776543,
  "summary_wm_k": -0.03834037904060272,
  "summary_wm_mad": 47.515713497205155,
  "summary_wm_mean": 1003.166052201587,
  "summary_wm_median": 1000.0630074888468,
  "summary_wm_n": 224573.0,
  "summary_wm_p05": 931.1799923032522,
  "summary_wm_p95": 1086.2612230181694,
  "summary_wm_stdv": 47.25807757075615,
  "tpm_overlap_csf": 0.15992139964008584,
  "tpm_overlap_gm": 0.4320967662044961,
  "tpm_overlap_wm": 0.47727544867581767,
  "wm2max": 0.316197394171544
}