{
  "aor": 0.0032200769230769227,
  "aqi": 0.008582818384615384,
  "bids_meta": {
    "AcquisitionDateTime": "2016-07-04T10:44:46.742500",
    "AcquisitionMatrixPE": 64,
    "AcquisitionNumber": 1,
    "AcquisitionTime": "10:44:46.742500",
    "BaseResolution": 64,
    "ConversionSoftware": "dcm2niix",
    "ConversionSoftwareVersion": "v1.0.20180622 (JP2:OpenJPEG) GCC6.1.0",
    "DeviceSerialNumber": "35437",
    "DwellTime": 3.4e-06,
    "EchoTime": 0.03,
    "EffectiveEchoSpacing": 6.009615385e-05,
    "FlipAngle": 90,
    "ImageOrientationPatientDICOM": [
      1,
      0,
      0,
      0,
      0.866025,
      -0.5
    ],
    "ImageType": [
      "ORIGINAL",
      "PRIMARY",
      "M",
      "ND",
      "MOSAIC"
    ],
    "InPlanePhaseEncodingDirectionDICOM": "COL",
    "InstitutionAddress": "Queen_Square_12_London_Southeast_GB_WC1N_3BG",
    "InstitutionName": "FIL",
    "InstitutionalDepartmentName": "Department",
    "MRAcquisitionType": "2D",
    "MagneticFieldStrength": 3,
    "Manufacturer": "Siemens",
    "ManufacturersModelName": "TrioTim",
    "Modality": "MR",
    "PartialFourier": 1,
    "PatientID": "MQ03690",
    "PatientName": "MQ03690",
    "PatientPosition": "HFS",
    "PatientSex": "",
    "PercentPhaseFOV": 100,
    "PhaseEncodingDirection": "j-",
    "PhaseEncodingSteps": 74,
    "PhaseOversampling": 0.13,
    "PhaseResolution": 1,
    "PixelBandwidth": 2298,
    "ProcedureStepDescription": "FIL_Johan_Carlin",
    "ProtocolName": "al_mepi2d_3mm_v1a_standard",
    "PulseSequenceDetails": "%CustomerSeq%_al_mepi2d_3mm_v1a",
    "ReceiveCoilName": "32Ch_Head",
    "ReconMatrixPE": 64,
    "RepetitionTime": 2.8,
    "SAR": 0.1583,
    "ScanOptions": "FS",
    "ScanningSequence": "RM",
    "SequenceName": "alepi2d2d1",
    "SequenceVariant": "SP_OSP",
    "SeriesDescription": "al_mepi2d_3mm_v1a_standard",
    "SeriesInstanceUID": "1.3.12.2.1107.5.2.32.35437.2016070410423647826973843.0.0.0",
    "SeriesNumber": 9,
    "ShimSetting": [
      26,
      -3903,
      285,
      226,
      -109,
      -130,
      -29,
      121
    ],
    "SliceThickness": 2.5,
    "SliceTiming": [
      0,
      0.07,
      0.14,
      0.21,
      0.2825,
      0.3525,
      0.4225,
      0.4925,
      0.5625,
      0.6325,
      0.7025,
      0.7725,
      0.8425,
      0.915,
      0.985,
      1.055,
      1.125,
      1.195,
      1.265,
      1.335,
      1.405,
      1.475,
      1.5475,
      1.6175,
      1.6875,
      1.7575,
      1.8275,
      1.8975,
      1.9675,
      2.0375,
      2.1075,
      2.18,
      2.25,
      2.32,
      2.39,
      2.46,
      2.53,
      2.6,
      2.67,
      2.74
    ],
    "SoftwareVersions": "syngo_MR_B17",
    "SpacingBetweenSlices": 3,
    "StationName": "MRC35437",
    "StudyID": "1",
    "StudyInstanceUID": "1.3.12.2.1107.5.2.32.35437.30000016070407490796500000004",
    "TaskName": "exemplarLocaliser",
    "TxRefAmp": 298.845,
    "dataset": "ds004009",
    "modality": "bold",
    "subject_id": "11",
    "task_id": "exemplarLocaliser"
  },
  "dummy_trs": 2,
  "dvars_nstd": 23.526399074980674,
  "dvars_std": 1.045296078687259,
  "dvars_vstd": 0.9534117377606178,
  "efc": 0.6317042421492015,
  "fber": 183.20352172851562,
  "fd_mean": 0.1151134464948188,
  "fd_num": 23,
  "fd_perc": 8.846153846153847,
  "fwhm_avg": 2.2495655555555554,
  "fwhm_x": 2.1462166666666667,
  "fwhm_y": 2.26519,
  "fwhm_z": 2.33729,
  "gcor": 0.0117171,
  "gsr_x": -0.006037839688360691,
  "gsr_y": 0.07260685414075851,
  "provenance": {
    "md5sum": "ff73133560697ff162f012aed2cd8c06",
    "settings": {
      "fd_thres": 0.2,
      "testing": false
    },
    "software": "mriqc",
    "version": "23.0.1",
    "webapi_port": null,
    "webapi_url": "https://mriqc.nimh.nih.gov/api/v1"
  },
  "size_t": 260,
  "size_x": 64,
  "size_y": 64,
  "size_z": 40,
  "snr": 3.2929923732369106,
  "spacing_tr": 2.799999952316284,
  "spacing_x": 3.0,
  "spacing_y": 3.0,
  "spacing_z": 3.0,
  "summary_bg_k": 47.97903092357939,
  "summary_bg_mad": 17.201036762261833,
  "summary_bg_mean": 69.43281555175781,
  "summary_bg_median": 37.275001525878906,
  "summary_bg_n": 86574.0,
  "summary_bg_p05": 23.979423618316652,
  "summary_bg_p95": 217.67192687988273,
  "summary_bg_stdv": 93.25077819824219,
  "summary_fg_k": 0.7388871393349139,
  "summary_fg_mad": 145.77403077070593,
  "summary_fg_mean": 537.2080078125,
  "summary_fg_median": 513.1769409179688,
  "summary_fg_n": 39365.0,
  "summary_fg_p05": 325.1607666015625,
  "summary_fg_p95": 825.5945922851562,
  "summary_fg_stdv": 155.8371124267578,
  "tsnr": 40.86183472536504
}