{
  "aor": 0.0023756756756756754,
  "aqi": 0.00980071888030888,
  "bids_meta": {
    "AcquisitionDateTime": "2016-07-04T09:47:54.565000",
    "AcquisitionMatrixPE": 64,
    "AcquisitionNumber": 1,
    "AcquisitionTime": "09:47:54.565000",
    "BaseResolution": 64,
    "ConversionSoftware": "dcm2niix",
    "ConversionSoftwareVersion": "v1.0.20180622 (JP2:OpenJPEG) GCC6.1.0",
    "DeviceSerialNumber": "35437",
    "DwellTime": 3.4e-06,
    "EchoTime": 0.03,
    "EffectiveEchoSpacing": 6.009615385e-05,
    "FlipAngle": 90,
    "ImageOrientationPatientDICOM": [
      1,
      0,
      0,
      0,
      0.866025,
      -0.5
    ],
    "ImageType": [
      "ORIGINAL",
      "PRIMARY",
      "M",
      "ND",
      "MOSAIC"
    ],
    "InPlanePhaseEncodingDirectionDICOM": "COL",
    "InstitutionAddress": "Queen_Square_12_London_Southeast_GB_WC1N_3BG",
    "InstitutionName": "FIL",
    "InstitutionalDepartmentName": "Department",
    "MRAcquisitionType": "2D",
    "MagneticFieldStrength": 3,
    "Manufacturer": "Siemens",
    "ManufacturersModelName": "TrioTim",
    "Modality": "MR",
    "PartialFourier": 1,
    "PatientID": "MQ03690",
    "PatientName": "MQ03690",
    "PatientPosition": "HFS",
    "PatientSex": "",
    "PercentPhaseFOV": 100,
    "PhaseEncodingDirection": "j-",
    "PhaseEncodingSteps": 74,
    "PhaseOversampling": 0.13,
    "PhaseResolution": 1,
    "PixelBandwidth": 2298,
    "ProcedureStepDescription": "FIL_Johan_Carlin",
    "ProtocolName": "al_mepi2d_3mm_v1a_standard",
    "PulseSequenceDetails": "%CustomerSeq%_al_mepi2d_3mm_v1a",
    "ReceiveCoilName": "32Ch_Head",
    "ReconMatrixPE": 64,
    "RepetitionTime": 2.8,
    "SAR": 0.1583,
    "ScanOptions": "FS",
    "ScanningSequence": "RM",
    "SequenceName": "alepi2d2d1",
    "SequenceVariant": "SP_OSP",
    "SeriesDescription": "al_mepi2d_3mm_v1a_standard",
    "SeriesInstanceUID": "1.3.12.2.1107.5.2.32.35437.20160704094309994645963.0.0.0",
    "SeriesNumber": 5,
    "ShimSetting": [
      26,
      -3903,
      285,
      226,
      -109,
      -130,
      -29,
      121
    ],
    "SliceThickness": 2.5,
    "SliceTiming": [
      0,
      0.07,
      0.14,
      0.21,
      0.28,
      0.35,
      0.42,
      0.4925,
      0.5625,
      0.6325,
      0.7025,
      0.7725,
      0.8425,
      0.9125,
      0.9825,
      1.0525,
      1.125,
      1.195,
      1.265,
      1.335,
      1.405,
      1.475,
      1.545,
      1.615,
      1.685,
      1.7575,
      1.8275,
      1.8975,
      1.9675,
      2.0375,
      2.1075,
      2.1775,
      2.2475,
      2.3175,
      2.39,
      2.46,
      2.53,
      2.6,
      2.67,
      2.74
    ],
    "SoftwareVersions": "syngo_MR_B17",
    "SpacingBetweenSlices": 3,
    "StationName": "MRC35437",
    "StudyID": "1",
    "StudyInstanceUID": "1.3.12.2.1107.5.2.32.35437.30000016070407490796500000004",
    "TaskName": "memsamp",
    "TxRefAmp": 298.845,
    "dataset": "ds004009",
    "modality": "bold",
    "run_id": 1,
    "subject_id": "11",
    "task_id": "memsamp"
  },
  "dummy_trs": 3,
  "dvars_nstd": 21.76226984833333,
  "dvars_std": 0.994412228604651,
  "dvars_vstd": 0.9229930863953485,
  "efc": 0.6271616712948558,
  "fber": 193.197509765625,
  "fd_mean": 0.08683333914440415,
  "fd_num": 6,
  "fd_perc": 2.3166023166023164,
  "fwhm_avg": 2.259387777777778,
  "fwhm_x": 2.1580533333333336,
  "fwhm_y": 2.2811533333333336,
  "fwhm_z": 2.338956666666667,
  "gcor": 0.00546623,
  "gsr_x": -0.0063087791204452515,
  "gsr_y": 0.07463128864765167,
  "provenance": {
    "md5sum": "5cb4d80ada9a3b393cb7feca0a268990",
    "settings": {
      "fd_thres": 0.2,
      "testing": false
    },
    "software": "mriqc",
    "version": "23.0.1",
    "webapi_port": null,
    "webapi_url": "https://mriqc.nimh.nih.gov/api/v1"
  },
  "size_t": 259,
  "size_x": 64,
  "size_y": 64,
  "size_z": 40,
  "snr": 3.288890298880671,
  "spacing_tr": 2.799999952316284,
  "spacing_x": 3.0,
  "spacing_y": 3.0,
  "spacing_z": 3.0,
  "summary_bg_k": 50.39259655499746,
  "summary_bg_mad": 16.1197190816763,
  "summary_bg_mean": 66.22571563720703,
  "summary_bg_median": 36.11968994140625,
  "summary_bg_n": 86702.0,
  "summary_bg_p05": 23.56389856338501,
  "summary_bg_p95": 203.8250900268554,
  "summary_bg_stdv": 90.09477233886719,
  "summary_fg_k": 0.7594858066612828,
  "summary_fg_mad": 144.74261597050287,
  "summary_fg_mean": 532.4925537109375,
  "summary_fg_median": 507.9246826171875,
  "summary_fg_n": 39234.0,
  "summary_fg_p05": 322.20346679687503,
  "summary_fg_p95": 820.465213012695,
  "summary_fg_stdv": 154.4345245361328,
  "tsnr": 40.83464621612802
}