{
  "aor": 0.0007347307692307691,
  "aqi": 0.004049338038461539,
  "bids_meta": {
    "AcquisitionDateTime": "2016-08-10T11:17:6.187500",
    "AcquisitionMatrixPE": 64,
    "AcquisitionNumber": 1,
    "AcquisitionTime": "11:17:6.187500",
    "BaseResolution": 64,
    "ConversionSoftware": "dcm2niix",
    "ConversionSoftwareVersion": "v1.0.20180622 (JP2:OpenJPEG) GCC6.1.0",
    "DeviceSerialNumber": "35437",
    "DwellTime": 3.4e-06,
    "EchoTime": 0.03,
    "EffectiveEchoSpacing": 6.009615385e-05,
    "FlipAngle": 90,
    "ImageOrientationPatientDICOM": [
      1,
      0,
      0,
      0,
      0.866025,
      -0.5
    ],
    "ImageType": [
      "ORIGINAL",
      "PRIMARY",
      "M",
      "ND",
      "MOSAIC"
    ],
    "InPlanePhaseEncodingDirectionDICOM": "COL",
    "InstitutionAddress": "Queen_Square_12_London_Southeast_GB_WC1N_3BG",
    "InstitutionName": "FIL",
    "InstitutionalDepartmentName": "Department",
    "MRAcquisitionType": "2D",
    "MagneticFieldStrength": 3,
    "Manufacturer": "Siemens",
    "ManufacturersModelName": "TrioTim",
    "Modality": "MR",
    "PartialFourier": 1,
    "PatientID": "MQ03736",
    "PatientName": "MQ03736",
    "PatientPosition": "HFS",
    "PatientSex": "",
    "PercentPhaseFOV": 100,
    "PhaseEncodingDirection": "j-",
    "PhaseEncodingSteps": 74,
    "PhaseOversampling": 0.13,
    "PhaseResolution": 1,
    "PixelBandwidth": 2298,
    "ProcedureStepDescription": "FIL_Johan_Carlin",
    "ProtocolName": "al_mepi2d_3mm_v1a_standard",
    "PulseSequenceDetails": "%CustomerSeq%_al_mepi2d_3mm_v1a",
    "ReceiveCoilName": "32Ch_Head",
    "ReconMatrixPE": 64,
    "RepetitionTime": 2.8,
    "SAR": 0.18994,
    "ScanOptions": "FS",
    "ScanningSequence": "RM",
    "SequenceName": "alepi2d2d1",
    "SequenceVariant": "SP_OSP",
    "SeriesDescription": "al_mepi2d_3mm_v1a_standard",
    "SeriesInstanceUID": "1.3.12.2.1107.5.2.32.35437.2016081011153521376873400.0.0.0",
    "SeriesNumber": 9,
    "ShimSetting": [
      -5,
      -3871,
      356,
      454,
      88,
      294,
      132,
      199
    ],
    "SliceThickness": 2.5,
    "SliceTiming": [
      0,
      0.07,
      0.14,
      0.21,
      0.28,
      0.35,
      0.42,
      0.49,
      0.5625,
      0.6325,
      0.7025,
      0.7725,
      0.8425,
      0.9125,
      0.9825,
      1.0525,
      1.1225,
      1.195,
      1.265,
      1.335,
      1.405,
      1.475,
      1.545,
      1.615,
      1.685,
      1.7575,
      1.8275,
      1.8975,
      1.9675,
      2.0375,
      2.1075,
      2.1775,
      2.2475,
      2.3175,
      2.39,
      2.46,
      2.53,
      2.6,
      2.67,
      2.74
    ],
    "SoftwareVersions": "syngo_MR_B17",
    "SpacingBetweenSlices": 3,
    "StationName": "MRC35437",
    "StudyID": "1",
    "StudyInstanceUID": "1.3.12.2.1107.5.2.32.35437.30000016081008084981100000004",
    "TaskName": "motionLocaliser",
    "TxRefAmp": 303.524,
    "dataset": "ds004009",
    "modality": "bold",
    "subject_id": "07",
    "task_id": "motionLocaliser"
  },
  "dummy_trs": 2,
  "dvars_nstd": 22.434347786100375,
  "dvars_std": 1.1300560216988416,
  "dvars_vstd": 0.9306275263320459,
  "efc": 0.5875210517698936,
  "fber": 340.1873474121094,
  "fd_mean": 0.0667738687884631,
  "fd_num": 0,
  "fd_perc": 0.0,
  "fwhm_avg": 2.547464444444444,
  "fwhm_x": 2.473813333333333,
  "fwhm_y": 2.497523333333333,
  "fwhm_z": 2.671056666666667,
  "gcor": 0.0111422,
  "gsr_x": -0.03404523804783821,
  "gsr_y": 0.07481048256158829,
  "provenance": {
    "md5sum": "4e512333b414998c051823278e39f5fe",
    "settings": {
      "fd_thres": 0.2,
      "testing": false
    },
    "software": "mriqc",
    "version": "23.0.1",
    "webapi_port": null,
    "webapi_url": "https://mriqc.nimh.nih.gov/api/v1"
  },
  "size_t": 260,
  "size_x": 64,
  "size_y": 64,
  "size_z": 40,
  "snr": 2.7448741411539506,
  "spacing_tr": 2.799999952316284,
  "spacing_x": 3.0,
  "spacing_y": 3.0,
  "spacing_z": 3.0,
  "summary_bg_k": 44.37787585543569,
  "summary_bg_mad": 8.502153404496685,
  "summary_bg_mean": 57.693172454833984,
  "summary_bg_median": 30.319231033325195,
  "summary_bg_n": 89285.0,
  "summary_bg_p05": 23.230770111083984,
  "summary_bg_p95": 189.31153564453143,
  "summary_bg_stdv": 79.75299835205078,
  "summary_fg_k": 1.3370011470132823,
  "summary_fg_mad": 182.47694181937752,
  "summary_fg_mean": 615.5020141601562,
  "summary_fg_median": 572.857666015625,
  "summary_fg_n": 37724.0,
  "summary_fg_p05": 356.66114501953126,
  "summary_fg_p95": 1025.0396484374999,
  "summary_fg_stdv": 208.6981201171875,
  "tsnr": 63.90649862587452
}