{
  "aor": 0.0012060384615384615,
  "aqi": 0.0035312841538461537,
  "bids_meta": {
    "AcquisitionDateTime": "2016-08-10T10:49:2.192500",
    "AcquisitionMatrixPE": 64,
    "AcquisitionNumber": 1,
    "AcquisitionTime": "10:49:2.192500",
    "BaseResolution": 64,
    "ConversionSoftware": "dcm2niix",
    "ConversionSoftwareVersion": "v1.0.20180622 (JP2:OpenJPEG) GCC6.1.0",
    "DeviceSerialNumber": "35437",
    "DwellTime": 3.4e-06,
    "EchoTime": 0.03,
    "EffectiveEchoSpacing": 6.009615385e-05,
    "FlipAngle": 90,
    "ImageOrientationPatientDICOM": [
      1,
      0,
      0,
      0,
      0.866025,
      -0.5
    ],
    "ImageType": [
      "ORIGINAL",
      "PRIMARY",
      "M",
      "ND",
      "MOSAIC"
    ],
    "InPlanePhaseEncodingDirectionDICOM": "COL",
    "InstitutionAddress": "Queen_Square_12_London_Southeast_GB_WC1N_3BG",
    "InstitutionName": "FIL",
    "InstitutionalDepartmentName": "Department",
    "MRAcquisitionType": "2D",
    "MagneticFieldStrength": 3,
    "Manufacturer": "Siemens",
    "ManufacturersModelName": "TrioTim",
    "Modality": "MR",
    "PartialFourier": 1,
    "PatientID": "MQ03736",
    "PatientName": "MQ03736",
    "PatientPosition": "HFS",
    "PatientSex": "",
    "PercentPhaseFOV": 100,
    "PhaseEncodingDirection": "j-",
    "PhaseEncodingSteps": 74,
    "PhaseOversampling": 0.13,
    "PhaseResolution": 1,
    "PixelBandwidth": 2298,
    "ProcedureStepDescription": "FIL_Johan_Carlin",
    "ProtocolName": "al_mepi2d_3mm_v1a_standard",
    "PulseSequenceDetails": "%CustomerSeq%_al_mepi2d_3mm_v1a",
    "ReceiveCoilName": "32Ch_Head",
    "ReconMatrixPE": 64,
    "RepetitionTime": 2.8,
    "SAR": 0.18994,
    "ScanOptions": "FS",
    "ScanningSequence": "RM",
    "SequenceName": "alepi2d2d1",
    "SequenceVariant": "SP_OSP",
    "SeriesDescription": "al_mepi2d_3mm_v1a_standard",
    "SeriesInstanceUID": "1.3.12.2.1107.5.2.32.35437.2016081010473664685109460.0.0.0",
    "SeriesNumber": 7,
    "ShimSetting": [
      -5,
      -3871,
      356,
      454,
      88,
      294,
      132,
      199
    ],
    "SliceThickness": 2.5,
    "SliceTiming": [
      0,
      0.07,
      0.14,
      0.21,
      0.28,
      0.35,
      0.42,
      0.4925,
      0.5625,
      0.6325,
      0.7025,
      0.7725,
      0.8425,
      0.9125,
      0.9825,
      1.055,
      1.125,
      1.195,
      1.265,
      1.335,
      1.405,
      1.475,
      1.545,
      1.615,
      1.6875,
      1.7575,
      1.8275,
      1.8975,
      1.9675,
      2.0375,
      2.1075,
      2.1775,
      2.2475,
      2.32,
      2.39,
      2.46,
      2.53,
      2.6,
      2.67,
      2.74
    ],
    "SoftwareVersions": "syngo_MR_B17",
    "SpacingBetweenSlices": 3,
    "StationName": "MRC35437",
    "StudyID": "1",
    "StudyInstanceUID": "1.3.12.2.1107.5.2.32.35437.30000016081008084981100000004",
    "TaskName": "memsamp",
    "TxRefAmp": 303.524,
    "dataset": "ds004009",
    "modality": "bold",
    "run_id": 3,
    "subject_id": "07",
    "task_id": "memsamp"
  },
  "dummy_trs": 2,
  "dvars_nstd": 24.173474433359065,
  "dvars_std": 1.2083598132818534,
  "dvars_vstd": 0.9624409883783785,
  "efc": 0.5863104832116468,
  "fber": 354.5967102050781,
  "fd_mean": 0.06676358263965378,
  "fd_num": 0,
  "fd_perc": 0.0,
  "fwhm_avg": 2.530396666666667,
  "fwhm_x": 2.4585666666666666,
  "fwhm_y": 2.5004866666666667,
  "fwhm_z": 2.632136666666667,
  "gcor": 0.0127972,
  "gsr_x": -0.033263903111219406,
  "gsr_y": 0.07576944679021835,
  "provenance": {
    "md5sum": "cecd7d6150ba5e945a692b1a0f93d407",
    "settings": {
      "fd_thres": 0.2,
      "testing": false
    },
    "software": "mriqc",
    "version": "23.0.1",
    "webapi_port": null,
    "webapi_url": "https://mriqc.nimh.nih.gov/api/v1"
  },
  "size_t": 260,
  "size_x": 64,
  "size_y": 64,
  "size_z": 40,
  "snr": 2.749674659810859,
  "spacing_tr": 2.799999952316284,
  "spacing_x": 3.0,
  "spacing_y": 3.0,
  "spacing_z": 3.0,
  "summary_bg_k": 47.791198708500254,
  "summary_bg_mad": 7.167811973409505,
  "summary_bg_mean": 56.3995361328125,
  "summary_bg_median": 29.47307777404785,
  "summary_bg_n": 89012.0,
  "summary_bg_p05": 24.100000381469727,
  "summary_bg_p95": 181.94288330078118,
  "summary_bg_stdv": 79.09709930419922,
  "summary_fg_k": 1.3702807938370993,
  "summary_fg_mad": 181.09417364003002,
  "summary_fg_mean": 612.8856811523438,
  "summary_fg_median": 570.751953125,
  "summary_fg_n": 37828.0,
  "summary_fg_p05": 355.402685546875,
  "summary_fg_p95": 1024.036184692383,
  "summary_fg_stdv": 207.56797790527344,
  "tsnr": 64.37684538774192
}