{
  "aor": 0.001175019305019305,
  "aqi": 0.0048574011969111965,
  "bids_meta": {
    "AcquisitionDateTime": "2016-08-10T10:35:11.462500",
    "AcquisitionMatrixPE": 64,
    "AcquisitionNumber": 1,
    "AcquisitionTime": "10:35:11.462500",
    "BaseResolution": 64,
    "ConversionSoftware": "dcm2niix",
    "ConversionSoftwareVersion": "v1.0.20180622 (JP2:OpenJPEG) GCC6.1.0",
    "DeviceSerialNumber": "35437",
    "DwellTime": 3.4e-06,
    "EchoTime": 0.03,
    "EffectiveEchoSpacing": 6.009615385e-05,
    "FlipAngle": 90,
    "ImageOrientationPatientDICOM": [
      1,
      0,
      0,
      0,
      0.866025,
      -0.5
    ],
    "ImageType": [
      "ORIGINAL",
      "PRIMARY",
      "M",
      "ND",
      "MOSAIC"
    ],
    "InPlanePhaseEncodingDirectionDICOM": "COL",
    "InstitutionAddress": "Queen_Square_12_London_Southeast_GB_WC1N_3BG",
    "InstitutionName": "FIL",
    "InstitutionalDepartmentName": "Department",
    "MRAcquisitionType": "2D",
    "MagneticFieldStrength": 3,
    "Manufacturer": "Siemens",
    "ManufacturersModelName": "TrioTim",
    "Modality": "MR",
    "PartialFourier": 1,
    "PatientID": "MQ03736",
    "PatientName": "MQ03736",
    "PatientPosition": "HFS",
    "PatientSex": "",
    "PercentPhaseFOV": 100,
    "PhaseEncodingDirection": "j-",
    "PhaseEncodingSteps": 74,
    "PhaseOversampling": 0.13,
    "PhaseResolution": 1,
    "PixelBandwidth": 2298,
    "ProcedureStepDescription": "FIL_Johan_Carlin",
    "ProtocolName": "al_mepi2d_3mm_v1a_standard",
    "PulseSequenceDetails": "%CustomerSeq%_al_mepi2d_3mm_v1a",
    "ReceiveCoilName": "32Ch_Head",
    "ReconMatrixPE": 64,
    "RepetitionTime": 2.8,
    "SAR": 0.18994,
    "ScanOptions": "FS",
    "ScanningSequence": "RM",
    "SequenceName": "alepi2d2d1",
    "SequenceVariant": "SP_OSP",
    "SeriesDescription": "al_mepi2d_3mm_v1a_standard",
    "SeriesInstanceUID": "1.3.12.2.1107.5.2.32.35437.2016081010334334345077490.0.0.0",
    "SeriesNumber": 6,
    "ShimSetting": [
      -5,
      -3871,
      356,
      454,
      88,
      294,
      132,
      199
    ],
    "SliceThickness": 2.5,
    "SliceTiming": [
      0,
      0.07,
      0.14,
      0.2125,
      0.2825,
      0.3525,
      0.4225,
      0.4925,
      0.5625,
      0.6325,
      0.7025,
      0.7725,
      0.845,
      0.915,
      0.985,
      1.055,
      1.125,
      1.195,
      1.265,
      1.335,
      1.405,
      1.4775,
      1.5475,
      1.6175,
      1.6875,
      1.7575,
      1.8275,
      1.8975,
      1.9675,
      2.0375,
      2.11,
      2.18,
      2.25,
      2.32,
      2.39,
      2.46,
      2.53,
      2.6,
      2.67,
      2.7425
    ],
    "SoftwareVersions": "syngo_MR_B17",
    "SpacingBetweenSlices": 3,
    "StationName": "MRC35437",
    "StudyID": "1",
    "StudyInstanceUID": "1.3.12.2.1107.5.2.32.35437.30000016081008084981100000004",
    "TaskName": "memsamp",
    "TxRefAmp": 303.524,
    "dataset": "ds004009",
    "modality": "bold",
    "run_id": 2,
    "subject_id": "07",
    "task_id": "memsamp"
  },
  "dummy_trs": 3,
  "dvars_nstd": 24.020353864379825,
  "dvars_std": 1.1711391109302334,
  "dvars_vstd": 0.9386841391472865,
  "efc": 0.5852500677540972,
  "fber": 355.5596618652344,
  "fd_mean": 0.06839983707983698,
  "fd_num": 0,
  "fd_perc": 0.0,
  "fwhm_avg": 2.517056666666667,
  "fwhm_x": 2.4414666666666665,
  "fwhm_y": 2.4741633333333333,
  "fwhm_z": 2.63554,
  "gcor": 0.0109134,
  "gsr_x": -0.03300512954592705,
  "gsr_y": 0.07436247169971466,
  "provenance": {
    "md5sum": "5f23d8b6401707c8c6544d461fe74bf8",
    "settings": {
      "fd_thres": 0.2,
      "testing": false
    },
    "software": "mriqc",
    "version": "23.0.1",
    "webapi_port": null,
    "webapi_url": "https://mriqc.nimh.nih.gov/api/v1"
  },
  "size_t": 259,
  "size_x": 64,
  "size_y": 64,
  "size_z": 40,
  "snr": 2.757023671041812,
  "spacing_tr": 2.799999952316284,
  "spacing_x": 3.0,
  "spacing_y": 3.0,
  "spacing_z": 3.0,
  "summary_bg_k": 50.112792794023584,
  "summary_bg_mad": 7.836611524398231,
  "summary_bg_mean": 55.58638000488281,
  "summary_bg_median": 29.52895736694336,
  "summary_bg_n": 88980.0,
  "summary_bg_p05": 22.95366668701172,
  "summary_bg_p95": 178.44420852661156,
  "summary_bg_stdv": 78.21310424804688,
  "summary_fg_k": 1.371336372191478,
  "summary_fg_mad": 181.07211649337714,
  "summary_fg_mean": 612.4571533203125,
  "summary_fg_median": 570.5675659179688,
  "summary_fg_n": 37829.0,
  "summary_fg_p05": 355.24091796875,
  "summary_fg_p95": 1020.5343505859374,
  "summary_fg_stdv": 206.94781494140625,
  "tsnr": 58.02751854015514
}