{
  "bids_meta": {
    "AcquisitionDateTime": "2016-05-25T16:39:2.915000",
    "AcquisitionMatrixPE": 240,
    "AcquisitionNumber": 1,
    "AcquisitionTime": "16:39:2.915000",
    "BaseResolution": 256,
    "ConversionSoftware": "dcm2niix",
    "ConversionSoftwareVersion": "v1.0.20180622 (JP2:OpenJPEG) GCC6.1.0",
    "DeviceSerialNumber": "35437",
    "DwellTime": 4e-06,
    "EchoTime": 0.0022,
    "FlipAngle": 13,
    "ImageOrientationPatientDICOM": [
      0,
      0.866025,
      -0.5,
      0,
      -0.5,
      -0.866025
    ],
    "ImageType": [
      "ORIGINAL",
      "PRIMARY",
      "M",
      "ND"
    ],
    "InPlanePhaseEncodingDirectionDICOM": "ROW",
    "InstitutionAddress": "Queen_Square_12_London_Southeast_GB_WC1N_3BG",
    "InstitutionName": "WTCN",
    "InstitutionalDepartmentName": "Department",
    "MRAcquisitionType": "3D",
    "MagneticFieldStrength": 3,
    "Manufacturer": "Siemens",
    "ManufacturersModelName": "TrioTim",
    "Modality": "MR",
    "PartialFourier": 0.75,
    "PatientID": "MQ03636",
    "PatientName": "MQ03636",
    "PatientPosition": "HFS",
    "PatientSex": "",
    "PercentPhaseFOV": 93.75,
    "PhaseEncodingSteps": 180,
    "PhaseResolution": 1,
    "PixelBandwidth": 488,
    "ProcedureStepDescription": "FIL_Johan_Carlin",
    "ProtocolName": "BasicT1_NoVBM_nw_mtflash3d_v3h",
    "PulseSequenceDetails": "%CustomerSeq%_nw_mtflash3d_v3h",
    "ReceiveCoilName": "32Ch_Head",
    "ReconMatrixPE": 256,
    "RepetitionTime": 2,
    "SAR": 0.245723,
    "ScanOptions": "PFP",
    "ScanningSequence": "RM",
    "SequenceName": "fl3d_3h3d1",
    "SequenceVariant": "SP",
    "SeriesDescription": "BasicT1_NoVBM_nw_mtflash3d_v3h",
    "SeriesInstanceUID": "1.3.12.2.1107.5.2.32.35437.2016052516383973879226356.0.0.0",
    "SeriesNumber": 11,
    "ShimSetting": [
      43,
      -4172,
      313,
      561,
      -26,
      -422,
      483,
      84
    ],
    "SliceThickness": 1,
    "SoftwareVersions": "syngo_MR_B17",
    "StationName": "MRC35437",
    "StudyID": "1",
    "StudyInstanceUID": "1.3.12.2.1107.5.2.32.35437.30000016052507570637500000013",
    "TxRefAmp": 303.393,
    "dataset": "ds004009",
    "modality": "T1w",
    "subject_id": "01"
  },
  "cjv": 0.47938706204802284,
  "cnr": 2.9083122555332177,
  "efc": 0.5466859286480847,
  "fber": -1.0,
  "fwhm_avg": 5.14658,
  "fwhm_x": 5.23796,
  "fwhm_y": 5.03284,
  "fwhm_z": 5.16894,
  "icvs_csf": 0.19177149505647065,
  "icvs_gm": 0.3522969365871474,
  "icvs_wm": 0.45593156835638193,
  "inu_med": 0.8838995099067688,
  "inu_range": 0.8917796462774277,
  "provenance": {
    "md5sum": "d09f559f5da9cc7b2a66e805f3854e1a",
    "settings": {
      "testing": false
    },
    "software": "mriqc",
    "version": "23.0.1",
    "warnings": {
      "large_rot_frame": true,
      "small_air_mask": false
    },
    "webapi_port": null,
    "webapi_url": "https://mriqc.nimh.nih.gov/api/v1"
  },
  "qi_1": 0.0,
  "qi_2": 0.00853656231258118,
  "rpve_csf": 24.74207487487856,
  "rpve_gm": 12.61541835493607,
  "rpve_wm": 11.955215895637412,
  "size_x": 176,
  "size_y": 240,
  "size_z": 256,
  "snr_csf": 3.0186389359648453,
  "snr_gm": 15.523591183695467,
  "snr_total": 13.1591008680755,
  "snr_wm": 20.93507248456619,
  "snrd_csf": 24.665939765057164,
  "snrd_gm": 62.044769760312235,
  "snrd_total": 54.921818680617285,
  "snrd_wm": 78.05474651648247,
  "spacing_x": 1.0,
  "spacing_y": 1.0,
  "spacing_z": 1.0,
  "summary_bg_k": 5.82631021072959,
  "summary_bg_mad": 0.0,
  "summary_bg_mean": 5.7752008631250495,
  "summary_bg_median": 0.0,
  "summary_bg_n": 2340207.0,
  "summary_bg_p05": 0.0,
  "summary_bg_p95": 21.918588541448116,
  "summary_bg_stdv": 8.393771554277004,
  "summary_csf_k": 1.7474478997741576,
  "summary_csf_mad": 75.54392326822308,
  "summary_csf_mean": 338.69797765052414,
  "summary_csf_median": 316.02619478851557,
  "summary_csf_n": 61116.0,
  "summary_csf_p05": 213.93396387435496,
  "summary_csf_p95": 532.4936059098691,
  "summary_csf_stdv": 104.69076163787689,
  "summary_gm_k": 0.0870768859917126,
  "summary_gm_mad": 50.81278414242491,
  "summary_gm_mean": 795.0845906767742,
  "summary_gm_median": 794.9331215694547,
  "summary_gm_n": 21052.0,
  "summary_gm_p05": 710.2192001417279,
  "summary_gm_p95": 878.2806894257665,
  "summary_gm_stdv": 51.20685231340668,
  "summary_wm_k": 0.11576958488841704,
  "summary_wm_mad": 47.52092603353027,
  "summary_wm_mean": 1003.2564510107645,
  "summary_wm_median": 1000.0569514781237,
  "summary_wm_n": 244242.0,
  "summary_wm_p05": 931.2838217169046,
  "summary_wm_p95": 1087.6174428462982,
  "summary_wm_stdv": 47.76935474891454,
  "tpm_overlap_csf": 0.16416137184897947,
  "tpm_overlap_gm": 0.4008508549979044,
  "tpm_overlap_wm": 0.45966212606406326,
  "wm2max": 0.33105293907012684
}