{
  "bids_meta": {
    "AcquisitionDateTime": "2016-06-03T15:30:59.152500",
    "AcquisitionMatrixPE": 240,
    "AcquisitionNumber": 1,
    "AcquisitionTime": "15:30:59.152500",
    "BaseResolution": 256,
    "ConversionSoftware": "dcm2niix",
    "ConversionSoftwareVersion": "v1.0.20180622 (JP2:OpenJPEG) GCC6.1.0",
    "DeviceSerialNumber": "35437",
    "DwellTime": 4e-06,
    "EchoTime": 0.0022,
    "FlipAngle": 13,
    "ImageOrientationPatientDICOM": [
      0,
      0.866025,
      -0.5,
      0,
      -0.5,
      -0.866025
    ],
    "ImageType": [
      "ORIGINAL",
      "PRIMARY",
      "M",
      "ND"
    ],
    "InPlanePhaseEncodingDirectionDICOM": "ROW",
    "InstitutionAddress": "Queen_Square_12_London_Southeast_GB_WC1N_3BG",
    "InstitutionName": "Functional_Imaging_Laboratory",
    "InstitutionalDepartmentName": "Department",
    "MRAcquisitionType": "3D",
    "MagneticFieldStrength": 3,
    "Manufacturer": "Siemens",
    "ManufacturersModelName": "TrioTim",
    "Modality": "MR",
    "PartialFourier": 0.75,
    "PatientID": "MQ03652",
    "PatientName": "MQ03652",
    "PatientPosition": "HFS",
    "PatientSex": "",
    "PercentPhaseFOV": 93.75,
    "PhaseEncodingSteps": 180,
    "PhaseResolution": 1,
    "PixelBandwidth": 488,
    "ProcedureStepDescription": "FIL_Johan_Carlin",
    "ProtocolName": "BasicT1_NoVBM_nw_mtflash3d_v3h",
    "PulseSequenceDetails": "%CustomerSeq%_nw_mtflash3d_v3h",
    "ReceiveCoilName": "32Ch_Head",
    "ReconMatrixPE": 256,
    "RepetitionTime": 2,
    "SAR": 0.251058,
    "ScanOptions": "PFP",
    "ScanningSequence": "RM",
    "SequenceName": "fl3d_3h3d1",
    "SequenceVariant": "SP",
    "SeriesDescription": "BasicT1_NoVBM_nw_mtflash3d_v3h",
    "SeriesInstanceUID": "1.3.12.2.1107.5.2.32.35437.2016060315305688455795895.0.0.0",
    "SeriesNumber": 10,
    "ShimSetting": [
      9,
      -4021,
      332,
      530,
      0,
      -263,
      54,
      160
    ],
    "SliceThickness": 1,
    "SoftwareVersions": "syngo_MR_B17",
    "StationName": "MRC35437",
    "StudyID": "1",
    "StudyInstanceUID": "1.3.12.2.1107.5.2.32.35437.30000016060307564301900000010",
    "TxRefAmp": 310.854,
    "dataset": "ds004009",
    "modality": "T1w",
    "subject_id": "20"
  },
  "cjv": 0.526298883836815,
  "cnr": 2.6605090210192057,
  "efc": 0.614993634196375,
  "fber": 23681.470521442923,
  "fwhm_avg": 5.705003333333333,
  "fwhm_x": 5.76734,
  "fwhm_y": 5.72669,
  "fwhm_z": 5.62098,
  "icvs_csf": 0.15759955446726479,
  "icvs_gm": 0.37927932363756606,
  "icvs_wm": 0.4631211218951692,
  "inu_med": 0.880090594291687,
  "inu_range": 0.9706311106681823,
  "provenance": {
    "md5sum": "bb7f02a26111521fd65264699a61c5b0",
    "settings": {
      "testing": false
    },
    "software": "mriqc",
    "version": "23.0.1",
    "warnings": {
      "large_rot_frame": true,
      "small_air_mask": false
    },
    "webapi_port": null,
    "webapi_url": "https://mriqc.nimh.nih.gov/api/v1"
  },
  "qi_1": 0.0,
  "qi_2": 0.008745669760276529,
  "rpve_csf": 26.775180147306074,
  "rpve_gm": 11.011990517005563,
  "rpve_wm": 10.617529880478088,
  "size_x": 176,
  "size_y": 240,
  "size_z": 256,
  "snr_csf": 3.183193074400778,
  "snr_gm": 16.319093942630634,
  "snr_total": 13.127909176940966,
  "snr_wm": 19.881440513791482,
  "snrd_csf": 27.872418927243,
  "snrd_gm": 59.30995985186778,
  "snrd_total": 53.45482303481702,
  "snrd_wm": 73.18209032534027,
  "spacing_x": 1.0,
  "spacing_y": 1.0,
  "spacing_z": 1.0,
  "summary_bg_k": 3.227441938970256,
  "summary_bg_mad": 0.0,
  "summary_bg_mean": 6.3970281073009305,
  "summary_bg_median": 0.0,
  "summary_bg_n": 2138206.0,
  "summary_bg_p05": 0.0,
  "summary_bg_p95": 24.889879532158375,
  "summary_bg_stdv": 8.952616210871538,
  "summary_csf_k": 2.598972580284114,
  "summary_csf_mad": 112.75110010238988,
  "summary_csf_mean": 383.0712169156432,
  "summary_csf_median": 380.8841479793191,
  "summary_csf_n": 34863.0,
  "summary_csf_p05": 209.41994375661017,
  "summary_csf_p95": 581.2715597607196,
  "summary_csf_stdv": 119.6530265219982,
  "summary_gm_k": -0.07659456294452616,
  "summary_gm_mad": 50.27770618662047,
  "summary_gm_mean": 811.2058827215928,
  "summary_gm_median": 810.4866529107094,
  "summary_gm_n": 30850.0,
  "summary_gm_p05": 730.5630738586187,
  "summary_gm_p95": 893.7005785107613,
  "summary_gm_stdv": 49.66412471961702,
  "summary_wm_k": 0.09707512819825093,
  "summary_wm_mad": 49.490887623449574,
  "summary_wm_mean": 1004.0430734222233,
  "summary_wm_median": 1000.0530701577663,
  "summary_wm_n": 244152.0,
  "summary_wm_p05": 928.1430770531297,
  "summary_wm_p95": 1093.7748766690493,
  "summary_wm_stdv": 50.300732557516696,
  "tpm_overlap_csf": 0.16030524579021263,
  "tpm_overlap_gm": 0.4192520074592075,
  "tpm_overlap_wm": 0.4564734048320901,
  "wm2max": 0.4089739839134771
}