{
  "bids_meta": {
    "AcquisitionDateTime": "2016-06-13T10:33:35.237500",
    "AcquisitionMatrixPE": 240,
    "AcquisitionNumber": 1,
    "AcquisitionTime": "10:33:35.237500",
    "BaseResolution": 256,
    "ConversionSoftware": "dcm2niix",
    "ConversionSoftwareVersion": "v1.0.20180622 (JP2:OpenJPEG) GCC6.1.0",
    "DeviceSerialNumber": "35437",
    "DwellTime": 4e-06,
    "EchoTime": 0.0022,
    "FlipAngle": 13,
    "ImageOrientationPatientDICOM": [
      0,
      0.866025,
      -0.5,
      0,
      -0.5,
      -0.866025
    ],
    "ImageType": [
      "ORIGINAL",
      "PRIMARY",
      "M",
      "ND"
    ],
    "InPlanePhaseEncodingDirectionDICOM": "ROW",
    "InstitutionAddress": "Queen_Square_12_London_Southeast_GB_WC1N_3BG",
    "InstitutionName": "Functional_Imaging_Laboratory",
    "InstitutionalDepartmentName": "Department",
    "MRAcquisitionType": "3D",
    "MagneticFieldStrength": 3,
    "Manufacturer": "Siemens",
    "ManufacturersModelName": "TrioTim",
    "Modality": "MR",
    "PartialFourier": 0.75,
    "PatientID": "MQ03659",
    "PatientName": "MQ03659",
    "PatientPosition": "HFS",
    "PatientSex": "",
    "PercentPhaseFOV": 93.75,
    "PhaseEncodingSteps": 180,
    "PhaseResolution": 1,
    "PixelBandwidth": 488,
    "ProcedureStepDescription": "FIL_Johan_Carlin",
    "ProtocolName": "BasicT1_NoVBM_nw_mtflash3d_v3h",
    "PulseSequenceDetails": "%CustomerSeq%_nw_mtflash3d_v3h",
    "ReceiveCoilName": "32Ch_Head",
    "ReconMatrixPE": 256,
    "RepetitionTime": 2,
    "SAR": 0.200822,
    "ScanOptions": "PFP",
    "ScanningSequence": "RM",
    "SequenceName": "fl3d_3h3d1",
    "SequenceVariant": "SP",
    "SeriesDescription": "BasicT1_NoVBM_nw_mtflash3d_v3h",
    "SeriesInstanceUID": "1.3.12.2.1107.5.2.32.35437.2016061310333380567593308.0.0.0",
    "SeriesNumber": 10,
    "ShimSetting": [
      11,
      -4002,
      350,
      415,
      -41,
      -555,
      -114,
      180
    ],
    "SliceThickness": 1,
    "SoftwareVersions": "syngo_MR_B17",
    "StationName": "MRC35437",
    "StudyID": "1",
    "StudyInstanceUID": "1.3.12.2.1107.5.2.32.35437.30000016061307504849300000004",
    "TxRefAmp": 303.334,
    "dataset": "ds004009",
    "modality": "T1w",
    "subject_id": "14"
  },
  "cjv": 0.4830123185633932,
  "cnr": 2.869721351003557,
  "efc": 0.5527901733014352,
  "fber": 15944.237100241873,
  "fwhm_avg": 5.115006666666667,
  "fwhm_x": 5.44717,
  "fwhm_y": 4.87563,
  "fwhm_z": 5.02222,
  "icvs_csf": 0.18264076329222267,
  "icvs_gm": 0.37262079734436937,
  "icvs_wm": 0.44473843936340796,
  "inu_med": 0.9056872129440308,
  "inu_range": 0.9052227258682247,
  "provenance": {
    "md5sum": "c60e51f464d3e79f9a164096de92c841",
    "settings": {
      "testing": false
    },
    "software": "mriqc",
    "version": "23.0.1",
    "warnings": {
      "large_rot_frame": true,
      "small_air_mask": false
    },
    "webapi_port": null,
    "webapi_url": "https://mriqc.nimh.nih.gov/api/v1"
  },
  "qi_1": 0.0,
  "qi_2": 0.004817569589767623,
  "rpve_csf": 30.171225269393226,
  "rpve_gm": 14.09597291918731,
  "rpve_wm": 14.069240588785341,
  "size_x": 176,
  "size_y": 240,
  "size_z": 256,
  "snr_csf": 3.113341905165636,
  "snr_gm": 16.058367752492035,
  "snr_total": 13.045196970138932,
  "snr_wm": 19.96388125275912,
  "snrd_csf": 22.73443910785151,
  "snrd_gm": 48.3445702870056,
  "snrd_total": 43.95096119954609,
  "snrd_wm": 60.77387420378117,
  "spacing_x": 1.0,
  "spacing_y": 1.0,
  "spacing_z": 1.0,
  "summary_bg_k": 13.69329366685491,
  "summary_bg_mad": 0.0,
  "summary_bg_mean": 7.325009735178588,
  "summary_bg_median": 0.0,
  "summary_bg_n": 2301147.0,
  "summary_bg_p05": 0.0,
  "summary_bg_p95": 27.556608825922012,
  "summary_bg_stdv": 10.780510275635997,
  "summary_csf_k": 16.949109957378436,
  "summary_csf_mad": 101.134080268037,
  "summary_csf_mean": 378.01560892598786,
  "summary_csf_median": 374.10355219617486,
  "summary_csf_n": 37507.0,
  "summary_csf_p05": 213.0159743320197,
  "summary_csf_p95": 551.9227349683642,
  "summary_csf_stdv": 120.15980783408246,
  "summary_gm_k": 0.03898484574439953,
  "summary_gm_mad": 49.64611721767048,
  "summary_gm_mean": 795.598186645668,
  "summary_gm_median": 795.5276744663715,
  "summary_gm_n": 18657.0,
  "summary_gm_p05": 714.0888604320586,
  "summary_gm_p95": 875.8822940550745,
  "summary_gm_stdv": 49.53843171511729,
  "summary_wm_k": 0.15793051634232969,
  "summary_wm_mad": 49.143795626935194,
  "summary_wm_mean": 1003.0545206023929,
  "summary_wm_median": 1000.0564391538501,
  "summary_wm_n": 165341.0,
  "summary_wm_p05": 925.7439448609948,
  "summary_wm_p95": 1090.688318591565,
  "summary_wm_stdv": 50.0931358118086,
  "tpm_overlap_csf": 0.1498536262550868,
  "tpm_overlap_gm": 0.40029053101559064,
  "tpm_overlap_wm": 0.42360175652177123,
  "wm2max": 0.3368375053175275
}