{
  "bids_meta": {
    "AcquisitionDateTime": "2016-07-18T15:36:45.232500",
    "AcquisitionMatrixPE": 240,
    "AcquisitionNumber": 1,
    "AcquisitionTime": "15:36:45.232500",
    "BaseResolution": 256,
    "ConversionSoftware": "dcm2niix",
    "ConversionSoftwareVersion": "v1.0.20180622 (JP2:OpenJPEG) GCC6.1.0",
    "DeviceSerialNumber": "35437",
    "DwellTime": 4e-06,
    "EchoTime": 0.0022,
    "FlipAngle": 13,
    "ImageOrientationPatientDICOM": [
      0,
      0.866025,
      -0.5,
      0,
      -0.5,
      -0.866025
    ],
    "ImageType": [
      "ORIGINAL",
      "PRIMARY",
      "M",
      "ND"
    ],
    "InPlanePhaseEncodingDirectionDICOM": "ROW",
    "InstitutionAddress": "Queen_Square_12_London_Southeast_GB_WC1N_3BG",
    "InstitutionName": "FIL",
    "InstitutionalDepartmentName": "Department",
    "MRAcquisitionType": "3D",
    "MagneticFieldStrength": 3,
    "Manufacturer": "Siemens",
    "ManufacturersModelName": "TrioTim",
    "Modality": "MR",
    "PartialFourier": 0.75,
    "PatientID": "MQ03716",
    "PatientName": "MQ03716",
    "PatientPosition": "HFS",
    "PatientSex": "",
    "PercentPhaseFOV": 93.75,
    "PhaseEncodingSteps": 180,
    "PhaseResolution": 1,
    "PixelBandwidth": 488,
    "ProcedureStepDescription": "FIL_Johan_Carlin",
    "ProtocolName": "BasicT1_NoVBM_nw_mtflash3d_v3h",
    "PulseSequenceDetails": "%CustomerSeq%_nw_mtflash3d_v3h",
    "ReceiveCoilName": "32Ch_Head",
    "ReconMatrixPE": 256,
    "RepetitionTime": 2,
    "SAR": 0.237025,
    "ScanOptions": "PFP",
    "ScanningSequence": "RM",
    "SequenceName": "fl3d_3h3d1",
    "SequenceVariant": "SP",
    "SeriesDescription": "BasicT1_NoVBM_nw_mtflash3d_v3h",
    "SeriesInstanceUID": "1.3.12.2.1107.5.2.32.35437.2016071815364426968655739.0.0.0",
    "SeriesNumber": 10,
    "ShimSetting": [
      78,
      -4078,
      265,
      334,
      34,
      -505,
      133,
      20
    ],
    "SliceThickness": 1,
    "SoftwareVersions": "syngo_MR_B17",
    "StationName": "MRC35437",
    "StudyID": "1",
    "StudyInstanceUID": "1.3.12.2.1107.5.2.32.35437.30000016071808001826300000011",
    "TxRefAmp": 293.835,
    "dataset": "ds004009",
    "modality": "T1w",
    "subject_id": "27"
  },
  "cjv": 0.5297151651138436,
  "cnr": 2.689177123453913,
  "efc": 0.5596165723391477,
  "fber": -1.0,
  "fwhm_avg": 4.913246666666667,
  "fwhm_x": 5.06929,
  "fwhm_y": 4.94709,
  "fwhm_z": 4.72336,
  "icvs_csf": 0.1652401519128508,
  "icvs_gm": 0.3759868523308197,
  "icvs_wm": 0.4587729957563295,
  "inu_med": 0.836043119430542,
  "inu_range": 0.8132672905921936,
  "provenance": {
    "md5sum": "d1fc593c2931199a25b8acef8677dd45",
    "settings": {
      "testing": false
    },
    "software": "mriqc",
    "version": "23.0.1",
    "warnings": {
      "large_rot_frame": true,
      "small_air_mask": false
    },
    "webapi_port": null,
    "webapi_url": "https://mriqc.nimh.nih.gov/api/v1"
  },
  "qi_1": 0.0,
  "qi_2": 0.008911798852890174,
  "rpve_csf": 30.781071522587585,
  "rpve_gm": 13.178065449867331,
  "rpve_wm": 12.851328948521477,
  "size_x": 176,
  "size_y": 240,
  "size_z": 256,
  "snr_csf": 3.014081027789344,
  "snr_gm": 15.488256978699647,
  "snr_total": 12.815012074467942,
  "snr_wm": 19.942698216914835,
  "snrd_csf": 26.92801647119979,
  "snrd_gm": 62.04532393571874,
  "snrd_total": 55.36503273205881,
  "snrd_wm": 77.12175778925787,
  "spacing_x": 1.0,
  "spacing_y": 1.0,
  "spacing_z": 1.0,
  "summary_bg_k": 4.358928856637187,
  "summary_bg_mad": 0.0,
  "summary_bg_mean": 4.747356943062674,
  "summary_bg_median": 0.0,
  "summary_bg_n": 2076466.0,
  "summary_bg_p05": 0.0,
  "summary_bg_p95": 23.87705248594284,
  "summary_bg_stdv": 8.495392449445227,
  "summary_csf_k": 4.46866924044434,
  "summary_csf_mad": 102.28889185756104,
  "summary_csf_mean": 362.5609585327474,
  "summary_csf_median": 349.18540292978287,
  "summary_csf_n": 28551.0,
  "summary_csf_p05": 209.74869310855865,
  "summary_csf_p95": 564.3097307831049,
  "summary_csf_stdv": 115.84933667675139,
  "summary_gm_k": -0.07601240695453182,
  "summary_gm_mad": 52.611303842607875,
  "summary_gm_mean": 804.5234195483987,
  "summary_gm_median": 804.5643265843391,
  "summary_gm_n": 19939.0,
  "summary_gm_p05": 718.4222532510757,
  "summary_gm_p95": 889.4663761973379,
  "summary_gm_stdv": 51.94542883643675,
  "summary_wm_k": -0.03723730219905663,
  "summary_wm_mad": 50.94886487360354,
  "summary_wm_mean": 1003.1721520734575,
  "summary_wm_median": 1000.0659386515617,
  "summary_wm_n": 197615.0,
  "summary_wm_p05": 926.4560199379921,
  "summary_wm_p95": 1090.7591628730297,
  "summary_wm_stdv": 50.14684559890669,
  "tpm_overlap_csf": 0.1819109261087903,
  "tpm_overlap_gm": 0.41647655557894286,
  "tpm_overlap_wm": 0.4748223928047108,
  "wm2max": 0.32202705859864494
}