{
  "bids_meta": {
    "AcquisitionDateTime": "2016-08-10T11:29:52.155000",
    "AcquisitionMatrixPE": 240,
    "AcquisitionNumber": 1,
    "AcquisitionTime": "11:29:52.155000",
    "BaseResolution": 256,
    "ConversionSoftware": "dcm2niix",
    "ConversionSoftwareVersion": "v1.0.20180622 (JP2:OpenJPEG) GCC6.1.0",
    "DeviceSerialNumber": "35437",
    "DwellTime": 4e-06,
    "EchoTime": 0.0022,
    "FlipAngle": 13,
    "ImageOrientationPatientDICOM": [
      0,
      0.866025,
      -0.5,
      0,
      -0.5,
      -0.866025
    ],
    "ImageType": [
      "ORIGINAL",
      "PRIMARY",
      "M",
      "ND"
    ],
    "InPlanePhaseEncodingDirectionDICOM": "ROW",
    "InstitutionAddress": "Queen_Square_12_London_Southeast_GB_WC1N_3BG",
    "InstitutionName": "FIL",
    "InstitutionalDepartmentName": "Department",
    "MRAcquisitionType": "3D",
    "MagneticFieldStrength": 3,
    "Manufacturer": "Siemens",
    "ManufacturersModelName": "TrioTim",
    "Modality": "MR",
    "PartialFourier": 0.75,
    "PatientID": "MQ03736",
    "PatientName": "MQ03736",
    "PatientPosition": "HFS",
    "PatientSex": "",
    "PercentPhaseFOV": 93.75,
    "PhaseEncodingSteps": 180,
    "PhaseResolution": 1,
    "PixelBandwidth": 488,
    "ProcedureStepDescription": "FIL_Johan_Carlin",
    "ProtocolName": "BasicT1_NoVBM_nw_mtflash3d_v3h",
    "PulseSequenceDetails": "%CustomerSeq%_nw_mtflash3d_v3h",
    "ReceiveCoilName": "32Ch_Head",
    "ReconMatrixPE": 256,
    "RepetitionTime": 2,
    "SAR": 0.236831,
    "ScanOptions": "PFP",
    "ScanningSequence": "RM",
    "SequenceName": "fl3d_3h3d1",
    "SequenceVariant": "SP",
    "SeriesDescription": "BasicT1_NoVBM_nw_mtflash3d_v3h",
    "SeriesInstanceUID": "1.3.12.2.1107.5.2.32.35437.2016081011295031085905375.0.0.0",
    "SeriesNumber": 10,
    "ShimSetting": [
      -7,
      -3928,
      301,
      356,
      52,
      -12,
      230,
      219
    ],
    "SliceThickness": 1,
    "SoftwareVersions": "syngo_MR_B17",
    "StationName": "MRC35437",
    "StudyID": "1",
    "StudyInstanceUID": "1.3.12.2.1107.5.2.32.35437.30000016081008084981100000004",
    "TxRefAmp": 303.524,
    "dataset": "ds004009",
    "modality": "T1w",
    "subject_id": "07"
  },
  "cjv": 0.5362864577066563,
  "cnr": 2.6222914051495336,
  "efc": 0.5590064812015823,
  "fber": -1.0,
  "fwhm_avg": 5.3521366666666665,
  "fwhm_x": 5.44931,
  "fwhm_y": 5.43764,
  "fwhm_z": 5.16946,
  "icvs_csf": 0.15710616828640572,
  "icvs_gm": 0.37539572483763356,
  "icvs_wm": 0.4674981068759607,
  "inu_med": 0.8235801160335541,
  "inu_range": 0.9687692627310749,
  "provenance": {
    "md5sum": "2f8f06caeeab3eebc92c1253da19efc9",
    "settings": {
      "testing": false
    },
    "software": "mriqc",
    "version": "23.0.1",
    "warnings": {
      "large_rot_frame": true,
      "small_air_mask": false
    },
    "webapi_port": null,
    "webapi_url": "https://mriqc.nimh.nih.gov/api/v1"
  },
  "qi_1": 0.0,
  "qi_2": 0.009985065583405502,
  "rpve_csf": 33.341480501043065,
  "rpve_gm": 13.949239501696029,
  "rpve_wm": 13.612936904394479,
  "size_x": 176,
  "size_y": 240,
  "size_z": 256,
  "snr_csf": 3.3221967105726886,
  "snr_gm": 14.17849023171812,
  "snr_total": 12.975853598594105,
  "snr_wm": 21.4268738534915,
  "snrd_csf": 26.049919039048845,
  "snrd_gm": 65.9428219234495,
  "snrd_total": 57.9360989767147,
  "snrd_wm": 81.81555596764576,
  "spacing_x": 1.0,
  "spacing_y": 1.0,
  "spacing_z": 1.0,
  "summary_bg_k": 3.808938327539246,
  "summary_bg_mad": 0.0,
  "summary_bg_mean": 5.430137756367125,
  "summary_bg_median": 0.0,
  "summary_bg_n": 1907349.0,
  "summary_bg_p05": 0.0,
  "summary_bg_p95": 21.120735593140125,
  "summary_bg_stdv": 8.007907758678263,
  "summary_csf_k": 2.5698631694928133,
  "summary_csf_mad": 72.37813150628602,
  "summary_csf_mean": 332.87819579816266,
  "summary_csf_median": 318.4151403978467,
  "summary_csf_n": 23710.0,
  "summary_csf_p05": 213.66698589920998,
  "summary_csf_p95": 513.8487824052572,
  "summary_csf_stdv": 95.84273698422969,
  "summary_gm_k": -0.1271669733684715,
  "summary_gm_mad": 57.672607525545544,
  "summary_gm_mean": 804.9834989526928,
  "summary_gm_median": 806.0367815159261,
  "summary_gm_n": 19346.0,
  "summary_gm_p05": 709.8171265795827,
  "summary_gm_p95": 897.6045276001096,
  "summary_gm_stdv": 56.84779803377189,
  "summary_wm_k": 0.08258291356568837,
  "summary_wm_mad": 46.37591120610879,
  "summary_wm_mean": 1003.6952425357842,
  "summary_wm_median": 1000.0534627810121,
  "summary_wm_n": 213263.0,
  "summary_wm_p05": 933.4295727834105,
  "summary_wm_p95": 1086.5148031711578,
  "summary_wm_stdv": 46.67274960257448,
  "tpm_overlap_csf": 0.1719657346186739,
  "tpm_overlap_gm": 0.43266290589601003,
  "tpm_overlap_wm": 0.47922199238884106,
  "wm2max": 0.3604772184102999
}