{
  "aor": 0.0037564615384615392,
  "aqi": 0.008722481615384615,
  "bids_meta": {
    "AcquisitionDateTime": "2016-06-10T14:56:1.580000",
    "AcquisitionMatrixPE": 64,
    "AcquisitionNumber": 1,
    "AcquisitionTime": "14:56:1.580000",
    "BaseResolution": 64,
    "ConversionSoftware": "dcm2niix",
    "ConversionSoftwareVersion": "v1.0.20180622 (JP2:OpenJPEG) GCC6.1.0",
    "DeviceSerialNumber": "35437",
    "DwellTime": 3.4e-06,
    "EchoTime": 0.03,
    "EffectiveEchoSpacing": 6.009615385e-05,
    "FlipAngle": 90,
    "ImageOrientationPatientDICOM": [
      1,
      0,
      0,
      0,
      0.866025,
      -0.5
    ],
    "ImageType": [
      "ORIGINAL",
      "PRIMARY",
      "M",
      "ND",
      "MOSAIC"
    ],
    "InPlanePhaseEncodingDirectionDICOM": "COL",
    "InstitutionAddress": "Queen_Square_12_London_Southeast_GB_WC1N_3BG",
    "InstitutionName": "Functional_Imaging_Laboratory",
    "InstitutionalDepartmentName": "Department",
    "MRAcquisitionType": "2D",
    "MagneticFieldStrength": 3,
    "Manufacturer": "Siemens",
    "ManufacturersModelName": "TrioTim",
    "Modality": "MR",
    "PartialFourier": 1,
    "PatientID": "MQ03658",
    "PatientName": "MQ03658",
    "PatientPosition": "HFS",
    "PatientSex": "",
    "PercentPhaseFOV": 100,
    "PhaseEncodingDirection": "j-",
    "PhaseEncodingSteps": 74,
    "PhaseOversampling": 0.13,
    "PhaseResolution": 1,
    "PixelBandwidth": 2298,
    "ProcedureStepDescription": "FIL_Johan_Carlin",
    "ProtocolName": "al_mepi2d_3mm_v1a_standard",
    "PulseSequenceDetails": "%CustomerSeq%_al_mepi2d_3mm_v1a",
    "ReceiveCoilName": "32Ch_Head",
    "ReconMatrixPE": 64,
    "RepetitionTime": 2.8,
    "SAR": 0.178911,
    "ScanOptions": "FS",
    "ScanningSequence": "RM",
    "SequenceName": "alepi2d2d1",
    "SequenceVariant": "SP_OSP",
    "SeriesDescription": "al_mepi2d_3mm_v1a_standard",
    "SeriesInstanceUID": "1.3.12.2.1107.5.2.32.35437.2016061014525735140048335.0.0.0",
    "SeriesNumber": 6,
    "ShimSetting": [
      71,
      -3990,
      400,
      665,
      120,
      283,
      165,
      83
    ],
    "SliceThickness": 2.5,
    "SliceTiming": [
      0,
      0.07,
      0.14,
      0.21,
      0.28,
      0.3525,
      0.4225,
      0.4925,
      0.5625,
      0.6325,
      0.7025,
      0.7725,
      0.8425,
      0.9125,
      0.985,
      1.055,
      1.125,
      1.195,
      1.265,
      1.335,
      1.405,
      1.475,
      1.545,
      1.6175,
      1.6875,
      1.7575,
      1.8275,
      1.8975,
      1.9675,
      2.0375,
      2.1075,
      2.1775,
      2.25,
      2.32,
      2.39,
      2.46,
      2.53,
      2.6,
      2.67,
      2.74
    ],
    "SoftwareVersions": "syngo_MR_B17",
    "SpacingBetweenSlices": 3,
    "StationName": "MRC35437",
    "StudyID": "1",
    "StudyInstanceUID": "1.3.12.2.1107.5.2.32.35437.30000016061012552973700000004",
    "TaskName": "memsamp",
    "TxRefAmp": 299.036,
    "dataset": "ds004009",
    "modality": "bold",
    "run_id": 2,
    "subject_id": "22",
    "task_id": "memsamp"
  },
  "dummy_trs": 2,
  "dvars_nstd": 22.89791486054053,
  "dvars_std": 1.0407193944401545,
  "dvars_vstd": 0.912403496833977,
  "efc": 0.5976206939364569,
  "fber": 309.2403869628906,
  "fd_mean": 0.11488758279932526,
  "fd_num": 14,
  "fd_perc": 5.384615384615385,
  "fwhm_avg": 2.409588888888889,
  "fwhm_x": 2.293343333333333,
  "fwhm_y": 2.4247,
  "fwhm_z": 2.5107233333333334,
  "gcor": 0.0109498,
  "gsr_x": -0.00982691626995802,
  "gsr_y": 0.040251944214105606,
  "provenance": {
    "md5sum": "bd7da2870a7ed03cf8133722bee4bcf0",
    "settings": {
      "fd_thres": 0.2,
      "testing": false
    },
    "software": "mriqc",
    "version": "23.0.1",
    "webapi_port": null,
    "webapi_url": "https://mriqc.nimh.nih.gov/api/v1"
  },
  "size_t": 260,
  "size_x": 64,
  "size_y": 64,
  "size_z": 40,
  "snr": 3.152537717002698,
  "spacing_tr": 2.799999952316284,
  "spacing_x": 3.0,
  "spacing_y": 3.0,
  "spacing_z": 3.0,
  "summary_bg_k": 57.82518044580345,
  "summary_bg_mad": 11.042534369134158,
  "summary_bg_mean": 55.71942138671875,
  "summary_bg_median": 32.1326904296875,
  "summary_bg_n": 87426.0,
  "summary_bg_p05": 23.384614944458008,
  "summary_bg_p95": 161.7423095703125,
  "summary_bg_stdv": 70.08047485351562,
  "summary_fg_k": 0.7637083755239455,
  "summary_fg_mad": 169.21908095912573,
  "summary_fg_mean": 608.4364624023438,
  "summary_fg_median": 576.8788452148438,
  "summary_fg_n": 38234.0,
  "summary_fg_p05": 365.4190277099609,
  "summary_fg_p95": 956.6723266601562,
  "summary_fg_stdv": 182.986328125,
  "tsnr": 42.915585132781416
}