{
  "aor": 0.002858615384615385,
  "aqi": 0.0057465833461538465,
  "bids_meta": {
    "AcquisitionDateTime": "2016-06-10T15:23:51.427500",
    "AcquisitionMatrixPE": 64,
    "AcquisitionNumber": 1,
    "AcquisitionTime": "15:23:51.427500",
    "BaseResolution": 64,
    "ConversionSoftware": "dcm2niix",
    "ConversionSoftwareVersion": "v1.0.20180622 (JP2:OpenJPEG) GCC6.1.0",
    "DeviceSerialNumber": "35437",
    "DwellTime": 3.4e-06,
    "EchoTime": 0.03,
    "EffectiveEchoSpacing": 6.009615385e-05,
    "FlipAngle": 90,
    "ImageOrientationPatientDICOM": [
      1,
      0,
      0,
      0,
      0.866025,
      -0.5
    ],
    "ImageType": [
      "ORIGINAL",
      "PRIMARY",
      "M",
      "ND",
      "MOSAIC"
    ],
    "InPlanePhaseEncodingDirectionDICOM": "COL",
    "InstitutionAddress": "Queen_Square_12_London_Southeast_GB_WC1N_3BG",
    "InstitutionName": "Functional_Imaging_Laboratory",
    "InstitutionalDepartmentName": "Department",
    "MRAcquisitionType": "2D",
    "MagneticFieldStrength": 3,
    "Manufacturer": "Siemens",
    "ManufacturersModelName": "TrioTim",
    "Modality": "MR",
    "PartialFourier": 1,
    "PatientID": "MQ03658",
    "PatientName": "MQ03658",
    "PatientPosition": "HFS",
    "PatientSex": "",
    "PercentPhaseFOV": 100,
    "PhaseEncodingDirection": "j-",
    "PhaseEncodingSteps": 74,
    "PhaseOversampling": 0.13,
    "PhaseResolution": 1,
    "PixelBandwidth": 2298,
    "ProcedureStepDescription": "FIL_Johan_Carlin",
    "ProtocolName": "al_mepi2d_3mm_v1a_standard",
    "PulseSequenceDetails": "%CustomerSeq%_al_mepi2d_3mm_v1a",
    "ReceiveCoilName": "32Ch_Head",
    "ReconMatrixPE": 64,
    "RepetitionTime": 2.8,
    "SAR": 0.178911,
    "ScanOptions": "FS",
    "ScanningSequence": "RM",
    "SequenceName": "alepi2d2d1",
    "SequenceVariant": "SP_OSP",
    "SeriesDescription": "al_mepi2d_3mm_v1a_standard",
    "SeriesInstanceUID": "1.3.12.2.1107.5.2.32.35437.2016061015221665078312275.0.0.0",
    "SeriesNumber": 8,
    "ShimSetting": [
      71,
      -3990,
      400,
      665,
      120,
      283,
      165,
      83
    ],
    "SliceThickness": 2.5,
    "SliceTiming": [
      0,
      0.07,
      0.14,
      0.21,
      0.28,
      0.3525,
      0.4225,
      0.4925,
      0.5625,
      0.6325,
      0.7025,
      0.7725,
      0.8425,
      0.9125,
      0.985,
      1.055,
      1.125,
      1.195,
      1.265,
      1.335,
      1.405,
      1.475,
      1.545,
      1.6175,
      1.6875,
      1.7575,
      1.8275,
      1.8975,
      1.9675,
      2.0375,
      2.1075,
      2.1775,
      2.25,
      2.32,
      2.39,
      2.46,
      2.53,
      2.6,
      2.67,
      2.74
    ],
    "SoftwareVersions": "syngo_MR_B17",
    "SpacingBetweenSlices": 3,
    "StationName": "MRC35437",
    "StudyID": "1",
    "StudyInstanceUID": "1.3.12.2.1107.5.2.32.35437.30000016061012552973700000004",
    "TaskName": "exemplarLocaliser",
    "TxRefAmp": 299.036,
    "dataset": "ds004009",
    "modality": "bold",
    "subject_id": "22",
    "task_id": "exemplarLocaliser"
  },
  "dummy_trs": 2,
  "dvars_nstd": 26.622666627799216,
  "dvars_std": 1.1433787401158308,
  "dvars_vstd": 0.9513124915057914,
  "efc": 0.5997887459671986,
  "fber": 303.1298522949219,
  "fd_mean": 0.12350770546349357,
  "fd_num": 22,
  "fd_perc": 8.461538461538462,
  "fwhm_avg": 2.396311111111111,
  "fwhm_x": 2.2857433333333335,
  "fwhm_y": 2.4207266666666665,
  "fwhm_z": 2.4824633333333335,
  "gcor": 0.0203208,
  "gsr_x": -0.009160235524177551,
  "gsr_y": 0.0435541495680809,
  "provenance": {
    "md5sum": "5f5bc3168064ed018747291674e2f910",
    "settings": {
      "fd_thres": 0.2,
      "testing": false
    },
    "software": "mriqc",
    "version": "23.0.1",
    "webapi_port": null,
    "webapi_url": "https://mriqc.nimh.nih.gov/api/v1"
  },
  "size_t": 260,
  "size_x": 64,
  "size_y": 64,
  "size_z": 40,
  "snr": 3.125006102674343,
  "spacing_tr": 2.799999952316284,
  "spacing_x": 3.0,
  "spacing_y": 3.0,
  "spacing_z": 3.0,
  "summary_bg_k": 56.557395027105514,
  "summary_bg_mad": 10.535029116964257,
  "summary_bg_mean": 55.461570739746094,
  "summary_bg_median": 31.957693099975586,
  "summary_bg_n": 86836.0,
  "summary_bg_p05": 23.761537551879883,
  "summary_bg_p95": 160.68942260742188,
  "summary_bg_stdv": 69.63673400878906,
  "summary_fg_k": 0.7560485446306489,
  "summary_fg_mad": 168.2496750194104,
  "summary_fg_mean": 601.8466186523438,
  "summary_fg_median": 570.3461303710938,
  "summary_fg_n": 38356.0,
  "summary_fg_p05": 359.4394302368164,
  "summary_fg_p95": 950.3759460449219,
  "summary_fg_stdv": 182.50802612304688,
  "tsnr": 51.50463441491593
}