{
  "bids_meta": {
    "AcquisitionDateTime": "2016-06-20T15:38:56.147500",
    "AcquisitionMatrixPE": 240,
    "AcquisitionNumber": 1,
    "AcquisitionTime": "15:38:56.147500",
    "BaseResolution": 256,
    "ConversionSoftware": "dcm2niix",
    "ConversionSoftwareVersion": "v1.0.20180622 (JP2:OpenJPEG) GCC6.1.0",
    "DeviceSerialNumber": "35437",
    "DwellTime": 4e-06,
    "EchoTime": 0.0022,
    "FlipAngle": 13,
    "ImageOrientationPatientDICOM": [
      0,
      0.866025,
      -0.5,
      0,
      -0.5,
      -0.866025
    ],
    "ImageType": [
      "ORIGINAL",
      "PRIMARY",
      "M",
      "ND"
    ],
    "InPlanePhaseEncodingDirectionDICOM": "ROW",
    "InstitutionAddress": "Queen_Square_12_London_Southeast_GB_WC1N_3BG",
    "InstitutionName": "FIL",
    "InstitutionalDepartmentName": "Department",
    "MRAcquisitionType": "3D",
    "MagneticFieldStrength": 3,
    "Manufacturer": "Siemens",
    "ManufacturersModelName": "TrioTim",
    "Modality": "MR",
    "PartialFourier": 0.75,
    "PatientID": "MQ03669",
    "PatientName": "MQ03669",
    "PatientPosition": "HFS",
    "PatientSex": "",
    "PercentPhaseFOV": 93.75,
    "PhaseEncodingSteps": 180,
    "PhaseResolution": 1,
    "PixelBandwidth": 488,
    "ProcedureStepDescription": "FIL_Johan_Carlin",
    "ProtocolName": "BasicT1_NoVBM_nw_mtflash3d_v3h",
    "PulseSequenceDetails": "%CustomerSeq%_nw_mtflash3d_v3h",
    "ReceiveCoilName": "32Ch_Head",
    "ReconMatrixPE": 256,
    "RepetitionTime": 2,
    "SAR": 0.226637,
    "ScanOptions": "PFP",
    "ScanningSequence": "RM",
    "SequenceName": "fl3d_3h3d1",
    "SequenceVariant": "SP",
    "SeriesDescription": "BasicT1_NoVBM_nw_mtflash3d_v3h",
    "SeriesInstanceUID": "1.3.12.2.1107.5.2.32.35437.201606201538556152485412.0.0.0",
    "SeriesNumber": 10,
    "ShimSetting": [
      10,
      -3936,
      345,
      580,
      -72,
      -287,
      -171,
      276
    ],
    "SliceThickness": 1,
    "SoftwareVersions": "syngo_MR_B17",
    "StationName": "MRC35437",
    "StudyID": "1",
    "StudyInstanceUID": "1.3.12.2.1107.5.2.32.35437.30000016062008032175500000010",
    "TxRefAmp": 288.395,
    "dataset": "ds004009",
    "modality": "T1w",
    "subject_id": "02"
  },
  "cjv": 0.5118665389478679,
  "cnr": 2.7520007229510206,
  "efc": 0.532061983308318,
  "fber": -1.0,
  "fwhm_avg": 5.76812,
  "fwhm_x": 6.14742,
  "fwhm_y": 5.58927,
  "fwhm_z": 5.56767,
  "icvs_csf": 0.15514121607869702,
  "icvs_gm": 0.39581046947586196,
  "icvs_wm": 0.449048314445441,
  "inu_med": 0.7857252955436707,
  "inu_range": 0.8947044193744659,
  "provenance": {
    "md5sum": "0c60bfd9e86c085535109d49e3eff224",
    "settings": {
      "testing": false
    },
    "software": "mriqc",
    "version": "23.0.1",
    "warnings": {
      "large_rot_frame": true,
      "small_air_mask": false
    },
    "webapi_port": null,
    "webapi_url": "https://mriqc.nimh.nih.gov/api/v1"
  },
  "qi_1": 0.0,
  "qi_2": 0.012448423181736253,
  "rpve_csf": 36.38675886320986,
  "rpve_gm": 14.616468193356338,
  "rpve_wm": 15.055207132091745,
  "size_x": 176,
  "size_y": 240,
  "size_z": 256,
  "snr_csf": 3.5770687698907464,
  "snr_gm": 17.85142732837862,
  "snr_total": 14.06973471415111,
  "snr_wm": 20.780708044183967,
  "snrd_csf": 29.847517938235328,
  "snrd_gm": 67.12874031388948,
  "snrd_total": 59.746126628617866,
  "snrd_wm": 82.26212163372878,
  "spacing_x": 1.0,
  "spacing_y": 1.0,
  "spacing_z": 1.0,
  "summary_bg_k": 5.897285745355353,
  "summary_bg_mad": 0.0,
  "summary_bg_mean": 5.158383691901088,
  "summary_bg_median": 0.0,
  "summary_bg_n": 2287544.0,
  "summary_bg_p05": 0.0,
  "summary_bg_p95": 21.866607628762722,
  "summary_bg_stdv": 7.964446738947852,
  "summary_csf_k": 2.9067270315856852,
  "summary_csf_mad": 89.7020225656166,
  "summary_csf_mean": 377.22748947213046,
  "summary_csf_median": 362.85415817052126,
  "summary_csf_n": 22977.0,
  "summary_csf_p05": 246.6049148067832,
  "summary_csf_p95": 567.6659026071429,
  "summary_csf_stdv": 101.43675880902514,
  "summary_gm_k": 0.027656346884121774,
  "summary_gm_mad": 45.66352960314903,
  "summary_gm_mean": 815.4663367132143,
  "summary_gm_median": 816.0793338343501,
  "summary_gm_n": 21337.0,
  "summary_gm_p05": 739.628412425518,
  "summary_gm_p95": 889.6914324983954,
  "summary_gm_stdv": 45.7140034253987,
  "summary_wm_k": -0.04966316990277342,
  "summary_wm_mad": 48.50734372434159,
  "summary_wm_mean": 1003.4366610286255,
  "summary_wm_median": 1000.0547769665718,
  "summary_wm_n": 164868.0,
  "summary_wm_p05": 930.0158683210611,
  "summary_wm_p95": 1087.7404215931892,
  "summary_wm_stdv": 48.12404572261561,
  "tpm_overlap_csf": 0.1628803792373527,
  "tpm_overlap_gm": 0.43835640435136,
  "tpm_overlap_wm": 0.45493925349979436,
  "wm2max": 0.3761078362669525
}