{
  "aor": 0.0010442692307692306,
  "aqi": 0.0032690291153846156,
  "bids_meta": {
    "AcquisitionDateTime": "2016-08-10T11:03:15.815000",
    "AcquisitionMatrixPE": 64,
    "AcquisitionNumber": 1,
    "AcquisitionTime": "11:03:15.815000",
    "BaseResolution": 64,
    "ConversionSoftware": "dcm2niix",
    "ConversionSoftwareVersion": "v1.0.20180622 (JP2:OpenJPEG) GCC6.1.0",
    "DeviceSerialNumber": "35437",
    "DwellTime": 3.4e-06,
    "EchoTime": 0.03,
    "EffectiveEchoSpacing": 6.009615385e-05,
    "FlipAngle": 90,
    "ImageOrientationPatientDICOM": [
      1,
      0,
      0,
      0,
      0.866025,
      -0.5
    ],
    "ImageType": [
      "ORIGINAL",
      "PRIMARY",
      "M",
      "ND",
      "MOSAIC"
    ],
    "InPlanePhaseEncodingDirectionDICOM": "COL",
    "InstitutionAddress": "Queen_Square_12_London_Southeast_GB_WC1N_3BG",
    "InstitutionName": "FIL",
    "InstitutionalDepartmentName": "Department",
    "MRAcquisitionType": "2D",
    "MagneticFieldStrength": 3,
    "Manufacturer": "Siemens",
    "ManufacturersModelName": "TrioTim",
    "Modality": "MR",
    "PartialFourier": 1,
    "PatientID": "MQ03736",
    "PatientName": "MQ03736",
    "PatientPosition": "HFS",
    "PatientSex": "",
    "PercentPhaseFOV": 100,
    "PhaseEncodingDirection": "j-",
    "PhaseEncodingSteps": 74,
    "PhaseOversampling": 0.13,
    "PhaseResolution": 1,
    "PixelBandwidth": 2298,
    "ProcedureStepDescription": "FIL_Johan_Carlin",
    "ProtocolName": "al_mepi2d_3mm_v1a_standard",
    "PulseSequenceDetails": "%CustomerSeq%_al_mepi2d_3mm_v1a",
    "ReceiveCoilName": "32Ch_Head",
    "ReconMatrixPE": 64,
    "RepetitionTime": 2.8,
    "SAR": 0.18994,
    "ScanOptions": "FS",
    "ScanningSequence": "RM",
    "SequenceName": "alepi2d2d1",
    "SequenceVariant": "SP_OSP",
    "SeriesDescription": "al_mepi2d_3mm_v1a_standard",
    "SeriesInstanceUID": "1.3.12.2.1107.5.2.32.35437.2016081011012248316241430.0.0.0",
    "SeriesNumber": 8,
    "ShimSetting": [
      -5,
      -3871,
      356,
      454,
      88,
      294,
      132,
      199
    ],
    "SliceThickness": 2.5,
    "SliceTiming": [
      0,
      0.07,
      0.14,
      0.21,
      0.2825,
      0.3525,
      0.4225,
      0.4925,
      0.5625,
      0.6325,
      0.7025,
      0.7725,
      0.8425,
      0.915,
      0.985,
      1.055,
      1.125,
      1.195,
      1.265,
      1.335,
      1.405,
      1.475,
      1.5475,
      1.6175,
      1.6875,
      1.7575,
      1.8275,
      1.8975,
      1.9675,
      2.0375,
      2.1075,
      2.18,
      2.25,
      2.32,
      2.39,
      2.46,
      2.53,
      2.6,
      2.67,
      2.74
    ],
    "SoftwareVersions": "syngo_MR_B17",
    "SpacingBetweenSlices": 3,
    "StationName": "MRC35437",
    "StudyID": "1",
    "StudyInstanceUID": "1.3.12.2.1107.5.2.32.35437.30000016081008084981100000004",
    "TaskName": "exemplarLocaliser",
    "TxRefAmp": 303.524,
    "dataset": "ds004009",
    "modality": "bold",
    "subject_id": "07",
    "task_id": "exemplarLocaliser"
  },
  "dummy_trs": 2,
  "dvars_nstd": 22.945660167374523,
  "dvars_std": 1.1993141433976833,
  "dvars_vstd": 0.9684575154054056,
  "efc": 0.5870460274406222,
  "fber": 349.3929138183594,
  "fd_mean": 0.06370358683613778,
  "fd_num": 0,
  "fd_perc": 0.0,
  "fwhm_avg": 2.538298888888889,
  "fwhm_x": 2.46293,
  "fwhm_y": 2.49735,
  "fwhm_z": 2.6546166666666666,
  "gcor": 0.0128259,
  "gsr_x": -0.03222231566905975,
  "gsr_y": 0.07642938941717148,
  "provenance": {
    "md5sum": "8d6b75e5407196a026b0a464254c1c89",
    "settings": {
      "fd_thres": 0.2,
      "testing": false
    },
    "software": "mriqc",
    "version": "23.0.1",
    "webapi_port": null,
    "webapi_url": "https://mriqc.nimh.nih.gov/api/v1"
  },
  "size_t": 260,
  "size_x": 64,
  "size_y": 64,
  "size_z": 40,
  "snr": 2.746694290959901,
  "spacing_tr": 2.799999952316284,
  "spacing_x": 3.0,
  "spacing_y": 3.0,
  "spacing_z": 3.0,
  "summary_bg_k": 47.301881689468466,
  "summary_bg_mad": 7.304668084872666,
  "summary_bg_mean": 56.64235305786133,
  "summary_bg_median": 29.730770111083984,
  "summary_bg_n": 88821.0,
  "summary_bg_p05": 24.346153259277344,
  "summary_bg_p95": 182.04615783691406,
  "summary_bg_stdv": 79.02855682373047,
  "summary_fg_k": 1.3469822998471956,
  "summary_fg_mad": 182.02647832793946,
  "summary_fg_mean": 614.317626953125,
  "summary_fg_median": 571.7711181640625,
  "summary_fg_n": 37750.0,
  "summary_fg_p05": 356.54364318847655,
  "summary_fg_p95": 1027.0784423828125,
  "summary_fg_stdv": 208.16424560546875,
  "tsnr": 68.19979102606885
}