{
  "aor": 0.0012238846153846154,
  "aqi": 0.006064442846153846,
  "bids_meta": {
    "AcquisitionDateTime": "2016-08-10T10:21:21.107500",
    "AcquisitionMatrixPE": 64,
    "AcquisitionNumber": 1,
    "AcquisitionTime": "10:21:21.107500",
    "BaseResolution": 64,
    "ConversionSoftware": "dcm2niix",
    "ConversionSoftwareVersion": "v1.0.20180622 (JP2:OpenJPEG) GCC6.1.0",
    "DeviceSerialNumber": "35437",
    "DwellTime": 3.4e-06,
    "EchoTime": 0.03,
    "EffectiveEchoSpacing": 6.009615385e-05,
    "FlipAngle": 90,
    "ImageOrientationPatientDICOM": [
      1,
      0,
      0,
      0,
      0.866025,
      -0.5
    ],
    "ImageType": [
      "ORIGINAL",
      "PRIMARY",
      "M",
      "ND",
      "MOSAIC"
    ],
    "InPlanePhaseEncodingDirectionDICOM": "COL",
    "InstitutionAddress": "Queen_Square_12_London_Southeast_GB_WC1N_3BG",
    "InstitutionName": "FIL",
    "InstitutionalDepartmentName": "Department",
    "MRAcquisitionType": "2D",
    "MagneticFieldStrength": 3,
    "Manufacturer": "Siemens",
    "ManufacturersModelName": "TrioTim",
    "Modality": "MR",
    "PartialFourier": 1,
    "PatientID": "MQ03736",
    "PatientName": "MQ03736",
    "PatientPosition": "HFS",
    "PatientSex": "",
    "PercentPhaseFOV": 100,
    "PhaseEncodingDirection": "j-",
    "PhaseEncodingSteps": 74,
    "PhaseOversampling": 0.13,
    "PhaseResolution": 1,
    "PixelBandwidth": 2298,
    "ProcedureStepDescription": "FIL_Johan_Carlin",
    "ProtocolName": "al_mepi2d_3mm_v1a_standard",
    "PulseSequenceDetails": "%CustomerSeq%_al_mepi2d_3mm_v1a",
    "ReceiveCoilName": "32Ch_Head",
    "ReconMatrixPE": 64,
    "RepetitionTime": 2.8,
    "SAR": 0.18994,
    "ScanOptions": "FS",
    "ScanningSequence": "RM",
    "SequenceName": "alepi2d2d1",
    "SequenceVariant": "SP_OSP",
    "SeriesDescription": "al_mepi2d_3mm_v1a_standard",
    "SeriesInstanceUID": "1.3.12.2.1107.5.2.32.35437.2016081010164910972345520.0.0.0",
    "SeriesNumber": 5,
    "ShimSetting": [
      -5,
      -3871,
      356,
      454,
      88,
      294,
      132,
      199
    ],
    "SliceThickness": 2.5,
    "SliceTiming": [
      0,
      0.0725,
      0.1425,
      0.2125,
      0.2825,
      0.3525,
      0.4225,
      0.4925,
      0.5625,
      0.6325,
      0.705,
      0.775,
      0.845,
      0.915,
      0.985,
      1.055,
      1.125,
      1.195,
      1.265,
      1.3375,
      1.4075,
      1.4775,
      1.5475,
      1.6175,
      1.6875,
      1.7575,
      1.8275,
      1.8975,
      1.97,
      2.04,
      2.11,
      2.18,
      2.25,
      2.32,
      2.39,
      2.46,
      2.53,
      2.6025,
      2.6725,
      2.7425
    ],
    "SoftwareVersions": "syngo_MR_B17",
    "SpacingBetweenSlices": 3,
    "StationName": "MRC35437",
    "StudyID": "1",
    "StudyInstanceUID": "1.3.12.2.1107.5.2.32.35437.30000016081008084981100000004",
    "TaskName": "memsamp",
    "TxRefAmp": 303.524,
    "dataset": "ds004009",
    "modality": "bold",
    "run_id": 1,
    "subject_id": "07",
    "task_id": "memsamp"
  },
  "dummy_trs": 2,
  "dvars_nstd": 24.08208646795365,
  "dvars_std": 1.1201953328185328,
  "dvars_vstd": 0.9194888362548267,
  "efc": 0.5837432620480381,
  "fber": 365.34930419921875,
  "fd_mean": 0.0721967188698869,
  "fd_num": 0,
  "fd_perc": 0.0,
  "fwhm_avg": 2.5310344444444444,
  "fwhm_x": 2.4673633333333336,
  "fwhm_y": 2.4818266666666666,
  "fwhm_z": 2.6439133333333333,
  "gcor": 0.0062797,
  "gsr_x": -0.031161021441221237,
  "gsr_y": 0.06860950589179993,
  "provenance": {
    "md5sum": "470e8c6b6947f52be3e0628992a932cb",
    "settings": {
      "fd_thres": 0.2,
      "testing": false
    },
    "software": "mriqc",
    "version": "23.0.1",
    "webapi_port": null,
    "webapi_url": "https://mriqc.nimh.nih.gov/api/v1"
  },
  "size_t": 260,
  "size_x": 64,
  "size_y": 64,
  "size_z": 40,
  "snr": 2.77741060197009,
  "spacing_tr": 2.799999952316284,
  "spacing_x": 3.0,
  "spacing_y": 3.0,
  "spacing_z": 3.0,
  "summary_bg_k": 51.029327932442776,
  "summary_bg_mad": 7.008146510035819,
  "summary_bg_mean": 53.962581634521484,
  "summary_bg_median": 28.96923065185547,
  "summary_bg_n": 89099.0,
  "summary_bg_p05": 23.41153907775879,
  "summary_bg_p95": 170.58537902832023,
  "summary_bg_stdv": 74.7212905883789,
  "summary_fg_k": 1.331119272901665,
  "summary_fg_mad": 178.3257641965915,
  "summary_fg_mean": 607.8225708007812,
  "summary_fg_median": 566.6019287109375,
  "summary_fg_n": 37794.0,
  "summary_fg_p05": 352.8834594726563,
  "summary_fg_p95": 1008.6057647705077,
  "summary_fg_stdv": 204.00096130371094,
  "tsnr": 52.96764569822699
}