{
  "aor": 0.0014314341085271316,
  "aqi": 0.00692463515503876,
  "bids_meta": {
    "AcquisitionDateTime": "2016-09-26T11:27:48.940000",
    "AcquisitionMatrixPE": 64,
    "AcquisitionNumber": 1,
    "AcquisitionTime": "11:27:48.940000",
    "BaseResolution": 64,
    "ConversionSoftware": "dcm2niix",
    "ConversionSoftwareVersion": "v1.0.20180622 (JP2:OpenJPEG) GCC6.1.0",
    "DeviceSerialNumber": "35437",
    "DwellTime": 3.4e-06,
    "EchoTime": 0.03,
    "EffectiveEchoSpacing": 6.009615385e-05,
    "FlipAngle": 90,
    "ImageOrientationPatientDICOM": [
      1,
      0,
      0,
      0,
      0.866025,
      -0.5
    ],
    "ImageType": [
      "ORIGINAL",
      "PRIMARY",
      "M",
      "ND",
      "MOSAIC"
    ],
    "InPlanePhaseEncodingDirectionDICOM": "COL",
    "InstitutionAddress": "Queen_Square_12_London_Southeast_GB_WC1N_3BG",
    "InstitutionName": "WTCN",
    "InstitutionalDepartmentName": "Department",
    "MRAcquisitionType": "2D",
    "MagneticFieldStrength": 3,
    "Manufacturer": "Siemens",
    "ManufacturersModelName": "TrioTim",
    "Modality": "MR",
    "PartialFourier": 1,
    "PatientID": "MQ03792",
    "PatientName": "MQ03792",
    "PatientPosition": "HFS",
    "PatientSex": "",
    "PercentPhaseFOV": 100,
    "PhaseEncodingDirection": "j-",
    "PhaseEncodingSteps": 74,
    "PhaseOversampling": 0.13,
    "PhaseResolution": 1,
    "PixelBandwidth": 2298,
    "ProcedureStepDescription": "FIL_Johan_Carlin",
    "ProtocolName": "al_mepi2d_3mm_v1a_standard",
    "PulseSequenceDetails": "%CustomerSeq%_al_mepi2d_3mm_v1a",
    "ReceiveCoilName": "32Ch_Head",
    "ReconMatrixPE": 64,
    "RepetitionTime": 2.8,
    "SAR": 0.174401,
    "ScanOptions": "FS",
    "ScanningSequence": "RM",
    "SequenceName": "alepi2d2d1",
    "SequenceVariant": "SP_OSP",
    "SeriesDescription": "al_mepi2d_3mm_v1a_standard",
    "SeriesInstanceUID": "1.3.12.2.1107.5.2.32.35437.2016092611231682538045519.0.0.0",
    "SeriesNumber": 5,
    "ShimSetting": [
      -16,
      -3968,
      306,
      698,
      -90,
      178,
      22,
      93
    ],
    "SliceThickness": 2.5,
    "SliceTiming": [
      0,
      0.07,
      0.1425,
      0.2125,
      0.2825,
      0.3525,
      0.4225,
      0.4925,
      0.5625,
      0.6325,
      0.7025,
      0.775,
      0.845,
      0.915,
      0.985,
      1.055,
      1.125,
      1.195,
      1.265,
      1.335,
      1.4075,
      1.4775,
      1.5475,
      1.6175,
      1.6875,
      1.7575,
      1.8275,
      1.8975,
      1.9675,
      2.04,
      2.11,
      2.18,
      2.25,
      2.32,
      2.39,
      2.46,
      2.53,
      2.6,
      2.6725,
      2.7425
    ],
    "SoftwareVersions": "syngo_MR_B17",
    "SpacingBetweenSlices": 3,
    "StationName": "MRC35437",
    "StudyID": "1",
    "StudyInstanceUID": "1.3.12.2.1107.5.2.32.35437.30000016092609264936900000004",
    "TaskName": "memsamp",
    "TxRefAmp": 328.568,
    "dataset": "ds004009",
    "modality": "bold",
    "run_id": 1,
    "subject_id": "03",
    "task_id": "memsamp"
  },
  "dummy_trs": 4,
  "dvars_nstd": 22.504679806342406,
  "dvars_std": 1.0209789966536966,
  "dvars_vstd": 0.9160708182101168,
  "efc": 0.6176356652128896,
  "fber": 261.8123474121094,
  "fd_mean": 0.11869278639705151,
  "fd_num": 20,
  "fd_perc": 7.751937984496124,
  "fwhm_avg": 2.6069211111111112,
  "fwhm_x": 2.4523733333333335,
  "fwhm_y": 2.4757833333333332,
  "fwhm_z": 2.892606666666667,
  "gcor": 0.00951586,
  "gsr_x": -0.010795621201395988,
  "gsr_y": 0.03824775293469429,
  "provenance": {
    "md5sum": "9c1c147998cf54bff1a759c885d54aa6",
    "settings": {
      "fd_thres": 0.2,
      "testing": false
    },
    "software": "mriqc",
    "version": "23.0.1",
    "webapi_port": null,
    "webapi_url": "https://mriqc.nimh.nih.gov/api/v1"
  },
  "size_t": 258,
  "size_x": 64,
  "size_y": 64,
  "size_z": 40,
  "snr": 2.6254058138084306,
  "spacing_tr": 2.799999952316284,
  "spacing_x": 3.0,
  "spacing_y": 3.0,
  "spacing_z": 3.0,
  "summary_bg_k": 65.35240120219657,
  "summary_bg_mad": 12.831979775974428,
  "summary_bg_mean": 60.376441955566406,
  "summary_bg_median": 34.30232620239258,
  "summary_bg_n": 80415.0,
  "summary_bg_p05": 24.66666603088379,
  "summary_bg_p95": 174.99186096191409,
  "summary_bg_stdv": 81.19152069091797,
  "summary_fg_k": 2.4684199909679663,
  "summary_fg_mad": 180.74535400491132,
  "summary_fg_mean": 614.8023681640625,
  "summary_fg_median": 568.1124267578125,
  "summary_fg_n": 46171.0,
  "summary_fg_p05": 349.0465087890625,
  "summary_fg_p95": 1028.6821899414062,
  "summary_fg_stdv": 216.3879852294922,
  "tsnr": 47.558783346321434
}