{
  "aor": 0.0006019230769230769,
  "aqi": 0.004004475423076924,
  "bids_meta": {
    "AcquisitionDateTime": "2016-09-26T12:25:9.090000",
    "AcquisitionMatrixPE": 64,
    "AcquisitionNumber": 1,
    "AcquisitionTime": "12:25:9.090000",
    "BaseResolution": 64,
    "ConversionSoftware": "dcm2niix",
    "ConversionSoftwareVersion": "v1.0.20180622 (JP2:OpenJPEG) GCC6.1.0",
    "DeviceSerialNumber": "35437",
    "DwellTime": 3.4e-06,
    "EchoTime": 0.03,
    "EffectiveEchoSpacing": 6.009615385e-05,
    "FlipAngle": 90,
    "ImageOrientationPatientDICOM": [
      1,
      0,
      0,
      0,
      0.866025,
      -0.5
    ],
    "ImageType": [
      "ORIGINAL",
      "PRIMARY",
      "M",
      "ND",
      "MOSAIC"
    ],
    "InPlanePhaseEncodingDirectionDICOM": "COL",
    "InstitutionAddress": "Queen_Square_12_London_Southeast_GB_WC1N_3BG",
    "InstitutionName": "WTCN",
    "InstitutionalDepartmentName": "Department",
    "MRAcquisitionType": "2D",
    "MagneticFieldStrength": 3,
    "Manufacturer": "Siemens",
    "ManufacturersModelName": "TrioTim",
    "Modality": "MR",
    "PartialFourier": 1,
    "PatientID": "MQ03792",
    "PatientName": "MQ03792",
    "PatientPosition": "HFS",
    "PatientSex": "",
    "PercentPhaseFOV": 100,
    "PhaseEncodingDirection": "j-",
    "PhaseEncodingSteps": 74,
    "PhaseOversampling": 0.13,
    "PhaseResolution": 1,
    "PixelBandwidth": 2298,
    "ProcedureStepDescription": "FIL_Johan_Carlin",
    "ProtocolName": "al_mepi2d_3mm_v1a_standard",
    "PulseSequenceDetails": "%CustomerSeq%_al_mepi2d_3mm_v1a",
    "ReceiveCoilName": "32Ch_Head",
    "ReconMatrixPE": 64,
    "RepetitionTime": 2.8,
    "SAR": 0.174401,
    "ScanOptions": "FS",
    "ScanningSequence": "RM",
    "SequenceName": "alepi2d2d1",
    "SequenceVariant": "SP_OSP",
    "SeriesDescription": "al_mepi2d_3mm_v1a_standard",
    "SeriesInstanceUID": "1.3.12.2.1107.5.2.32.35437.2016092612223969291573469.0.0.0",
    "SeriesNumber": 9,
    "ShimSetting": [
      -16,
      -3968,
      306,
      698,
      -90,
      178,
      22,
      93
    ],
    "SliceThickness": 2.5,
    "SliceTiming": [
      0,
      0.07,
      0.1425,
      0.2125,
      0.2825,
      0.3525,
      0.4225,
      0.4925,
      0.5625,
      0.6325,
      0.7025,
      0.775,
      0.845,
      0.915,
      0.985,
      1.055,
      1.125,
      1.195,
      1.265,
      1.335,
      1.4075,
      1.4775,
      1.5475,
      1.6175,
      1.6875,
      1.7575,
      1.8275,
      1.8975,
      1.9675,
      2.04,
      2.11,
      2.18,
      2.25,
      2.32,
      2.39,
      2.46,
      2.53,
      2.6025,
      2.6725,
      2.7425
    ],
    "SoftwareVersions": "syngo_MR_B17",
    "SpacingBetweenSlices": 3,
    "StationName": "MRC35437",
    "StudyID": "1",
    "StudyInstanceUID": "1.3.12.2.1107.5.2.32.35437.30000016092609264936900000004",
    "TaskName": "motionLocaliser",
    "TxRefAmp": 328.568,
    "dataset": "ds004009",
    "modality": "bold",
    "subject_id": "03",
    "task_id": "motionLocaliser"
  },
  "dummy_trs": 2,
  "dvars_nstd": 26.86318796675677,
  "dvars_std": 1.1319349237837844,
  "dvars_vstd": 0.9498463739768341,
  "efc": 0.6217041159720933,
  "fber": 248.3669891357422,
  "fd_mean": 0.15213580350512876,
  "fd_num": 53,
  "fd_perc": 20.384615384615383,
  "fwhm_avg": 2.5896455555555558,
  "fwhm_x": 2.4373299999999998,
  "fwhm_y": 2.4759033333333336,
  "fwhm_z": 2.855703333333333,
  "gcor": 0.0141634,
  "gsr_x": -0.006602309178560972,
  "gsr_y": 0.035885054618120193,
  "provenance": {
    "md5sum": "64b6c0edacf018002873fc4adfefc158",
    "settings": {
      "fd_thres": 0.2,
      "testing": false
    },
    "software": "mriqc",
    "version": "23.0.1",
    "webapi_port": null,
    "webapi_url": "https://mriqc.nimh.nih.gov/api/v1"
  },
  "size_t": 260,
  "size_x": 64,
  "size_y": 64,
  "size_z": 40,
  "snr": 2.619279047774106,
  "spacing_tr": 2.799999952316284,
  "spacing_x": 3.0,
  "spacing_y": 3.0,
  "spacing_z": 3.0,
  "summary_bg_k": 59.08270875814305,
  "summary_bg_mad": 13.377633994416207,
  "summary_bg_mean": 63.72754669189453,
  "summary_bg_median": 35.023075103759766,
  "summary_bg_n": 80056.0,
  "summary_bg_p05": 25.0230770111084,
  "summary_bg_p95": 185.9461555480957,
  "summary_bg_stdv": 90.18988037109375,
  "summary_fg_k": 2.28629772859742,
  "summary_fg_mad": 181.49045573020277,
  "summary_fg_mean": 613.973876953125,
  "summary_fg_median": 567.0230712890625,
  "summary_fg_n": 46398.0,
  "summary_fg_p05": 347.37903747558596,
  "summary_fg_p95": 1025.247692871094,
  "summary_fg_stdv": 216.47825622558594,
  "tsnr": 57.2780169302132
}