{
  "bids_meta": {
    "AcquisitionDateTime": "2016-05-31T11:18:28.622500",
    "AcquisitionMatrixPE": 240,
    "AcquisitionNumber": 1,
    "AcquisitionTime": "11:18:28.622500",
    "BaseResolution": 256,
    "ConversionSoftware": "dcm2niix",
    "ConversionSoftwareVersion": "v1.0.20180622 (JP2:OpenJPEG) GCC6.1.0",
    "DeviceSerialNumber": "35437",
    "DwellTime": 4e-06,
    "EchoTime": 0.0022,
    "FlipAngle": 13,
    "ImageOrientationPatientDICOM": [
      0,
      0.866025,
      -0.5,
      0,
      -0.5,
      -0.866025
    ],
    "ImageType": [
      "ORIGINAL",
      "PRIMARY",
      "M",
      "ND"
    ],
    "InPlanePhaseEncodingDirectionDICOM": "ROW",
    "InstitutionAddress": "Queen_Square_12_London_Southeast_GB_WC1N_3BG",
    "InstitutionName": "Functional_Imaging_Laboratory",
    "InstitutionalDepartmentName": "Department",
    "MRAcquisitionType": "3D",
    "MagneticFieldStrength": 3,
    "Manufacturer": "Siemens",
    "ManufacturersModelName": "TrioTim",
    "Modality": "MR",
    "PartialFourier": 0.75,
    "PatientID": "MQ03643",
    "PatientName": "MQ03643",
    "PatientPosition": "HFS",
    "PatientSex": "",
    "PercentPhaseFOV": 93.75,
    "PhaseEncodingSteps": 180,
    "PhaseResolution": 1,
    "PixelBandwidth": 488,
    "ProcedureStepDescription": "FIL_Johan_Carlin",
    "ProtocolName": "BasicT1_NoVBM_nw_mtflash3d_v3h",
    "PulseSequenceDetails": "%CustomerSeq%_nw_mtflash3d_v3h",
    "ReceiveCoilName": "32Ch_Head",
    "ReconMatrixPE": 256,
    "RepetitionTime": 2,
    "SAR": 0.203104,
    "ScanOptions": "PFP",
    "ScanningSequence": "RM",
    "SequenceName": "fl3d_3h3d1",
    "SequenceVariant": "SP",
    "SeriesDescription": "BasicT1_NoVBM_nw_mtflash3d_v3h",
    "SeriesInstanceUID": "1.3.12.2.1107.5.2.32.35437.2016053111182649330823248.0.0.0",
    "SeriesNumber": 12,
    "ShimSetting": [
      43,
      -3934,
      307,
      498,
      26,
      7,
      136,
      147
    ],
    "SliceThickness": 1,
    "SoftwareVersions": "syngo_MR_B17",
    "StationName": "MRC35437",
    "StudyID": "1",
    "StudyInstanceUID": "1.3.12.2.1107.5.2.32.35437.30000016053108190656400000004",
    "TxRefAmp": 308.053,
    "dataset": "ds004009",
    "modality": "T1w",
    "subject_id": "09"
  },
  "cjv": 0.5014683974357184,
  "cnr": 2.7677005542973716,
  "efc": 0.5566811001586455,
  "fber": -1.0,
  "fwhm_avg": 5.039339999999999,
  "fwhm_x": 5.13133,
  "fwhm_y": 5.18279,
  "fwhm_z": 4.8039,
  "icvs_csf": 0.20685884208922672,
  "icvs_gm": 0.3616575089481361,
  "icvs_wm": 0.4314836489626372,
  "inu_med": 0.9109260141849518,
  "inu_range": 1.0269301608204842,
  "provenance": {
    "md5sum": "e9222e959f42453961f0029d726ed342",
    "settings": {
      "testing": false
    },
    "software": "mriqc",
    "version": "23.0.1",
    "warnings": {
      "large_rot_frame": true,
      "small_air_mask": false
    },
    "webapi_port": null,
    "webapi_url": "https://mriqc.nimh.nih.gov/api/v1"
  },
  "qi_1": 0.0,
  "qi_2": 0.008998109448405454,
  "rpve_csf": 25.509342744509816,
  "rpve_gm": 13.587228632023557,
  "rpve_wm": 13.831212419287796,
  "size_x": 176,
  "size_y": 240,
  "size_z": 256,
  "snr_csf": 3.296974844597535,
  "snr_gm": 14.682848875849762,
  "snr_total": 12.292630590855916,
  "snr_wm": 18.898068052120454,
  "snrd_csf": 22.919098018497102,
  "snrd_gm": 52.831071040899346,
  "snrd_total": 47.55686275210403,
  "snrd_wm": 66.92041919691565,
  "spacing_x": 1.0,
  "spacing_y": 1.0,
  "spacing_z": 1.0,
  "summary_bg_k": 4.880521020447313,
  "summary_bg_mad": 0.0,
  "summary_bg_mean": 6.8388745547134295,
  "summary_bg_median": 0.0,
  "summary_bg_n": 2556722.0,
  "summary_bg_p05": 0.0,
  "summary_bg_p95": 26.676194667816162,
  "summary_bg_stdv": 9.790366488857611,
  "summary_csf_k": 1.332513177387785,
  "summary_csf_mad": 100.46453343841694,
  "summary_csf_mean": 356.93359746970657,
  "summary_csf_median": 342.5032851099968,
  "summary_csf_n": 44467.0,
  "summary_csf_p05": 217.87543814629316,
  "summary_csf_p95": 538.5256798565388,
  "summary_csf_stdv": 103.88293815529065,
  "summary_gm_k": 0.22116420347588095,
  "summary_gm_mad": 52.968998297935116,
  "summary_gm_mean": 789.8327635870809,
  "summary_gm_median": 789.5081810280681,
  "summary_gm_n": 15635.0,
  "summary_gm_p05": 702.852229911834,
  "summary_gm_p95": 878.5280717164278,
  "summary_gm_stdv": 53.7690566181521,
  "summary_wm_k": 0.07651603536631146,
  "summary_wm_mad": 52.615871642615545,
  "summary_wm_mean": 1005.0470600614409,
  "summary_wm_median": 1000.0595746561885,
  "summary_wm_n": 183797.0,
  "summary_wm_p05": 926.6404942423105,
  "summary_wm_p95": 1100.0357595831156,
  "summary_wm_stdv": 52.91847036108028,
  "tpm_overlap_csf": 0.1699171613400529,
  "tpm_overlap_gm": 0.42846284976934224,
  "tpm_overlap_wm": 0.4765759866441787,
  "wm2max": 0.3420411400240338
}