{
  "aor": 0.005631417624521073,
  "aqi": 0.010103326053639845,
  "bids_meta": {
    "AcquisitionDateTime": "2016-06-14T11:28:0.695000",
    "AcquisitionMatrixPE": 64,
    "AcquisitionNumber": 1,
    "AcquisitionTime": "11:28:0.695000",
    "BaseResolution": 64,
    "ConversionSoftware": "dcm2niix",
    "ConversionSoftwareVersion": "v1.0.20180622 (JP2:OpenJPEG) GCC6.1.0",
    "DeviceSerialNumber": "35437",
    "DwellTime": 3.4e-06,
    "EchoTime": 0.03,
    "EffectiveEchoSpacing": 6.009615385e-05,
    "FlipAngle": 90,
    "ImageOrientationPatientDICOM": [
      1,
      0,
      0,
      0,
      0.866025,
      -0.5
    ],
    "ImageType": [
      "ORIGINAL",
      "PRIMARY",
      "M",
      "ND",
      "MOSAIC"
    ],
    "InPlanePhaseEncodingDirectionDICOM": "COL",
    "InstitutionAddress": "Queen_Square_12_London_Southeast_GB_WC1N_3BG",
    "InstitutionName": "Functional_Imaging_Laboratory",
    "InstitutionalDepartmentName": "Department",
    "MRAcquisitionType": "2D",
    "MagneticFieldStrength": 3,
    "Manufacturer": "Siemens",
    "ManufacturersModelName": "TrioTim",
    "Modality": "MR",
    "PartialFourier": 1,
    "PatientID": "MQ03661",
    "PatientName": "MQ03661",
    "PatientPosition": "HFS",
    "PatientSex": "",
    "PercentPhaseFOV": 100,
    "PhaseEncodingDirection": "j-",
    "PhaseEncodingSteps": 74,
    "PhaseOversampling": 0.13,
    "PhaseResolution": 1,
    "PixelBandwidth": 2298,
    "ProcedureStepDescription": "FIL_Johan_Carlin",
    "ProtocolName": "al_mepi2d_3mm_v1a_standard",
    "PulseSequenceDetails": "%CustomerSeq%_al_mepi2d_3mm_v1a",
    "ReceiveCoilName": "32Ch_Head",
    "ReconMatrixPE": 64,
    "RepetitionTime": 2.8,
    "SAR": 0.152796,
    "ScanOptions": "FS",
    "ScanningSequence": "RM",
    "SequenceName": "alepi2d2d1",
    "SequenceVariant": "SP_OSP",
    "SeriesDescription": "al_mepi2d_3mm_v1a_standard",
    "SeriesInstanceUID": "1.3.12.2.1107.5.2.32.35437.201606141125578051973400.0.0.0",
    "SeriesNumber": 9,
    "ShimSetting": [
      69,
      -3897,
      368,
      597,
      -5,
      382,
      102,
      91
    ],
    "SliceThickness": 2.5,
    "SliceTiming": [
      0,
      0.07,
      0.14,
      0.2125,
      0.2825,
      0.3525,
      0.4225,
      0.4925,
      0.5625,
      0.6325,
      0.7025,
      0.7725,
      0.845,
      0.915,
      0.985,
      1.055,
      1.125,
      1.195,
      1.265,
      1.335,
      1.405,
      1.4775,
      1.5475,
      1.6175,
      1.6875,
      1.7575,
      1.8275,
      1.8975,
      1.9675,
      2.04,
      2.11,
      2.18,
      2.25,
      2.32,
      2.39,
      2.46,
      2.53,
      2.6,
      2.6725,
      2.7425
    ],
    "SoftwareVersions": "syngo_MR_B17",
    "SpacingBetweenSlices": 3,
    "StationName": "MRC35437",
    "StudyID": "1",
    "StudyInstanceUID": "1.3.12.2.1107.5.2.32.35437.30000016061408254015600000004",
    "TaskName": "motionLocaliser",
    "TxRefAmp": 292.487,
    "dataset": "ds004009",
    "modality": "bold",
    "subject_id": "12",
    "task_id": "motionLocaliser"
  },
  "dummy_trs": 1,
  "dvars_nstd": 30.538040828423068,
  "dvars_std": 1.0439973939230769,
  "dvars_vstd": 0.9157030781153846,
  "efc": 0.5892111658280583,
  "fber": 341.0657958984375,
  "fd_mean": 0.18370772156786516,
  "fd_num": 38,
  "fd_perc": 14.559386973180077,
  "fwhm_avg": 2.582532222222222,
  "fwhm_x": 2.4291533333333333,
  "fwhm_y": 2.57557,
  "fwhm_z": 2.7428733333333333,
  "gcor": 0.0219856,
  "gsr_x": -0.016518225893378258,
  "gsr_y": 0.05760931596159935,
  "provenance": {
    "md5sum": "31b3dac72da30e00c02be8baa8d84f37",
    "settings": {
      "fd_thres": 0.2,
      "testing": false
    },
    "software": "mriqc",
    "version": "23.0.1",
    "webapi_port": null,
    "webapi_url": "https://mriqc.nimh.nih.gov/api/v1"
  },
  "size_t": 261,
  "size_x": 64,
  "size_y": 64,
  "size_z": 40,
  "snr": 2.933408009467029,
  "spacing_tr": 2.799999952316284,
  "spacing_x": 3.0,
  "spacing_y": 3.0,
  "spacing_z": 3.0,
  "summary_bg_k": 78.96515670383287,
  "summary_bg_mad": 8.12307023303453,
  "summary_bg_mean": 51.857730865478516,
  "summary_bg_median": 30.157087326049805,
  "summary_bg_n": 87924.0,
  "summary_bg_p05": 23.888887405395508,
  "summary_bg_p95": 143.2976943969726,
  "summary_bg_stdv": 67.83190155029297,
  "summary_fg_k": 0.9068886479049079,
  "summary_fg_mad": 184.06419671523307,
  "summary_fg_mean": 609.8189697265625,
  "summary_fg_median": 574.6513061523438,
  "summary_fg_n": 38173.0,
  "summary_fg_p05": 354.88734741210936,
  "summary_fg_p95": 979.6950073242189,
  "summary_fg_stdv": 195.89630126953125,
  "tsnr": 39.19599732058123
}