{
  "aor": 0.004570153256704981,
  "aqi": 0.007892249578544062,
  "bids_meta": {
    "AcquisitionDateTime": "2016-06-14T10:59:24.192500",
    "AcquisitionMatrixPE": 64,
    "AcquisitionNumber": 1,
    "AcquisitionTime": "10:59:24.192500",
    "BaseResolution": 64,
    "ConversionSoftware": "dcm2niix",
    "ConversionSoftwareVersion": "v1.0.20180622 (JP2:OpenJPEG) GCC6.1.0",
    "DeviceSerialNumber": "35437",
    "DwellTime": 3.4e-06,
    "EchoTime": 0.03,
    "EffectiveEchoSpacing": 6.009615385e-05,
    "FlipAngle": 90,
    "ImageOrientationPatientDICOM": [
      1,
      0,
      0,
      0,
      0.866025,
      -0.5
    ],
    "ImageType": [
      "ORIGINAL",
      "PRIMARY",
      "M",
      "ND",
      "MOSAIC"
    ],
    "InPlanePhaseEncodingDirectionDICOM": "COL",
    "InstitutionAddress": "Queen_Square_12_London_Southeast_GB_WC1N_3BG",
    "InstitutionName": "Functional_Imaging_Laboratory",
    "InstitutionalDepartmentName": "Department",
    "MRAcquisitionType": "2D",
    "MagneticFieldStrength": 3,
    "Manufacturer": "Siemens",
    "ManufacturersModelName": "TrioTim",
    "Modality": "MR",
    "PartialFourier": 1,
    "PatientID": "MQ03661",
    "PatientName": "MQ03661",
    "PatientPosition": "HFS",
    "PatientSex": "",
    "PercentPhaseFOV": 100,
    "PhaseEncodingDirection": "j-",
    "PhaseEncodingSteps": 74,
    "PhaseOversampling": 0.13,
    "PhaseResolution": 1,
    "PixelBandwidth": 2298,
    "ProcedureStepDescription": "FIL_Johan_Carlin",
    "ProtocolName": "al_mepi2d_3mm_v1a_standard",
    "PulseSequenceDetails": "%CustomerSeq%_al_mepi2d_3mm_v1a",
    "ReceiveCoilName": "32Ch_Head",
    "ReconMatrixPE": 64,
    "RepetitionTime": 2.8,
    "SAR": 0.152796,
    "ScanOptions": "FS",
    "ScanningSequence": "RM",
    "SequenceName": "alepi2d2d1",
    "SequenceVariant": "SP_OSP",
    "SeriesDescription": "al_mepi2d_3mm_v1a_standard",
    "SeriesInstanceUID": "1.3.12.2.1107.5.2.32.35437.2016061410580464372209460.0.0.0",
    "SeriesNumber": 7,
    "ShimSetting": [
      69,
      -3897,
      368,
      597,
      -5,
      382,
      102,
      91
    ],
    "SliceThickness": 2.5,
    "SliceTiming": [
      0,
      0.07,
      0.14,
      0.21,
      0.28,
      0.35,
      0.4225,
      0.4925,
      0.5625,
      0.6325,
      0.7025,
      0.7725,
      0.8425,
      0.9125,
      0.9825,
      1.055,
      1.125,
      1.195,
      1.265,
      1.335,
      1.405,
      1.475,
      1.545,
      1.615,
      1.6875,
      1.7575,
      1.8275,
      1.8975,
      1.9675,
      2.0375,
      2.1075,
      2.1775,
      2.2475,
      2.32,
      2.39,
      2.46,
      2.53,
      2.6,
      2.67,
      2.74
    ],
    "SoftwareVersions": "syngo_MR_B17",
    "SpacingBetweenSlices": 3,
    "StationName": "MRC35437",
    "StudyID": "1",
    "StudyInstanceUID": "1.3.12.2.1107.5.2.32.35437.30000016061408254015600000004",
    "TaskName": "memsamp",
    "TxRefAmp": 292.487,
    "dataset": "ds004009",
    "modality": "bold",
    "run_id": 3,
    "subject_id": "12",
    "task_id": "memsamp"
  },
  "dummy_trs": 1,
  "dvars_nstd": 35.749383435192314,
  "dvars_std": 1.1628703862307694,
  "dvars_vstd": 0.9686212631923075,
  "efc": 0.5884928522827695,
  "fber": 348.5645446777344,
  "fd_mean": 0.2643158416072729,
  "fd_num": 107,
  "fd_perc": 40.99616858237548,
  "fwhm_avg": 2.5571344444444444,
  "fwhm_x": 2.4284166666666667,
  "fwhm_y": 2.5448133333333334,
  "fwhm_z": 2.698173333333333,
  "gcor": 0.0247566,
  "gsr_x": -0.018346719443798065,
  "gsr_y": 0.05355612561106682,
  "provenance": {
    "md5sum": "d93d2d380c4c9c2bfa67b4742966e62b",
    "settings": {
      "fd_thres": 0.2,
      "testing": false
    },
    "software": "mriqc",
    "version": "23.0.1",
    "webapi_port": null,
    "webapi_url": "https://mriqc.nimh.nih.gov/api/v1"
  },
  "size_t": 261,
  "size_x": 64,
  "size_y": 64,
  "size_z": 40,
  "snr": 2.912937829363714,
  "spacing_tr": 2.799999952316284,
  "spacing_x": 3.0,
  "spacing_y": 3.0,
  "spacing_z": 3.0,
  "summary_bg_k": 74.3785936738491,
  "summary_bg_mad": 8.15715135245254,
  "summary_bg_mean": 52.31312942504883,
  "summary_bg_median": 30.08428955078125,
  "summary_bg_n": 87935.0,
  "summary_bg_p05": 23.800765991210938,
  "summary_bg_p95": 147.2513366699219,
  "summary_bg_stdv": 68.83434295654297,
  "summary_fg_k": 0.9366497760878723,
  "summary_fg_mad": 187.27368122358558,
  "summary_fg_mean": 614.003173828125,
  "summary_fg_median": 578.4022827148438,
  "summary_fg_n": 38171.0,
  "summary_fg_p05": 355.4291076660156,
  "summary_fg_p95": 987.7011108398438,
  "summary_fg_stdv": 198.56060791015625,
  "tsnr": 41.63453166652471
}