{
  "aor": 0.005993153846153846,
  "aqi": 0.009571331846153846,
  "bids_meta": {
    "AcquisitionDateTime": "2016-06-14T11:13:37.162500",
    "AcquisitionMatrixPE": 64,
    "AcquisitionNumber": 1,
    "AcquisitionTime": "11:13:37.162500",
    "BaseResolution": 64,
    "ConversionSoftware": "dcm2niix",
    "ConversionSoftwareVersion": "v1.0.20180622 (JP2:OpenJPEG) GCC6.1.0",
    "DeviceSerialNumber": "35437",
    "DwellTime": 3.4e-06,
    "EchoTime": 0.03,
    "EffectiveEchoSpacing": 6.009615385e-05,
    "FlipAngle": 90,
    "ImageOrientationPatientDICOM": [
      1,
      0,
      0,
      0,
      0.866025,
      -0.5
    ],
    "ImageType": [
      "ORIGINAL",
      "PRIMARY",
      "M",
      "ND",
      "MOSAIC"
    ],
    "InPlanePhaseEncodingDirectionDICOM": "COL",
    "InstitutionAddress": "Queen_Square_12_London_Southeast_GB_WC1N_3BG",
    "InstitutionName": "Functional_Imaging_Laboratory",
    "InstitutionalDepartmentName": "Department",
    "MRAcquisitionType": "2D",
    "MagneticFieldStrength": 3,
    "Manufacturer": "Siemens",
    "ManufacturersModelName": "TrioTim",
    "Modality": "MR",
    "PartialFourier": 1,
    "PatientID": "MQ03661",
    "PatientName": "MQ03661",
    "PatientPosition": "HFS",
    "PatientSex": "",
    "PercentPhaseFOV": 100,
    "PhaseEncodingDirection": "j-",
    "PhaseEncodingSteps": 74,
    "PhaseOversampling": 0.13,
    "PhaseResolution": 1,
    "PixelBandwidth": 2298,
    "ProcedureStepDescription": "FIL_Johan_Carlin",
    "ProtocolName": "al_mepi2d_3mm_v1a_standard",
    "PulseSequenceDetails": "%CustomerSeq%_al_mepi2d_3mm_v1a",
    "ReceiveCoilName": "32Ch_Head",
    "ReconMatrixPE": 64,
    "RepetitionTime": 2.8,
    "SAR": 0.152796,
    "ScanOptions": "FS",
    "ScanningSequence": "RM",
    "SequenceName": "alepi2d2d1",
    "SequenceVariant": "SP_OSP",
    "SeriesDescription": "al_mepi2d_3mm_v1a_standard",
    "SeriesInstanceUID": "1.3.12.2.1107.5.2.32.35437.201606141111514166141430.0.0.0",
    "SeriesNumber": 8,
    "ShimSetting": [
      69,
      -3897,
      368,
      597,
      -5,
      382,
      102,
      91
    ],
    "SliceThickness": 2.5,
    "SliceTiming": [
      0,
      0.07,
      0.14,
      0.21,
      0.2825,
      0.3525,
      0.4225,
      0.4925,
      0.5625,
      0.6325,
      0.7025,
      0.7725,
      0.8425,
      0.915,
      0.985,
      1.055,
      1.125,
      1.195,
      1.265,
      1.335,
      1.405,
      1.475,
      1.5475,
      1.6175,
      1.6875,
      1.7575,
      1.8275,
      1.8975,
      1.9675,
      2.0375,
      2.1075,
      2.18,
      2.25,
      2.32,
      2.39,
      2.46,
      2.53,
      2.6,
      2.67,
      2.7425
    ],
    "SoftwareVersions": "syngo_MR_B17",
    "SpacingBetweenSlices": 3,
    "StationName": "MRC35437",
    "StudyID": "1",
    "StudyInstanceUID": "1.3.12.2.1107.5.2.32.35437.30000016061408254015600000004",
    "TaskName": "exemplarLocaliser",
    "TxRefAmp": 292.487,
    "dataset": "ds004009",
    "modality": "bold",
    "subject_id": "12",
    "task_id": "exemplarLocaliser"
  },
  "dummy_trs": 2,
  "dvars_nstd": 37.466566417413105,
  "dvars_std": 1.1603239929729727,
  "dvars_vstd": 0.9725384841698843,
  "efc": 0.5883685200899875,
  "fber": 347.4965515136719,
  "fd_mean": 0.283704541679415,
  "fd_num": 108,
  "fd_perc": 41.53846153846154,
  "fwhm_avg": 2.5469122222222222,
  "fwhm_x": 2.412316666666667,
  "fwhm_y": 2.5424933333333333,
  "fwhm_z": 2.6859266666666666,
  "gcor": 0.0264486,
  "gsr_x": -0.016106363385915756,
  "gsr_y": 0.05334977060556412,
  "provenance": {
    "md5sum": "1766f6849fdfdeb12a73767c852cb312",
    "settings": {
      "fd_thres": 0.2,
      "testing": false
    },
    "software": "mriqc",
    "version": "23.0.1",
    "webapi_port": null,
    "webapi_url": "https://mriqc.nimh.nih.gov/api/v1"
  },
  "size_t": 260,
  "size_x": 64,
  "size_y": 64,
  "size_z": 40,
  "snr": 2.936439492712891,
  "spacing_tr": 2.799999952316284,
  "spacing_x": 3.0,
  "spacing_y": 3.0,
  "spacing_z": 3.0,
  "summary_bg_k": 77.9028680084445,
  "summary_bg_mad": 7.943327110528097,
  "summary_bg_mean": 50.823890686035156,
  "summary_bg_median": 29.926923751831055,
  "summary_bg_n": 87690.0,
  "summary_bg_p05": 23.80384635925293,
  "summary_bg_p95": 139.8601959228516,
  "summary_bg_stdv": 64.09723663330078,
  "summary_fg_k": 0.982793543558063,
  "summary_fg_mad": 184.39295000257627,
  "summary_fg_mean": 611.4046020507812,
  "summary_fg_median": 576.0980224609375,
  "summary_fg_n": 38204.0,
  "summary_fg_p05": 356.93921966552733,
  "summary_fg_p95": 981.5013458251952,
  "summary_fg_stdv": 196.18673706054688,
  "tsnr": 37.69469116721302
}