{
  "aor": 0.0006883076923076924,
  "aqi": 0.004308153384615385,
  "bids_meta": {
    "AcquisitionDateTime": "2016-06-14T10:31:29.940000",
    "AcquisitionMatrixPE": 64,
    "AcquisitionNumber": 1,
    "AcquisitionTime": "10:31:29.940000",
    "BaseResolution": 64,
    "ConversionSoftware": "dcm2niix",
    "ConversionSoftwareVersion": "v1.0.20180622 (JP2:OpenJPEG) GCC6.1.0",
    "DeviceSerialNumber": "35437",
    "DwellTime": 3.4e-06,
    "EchoTime": 0.03,
    "EffectiveEchoSpacing": 6.009615385e-05,
    "FlipAngle": 90,
    "ImageOrientationPatientDICOM": [
      1,
      0,
      0,
      0,
      0.866025,
      -0.5
    ],
    "ImageType": [
      "ORIGINAL",
      "PRIMARY",
      "M",
      "ND",
      "MOSAIC"
    ],
    "InPlanePhaseEncodingDirectionDICOM": "COL",
    "InstitutionAddress": "Queen_Square_12_London_Southeast_GB_WC1N_3BG",
    "InstitutionName": "Functional_Imaging_Laboratory",
    "InstitutionalDepartmentName": "Department",
    "MRAcquisitionType": "2D",
    "MagneticFieldStrength": 3,
    "Manufacturer": "Siemens",
    "ManufacturersModelName": "TrioTim",
    "Modality": "MR",
    "PartialFourier": 1,
    "PatientID": "MQ03661",
    "PatientName": "MQ03661",
    "PatientPosition": "HFS",
    "PatientSex": "",
    "PercentPhaseFOV": 100,
    "PhaseEncodingDirection": "j-",
    "PhaseEncodingSteps": 74,
    "PhaseOversampling": 0.13,
    "PhaseResolution": 1,
    "PixelBandwidth": 2298,
    "ProcedureStepDescription": "FIL_Johan_Carlin",
    "ProtocolName": "al_mepi2d_3mm_v1a_standard",
    "PulseSequenceDetails": "%CustomerSeq%_al_mepi2d_3mm_v1a",
    "ReceiveCoilName": "32Ch_Head",
    "ReconMatrixPE": 64,
    "RepetitionTime": 2.8,
    "SAR": 0.152796,
    "ScanOptions": "FS",
    "ScanningSequence": "RM",
    "SequenceName": "alepi2d2d1",
    "SequenceVariant": "SP_OSP",
    "SeriesDescription": "al_mepi2d_3mm_v1a_standard",
    "SeriesInstanceUID": "1.3.12.2.1107.5.2.32.35437.2016061410264197789645520.0.0.0",
    "SeriesNumber": 5,
    "ShimSetting": [
      69,
      -3897,
      368,
      597,
      -5,
      382,
      102,
      91
    ],
    "SliceThickness": 2.5,
    "SliceTiming": [
      0,
      0.07,
      0.14,
      0.21,
      0.28,
      0.3525,
      0.4225,
      0.4925,
      0.5625,
      0.6325,
      0.7025,
      0.7725,
      0.8425,
      0.9125,
      0.985,
      1.055,
      1.125,
      1.195,
      1.265,
      1.335,
      1.405,
      1.475,
      1.545,
      1.6175,
      1.6875,
      1.7575,
      1.8275,
      1.8975,
      1.9675,
      2.0375,
      2.1075,
      2.1775,
      2.25,
      2.32,
      2.39,
      2.46,
      2.53,
      2.6,
      2.67,
      2.74
    ],
    "SoftwareVersions": "syngo_MR_B17",
    "SpacingBetweenSlices": 3,
    "StationName": "MRC35437",
    "StudyID": "1",
    "StudyInstanceUID": "1.3.12.2.1107.5.2.32.35437.30000016061408254015600000004",
    "TaskName": "memsamp",
    "TxRefAmp": 292.487,
    "dataset": "ds004009",
    "modality": "bold",
    "run_id": 1,
    "subject_id": "12",
    "task_id": "memsamp"
  },
  "dummy_trs": 2,
  "dvars_nstd": 22.14051402389962,
  "dvars_std": 1.126177931119691,
  "dvars_vstd": 0.9426420312355215,
  "efc": 0.5855065688354486,
  "fber": 364.2998962402344,
  "fd_mean": 0.05963732464909015,
  "fd_num": 3,
  "fd_perc": 1.1538461538461537,
  "fwhm_avg": 2.5387633333333333,
  "fwhm_x": 2.4072999999999998,
  "fwhm_y": 2.519223333333333,
  "fwhm_z": 2.689766666666667,
  "gcor": 0.0241877,
  "gsr_x": -0.016950426623225212,
  "gsr_y": 0.04992847144603729,
  "provenance": {
    "md5sum": "7c3b75ddaae2a06d213bac01dcfc03c9",
    "settings": {
      "fd_thres": 0.2,
      "testing": false
    },
    "software": "mriqc",
    "version": "23.0.1",
    "webapi_port": null,
    "webapi_url": "https://mriqc.nimh.nih.gov/api/v1"
  },
  "size_t": 260,
  "size_x": 64,
  "size_y": 64,
  "size_z": 40,
  "snr": 2.94355465157086,
  "spacing_tr": 2.799999952316284,
  "spacing_x": 3.0,
  "spacing_y": 3.0,
  "spacing_z": 3.0,
  "summary_bg_k": 67.07271318485097,
  "summary_bg_mad": 7.327477436783192,
  "summary_bg_mean": 50.557498931884766,
  "summary_bg_median": 29.323076248168945,
  "summary_bg_n": 88365.0,
  "summary_bg_p05": 23.869230270385742,
  "summary_bg_p95": 141.96846618652344,
  "summary_bg_stdv": 64.64305114746094,
  "summary_fg_k": 0.8811415786677022,
  "summary_fg_mad": 184.24183026961092,
  "summary_fg_mean": 610.1287231445312,
  "summary_fg_median": 575.642333984375,
  "summary_fg_n": 37993.0,
  "summary_fg_p05": 354.67229614257815,
  "summary_fg_p95": 979.2415405273438,
  "summary_fg_stdv": 195.5576934814453,
  "tsnr": 61.747559022158384
}