{
  "aor": 0.00508126923076923,
  "aqi": 0.009445410576923077,
  "bids_meta": {
    "AcquisitionDateTime": "2016-06-14T11:42:14.155000",
    "AcquisitionMatrixPE": 64,
    "AcquisitionNumber": 1,
    "AcquisitionTime": "11:42:14.155000",
    "BaseResolution": 64,
    "ConversionSoftware": "dcm2niix",
    "ConversionSoftwareVersion": "v1.0.20180622 (JP2:OpenJPEG) GCC6.1.0",
    "DeviceSerialNumber": "35437",
    "DwellTime": 3.4e-06,
    "EchoTime": 0.03,
    "EffectiveEchoSpacing": 6.009615385e-05,
    "FlipAngle": 90,
    "ImageOrientationPatientDICOM": [
      1,
      0,
      0,
      0,
      0.866025,
      -0.5
    ],
    "ImageType": [
      "ORIGINAL",
      "PRIMARY",
      "M",
      "ND",
      "MOSAIC"
    ],
    "InPlanePhaseEncodingDirectionDICOM": "COL",
    "InstitutionAddress": "Queen_Square_12_London_Southeast_GB_WC1N_3BG",
    "InstitutionName": "Functional_Imaging_Laboratory",
    "InstitutionalDepartmentName": "Department",
    "MRAcquisitionType": "2D",
    "MagneticFieldStrength": 3,
    "Manufacturer": "Siemens",
    "ManufacturersModelName": "TrioTim",
    "Modality": "MR",
    "PartialFourier": 1,
    "PatientID": "MQ03661",
    "PatientName": "MQ03661",
    "PatientPosition": "HFS",
    "PatientSex": "",
    "PercentPhaseFOV": 100,
    "PhaseEncodingDirection": "j-",
    "PhaseEncodingSteps": 74,
    "PhaseOversampling": 0.13,
    "PhaseResolution": 1,
    "PixelBandwidth": 2298,
    "ProcedureStepDescription": "FIL_Johan_Carlin",
    "ProtocolName": "al_mepi2d_3mm_v1a_standard",
    "PulseSequenceDetails": "%CustomerSeq%_al_mepi2d_3mm_v1a",
    "ReceiveCoilName": "32Ch_Head",
    "ReconMatrixPE": 64,
    "RepetitionTime": 2.8,
    "SAR": 0.152796,
    "ScanOptions": "FS",
    "ScanningSequence": "RM",
    "SequenceName": "alepi2d2d1",
    "SequenceVariant": "SP_OSP",
    "SeriesDescription": "al_mepi2d_3mm_v1a_standard",
    "SeriesInstanceUID": "1.3.12.2.1107.5.2.32.35437.2016061411410720207105370.0.0.0",
    "SeriesNumber": 10,
    "ShimSetting": [
      69,
      -3897,
      368,
      597,
      -5,
      382,
      102,
      91
    ],
    "SliceThickness": 2.5,
    "SliceTiming": [
      0,
      0.07,
      0.14,
      0.2125,
      0.2825,
      0.3525,
      0.4225,
      0.4925,
      0.5625,
      0.6325,
      0.7025,
      0.7725,
      0.845,
      0.915,
      0.985,
      1.055,
      1.125,
      1.195,
      1.265,
      1.335,
      1.405,
      1.4775,
      1.5475,
      1.6175,
      1.6875,
      1.7575,
      1.8275,
      1.8975,
      1.9675,
      2.0375,
      2.11,
      2.18,
      2.25,
      2.32,
      2.39,
      2.46,
      2.53,
      2.6,
      2.67,
      2.7425
    ],
    "SoftwareVersions": "syngo_MR_B17",
    "SpacingBetweenSlices": 3,
    "StationName": "MRC35437",
    "StudyID": "1",
    "StudyInstanceUID": "1.3.12.2.1107.5.2.32.35437.30000016061408254015600000004",
    "TaskName": "memsamp",
    "TxRefAmp": 292.487,
    "dataset": "ds004009",
    "modality": "bold",
    "run_id": 4,
    "subject_id": "12",
    "task_id": "memsamp"
  },
  "dummy_trs": 2,
  "dvars_nstd": 30.81102053088803,
  "dvars_std": 1.0670015294594588,
  "dvars_vstd": 0.9262132289961383,
  "efc": 0.5892638123484768,
  "fber": 341.6770935058594,
  "fd_mean": 0.20417674943061082,
  "fd_num": 83,
  "fd_perc": 31.923076923076923,
  "fwhm_avg": 2.566383333333333,
  "fwhm_x": 2.4274766666666667,
  "fwhm_y": 2.552166666666667,
  "fwhm_z": 2.7195066666666663,
  "gcor": 0.0191807,
  "gsr_x": -0.015943441540002823,
  "gsr_y": 0.05374777317047119,
  "provenance": {
    "md5sum": "a4aa67812cc4389d23a3c6f52eb5b886",
    "settings": {
      "fd_thres": 0.2,
      "testing": false
    },
    "software": "mriqc",
    "version": "23.0.1",
    "webapi_port": null,
    "webapi_url": "https://mriqc.nimh.nih.gov/api/v1"
  },
  "size_t": 260,
  "size_x": 64,
  "size_y": 64,
  "size_z": 40,
  "snr": 2.926259264232671,
  "spacing_tr": 2.799999952316284,
  "spacing_x": 3.0,
  "spacing_y": 3.0,
  "spacing_z": 3.0,
  "summary_bg_k": 74.27901054684364,
  "summary_bg_mad": 8.217039333454416,
  "summary_bg_mean": 52.014686584472656,
  "summary_bg_median": 30.311538696289062,
  "summary_bg_n": 87879.0,
  "summary_bg_p05": 23.984615325927734,
  "summary_bg_p95": 144.28345489501896,
  "summary_bg_stdv": 66.2710952758789,
  "summary_fg_k": 0.9413915614570052,
  "summary_fg_mad": 185.9097577654297,
  "summary_fg_mean": 612.45068359375,
  "summary_fg_median": 577.28271484375,
  "summary_fg_n": 38126.0,
  "summary_fg_p05": 355.8721160888672,
  "summary_fg_p95": 984.2077026367188,
  "summary_fg_stdv": 197.2740936279297,
  "tsnr": 39.05003976309672
}