{
  "aor": 0.013349,
  "aqi": 0.00603800626923077,
  "bids_meta": {
    "AcquisitionDateTime": "2016-06-14T10:45:44.870000",
    "AcquisitionMatrixPE": 64,
    "AcquisitionNumber": 1,
    "AcquisitionTime": "10:45:44.870000",
    "BaseResolution": 64,
    "ConversionSoftware": "dcm2niix",
    "ConversionSoftwareVersion": "v1.0.20180622 (JP2:OpenJPEG) GCC6.1.0",
    "DeviceSerialNumber": "35437",
    "DwellTime": 3.4e-06,
    "EchoTime": 0.03,
    "EffectiveEchoSpacing": 6.009615385e-05,
    "FlipAngle": 90,
    "ImageOrientationPatientDICOM": [
      1,
      0,
      0,
      0,
      0.866025,
      -0.5
    ],
    "ImageType": [
      "ORIGINAL",
      "PRIMARY",
      "M",
      "ND",
      "MOSAIC"
    ],
    "InPlanePhaseEncodingDirectionDICOM": "COL",
    "InstitutionAddress": "Queen_Square_12_London_Southeast_GB_WC1N_3BG",
    "InstitutionName": "Functional_Imaging_Laboratory",
    "InstitutionalDepartmentName": "Department",
    "MRAcquisitionType": "2D",
    "MagneticFieldStrength": 3,
    "Manufacturer": "Siemens",
    "ManufacturersModelName": "TrioTim",
    "Modality": "MR",
    "PartialFourier": 1,
    "PatientID": "MQ03661",
    "PatientName": "MQ03661",
    "PatientPosition": "HFS",
    "PatientSex": "",
    "PercentPhaseFOV": 100,
    "PhaseEncodingDirection": "j-",
    "PhaseEncodingSteps": 74,
    "PhaseOversampling": 0.13,
    "PhaseResolution": 1,
    "PixelBandwidth": 2298,
    "ProcedureStepDescription": "FIL_Johan_Carlin",
    "ProtocolName": "al_mepi2d_3mm_v1a_standard",
    "PulseSequenceDetails": "%CustomerSeq%_al_mepi2d_3mm_v1a",
    "ReceiveCoilName": "32Ch_Head",
    "ReconMatrixPE": 64,
    "RepetitionTime": 2.8,
    "SAR": 0.152796,
    "ScanOptions": "FS",
    "ScanningSequence": "RM",
    "SequenceName": "alepi2d2d1",
    "SequenceVariant": "SP_OSP",
    "SeriesDescription": "al_mepi2d_3mm_v1a_standard",
    "SeriesInstanceUID": "1.3.12.2.1107.5.2.32.35437.2016061410435490476577490.0.0.0",
    "SeriesNumber": 6,
    "ShimSetting": [
      69,
      -3897,
      368,
      597,
      -5,
      382,
      102,
      91
    ],
    "SliceThickness": 2.5,
    "SliceTiming": [
      0,
      0.07,
      0.14,
      0.21,
      0.2825,
      0.3525,
      0.4225,
      0.4925,
      0.5625,
      0.6325,
      0.7025,
      0.7725,
      0.845,
      0.915,
      0.985,
      1.055,
      1.125,
      1.195,
      1.265,
      1.335,
      1.405,
      1.4775,
      1.5475,
      1.6175,
      1.6875,
      1.7575,
      1.8275,
      1.8975,
      1.9675,
      2.0375,
      2.11,
      2.18,
      2.25,
      2.32,
      2.39,
      2.46,
      2.53,
      2.6,
      2.67,
      2.7425
    ],
    "SoftwareVersions": "syngo_MR_B17",
    "SpacingBetweenSlices": 3,
    "StationName": "MRC35437",
    "StudyID": "1",
    "StudyInstanceUID": "1.3.12.2.1107.5.2.32.35437.30000016061408254015600000004",
    "TaskName": "memsamp",
    "TxRefAmp": 292.487,
    "dataset": "ds004009",
    "modality": "bold",
    "run_id": 2,
    "subject_id": "12",
    "task_id": "memsamp"
  },
  "dummy_trs": 2,
  "dvars_nstd": 24.282104635984535,
  "dvars_std": 1.2218514546332049,
  "dvars_vstd": 1.0853937761003858,
  "efc": 0.5868198684378325,
  "fber": 358.54290771484375,
  "fd_mean": 0.08944880805793033,
  "fd_num": 13,
  "fd_perc": 5.0,
  "fwhm_avg": 2.551321111111111,
  "fwhm_x": 2.41282,
  "fwhm_y": 2.5318033333333334,
  "fwhm_z": 2.7093399999999996,
  "gcor": 0.0226659,
  "gsr_x": -0.017416594550013542,
  "gsr_y": 0.05103222280740738,
  "provenance": {
    "md5sum": "34d376a93f532f417cca665fc8149334",
    "settings": {
      "fd_thres": 0.2,
      "testing": false
    },
    "software": "mriqc",
    "version": "23.0.1",
    "webapi_port": null,
    "webapi_url": "https://mriqc.nimh.nih.gov/api/v1"
  },
  "size_t": 260,
  "size_x": 64,
  "size_y": 64,
  "size_z": 40,
  "snr": 2.9392586380936376,
  "spacing_tr": 2.799999952316284,
  "spacing_x": 3.0,
  "spacing_y": 3.0,
  "spacing_z": 3.0,
  "summary_bg_k": 68.9903090143856,
  "summary_bg_mad": 7.641104611633276,
  "summary_bg_mean": 51.53108215332031,
  "summary_bg_median": 29.680768966674805,
  "summary_bg_n": 88298.0,
  "summary_bg_p05": 24.015384674072266,
  "summary_bg_p95": 145.67154235839834,
  "summary_bg_stdv": 66.32157897949219,
  "summary_fg_k": 0.8854186834468258,
  "summary_fg_mad": 185.40509025001188,
  "summary_fg_mean": 612.8511962890625,
  "summary_fg_median": 578.1115112304688,
  "summary_fg_n": 38013.0,
  "summary_fg_p05": 356.45770263671875,
  "summary_fg_p95": 983.4569335937501,
  "summary_fg_stdv": 196.68357849121094,
  "tsnr": 49.282887862063944
}