{
  "bids_meta": {
    "AcquisitionDateTime": "2016-09-12T11:30:19.927500",
    "AcquisitionMatrixPE": 240,
    "AcquisitionNumber": 1,
    "AcquisitionTime": "11:30:19.927500",
    "BaseResolution": 256,
    "ConversionSoftware": "dcm2niix",
    "ConversionSoftwareVersion": "v1.0.20180622 (JP2:OpenJPEG) GCC6.1.0",
    "DeviceSerialNumber": "35437",
    "DwellTime": 4e-06,
    "EchoTime": 0.0022,
    "FlipAngle": 13,
    "ImageOrientationPatientDICOM": [
      0,
      0.866025,
      -0.5,
      0,
      -0.5,
      -0.866025
    ],
    "ImageType": [
      "ORIGINAL",
      "PRIMARY",
      "M",
      "ND"
    ],
    "InPlanePhaseEncodingDirectionDICOM": "ROW",
    "InstitutionAddress": "Queen_Square_12_London_Southeast_GB_WC1N_3BG",
    "InstitutionName": "WTCN",
    "InstitutionalDepartmentName": "Department",
    "MRAcquisitionType": "3D",
    "MagneticFieldStrength": 3,
    "Manufacturer": "Siemens",
    "ManufacturersModelName": "TrioTim",
    "Modality": "MR",
    "PartialFourier": 0.75,
    "PatientID": "MQ03773",
    "PatientName": "MQ03773",
    "PatientPosition": "HFS",
    "PatientSex": "",
    "PercentPhaseFOV": 93.75,
    "PhaseEncodingSteps": 180,
    "PhaseResolution": 1,
    "PixelBandwidth": 488,
    "ProcedureStepDescription": "FIL_Johan_Carlin",
    "ProtocolName": "BasicT1_NoVBM_nw_mtflash3d_v3h",
    "PulseSequenceDetails": "%CustomerSeq%_nw_mtflash3d_v3h",
    "ReceiveCoilName": "32Ch_Head",
    "ReconMatrixPE": 256,
    "RepetitionTime": 2,
    "SAR": 0.225331,
    "ScanOptions": "PFP",
    "ScanningSequence": "RM",
    "SequenceName": "fl3d_3h3d1",
    "SequenceVariant": "SP",
    "SeriesDescription": "BasicT1_NoVBM_nw_mtflash3d_v3h",
    "SeriesInstanceUID": "1.3.12.2.1107.5.2.32.35437.2016091211301584415690798.0.0.0",
    "SeriesNumber": 10,
    "ShimSetting": [
      17,
      -4002,
      370,
      598,
      -64,
      321,
      121,
      134
    ],
    "SliceThickness": 1,
    "SoftwareVersions": "syngo_MR_B17",
    "StationName": "MRC35437",
    "StudyID": "1",
    "StudyInstanceUID": "1.3.12.2.1107.5.2.32.35437.30000016091208051033500000004",
    "TxRefAmp": 306.471,
    "dataset": "ds004009",
    "modality": "T1w",
    "subject_id": "18"
  },
  "cjv": 0.49084379413608376,
  "cnr": 2.8298408412872025,
  "efc": 0.5368541812059897,
  "fber": -1.0,
  "fwhm_avg": 5.269603333333333,
  "fwhm_x": 5.51385,
  "fwhm_y": 5.26166,
  "fwhm_z": 5.0333,
  "icvs_csf": 0.16887160253956573,
  "icvs_gm": 0.3853305670925549,
  "icvs_wm": 0.44579783036787934,
  "inu_med": 0.8175837397575378,
  "inu_range": 0.8064361214637756,
  "provenance": {
    "md5sum": "2c7f579930e0a79cd77585ab75ab62fe",
    "settings": {
      "testing": false
    },
    "software": "mriqc",
    "version": "23.0.1",
    "warnings": {
      "large_rot_frame": true,
      "small_air_mask": false
    },
    "webapi_port": null,
    "webapi_url": "https://mriqc.nimh.nih.gov/api/v1"
  },
  "qi_1": 0.0,
  "qi_2": 0.010175842297778893,
  "rpve_csf": 32.20334279350482,
  "rpve_gm": 14.091961600862474,
  "rpve_wm": 14.445167628141638,
  "size_x": 176,
  "size_y": 240,
  "size_z": 256,
  "snr_csf": 3.369304808706215,
  "snr_gm": 15.890807047031958,
  "snr_total": 13.471283034238198,
  "snr_wm": 21.15373724697642,
  "snrd_csf": 26.586753076518274,
  "snrd_gm": 54.828448784918216,
  "snrd_total": 49.9154624656936,
  "snrd_wm": 68.33118553564431,
  "spacing_x": 1.0,
  "spacing_y": 1.0,
  "spacing_z": 1.0,
  "summary_bg_k": 5.381617729376218,
  "summary_bg_mad": 0.0,
  "summary_bg_mean": 6.435038051267145,
  "summary_bg_median": 0.0,
  "summary_bg_n": 2061302.0,
  "summary_bg_p05": 0.0,
  "summary_bg_p95": 25.971751306205988,
  "summary_bg_stdv": 9.588222589635889,
  "summary_csf_k": 4.8625426517872885,
  "summary_csf_mad": 108.50841176571052,
  "summary_csf_mean": 384.5913948172374,
  "summary_csf_median": 389.1093617044389,
  "summary_csf_n": 28137.0,
  "summary_csf_p05": 214.9994100265205,
  "summary_csf_p95": 559.9392854645848,
  "summary_csf_stdv": 115.48448988290188,
  "summary_gm_k": -0.04276315456439628,
  "summary_gm_mad": 50.7064826911534,
  "summary_gm_mean": 801.9206170111676,
  "summary_gm_median": 802.439570132643,
  "summary_gm_n": 24876.0,
  "summary_gm_p05": 717.9876057729125,
  "summary_gm_p95": 884.6153585352004,
  "summary_gm_stdv": 50.49607856954127,
  "summary_wm_k": 0.1245437502364175,
  "summary_wm_mad": 46.293461160012065,
  "summary_wm_mean": 1003.471641518346,
  "summary_wm_median": 1000.0583340041339,
  "summary_wm_n": 190330.0,
  "summary_wm_p05": 931.656328316778,
  "summary_wm_p95": 1087.7786535844207,
  "summary_wm_stdv": 47.275604076728584,
  "tpm_overlap_csf": 0.16270724690132024,
  "tpm_overlap_gm": 0.43962352607431954,
  "tpm_overlap_wm": 0.47243805136750805,
  "wm2max": 0.34208424835296464
}