{
  "bids_meta": {
    "AcquisitionDateTime": "2016-06-13T12:35:1.285000",
    "AcquisitionMatrixPE": 240,
    "AcquisitionNumber": 1,
    "AcquisitionTime": "12:35:1.285000",
    "BaseResolution": 256,
    "ConversionSoftware": "dcm2niix",
    "ConversionSoftwareVersion": "v1.0.20180622 (JP2:OpenJPEG) GCC6.1.0",
    "DeviceSerialNumber": "35437",
    "DwellTime": 4e-06,
    "EchoTime": 0.0022,
    "FlipAngle": 13,
    "ImageOrientationPatientDICOM": [
      0,
      0.866025,
      -0.5,
      0,
      -0.5,
      -0.866025
    ],
    "ImageType": [
      "ORIGINAL",
      "PRIMARY",
      "M",
      "ND"
    ],
    "InPlanePhaseEncodingDirectionDICOM": "ROW",
    "InstitutionAddress": "Queen_Square_12_London_Southeast_GB_WC1N_3BG",
    "InstitutionName": "Functional_Imaging_Laboratory",
    "InstitutionalDepartmentName": "Department",
    "MRAcquisitionType": "3D",
    "MagneticFieldStrength": 3,
    "Manufacturer": "Siemens",
    "ManufacturersModelName": "TrioTim",
    "Modality": "MR",
    "PartialFourier": 0.75,
    "PatientID": "MQ03660",
    "PatientName": "MQ03660",
    "PatientPosition": "HFS",
    "PatientSex": "",
    "PercentPhaseFOV": 93.75,
    "PhaseEncodingSteps": 180,
    "PhaseResolution": 1,
    "PixelBandwidth": 488,
    "ProcedureStepDescription": "FIL_Johan_Carlin",
    "ProtocolName": "BasicT1_NoVBM_nw_mtflash3d_v3h",
    "PulseSequenceDetails": "%CustomerSeq%_nw_mtflash3d_v3h",
    "ReceiveCoilName": "32Ch_Head",
    "ReconMatrixPE": 256,
    "RepetitionTime": 2,
    "SAR": 0.231901,
    "ScanOptions": "PFP",
    "ScanningSequence": "RM",
    "SequenceName": "fl3d_3h3d1",
    "SequenceVariant": "SP",
    "SeriesDescription": "BasicT1_NoVBM_nw_mtflash3d_v3h",
    "SeriesInstanceUID": "1.3.12.2.1107.5.2.32.35437.2016061312345995012455131.0.0.0",
    "SeriesNumber": 10,
    "ShimSetting": [
      36,
      -4105,
      352,
      452,
      -7,
      -329,
      466,
      125
    ],
    "SliceThickness": 1,
    "SoftwareVersions": "syngo_MR_B17",
    "StationName": "MRC35437",
    "StudyID": "1",
    "StudyInstanceUID": "1.3.12.2.1107.5.2.32.35437.30000016061307504849300000007",
    "TxRefAmp": 288.773,
    "dataset": "ds004009",
    "modality": "T1w",
    "subject_id": "25"
  },
  "cjv": 0.46751255845414097,
  "cnr": 3.0006393489157306,
  "efc": 0.5654951952105192,
  "fber": 11266.30612244898,
  "fwhm_avg": 5.3828700000000005,
  "fwhm_x": 5.58791,
  "fwhm_y": 5.50019,
  "fwhm_z": 5.06051,
  "icvs_csf": 0.13633812738703682,
  "icvs_gm": 0.4056940207583114,
  "icvs_wm": 0.4579678518546518,
  "inu_med": 0.8305755257606506,
  "inu_range": 0.910759449005127,
  "provenance": {
    "md5sum": "4cff83aaea078cfa59236e6ddbf87bcb",
    "settings": {
      "testing": false
    },
    "software": "mriqc",
    "version": "23.0.1",
    "warnings": {
      "large_rot_frame": true,
      "small_air_mask": false
    },
    "webapi_port": null,
    "webapi_url": "https://mriqc.nimh.nih.gov/api/v1"
  },
  "qi_1": 0.0,
  "qi_2": 0.008013359607933701,
  "rpve_csf": 35.24797709448525,
  "rpve_gm": 12.282546405880154,
  "rpve_wm": 12.549919295809012,
  "size_x": 176,
  "size_y": 240,
  "size_z": 256,
  "snr_csf": 2.5533550694396028,
  "snr_gm": 16.591521274894202,
  "snr_total": 13.371144116876975,
  "snr_wm": 20.968556006297117,
  "snrd_csf": 25.09191910728081,
  "snrd_gm": 58.2360261938835,
  "snrd_total": 52.18332933737303,
  "snrd_wm": 73.22204271095478,
  "spacing_x": 1.0,
  "spacing_y": 1.0,
  "spacing_z": 1.0,
  "summary_bg_k": 4.784196436120182,
  "summary_bg_mad": 0.0,
  "summary_bg_mean": 6.831729409595116,
  "summary_bg_median": 0.0,
  "summary_bg_n": 2140987.0,
  "summary_bg_p05": 0.0,
  "summary_bg_p95": 24.105754911899567,
  "summary_bg_stdv": 8.947753728031847,
  "summary_csf_k": 0.2758697890807804,
  "summary_csf_mad": 128.3401254396389,
  "summary_csf_mean": 344.45019664579,
  "summary_csf_median": 342.7016308903694,
  "summary_csf_n": 16788.0,
  "summary_csf_p05": 95.01777633130551,
  "summary_csf_p95": 558.0787749782204,
  "summary_csf_stdv": 134.21220890745553,
  "summary_gm_k": -0.010652770106490017,
  "summary_gm_mad": 48.17386806685195,
  "summary_gm_mean": 795.2336463794148,
  "summary_gm_median": 795.3788256645203,
  "summary_gm_n": 31953.0,
  "summary_gm_p05": 715.7853998839855,
  "summary_gm_p95": 873.7503007352352,
  "summary_gm_stdv": 47.93812250937731,
  "summary_wm_k": 0.05355078379674083,
  "summary_wm_mad": 47.515080127476196,
  "summary_wm_mean": 1003.8212101517978,
  "summary_wm_median": 1000.0555695593357,
  "summary_wm_n": 194569.0,
  "summary_wm_p05": 931.7374162375927,
  "summary_wm_p95": 1088.0360206663609,
  "summary_wm_stdv": 47.6929836909352,
  "tpm_overlap_csf": 0.1278473736010568,
  "tpm_overlap_gm": 0.4244572613423376,
  "tpm_overlap_wm": 0.4295993758066997,
  "wm2max": 0.3329186534580376
}