{
  "aor": 0.0034473745173745174,
  "aqi": 0.008786759845559846,
  "bids_meta": {
    "AcquisitionDateTime": "2016-08-11T11:13:55.095000",
    "AcquisitionMatrixPE": 64,
    "AcquisitionNumber": 1,
    "AcquisitionTime": "11:13:55.095000",
    "BaseResolution": 64,
    "ConversionSoftware": "dcm2niix",
    "ConversionSoftwareVersion": "v1.0.20180622 (JP2:OpenJPEG) GCC6.1.0",
    "DeviceSerialNumber": "35437",
    "DwellTime": 3.4e-06,
    "EchoTime": 0.03,
    "EffectiveEchoSpacing": 6.009615385e-05,
    "FlipAngle": 90,
    "ImageOrientationPatientDICOM": [
      1,
      0,
      0,
      0,
      0.866025,
      -0.5
    ],
    "ImageType": [
      "ORIGINAL",
      "PRIMARY",
      "M",
      "ND",
      "MOSAIC"
    ],
    "InPlanePhaseEncodingDirectionDICOM": "COL",
    "InstitutionAddress": "Queen_Square_12_London_Southeast_GB_WC1N_3BG",
    "InstitutionName": "FIL",
    "InstitutionalDepartmentName": "Department",
    "MRAcquisitionType": "2D",
    "MagneticFieldStrength": 3,
    "Manufacturer": "Siemens",
    "ManufacturersModelName": "TrioTim",
    "Modality": "MR",
    "PartialFourier": 1,
    "PatientID": "MQ03739",
    "PatientName": "MQ03739",
    "PatientPosition": "HFS",
    "PatientSex": "",
    "PercentPhaseFOV": 100,
    "PhaseEncodingDirection": "j-",
    "PhaseEncodingSteps": 74,
    "PhaseOversampling": 0.13,
    "PhaseResolution": 1,
    "PixelBandwidth": 2298,
    "ProcedureStepDescription": "FIL_Johan_Carlin",
    "ProtocolName": "al_mepi2d_3mm_v1a_standard",
    "PulseSequenceDetails": "%CustomerSeq%_al_mepi2d_3mm_v1a",
    "ReceiveCoilName": "32Ch_Head",
    "ReconMatrixPE": 64,
    "RepetitionTime": 2.8,
    "SAR": 0.161682,
    "ScanOptions": "FS",
    "ScanningSequence": "RM",
    "SequenceName": "alepi2d2d1",
    "SequenceVariant": "SP_OSP",
    "SeriesDescription": "al_mepi2d_3mm_v1a_standard",
    "SeriesInstanceUID": "1.3.12.2.1107.5.2.32.35437.2016081111123797729442052.0.0.0",
    "SeriesNumber": 9,
    "ShimSetting": [
      -11,
      -3934,
      378,
      611,
      -267,
      80,
      315,
      73
    ],
    "SliceThickness": 2.5,
    "SliceTiming": [
      0,
      0.07,
      0.14,
      0.21,
      0.2825,
      0.3525,
      0.4225,
      0.4925,
      0.5625,
      0.6325,
      0.7025,
      0.7725,
      0.8425,
      0.915,
      0.985,
      1.055,
      1.125,
      1.195,
      1.265,
      1.335,
      1.405,
      1.475,
      1.5475,
      1.6175,
      1.6875,
      1.7575,
      1.8275,
      1.8975,
      1.9675,
      2.0375,
      2.11,
      2.18,
      2.25,
      2.32,
      2.39,
      2.46,
      2.53,
      2.6,
      2.67,
      2.7425
    ],
    "SoftwareVersions": "syngo_MR_B17",
    "SpacingBetweenSlices": 3,
    "StationName": "MRC35437",
    "StudyID": "1",
    "StudyInstanceUID": "1.3.12.2.1107.5.2.32.35437.30000016081107561092500000004",
    "TaskName": "motionLocaliser",
    "TxRefAmp": 300.006,
    "dataset": "ds004009",
    "modality": "bold",
    "subject_id": "30",
    "task_id": "motionLocaliser"
  },
  "dummy_trs": 3,
  "dvars_nstd": 27.461702968062017,
  "dvars_std": 1.0924276441860468,
  "dvars_vstd": 0.9089293873255812,
  "efc": 0.597719858279306,
  "fber": 310.9807434082031,
  "fd_mean": 0.10144679641984702,
  "fd_num": 21,
  "fd_perc": 8.108108108108109,
  "fwhm_avg": 2.41546,
  "fwhm_x": 2.263246666666667,
  "fwhm_y": 2.3890066666666665,
  "fwhm_z": 2.5941266666666665,
  "gcor": 0.0177539,
  "gsr_x": -0.01080908440053463,
  "gsr_y": 0.04946574568748474,
  "provenance": {
    "md5sum": "dd9a45118dbda0074489a609870fdf36",
    "settings": {
      "fd_thres": 0.2,
      "testing": false
    },
    "software": "mriqc",
    "version": "23.0.1",
    "webapi_port": null,
    "webapi_url": "https://mriqc.nimh.nih.gov/api/v1"
  },
  "size_t": 259,
  "size_x": 64,
  "size_y": 64,
  "size_z": 40,
  "snr": 2.8865378205855943,
  "spacing_tr": 2.799999952316284,
  "spacing_x": 3.0,
  "spacing_y": 3.0,
  "spacing_z": 3.0,
  "summary_bg_k": 29.429519856187767,
  "summary_bg_mad": 8.185794536868821,
  "summary_bg_mean": 52.64054870605469,
  "summary_bg_median": 30.799226760864258,
  "summary_bg_n": 87311.0,
  "summary_bg_p05": 24.50965118408203,
  "summary_bg_p95": 158.7162094116211,
  "summary_bg_stdv": 59.64601135253906,
  "summary_fg_k": 0.9431860592275259,
  "summary_fg_mad": 180.1161484460842,
  "summary_fg_mean": 593.3991088867188,
  "summary_fg_median": 559.0135498046875,
  "summary_fg_n": 38598.0,
  "summary_fg_p05": 342.33570098876953,
  "summary_fg_p95": 962.6829833984375,
  "summary_fg_stdv": 193.6597900390625,
  "tsnr": 42.42491681035608
}