{
  "aor": 0.005458538461538462,
  "aqi": 0.006912611346153846,
  "bids_meta": {
    "AcquisitionDateTime": "2016-08-11T11:00:17.970000",
    "AcquisitionMatrixPE": 64,
    "AcquisitionNumber": 1,
    "AcquisitionTime": "11:00:17.970000",
    "BaseResolution": 64,
    "ConversionSoftware": "dcm2niix",
    "ConversionSoftwareVersion": "v1.0.20180622 (JP2:OpenJPEG) GCC6.1.0",
    "DeviceSerialNumber": "35437",
    "DwellTime": 3.4e-06,
    "EchoTime": 0.03,
    "EffectiveEchoSpacing": 6.009615385e-05,
    "FlipAngle": 90,
    "ImageOrientationPatientDICOM": [
      1,
      0,
      0,
      0,
      0.866025,
      -0.5
    ],
    "ImageType": [
      "ORIGINAL",
      "PRIMARY",
      "M",
      "ND",
      "MOSAIC"
    ],
    "InPlanePhaseEncodingDirectionDICOM": "COL",
    "InstitutionAddress": "Queen_Square_12_London_Southeast_GB_WC1N_3BG",
    "InstitutionName": "FIL",
    "InstitutionalDepartmentName": "Department",
    "MRAcquisitionType": "2D",
    "MagneticFieldStrength": 3,
    "Manufacturer": "Siemens",
    "ManufacturersModelName": "TrioTim",
    "Modality": "MR",
    "PartialFourier": 1,
    "PatientID": "MQ03739",
    "PatientName": "MQ03739",
    "PatientPosition": "HFS",
    "PatientSex": "",
    "PercentPhaseFOV": 100,
    "PhaseEncodingDirection": "j-",
    "PhaseEncodingSteps": 74,
    "PhaseOversampling": 0.13,
    "PhaseResolution": 1,
    "PixelBandwidth": 2298,
    "ProcedureStepDescription": "FIL_Johan_Carlin",
    "ProtocolName": "al_mepi2d_3mm_v1a_standard",
    "PulseSequenceDetails": "%CustomerSeq%_al_mepi2d_3mm_v1a",
    "ReceiveCoilName": "32Ch_Head",
    "ReconMatrixPE": 64,
    "RepetitionTime": 2.8,
    "SAR": 0.161682,
    "ScanOptions": "FS",
    "ScanningSequence": "RM",
    "SequenceName": "alepi2d2d1",
    "SequenceVariant": "SP_OSP",
    "SeriesDescription": "al_mepi2d_3mm_v1a_standard",
    "SeriesInstanceUID": "1.3.12.2.1107.5.2.32.35437.2016081110591488894510082.0.0.0",
    "SeriesNumber": 8,
    "ShimSetting": [
      -11,
      -3934,
      378,
      611,
      -267,
      80,
      315,
      73
    ],
    "SliceThickness": 2.5,
    "SliceTiming": [
      0,
      0.07,
      0.14,
      0.21,
      0.28,
      0.35,
      0.42,
      0.49,
      0.56,
      0.6325,
      0.7025,
      0.7725,
      0.8425,
      0.9125,
      0.9825,
      1.0525,
      1.1225,
      1.195,
      1.265,
      1.335,
      1.405,
      1.475,
      1.545,
      1.615,
      1.685,
      1.755,
      1.8275,
      1.8975,
      1.9675,
      2.0375,
      2.1075,
      2.1775,
      2.2475,
      2.3175,
      2.3875,
      2.46,
      2.53,
      2.6,
      2.67,
      2.74
    ],
    "SoftwareVersions": "syngo_MR_B17",
    "SpacingBetweenSlices": 3,
    "StationName": "MRC35437",
    "StudyID": "1",
    "StudyInstanceUID": "1.3.12.2.1107.5.2.32.35437.30000016081107561092500000004",
    "TaskName": "memsamp",
    "TxRefAmp": 300.006,
    "dataset": "ds004009",
    "modality": "bold",
    "run_id": 3,
    "subject_id": "30",
    "task_id": "memsamp"
  },
  "dummy_trs": 2,
  "dvars_nstd": 25.81575483169883,
  "dvars_std": 1.0938298178378385,
  "dvars_vstd": 0.9586191734749031,
  "efc": 0.5967363529579783,
  "fber": 303.7978515625,
  "fd_mean": 0.10903730321910059,
  "fd_num": 28,
  "fd_perc": 10.76923076923077,
  "fwhm_avg": 2.447976666666667,
  "fwhm_x": 2.3021333333333334,
  "fwhm_y": 2.3866133333333335,
  "fwhm_z": 2.6551833333333335,
  "gcor": 0.0334587,
  "gsr_x": -0.016700612381100655,
  "gsr_y": 0.04777868092060089,
  "provenance": {
    "md5sum": "8cbf70b02c3975a854e9e5c336b3e30d",
    "settings": {
      "fd_thres": 0.2,
      "testing": false
    },
    "software": "mriqc",
    "version": "23.0.1",
    "webapi_port": null,
    "webapi_url": "https://mriqc.nimh.nih.gov/api/v1"
  },
  "size_t": 260,
  "size_x": 64,
  "size_y": 64,
  "size_z": 40,
  "snr": 2.860214112790809,
  "spacing_tr": 2.799999952316284,
  "spacing_x": 3.0,
  "spacing_y": 3.0,
  "spacing_z": 3.0,
  "summary_bg_k": 44.28344582430926,
  "summary_bg_mad": 9.28336946567325,
  "summary_bg_mean": 55.59750747680664,
  "summary_bg_median": 31.423076629638672,
  "summary_bg_n": 88240.0,
  "summary_bg_p05": 23.899999618530273,
  "summary_bg_p95": 171.08134155273441,
  "summary_bg_stdv": 68.19134521484375,
  "summary_fg_k": 0.9471674073721426,
  "summary_fg_mad": 184.22757795946598,
  "summary_fg_mean": 599.7921752929688,
  "summary_fg_median": 564.7730712890625,
  "summary_fg_n": 38194.0,
  "summary_fg_p05": 343.6140411376953,
  "summary_fg_p95": 974.6515625,
  "summary_fg_stdv": 197.4557342529297,
  "tsnr": 46.166704087518156
}