{
  "aor": 0.00466864864864865,
  "aqi": 0.006862906563706563,
  "bids_meta": {
    "AcquisitionDateTime": "2016-08-11T11:27:39.005000",
    "AcquisitionMatrixPE": 64,
    "AcquisitionNumber": 1,
    "AcquisitionTime": "11:27:39.005000",
    "BaseResolution": 64,
    "ConversionSoftware": "dcm2niix",
    "ConversionSoftwareVersion": "v1.0.20180622 (JP2:OpenJPEG) GCC6.1.0",
    "DeviceSerialNumber": "35437",
    "DwellTime": 3.4e-06,
    "EchoTime": 0.03,
    "EffectiveEchoSpacing": 6.009615385e-05,
    "FlipAngle": 90,
    "ImageOrientationPatientDICOM": [
      1,
      0,
      0,
      0,
      0.866025,
      -0.5
    ],
    "ImageType": [
      "ORIGINAL",
      "PRIMARY",
      "M",
      "ND",
      "MOSAIC"
    ],
    "InPlanePhaseEncodingDirectionDICOM": "COL",
    "InstitutionAddress": "Queen_Square_12_London_Southeast_GB_WC1N_3BG",
    "InstitutionName": "FIL",
    "InstitutionalDepartmentName": "Department",
    "MRAcquisitionType": "2D",
    "MagneticFieldStrength": 3,
    "Manufacturer": "Siemens",
    "ManufacturersModelName": "TrioTim",
    "Modality": "MR",
    "PartialFourier": 1,
    "PatientID": "MQ03739",
    "PatientName": "MQ03739",
    "PatientPosition": "HFS",
    "PatientSex": "",
    "PercentPhaseFOV": 100,
    "PhaseEncodingDirection": "j-",
    "PhaseEncodingSteps": 74,
    "PhaseOversampling": 0.13,
    "PhaseResolution": 1,
    "PixelBandwidth": 2298,
    "ProcedureStepDescription": "FIL_Johan_Carlin",
    "ProtocolName": "al_mepi2d_3mm_v1a_standard",
    "PulseSequenceDetails": "%CustomerSeq%_al_mepi2d_3mm_v1a",
    "ReceiveCoilName": "32Ch_Head",
    "ReconMatrixPE": 64,
    "RepetitionTime": 2.8,
    "SAR": 0.161682,
    "ScanOptions": "FS",
    "ScanningSequence": "RM",
    "SequenceName": "alepi2d2d1",
    "SequenceVariant": "SP_OSP",
    "SeriesDescription": "al_mepi2d_3mm_v1a_standard",
    "SeriesInstanceUID": "1.3.12.2.1107.5.2.32.35437.201608111126151363674022.0.0.0",
    "SeriesNumber": 10,
    "ShimSetting": [
      -11,
      -3934,
      378,
      611,
      -267,
      80,
      315,
      73
    ],
    "SliceThickness": 2.5,
    "SliceTiming": [
      0,
      0.07,
      0.1425,
      0.2125,
      0.2825,
      0.3525,
      0.4225,
      0.4925,
      0.5625,
      0.6325,
      0.7025,
      0.775,
      0.845,
      0.915,
      0.985,
      1.055,
      1.125,
      1.195,
      1.265,
      1.3375,
      1.4075,
      1.4775,
      1.5475,
      1.6175,
      1.6875,
      1.7575,
      1.8275,
      1.8975,
      1.97,
      2.04,
      2.11,
      2.18,
      2.25,
      2.32,
      2.39,
      2.46,
      2.53,
      2.6025,
      2.6725,
      2.7425
    ],
    "SoftwareVersions": "syngo_MR_B17",
    "SpacingBetweenSlices": 3,
    "StationName": "MRC35437",
    "StudyID": "1",
    "StudyInstanceUID": "1.3.12.2.1107.5.2.32.35437.30000016081107561092500000004",
    "TaskName": "exemplarLocaliser",
    "TxRefAmp": 300.006,
    "dataset": "ds004009",
    "modality": "bold",
    "subject_id": "30",
    "task_id": "exemplarLocaliser"
  },
  "dummy_trs": 3,
  "dvars_nstd": 26.339707263372095,
  "dvars_std": 1.0662841763565898,
  "dvars_vstd": 0.9397357423255813,
  "efc": 0.5950023333093118,
  "fber": 318.25665283203125,
  "fd_mean": 0.0962059834661049,
  "fd_num": 21,
  "fd_perc": 8.108108108108109,
  "fwhm_avg": 2.3928077777777776,
  "fwhm_x": 2.195933333333333,
  "fwhm_y": 2.40739,
  "fwhm_z": 2.5751,
  "gcor": 0.0283509,
  "gsr_x": -0.0042133270762860775,
  "gsr_y": 0.04717039689421654,
  "provenance": {
    "md5sum": "68695e93cbc5da795ff80f8ee012ff53",
    "settings": {
      "fd_thres": 0.2,
      "testing": false
    },
    "software": "mriqc",
    "version": "23.0.1",
    "webapi_port": null,
    "webapi_url": "https://mriqc.nimh.nih.gov/api/v1"
  },
  "size_t": 259,
  "size_x": 64,
  "size_y": 64,
  "size_z": 40,
  "snr": 2.9243046009158755,
  "spacing_tr": 2.799999952316284,
  "spacing_x": 3.0,
  "spacing_y": 3.0,
  "spacing_z": 3.0,
  "summary_bg_k": 36.52156885881624,
  "summary_bg_mad": 6.949338763652071,
  "summary_bg_mean": 48.9285888671875,
  "summary_bg_median": 29.586872100830078,
  "summary_bg_n": 87597.0,
  "summary_bg_p05": 24.193050384521484,
  "summary_bg_p95": 141.7420776367185,
  "summary_bg_stdv": 53.954654693603516,
  "summary_fg_k": 1.0204448945942701,
  "summary_fg_mad": 169.03954709672857,
  "summary_fg_mean": 574.97607421875,
  "summary_fg_median": 541.4942016601562,
  "summary_fg_n": 38592.0,
  "summary_fg_p05": 336.88396911621095,
  "summary_fg_p95": 930.4439697265625,
  "summary_fg_stdv": 185.1678466796875,
  "tsnr": 49.79520658473484
}