{
  "aor": 0.01279061302681992,
  "aqi": 0.005730616704980843,
  "bids_meta": {
    "AcquisitionDateTime": "2016-08-11T10:33:36.070000",
    "AcquisitionMatrixPE": 64,
    "AcquisitionNumber": 1,
    "AcquisitionTime": "10:33:36.070000",
    "BaseResolution": 64,
    "ConversionSoftware": "dcm2niix",
    "ConversionSoftwareVersion": "v1.0.20180622 (JP2:OpenJPEG) GCC6.1.0",
    "DeviceSerialNumber": "35437",
    "DwellTime": 3.4e-06,
    "EchoTime": 0.03,
    "EffectiveEchoSpacing": 6.009615385e-05,
    "FlipAngle": 90,
    "ImageOrientationPatientDICOM": [
      1,
      0,
      0,
      0,
      0.866025,
      -0.5
    ],
    "ImageType": [
      "ORIGINAL",
      "PRIMARY",
      "M",
      "ND",
      "MOSAIC"
    ],
    "InPlanePhaseEncodingDirectionDICOM": "COL",
    "InstitutionAddress": "Queen_Square_12_London_Southeast_GB_WC1N_3BG",
    "InstitutionName": "FIL",
    "InstitutionalDepartmentName": "Department",
    "MRAcquisitionType": "2D",
    "MagneticFieldStrength": 3,
    "Manufacturer": "Siemens",
    "ManufacturersModelName": "TrioTim",
    "Modality": "MR",
    "PartialFourier": 1,
    "PatientID": "MQ03739",
    "PatientName": "MQ03739",
    "PatientPosition": "HFS",
    "PatientSex": "",
    "PercentPhaseFOV": 100,
    "PhaseEncodingDirection": "j-",
    "PhaseEncodingSteps": 74,
    "PhaseOversampling": 0.13,
    "PhaseResolution": 1,
    "PixelBandwidth": 2298,
    "ProcedureStepDescription": "FIL_Johan_Carlin",
    "ProtocolName": "al_mepi2d_3mm_v1a_standard",
    "PulseSequenceDetails": "%CustomerSeq%_al_mepi2d_3mm_v1a",
    "ReceiveCoilName": "32Ch_Head",
    "ReconMatrixPE": 64,
    "RepetitionTime": 2.8,
    "SAR": 0.161682,
    "ScanOptions": "FS",
    "ScanningSequence": "RM",
    "SequenceName": "alepi2d2d1",
    "SequenceVariant": "SP_OSP",
    "SeriesDescription": "al_mepi2d_3mm_v1a_standard",
    "SeriesInstanceUID": "1.3.12.2.1107.5.2.32.35437.2016081110303655799046142.0.0.0",
    "SeriesNumber": 6,
    "ShimSetting": [
      -11,
      -3934,
      378,
      611,
      -267,
      80,
      315,
      73
    ],
    "SliceThickness": 2.5,
    "SliceTiming": [
      0,
      0.07,
      0.14,
      0.21,
      0.2825,
      0.3525,
      0.4225,
      0.4925,
      0.5625,
      0.6325,
      0.7025,
      0.7725,
      0.8425,
      0.915,
      0.985,
      1.055,
      1.125,
      1.195,
      1.265,
      1.335,
      1.405,
      1.4775,
      1.5475,
      1.6175,
      1.6875,
      1.7575,
      1.8275,
      1.8975,
      1.9675,
      2.0375,
      2.11,
      2.18,
      2.25,
      2.32,
      2.39,
      2.46,
      2.53,
      2.6,
      2.67,
      2.7425
    ],
    "SoftwareVersions": "syngo_MR_B17",
    "SpacingBetweenSlices": 3,
    "StationName": "MRC35437",
    "StudyID": "1",
    "StudyInstanceUID": "1.3.12.2.1107.5.2.32.35437.30000016081107561092500000004",
    "TaskName": "memsamp",
    "TxRefAmp": 300.006,
    "dataset": "ds004009",
    "modality": "bold",
    "run_id": 1,
    "subject_id": "30",
    "task_id": "memsamp"
  },
  "dummy_trs": 1,
  "dvars_nstd": 24.729112133423076,
  "dvars_std": 1.177385135307692,
  "dvars_vstd": 1.0196220457307692,
  "efc": 0.5958598989105166,
  "fber": 317.8971862792969,
  "fd_mean": 0.07793148688371902,
  "fd_num": 13,
  "fd_perc": 4.980842911877395,
  "fwhm_avg": 2.426727777777778,
  "fwhm_x": 2.2723666666666666,
  "fwhm_y": 2.374286666666667,
  "fwhm_z": 2.63353,
  "gcor": 0.0368513,
  "gsr_x": -0.013273345306515694,
  "gsr_y": 0.05061380937695503,
  "provenance": {
    "md5sum": "cb2fabf250666c0774349b9299468c4e",
    "settings": {
      "fd_thres": 0.2,
      "testing": false
    },
    "software": "mriqc",
    "version": "23.0.1",
    "webapi_port": null,
    "webapi_url": "https://mriqc.nimh.nih.gov/api/v1"
  },
  "size_t": 261,
  "size_x": 64,
  "size_y": 64,
  "size_z": 40,
  "snr": 2.8828283956093297,
  "spacing_tr": 2.799999952316284,
  "spacing_x": 3.0,
  "spacing_y": 3.0,
  "spacing_z": 3.0,
  "summary_bg_k": 31.68618337684223,
  "summary_bg_mad": 7.4811761592033434,
  "summary_bg_mean": 50.904300689697266,
  "summary_bg_median": 30.076627731323242,
  "summary_bg_n": 87186.0,
  "summary_bg_p05": 24.352489471435547,
  "summary_bg_p95": 152.03543853759766,
  "summary_bg_stdv": 57.08454132080078,
  "summary_fg_k": 0.9873310583461947,
  "summary_fg_mad": 178.8154554749999,
  "summary_fg_mean": 586.8231811523438,
  "summary_fg_median": 552.5555419921875,
  "summary_fg_n": 38523.0,
  "summary_fg_p05": 338.4356323242188,
  "summary_fg_p95": 951.1260314941409,
  "summary_fg_stdv": 191.66883850097656,
  "tsnr": 50.33390865661204
}