{
  "aor": 0.001463423076923077,
  "aqi": 0.005495603076923077,
  "bids_meta": {
    "AcquisitionDateTime": "2016-07-18T15:23:59.190000",
    "AcquisitionMatrixPE": 64,
    "AcquisitionNumber": 1,
    "AcquisitionTime": "15:23:59.190000",
    "BaseResolution": 64,
    "ConversionSoftware": "dcm2niix",
    "ConversionSoftwareVersion": "v1.0.20180622 (JP2:OpenJPEG) GCC6.1.0",
    "DeviceSerialNumber": "35437",
    "DwellTime": 3.4e-06,
    "EchoTime": 0.03,
    "EffectiveEchoSpacing": 6.009615385e-05,
    "FlipAngle": 90,
    "ImageOrientationPatientDICOM": [
      1,
      0,
      0,
      0,
      0.866025,
      -0.5
    ],
    "ImageType": [
      "ORIGINAL",
      "PRIMARY",
      "M",
      "ND",
      "MOSAIC"
    ],
    "InPlanePhaseEncodingDirectionDICOM": "COL",
    "InstitutionAddress": "Queen_Square_12_London_Southeast_GB_WC1N_3BG",
    "InstitutionName": "FIL",
    "InstitutionalDepartmentName": "Department",
    "MRAcquisitionType": "2D",
    "MagneticFieldStrength": 3,
    "Manufacturer": "Siemens",
    "ManufacturersModelName": "TrioTim",
    "Modality": "MR",
    "PartialFourier": 1,
    "PatientID": "MQ03716",
    "PatientName": "MQ03716",
    "PatientPosition": "HFS",
    "PatientSex": "",
    "PercentPhaseFOV": 100,
    "PhaseEncodingDirection": "j-",
    "PhaseEncodingSteps": 74,
    "PhaseOversampling": 0.13,
    "PhaseResolution": 1,
    "PixelBandwidth": 2298,
    "ProcedureStepDescription": "FIL_Johan_Carlin",
    "ProtocolName": "al_mepi2d_3mm_v1a_standard",
    "PulseSequenceDetails": "%CustomerSeq%_al_mepi2d_3mm_v1a",
    "ReceiveCoilName": "32Ch_Head",
    "ReconMatrixPE": 64,
    "RepetitionTime": 2.8,
    "SAR": 0.190095,
    "ScanOptions": "FS",
    "ScanningSequence": "RM",
    "SequenceName": "alepi2d2d1",
    "SequenceVariant": "SP_OSP",
    "SeriesDescription": "al_mepi2d_3mm_v1a_standard",
    "SeriesInstanceUID": "1.3.12.2.1107.5.2.32.35437.2016071815223480470023764.0.0.0",
    "SeriesNumber": 9,
    "ShimSetting": [
      81,
      -4058,
      311,
      507,
      54,
      -354,
      78,
      22
    ],
    "SliceThickness": 2.5,
    "SliceTiming": [
      0,
      0.07,
      0.14,
      0.21,
      0.28,
      0.35,
      0.42,
      0.4925,
      0.5625,
      0.6325,
      0.7025,
      0.7725,
      0.8425,
      0.9125,
      0.9825,
      1.0525,
      1.125,
      1.195,
      1.265,
      1.335,
      1.405,
      1.475,
      1.545,
      1.615,
      1.685,
      1.7575,
      1.8275,
      1.8975,
      1.9675,
      2.0375,
      2.1075,
      2.1775,
      2.2475,
      2.3175,
      2.39,
      2.46,
      2.53,
      2.6,
      2.67,
      2.74
    ],
    "SoftwareVersions": "syngo_MR_B17",
    "SpacingBetweenSlices": 3,
    "StationName": "MRC35437",
    "StudyID": "1",
    "StudyInstanceUID": "1.3.12.2.1107.5.2.32.35437.30000016071808001826300000011",
    "TaskName": "exemplarLocaliser",
    "TxRefAmp": 293.835,
    "dataset": "ds004009",
    "modality": "bold",
    "subject_id": "27",
    "task_id": "exemplarLocaliser"
  },
  "dummy_trs": 2,
  "dvars_nstd": 29.867652126872617,
  "dvars_std": 1.181695642239382,
  "dvars_vstd": 0.9665564649806947,
  "efc": 0.6139064027226411,
  "fber": 242.0061798095703,
  "fd_mean": 0.1583453467346705,
  "fd_num": 47,
  "fd_perc": 18.076923076923077,
  "fwhm_avg": 2.3201544444444444,
  "fwhm_x": 2.216666666666667,
  "fwhm_y": 2.284196666666667,
  "fwhm_z": 2.4596,
  "gcor": 0.0299939,
  "gsr_x": 0.0016341556329280138,
  "gsr_y": 0.04245331510901451,
  "provenance": {
    "md5sum": "4d37fc33fd1046227101533c10906a2e",
    "settings": {
      "fd_thres": 0.2,
      "testing": false
    },
    "software": "mriqc",
    "version": "23.0.1",
    "webapi_port": null,
    "webapi_url": "https://mriqc.nimh.nih.gov/api/v1"
  },
  "size_t": 260,
  "size_x": 64,
  "size_y": 64,
  "size_z": 40,
  "snr": 3.269770010028639,
  "spacing_tr": 2.799999952316284,
  "spacing_x": 3.0,
  "spacing_y": 3.0,
  "spacing_z": 3.0,
  "summary_bg_k": 34.302210230732875,
  "summary_bg_mad": 12.961361908129438,
  "summary_bg_mean": 60.753944396972656,
  "summary_bg_median": 34.64615249633789,
  "summary_bg_n": 87771.0,
  "summary_bg_p05": 25.011537551879883,
  "summary_bg_p95": 185.65576934814453,
  "summary_bg_stdv": 70.79460144042969,
  "summary_fg_k": 0.6431574280873216,
  "summary_fg_mad": 159.18586182595206,
  "summary_fg_mean": 577.060302734375,
  "summary_fg_median": 548.7615356445312,
  "summary_fg_n": 38891.0,
  "summary_fg_p05": 350.7403869628906,
  "summary_fg_p95": 887.8192443847656,
  "summary_fg_stdv": 167.82662963867188,
  "tsnr": 55.13571195129771
}