{
  "aor": 0.001445076923076923,
  "aqi": 0.004796212692307692,
  "bids_meta": {
    "AcquisitionDateTime": "2016-07-18T15:10:15.472500",
    "AcquisitionMatrixPE": 64,
    "AcquisitionNumber": 1,
    "AcquisitionTime": "15:10:15.472500",
    "BaseResolution": 64,
    "ConversionSoftware": "dcm2niix",
    "ConversionSoftwareVersion": "v1.0.20180622 (JP2:OpenJPEG) GCC6.1.0",
    "DeviceSerialNumber": "35437",
    "DwellTime": 3.4e-06,
    "EchoTime": 0.03,
    "EffectiveEchoSpacing": 6.009615385e-05,
    "FlipAngle": 90,
    "ImageOrientationPatientDICOM": [
      1,
      0,
      0,
      0,
      0.866025,
      -0.5
    ],
    "ImageType": [
      "ORIGINAL",
      "PRIMARY",
      "M",
      "ND",
      "MOSAIC"
    ],
    "InPlanePhaseEncodingDirectionDICOM": "COL",
    "InstitutionAddress": "Queen_Square_12_London_Southeast_GB_WC1N_3BG",
    "InstitutionName": "FIL",
    "InstitutionalDepartmentName": "Department",
    "MRAcquisitionType": "2D",
    "MagneticFieldStrength": 3,
    "Manufacturer": "Siemens",
    "ManufacturersModelName": "TrioTim",
    "Modality": "MR",
    "PartialFourier": 1,
    "PatientID": "MQ03716",
    "PatientName": "MQ03716",
    "PatientPosition": "HFS",
    "PatientSex": "",
    "PercentPhaseFOV": 100,
    "PhaseEncodingDirection": "j-",
    "PhaseEncodingSteps": 74,
    "PhaseOversampling": 0.13,
    "PhaseResolution": 1,
    "PixelBandwidth": 2298,
    "ProcedureStepDescription": "FIL_Johan_Carlin",
    "ProtocolName": "al_mepi2d_3mm_v1a_standard",
    "PulseSequenceDetails": "%CustomerSeq%_al_mepi2d_3mm_v1a",
    "ReceiveCoilName": "32Ch_Head",
    "ReconMatrixPE": 64,
    "RepetitionTime": 2.8,
    "SAR": 0.190095,
    "ScanOptions": "FS",
    "ScanningSequence": "RM",
    "SequenceName": "alepi2d2d1",
    "SequenceVariant": "SP_OSP",
    "SeriesDescription": "al_mepi2d_3mm_v1a_standard",
    "SeriesInstanceUID": "1.3.12.2.1107.5.2.32.35437.2016071815084837260991794.0.0.0",
    "SeriesNumber": 8,
    "ShimSetting": [
      81,
      -4058,
      311,
      507,
      54,
      -354,
      78,
      22
    ],
    "SliceThickness": 2.5,
    "SliceTiming": [
      0,
      0.07,
      0.14,
      0.2125,
      0.2825,
      0.3525,
      0.4225,
      0.4925,
      0.5625,
      0.6325,
      0.7025,
      0.7725,
      0.845,
      0.915,
      0.985,
      1.055,
      1.125,
      1.195,
      1.265,
      1.335,
      1.405,
      1.4775,
      1.5475,
      1.6175,
      1.6875,
      1.7575,
      1.8275,
      1.8975,
      1.9675,
      2.0375,
      2.11,
      2.18,
      2.25,
      2.32,
      2.39,
      2.46,
      2.53,
      2.6,
      2.67,
      2.7425
    ],
    "SoftwareVersions": "syngo_MR_B17",
    "SpacingBetweenSlices": 3,
    "StationName": "MRC35437",
    "StudyID": "1",
    "StudyInstanceUID": "1.3.12.2.1107.5.2.32.35437.30000016071808001826300000011",
    "TaskName": "motionLocaliser",
    "TxRefAmp": 293.835,
    "dataset": "ds004009",
    "modality": "bold",
    "subject_id": "27",
    "task_id": "motionLocaliser"
  },
  "dummy_trs": 2,
  "dvars_nstd": 29.642259052548265,
  "dvars_std": 1.2100504377606185,
  "dvars_vstd": 0.9813002718146715,
  "efc": 0.6131812069509235,
  "fber": 245.48367309570312,
  "fd_mean": 0.16424684563992348,
  "fd_num": 58,
  "fd_perc": 22.307692307692307,
  "fwhm_avg": 2.321966666666667,
  "fwhm_x": 2.22127,
  "fwhm_y": 2.2806833333333336,
  "fwhm_z": 2.4639466666666667,
  "gcor": 0.0245137,
  "gsr_x": 0.0029427262488752604,
  "gsr_y": 0.04135298356413841,
  "provenance": {
    "md5sum": "b5342c1de4f98b48c344ab81ad1efbe7",
    "settings": {
      "fd_thres": 0.2,
      "testing": false
    },
    "software": "mriqc",
    "version": "23.0.1",
    "webapi_port": null,
    "webapi_url": "https://mriqc.nimh.nih.gov/api/v1"
  },
  "size_t": 260,
  "size_x": 64,
  "size_y": 64,
  "size_z": 40,
  "snr": 3.2760083582434865,
  "spacing_tr": 2.799999952316284,
  "spacing_x": 3.0,
  "spacing_y": 3.0,
  "spacing_z": 3.0,
  "summary_bg_k": 31.813218086256406,
  "summary_bg_mad": 12.761781492831988,
  "summary_bg_mean": 60.35209655761719,
  "summary_bg_median": 34.411537170410156,
  "summary_bg_n": 87874.0,
  "summary_bg_p05": 25.05384635925293,
  "summary_bg_p95": 185.02346115112286,
  "summary_bg_stdv": 70.246337890625,
  "summary_fg_k": 0.655738178976708,
  "summary_fg_mad": 159.71328779217274,
  "summary_fg_mean": 576.306884765625,
  "summary_fg_median": 548.326904296875,
  "summary_fg_n": 38862.0,
  "summary_fg_p05": 351.53557128906255,
  "summary_fg_p95": 886.5246093749998,
  "summary_fg_stdv": 167.37437438964844,
  "tsnr": 57.88575200247578
}