{
  "aor": 0.0018696923076923077,
  "aqi": 0.004509448384615385,
  "bids_meta": {
    "AcquisitionDateTime": "2016-07-18T14:56:28.750000",
    "AcquisitionMatrixPE": 64,
    "AcquisitionNumber": 1,
    "AcquisitionTime": "14:56:28.750000",
    "BaseResolution": 64,
    "ConversionSoftware": "dcm2niix",
    "ConversionSoftwareVersion": "v1.0.20180622 (JP2:OpenJPEG) GCC6.1.0",
    "DeviceSerialNumber": "35437",
    "DwellTime": 3.4e-06,
    "EchoTime": 0.03,
    "EffectiveEchoSpacing": 6.009615385e-05,
    "FlipAngle": 90,
    "ImageOrientationPatientDICOM": [
      1,
      0,
      0,
      0,
      0.866025,
      -0.5
    ],
    "ImageType": [
      "ORIGINAL",
      "PRIMARY",
      "M",
      "ND",
      "MOSAIC"
    ],
    "InPlanePhaseEncodingDirectionDICOM": "COL",
    "InstitutionAddress": "Queen_Square_12_London_Southeast_GB_WC1N_3BG",
    "InstitutionName": "FIL",
    "InstitutionalDepartmentName": "Department",
    "MRAcquisitionType": "2D",
    "MagneticFieldStrength": 3,
    "Manufacturer": "Siemens",
    "ManufacturersModelName": "TrioTim",
    "Modality": "MR",
    "PartialFourier": 1,
    "PatientID": "MQ03716",
    "PatientName": "MQ03716",
    "PatientPosition": "HFS",
    "PatientSex": "",
    "PercentPhaseFOV": 100,
    "PhaseEncodingDirection": "j-",
    "PhaseEncodingSteps": 74,
    "PhaseOversampling": 0.13,
    "PhaseResolution": 1,
    "PixelBandwidth": 2298,
    "ProcedureStepDescription": "FIL_Johan_Carlin",
    "ProtocolName": "al_mepi2d_3mm_v1a_standard",
    "PulseSequenceDetails": "%CustomerSeq%_al_mepi2d_3mm_v1a",
    "ReceiveCoilName": "32Ch_Head",
    "ReconMatrixPE": 64,
    "RepetitionTime": 2.8,
    "SAR": 0.190095,
    "ScanOptions": "FS",
    "ScanningSequence": "RM",
    "SequenceName": "alepi2d2d1",
    "SequenceVariant": "SP_OSP",
    "SeriesDescription": "al_mepi2d_3mm_v1a_standard",
    "SeriesInstanceUID": "1.3.12.2.1107.5.2.32.35437.2016071814551447087759824.0.0.0",
    "SeriesNumber": 7,
    "ShimSetting": [
      81,
      -4058,
      311,
      507,
      54,
      -354,
      78,
      22
    ],
    "SliceThickness": 2.5,
    "SliceTiming": [
      0,
      0.07,
      0.1425,
      0.2125,
      0.2825,
      0.3525,
      0.4225,
      0.4925,
      0.5625,
      0.6325,
      0.7025,
      0.775,
      0.845,
      0.915,
      0.985,
      1.055,
      1.125,
      1.195,
      1.265,
      1.335,
      1.4075,
      1.4775,
      1.5475,
      1.6175,
      1.6875,
      1.7575,
      1.8275,
      1.8975,
      1.9675,
      2.04,
      2.11,
      2.18,
      2.25,
      2.32,
      2.39,
      2.46,
      2.53,
      2.6,
      2.6725,
      2.7425
    ],
    "SoftwareVersions": "syngo_MR_B17",
    "SpacingBetweenSlices": 3,
    "StationName": "MRC35437",
    "StudyID": "1",
    "StudyInstanceUID": "1.3.12.2.1107.5.2.32.35437.30000016071808001826300000011",
    "TaskName": "memsamp",
    "TxRefAmp": 293.835,
    "dataset": "ds004009",
    "modality": "bold",
    "run_id": 3,
    "subject_id": "27",
    "task_id": "memsamp"
  },
  "dummy_trs": 2,
  "dvars_nstd": 30.771521954903474,
  "dvars_std": 1.2194684608108108,
  "dvars_vstd": 0.98942109957529,
  "efc": 0.613303630204988,
  "fber": 248.98728942871094,
  "fd_mean": 0.19110672471491685,
  "fd_num": 81,
  "fd_perc": 31.153846153846153,
  "fwhm_avg": 2.3098388888888888,
  "fwhm_x": 2.22364,
  "fwhm_y": 2.2723366666666664,
  "fwhm_z": 2.4335400000000003,
  "gcor": 0.0323646,
  "gsr_x": 0.0024705040268599987,
  "gsr_y": 0.04111459106206894,
  "provenance": {
    "md5sum": "5814053439634f573bb23f7291152f02",
    "settings": {
      "fd_thres": 0.2,
      "testing": false
    },
    "software": "mriqc",
    "version": "23.0.1",
    "webapi_port": null,
    "webapi_url": "https://mriqc.nimh.nih.gov/api/v1"
  },
  "size_t": 260,
  "size_x": 64,
  "size_y": 64,
  "size_z": 40,
  "snr": 3.3004749763892827,
  "spacing_tr": 2.799999952316284,
  "spacing_x": 3.0,
  "spacing_y": 3.0,
  "spacing_z": 3.0,
  "summary_bg_k": 31.68617417658598,
  "summary_bg_mad": 12.921446956205674,
  "summary_bg_mean": 60.338504791259766,
  "summary_bg_median": 34.20769119262695,
  "summary_bg_n": 87693.0,
  "summary_bg_p05": 24.75,
  "summary_bg_p95": 187.05077209472648,
  "summary_bg_stdv": 70.46879577636719,
  "summary_fg_k": 0.6586226629889156,
  "summary_fg_mad": 158.11951755453663,
  "summary_fg_mean": 577.33544921875,
  "summary_fg_median": 550.0076904296875,
  "summary_fg_n": 38873.0,
  "summary_fg_p05": 353.69154052734376,
  "summary_fg_p95": 887.5269165039062,
  "summary_fg_stdv": 166.6428680419922,
  "tsnr": 57.266692426637746
}