{
  "aor": 0.005190538461538461,
  "aqi": 0.0057970145,
  "bids_meta": {
    "AcquisitionDateTime": "2016-07-18T14:42:54.690000",
    "AcquisitionMatrixPE": 64,
    "AcquisitionNumber": 1,
    "AcquisitionTime": "14:42:54.690000",
    "BaseResolution": 64,
    "ConversionSoftware": "dcm2niix",
    "ConversionSoftwareVersion": "v1.0.20180622 (JP2:OpenJPEG) GCC6.1.0",
    "DeviceSerialNumber": "35437",
    "DwellTime": 3.4e-06,
    "EchoTime": 0.03,
    "EffectiveEchoSpacing": 6.009615385e-05,
    "FlipAngle": 90,
    "ImageOrientationPatientDICOM": [
      1,
      0,
      0,
      0,
      0.866025,
      -0.5
    ],
    "ImageType": [
      "ORIGINAL",
      "PRIMARY",
      "M",
      "ND",
      "MOSAIC"
    ],
    "InPlanePhaseEncodingDirectionDICOM": "COL",
    "InstitutionAddress": "Queen_Square_12_London_Southeast_GB_WC1N_3BG",
    "InstitutionName": "FIL",
    "InstitutionalDepartmentName": "Department",
    "MRAcquisitionType": "2D",
    "MagneticFieldStrength": 3,
    "Manufacturer": "Siemens",
    "ManufacturersModelName": "TrioTim",
    "Modality": "MR",
    "PartialFourier": 1,
    "PatientID": "MQ03716",
    "PatientName": "MQ03716",
    "PatientPosition": "HFS",
    "PatientSex": "",
    "PercentPhaseFOV": 100,
    "PhaseEncodingDirection": "j-",
    "PhaseEncodingSteps": 74,
    "PhaseOversampling": 0.13,
    "PhaseResolution": 1,
    "PixelBandwidth": 2298,
    "ProcedureStepDescription": "FIL_Johan_Carlin",
    "ProtocolName": "al_mepi2d_3mm_v1a_standard",
    "PulseSequenceDetails": "%CustomerSeq%_al_mepi2d_3mm_v1a",
    "ReceiveCoilName": "32Ch_Head",
    "ReconMatrixPE": 64,
    "RepetitionTime": 2.8,
    "SAR": 0.190095,
    "ScanOptions": "FS",
    "ScanningSequence": "RM",
    "SequenceName": "alepi2d2d1",
    "SequenceVariant": "SP_OSP",
    "SeriesDescription": "al_mepi2d_3mm_v1a_standard",
    "SeriesInstanceUID": "1.3.12.2.1107.5.2.32.35437.2016071814411990330927854.0.0.0",
    "SeriesNumber": 6,
    "ShimSetting": [
      81,
      -4058,
      311,
      507,
      54,
      -354,
      78,
      22
    ],
    "SliceThickness": 2.5,
    "SliceTiming": [
      0,
      0.07,
      0.14,
      0.21,
      0.28,
      0.3525,
      0.4225,
      0.4925,
      0.5625,
      0.6325,
      0.7025,
      0.7725,
      0.8425,
      0.9125,
      0.985,
      1.055,
      1.125,
      1.195,
      1.265,
      1.335,
      1.405,
      1.475,
      1.545,
      1.6175,
      1.6875,
      1.7575,
      1.8275,
      1.8975,
      1.9675,
      2.0375,
      2.1075,
      2.1775,
      2.25,
      2.32,
      2.39,
      2.46,
      2.53,
      2.6,
      2.67,
      2.74
    ],
    "SoftwareVersions": "syngo_MR_B17",
    "SpacingBetweenSlices": 3,
    "StationName": "MRC35437",
    "StudyID": "1",
    "StudyInstanceUID": "1.3.12.2.1107.5.2.32.35437.30000016071808001826300000011",
    "TaskName": "memsamp",
    "TxRefAmp": 293.835,
    "dataset": "ds004009",
    "modality": "bold",
    "run_id": 2,
    "subject_id": "27",
    "task_id": "memsamp"
  },
  "dummy_trs": 2,
  "dvars_nstd": 28.484518876177617,
  "dvars_std": 1.2249831265250972,
  "dvars_vstd": 1.0129711400772203,
  "efc": 0.6135896696012307,
  "fber": 247.6219482421875,
  "fd_mean": 0.14102076553312357,
  "fd_num": 38,
  "fd_perc": 14.615384615384615,
  "fwhm_avg": 2.3387166666666666,
  "fwhm_x": 2.2467166666666665,
  "fwhm_y": 2.33426,
  "fwhm_z": 2.435173333333333,
  "gcor": 0.0334751,
  "gsr_x": 0.0018272605957463384,
  "gsr_y": 0.041386205703020096,
  "provenance": {
    "md5sum": "a84ad6d2bbddadcdf9273e6df03b30f5",
    "settings": {
      "fd_thres": 0.2,
      "testing": false
    },
    "software": "mriqc",
    "version": "23.0.1",
    "webapi_port": null,
    "webapi_url": "https://mriqc.nimh.nih.gov/api/v1"
  },
  "size_t": 260,
  "size_x": 64,
  "size_y": 64,
  "size_z": 40,
  "snr": 3.286700435096501,
  "spacing_tr": 2.799999952316284,
  "spacing_x": 3.0,
  "spacing_y": 3.0,
  "spacing_z": 3.0,
  "summary_bg_k": 30.775795069330577,
  "summary_bg_mad": 13.172349827221467,
  "summary_bg_mean": 59.92257308959961,
  "summary_bg_median": 34.33076858520508,
  "summary_bg_n": 87489.0,
  "summary_bg_p05": 24.315383911132812,
  "summary_bg_p95": 183.5023071289062,
  "summary_bg_stdv": 69.70686340332031,
  "summary_fg_k": 0.6420910970567957,
  "summary_fg_mad": 158.76105249277487,
  "summary_fg_mean": 576.83349609375,
  "summary_fg_median": 548.8172607421875,
  "summary_fg_n": 38950.0,
  "summary_fg_p05": 351.84385375976564,
  "summary_fg_p95": 888.405792236328,
  "summary_fg_stdv": 166.9790802001953,
  "tsnr": 51.2699036677368
}