{
  "aor": 0.0019328846153846156,
  "aqi": 0.007484404538461538,
  "bids_meta": {
    "AcquisitionDateTime": "2016-07-18T14:29:1.757500",
    "AcquisitionMatrixPE": 64,
    "AcquisitionNumber": 1,
    "AcquisitionTime": "14:29:1.757500",
    "BaseResolution": 64,
    "ConversionSoftware": "dcm2niix",
    "ConversionSoftwareVersion": "v1.0.20180622 (JP2:OpenJPEG) GCC6.1.0",
    "DeviceSerialNumber": "35437",
    "DwellTime": 3.4e-06,
    "EchoTime": 0.03,
    "EffectiveEchoSpacing": 6.009615385e-05,
    "FlipAngle": 90,
    "ImageOrientationPatientDICOM": [
      1,
      0,
      0,
      0,
      0.866025,
      -0.5
    ],
    "ImageType": [
      "ORIGINAL",
      "PRIMARY",
      "M",
      "ND",
      "MOSAIC"
    ],
    "InPlanePhaseEncodingDirectionDICOM": "COL",
    "InstitutionAddress": "Queen_Square_12_London_Southeast_GB_WC1N_3BG",
    "InstitutionName": "FIL",
    "InstitutionalDepartmentName": "Department",
    "MRAcquisitionType": "2D",
    "MagneticFieldStrength": 3,
    "Manufacturer": "Siemens",
    "ManufacturersModelName": "TrioTim",
    "Modality": "MR",
    "PartialFourier": 1,
    "PatientID": "MQ03716",
    "PatientName": "MQ03716",
    "PatientPosition": "HFS",
    "PatientSex": "",
    "PercentPhaseFOV": 100,
    "PhaseEncodingDirection": "j-",
    "PhaseEncodingSteps": 74,
    "PhaseOversampling": 0.13,
    "PhaseResolution": 1,
    "PixelBandwidth": 2298,
    "ProcedureStepDescription": "FIL_Johan_Carlin",
    "ProtocolName": "al_mepi2d_3mm_v1a_standard",
    "PulseSequenceDetails": "%CustomerSeq%_al_mepi2d_3mm_v1a",
    "ReceiveCoilName": "32Ch_Head",
    "ReconMatrixPE": 64,
    "RepetitionTime": 2.8,
    "SAR": 0.190095,
    "ScanOptions": "FS",
    "ScanningSequence": "RM",
    "SequenceName": "alepi2d2d1",
    "SequenceVariant": "SP_OSP",
    "SeriesDescription": "al_mepi2d_3mm_v1a_standard",
    "SeriesInstanceUID": "1.3.12.2.1107.5.2.32.35437.201607181423228504895884.0.0.0",
    "SeriesNumber": 5,
    "ShimSetting": [
      81,
      -4058,
      311,
      507,
      54,
      -354,
      78,
      22
    ],
    "SliceThickness": 2.5,
    "SliceTiming": [
      0,
      0.07,
      0.14,
      0.21,
      0.28,
      0.35,
      0.42,
      0.4925,
      0.5625,
      0.6325,
      0.7025,
      0.7725,
      0.8425,
      0.9125,
      0.9825,
      1.0525,
      1.125,
      1.195,
      1.265,
      1.335,
      1.405,
      1.475,
      1.545,
      1.615,
      1.685,
      1.7575,
      1.8275,
      1.8975,
      1.9675,
      2.0375,
      2.1075,
      2.1775,
      2.2475,
      2.3175,
      2.39,
      2.46,
      2.53,
      2.6,
      2.67,
      2.74
    ],
    "SoftwareVersions": "syngo_MR_B17",
    "SpacingBetweenSlices": 3,
    "StationName": "MRC35437",
    "StudyID": "1",
    "StudyInstanceUID": "1.3.12.2.1107.5.2.32.35437.30000016071808001826300000011",
    "TaskName": "memsamp",
    "TxRefAmp": 293.835,
    "dataset": "ds004009",
    "modality": "bold",
    "run_id": 1,
    "subject_id": "27",
    "task_id": "memsamp"
  },
  "dummy_trs": 2,
  "dvars_nstd": 29.263857948301165,
  "dvars_std": 1.1227262415444013,
  "dvars_vstd": 0.9320622680694982,
  "efc": 0.613851696557817,
  "fber": 247.91790771484375,
  "fd_mean": 0.14875478870807116,
  "fd_num": 55,
  "fd_perc": 21.153846153846153,
  "fwhm_avg": 2.3513633333333335,
  "fwhm_x": 2.2416266666666664,
  "fwhm_y": 2.33577,
  "fwhm_z": 2.4766933333333334,
  "gcor": 0.0256468,
  "gsr_x": 0.0007035232847556472,
  "gsr_y": 0.04177488759160042,
  "provenance": {
    "md5sum": "b3a1346d863cb7d949bfb4e0617ad8b9",
    "settings": {
      "fd_thres": 0.2,
      "testing": false
    },
    "software": "mriqc",
    "version": "23.0.1",
    "webapi_port": null,
    "webapi_url": "https://mriqc.nimh.nih.gov/api/v1"
  },
  "size_t": 260,
  "size_x": 64,
  "size_y": 64,
  "size_z": 40,
  "snr": 3.280491889544865,
  "spacing_tr": 2.799999952316284,
  "spacing_x": 3.0,
  "spacing_y": 3.0,
  "spacing_z": 3.0,
  "summary_bg_k": 31.517154941100863,
  "summary_bg_mad": 12.847320804255435,
  "summary_bg_mean": 59.23815155029297,
  "summary_bg_median": 34.02692413330078,
  "summary_bg_n": 87245.0,
  "summary_bg_p05": 24.146154403686523,
  "summary_bg_p95": 180.67384643554703,
  "summary_bg_stdv": 68.62764739990234,
  "summary_fg_k": 0.6863298497925254,
  "summary_fg_mad": 158.2278803570672,
  "summary_fg_mean": 572.8680419921875,
  "summary_fg_median": 544.9154052734375,
  "summary_fg_n": 39139.0,
  "summary_fg_p05": 349.6423034667969,
  "summary_fg_p95": 882.3753601074218,
  "summary_fg_stdv": 166.105712890625,
  "tsnr": 46.10446418100037
}