{
  "aor": 0.0020972586872586873,
  "aqi": 0.0059291140926640935,
  "bids_meta": {
    "AcquisitionDateTime": "2016-09-19T15:18:42.010000",
    "AcquisitionMatrixPE": 64,
    "AcquisitionNumber": 1,
    "AcquisitionTime": "15:18:42.010000",
    "BaseResolution": 64,
    "ConversionSoftware": "dcm2niix",
    "ConversionSoftwareVersion": "v1.0.20180622 (JP2:OpenJPEG) GCC6.1.0",
    "DeviceSerialNumber": "35437",
    "DwellTime": 3.4e-06,
    "EchoTime": 0.03,
    "EffectiveEchoSpacing": 6.009615385e-05,
    "FlipAngle": 90,
    "ImageOrientationPatientDICOM": [
      1,
      0,
      0,
      0,
      0.866025,
      -0.5
    ],
    "ImageType": [
      "ORIGINAL",
      "PRIMARY",
      "M",
      "ND",
      "MOSAIC"
    ],
    "InPlanePhaseEncodingDirectionDICOM": "COL",
    "InstitutionAddress": "Queen_Square_12_London_Southeast_GB_WC1N_3BG",
    "InstitutionName": "WTCN",
    "InstitutionalDepartmentName": "Department",
    "MRAcquisitionType": "2D",
    "MagneticFieldStrength": 3,
    "Manufacturer": "Siemens",
    "ManufacturersModelName": "TrioTim",
    "Modality": "MR",
    "PartialFourier": 1,
    "PatientID": "MQ03784",
    "PatientName": "MQ03784",
    "PatientPosition": "HFS",
    "PatientSex": "",
    "PercentPhaseFOV": 100,
    "PhaseEncodingDirection": "j-",
    "PhaseEncodingSteps": 74,
    "PhaseOversampling": 0.13,
    "PhaseResolution": 1,
    "PixelBandwidth": 2298,
    "ProcedureStepDescription": "FIL_Johan_Carlin",
    "ProtocolName": "al_mepi2d_3mm_v1a_standard",
    "PulseSequenceDetails": "%CustomerSeq%_al_mepi2d_3mm_v1a",
    "ReceiveCoilName": "32Ch_Head",
    "ReconMatrixPE": 64,
    "RepetitionTime": 2.8,
    "SAR": 0.160066,
    "ScanOptions": "FS",
    "ScanningSequence": "RM",
    "SequenceName": "alepi2d2d1",
    "SequenceVariant": "SP_OSP",
    "SeriesDescription": "al_mepi2d_3mm_v1a_standard",
    "SeriesInstanceUID": "1.3.12.2.1107.5.2.32.35437.201609191516392458136893.0.0.0",
    "SeriesNumber": 9,
    "ShimSetting": [
      46,
      -3866,
      303,
      446,
      -163,
      94,
      -32,
      46
    ],
    "SliceThickness": 2.5,
    "SliceTiming": [
      0,
      0.0725,
      0.1425,
      0.2125,
      0.2825,
      0.3525,
      0.4225,
      0.4925,
      0.5625,
      0.6325,
      0.705,
      0.775,
      0.845,
      0.915,
      0.985,
      1.055,
      1.125,
      1.195,
      1.265,
      1.3375,
      1.4075,
      1.4775,
      1.5475,
      1.6175,
      1.6875,
      1.7575,
      1.8275,
      1.9,
      1.97,
      2.04,
      2.11,
      2.18,
      2.25,
      2.32,
      2.39,
      2.46,
      2.5325,
      2.6025,
      2.6725,
      2.7425
    ],
    "SoftwareVersions": "syngo_MR_B17",
    "SpacingBetweenSlices": 3,
    "StationName": "MRC35437",
    "StudyID": "1",
    "StudyInstanceUID": "1.3.12.2.1107.5.2.32.35437.30000016091907534114000000010",
    "TaskName": "motionLocaliser",
    "TxRefAmp": 313.68,
    "dataset": "ds004009",
    "modality": "bold",
    "subject_id": "29",
    "task_id": "motionLocaliser"
  },
  "dummy_trs": 3,
  "dvars_nstd": 35.58173249131782,
  "dvars_std": 1.3579906955813958,
  "dvars_vstd": 0.9905035703488372,
  "efc": 0.6303418627276871,
  "fber": 231.0937957763672,
  "fd_mean": 0.1272072202969544,
  "fd_num": 24,
  "fd_perc": 9.266409266409266,
  "fwhm_avg": 2.5246811111111107,
  "fwhm_x": 2.3829166666666666,
  "fwhm_y": 2.52821,
  "fwhm_z": 2.6629166666666664,
  "gcor": 0.0132426,
  "gsr_x": -0.013831681571900845,
  "gsr_y": 0.07624074816703796,
  "provenance": {
    "md5sum": "42144f7cb1c40bb6fd549d73f05b3b90",
    "settings": {
      "fd_thres": 0.2,
      "testing": false
    },
    "software": "mriqc",
    "version": "23.0.1",
    "webapi_port": null,
    "webapi_url": "https://mriqc.nimh.nih.gov/api/v1"
  },
  "size_t": 259,
  "size_x": 64,
  "size_y": 64,
  "size_z": 40,
  "snr": 2.5586216732827647,
  "spacing_tr": 2.799999952316284,
  "spacing_x": 3.0,
  "spacing_y": 3.0,
  "spacing_z": 3.0,
  "summary_bg_k": 12.751047846568008,
  "summary_bg_mad": 11.620394849528454,
  "summary_bg_mean": 63.70147705078125,
  "summary_bg_median": 33.78764343261719,
  "summary_bg_n": 79297.0,
  "summary_bg_p05": 25.158300399780273,
  "summary_bg_p95": 222.52740478515622,
  "summary_bg_stdv": 73.29397583007812,
  "summary_fg_k": 2.3721879229159706,
  "summary_fg_mad": 180.3365163081823,
  "summary_fg_mean": 576.5592041015625,
  "summary_fg_median": 535.7625732421875,
  "summary_fg_n": 44726.0,
  "summary_fg_p05": 315.8127212524414,
  "summary_fg_p95": 977.4652557373047,
  "summary_fg_stdv": 209.3926544189453,
  "tsnr": 50.81174648506567
}