{
  "aor": 0.0011905447470817122,
  "aqi": 0.00559062299610895,
  "bids_meta": {
    "AcquisitionDateTime": "2016-09-19T14:50:2.757500",
    "AcquisitionMatrixPE": 64,
    "AcquisitionNumber": 1,
    "AcquisitionTime": "14:50:2.757500",
    "BaseResolution": 64,
    "ConversionSoftware": "dcm2niix",
    "ConversionSoftwareVersion": "v1.0.20180622 (JP2:OpenJPEG) GCC6.1.0",
    "DeviceSerialNumber": "35437",
    "DwellTime": 3.4e-06,
    "EchoTime": 0.03,
    "EffectiveEchoSpacing": 6.009615385e-05,
    "FlipAngle": 90,
    "ImageOrientationPatientDICOM": [
      1,
      0,
      0,
      0,
      0.866025,
      -0.5
    ],
    "ImageType": [
      "ORIGINAL",
      "PRIMARY",
      "M",
      "ND",
      "MOSAIC"
    ],
    "InPlanePhaseEncodingDirectionDICOM": "COL",
    "InstitutionAddress": "Queen_Square_12_London_Southeast_GB_WC1N_3BG",
    "InstitutionName": "WTCN",
    "InstitutionalDepartmentName": "Department",
    "MRAcquisitionType": "2D",
    "MagneticFieldStrength": 3,
    "Manufacturer": "Siemens",
    "ManufacturersModelName": "TrioTim",
    "Modality": "MR",
    "PartialFourier": 1,
    "PatientID": "MQ03784",
    "PatientName": "MQ03784",
    "PatientPosition": "HFS",
    "PatientSex": "",
    "PercentPhaseFOV": 100,
    "PhaseEncodingDirection": "j-",
    "PhaseEncodingSteps": 74,
    "PhaseOversampling": 0.13,
    "PhaseResolution": 1,
    "PixelBandwidth": 2298,
    "ProcedureStepDescription": "FIL_Johan_Carlin",
    "ProtocolName": "al_mepi2d_3mm_v1a_standard",
    "PulseSequenceDetails": "%CustomerSeq%_al_mepi2d_3mm_v1a",
    "ReceiveCoilName": "32Ch_Head",
    "ReconMatrixPE": 64,
    "RepetitionTime": 2.8,
    "SAR": 0.160066,
    "ScanOptions": "FS",
    "ScanningSequence": "RM",
    "SequenceName": "alepi2d2d1",
    "SequenceVariant": "SP_OSP",
    "SeriesDescription": "al_mepi2d_3mm_v1a_standard",
    "SeriesInstanceUID": "1.3.12.2.1107.5.2.32.35437.2016091914485120603472953.0.0.0",
    "SeriesNumber": 7,
    "ShimSetting": [
      46,
      -3866,
      303,
      446,
      -163,
      94,
      -32,
      46
    ],
    "SliceThickness": 2.5,
    "SliceTiming": [
      0,
      0.07,
      0.1425,
      0.2125,
      0.2825,
      0.3525,
      0.4225,
      0.4925,
      0.5625,
      0.6325,
      0.7025,
      0.775,
      0.845,
      0.915,
      0.985,
      1.055,
      1.125,
      1.195,
      1.265,
      1.335,
      1.4075,
      1.4775,
      1.5475,
      1.6175,
      1.6875,
      1.7575,
      1.8275,
      1.8975,
      1.9675,
      2.04,
      2.11,
      2.18,
      2.25,
      2.32,
      2.39,
      2.46,
      2.53,
      2.6,
      2.6725,
      2.7425
    ],
    "SoftwareVersions": "syngo_MR_B17",
    "SpacingBetweenSlices": 3,
    "StationName": "MRC35437",
    "StudyID": "1",
    "StudyInstanceUID": "1.3.12.2.1107.5.2.32.35437.30000016091907534114000000010",
    "TaskName": "memsamp",
    "TxRefAmp": 313.68,
    "dataset": "ds004009",
    "modality": "bold",
    "run_id": 3,
    "subject_id": "29",
    "task_id": "memsamp"
  },
  "dummy_trs": 5,
  "dvars_nstd": 33.29723061597656,
  "dvars_std": 1.3499529002734372,
  "dvars_vstd": 0.9562559585156252,
  "efc": 0.6296603716055535,
  "fber": 233.73269653320312,
  "fd_mean": 0.10241868676965235,
  "fd_num": 7,
  "fd_perc": 2.7237354085603114,
  "fwhm_avg": 2.546631111111111,
  "fwhm_x": 2.4034,
  "fwhm_y": 2.5703466666666666,
  "fwhm_z": 2.6661466666666667,
  "gcor": 0.0206053,
  "gsr_x": -0.012731332331895828,
  "gsr_y": 0.07782717794179916,
  "provenance": {
    "md5sum": "a7af76036f05b932df2f2f8bd6693309",
    "settings": {
      "fd_thres": 0.2,
      "testing": false
    },
    "software": "mriqc",
    "version": "23.0.1",
    "webapi_port": null,
    "webapi_url": "https://mriqc.nimh.nih.gov/api/v1"
  },
  "size_t": 257,
  "size_x": 64,
  "size_y": 64,
  "size_z": 40,
  "snr": 2.5780274973210053,
  "spacing_tr": 2.799999952316284,
  "spacing_x": 3.0,
  "spacing_y": 3.0,
  "spacing_z": 3.0,
  "summary_bg_k": 13.358493310845859,
  "summary_bg_mad": 11.733898663932708,
  "summary_bg_mean": 63.26273727416992,
  "summary_bg_median": 33.60700225830078,
  "summary_bg_n": 79581.0,
  "summary_bg_p05": 24.556419372558594,
  "summary_bg_p95": 219.99221801757812,
  "summary_bg_stdv": 73.36241912841797,
  "summary_fg_k": 2.2384054795206225,
  "summary_fg_mad": 180.11311700233907,
  "summary_fg_mean": 576.8727416992188,
  "summary_fg_median": 536.4786376953125,
  "summary_fg_n": 44642.0,
  "summary_fg_p05": 317.37373046875,
  "summary_fg_p95": 975.0908538818358,
  "summary_fg_stdv": 208.09422302246094,
  "tsnr": 51.82409504393581
}