{
  "bids_meta": {
    "AcquisitionDateTime": "2016-07-13T12:44:54.505000",
    "AcquisitionMatrixPE": 240,
    "AcquisitionNumber": 1,
    "AcquisitionTime": "12:44:54.505000",
    "BaseResolution": 256,
    "ConversionSoftware": "dcm2niix",
    "ConversionSoftwareVersion": "v1.0.20180622 (JP2:OpenJPEG) GCC6.1.0",
    "DeviceSerialNumber": "35437",
    "DwellTime": 4e-06,
    "EchoTime": 0.0022,
    "FlipAngle": 13,
    "ImageOrientationPatientDICOM": [
      0,
      0.866025,
      -0.5,
      0,
      -0.5,
      -0.866025
    ],
    "ImageType": [
      "ORIGINAL",
      "PRIMARY",
      "M",
      "ND"
    ],
    "InPlanePhaseEncodingDirectionDICOM": "ROW",
    "InstitutionAddress": "Queen_Square_12_London_Southeast_GB_WC1N_3BG",
    "InstitutionName": "FIL",
    "InstitutionalDepartmentName": "Department",
    "MRAcquisitionType": "3D",
    "MagneticFieldStrength": 3,
    "Manufacturer": "Siemens",
    "ManufacturersModelName": "TrioTim",
    "Modality": "MR",
    "PartialFourier": 0.75,
    "PatientID": "MQ03703",
    "PatientName": "MQ03703",
    "PatientPosition": "HFS",
    "PatientSex": "",
    "PercentPhaseFOV": 93.75,
    "PhaseEncodingSteps": 180,
    "PhaseResolution": 1,
    "PixelBandwidth": 488,
    "ProcedureStepDescription": "FIL_Johan_Carlin",
    "ProtocolName": "BasicT1_NoVBM_nw_mtflash3d_v3h",
    "PulseSequenceDetails": "%CustomerSeq%_nw_mtflash3d_v3h",
    "ReceiveCoilName": "32Ch_Head",
    "ReconMatrixPE": 256,
    "RepetitionTime": 2,
    "SAR": 0.193303,
    "ScanOptions": "PFP",
    "ScanningSequence": "RM",
    "SequenceName": "fl3d_3h3d1",
    "SequenceVariant": "SP",
    "SeriesDescription": "BasicT1_NoVBM_nw_mtflash3d_v3h",
    "SeriesInstanceUID": "1.3.12.2.1107.5.2.32.35437.2016071312443943799584567.0.0.0",
    "SeriesNumber": 11,
    "ShimSetting": [
      46,
      -3882,
      295,
      293,
      -50,
      -79,
      11,
      51
    ],
    "SliceThickness": 1,
    "SoftwareVersions": "syngo_MR_B17",
    "StationName": "MRC35437",
    "StudyID": "1",
    "StudyInstanceUID": "1.3.12.2.1107.5.2.32.35437.30000016071307430286400000007",
    "TxRefAmp": 296.221,
    "dataset": "ds004009",
    "modality": "T1w",
    "subject_id": "26"
  },
  "cjv": 0.5209576826259532,
  "cnr": 2.694116910802217,
  "efc": 0.588516379787576,
  "fber": -1.0,
  "fwhm_avg": 5.197336666666667,
  "fwhm_x": 5.59089,
  "fwhm_y": 5.20411,
  "fwhm_z": 4.79701,
  "icvs_csf": 0.15950067820754985,
  "icvs_gm": 0.3933196411703414,
  "icvs_wm": 0.4471796806221088,
  "inu_med": 0.8875758051872253,
  "inu_range": 0.9863248094916343,
  "provenance": {
    "md5sum": "08457e49b94d7c07b2ffefb0a6dd334d",
    "settings": {
      "testing": false
    },
    "software": "mriqc",
    "version": "23.0.1",
    "warnings": {
      "large_rot_frame": true,
      "small_air_mask": false
    },
    "webapi_port": null,
    "webapi_url": "https://mriqc.nimh.nih.gov/api/v1"
  },
  "qi_1": 0.0,
  "qi_2": 0.007350259487820117,
  "rpve_csf": 29.690096737758655,
  "rpve_gm": 12.00364291121518,
  "rpve_wm": 12.370801744753482,
  "size_x": 176,
  "size_y": 240,
  "size_z": 256,
  "snr_csf": 2.876587686734013,
  "snr_gm": 15.521795735721323,
  "snr_total": 12.428097240840879,
  "snr_wm": 18.8859083000673,
  "snrd_csf": 26.88158561636359,
  "snrd_gm": 63.96083080848318,
  "snrd_total": 56.93982312438133,
  "snrd_wm": 79.97705294829723,
  "spacing_x": 1.0,
  "spacing_y": 1.0,
  "spacing_z": 1.0,
  "summary_bg_k": 4.7741575560608815,
  "summary_bg_mad": 0.0,
  "summary_bg_mean": 5.625549226864321,
  "summary_bg_median": 0.0,
  "summary_bg_n": 2242502.0,
  "summary_bg_p05": 0.0,
  "summary_bg_p95": 22.065600145608187,
  "summary_bg_stdv": 8.191998650443132,
  "summary_csf_k": 2.3652230014175357,
  "summary_csf_mad": 100.31377308406195,
  "summary_csf_mean": 359.37841803944013,
  "summary_csf_median": 336.13444939255714,
  "summary_csf_n": 30865.0,
  "summary_csf_p05": 213.2827296629548,
  "summary_csf_p95": 575.158572050929,
  "summary_csf_stdv": 116.84990715286607,
  "summary_gm_k": 0.02152545067140732,
  "summary_gm_mad": 50.96068280071737,
  "summary_gm_mean": 799.5069826818614,
  "summary_gm_median": 799.783128619194,
  "summary_gm_n": 22179.0,
  "summary_gm_p05": 714.0634225007146,
  "summary_gm_p95": 885.1721218116581,
  "summary_gm_stdv": 51.52529461435259,
  "summary_wm_k": -0.02635709302177114,
  "summary_wm_mad": 53.372071576776555,
  "summary_wm_mean": 1003.933573552806,
  "summary_wm_median": 1000.0542021766305,
  "summary_wm_n": 191861.0,
  "summary_wm_p05": 923.8817987255752,
  "summary_wm_p95": 1097.1536858640611,
  "summary_wm_stdv": 52.95226367137853,
  "tpm_overlap_csf": 0.16801641402811607,
  "tpm_overlap_gm": 0.4402279387401868,
  "tpm_overlap_wm": 0.46284052976196594,
  "wm2max": 0.34056106466116154
}