{
  "aor": 0.00954823754789272,
  "aqi": 0.012610528965517242,
  "bids_meta": {
    "AcquisitionDateTime": "2016-05-25T10:02:51.907500",
    "AcquisitionMatrixPE": 64,
    "AcquisitionNumber": 1,
    "AcquisitionTime": "10:02:51.907500",
    "BaseResolution": 64,
    "ConversionSoftware": "dcm2niix",
    "ConversionSoftwareVersion": "v1.0.20180622 (JP2:OpenJPEG) GCC6.1.0",
    "DeviceSerialNumber": "35437",
    "DwellTime": 3.4e-06,
    "EchoTime": 0.03,
    "EffectiveEchoSpacing": 6.009615385e-05,
    "FlipAngle": 90,
    "ImageOrientationPatientDICOM": [
      1,
      0,
      0,
      0,
      0.866025,
      -0.5
    ],
    "ImageType": [
      "ORIGINAL",
      "PRIMARY",
      "M",
      "ND",
      "MOSAIC"
    ],
    "InPlanePhaseEncodingDirectionDICOM": "COL",
    "InstitutionAddress": "Queen_Square_12_London_Southeast_GB_WC1N_3BG",
    "InstitutionName": "WTCN",
    "InstitutionalDepartmentName": "Department",
    "MRAcquisitionType": "2D",
    "MagneticFieldStrength": 3,
    "Manufacturer": "Siemens",
    "ManufacturersModelName": "TrioTim",
    "Modality": "MR",
    "PartialFourier": 1,
    "PatientID": "MQ03633",
    "PatientName": "MQ03633",
    "PatientPosition": "HFS",
    "PatientSex": "",
    "PercentPhaseFOV": 100,
    "PhaseEncodingDirection": "j-",
    "PhaseEncodingSteps": 74,
    "PhaseOversampling": 0.13,
    "PhaseResolution": 1,
    "PixelBandwidth": 2298,
    "ProcedureStepDescription": "FIL_Johan_Carlin",
    "ProtocolName": "al_mepi2d_3mm_v1a_standard",
    "PulseSequenceDetails": "%CustomerSeq%_al_mepi2d_3mm_v1a",
    "ReceiveCoilName": "32Ch_Head",
    "ReconMatrixPE": 64,
    "RepetitionTime": 2.8,
    "SAR": 0.154865,
    "ScanOptions": "FS",
    "ScanningSequence": "RM",
    "SequenceName": "alepi2d2d1",
    "SequenceVariant": "SP_OSP",
    "SeriesDescription": "al_mepi2d_3mm_v1a_standard",
    "SeriesInstanceUID": "1.3.12.2.1107.5.2.32.35437.2016052510024853317077304.0.0.0",
    "SeriesNumber": 7,
    "ShimSetting": [
      20,
      -3905,
      325,
      665,
      -160,
      190,
      -232,
      5
    ],
    "SliceThickness": 2.5,
    "SliceTiming": [
      0,
      0.07,
      0.14,
      0.21,
      0.28,
      0.35,
      0.42,
      0.49,
      0.56,
      0.6325,
      0.7025,
      0.7725,
      0.8425,
      0.9125,
      0.9825,
      1.0525,
      1.1225,
      1.1925,
      1.265,
      1.335,
      1.405,
      1.475,
      1.545,
      1.615,
      1.685,
      1.755,
      1.825,
      1.8975,
      1.9675,
      2.0375,
      2.1075,
      2.1775,
      2.2475,
      2.3175,
      2.3875,
      2.46,
      2.53,
      2.6,
      2.67,
      2.74
    ],
    "SoftwareVersions": "syngo_MR_B17",
    "SpacingBetweenSlices": 3,
    "StationName": "MRC35437",
    "StudyID": "1",
    "StudyInstanceUID": "1.3.12.2.1107.5.2.32.35437.30000016052507570637500000004",
    "TaskName": "memsamp",
    "TxRefAmp": 302.113,
    "dataset": "ds004009",
    "modality": "bold",
    "run_id": 3,
    "subject_id": "32",
    "task_id": "memsamp"
  },
  "dummy_trs": 2,
  "dvars_nstd": 22.213126927192295,
  "dvars_std": 0.9135033310384612,
  "dvars_vstd": 0.8970997774230771,
  "efc": 0.607003479379384,
  "fber": 259.03521728515625,
  "fd_mean": 0.11377847037300053,
  "fd_num": 23,
  "fd_perc": 8.812260536398467,
  "fwhm_avg": 2.4154133333333334,
  "fwhm_x": 2.278983333333333,
  "fwhm_y": 2.4286233333333334,
  "fwhm_z": 2.5386333333333333,
  "gcor": 0.0065808,
  "gsr_x": -0.0032689692452549934,
  "gsr_y": 0.05573567375540733,
  "provenance": {
    "md5sum": "56d93da4b8467a85613fcaedf17b9e42",
    "settings": {
      "fd_thres": 0.2,
      "testing": false
    },
    "software": "mriqc",
    "version": "23.0.1",
    "webapi_port": null,
    "webapi_url": "https://mriqc.nimh.nih.gov/api/v1"
  },
  "size_t": 261,
  "size_x": 64,
  "size_y": 64,
  "size_z": 40,
  "snr": 2.9115671272889796,
  "spacing_tr": 2.799999952316284,
  "spacing_x": 3.0,
  "spacing_y": 3.0,
  "spacing_z": 3.0,
  "summary_bg_k": 55.89787177494631,
  "summary_bg_mad": 11.633595203448406,
  "summary_bg_mean": 59.28917694091797,
  "summary_bg_median": 33.27585983276367,
  "summary_bg_n": 86191.0,
  "summary_bg_p05": 24.65134048461914,
  "summary_bg_p95": 176.8697280883789,
  "summary_bg_stdv": 76.84986114501953,
  "summary_fg_k": 1.7442664802421568,
  "summary_fg_mad": 167.3011724679077,
  "summary_fg_mean": 589.47216796875,
  "summary_fg_median": 554.2816162109375,
  "summary_fg_n": 38394.0,
  "summary_fg_p05": 342.5503814697266,
  "summary_fg_p95": 947.8725799560543,
  "summary_fg_stdv": 190.36978149414062,
  "tsnr": 35.469917299808
}