{
  "aor": 0.004093295019157088,
  "aqi": 0.014894766091954025,
  "bids_meta": {
    "AcquisitionDateTime": "2016-05-25T10:18:27.840000",
    "AcquisitionMatrixPE": 64,
    "AcquisitionNumber": 1,
    "AcquisitionTime": "10:18:27.840000",
    "BaseResolution": 64,
    "ConversionSoftware": "dcm2niix",
    "ConversionSoftwareVersion": "v1.0.20180622 (JP2:OpenJPEG) GCC6.1.0",
    "DeviceSerialNumber": "35437",
    "DwellTime": 3.4e-06,
    "EchoTime": 0.03,
    "EffectiveEchoSpacing": 6.009615385e-05,
    "FlipAngle": 90,
    "ImageOrientationPatientDICOM": [
      1,
      0,
      0,
      0,
      0.866025,
      -0.5
    ],
    "ImageType": [
      "ORIGINAL",
      "PRIMARY",
      "M",
      "ND",
      "MOSAIC"
    ],
    "InPlanePhaseEncodingDirectionDICOM": "COL",
    "InstitutionAddress": "Queen_Square_12_London_Southeast_GB_WC1N_3BG",
    "InstitutionName": "WTCN",
    "InstitutionalDepartmentName": "Department",
    "MRAcquisitionType": "2D",
    "MagneticFieldStrength": 3,
    "Manufacturer": "Siemens",
    "ManufacturersModelName": "TrioTim",
    "Modality": "MR",
    "PartialFourier": 1,
    "PatientID": "MQ03633",
    "PatientName": "MQ03633",
    "PatientPosition": "HFS",
    "PatientSex": "",
    "PercentPhaseFOV": 100,
    "PhaseEncodingDirection": "j-",
    "PhaseEncodingSteps": 74,
    "PhaseOversampling": 0.13,
    "PhaseResolution": 1,
    "PixelBandwidth": 2298,
    "ProcedureStepDescription": "FIL_Johan_Carlin",
    "ProtocolName": "al_mepi2d_3mm_v1a_standard",
    "PulseSequenceDetails": "%CustomerSeq%_al_mepi2d_3mm_v1a",
    "ReceiveCoilName": "32Ch_Head",
    "ReconMatrixPE": 64,
    "RepetitionTime": 2.8,
    "SAR": 0.154865,
    "ScanOptions": "FS",
    "ScanningSequence": "RM",
    "SequenceName": "alepi2d2d1",
    "SequenceVariant": "SP_OSP",
    "SeriesDescription": "al_mepi2d_3mm_v1a_standard",
    "SeriesInstanceUID": "1.3.12.2.1107.5.2.32.35437.2016052510151549159909396.0.0.0",
    "SeriesNumber": 8,
    "ShimSetting": [
      20,
      -3905,
      325,
      665,
      -160,
      190,
      -232,
      5
    ],
    "SliceThickness": 2.5,
    "SliceTiming": [
      0,
      0.07,
      0.14,
      0.21,
      0.28,
      0.35,
      0.42,
      0.49,
      0.5625,
      0.6325,
      0.7025,
      0.7725,
      0.8425,
      0.9125,
      0.9825,
      1.0525,
      1.1225,
      1.195,
      1.265,
      1.335,
      1.405,
      1.475,
      1.545,
      1.615,
      1.685,
      1.755,
      1.8275,
      1.8975,
      1.9675,
      2.0375,
      2.1075,
      2.1775,
      2.2475,
      2.3175,
      2.39,
      2.46,
      2.53,
      2.6,
      2.67,
      2.74
    ],
    "SoftwareVersions": "syngo_MR_B17",
    "SpacingBetweenSlices": 3,
    "StationName": "MRC35437",
    "StudyID": "1",
    "StudyInstanceUID": "1.3.12.2.1107.5.2.32.35437.30000016052507570637500000004",
    "TaskName": "exemplarLocaliser",
    "TxRefAmp": 302.113,
    "dataset": "ds004009",
    "modality": "bold",
    "subject_id": "32",
    "task_id": "exemplarLocaliser"
  },
  "dummy_trs": 2,
  "dvars_nstd": 22.153822558038446,
  "dvars_std": 0.8727636740000001,
  "dvars_vstd": 0.8313329228461539,
  "efc": 0.603947419198417,
  "fber": 273.8740234375,
  "fd_mean": 0.10895161411671167,
  "fd_num": 19,
  "fd_perc": 7.2796934865900385,
  "fwhm_avg": 2.4061822222222222,
  "fwhm_x": 2.2521166666666668,
  "fwhm_y": 2.439086666666667,
  "fwhm_z": 2.527343333333333,
  "gcor": 0.00891752,
  "gsr_x": 0.006606155075132847,
  "gsr_y": 0.0577361099421978,
  "provenance": {
    "md5sum": "84355634be6cb35f53759fcdb6ee79fe",
    "settings": {
      "fd_thres": 0.2,
      "testing": false
    },
    "software": "mriqc",
    "version": "23.0.1",
    "webapi_port": null,
    "webapi_url": "https://mriqc.nimh.nih.gov/api/v1"
  },
  "size_t": 261,
  "size_x": 64,
  "size_y": 64,
  "size_z": 40,
  "snr": 3.023138506849292,
  "spacing_tr": 2.799999952316284,
  "spacing_x": 3.0,
  "spacing_y": 3.0,
  "spacing_z": 3.0,
  "summary_bg_k": 63.460044024553966,
  "summary_bg_mad": 9.588629063991814,
  "summary_bg_mean": 53.85938262939453,
  "summary_bg_median": 31.31417465209961,
  "summary_bg_n": 87225.0,
  "summary_bg_p05": 24.160919189453125,
  "summary_bg_p95": 158.43984680175782,
  "summary_bg_stdv": 63.62776184082031,
  "summary_fg_k": 1.8031804262334399,
  "summary_fg_mad": 154.46327967992667,
  "summary_fg_mean": 563.9818725585938,
  "summary_fg_median": 531.911865234375,
  "summary_fg_n": 38081.0,
  "summary_fg_p05": 336.3601379394531,
  "summary_fg_p95": 893.2298583984375,
  "summary_fg_stdv": 175.94459533691406,
  "tsnr": 33.2615580833517
}