{
  "aor": 0.012850574712643678,
  "aqi": 0.007934426704980842,
  "bids_meta": {
    "AcquisitionDateTime": "2016-05-25T09:33:8.362500",
    "AcquisitionMatrixPE": 64,
    "AcquisitionNumber": 1,
    "AcquisitionTime": "09:33:8.362500",
    "BaseResolution": 64,
    "ConversionSoftware": "dcm2niix",
    "ConversionSoftwareVersion": "v1.0.20180622 (JP2:OpenJPEG) GCC6.1.0",
    "DeviceSerialNumber": "35437",
    "DwellTime": 3.4e-06,
    "EchoTime": 0.03,
    "EffectiveEchoSpacing": 6.009615385e-05,
    "FlipAngle": 90,
    "ImageOrientationPatientDICOM": [
      1,
      0,
      0,
      0,
      0.866025,
      -0.5
    ],
    "ImageType": [
      "ORIGINAL",
      "PRIMARY",
      "M",
      "ND",
      "MOSAIC"
    ],
    "InPlanePhaseEncodingDirectionDICOM": "COL",
    "InstitutionAddress": "Queen_Square_12_London_Southeast_GB_WC1N_3BG",
    "InstitutionName": "WTCN",
    "InstitutionalDepartmentName": "Department",
    "MRAcquisitionType": "2D",
    "MagneticFieldStrength": 3,
    "Manufacturer": "Siemens",
    "ManufacturersModelName": "TrioTim",
    "Modality": "MR",
    "PartialFourier": 1,
    "PatientID": "MQ03633",
    "PatientName": "MQ03633",
    "PatientPosition": "HFS",
    "PatientSex": "",
    "PercentPhaseFOV": 100,
    "PhaseEncodingDirection": "j-",
    "PhaseEncodingSteps": 74,
    "PhaseOversampling": 0.13,
    "PhaseResolution": 1,
    "PixelBandwidth": 2298,
    "ProcedureStepDescription": "FIL_Johan_Carlin",
    "ProtocolName": "al_mepi2d_3mm_v1a_standard",
    "PulseSequenceDetails": "%CustomerSeq%_al_mepi2d_3mm_v1a",
    "ReceiveCoilName": "32Ch_Head",
    "ReconMatrixPE": 64,
    "RepetitionTime": 2.8,
    "SAR": 0.154865,
    "ScanOptions": "FS",
    "ScanningSequence": "RM",
    "SequenceName": "alepi2d2d1",
    "SequenceVariant": "SP_OSP",
    "SeriesDescription": "al_mepi2d_3mm_v1a_standard",
    "SeriesInstanceUID": "1.3.12.2.1107.5.2.32.35437.2016052509285752124413120.0.0.0",
    "SeriesNumber": 5,
    "ShimSetting": [
      20,
      -3905,
      325,
      665,
      -160,
      190,
      -232,
      5
    ],
    "SliceThickness": 2.5,
    "SliceTiming": [
      0,
      0.0725,
      0.1425,
      0.2125,
      0.2825,
      0.3525,
      0.4225,
      0.4925,
      0.5625,
      0.6325,
      0.705,
      0.775,
      0.845,
      0.915,
      0.985,
      1.055,
      1.125,
      1.195,
      1.2675,
      1.3375,
      1.4075,
      1.4775,
      1.5475,
      1.6175,
      1.6875,
      1.7575,
      1.8275,
      1.9,
      1.97,
      2.04,
      2.11,
      2.18,
      2.25,
      2.32,
      2.39,
      2.46,
      2.5325,
      2.6025,
      2.6725,
      2.7425
    ],
    "SoftwareVersions": "syngo_MR_B17",
    "SpacingBetweenSlices": 3,
    "StationName": "MRC35437",
    "StudyID": "1",
    "StudyInstanceUID": "1.3.12.2.1107.5.2.32.35437.30000016052507570637500000004",
    "TaskName": "memsamp",
    "TxRefAmp": 302.113,
    "dataset": "ds004009",
    "modality": "bold",
    "run_id": 1,
    "subject_id": "32",
    "task_id": "memsamp"
  },
  "dummy_trs": 2,
  "dvars_nstd": 20.085911262923062,
  "dvars_std": 1.0135922913461533,
  "dvars_vstd": 1.005808774038461,
  "efc": 0.6047148125628364,
  "fber": 275.4317932128906,
  "fd_mean": 0.09269285594906791,
  "fd_num": 13,
  "fd_perc": 4.980842911877395,
  "fwhm_avg": 2.3734166666666665,
  "fwhm_x": 2.240553333333333,
  "fwhm_y": 2.3912299999999997,
  "fwhm_z": 2.4884666666666666,
  "gcor": 0.0055615,
  "gsr_x": -0.0002322971122339368,
  "gsr_y": 0.06437654048204422,
  "provenance": {
    "md5sum": "6a9e2fea849662a448cbb3f13383e6cc",
    "settings": {
      "fd_thres": 0.2,
      "testing": false
    },
    "software": "mriqc",
    "version": "23.0.1",
    "webapi_port": null,
    "webapi_url": "https://mriqc.nimh.nih.gov/api/v1"
  },
  "size_t": 261,
  "size_x": 64,
  "size_y": 64,
  "size_z": 40,
  "snr": 2.9734032004430904,
  "spacing_tr": 2.799999952316284,
  "spacing_x": 3.0,
  "spacing_y": 3.0,
  "spacing_z": 3.0,
  "summary_bg_k": 65.27633245503078,
  "summary_bg_mad": 9.949338349508189,
  "summary_bg_mean": 55.54148483276367,
  "summary_bg_median": 31.630268096923828,
  "summary_bg_n": 86342.0,
  "summary_bg_p05": 24.10344696044922,
  "summary_bg_p95": 163.1590034484862,
  "summary_bg_stdv": 71.1696548461914,
  "summary_fg_k": 1.7955107129991692,
  "summary_fg_mad": 160.9929868841864,
  "summary_fg_mean": 577.3470458984375,
  "summary_fg_median": 543.9080200195312,
  "summary_fg_n": 38424.0,
  "summary_fg_p05": 340.87489318847656,
  "summary_fg_p95": 920.9591552734369,
  "summary_fg_stdv": 182.92202758789062,
  "tsnr": 45.13308863854036
}