{
  "aor": 0.006379343629343628,
  "aqi": 0.00837227918918919,
  "bids_meta": {
    "AcquisitionDateTime": "2016-09-16T10:50:41.375000",
    "AcquisitionMatrixPE": 64,
    "AcquisitionNumber": 1,
    "AcquisitionTime": "10:50:41.375000",
    "BaseResolution": 64,
    "ConversionSoftware": "dcm2niix",
    "ConversionSoftwareVersion": "v1.0.20180622 (JP2:OpenJPEG) GCC6.1.0",
    "DeviceSerialNumber": "35437",
    "DwellTime": 3.4e-06,
    "EchoTime": 0.03,
    "EffectiveEchoSpacing": 6.009615385e-05,
    "FlipAngle": 90,
    "ImageOrientationPatientDICOM": [
      1,
      0,
      0,
      0,
      0.866025,
      -0.5
    ],
    "ImageType": [
      "ORIGINAL",
      "PRIMARY",
      "M",
      "ND",
      "MOSAIC"
    ],
    "InPlanePhaseEncodingDirectionDICOM": "COL",
    "InstitutionAddress": "Queen_Square_12_London_Southeast_GB_WC1N_3BG",
    "InstitutionName": "WTCN",
    "InstitutionalDepartmentName": "Department",
    "MRAcquisitionType": "2D",
    "MagneticFieldStrength": 3,
    "Manufacturer": "Siemens",
    "ManufacturersModelName": "TrioTim",
    "Modality": "MR",
    "PartialFourier": 1,
    "PatientID": "MQ03779",
    "PatientName": "MQ03779",
    "PatientPosition": "HFS",
    "PatientSex": "",
    "PercentPhaseFOV": 100,
    "PhaseEncodingDirection": "j-",
    "PhaseEncodingSteps": 74,
    "PhaseOversampling": 0.13,
    "PhaseResolution": 1,
    "PixelBandwidth": 2298,
    "ProcedureStepDescription": "FIL_Johan_Carlin",
    "ProtocolName": "al_mepi2d_3mm_v1a_standard",
    "PulseSequenceDetails": "%CustomerSeq%_al_mepi2d_3mm_v1a",
    "ReceiveCoilName": "32Ch_Head",
    "ReconMatrixPE": 64,
    "RepetitionTime": 2.8,
    "SAR": 0.176734,
    "ScanOptions": "FS",
    "ScanningSequence": "RM",
    "SequenceName": "alepi2d2d1",
    "SequenceVariant": "SP_OSP",
    "SeriesDescription": "al_mepi2d_3mm_v1a_standard",
    "SeriesInstanceUID": "1.3.12.2.1107.5.2.32.35437.2016091610491652180077550.0.0.0",
    "SeriesNumber": 6,
    "ShimSetting": [
      36,
      -4016,
      331,
      496,
      -218,
      87,
      164,
      -19
    ],
    "SliceThickness": 2.5,
    "SliceTiming": [
      0,
      0.07,
      0.14,
      0.21,
      0.28,
      0.35,
      0.4225,
      0.4925,
      0.5625,
      0.6325,
      0.7025,
      0.7725,
      0.8425,
      0.9125,
      0.9825,
      1.055,
      1.125,
      1.195,
      1.265,
      1.335,
      1.405,
      1.475,
      1.545,
      1.615,
      1.6875,
      1.7575,
      1.8275,
      1.8975,
      1.9675,
      2.0375,
      2.1075,
      2.1775,
      2.2475,
      2.32,
      2.39,
      2.46,
      2.53,
      2.6,
      2.67,
      2.74
    ],
    "SoftwareVersions": "syngo_MR_B17",
    "SpacingBetweenSlices": 3,
    "StationName": "MRC35437",
    "StudyID": "1",
    "StudyInstanceUID": "1.3.12.2.1107.5.2.32.35437.30000016091608313110500000004",
    "TaskName": "memsamp",
    "TxRefAmp": 292.389,
    "dataset": "ds004009",
    "modality": "bold",
    "run_id": 2,
    "subject_id": "05",
    "task_id": "memsamp"
  },
  "dummy_trs": 3,
  "dvars_nstd": 22.74884709244186,
  "dvars_std": 1.0441813615891482,
  "dvars_vstd": 0.9715501559689924,
  "efc": 0.5940550475883866,
  "fber": 262.9130859375,
  "fd_mean": 0.12441876114908594,
  "fd_num": 29,
  "fd_perc": 11.196911196911197,
  "fwhm_avg": 2.363496666666667,
  "fwhm_x": 2.2771966666666668,
  "fwhm_y": 2.3427966666666666,
  "fwhm_z": 2.4704966666666666,
  "gcor": 0.0114952,
  "gsr_x": -0.011174659244716167,
  "gsr_y": 0.054757699370384216,
  "provenance": {
    "md5sum": "8ee6a0142ba69725094867babbce40b7",
    "settings": {
      "fd_thres": 0.2,
      "testing": false
    },
    "software": "mriqc",
    "version": "23.0.1",
    "webapi_port": null,
    "webapi_url": "https://mriqc.nimh.nih.gov/api/v1"
  },
  "size_t": 259,
  "size_x": 64,
  "size_y": 64,
  "size_z": 40,
  "snr": 3.0915286132307753,
  "spacing_tr": 2.799999952316284,
  "spacing_x": 3.0,
  "spacing_y": 3.0,
  "spacing_z": 3.0,
  "summary_bg_k": 64.18712228658003,
  "summary_bg_mad": 12.564910147597802,
  "summary_bg_mean": 60.87088394165039,
  "summary_bg_median": 33.01930618286133,
  "summary_bg_n": 91885.0,
  "summary_bg_p05": 22.9196907043457,
  "summary_bg_p95": 191.35366516113282,
  "summary_bg_stdv": 83.91228485107422,
  "summary_fg_k": 1.0517579448432093,
  "summary_fg_mad": 165.63926261415006,
  "summary_fg_mean": 571.8287353515625,
  "summary_fg_median": 544.4208374023438,
  "summary_fg_n": 35457.0,
  "summary_fg_p05": 333.26409912109375,
  "summary_fg_p95": 898.4740966796875,
  "summary_fg_stdv": 176.09837341308594,
  "tsnr": 41.67341949767433
}