{
  "aor": 0.006728961538461538,
  "aqi": 0.006001966961538461,
  "bids_meta": {
    "AcquisitionDateTime": "2016-09-16T10:36:56.890000",
    "AcquisitionMatrixPE": 64,
    "AcquisitionNumber": 1,
    "AcquisitionTime": "10:36:56.890000",
    "BaseResolution": 64,
    "ConversionSoftware": "dcm2niix",
    "ConversionSoftwareVersion": "v1.0.20180622 (JP2:OpenJPEG) GCC6.1.0",
    "DeviceSerialNumber": "35437",
    "DwellTime": 3.4e-06,
    "EchoTime": 0.03,
    "EffectiveEchoSpacing": 6.009615385e-05,
    "FlipAngle": 90,
    "ImageOrientationPatientDICOM": [
      1,
      0,
      0,
      0,
      0.866025,
      -0.5
    ],
    "ImageType": [
      "ORIGINAL",
      "PRIMARY",
      "M",
      "ND",
      "MOSAIC"
    ],
    "InPlanePhaseEncodingDirectionDICOM": "COL",
    "InstitutionAddress": "Queen_Square_12_London_Southeast_GB_WC1N_3BG",
    "InstitutionName": "WTCN",
    "InstitutionalDepartmentName": "Department",
    "MRAcquisitionType": "2D",
    "MagneticFieldStrength": 3,
    "Manufacturer": "Siemens",
    "ManufacturersModelName": "TrioTim",
    "Modality": "MR",
    "PartialFourier": 1,
    "PatientID": "MQ03779",
    "PatientName": "MQ03779",
    "PatientPosition": "HFS",
    "PatientSex": "",
    "PercentPhaseFOV": 100,
    "PhaseEncodingDirection": "j-",
    "PhaseEncodingSteps": 74,
    "PhaseOversampling": 0.13,
    "PhaseResolution": 1,
    "PixelBandwidth": 2298,
    "ProcedureStepDescription": "FIL_Johan_Carlin",
    "ProtocolName": "al_mepi2d_3mm_v1a_standard",
    "PulseSequenceDetails": "%CustomerSeq%_al_mepi2d_3mm_v1a",
    "ReceiveCoilName": "32Ch_Head",
    "ReconMatrixPE": 64,
    "RepetitionTime": 2.8,
    "SAR": 0.176734,
    "ScanOptions": "FS",
    "ScanningSequence": "RM",
    "SequenceName": "alepi2d2d1",
    "SequenceVariant": "SP_OSP",
    "SeriesDescription": "al_mepi2d_3mm_v1a_standard",
    "SeriesInstanceUID": "1.3.12.2.1107.5.2.32.35437.2016091610360172215945580.0.0.0",
    "SeriesNumber": 5,
    "ShimSetting": [
      36,
      -4016,
      331,
      496,
      -218,
      87,
      164,
      -19
    ],
    "SliceThickness": 2.5,
    "SliceTiming": [
      0,
      0.07,
      0.14,
      0.21,
      0.28,
      0.35,
      0.42,
      0.4925,
      0.5625,
      0.6325,
      0.7025,
      0.7725,
      0.8425,
      0.9125,
      0.9825,
      1.0525,
      1.125,
      1.195,
      1.265,
      1.335,
      1.405,
      1.475,
      1.545,
      1.615,
      1.6875,
      1.7575,
      1.8275,
      1.8975,
      1.9675,
      2.0375,
      2.1075,
      2.1775,
      2.2475,
      2.32,
      2.39,
      2.46,
      2.53,
      2.6,
      2.67,
      2.74
    ],
    "SoftwareVersions": "syngo_MR_B17",
    "SpacingBetweenSlices": 3,
    "StationName": "MRC35437",
    "StudyID": "1",
    "StudyInstanceUID": "1.3.12.2.1107.5.2.32.35437.30000016091608313110500000004",
    "TaskName": "memsamp",
    "TxRefAmp": 292.389,
    "dataset": "ds004009",
    "modality": "bold",
    "run_id": 1,
    "subject_id": "05",
    "task_id": "memsamp"
  },
  "dummy_trs": 2,
  "dvars_nstd": 22.95635582760617,
  "dvars_std": 1.0957856957528957,
  "dvars_vstd": 1.0064092789961387,
  "efc": 0.5942939663394456,
  "fber": 265.6624450683594,
  "fd_mean": 0.0991192290173142,
  "fd_num": 14,
  "fd_perc": 5.384615384615385,
  "fwhm_avg": 2.3816644444444446,
  "fwhm_x": 2.279803333333333,
  "fwhm_y": 2.36454,
  "fwhm_z": 2.50065,
  "gcor": 0.0239477,
  "gsr_x": -0.012082538567483425,
  "gsr_y": 0.0576905719935894,
  "provenance": {
    "md5sum": "8a11a3f0f4a83505299404b2201f67c0",
    "settings": {
      "fd_thres": 0.2,
      "testing": false
    },
    "software": "mriqc",
    "version": "23.0.1",
    "webapi_port": null,
    "webapi_url": "https://mriqc.nimh.nih.gov/api/v1"
  },
  "size_t": 260,
  "size_x": 64,
  "size_y": 64,
  "size_z": 40,
  "snr": 3.096445546222258,
  "spacing_tr": 2.799999952316284,
  "spacing_x": 3.0,
  "spacing_y": 3.0,
  "spacing_z": 3.0,
  "summary_bg_k": 66.068496064678,
  "summary_bg_mad": 11.21645779833141,
  "summary_bg_mean": 59.90546798706055,
  "summary_bg_median": 32.342308044433594,
  "summary_bg_n": 91711.0,
  "summary_bg_p05": 24.123077392578125,
  "summary_bg_p95": 189.40576934814453,
  "summary_bg_stdv": 82.37774658203125,
  "summary_fg_k": 0.8987483599210551,
  "summary_fg_mad": 164.7228616945452,
  "summary_fg_mean": 568.2023315429688,
  "summary_fg_median": 540.142333984375,
  "summary_fg_n": 35415.0,
  "summary_fg_p05": 331.90037841796874,
  "summary_fg_p95": 894.6192199707029,
  "summary_fg_stdv": 174.43701171875,
  "tsnr": 49.09460535272956
}