{
  "aor": 0.001974692307692308,
  "aqi": 0.011936096307692308,
  "bids_meta": {
    "AcquisitionDateTime": "2016-09-16T11:05:28.227500",
    "AcquisitionMatrixPE": 64,
    "AcquisitionNumber": 1,
    "AcquisitionTime": "11:05:28.227500",
    "BaseResolution": 64,
    "ConversionSoftware": "dcm2niix",
    "ConversionSoftwareVersion": "v1.0.20180622 (JP2:OpenJPEG) GCC6.1.0",
    "DeviceSerialNumber": "35437",
    "DwellTime": 3.4e-06,
    "EchoTime": 0.03,
    "EffectiveEchoSpacing": 6.009615385e-05,
    "FlipAngle": 90,
    "ImageOrientationPatientDICOM": [
      1,
      0,
      0,
      0,
      0.866025,
      -0.5
    ],
    "ImageType": [
      "ORIGINAL",
      "PRIMARY",
      "M",
      "ND",
      "MOSAIC"
    ],
    "InPlanePhaseEncodingDirectionDICOM": "COL",
    "InstitutionAddress": "Queen_Square_12_London_Southeast_GB_WC1N_3BG",
    "InstitutionName": "WTCN",
    "InstitutionalDepartmentName": "Department",
    "MRAcquisitionType": "2D",
    "MagneticFieldStrength": 3,
    "Manufacturer": "Siemens",
    "ManufacturersModelName": "TrioTim",
    "Modality": "MR",
    "PartialFourier": 1,
    "PatientID": "MQ03779",
    "PatientName": "MQ03779",
    "PatientPosition": "HFS",
    "PatientSex": "",
    "PercentPhaseFOV": 100,
    "PhaseEncodingDirection": "j-",
    "PhaseEncodingSteps": 74,
    "PhaseOversampling": 0.13,
    "PhaseResolution": 1,
    "PixelBandwidth": 2298,
    "ProcedureStepDescription": "FIL_Johan_Carlin",
    "ProtocolName": "al_mepi2d_3mm_v1a_standard",
    "PulseSequenceDetails": "%CustomerSeq%_al_mepi2d_3mm_v1a",
    "ReceiveCoilName": "32Ch_Head",
    "ReconMatrixPE": 64,
    "RepetitionTime": 2.8,
    "SAR": 0.176734,
    "ScanOptions": "FS",
    "ScanningSequence": "RM",
    "SequenceName": "alepi2d2d1",
    "SequenceVariant": "SP_OSP",
    "SeriesDescription": "al_mepi2d_3mm_v1a_standard",
    "SeriesInstanceUID": "1.3.12.2.1107.5.2.32.35437.201609161104501582509593.0.0.0",
    "SeriesNumber": 7,
    "ShimSetting": [
      36,
      -4016,
      331,
      496,
      -218,
      87,
      164,
      -19
    ],
    "SliceThickness": 2.5,
    "SliceTiming": [
      0,
      0.0725,
      0.1425,
      0.2125,
      0.2825,
      0.3525,
      0.4225,
      0.4925,
      0.5625,
      0.6325,
      0.705,
      0.775,
      0.845,
      0.915,
      0.985,
      1.055,
      1.125,
      1.195,
      1.265,
      1.3375,
      1.4075,
      1.4775,
      1.5475,
      1.6175,
      1.6875,
      1.7575,
      1.8275,
      1.8975,
      1.97,
      2.04,
      2.11,
      2.18,
      2.25,
      2.32,
      2.39,
      2.46,
      2.53,
      2.6025,
      2.6725,
      2.7425
    ],
    "SoftwareVersions": "syngo_MR_B17",
    "SpacingBetweenSlices": 3,
    "StationName": "MRC35437",
    "StudyID": "1",
    "StudyInstanceUID": "1.3.12.2.1107.5.2.32.35437.30000016091608313110500000004",
    "TaskName": "memsamp",
    "TxRefAmp": 292.389,
    "dataset": "ds004009",
    "modality": "bold",
    "run_id": 3,
    "subject_id": "05",
    "task_id": "memsamp"
  },
  "dummy_trs": 2,
  "dvars_nstd": 27.168909120540533,
  "dvars_std": 0.9503113666795369,
  "dvars_vstd": 0.879611357799227,
  "efc": 0.5952836505939904,
  "fber": 259.1882629394531,
  "fd_mean": 0.19724852839814902,
  "fd_num": 82,
  "fd_perc": 31.53846153846154,
  "fwhm_avg": 2.3863366666666668,
  "fwhm_x": 2.28295,
  "fwhm_y": 2.3707266666666666,
  "fwhm_z": 2.505333333333333,
  "gcor": 0.0103602,
  "gsr_x": -0.01072968915104866,
  "gsr_y": 0.05421795696020126,
  "provenance": {
    "md5sum": "a55c5e920935e6c1d73ed1698a74c167",
    "settings": {
      "fd_thres": 0.2,
      "testing": false
    },
    "software": "mriqc",
    "version": "23.0.1",
    "webapi_port": null,
    "webapi_url": "https://mriqc.nimh.nih.gov/api/v1"
  },
  "size_t": 260,
  "size_x": 64,
  "size_y": 64,
  "size_z": 40,
  "snr": 3.085448233603587,
  "spacing_tr": 2.799999952316284,
  "spacing_x": 3.0,
  "spacing_y": 3.0,
  "spacing_z": 3.0,
  "summary_bg_k": 67.47389185968629,
  "summary_bg_mad": 12.368324414134376,
  "summary_bg_mean": 60.37651443481445,
  "summary_bg_median": 32.99615478515625,
  "summary_bg_n": 91599.0,
  "summary_bg_p05": 23.076923370361328,
  "summary_bg_p95": 190.19269104003902,
  "summary_bg_stdv": 82.78402709960938,
  "summary_fg_k": 1.0086770035405381,
  "summary_fg_mad": 163.70782573965155,
  "summary_fg_mean": 566.1915283203125,
  "summary_fg_median": 538.4384765625,
  "summary_fg_n": 35600.0,
  "summary_fg_p05": 329.6257690429687,
  "summary_fg_p95": 890.3226776123043,
  "summary_fg_stdv": 174.5065460205078,
  "tsnr": 33.64160887210164
}