{
  "bids_meta": {
    "AcquisitionDateTime": "2016-05-19T10:41:44.142500",
    "AcquisitionMatrixPE": 240,
    "AcquisitionNumber": 1,
    "AcquisitionTime": "10:41:44.142500",
    "BaseResolution": 256,
    "ConversionSoftware": "dcm2niix",
    "ConversionSoftwareVersion": "v1.0.20180622 (JP2:OpenJPEG) GCC6.1.0",
    "DeviceSerialNumber": "35437",
    "DwellTime": 4e-06,
    "EchoTime": 0.0022,
    "FlipAngle": 13,
    "ImageOrientationPatientDICOM": [
      -0.00872618,
      0.866025,
      -0.499924,
      -0.0151142,
      -0.5,
      -0.865893
    ],
    "ImageType": [
      "ORIGINAL",
      "PRIMARY",
      "M",
      "ND"
    ],
    "InPlanePhaseEncodingDirectionDICOM": "ROW",
    "InstitutionAddress": "Queen_Square_12_London_Southeast_GB_WC1N_3BG",
    "InstitutionName": "WTCN",
    "InstitutionalDepartmentName": "Department",
    "MRAcquisitionType": "3D",
    "MagneticFieldStrength": 3,
    "Manufacturer": "Siemens",
    "ManufacturersModelName": "TrioTim",
    "Modality": "MR",
    "PartialFourier": 0.75,
    "PatientID": "MQ03623",
    "PatientName": "MQ03623",
    "PatientPosition": "HFS",
    "PatientSex": "",
    "PercentPhaseFOV": 93.75,
    "PhaseEncodingSteps": 180,
    "PhaseResolution": 1,
    "PixelBandwidth": 488,
    "ProcedureStepDescription": "FIL_Johan_Carlin",
    "ProtocolName": "BasicT1_NoVBM_nw_mtflash3d_v3h",
    "PulseSequenceDetails": "%CustomerSeq%_nw_mtflash3d_v3h",
    "ReceiveCoilName": "32Ch_Head",
    "ReconMatrixPE": 256,
    "RepetitionTime": 2,
    "SAR": 0.208302,
    "ScanOptions": "PFP",
    "ScanningSequence": "RM",
    "SequenceName": "fl3d_3h3d1",
    "SequenceVariant": "SP",
    "SeriesDescription": "BasicT1_NoVBM_nw_mtflash3d_v3h",
    "SeriesInstanceUID": "1.3.12.2.1107.5.2.32.35437.2016051910414227005403560.0.0.0",
    "SeriesNumber": 2,
    "ShimSetting": [
      22,
      -3973,
      322,
      395,
      70,
      176,
      268,
      171
    ],
    "SliceThickness": 1,
    "SoftwareVersions": "syngo_MR_B17",
    "StationName": "MRC35437",
    "StudyID": "1",
    "StudyInstanceUID": "1.3.12.2.1107.5.2.32.35437.30000016051908360315300000007",
    "TxRefAmp": 289.878,
    "dataset": "ds004009",
    "modality": "T1w",
    "subject_id": "06"
  },
  "cjv": 0.5009224806264677,
  "cnr": 2.7584134871702335,
  "efc": 0.5410324051920952,
  "fber": -1.0,
  "fwhm_avg": 5.652727127348691,
  "fwhm_x": 5.796721382046075,
  "fwhm_y": 5.8045,
  "fwhm_z": 5.35696,
  "icvs_csf": 0.1832288269247753,
  "icvs_gm": 0.37279610445076755,
  "icvs_wm": 0.4439750686244572,
  "inu_med": 0.8451658487319946,
  "inu_range": 0.9892243564128873,
  "provenance": {
    "md5sum": "932eb8bd902e6b44a1edd9fe7832fd49",
    "settings": {
      "testing": false
    },
    "software": "mriqc",
    "version": "23.0.1",
    "warnings": {
      "large_rot_frame": true,
      "small_air_mask": false
    },
    "webapi_port": null,
    "webapi_url": "https://mriqc.nimh.nih.gov/api/v1"
  },
  "qi_1": 0.0,
  "qi_2": 0.010360041467472299,
  "rpve_csf": 25.017208257169138,
  "rpve_gm": 11.930996925444553,
  "rpve_wm": 12.112938471166174,
  "size_x": 176,
  "size_y": 240,
  "size_z": 256,
  "snr_csf": 3.5616385308816954,
  "snr_gm": 15.238837919415964,
  "snr_total": 13.11264021494734,
  "snr_wm": 20.537444194544364,
  "snrd_csf": 26.788964754741777,
  "snrd_gm": 58.16125263978072,
  "snrd_total": 52.52562832899906,
  "snrd_wm": 72.6266675924747,
  "spacing_x": 0.9999997615814209,
  "spacing_y": 1.0,
  "spacing_z": 1.0,
  "summary_bg_k": 5.386974799996755,
  "summary_bg_mad": 0.0,
  "summary_bg_mean": 5.250589514299149,
  "summary_bg_median": 0.0,
  "summary_bg_n": 2585247.0,
  "summary_bg_p05": 0.0,
  "summary_bg_p95": 25.552613604813814,
  "summary_bg_stdv": 9.021159255784712,
  "summary_csf_k": 1.1019015176336637,
  "summary_csf_mad": 102.24213256242649,
  "summary_csf_mean": 368.47966525173064,
  "summary_csf_median": 368.8812243528664,
  "summary_csf_n": 41687.0,
  "summary_csf_p05": 214.45723659172654,
  "summary_csf_p95": 538.8830705285072,
  "summary_csf_stdv": 103.56940961648864,
  "summary_gm_k": 0.11097487529121963,
  "summary_gm_mad": 51.303641517931865,
  "summary_gm_mean": 801.2560054086215,
  "summary_gm_median": 800.8743256814778,
  "summary_gm_n": 19833.0,
  "summary_gm_p05": 714.4633909031749,
  "summary_gm_p95": 887.5315507113933,
  "summary_gm_stdv": 52.55349123165112,
  "summary_wm_k": 0.11210910823629394,
  "summary_wm_mad": 48.47372534879327,
  "summary_wm_mean": 1004.6204895390351,
  "summary_wm_median": 1000.0615666732192,
  "summary_wm_n": 229413.0,
  "summary_wm_p05": 932.2086023539305,
  "summary_wm_p95": 1091.1889597699046,
  "summary_wm_stdv": 48.694442092598656,
  "tpm_overlap_csf": 0.1749509462900862,
  "tpm_overlap_gm": 0.43068829109611223,
  "tpm_overlap_wm": 0.47432487749312996,
  "wm2max": 0.31720178111085073
}