{
  "aor": 0.005120461538461539,
  "aqi": 0.011163580692307691,
  "bids_meta": {
    "AcquisitionDateTime": "2016-09-16T11:19:56.812500",
    "AcquisitionMatrixPE": 64,
    "AcquisitionNumber": 1,
    "AcquisitionTime": "11:19:56.812500",
    "BaseResolution": 64,
    "ConversionSoftware": "dcm2niix",
    "ConversionSoftwareVersion": "v1.0.20180622 (JP2:OpenJPEG) GCC6.1.0",
    "DeviceSerialNumber": "35437",
    "DwellTime": 3.4e-06,
    "EchoTime": 0.03,
    "EffectiveEchoSpacing": 6.009615385e-05,
    "FlipAngle": 90,
    "ImageOrientationPatientDICOM": [
      1,
      0,
      0,
      0,
      0.866025,
      -0.5
    ],
    "ImageType": [
      "ORIGINAL",
      "PRIMARY",
      "M",
      "ND",
      "MOSAIC"
    ],
    "InPlanePhaseEncodingDirectionDICOM": "COL",
    "InstitutionAddress": "Queen_Square_12_London_Southeast_GB_WC1N_3BG",
    "InstitutionName": "WTCN",
    "InstitutionalDepartmentName": "Department",
    "MRAcquisitionType": "2D",
    "MagneticFieldStrength": 3,
    "Manufacturer": "Siemens",
    "ManufacturersModelName": "TrioTim",
    "Modality": "MR",
    "PartialFourier": 1,
    "PatientID": "MQ03779",
    "PatientName": "MQ03779",
    "PatientPosition": "HFS",
    "PatientSex": "",
    "PercentPhaseFOV": 100,
    "PhaseEncodingDirection": "j-",
    "PhaseEncodingSteps": 74,
    "PhaseOversampling": 0.13,
    "PhaseResolution": 1,
    "PixelBandwidth": 2298,
    "ProcedureStepDescription": "FIL_Johan_Carlin",
    "ProtocolName": "al_mepi2d_3mm_v1a_standard",
    "PulseSequenceDetails": "%CustomerSeq%_al_mepi2d_3mm_v1a",
    "ReceiveCoilName": "32Ch_Head",
    "ReconMatrixPE": 64,
    "RepetitionTime": 2.8,
    "SAR": 0.176734,
    "ScanOptions": "FS",
    "ScanningSequence": "RM",
    "SequenceName": "alepi2d2d1",
    "SequenceVariant": "SP_OSP",
    "SeriesDescription": "al_mepi2d_3mm_v1a_standard",
    "SeriesInstanceUID": "1.3.12.2.1107.5.2.32.35437.2016091611174842452041563.0.0.0",
    "SeriesNumber": 8,
    "ShimSetting": [
      36,
      -4016,
      331,
      496,
      -218,
      87,
      164,
      -19
    ],
    "SliceThickness": 2.5,
    "SliceTiming": [
      0,
      0.07,
      0.1425,
      0.2125,
      0.2825,
      0.3525,
      0.4225,
      0.4925,
      0.5625,
      0.6325,
      0.7025,
      0.775,
      0.845,
      0.915,
      0.985,
      1.055,
      1.125,
      1.195,
      1.265,
      1.335,
      1.4075,
      1.4775,
      1.5475,
      1.6175,
      1.6875,
      1.7575,
      1.8275,
      1.8975,
      1.9675,
      2.04,
      2.11,
      2.18,
      2.25,
      2.32,
      2.39,
      2.46,
      2.53,
      2.6025,
      2.6725,
      2.7425
    ],
    "SoftwareVersions": "syngo_MR_B17",
    "SpacingBetweenSlices": 3,
    "StationName": "MRC35437",
    "StudyID": "1",
    "StudyInstanceUID": "1.3.12.2.1107.5.2.32.35437.30000016091608313110500000004",
    "TaskName": "motionLocaliser",
    "TxRefAmp": 292.389,
    "dataset": "ds004009",
    "modality": "bold",
    "subject_id": "05",
    "task_id": "motionLocaliser"
  },
  "dummy_trs": 2,
  "dvars_nstd": 36.693288059382255,
  "dvars_std": 1.0377275853281855,
  "dvars_vstd": 0.9308317198841698,
  "efc": 0.595650920356184,
  "fber": 259.0961608886719,
  "fd_mean": 0.3581764062839722,
  "fd_num": 146,
  "fd_perc": 56.15384615384615,
  "fwhm_avg": 2.3712866666666668,
  "fwhm_x": 2.283376666666667,
  "fwhm_y": 2.368796666666667,
  "fwhm_z": 2.4616866666666666,
  "gcor": 0.0163753,
  "gsr_x": -0.010607466101646423,
  "gsr_y": 0.057063616812229156,
  "provenance": {
    "md5sum": "0c14cd7e41aac165eb1a76faad10835c",
    "settings": {
      "fd_thres": 0.2,
      "testing": false
    },
    "software": "mriqc",
    "version": "23.0.1",
    "webapi_port": null,
    "webapi_url": "https://mriqc.nimh.nih.gov/api/v1"
  },
  "size_t": 260,
  "size_x": 64,
  "size_y": 64,
  "size_z": 40,
  "snr": 3.0511378357318883,
  "spacing_tr": 2.799999952316284,
  "spacing_x": 3.0,
  "spacing_y": 3.0,
  "spacing_z": 3.0,
  "summary_bg_k": 68.62972645564956,
  "summary_bg_mad": 12.405388904029152,
  "summary_bg_mean": 60.58246994018555,
  "summary_bg_median": 32.89807891845703,
  "summary_bg_n": 91380.0,
  "summary_bg_p05": 22.91519203186035,
  "summary_bg_p95": 192.0738433837891,
  "summary_bg_stdv": 83.98768615722656,
  "summary_fg_k": 1.0345761202825674,
  "summary_fg_mad": 164.08128151087791,
  "summary_fg_mean": 563.1581420898438,
  "summary_fg_median": 535.53271484375,
  "summary_fg_n": 35874.0,
  "summary_fg_p05": 324.8701934814453,
  "summary_fg_p95": 891.9705841064454,
  "summary_fg_stdv": 175.51657104492188,
  "tsnr": 33.6418038175907
}