{
  "aor": 0.003736525096525096,
  "aqi": 0.00952804590733591,
  "bids_meta": {
    "AcquisitionDateTime": "2016-09-16T11:34:28.080000",
    "AcquisitionMatrixPE": 64,
    "AcquisitionNumber": 1,
    "AcquisitionTime": "11:34:28.080000",
    "BaseResolution": 64,
    "ConversionSoftware": "dcm2niix",
    "ConversionSoftwareVersion": "v1.0.20180622 (JP2:OpenJPEG) GCC6.1.0",
    "DeviceSerialNumber": "35437",
    "DwellTime": 3.4e-06,
    "EchoTime": 0.03,
    "EffectiveEchoSpacing": 6.009615385e-05,
    "FlipAngle": 90,
    "ImageOrientationPatientDICOM": [
      1,
      0,
      0,
      0,
      0.866025,
      -0.5
    ],
    "ImageType": [
      "ORIGINAL",
      "PRIMARY",
      "M",
      "ND",
      "MOSAIC"
    ],
    "InPlanePhaseEncodingDirectionDICOM": "COL",
    "InstitutionAddress": "Queen_Square_12_London_Southeast_GB_WC1N_3BG",
    "InstitutionName": "WTCN",
    "InstitutionalDepartmentName": "Department",
    "MRAcquisitionType": "2D",
    "MagneticFieldStrength": 3,
    "Manufacturer": "Siemens",
    "ManufacturersModelName": "TrioTim",
    "Modality": "MR",
    "PartialFourier": 1,
    "PatientID": "MQ03779",
    "PatientName": "MQ03779",
    "PatientPosition": "HFS",
    "PatientSex": "",
    "PercentPhaseFOV": 100,
    "PhaseEncodingDirection": "j-",
    "PhaseEncodingSteps": 74,
    "PhaseOversampling": 0.13,
    "PhaseResolution": 1,
    "PixelBandwidth": 2298,
    "ProcedureStepDescription": "FIL_Johan_Carlin",
    "ProtocolName": "al_mepi2d_3mm_v1a_standard",
    "PulseSequenceDetails": "%CustomerSeq%_al_mepi2d_3mm_v1a",
    "ReceiveCoilName": "32Ch_Head",
    "ReconMatrixPE": 64,
    "RepetitionTime": 2.8,
    "SAR": 0.176734,
    "ScanOptions": "FS",
    "ScanningSequence": "RM",
    "SequenceName": "alepi2d2d1",
    "SequenceVariant": "SP_OSP",
    "SeriesDescription": "al_mepi2d_3mm_v1a_standard",
    "SeriesInstanceUID": "1.3.12.2.1107.5.2.32.35437.2016091611321612834273533.0.0.0",
    "SeriesNumber": 9,
    "ShimSetting": [
      36,
      -4016,
      331,
      496,
      -218,
      87,
      164,
      -19
    ],
    "SliceThickness": 2.5,
    "SliceTiming": [
      0,
      0.07,
      0.14,
      0.21,
      0.28,
      0.3525,
      0.4225,
      0.4925,
      0.5625,
      0.6325,
      0.7025,
      0.7725,
      0.8425,
      0.9125,
      0.985,
      1.055,
      1.125,
      1.195,
      1.265,
      1.335,
      1.405,
      1.475,
      1.5475,
      1.6175,
      1.6875,
      1.7575,
      1.8275,
      1.8975,
      1.9675,
      2.0375,
      2.1075,
      2.18,
      2.25,
      2.32,
      2.39,
      2.46,
      2.53,
      2.6,
      2.67,
      2.74
    ],
    "SoftwareVersions": "syngo_MR_B17",
    "SpacingBetweenSlices": 3,
    "StationName": "MRC35437",
    "StudyID": "1",
    "StudyInstanceUID": "1.3.12.2.1107.5.2.32.35437.30000016091608313110500000004",
    "TaskName": "exemplarLocaliser",
    "TxRefAmp": 292.389,
    "dataset": "ds004009",
    "modality": "bold",
    "subject_id": "05",
    "task_id": "exemplarLocaliser"
  },
  "dummy_trs": 3,
  "dvars_nstd": 26.68509964577518,
  "dvars_std": 1.0015453074031,
  "dvars_vstd": 0.9296756339147291,
  "efc": 0.595500415608881,
  "fber": 257.5417785644531,
  "fd_mean": 0.17530522062983225,
  "fd_num": 60,
  "fd_perc": 23.166023166023166,
  "fwhm_avg": 2.396167777777778,
  "fwhm_x": 2.2954833333333333,
  "fwhm_y": 2.37258,
  "fwhm_z": 2.5204400000000002,
  "gcor": 0.0149515,
  "gsr_x": -0.011867528781294823,
  "gsr_y": 0.05427195131778717,
  "provenance": {
    "md5sum": "e03b747a5672527e4c73379e1fc8e479",
    "settings": {
      "fd_thres": 0.2,
      "testing": false
    },
    "software": "mriqc",
    "version": "23.0.1",
    "webapi_port": null,
    "webapi_url": "https://mriqc.nimh.nih.gov/api/v1"
  },
  "size_t": 259,
  "size_x": 64,
  "size_y": 64,
  "size_z": 40,
  "snr": 3.103161797887759,
  "spacing_tr": 2.799999952316284,
  "spacing_x": 3.0,
  "spacing_y": 3.0,
  "spacing_z": 3.0,
  "summary_bg_k": 66.77282217700919,
  "summary_bg_mad": 12.484770595345339,
  "summary_bg_mean": 60.742286682128906,
  "summary_bg_median": 33.13899612426758,
  "summary_bg_n": 91802.0,
  "summary_bg_p05": 23.112162017822268,
  "summary_bg_p95": 190.68243026733393,
  "summary_bg_stdv": 82.63716125488281,
  "summary_fg_k": 0.9666981355630027,
  "summary_fg_mad": 164.86651593172033,
  "summary_fg_mean": 569.109130859375,
  "summary_fg_median": 541.7760620117188,
  "summary_fg_n": 35409.0,
  "summary_fg_p05": 332.5158203125,
  "summary_fg_p95": 892.5613525390623,
  "summary_fg_stdv": 174.5859375,
  "tsnr": 40.4394671022892
}