{
  "aor": 0.0062311538461538455,
  "aqi": 0.0072365486153846146,
  "bids_meta": {
    "AcquisitionDateTime": "2016-09-26T11:56:20.072500",
    "AcquisitionMatrixPE": 64,
    "AcquisitionNumber": 1,
    "AcquisitionTime": "11:56:20.072500",
    "BaseResolution": 64,
    "ConversionSoftware": "dcm2niix",
    "ConversionSoftwareVersion": "v1.0.20180622 (JP2:OpenJPEG) GCC6.1.0",
    "DeviceSerialNumber": "35437",
    "DwellTime": 3.4e-06,
    "EchoTime": 0.03,
    "EffectiveEchoSpacing": 6.009615385e-05,
    "FlipAngle": 90,
    "ImageOrientationPatientDICOM": [
      1,
      0,
      0,
      0,
      0.866025,
      -0.5
    ],
    "ImageType": [
      "ORIGINAL",
      "PRIMARY",
      "M",
      "ND",
      "MOSAIC"
    ],
    "InPlanePhaseEncodingDirectionDICOM": "COL",
    "InstitutionAddress": "Queen_Square_12_London_Southeast_GB_WC1N_3BG",
    "InstitutionName": "WTCN",
    "InstitutionalDepartmentName": "Department",
    "MRAcquisitionType": "2D",
    "MagneticFieldStrength": 3,
    "Manufacturer": "Siemens",
    "ManufacturersModelName": "TrioTim",
    "Modality": "MR",
    "PartialFourier": 1,
    "PatientID": "MQ03792",
    "PatientName": "MQ03792",
    "PatientPosition": "HFS",
    "PatientSex": "",
    "PercentPhaseFOV": 100,
    "PhaseEncodingDirection": "j-",
    "PhaseEncodingSteps": 74,
    "PhaseOversampling": 0.13,
    "PhaseResolution": 1,
    "PixelBandwidth": 2298,
    "ProcedureStepDescription": "FIL_Johan_Carlin",
    "ProtocolName": "al_mepi2d_3mm_v1a_standard",
    "PulseSequenceDetails": "%CustomerSeq%_al_mepi2d_3mm_v1a",
    "ReceiveCoilName": "32Ch_Head",
    "ReconMatrixPE": 64,
    "RepetitionTime": 2.8,
    "SAR": 0.174401,
    "ScanOptions": "FS",
    "ScanningSequence": "RM",
    "SequenceName": "alepi2d2d1",
    "SequenceVariant": "SP_OSP",
    "SeriesDescription": "al_mepi2d_3mm_v1a_standard",
    "SeriesInstanceUID": "1.3.12.2.1107.5.2.32.35437.2016092611560578631909529.0.0.0",
    "SeriesNumber": 7,
    "ShimSetting": [
      -16,
      -3968,
      306,
      698,
      -90,
      178,
      22,
      93
    ],
    "SliceThickness": 2.5,
    "SliceTiming": [
      0,
      0.07,
      0.14,
      0.21,
      0.2825,
      0.3525,
      0.4225,
      0.4925,
      0.5625,
      0.6325,
      0.7025,
      0.7725,
      0.8425,
      0.915,
      0.985,
      1.055,
      1.125,
      1.195,
      1.265,
      1.335,
      1.405,
      1.475,
      1.5475,
      1.6175,
      1.6875,
      1.7575,
      1.8275,
      1.8975,
      1.9675,
      2.0375,
      2.1075,
      2.18,
      2.25,
      2.32,
      2.39,
      2.46,
      2.53,
      2.6,
      2.67,
      2.7425
    ],
    "SoftwareVersions": "syngo_MR_B17",
    "SpacingBetweenSlices": 3,
    "StationName": "MRC35437",
    "StudyID": "1",
    "StudyInstanceUID": "1.3.12.2.1107.5.2.32.35437.30000016092609264936900000004",
    "TaskName": "memsamp",
    "TxRefAmp": 328.568,
    "dataset": "ds004009",
    "modality": "bold",
    "run_id": 3,
    "subject_id": "03",
    "task_id": "memsamp"
  },
  "dummy_trs": 2,
  "dvars_nstd": 24.339662772702685,
  "dvars_std": 1.0681179483397683,
  "dvars_vstd": 0.9376497196138995,
  "efc": 0.6195002462227844,
  "fber": 254.47271728515625,
  "fd_mean": 0.13343103202385542,
  "fd_num": 30,
  "fd_perc": 11.538461538461538,
  "fwhm_avg": 2.618563333333334,
  "fwhm_x": 2.4459166666666667,
  "fwhm_y": 2.5031233333333334,
  "fwhm_z": 2.9066500000000004,
  "gcor": 0.00555507,
  "gsr_x": -0.00915766041725874,
  "gsr_y": 0.03838960826396942,
  "provenance": {
    "md5sum": "b23b42a5a124ad7534fb6d43465d3cf4",
    "settings": {
      "fd_thres": 0.2,
      "testing": false
    },
    "software": "mriqc",
    "version": "23.0.1",
    "webapi_port": null,
    "webapi_url": "https://mriqc.nimh.nih.gov/api/v1"
  },
  "size_t": 260,
  "size_x": 64,
  "size_y": 64,
  "size_z": 40,
  "snr": 2.627956333807356,
  "spacing_tr": 2.799999952316284,
  "spacing_x": 3.0,
  "spacing_y": 3.0,
  "spacing_z": 3.0,
  "summary_bg_k": 62.32918329460645,
  "summary_bg_mad": 13.064003991726809,
  "summary_bg_mean": 61.550296783447266,
  "summary_bg_median": 34.78845977783203,
  "summary_bg_n": 80366.0,
  "summary_bg_p05": 25.02692222595215,
  "summary_bg_p95": 179.35000228881836,
  "summary_bg_stdv": 82.5123519897461,
  "summary_fg_k": 2.375047540279101,
  "summary_fg_mad": 180.9630297639821,
  "summary_fg_mean": 617.12060546875,
  "summary_fg_median": 569.5576782226562,
  "summary_fg_n": 46180.0,
  "summary_fg_p05": 350.9024932861328,
  "summary_fg_p95": 1032.9775024414062,
  "summary_fg_stdv": 216.72792053222656,
  "tsnr": 46.23862126190215
}