{
  "aor": 0.0031534749034749033,
  "aqi": 0.006719547142857142,
  "bids_meta": {
    "AcquisitionDateTime": "2016-09-26T12:10:19.645000",
    "AcquisitionMatrixPE": 64,
    "AcquisitionNumber": 1,
    "AcquisitionTime": "12:10:19.645000",
    "BaseResolution": 64,
    "ConversionSoftware": "dcm2niix",
    "ConversionSoftwareVersion": "v1.0.20180622 (JP2:OpenJPEG) GCC6.1.0",
    "DeviceSerialNumber": "35437",
    "DwellTime": 3.4e-06,
    "EchoTime": 0.03,
    "EffectiveEchoSpacing": 6.009615385e-05,
    "FlipAngle": 90,
    "ImageOrientationPatientDICOM": [
      1,
      0,
      0,
      0,
      0.866025,
      -0.5
    ],
    "ImageType": [
      "ORIGINAL",
      "PRIMARY",
      "M",
      "ND",
      "MOSAIC"
    ],
    "InPlanePhaseEncodingDirectionDICOM": "COL",
    "InstitutionAddress": "Queen_Square_12_London_Southeast_GB_WC1N_3BG",
    "InstitutionName": "WTCN",
    "InstitutionalDepartmentName": "Department",
    "MRAcquisitionType": "2D",
    "MagneticFieldStrength": 3,
    "Manufacturer": "Siemens",
    "ManufacturersModelName": "TrioTim",
    "Modality": "MR",
    "PartialFourier": 1,
    "PatientID": "MQ03792",
    "PatientName": "MQ03792",
    "PatientPosition": "HFS",
    "PatientSex": "",
    "PercentPhaseFOV": 100,
    "PhaseEncodingDirection": "j-",
    "PhaseEncodingSteps": 74,
    "PhaseOversampling": 0.13,
    "PhaseResolution": 1,
    "PixelBandwidth": 2298,
    "ProcedureStepDescription": "FIL_Johan_Carlin",
    "ProtocolName": "al_mepi2d_3mm_v1a_standard",
    "PulseSequenceDetails": "%CustomerSeq%_al_mepi2d_3mm_v1a",
    "ReceiveCoilName": "32Ch_Head",
    "ReconMatrixPE": 64,
    "RepetitionTime": 2.8,
    "SAR": 0.174401,
    "ScanOptions": "FS",
    "ScanningSequence": "RM",
    "SequenceName": "alepi2d2d1",
    "SequenceVariant": "SP_OSP",
    "SeriesDescription": "al_mepi2d_3mm_v1a_standard",
    "SeriesInstanceUID": "1.3.12.2.1107.5.2.32.35437.2016092612084010937441499.0.0.0",
    "SeriesNumber": 8,
    "ShimSetting": [
      -16,
      -3968,
      306,
      698,
      -90,
      178,
      22,
      93
    ],
    "SliceThickness": 2.5,
    "SliceTiming": [
      0,
      0.07,
      0.14,
      0.21,
      0.28,
      0.35,
      0.4225,
      0.4925,
      0.5625,
      0.6325,
      0.7025,
      0.7725,
      0.8425,
      0.9125,
      0.9825,
      1.055,
      1.125,
      1.195,
      1.265,
      1.335,
      1.405,
      1.475,
      1.545,
      1.615,
      1.6875,
      1.7575,
      1.8275,
      1.8975,
      1.9675,
      2.0375,
      2.1075,
      2.1775,
      2.2475,
      2.32,
      2.39,
      2.46,
      2.53,
      2.6,
      2.67,
      2.74
    ],
    "SoftwareVersions": "syngo_MR_B17",
    "SpacingBetweenSlices": 3,
    "StationName": "MRC35437",
    "StudyID": "1",
    "StudyInstanceUID": "1.3.12.2.1107.5.2.32.35437.30000016092609264936900000004",
    "TaskName": "exemplarLocaliser",
    "TxRefAmp": 328.568,
    "dataset": "ds004009",
    "modality": "bold",
    "subject_id": "03",
    "task_id": "exemplarLocaliser"
  },
  "dummy_trs": 3,
  "dvars_nstd": 23.27324127972868,
  "dvars_std": 1.0499216838759686,
  "dvars_vstd": 0.9348523456976746,
  "efc": 0.6202451342044295,
  "fber": 250.46937561035156,
  "fd_mean": 0.12549017404634238,
  "fd_num": 20,
  "fd_perc": 7.722007722007722,
  "fwhm_avg": 2.621727777777778,
  "fwhm_x": 2.4646133333333333,
  "fwhm_y": 2.49677,
  "fwhm_z": 2.9038,
  "gcor": 0.00524788,
  "gsr_x": -0.007820560596883297,
  "gsr_y": 0.03661038726568222,
  "provenance": {
    "md5sum": "853019901ce4615c68a93a659ad16d70",
    "settings": {
      "fd_thres": 0.2,
      "testing": false
    },
    "software": "mriqc",
    "version": "23.0.1",
    "webapi_port": null,
    "webapi_url": "https://mriqc.nimh.nih.gov/api/v1"
  },
  "size_t": 259,
  "size_x": 64,
  "size_y": 64,
  "size_z": 40,
  "snr": 2.630409638509826,
  "spacing_tr": 2.799999952316284,
  "spacing_x": 3.0,
  "spacing_y": 3.0,
  "spacing_z": 3.0,
  "summary_bg_k": 59.6842361127494,
  "summary_bg_mad": 13.360590606867888,
  "summary_bg_mean": 62.761470794677734,
  "summary_bg_median": 35.0424690246582,
  "summary_bg_n": 80376.0,
  "summary_bg_p05": 25.158300399780273,
  "summary_bg_p95": 182.6544303894043,
  "summary_bg_stdv": 85.93882751464844,
  "summary_fg_k": 2.330336278451613,
  "summary_fg_mad": 181.32395255136672,
  "summary_fg_mean": 615.3439331054688,
  "summary_fg_median": 568.6602172851562,
  "summary_fg_n": 46161.0,
  "summary_fg_p05": 349.43243408203125,
  "summary_fg_p95": 1028.768310546875,
  "summary_fg_stdv": 216.18460083007812,
  "tsnr": 47.91657780879177
}