{
  "aor": 0.0012533590733590735,
  "aqi": 0.003976433359073358,
  "bids_meta": {
    "AcquisitionDateTime": "2016-09-26T11:41:38.697500",
    "AcquisitionMatrixPE": 64,
    "AcquisitionNumber": 1,
    "AcquisitionTime": "11:41:38.697500",
    "BaseResolution": 64,
    "ConversionSoftware": "dcm2niix",
    "ConversionSoftwareVersion": "v1.0.20180622 (JP2:OpenJPEG) GCC6.1.0",
    "DeviceSerialNumber": "35437",
    "DwellTime": 3.4e-06,
    "EchoTime": 0.03,
    "EffectiveEchoSpacing": 6.009615385e-05,
    "FlipAngle": 90,
    "ImageOrientationPatientDICOM": [
      1,
      0,
      0,
      0,
      0.866025,
      -0.5
    ],
    "ImageType": [
      "ORIGINAL",
      "PRIMARY",
      "M",
      "ND",
      "MOSAIC"
    ],
    "InPlanePhaseEncodingDirectionDICOM": "COL",
    "InstitutionAddress": "Queen_Square_12_London_Southeast_GB_WC1N_3BG",
    "InstitutionName": "WTCN",
    "InstitutionalDepartmentName": "Department",
    "MRAcquisitionType": "2D",
    "MagneticFieldStrength": 3,
    "Manufacturer": "Siemens",
    "ManufacturersModelName": "TrioTim",
    "Modality": "MR",
    "PartialFourier": 1,
    "PatientID": "MQ03792",
    "PatientName": "MQ03792",
    "PatientPosition": "HFS",
    "PatientSex": "",
    "PercentPhaseFOV": 100,
    "PhaseEncodingDirection": "j-",
    "PhaseEncodingSteps": 74,
    "PhaseOversampling": 0.13,
    "PhaseResolution": 1,
    "PixelBandwidth": 2298,
    "ProcedureStepDescription": "FIL_Johan_Carlin",
    "ProtocolName": "al_mepi2d_3mm_v1a_standard",
    "PulseSequenceDetails": "%CustomerSeq%_al_mepi2d_3mm_v1a",
    "ReceiveCoilName": "32Ch_Head",
    "ReconMatrixPE": 64,
    "RepetitionTime": 2.8,
    "SAR": 0.174401,
    "ScanOptions": "FS",
    "ScanningSequence": "RM",
    "SequenceName": "alepi2d2d1",
    "SequenceVariant": "SP_OSP",
    "SeriesDescription": "al_mepi2d_3mm_v1a_standard",
    "SeriesInstanceUID": "1.3.12.2.1107.5.2.32.35437.201609261140084840877489.0.0.0",
    "SeriesNumber": 6,
    "ShimSetting": [
      -16,
      -3968,
      306,
      698,
      -90,
      178,
      22,
      93
    ],
    "SliceThickness": 2.5,
    "SliceTiming": [
      0,
      0.0725,
      0.1425,
      0.2125,
      0.2825,
      0.3525,
      0.4225,
      0.4925,
      0.5625,
      0.6325,
      0.705,
      0.775,
      0.845,
      0.915,
      0.985,
      1.055,
      1.125,
      1.195,
      1.265,
      1.3375,
      1.4075,
      1.4775,
      1.5475,
      1.6175,
      1.6875,
      1.7575,
      1.8275,
      1.8975,
      1.97,
      2.04,
      2.11,
      2.18,
      2.25,
      2.32,
      2.39,
      2.46,
      2.53,
      2.6025,
      2.6725,
      2.7425
    ],
    "SoftwareVersions": "syngo_MR_B17",
    "SpacingBetweenSlices": 3,
    "StationName": "MRC35437",
    "StudyID": "1",
    "StudyInstanceUID": "1.3.12.2.1107.5.2.32.35437.30000016092609264936900000004",
    "TaskName": "memsamp",
    "TxRefAmp": 328.568,
    "dataset": "ds004009",
    "modality": "bold",
    "run_id": 2,
    "subject_id": "03",
    "task_id": "memsamp"
  },
  "dummy_trs": 3,
  "dvars_nstd": 22.773105976124032,
  "dvars_std": 1.1135016462790694,
  "dvars_vstd": 0.9588816105038754,
  "efc": 0.6186798044561114,
  "fber": 263.4593200683594,
  "fd_mean": 0.12352692929545106,
  "fd_num": 19,
  "fd_perc": 7.335907335907336,
  "fwhm_avg": 2.576934444444445,
  "fwhm_x": 2.4099533333333336,
  "fwhm_y": 2.453813333333333,
  "fwhm_z": 2.867036666666667,
  "gcor": 0.0151184,
  "gsr_x": -0.009825126267969608,
  "gsr_y": 0.038268353790044785,
  "provenance": {
    "md5sum": "7c5226279490c6147203496caa8e733f",
    "settings": {
      "fd_thres": 0.2,
      "testing": false
    },
    "software": "mriqc",
    "version": "23.0.1",
    "webapi_port": null,
    "webapi_url": "https://mriqc.nimh.nih.gov/api/v1"
  },
  "size_t": 259,
  "size_x": 64,
  "size_y": 64,
  "size_z": 40,
  "snr": 2.6180067400857943,
  "spacing_tr": 2.799999952316284,
  "spacing_x": 3.0,
  "spacing_y": 3.0,
  "spacing_z": 3.0,
  "summary_bg_k": 67.28361152148662,
  "summary_bg_mad": 12.607842404070107,
  "summary_bg_mean": 60.79178237915039,
  "summary_bg_median": 34.15250778198242,
  "summary_bg_n": 80198.0,
  "summary_bg_p05": 24.60231590270996,
  "summary_bg_p95": 177.0061767578124,
  "summary_bg_stdv": 82.80841064453125,
  "summary_fg_k": 2.5382373765126927,
  "summary_fg_mad": 180.3451129396983,
  "summary_fg_mean": 615.2197875976562,
  "summary_fg_median": 567.7528686523438,
  "summary_fg_n": 46287.0,
  "summary_fg_p05": 349.36253967285154,
  "summary_fg_p95": 1028.0540039062498,
  "summary_fg_stdv": 216.86221313476562,
  "tsnr": 57.98932293104008
}