{
  "aor": 0.0030164615384615386,
  "aqi": 0.007845692538461539,
  "bids_meta": {
    "AcquisitionDateTime": "2016-06-02T09:37:46.777500",
    "AcquisitionMatrixPE": 64,
    "AcquisitionNumber": 1,
    "AcquisitionTime": "09:37:46.777500",
    "BaseResolution": 64,
    "ConversionSoftware": "dcm2niix",
    "ConversionSoftwareVersion": "v1.0.20180622 (JP2:OpenJPEG) GCC6.1.0",
    "DeviceSerialNumber": "35437",
    "DwellTime": 3.4e-06,
    "EchoTime": 0.03,
    "EffectiveEchoSpacing": 6.009615385e-05,
    "FlipAngle": 90,
    "ImageOrientationPatientDICOM": [
      1,
      -1e-16,
      0,
      1e-16,
      0.894934,
      -0.446198
    ],
    "ImageType": [
      "ORIGINAL",
      "PRIMARY",
      "M",
      "ND",
      "MOSAIC"
    ],
    "InPlanePhaseEncodingDirectionDICOM": "COL",
    "InstitutionAddress": "Queen_Square_12_London_Southeast_GB_WC1N_3BG",
    "InstitutionName": "Functional_Imaging_Laboratory",
    "InstitutionalDepartmentName": "Department",
    "MRAcquisitionType": "2D",
    "MagneticFieldStrength": 3,
    "Manufacturer": "Siemens",
    "ManufacturersModelName": "TrioTim",
    "Modality": "MR",
    "PartialFourier": 1,
    "PatientID": "MQ03647",
    "PatientName": "MQ03647",
    "PatientPosition": "HFS",
    "PatientSex": "",
    "PercentPhaseFOV": 100,
    "PhaseEncodingDirection": "j-",
    "PhaseEncodingSteps": 74,
    "PhaseOversampling": 0.13,
    "PhaseResolution": 1,
    "PixelBandwidth": 2298,
    "ProcedureStepDescription": "FIL_Johan_Carlin",
    "ProtocolName": "al_mepi2d_3mm_v1a_standard",
    "PulseSequenceDetails": "%CustomerSeq%_al_mepi2d_3mm_v1a",
    "ReceiveCoilName": "32Ch_Head",
    "ReconMatrixPE": 64,
    "RepetitionTime": 2.8,
    "SAR": 0.182013,
    "ScanOptions": "FS",
    "ScanningSequence": "RM",
    "SequenceName": "alepi2d2d1",
    "SequenceVariant": "SP_OSP",
    "SeriesDescription": "al_mepi2d_3mm_v1a_standard",
    "SeriesInstanceUID": "1.3.12.2.1107.5.2.32.35437.2016060209335618226230937.0.0.0",
    "SeriesNumber": 5,
    "ShimSetting": [
      5,
      -3911,
      308,
      377,
      -68,
      116,
      -149,
      144
    ],
    "SliceThickness": 2.5,
    "SliceTiming": [
      0,
      0.0725,
      0.1425,
      0.2125,
      0.2825,
      0.3525,
      0.4225,
      0.4925,
      0.5625,
      0.6325,
      0.705,
      0.775,
      0.845,
      0.915,
      0.985,
      1.055,
      1.125,
      1.195,
      1.265,
      1.3375,
      1.4075,
      1.4775,
      1.5475,
      1.6175,
      1.6875,
      1.7575,
      1.8275,
      1.8975,
      1.97,
      2.04,
      2.11,
      2.18,
      2.25,
      2.32,
      2.39,
      2.46,
      2.53,
      2.6025,
      2.6725,
      2.7425
    ],
    "SoftwareVersions": "syngo_MR_B17",
    "SpacingBetweenSlices": 3,
    "StationName": "MRC35437",
    "StudyID": "1",
    "StudyInstanceUID": "1.3.12.2.1107.5.2.32.35437.30000016060207470165200000013",
    "TaskName": "memsamp",
    "TxRefAmp": 308.372,
    "dataset": "ds004009",
    "modality": "bold",
    "run_id": 1,
    "subject_id": "31",
    "task_id": "memsamp"
  },
  "dummy_trs": 2,
  "dvars_nstd": 25.797997661969127,
  "dvars_std": 1.0685716770270282,
  "dvars_vstd": 0.9430747681081081,
  "efc": 0.6430814666700403,
  "fber": 178.45774841308594,
  "fd_mean": 0.08058142129367347,
  "fd_num": 5,
  "fd_perc": 1.9230769230769231,
  "fwhm_avg": 2.3776122222222225,
  "fwhm_x": 2.1943266666666665,
  "fwhm_y": 2.4253,
  "fwhm_z": 2.51321,
  "gcor": 0.00659684,
  "gsr_x": -0.008278395049273968,
  "gsr_y": 0.0839325338602066,
  "provenance": {
    "md5sum": "048f863ce4e6a6bde4f463c47f0f2a78",
    "settings": {
      "fd_thres": 0.2,
      "testing": false
    },
    "software": "mriqc",
    "version": "23.0.1",
    "webapi_port": null,
    "webapi_url": "https://mriqc.nimh.nih.gov/api/v1"
  },
  "size_t": 260,
  "size_x": 64,
  "size_y": 64,
  "size_z": 40,
  "snr": 2.8996592083376087,
  "spacing_tr": 2.799999952316284,
  "spacing_x": 3.0,
  "spacing_y": 3.0,
  "spacing_z": 3.0,
  "summary_bg_k": 39.613608892991415,
  "summary_bg_mad": 15.493188658840637,
  "summary_bg_mean": 70.7053451538086,
  "summary_bg_median": 35.82307815551758,
  "summary_bg_n": 80809.0,
  "summary_bg_p05": 23.811538696289062,
  "summary_bg_p95": 240.80769348144514,
  "summary_bg_stdv": 98.45569610595703,
  "summary_fg_k": 0.9095671004242742,
  "summary_fg_mad": 154.27618983088124,
  "summary_fg_mean": 527.0033569335938,
  "summary_fg_median": 494.98077392578125,
  "summary_fg_n": 42891.0,
  "summary_fg_p05": 303.36346435546875,
  "summary_fg_p95": 855.1134338378906,
  "summary_fg_stdv": 170.7010955810547,
  "tsnr": 42.90208290470764
}