{
  "aor": 0.003265884615384616,
  "aqi": 0.009471593153846153,
  "bids_meta": {
    "AcquisitionDateTime": "2016-06-02T10:35:9.547500",
    "AcquisitionMatrixPE": 64,
    "AcquisitionNumber": 1,
    "AcquisitionTime": "10:35:9.547500",
    "BaseResolution": 64,
    "ConversionSoftware": "dcm2niix",
    "ConversionSoftwareVersion": "v1.0.20180622 (JP2:OpenJPEG) GCC6.1.0",
    "DeviceSerialNumber": "35437",
    "DwellTime": 3.4e-06,
    "EchoTime": 0.03,
    "EffectiveEchoSpacing": 6.009615385e-05,
    "FlipAngle": 90,
    "ImageOrientationPatientDICOM": [
      1,
      -1e-16,
      0,
      1e-16,
      0.894934,
      -0.446198
    ],
    "ImageType": [
      "ORIGINAL",
      "PRIMARY",
      "M",
      "ND",
      "MOSAIC"
    ],
    "InPlanePhaseEncodingDirectionDICOM": "COL",
    "InstitutionAddress": "Queen_Square_12_London_Southeast_GB_WC1N_3BG",
    "InstitutionName": "Functional_Imaging_Laboratory",
    "InstitutionalDepartmentName": "Department",
    "MRAcquisitionType": "2D",
    "MagneticFieldStrength": 3,
    "Manufacturer": "Siemens",
    "ManufacturersModelName": "TrioTim",
    "Modality": "MR",
    "PartialFourier": 1,
    "PatientID": "MQ03647",
    "PatientName": "MQ03647",
    "PatientPosition": "HFS",
    "PatientSex": "",
    "PercentPhaseFOV": 100,
    "PhaseEncodingDirection": "j-",
    "PhaseEncodingSteps": 74,
    "PhaseOversampling": 0.13,
    "PhaseResolution": 1,
    "PixelBandwidth": 2298,
    "ProcedureStepDescription": "FIL_Johan_Carlin",
    "ProtocolName": "al_mepi2d_3mm_v1a_standard",
    "PulseSequenceDetails": "%CustomerSeq%_al_mepi2d_3mm_v1a",
    "ReceiveCoilName": "32Ch_Head",
    "ReconMatrixPE": 64,
    "RepetitionTime": 2.8,
    "SAR": 0.182013,
    "ScanOptions": "FS",
    "ScanningSequence": "RM",
    "SequenceName": "alepi2d2d1",
    "SequenceVariant": "SP_OSP",
    "SeriesDescription": "al_mepi2d_3mm_v1a_standard",
    "SeriesInstanceUID": "1.3.12.2.1107.5.2.32.35437.2016060210331086451158817.0.0.0",
    "SeriesNumber": 9,
    "ShimSetting": [
      5,
      -3911,
      308,
      377,
      -68,
      116,
      -149,
      144
    ],
    "SliceThickness": 2.5,
    "SliceTiming": [
      0,
      0.07,
      0.1425,
      0.2125,
      0.2825,
      0.3525,
      0.4225,
      0.4925,
      0.5625,
      0.6325,
      0.7025,
      0.775,
      0.845,
      0.915,
      0.985,
      1.055,
      1.125,
      1.195,
      1.265,
      1.335,
      1.4075,
      1.4775,
      1.5475,
      1.6175,
      1.6875,
      1.7575,
      1.8275,
      1.8975,
      1.9675,
      2.04,
      2.11,
      2.18,
      2.25,
      2.32,
      2.39,
      2.46,
      2.53,
      2.6,
      2.6725,
      2.7425
    ],
    "SoftwareVersions": "syngo_MR_B17",
    "SpacingBetweenSlices": 3,
    "StationName": "MRC35437",
    "StudyID": "1",
    "StudyInstanceUID": "1.3.12.2.1107.5.2.32.35437.30000016060207470165200000013",
    "TaskName": "motionLocaliser",
    "TxRefAmp": 308.372,
    "dataset": "ds004009",
    "modality": "bold",
    "subject_id": "31",
    "task_id": "motionLocaliser"
  },
  "dummy_trs": 2,
  "dvars_nstd": 26.75206042227798,
  "dvars_std": 1.0615797834749028,
  "dvars_vstd": 0.9441201864092661,
  "efc": 0.6404147295169765,
  "fber": 184.9263153076172,
  "fd_mean": 0.09216654380666371,
  "fd_num": 15,
  "fd_perc": 5.769230769230769,
  "fwhm_avg": 2.3223344444444445,
  "fwhm_x": 2.1453666666666664,
  "fwhm_y": 2.40391,
  "fwhm_z": 2.417726666666667,
  "gcor": 0.0266757,
  "gsr_x": 0.006889306474477053,
  "gsr_y": 0.07626987248659134,
  "provenance": {
    "md5sum": "a1186d3352292495e3546266d50129ab",
    "settings": {
      "fd_thres": 0.2,
      "testing": false
    },
    "software": "mriqc",
    "version": "23.0.1",
    "webapi_port": null,
    "webapi_url": "https://mriqc.nimh.nih.gov/api/v1"
  },
  "size_t": 260,
  "size_x": 64,
  "size_y": 64,
  "size_z": 40,
  "snr": 2.925077522783648,
  "spacing_tr": 2.799999952316284,
  "spacing_x": 3.0,
  "spacing_y": 3.0,
  "spacing_z": 3.0,
  "summary_bg_k": 41.375851726583114,
  "summary_bg_mad": 14.634995983684846,
  "summary_bg_mean": 67.74334716796875,
  "summary_bg_median": 34.886539459228516,
  "summary_bg_n": 81630.0,
  "summary_bg_p05": 23.200000762939453,
  "summary_bg_p95": 227.1207717895511,
  "summary_bg_stdv": 91.70511627197266,
  "summary_fg_k": 1.1501095378339903,
  "summary_fg_mad": 149.32941658400458,
  "summary_fg_mean": 517.7550048828125,
  "summary_fg_median": 486.578857421875,
  "summary_fg_n": 42552.0,
  "summary_fg_p05": 301.29865875244144,
  "summary_fg_p95": 835.9319396972654,
  "summary_fg_stdv": 166.3453826904297,
  "tsnr": 38.130584387108684
}