{
  "aor": 0.002598115384615385,
  "aqi": 0.006791608346153846,
  "bids_meta": {
    "AcquisitionDateTime": "2016-06-03T09:23:14.590000",
    "AcquisitionMatrixPE": 64,
    "AcquisitionNumber": 1,
    "AcquisitionTime": "09:23:14.590000",
    "BaseResolution": 64,
    "ConversionSoftware": "dcm2niix",
    "ConversionSoftwareVersion": "v1.0.20180622 (JP2:OpenJPEG) GCC6.1.0",
    "DeviceSerialNumber": "35437",
    "DwellTime": 3.4e-06,
    "EchoTime": 0.03,
    "EffectiveEchoSpacing": 6.009615385e-05,
    "FlipAngle": 90,
    "ImageOrientationPatientDICOM": [
      1,
      0,
      0,
      0,
      0.898794,
      -0.438371
    ],
    "ImageType": [
      "ORIGINAL",
      "PRIMARY",
      "M",
      "ND",
      "MOSAIC"
    ],
    "InPlanePhaseEncodingDirectionDICOM": "COL",
    "InstitutionAddress": "Queen_Square_12_London_Southeast_GB_WC1N_3BG",
    "InstitutionName": "Functional_Imaging_Laboratory",
    "InstitutionalDepartmentName": "Department",
    "MRAcquisitionType": "2D",
    "MagneticFieldStrength": 3,
    "Manufacturer": "Siemens",
    "ManufacturersModelName": "TrioTim",
    "Modality": "MR",
    "PartialFourier": 1,
    "PatientID": "MQ03650",
    "PatientName": "MQ03650",
    "PatientPosition": "HFS",
    "PatientSex": "",
    "PercentPhaseFOV": 100,
    "PhaseEncodingDirection": "j-",
    "PhaseEncodingSteps": 74,
    "PhaseOversampling": 0.13,
    "PhaseResolution": 1,
    "PixelBandwidth": 2298,
    "ProcedureStepDescription": "FIL_Johan_Carlin",
    "ProtocolName": "al_mepi2d_3mm_v1a_standard",
    "PulseSequenceDetails": "%CustomerSeq%_al_mepi2d_3mm_v1a",
    "ReceiveCoilName": "32Ch_Head",
    "ReconMatrixPE": 64,
    "RepetitionTime": 2.8,
    "SAR": 0.129423,
    "ScanOptions": "FS",
    "ScanningSequence": "RM",
    "SequenceName": "alepi2d2d1",
    "SequenceVariant": "SP_OSP",
    "SeriesDescription": "al_mepi2d_3mm_v1a_standard",
    "SeriesInstanceUID": "1.3.12.2.1107.5.2.32.35437.2016060309172245888212393.0.0.0",
    "SeriesNumber": 5,
    "ShimSetting": [
      16,
      -3940,
      261,
      763,
      -76,
      -104,
      108,
      123
    ],
    "SliceThickness": 2.5,
    "SliceTiming": [
      0,
      0.07,
      0.14,
      0.21,
      0.28,
      0.3525,
      0.4225,
      0.4925,
      0.5625,
      0.6325,
      0.7025,
      0.7725,
      0.8425,
      0.9125,
      0.985,
      1.055,
      1.125,
      1.195,
      1.265,
      1.335,
      1.405,
      1.475,
      1.545,
      1.6175,
      1.6875,
      1.7575,
      1.8275,
      1.8975,
      1.9675,
      2.0375,
      2.1075,
      2.1775,
      2.25,
      2.32,
      2.39,
      2.46,
      2.53,
      2.6,
      2.67,
      2.74
    ],
    "SoftwareVersions": "syngo_MR_B17",
    "SpacingBetweenSlices": 3,
    "StationName": "MRC35437",
    "StudyID": "1",
    "StudyInstanceUID": "1.3.12.2.1107.5.2.32.35437.30000016060307564301900000004",
    "TaskName": "memsamp",
    "TxRefAmp": 322.673,
    "dataset": "ds004009",
    "modality": "bold",
    "run_id": 1,
    "subject_id": "24",
    "task_id": "memsamp"
  },
  "dummy_trs": 2,
  "dvars_nstd": 34.739145028571414,
  "dvars_std": 1.2051657540926641,
  "dvars_vstd": 0.9690898917374516,
  "efc": 0.6405672436734559,
  "fber": 187.19921875,
  "fd_mean": 0.11146819209080104,
  "fd_num": 33,
  "fd_perc": 12.692307692307692,
  "fwhm_avg": 2.6881766666666667,
  "fwhm_x": 2.492433333333333,
  "fwhm_y": 2.6520066666666664,
  "fwhm_z": 2.92009,
  "gcor": 0.00974373,
  "gsr_x": -0.013835088349878788,
  "gsr_y": 0.07109441608190536,
  "provenance": {
    "md5sum": "91fa07c23922980db199caf333683c2d",
    "settings": {
      "fd_thres": 0.2,
      "testing": false
    },
    "software": "mriqc",
    "version": "23.0.1",
    "webapi_port": null,
    "webapi_url": "https://mriqc.nimh.nih.gov/api/v1"
  },
  "size_t": 260,
  "size_x": 64,
  "size_y": 64,
  "size_z": 40,
  "snr": 2.398080651984568,
  "spacing_tr": 2.799999952316284,
  "spacing_x": 3.0,
  "spacing_y": 3.0,
  "spacing_z": 3.0,
  "summary_bg_k": 21.487403456578484,
  "summary_bg_mad": 15.732692509579795,
  "summary_bg_mean": 75.23582458496094,
  "summary_bg_median": 37.74615478515625,
  "summary_bg_n": 77671.0,
  "summary_bg_p05": 26.27692222595215,
  "summary_bg_p95": 260.21923828125,
  "summary_bg_stdv": 94.9322509765625,
  "summary_fg_k": 2.5240874865305187,
  "summary_fg_mad": 194.26934847872664,
  "summary_fg_mean": 593.4451293945312,
  "summary_fg_median": 545.5076904296875,
  "summary_fg_n": 46026.0,
  "summary_fg_p05": 316.70770263671875,
  "summary_fg_p95": 1031.6557922363281,
  "summary_fg_stdv": 227.4743194580078,
  "tsnr": 43.96155069116503
}