{
  "aor": 0.005773769230769231,
  "aqi": 0.014647890884615383,
  "bids_meta": {
    "AcquisitionDateTime": "2016-06-03T10:21:3.095000",
    "AcquisitionMatrixPE": 64,
    "AcquisitionNumber": 1,
    "AcquisitionTime": "10:21:3.095000",
    "BaseResolution": 64,
    "ConversionSoftware": "dcm2niix",
    "ConversionSoftwareVersion": "v1.0.20180622 (JP2:OpenJPEG) GCC6.1.0",
    "DeviceSerialNumber": "35437",
    "DwellTime": 3.4e-06,
    "EchoTime": 0.03,
    "EffectiveEchoSpacing": 6.009615385e-05,
    "FlipAngle": 90,
    "ImageOrientationPatientDICOM": [
      1,
      0,
      0,
      0,
      0.898794,
      -0.438371
    ],
    "ImageType": [
      "ORIGINAL",
      "PRIMARY",
      "M",
      "ND",
      "MOSAIC"
    ],
    "InPlanePhaseEncodingDirectionDICOM": "COL",
    "InstitutionAddress": "Queen_Square_12_London_Southeast_GB_WC1N_3BG",
    "InstitutionName": "Functional_Imaging_Laboratory",
    "InstitutionalDepartmentName": "Department",
    "MRAcquisitionType": "2D",
    "MagneticFieldStrength": 3,
    "Manufacturer": "Siemens",
    "ManufacturersModelName": "TrioTim",
    "Modality": "MR",
    "PartialFourier": 1,
    "PatientID": "MQ03650",
    "PatientName": "MQ03650",
    "PatientPosition": "HFS",
    "PatientSex": "",
    "PercentPhaseFOV": 100,
    "PhaseEncodingDirection": "j-",
    "PhaseEncodingSteps": 74,
    "PhaseOversampling": 0.13,
    "PhaseResolution": 1,
    "PixelBandwidth": 2298,
    "ProcedureStepDescription": "FIL_Johan_Carlin",
    "ProtocolName": "al_mepi2d_3mm_v1a_standard",
    "PulseSequenceDetails": "%CustomerSeq%_al_mepi2d_3mm_v1a",
    "ReceiveCoilName": "32Ch_Head",
    "ReconMatrixPE": 64,
    "RepetitionTime": 2.8,
    "SAR": 0.129423,
    "ScanOptions": "FS",
    "ScanningSequence": "RM",
    "SequenceName": "alepi2d2d1",
    "SequenceVariant": "SP_OSP",
    "SeriesDescription": "al_mepi2d_3mm_v1a_standard",
    "SeriesInstanceUID": "1.3.12.2.1107.5.2.32.35437.2016060310180131261940273.0.0.0",
    "SeriesNumber": 9,
    "ShimSetting": [
      16,
      -3940,
      261,
      763,
      -76,
      -104,
      108,
      123
    ],
    "SliceThickness": 2.5,
    "SliceTiming": [
      0,
      0.07,
      0.14,
      0.21,
      0.28,
      0.35,
      0.4225,
      0.4925,
      0.5625,
      0.6325,
      0.7025,
      0.7725,
      0.8425,
      0.9125,
      0.985,
      1.055,
      1.125,
      1.195,
      1.265,
      1.335,
      1.405,
      1.475,
      1.545,
      1.6175,
      1.6875,
      1.7575,
      1.8275,
      1.8975,
      1.9675,
      2.0375,
      2.1075,
      2.1775,
      2.25,
      2.32,
      2.39,
      2.46,
      2.53,
      2.6,
      2.67,
      2.74
    ],
    "SoftwareVersions": "syngo_MR_B17",
    "SpacingBetweenSlices": 3,
    "StationName": "MRC35437",
    "StudyID": "1",
    "StudyInstanceUID": "1.3.12.2.1107.5.2.32.35437.30000016060307564301900000004",
    "TaskName": "motionLocaliser",
    "TxRefAmp": 322.673,
    "dataset": "ds004009",
    "modality": "bold",
    "subject_id": "24",
    "task_id": "motionLocaliser"
  },
  "dummy_trs": 2,
  "dvars_nstd": 47.10337083579152,
  "dvars_std": 1.1329522112355213,
  "dvars_vstd": 0.9420414032432439,
  "efc": 0.6436191343303821,
  "fber": 172.1859130859375,
  "fd_mean": 0.30213058998053266,
  "fd_num": 100,
  "fd_perc": 38.46153846153846,
  "fwhm_avg": 2.745788888888889,
  "fwhm_x": 2.55085,
  "fwhm_y": 2.70201,
  "fwhm_z": 2.9845066666666664,
  "gcor": 0.01361,
  "gsr_x": -0.013105780817568302,
  "gsr_y": 0.06944318860769272,
  "provenance": {
    "md5sum": "5be4079239874bd00bcfed452f3a61be",
    "settings": {
      "fd_thres": 0.2,
      "testing": false
    },
    "software": "mriqc",
    "version": "23.0.1",
    "webapi_port": null,
    "webapi_url": "https://mriqc.nimh.nih.gov/api/v1"
  },
  "size_t": 260,
  "size_x": 64,
  "size_y": 64,
  "size_z": 40,
  "snr": 2.3720981314491225,
  "spacing_tr": 2.799999952316284,
  "spacing_x": 3.0,
  "spacing_y": 3.0,
  "spacing_z": 3.0,
  "summary_bg_k": 17.786491180502424,
  "summary_bg_mad": 18.190387452662126,
  "summary_bg_mean": 80.95121002197266,
  "summary_bg_median": 39.92307662963867,
  "summary_bg_n": 78618.0,
  "summary_bg_p05": 26.376922607421875,
  "summary_bg_p95": 285.4351821899414,
  "summary_bg_stdv": 101.6054458618164,
  "summary_fg_k": 2.5385212561942936,
  "summary_fg_mad": 195.67503346787862,
  "summary_fg_mean": 594.0927124023438,
  "summary_fg_median": 545.1538696289062,
  "summary_fg_n": 45942.0,
  "summary_fg_p05": 315.28172302246094,
  "summary_fg_p95": 1037.1325256347654,
  "summary_fg_stdv": 229.8167724609375,
  "tsnr": 28.412528521730565
}