{
  "aor": 0.0032786923076923075,
  "aqi": 0.006855532269230769,
  "bids_meta": {
    "AcquisitionDateTime": "2016-06-03T09:37:13.150000",
    "AcquisitionMatrixPE": 64,
    "AcquisitionNumber": 1,
    "AcquisitionTime": "09:37:13.150000",
    "BaseResolution": 64,
    "ConversionSoftware": "dcm2niix",
    "ConversionSoftwareVersion": "v1.0.20180622 (JP2:OpenJPEG) GCC6.1.0",
    "DeviceSerialNumber": "35437",
    "DwellTime": 3.4e-06,
    "EchoTime": 0.03,
    "EffectiveEchoSpacing": 6.009615385e-05,
    "FlipAngle": 90,
    "ImageOrientationPatientDICOM": [
      1,
      0,
      0,
      0,
      0.898794,
      -0.438371
    ],
    "ImageType": [
      "ORIGINAL",
      "PRIMARY",
      "M",
      "ND",
      "MOSAIC"
    ],
    "InPlanePhaseEncodingDirectionDICOM": "COL",
    "InstitutionAddress": "Queen_Square_12_London_Southeast_GB_WC1N_3BG",
    "InstitutionName": "Functional_Imaging_Laboratory",
    "InstitutionalDepartmentName": "Department",
    "MRAcquisitionType": "2D",
    "MagneticFieldStrength": 3,
    "Manufacturer": "Siemens",
    "ManufacturersModelName": "TrioTim",
    "Modality": "MR",
    "PartialFourier": 1,
    "PatientID": "MQ03650",
    "PatientName": "MQ03650",
    "PatientPosition": "HFS",
    "PatientSex": "",
    "PercentPhaseFOV": 100,
    "PhaseEncodingDirection": "j-",
    "PhaseEncodingSteps": 74,
    "PhaseOversampling": 0.13,
    "PhaseResolution": 1,
    "PixelBandwidth": 2298,
    "ProcedureStepDescription": "FIL_Johan_Carlin",
    "ProtocolName": "al_mepi2d_3mm_v1a_standard",
    "PulseSequenceDetails": "%CustomerSeq%_al_mepi2d_3mm_v1a",
    "ReceiveCoilName": "32Ch_Head",
    "ReconMatrixPE": 64,
    "RepetitionTime": 2.8,
    "SAR": 0.129423,
    "ScanOptions": "FS",
    "ScanningSequence": "RM",
    "SequenceName": "alepi2d2d1",
    "SequenceVariant": "SP_OSP",
    "SeriesDescription": "al_mepi2d_3mm_v1a_standard",
    "SeriesInstanceUID": "1.3.12.2.1107.5.2.32.35437.2016060309353252635644363.0.0.0",
    "SeriesNumber": 6,
    "ShimSetting": [
      16,
      -3940,
      261,
      763,
      -76,
      -104,
      108,
      123
    ],
    "SliceThickness": 2.5,
    "SliceTiming": [
      0,
      0.07,
      0.14,
      0.2125,
      0.2825,
      0.3525,
      0.4225,
      0.4925,
      0.5625,
      0.6325,
      0.7025,
      0.7725,
      0.845,
      0.915,
      0.985,
      1.055,
      1.125,
      1.195,
      1.265,
      1.335,
      1.4075,
      1.4775,
      1.5475,
      1.6175,
      1.6875,
      1.7575,
      1.8275,
      1.8975,
      1.9675,
      2.04,
      2.11,
      2.18,
      2.25,
      2.32,
      2.39,
      2.46,
      2.53,
      2.6,
      2.6725,
      2.7425
    ],
    "SoftwareVersions": "syngo_MR_B17",
    "SpacingBetweenSlices": 3,
    "StationName": "MRC35437",
    "StudyID": "1",
    "StudyInstanceUID": "1.3.12.2.1107.5.2.32.35437.30000016060307564301900000004",
    "TaskName": "memsamp",
    "TxRefAmp": 322.673,
    "dataset": "ds004009",
    "modality": "bold",
    "run_id": 2,
    "subject_id": "24",
    "task_id": "memsamp"
  },
  "dummy_trs": 2,
  "dvars_nstd": 36.549022232393796,
  "dvars_std": 1.214233670888031,
  "dvars_vstd": 0.9822318211583008,
  "efc": 0.640500481053574,
  "fber": 183.72189331054688,
  "fd_mean": 0.13694073171529111,
  "fd_num": 42,
  "fd_perc": 16.153846153846153,
  "fwhm_avg": 2.6874144444444448,
  "fwhm_x": 2.4879633333333335,
  "fwhm_y": 2.65477,
  "fwhm_z": 2.9195100000000003,
  "gcor": 0.0160718,
  "gsr_x": -0.01756718009710312,
  "gsr_y": 0.07204330712556839,
  "provenance": {
    "md5sum": "27e9e60d50c8d297a58105faf86c63c9",
    "settings": {
      "fd_thres": 0.2,
      "testing": false
    },
    "software": "mriqc",
    "version": "23.0.1",
    "webapi_port": null,
    "webapi_url": "https://mriqc.nimh.nih.gov/api/v1"
  },
  "size_t": 260,
  "size_x": 64,
  "size_y": 64,
  "size_z": 40,
  "snr": 2.373760777749323,
  "spacing_tr": 2.799999952316284,
  "spacing_x": 3.0,
  "spacing_y": 3.0,
  "spacing_z": 3.0,
  "summary_bg_k": 23.818754647301244,
  "summary_bg_mad": 16.67357403413005,
  "summary_bg_mean": 75.05953216552734,
  "summary_bg_median": 38.35384750366211,
  "summary_bg_n": 77524.0,
  "summary_bg_p05": 25.403846740722656,
  "summary_bg_p95": 256.56866302490164,
  "summary_bg_stdv": 93.60066223144531,
  "summary_fg_k": 2.6387477652556806,
  "summary_fg_mad": 195.2073767134086,
  "summary_fg_mean": 594.3513793945312,
  "summary_fg_median": 546.0038452148438,
  "summary_fg_n": 45947.0,
  "summary_fg_p05": 315.04998779296875,
  "summary_fg_p95": 1039.6784790039057,
  "summary_fg_stdv": 230.0138702392578,
  "tsnr": 42.71883461077232
}